{
  "aor": 0.0007703951367781155,
  "aqi": 0.0023491404255319153,
  "bids_meta": {
    "AcquisitionMatrixPE": 64,
    "AcquisitionNumber": 1,
    "AcquisitionTime": "09:45:32.000000",
    "BodyPartExamined": "HEAD",
    "CoilString": "8HRBRAIN",
    "ConversionSoftware": "dcm2niix",
    "ConversionSoftwareVersion": "v1.0.20181125  GCC5.4.0",
    "DeviceSerialNumber": "00000000GEMRGEMR",
    "EchoTime": 0.033,
    "EffectiveEchoSpacing": 0.00042,
    "FlipAngle": 90,
    "ImageOrientationPatientDICOM": [
      0.999347,
      -0.0308969,
      0.0187444,
      0.030425,
      0.999225,
      0.024957
    ],
    "ImageType": [
      "ORIGINAL",
      "PRIMARY",
      "EPI",
      "NONE"
    ],
    "ImagingFrequency": 127.764,
    "InPlanePhaseEncodingDirectionDICOM": "COL",
    "InstitutionName": "NCKU",
    "MRAcquisitionType": "2D",
    "MagneticFieldStrength": 3,
    "Manufacturer": "GE",
    "ManufacturersModelName": "DISCOVERY_MR750",
    "PatientPosition": "HFS",
    "PercentPhaseFOV": 100,
    "PhaseEncodingDirection": "j",
    "PhaseEncodingPolarityGE": "Flipped",
    "PixelBandwidth": 7812.5,
    "ProtocolName": "Run_1",
    "ReconMatrixPE": 64,
    "RepetitionTime": 2,
    "SAR": 0.390772,
    "ScanOptions": "EPI_GEMS_ACC_GEMS",
    "ScanningSequence": "EP_GR",
    "SequenceVariant": "SS",
    "SeriesDescription": "Run_1",
    "SeriesNumber": 8,
    "SliceThickness": 3,
    "SliceTiming": [
      0,
      1,
      0.05,
      1.05,
      0.0999999,
      1.1,
      0.15,
      1.15,
      0.2,
      1.2,
      0.25,
      1.25,
      0.3,
      1.3,
      0.35,
      1.35,
      0.4,
      1.4,
      0.45,
      1.45,
      0.5,
      1.5,
      0.55,
      1.55,
      0.6,
      1.6,
      0.65,
      1.65,
      0.7,
      1.7,
      0.75,
      1.75,
      0.8,
      1.8,
      0.85,
      1.85,
      0.9,
      1.9,
      0.95,
      1.95
    ],
    "SoftwareVersions": "27_LX_MR_Software_release:DV25.1_R02_1649.a",
    "SpacingBetweenSlices": 3,
    "StationName": "GEMRGEMR",
    "TaskName": "OTCG",
    "TotalReadoutTime": 0.02646,
    "dataset": "ds004103",
    "modality": "bold",
    "run_id": 1,
    "subject_id": "s17A",
    "task_id": "OTCG"
  },
  "dummy_trs": 1,
  "dvars_nstd": 14.015802217957313,
  "dvars_std": 1.1133115163719507,
  "dvars_vstd": 0.9828232529878047,
  "efc": 0.4378120807359413,
  "fber": 105944.21875,
  "fd_mean": 0.04471419323992591,
  "fd_num": 1,
  "fd_perc": 0.303951367781155,
  "fwhm_avg": 2.617209365079365,
  "fwhm_x": 2.4703057142857143,
  "fwhm_y": 2.731985714285714,
  "fwhm_z": 2.6493366666666667,
  "gcor": 0.0328404,
  "gsr_x": -0.005541569087654352,
  "gsr_y": 0.010139009915292263,
  "provenance": {
    "md5sum": "1f26550cc9122125ff2ce33c6c15dff7",
    "settings": {
      "fd_thres": 0.2,
      "testing": false
    },
    "software": "mriqc",
    "version": "23.0.1",
    "webapi_port": null,
    "webapi_url": "https://mriqc.nimh.nih.gov/api/v1"
  },
  "size_t": 329,
  "size_x": 64,
  "size_y": 64,
  "size_z": 40,
  "snr": 5.6884614637437405,
  "spacing_tr": 2.0,
  "spacing_x": 3.5,
  "spacing_y": 3.5,
  "spacing_z": 3.0,
  "summary_bg_k": 60.7644982083939,
  "summary_bg_mad": 23.694597265131776,
  "summary_bg_mean": 91.76386260986328,
  "summary_bg_median": 16.224924087524414,
  "summary_bg_n": 104910.0,
  "summary_bg_p05": 0.006079027429223061,
  "summary_bg_p95": 413.4595779418944,
  "summary_bg_stdv": 234.8725128173828,
  "summary_fg_k": 0.6926118518468138,
  "summary_fg_mad": 821.035138036212,
  "summary_fg_mean": 4896.70849609375,
  "summary_fg_median": 4898.533203125,
  "summary_fg_n": 25872.0,
  "summary_fg_p05": 3468.9328735351564,
  "summary_fg_p95": 6291.084399414062,
  "summary_fg_stdv": 861.1183471679688,
  "tsnr": 98.62254150956869
}