{
  "aor": 0.0022065045592705164,
  "aqi": 0.0037897767477203647,
  "bids_meta": {
    "AcquisitionMatrixPE": 64,
    "AcquisitionNumber": 1,
    "AcquisitionTime": "10:28:36.000000",
    "BodyPartExamined": "HEAD",
    "CoilString": "8HRBRAIN",
    "ConversionSoftware": "dcm2niix",
    "ConversionSoftwareVersion": "v1.0.20181125  GCC5.4.0",
    "DeviceSerialNumber": "00000000GEMRGEMR",
    "EchoTime": 0.033,
    "EffectiveEchoSpacing": 0.00042,
    "FlipAngle": 90,
    "ImageOrientationPatientDICOM": [
      0.999347,
      -0.0308969,
      0.0187444,
      0.030425,
      0.999225,
      0.024957
    ],
    "ImageType": [
      "ORIGINAL",
      "PRIMARY",
      "EPI",
      "NONE"
    ],
    "ImagingFrequency": 127.764,
    "InPlanePhaseEncodingDirectionDICOM": "COL",
    "InstitutionName": "NCKU",
    "MRAcquisitionType": "2D",
    "MagneticFieldStrength": 3,
    "Manufacturer": "GE",
    "ManufacturersModelName": "DISCOVERY_MR750",
    "PatientPosition": "HFS",
    "PercentPhaseFOV": 100,
    "PhaseEncodingDirection": "j",
    "PhaseEncodingPolarityGE": "Flipped",
    "PixelBandwidth": 7812.5,
    "ProtocolName": "Run_3",
    "ReconMatrixPE": 64,
    "RepetitionTime": 2,
    "SAR": 0.390772,
    "ScanOptions": "EPI_GEMS_ACC_GEMS",
    "ScanningSequence": "EP_GR",
    "SequenceVariant": "SS",
    "SeriesDescription": "Run_3",
    "SeriesNumber": 13,
    "SliceThickness": 3,
    "SliceTiming": [
      0,
      1,
      0.05,
      1.05,
      0.0999999,
      1.1,
      0.15,
      1.15,
      0.2,
      1.2,
      0.25,
      1.25,
      0.3,
      1.3,
      0.35,
      1.35,
      0.4,
      1.4,
      0.45,
      1.45,
      0.5,
      1.5,
      0.55,
      1.55,
      0.6,
      1.6,
      0.65,
      1.65,
      0.7,
      1.7,
      0.75,
      1.75,
      0.8,
      1.8,
      0.85,
      1.85,
      0.9,
      1.9,
      0.95,
      1.95
    ],
    "SoftwareVersions": "27_LX_MR_Software_release:DV25.1_R02_1649.a",
    "SpacingBetweenSlices": 3,
    "StationName": "GEMRGEMR",
    "TaskName": "OTCG",
    "TotalReadoutTime": 0.02646,
    "dataset": "ds004103",
    "modality": "bold",
    "run_id": 3,
    "subject_id": "s17A",
    "task_id": "OTCG"
  },
  "dummy_trs": 1,
  "dvars_nstd": 13.779890031310975,
  "dvars_std": 1.1051466467987807,
  "dvars_vstd": 1.0105321101829263,
  "efc": 0.44071482299675857,
  "fber": 100365.296875,
  "fd_mean": 0.06355413362531283,
  "fd_num": 13,
  "fd_perc": 3.951367781155015,
  "fwhm_avg": 2.6155617460317457,
  "fwhm_x": 2.4690685714285716,
  "fwhm_y": 2.7398,
  "fwhm_z": 2.6378166666666667,
  "gcor": 0.0452272,
  "gsr_x": -0.006104593630880117,
  "gsr_y": 0.011316012591123581,
  "provenance": {
    "md5sum": "e8b91db39d6a04bacdd76ce302f9a682",
    "settings": {
      "fd_thres": 0.2,
      "testing": false
    },
    "software": "mriqc",
    "version": "23.0.1",
    "webapi_port": null,
    "webapi_url": "https://mriqc.nimh.nih.gov/api/v1"
  },
  "size_t": 329,
  "size_x": 64,
  "size_y": 64,
  "size_z": 40,
  "snr": 5.705973647674837,
  "spacing_tr": 2.0,
  "spacing_x": 3.5,
  "spacing_y": 3.5,
  "spacing_z": 3.0,
  "summary_bg_k": 57.22469147317911,
  "summary_bg_mad": 23.96948712848511,
  "summary_bg_mean": 96.6800308227539,
  "summary_bg_median": 16.449848175048828,
  "summary_bg_n": 104751.0,
  "summary_bg_p05": 0.030395137146115303,
  "summary_bg_p95": 438.34803771972656,
  "summary_bg_stdv": 237.7294158935547,
  "summary_fg_k": 0.5932450119936461,
  "summary_fg_mad": 814.2410844128353,
  "summary_fg_mean": 4883.56982421875,
  "summary_fg_median": 4878.2646484375,
  "summary_fg_n": 25975.0,
  "summary_fg_p05": 3469.0340576171875,
  "summary_fg_p95": 6280.971728515625,
  "summary_fg_stdv": 854.9234619140625,
  "tsnr": 77.3173737572506
}