{
  "bids_meta": {
    "AcquisitionMatrixPE": 256,
    "AcquisitionNumber": 1,
    "AcquisitionTime": "09:52:19.140000",
    "BaseResolution": 256,
    "BodyPartExamined": "BRAIN",
    "ConsistencyInfo": "N4_VD13D_LATEST_20130810",
    "ConversionSoftware": "dcm2niix",
    "ConversionSoftwareVersion": "v1.0.20181125  GCC5.4.0",
    "DeviceSerialNumber": "66020",
    "DwellTime": 9.8e-06,
    "EchoTime": 0.0023,
    "FlipAngle": 8,
    "ImageOrientationPatientDICOM": [
      -0.00692942,
      0.999976,
      2.89509e-09,
      0.0105702,
      7.32498e-05,
      -0.999944
    ],
    "ImageType": [
      "ORIGINAL",
      "PRIMARY",
      "M",
      "ND",
      "NORM"
    ],
    "ImagingFrequency": 123.262,
    "InPlanePhaseEncodingDirectionDICOM": "ROW",
    "InstitutionAddress": "Fanglan_Rd._49_Taipei_Da_An_TW_10672",
    "InstitutionName": "NTU_NCSC",
    "InstitutionalDepartmentName": "Department",
    "InversionTime": 0.9,
    "MRAcquisitionType": "3D",
    "MagneticFieldStrength": 3,
    "Manufacturer": "Siemens",
    "ManufacturersModelName": "Prisma",
    "Modality": "MR",
    "PartialFourier": 1,
    "PatientPosition": "HFS",
    "PercentPhaseFOV": 100,
    "PhaseEncodingSteps": 255,
    "PhaseResolution": 1,
    "PixelBandwidth": 200,
    "ProcedureStepDescription": "NTU_Brain",
    "ProtocolName": "t1_mprage_sag_p2_iso",
    "PulseSequenceDetails": "%SiemensSeq%_tfl",
    "ReceiveCoilActiveElements": "HE1-4",
    "ReceiveCoilName": "HeadNeck_20",
    "ReconMatrixPE": 256,
    "RepetitionTime": 2,
    "SAR": 0.0748022,
    "ScanOptions": "IR",
    "ScanningSequence": "GR_IR",
    "SequenceName": "_tfl3d1_16ns",
    "SequenceVariant": "SK_SP_MP",
    "SeriesDescription": "t1_mprage_sag_p2_iso",
    "SeriesNumber": 2,
    "ShimSetting": [
      -3014,
      -3755,
      -5732,
      89,
      -93,
      18,
      -54,
      32
    ],
    "SliceThickness": 0.94,
    "SoftwareVersions": "syngo_MR_D13D",
    "StationName": "AWP66020",
    "TxRefAmp": 256.771,
    "dataset": "ds004103",
    "modality": "T1w",
    "subject_id": "s46B"
  },
  "cjv": 0.34632310321201204,
  "cnr": 3.9683129930459735,
  "efc": 0.5759248554023145,
  "fber": 12851.775506794385,
  "fwhm_avg": 4.392144098395856,
  "fwhm_x": 4.533893628520899,
  "fwhm_y": 4.165749333333333,
  "fwhm_z": 4.4767893333333335,
  "icvs_csf": 0.21221215243755817,
  "icvs_gm": 0.4415275756393663,
  "icvs_wm": 0.3462602719230755,
  "inu_med": 0.5422232449054718,
  "inu_range": 0.23737549036741257,
  "provenance": {
    "md5sum": "2de1d2546cc78126e22697248d82fac3",
    "settings": {
      "testing": false
    },
    "software": "mriqc",
    "version": "23.0.1",
    "warnings": {
      "large_rot_frame": true,
      "small_air_mask": false
    },
    "webapi_port": null,
    "webapi_url": "https://mriqc.nimh.nih.gov/api/v1"
  },
  "qi_1": 0.0,
  "qi_2": 0.013998219705440148,
  "rpve_csf": 22.530878510806712,
  "rpve_gm": 11.254592079881993,
  "rpve_wm": 15.939463967437655,
  "size_x": 192,
  "size_y": 256,
  "size_z": 256,
  "snr_csf": 2.773771917350463,
  "snr_gm": 13.009467120881986,
  "snr_total": 12.797296926328897,
  "snr_wm": 22.608651740754244,
  "snrd_csf": 24.952666652416188,
  "snrd_gm": 65.38454775911238,
  "snrd_total": 60.47126637413654,
  "snrd_wm": 91.07658471088105,
  "spacing_x": 0.9399999976158142,
  "spacing_y": 0.9375,
  "spacing_z": 0.9375,
  "summary_bg_k": 8.400318092578443,
  "summary_bg_mad": 0.0,
  "summary_bg_mean": 4.815144628582515,
  "summary_bg_median": 0.0,
  "summary_bg_n": 3241832.0,
  "summary_bg_p05": 0.0,
  "summary_bg_p95": 18.704900078475475,
  "summary_bg_stdv": 7.193247610701934,
  "summary_csf_k": 2.2369474356238257,
  "summary_csf_mad": 83.68847825898987,
  "summary_csf_mean": 281.84169044955553,
  "summary_csf_median": 273.97456434741616,
  "summary_csf_n": 65087.0,
  "summary_csf_p05": 132.97569827362895,
  "summary_csf_p95": 456.16693752296254,
  "summary_csf_stdv": 98.77252630108727,
  "summary_gm_k": 0.06316952391836983,
  "summary_gm_mad": 54.90076790749546,
  "summary_gm_mean": 717.3030122326302,
  "summary_gm_median": 717.9073578342795,
  "summary_gm_n": 54835.0,
  "summary_gm_p05": 625.2373960241675,
  "summary_gm_p95": 806.5894729271531,
  "summary_gm_stdv": 55.18295292690146,
  "summary_wm_k": 0.2862644261968317,
  "summary_wm_mad": 42.7944447278939,
  "summary_wm_mean": 999.7590343662225,
  "summary_wm_median": 1000.0000387132168,
  "summary_wm_n": 244330.0,
  "summary_wm_p05": 926.3198231756687,
  "summary_wm_p95": 1071.6388565264642,
  "summary_wm_stdv": 44.23076633516423,
  "tpm_overlap_csf": 0.15557053553275194,
  "tpm_overlap_gm": 0.4625070856964146,
  "tpm_overlap_wm": 0.48155164252621063,
  "wm2max": 0.47787421837396715
}