{
  "aor": 0.004121030303030303,
  "aqi": 0.007870236575757578,
  "bids_meta": {
    "AcquisitionMatrixPE": 64,
    "AcquisitionNumber": 1,
    "AcquisitionTime": "10:42:22.765000",
    "BandwidthPerPixelPhaseEncode": 31.888,
    "BaseResolution": 64,
    "BodyPartExamined": "BRAIN",
    "ConsistencyInfo": "N4_VD13D_LATEST_20130810",
    "ConversionSoftware": "dcm2niix",
    "ConversionSoftwareVersion": "v1.0.20181125  GCC5.4.0",
    "DerivedVendorReportedEchoSpacing": 0.000489996,
    "DeviceSerialNumber": "66020",
    "DwellTime": 3.3e-06,
    "EchoTime": 0.024,
    "EchoTrainLength": 64,
    "EffectiveEchoSpacing": 0.000489996,
    "FlipAngle": 87,
    "ImageOrientationPatientDICOM": [
      0.998811,
      0.0267028,
      0.0407748,
      -0.0209222,
      0.990469,
      -0.136137
    ],
    "ImageType": [
      "ORIGINAL",
      "PRIMARY",
      "M",
      "ND",
      "NORM",
      "MOSAIC"
    ],
    "ImagingFrequency": 123.262,
    "InPlanePhaseEncodingDirectionDICOM": "COL",
    "InstitutionAddress": "Fanglan_Rd._49_Taipei_Da_An_TW_10672",
    "InstitutionName": "NTU_NCSC",
    "InstitutionalDepartmentName": "Department",
    "MRAcquisitionType": "2D",
    "MagneticFieldStrength": 3,
    "Manufacturer": "Siemens",
    "ManufacturersModelName": "Prisma",
    "PartialFourier": 1,
    "PatientPosition": "HFS",
    "PercentPhaseFOV": 100,
    "PhaseEncodingDirection": "j-",
    "PhaseEncodingSteps": 64,
    "PhaseResolution": 1,
    "PixelBandwidth": 2365,
    "ProcedureStepDescription": "NTU_Brain",
    "ProtocolName": "ep2d_bold_64x64_3mm_iso_330TR",
    "PulseSequenceDetails": "%SiemensSeq%_ep2d_bold",
    "ReceiveCoilActiveElements": "HE1-4",
    "ReceiveCoilName": "HeadNeck_20",
    "ReconMatrixPE": 64,
    "RepetitionTime": 2,
    "SAR": 0.107717,
    "ScanOptions": "FS",
    "ScanningSequence": "EP",
    "SequenceName": "_epfid2d1_64",
    "SequenceVariant": "SK",
    "SeriesDescription": "ep2d_bold_64x64_3mm_iso_330TR",
    "SeriesNumber": 4,
    "ShimSetting": [
      -2998,
      -3797,
      -5518,
      313,
      -88,
      -101,
      79,
      39
    ],
    "SliceThickness": 3,
    "SliceTiming": [
      0.99,
      0,
      1.045,
      0.055,
      1.1,
      0.11,
      1.155,
      0.165,
      1.21,
      0.22,
      1.265,
      0.275,
      1.32,
      0.33,
      1.375,
      0.385,
      1.43,
      0.44,
      1.485,
      0.495,
      1.54,
      0.55,
      1.595,
      0.605,
      1.65,
      0.66,
      1.705,
      0.715,
      1.76,
      0.77,
      1.815,
      0.825,
      1.87,
      0.88,
      1.925,
      0.935
    ],
    "SoftwareVersions": "syngo_MR_D13D",
    "SpacingBetweenSlices": 3,
    "StationName": "AWP66020",
    "TaskName": "OTCG",
    "TotalReadoutTime": 0.0308698,
    "TxRefAmp": 265.267,
    "VendorReportedEchoSpacing": 0.00049,
    "dataset": "ds004103",
    "modality": "bold",
    "run_id": 2,
    "subject_id": "s35B",
    "task_id": "OTCG"
  },
  "dummy_trs": 0,
  "dvars_nstd": 18.662565257355627,
  "dvars_std": 1.2053468337689972,
  "dvars_vstd": 1.0539326148936181,
  "efc": 0.6249859870532717,
  "fber": 738.5242919921875,
  "fd_mean": 0.12954890659797427,
  "fd_num": 31,
  "fd_perc": 9.393939393939394,
  "fwhm_avg": 1.750737777777778,
  "fwhm_x": 1.67106,
  "fwhm_y": 1.8174033333333333,
  "fwhm_z": 1.76375,
  "gcor": 0.0228439,
  "gsr_x": -0.004854221828281879,
  "gsr_y": 0.028188010677695274,
  "provenance": {
    "md5sum": "cfbce45fa1395c1ce5474a13c354f1b4",
    "settings": {
      "fd_thres": 0.2,
      "testing": false
    },
    "software": "mriqc",
    "version": "23.0.1",
    "webapi_port": null,
    "webapi_url": "https://mriqc.nimh.nih.gov/api/v1"
  },
  "size_t": 330,
  "size_x": 64,
  "size_y": 64,
  "size_z": 36,
  "snr": 7.857950451533265,
  "spacing_tr": 2.0,
  "spacing_x": 3.0,
  "spacing_y": 3.0,
  "spacing_z": 3.0,
  "summary_bg_k": 19.71970808968715,
  "summary_bg_mad": 18.244995857663884,
  "summary_bg_mean": 61.92011260986328,
  "summary_bg_median": 29.16060447692871,
  "summary_bg_n": 73586.0,
  "summary_bg_p05": 13.863636016845703,
  "summary_bg_p95": 217.78105545043945,
  "summary_bg_stdv": 86.86805725097656,
  "summary_fg_k": 2.7046916568538757,
  "summary_fg_mad": 95.83674123944996,
  "summary_fg_mean": 813.56494140625,
  "summary_fg_median": 810.301513671875,
  "summary_fg_n": 39702.0,
  "summary_fg_p05": 662.7125518798828,
  "summary_fg_p95": 975.0298400878904,
  "summary_fg_stdv": 103.11738586425781,
  "tsnr": 79.81658977852203
}