{
  "bids_meta": {
    "AcquisitionMatrixPE": 256,
    "AcquisitionNumber": 1,
    "AcquisitionTime": "10:49:17.597500",
    "BaseResolution": 256,
    "BodyPartExamined": "BRAIN",
    "ConsistencyInfo": "N4_VD13D_LATEST_20130810",
    "ConversionSoftware": "dcm2niix",
    "ConversionSoftwareVersion": "v1.0.20181125  GCC5.4.0",
    "DeviceSerialNumber": "66020",
    "DwellTime": 9.8e-06,
    "EchoTime": 0.0023,
    "FlipAngle": 8,
    "ImageOrientationPatientDICOM": [
      -0.00169951,
      0.999999,
      4.9057e-08,
      0.0541783,
      9.21254e-05,
      -0.998531
    ],
    "ImageType": [
      "ORIGINAL",
      "PRIMARY",
      "M",
      "ND",
      "NORM"
    ],
    "ImagingFrequency": 123.262,
    "InPlanePhaseEncodingDirectionDICOM": "ROW",
    "InstitutionAddress": "Fanglan_Rd._49_Taipei_Da_An_TW_10672",
    "InstitutionName": "NTU_NCSC",
    "InstitutionalDepartmentName": "Department",
    "InversionTime": 0.9,
    "MRAcquisitionType": "3D",
    "MagneticFieldStrength": 3,
    "Manufacturer": "Siemens",
    "ManufacturersModelName": "Prisma",
    "Modality": "MR",
    "PartialFourier": 1,
    "PatientPosition": "HFS",
    "PercentPhaseFOV": 100,
    "PhaseEncodingSteps": 255,
    "PhaseResolution": 1,
    "PixelBandwidth": 200,
    "ProcedureStepDescription": "NTU_Brain",
    "ProtocolName": "t1_mprage_sag_p2_iso",
    "PulseSequenceDetails": "%SiemensSeq%_tfl",
    "ReceiveCoilActiveElements": "HE1-4",
    "ReceiveCoilName": "HeadNeck_20",
    "ReconMatrixPE": 256,
    "RepetitionTime": 2,
    "SAR": 0.0539717,
    "ScanOptions": "IR",
    "ScanningSequence": "GR_IR",
    "SequenceName": "_tfl3d1_16ns",
    "SequenceVariant": "SK_SP_MP",
    "SeriesDescription": "t1_mprage_sag_p2_iso",
    "SeriesNumber": 2,
    "ShimSetting": [
      -3014,
      -3755,
      -5732,
      89,
      -93,
      18,
      -54,
      32
    ],
    "SliceThickness": 0.94,
    "SoftwareVersions": "syngo_MR_D13D",
    "StationName": "AWP66020",
    "TxRefAmp": 239.272,
    "dataset": "ds004103",
    "modality": "T1w",
    "subject_id": "s16B"
  },
  "cjv": 0.3550176740911373,
  "cnr": 3.9222563213423283,
  "efc": 0.5385359753201199,
  "fber": -1.0,
  "fwhm_avg": 4.27731935112253,
  "fwhm_x": 4.263734053367589,
  "fwhm_y": 4.283349333333334,
  "fwhm_z": 4.284874666666667,
  "icvs_csf": 0.20597099719809536,
  "icvs_gm": 0.4423831673017807,
  "icvs_wm": 0.35164583550012396,
  "inu_med": 0.4692431390285492,
  "inu_range": 0.1712470591068268,
  "provenance": {
    "md5sum": "1264a9ad3e13ea31e11ecb0a984377ff",
    "settings": {
      "testing": false
    },
    "software": "mriqc",
    "version": "23.0.1",
    "warnings": {
      "large_rot_frame": true,
      "small_air_mask": false
    },
    "webapi_port": null,
    "webapi_url": "https://mriqc.nimh.nih.gov/api/v1"
  },
  "qi_1": 0.0,
  "qi_2": 0.0072331755264425385,
  "rpve_csf": 26.619592425777558,
  "rpve_gm": 13.080364850695045,
  "rpve_wm": 18.454543307237728,
  "size_x": 192,
  "size_y": 256,
  "size_z": 256,
  "snr_csf": 2.279198308093977,
  "snr_gm": 12.773732706509374,
  "snr_total": 13.182954435815965,
  "snr_wm": 24.495932292844543,
  "snrd_csf": 31.035862198437368,
  "snrd_gm": 75.90509808244134,
  "snrd_total": 70.55791933053062,
  "snrd_wm": 104.73279771071313,
  "spacing_x": 0.9399999976158142,
  "spacing_y": 0.9375,
  "spacing_z": 0.9375,
  "summary_bg_k": 20.805220366056968,
  "summary_bg_mad": 0.0,
  "summary_bg_mean": 3.265793230648485,
  "summary_bg_median": 0.0,
  "summary_bg_n": 3367652.0,
  "summary_bg_p05": 0.0,
  "summary_bg_p95": 14.455845482647419,
  "summary_bg_stdv": 6.255546741767719,
  "summary_csf_k": 0.9218255767546935,
  "summary_csf_mad": 124.98455072594366,
  "summary_csf_mean": 307.0236412464188,
  "summary_csf_median": 296.3448323942721,
  "summary_csf_n": 40106.0,
  "summary_csf_p05": 95.4329229304567,
  "summary_csf_p95": 530.7373788049445,
  "summary_csf_stdv": 130.0199007690278,
  "summary_gm_k": -0.07261157810583896,
  "summary_gm_mad": 57.80049635971007,
  "summary_gm_mean": 724.2621010161814,
  "summary_gm_median": 724.7771441079676,
  "summary_gm_n": 51937.0,
  "summary_gm_p05": 630.5819561339915,
  "summary_gm_p95": 815.8639507994054,
  "summary_gm_stdv": 56.739105417524314,
  "summary_wm_k": 0.2087803883196293,
  "summary_wm_mad": 39.921764536629716,
  "summary_wm_mean": 1000.4888149655875,
  "summary_wm_median": 1000.0374143086374,
  "summary_wm_n": 215419.0,
  "summary_wm_p05": 934.237102098763,
  "summary_wm_p95": 1068.159649886191,
  "summary_wm_stdv": 40.824536956006774,
  "tpm_overlap_csf": 0.1406669558173969,
  "tpm_overlap_gm": 0.4674274426910719,
  "tpm_overlap_wm": 0.5211597131958656,
  "wm2max": 0.47389820154451684
}