{
  "bids_meta": {
    "AcquisitionMatrixPE": 256,
    "AcquisitionNumber": 1,
    "AcquisitionTime": "11:16:6.695000",
    "BaseResolution": 256,
    "BodyPartExamined": "BRAIN",
    "ConsistencyInfo": "N4_VD13D_LATEST_20130810",
    "ConversionSoftware": "dcm2niix",
    "ConversionSoftwareVersion": "v1.0.20181125  GCC5.4.0",
    "DeviceSerialNumber": "66020",
    "DwellTime": 9.8e-06,
    "EchoTime": 0.0023,
    "FlipAngle": 8,
    "ImageOrientationPatientDICOM": [
      0.0349252,
      0.99939,
      5.96129e-08,
      -0.0156119,
      0.00054564,
      -0.999878
    ],
    "ImageType": [
      "ORIGINAL",
      "PRIMARY",
      "M",
      "ND",
      "NORM"
    ],
    "ImagingFrequency": 123.262,
    "InPlanePhaseEncodingDirectionDICOM": "ROW",
    "InstitutionAddress": "Fanglan_Rd._49_Taipei_Da_An_TW_10672",
    "InstitutionName": "NTU_NCSC",
    "InstitutionalDepartmentName": "Department",
    "InversionTime": 0.9,
    "MRAcquisitionType": "3D",
    "MagneticFieldStrength": 3,
    "Manufacturer": "Siemens",
    "ManufacturersModelName": "Prisma",
    "Modality": "MR",
    "PartialFourier": 1,
    "PatientPosition": "HFS",
    "PercentPhaseFOV": 100,
    "PhaseEncodingSteps": 255,
    "PhaseResolution": 1,
    "PixelBandwidth": 200,
    "ProcedureStepDescription": "NTU_Brain",
    "ProtocolName": "t1_mprage_sag_p2_iso",
    "PulseSequenceDetails": "%SiemensSeq%_tfl",
    "ReceiveCoilActiveElements": "HE1-4",
    "ReceiveCoilName": "HeadNeck_20",
    "ReconMatrixPE": 256,
    "RepetitionTime": 2,
    "SAR": 0.0558051,
    "ScanOptions": "IR",
    "ScanningSequence": "GR_IR",
    "SequenceName": "_tfl3d1_16ns",
    "SequenceVariant": "SK_SP_MP",
    "SeriesDescription": "t1_mprage_sag_p2_iso",
    "SeriesNumber": 2,
    "ShimSetting": [
      -3014,
      -3755,
      -5732,
      89,
      -93,
      18,
      -54,
      32
    ],
    "SliceThickness": 0.94,
    "SoftwareVersions": "syngo_MR_D13D",
    "StationName": "AWP66020",
    "TxRefAmp": 248.051,
    "dataset": "ds004103",
    "modality": "T1w",
    "subject_id": "s59B"
  },
  "cjv": 0.3595418293207625,
  "cnr": 3.7875488410467,
  "efc": 0.5654712239898156,
  "fber": 15734.434644446013,
  "fwhm_avg": 4.20946527067989,
  "fwhm_x": 4.187574478706336,
  "fwhm_y": 4.189856,
  "fwhm_z": 4.250965333333333,
  "icvs_csf": 0.20587465415597211,
  "icvs_gm": 0.44032396587239386,
  "icvs_wm": 0.353801379971634,
  "inu_med": 0.5350956916809082,
  "inu_range": 0.2134707391262055,
  "provenance": {
    "md5sum": "1bd75f813c95b73b152db7bcbc4f64d7",
    "settings": {
      "testing": false
    },
    "software": "mriqc",
    "version": "23.0.1",
    "warnings": {
      "large_rot_frame": true,
      "small_air_mask": false
    },
    "webapi_port": null,
    "webapi_url": "https://mriqc.nimh.nih.gov/api/v1"
  },
  "qi_1": 0.0,
  "qi_2": 0.009263085479896438,
  "rpve_csf": 23.57087443117071,
  "rpve_gm": 11.612258853814405,
  "rpve_wm": 16.237588592521874,
  "size_x": 192,
  "size_y": 256,
  "size_z": 256,
  "snr_csf": 2.5335123531022163,
  "snr_gm": 12.19661755745806,
  "snr_total": 12.473129389501635,
  "snr_wm": 22.689258257944626,
  "snrd_csf": 19.495299478124952,
  "snrd_gm": 46.15125339948501,
  "snrd_total": 43.288848317379355,
  "snrd_wm": 64.21999207452812,
  "spacing_x": 0.9399999976158142,
  "spacing_y": 0.9375,
  "spacing_z": 0.9375,
  "summary_bg_k": 14.60806905986286,
  "summary_bg_mad": 0.0,
  "summary_bg_mean": 5.5850020991683325,
  "summary_bg_median": 0.0,
  "summary_bg_n": 3488264.0,
  "summary_bg_p05": 0.0,
  "summary_bg_p95": 23.853123150765896,
  "summary_bg_stdv": 10.201931890951759,
  "summary_csf_k": 5.351518800725653,
  "summary_csf_mad": 103.23632691076882,
  "summary_csf_mean": 304.6964203035438,
  "summary_csf_median": 303.5852037370205,
  "summary_csf_n": 45993.0,
  "summary_csf_p05": 101.07941640615462,
  "summary_csf_p95": 501.146889178455,
  "summary_csf_stdv": 119.82649423672883,
  "summary_gm_k": 0.06575276360036186,
  "summary_gm_mad": 58.72682402813285,
  "summary_gm_mean": 717.2435501147284,
  "summary_gm_median": 718.6777346879244,
  "summary_gm_n": 42447.0,
  "summary_gm_p05": 618.0127361789346,
  "summary_gm_p95": 811.7290090397,
  "summary_gm_stdv": 58.92365368211019,
  "summary_wm_k": 0.4172298219984012,
  "summary_wm_mad": 42.43763196193542,
  "summary_wm_mean": 1000.9088914890561,
  "summary_wm_median": 1000.0482116118073,
  "summary_wm_n": 232957.0,
  "summary_wm_p05": 930.3199910074472,
  "summary_wm_p95": 1074.4988687187433,
  "summary_wm_stdv": 44.07574958238278,
  "tpm_overlap_csf": 0.15763785271634562,
  "tpm_overlap_gm": 0.47112178746563677,
  "tpm_overlap_wm": 0.5107626890266824,
  "wm2max": 0.43006051061007955
}