{
  "bids_meta": {
    "AcquisitionMatrixPE": 256,
    "AcquisitionNumber": 1,
    "AcquisitionTime": "09:26:20.330000",
    "BaseResolution": 256,
    "BodyPartExamined": "BRAIN",
    "ConsistencyInfo": "N4_VD13D_LATEST_20130810",
    "ConversionSoftware": "dcm2niix",
    "ConversionSoftwareVersion": "v1.0.20181125  GCC5.4.0",
    "DeviceSerialNumber": "66020",
    "DwellTime": 9.8e-06,
    "EchoTime": 0.0023,
    "FlipAngle": 8,
    "ImageOrientationPatientDICOM": [
      -0.0419105,
      0.999121,
      2.39202e-08,
      0.0731759,
      0.00306956,
      -0.997314
    ],
    "ImageType": [
      "ORIGINAL",
      "PRIMARY",
      "M",
      "ND",
      "NORM"
    ],
    "ImagingFrequency": 123.262,
    "InPlanePhaseEncodingDirectionDICOM": "ROW",
    "InstitutionAddress": "Fanglan_Rd._49_Taipei_Da_An_TW_10672",
    "InstitutionName": "NTU_NCSC",
    "InstitutionalDepartmentName": "Department",
    "InversionTime": 0.9,
    "MRAcquisitionType": "3D",
    "MagneticFieldStrength": 3,
    "Manufacturer": "Siemens",
    "ManufacturersModelName": "Prisma",
    "Modality": "MR",
    "PartialFourier": 1,
    "PatientPosition": "HFS",
    "PercentPhaseFOV": 100,
    "PhaseEncodingSteps": 255,
    "PhaseResolution": 1,
    "PixelBandwidth": 200,
    "ProcedureStepDescription": "NTU_Brain",
    "ProtocolName": "t1_mprage_sag_p2_iso",
    "PulseSequenceDetails": "%SiemensSeq%_tfl",
    "ReceiveCoilActiveElements": "HE1-4",
    "ReceiveCoilName": "HeadNeck_20",
    "ReconMatrixPE": 256,
    "RepetitionTime": 2,
    "SAR": 0.05802,
    "ScanOptions": "IR",
    "ScanningSequence": "GR_IR",
    "SequenceName": "_tfl3d1_16ns",
    "SequenceVariant": "SK_SP_MP",
    "SeriesDescription": "t1_mprage_sag_p2_iso",
    "SeriesNumber": 2,
    "ShimSetting": [
      -3014,
      -3755,
      -5732,
      89,
      -93,
      18,
      -54,
      32
    ],
    "SliceThickness": 0.94,
    "SoftwareVersions": "syngo_MR_D13D",
    "StationName": "AWP66020",
    "TxRefAmp": 239.309,
    "dataset": "ds004103",
    "modality": "T1w",
    "subject_id": "s52B"
  },
  "cjv": 0.334213322645556,
  "cnr": 4.037973938566274,
  "efc": 0.5497223711497441,
  "fber": 20692.308753188776,
  "fwhm_avg": 4.361245838193469,
  "fwhm_x": 4.350436181247073,
  "fwhm_y": 4.374218666666667,
  "fwhm_z": 4.359082666666667,
  "icvs_csf": 0.2173046669904868,
  "icvs_gm": 0.4451761247630933,
  "icvs_wm": 0.3375192082464199,
  "inu_med": 0.4983161687850952,
  "inu_range": 0.18942266702651978,
  "provenance": {
    "md5sum": "04cc1a611696b74cd963a19c42429589",
    "settings": {
      "testing": false
    },
    "software": "mriqc",
    "version": "23.0.1",
    "warnings": {
      "large_rot_frame": true,
      "small_air_mask": false
    },
    "webapi_port": null,
    "webapi_url": "https://mriqc.nimh.nih.gov/api/v1"
  },
  "qi_1": 0.0,
  "qi_2": 0.01321208833613768,
  "rpve_csf": 22.86419472955144,
  "rpve_gm": 11.782470044630438,
  "rpve_wm": 17.29966470269013,
  "size_x": 192,
  "size_y": 256,
  "size_z": 256,
  "snr_csf": 2.87029479562473,
  "snr_gm": 13.36333697755868,
  "snr_total": 13.30416033591363,
  "snr_wm": 23.678849234557482,
  "snrd_csf": 27.6321800086473,
  "snrd_gm": 72.57043463427537,
  "snrd_total": 66.91092037760545,
  "snrd_wm": 100.53014648989365,
  "spacing_x": 0.9399999976158142,
  "spacing_y": 0.9375,
  "spacing_z": 0.9375,
  "summary_bg_k": 11.270854861605125,
  "summary_bg_mad": 0.0,
  "summary_bg_mean": 3.794755861602937,
  "summary_bg_median": 0.0,
  "summary_bg_n": 3177271.0,
  "summary_bg_p05": 0.0,
  "summary_bg_p95": 16.246918614953756,
  "summary_bg_stdv": 6.517102540173061,
  "summary_csf_k": 1.6703629939326428,
  "summary_csf_mad": 68.1506155990148,
  "summary_csf_mean": 284.76554645426916,
  "summary_csf_median": 274.8767287619412,
  "summary_csf_n": 59899.0,
  "summary_csf_p05": 137.6364975348115,
  "summary_csf_p95": 467.19797675684094,
  "summary_csf_stdv": 95.76522755416815,
  "summary_gm_k": 0.18129949148130997,
  "summary_gm_mad": 52.54908578276524,
  "summary_gm_mean": 720.6500740602881,
  "summary_gm_median": 721.9091534167528,
  "summary_gm_n": 56346.0,
  "summary_gm_p05": 629.2708965986967,
  "summary_gm_p95": 806.7982024401426,
  "summary_gm_stdv": 54.021143713082544,
  "summary_wm_k": 0.37989897854263965,
  "summary_wm_mad": 40.40730944041203,
  "summary_wm_mean": 1000.3735160058536,
  "summary_wm_median": 1000.0440718196332,
  "summary_wm_n": 234602.0,
  "summary_wm_p05": 931.4459710009396,
  "summary_wm_p95": 1070.0951490998268,
  "summary_wm_stdv": 42.23355326722633,
  "tpm_overlap_csf": 0.15604823444325783,
  "tpm_overlap_gm": 0.46863105663454613,
  "tpm_overlap_wm": 0.5017720415676622,
  "wm2max": 0.44900178943412683
}