{
  "aor": 0.0019363829787234044,
  "aqi": 0.005007275957446809,
  "bids_meta": {
    "AcquisitionMatrixPE": 64,
    "AcquisitionNumber": 1,
    "AcquisitionTime": "11:54:37.000000",
    "BodyPartExamined": "HEAD",
    "CoilString": "8HRBRAIN",
    "ConversionSoftware": "dcm2niix",
    "ConversionSoftwareVersion": "v1.0.20181125  GCC5.4.0",
    "DeviceSerialNumber": "00000000GEMRGEMR",
    "EchoTime": 0.033,
    "EffectiveEchoSpacing": 0.000412,
    "FlipAngle": 90,
    "ImageOrientationPatientDICOM": [
      0.995656,
      -0.0913601,
      0.0179659,
      0.0922621,
      0.994029,
      -0.05826
    ],
    "ImageType": [
      "ORIGINAL",
      "PRIMARY",
      "EPI",
      "NONE"
    ],
    "ImagingFrequency": 127.764,
    "InPlanePhaseEncodingDirectionDICOM": "COL",
    "InstitutionName": "NCKU",
    "MRAcquisitionType": "2D",
    "MagneticFieldStrength": 3,
    "Manufacturer": "GE",
    "ManufacturersModelName": "DISCOVERY_MR750",
    "PatientPosition": "HFS",
    "PercentPhaseFOV": 100,
    "PhaseEncodingDirection": "j",
    "PhaseEncodingPolarityGE": "Flipped",
    "PixelBandwidth": 7812.5,
    "ProtocolName": "hypervote_run_2",
    "ReconMatrixPE": 64,
    "RepetitionTime": 2,
    "SAR": 0.421561,
    "ScanOptions": "EPI_GEMS_ACC_GEMS",
    "ScanningSequence": "EP_GR",
    "SequenceVariant": "SS",
    "SeriesDescription": "hypervote_run_2",
    "SeriesNumber": 5,
    "SliceThickness": 3,
    "SliceTiming": [
      0,
      1,
      0.05,
      1.05,
      0.0999999,
      1.1,
      0.15,
      1.15,
      0.2,
      1.2,
      0.25,
      1.25,
      0.3,
      1.3,
      0.35,
      1.35,
      0.4,
      1.4,
      0.45,
      1.45,
      0.5,
      1.5,
      0.55,
      1.55,
      0.6,
      1.6,
      0.65,
      1.65,
      0.7,
      1.7,
      0.75,
      1.75,
      0.8,
      1.8,
      0.85,
      1.85,
      0.9,
      1.9,
      0.95,
      1.95
    ],
    "SoftwareVersions": "27_LX_MR_Software_release:DV25.1_R02_1649.a",
    "SpacingBetweenSlices": 3,
    "StationName": "GEMRGEMR",
    "TaskName": "OTCG",
    "TotalReadoutTime": 0.025956,
    "dataset": "ds004103",
    "modality": "bold",
    "run_id": 2,
    "subject_id": "s63A",
    "task_id": "OTCG"
  },
  "dummy_trs": 1,
  "dvars_nstd": 19.45318081917682,
  "dvars_std": 1.123988234939024,
  "dvars_vstd": 0.9941409431707323,
  "efc": 0.45144361117641346,
  "fber": 27079.669921875,
  "fd_mean": 0.09666671582553897,
  "fd_num": 25,
  "fd_perc": 7.598784194528875,
  "fwhm_avg": 2.718289365079365,
  "fwhm_x": 2.5419457142857143,
  "fwhm_y": 2.837625714285714,
  "fwhm_z": 2.7752966666666663,
  "gcor": 0.0818469,
  "gsr_x": 0.008489270694553852,
  "gsr_y": 0.0027675454039126635,
  "provenance": {
    "md5sum": "21fadacdd395ec22f16e8c158a5c7ed4",
    "settings": {
      "fd_thres": 0.2,
      "testing": false
    },
    "software": "mriqc",
    "version": "23.0.1",
    "webapi_port": null,
    "webapi_url": "https://mriqc.nimh.nih.gov/api/v1"
  },
  "size_t": 329,
  "size_x": 64,
  "size_y": 64,
  "size_z": 40,
  "snr": 5.255104613783384,
  "spacing_tr": 2.0,
  "spacing_x": 3.5,
  "spacing_y": 3.5,
  "spacing_z": 3.0,
  "summary_bg_k": 37.001798482424405,
  "summary_bg_mad": 40.854929688543706,
  "summary_bg_mean": 135.85971069335938,
  "summary_bg_median": 28.370820999145508,
  "summary_bg_n": 105953.0,
  "summary_bg_p05": 0.10030395537614822,
  "summary_bg_p95": 610.5556396484357,
  "summary_bg_stdv": 346.4433288574219,
  "summary_fg_k": 0.25085310514620573,
  "summary_fg_mad": 788.2803431248327,
  "summary_fg_mean": 4372.943359375,
  "summary_fg_median": 4438.27978515625,
  "summary_fg_n": 25883.0,
  "summary_fg_p05": 2877.916845703125,
  "summary_fg_p95": 5691.743945312499,
  "summary_fg_stdv": 844.5491333007812,
  "tsnr": 61.45190795324743
}