{
  "bids_meta": {
    "AcquisitionMatrixPE": 256,
    "AcquisitionNumber": 1,
    "AcquisitionTime": "10:23:23.632500",
    "BaseResolution": 256,
    "BodyPartExamined": "BRAIN",
    "ConsistencyInfo": "N4_VD13D_LATEST_20130810",
    "ConversionSoftware": "dcm2niix",
    "ConversionSoftwareVersion": "v1.0.20181125  GCC5.4.0",
    "DeviceSerialNumber": "66020",
    "DwellTime": 9.8e-06,
    "EchoTime": 0.0023,
    "FlipAngle": 8,
    "ImageOrientationPatientDICOM": [
      -0.0139143,
      0.999903,
      1.63711e-08,
      0.0367326,
      0.000511174,
      -0.999325
    ],
    "ImageType": [
      "ORIGINAL",
      "PRIMARY",
      "M",
      "ND",
      "NORM"
    ],
    "ImagingFrequency": 123.262,
    "InPlanePhaseEncodingDirectionDICOM": "ROW",
    "InstitutionAddress": "Fanglan_Rd._49_Taipei_Da_An_TW_10672",
    "InstitutionName": "NTU_NCSC",
    "InstitutionalDepartmentName": "Department",
    "InversionTime": 0.9,
    "MRAcquisitionType": "3D",
    "MagneticFieldStrength": 3,
    "Manufacturer": "Siemens",
    "ManufacturersModelName": "Prisma",
    "Modality": "MR",
    "PartialFourier": 1,
    "PatientPosition": "HFS",
    "PercentPhaseFOV": 100,
    "PhaseEncodingSteps": 255,
    "PhaseResolution": 1,
    "PixelBandwidth": 200,
    "ProcedureStepDescription": "NTU_Brain",
    "ProtocolName": "t1_mprage_sag_p2_iso",
    "PulseSequenceDetails": "%SiemensSeq%_tfl",
    "ReceiveCoilActiveElements": "HE1-4",
    "ReceiveCoilName": "HeadNeck_20",
    "ReconMatrixPE": 256,
    "RepetitionTime": 2,
    "SAR": 0.0650528,
    "ScanOptions": "IR",
    "ScanningSequence": "GR_IR",
    "SequenceName": "_tfl3d1_16ns",
    "SequenceVariant": "SK_SP_MP",
    "SeriesDescription": "t1_mprage_sag_p2_iso",
    "SeriesNumber": 2,
    "ShimSetting": [
      -3014,
      -3755,
      -5732,
      89,
      -93,
      18,
      -54,
      32
    ],
    "SliceThickness": 0.94,
    "SoftwareVersions": "syngo_MR_D13D",
    "StationName": "AWP66020",
    "TxRefAmp": 265.267,
    "dataset": "ds004103",
    "modality": "T1w",
    "subject_id": "s35B"
  },
  "cjv": 0.364456527978232,
  "cnr": 3.7382575612839912,
  "efc": 0.5797307388072539,
  "fber": -1.0,
  "fwhm_avg": 4.364483218874027,
  "fwhm_x": 4.428382989955413,
  "fwhm_y": 4.248938666666667,
  "fwhm_z": 4.416128,
  "icvs_csf": 0.22740560605217303,
  "icvs_gm": 0.4370047131518046,
  "icvs_wm": 0.3355896807960224,
  "inu_med": 0.5332802534103394,
  "inu_range": 0.21615622043609617,
  "provenance": {
    "md5sum": "b60521d55f5ee4693c0b881af1896e86",
    "settings": {
      "testing": false
    },
    "software": "mriqc",
    "version": "23.0.1",
    "warnings": {
      "large_rot_frame": true,
      "small_air_mask": false
    },
    "webapi_port": null,
    "webapi_url": "https://mriqc.nimh.nih.gov/api/v1"
  },
  "qi_1": 0.0,
  "qi_2": 0.007811251009250035,
  "rpve_csf": 20.781418610338854,
  "rpve_gm": 11.156599518346395,
  "rpve_wm": 16.153558880903226,
  "size_x": 192,
  "size_y": 256,
  "size_z": 256,
  "snr_csf": 2.5600164341618834,
  "snr_gm": 13.269228947022576,
  "snr_total": 13.090086328768656,
  "snr_wm": 23.44101360512151,
  "snrd_csf": 23.67862224219329,
  "snrd_gm": 66.10364246350012,
  "snrd_total": 59.83248372046965,
  "snrd_wm": 89.71518645571552,
  "spacing_x": 0.9399999976158142,
  "spacing_y": 0.9375,
  "spacing_z": 0.9375,
  "summary_bg_k": 14.831672416346304,
  "summary_bg_mad": 0.0,
  "summary_bg_mean": 3.8881327737262064,
  "summary_bg_median": 0.0,
  "summary_bg_n": 2773555.0,
  "summary_bg_p05": 0.0,
  "summary_bg_p95": 17.76917615532875,
  "summary_bg_stdv": 7.3027234640030265,
  "summary_csf_k": 1.5245003503246712,
  "summary_csf_mad": 79.42511669923027,
  "summary_csf_mean": 281.1164401346787,
  "summary_csf_median": 263.94263888150454,
  "summary_csf_n": 73400.0,
  "summary_csf_p05": 139.86628755927086,
  "summary_csf_p95": 484.07810090482235,
  "summary_csf_stdv": 103.10122910887178,
  "summary_gm_k": 0.06094807241941913,
  "summary_gm_mad": 54.97157091744755,
  "summary_gm_mean": 734.9608621323092,
  "summary_gm_median": 736.8490300253034,
  "summary_gm_n": 50047.0,
  "summary_gm_p05": 640.4820375591516,
  "summary_gm_p95": 823.2318566814065,
  "summary_gm_stdv": 55.530104376067925,
  "summary_wm_k": 0.3953282514298677,
  "summary_wm_mad": 40.95153800255879,
  "summary_wm_mean": 1000.1120388485077,
  "summary_wm_median": 1000.0439560487866,
  "summary_wm_n": 237844.0,
  "summary_wm_p05": 930.2867447063327,
  "summary_wm_p95": 1070.234401017799,
  "summary_wm_stdv": 42.66205679422569,
  "tpm_overlap_csf": 0.16010342804259792,
  "tpm_overlap_gm": 0.46695474570488527,
  "tpm_overlap_wm": 0.5020136850978391,
  "wm2max": 0.45498569227382785
}