{
  "bids_meta": {
    "AcquisitionMatrixPE": 224,
    "AcquisitionNumber": 1,
    "AcquisitionTime": "09:50:53.000000",
    "BodyPartExamined": "HEAD",
    "CoilString": "8HRBRAIN",
    "ConversionSoftware": "dcm2niix",
    "ConversionSoftwareVersion": "v1.0.20181125  GCC5.4.0",
    "DeviceSerialNumber": "00000000GEMRGEMR",
    "EchoTime": 0.002936,
    "FlipAngle": 12,
    "ImageOrientationPatientDICOM": [
      0.0610057,
      0.998037,
      0.014141,
      0.0867111,
      0.00881457,
      -0.996195
    ],
    "ImageType": [
      "ORIGINAL",
      "PRIMARY",
      "OTHER"
    ],
    "ImagingFrequency": 127.764,
    "InPlanePhaseEncodingDirectionDICOM": "ROW",
    "InstitutionName": "NCKU",
    "InversionTime": 0.45,
    "MRAcquisitionType": "3D",
    "MagneticFieldStrength": 3,
    "Manufacturer": "GE",
    "ManufacturersModelName": "DISCOVERY_MR750",
    "Modality": "MR",
    "PatientPosition": "HFS",
    "PercentPhaseFOV": 100,
    "PixelBandwidth": 244.141,
    "ProtocolName": "T1_SAG_FSPGR_BRAVO_ASSET",
    "ReconMatrixPE": 256,
    "RepetitionTime": 0.007684,
    "SAR": 0.212377,
    "ScanOptions": "FAST_GEMS_EDR_GEMS_ACC_GEMS",
    "ScanningSequence": "GR",
    "SequenceVariant": "SS_SK",
    "SeriesDescription": "T1_SAG_FSPGR_BRAVO_ASSET",
    "SeriesNumber": 3,
    "SliceThickness": 1,
    "SoftwareVersions": "27_LX_MR_Software_release:DV25.1_R02_1649.a",
    "SpacingBetweenSlices": 1,
    "StationName": "GEMRGEMR",
    "dataset": "ds004103",
    "modality": "T1w",
    "subject_id": "s46A"
  },
  "cjv": 0.3750275338007326,
  "cnr": 3.707175622555027,
  "efc": 0.5883668966621731,
  "fber": 9980.580865306123,
  "fwhm_avg": 4.2834247619047625,
  "fwhm_x": 3.9912,
  "fwhm_y": 4.522777142857143,
  "fwhm_z": 4.336297142857143,
  "icvs_csf": 0.20304669056888053,
  "icvs_gm": 0.4433693727004357,
  "icvs_wm": 0.35358393673068383,
  "inu_med": 0.5508100390434265,
  "inu_range": 0.21323732733726503,
  "provenance": {
    "md5sum": "135fbce112f51315b6d7ab884d07f0e7",
    "settings": {
      "testing": false
    },
    "software": "mriqc",
    "version": "23.0.1",
    "warnings": {
      "large_rot_frame": true,
      "small_air_mask": false
    },
    "webapi_port": null,
    "webapi_url": "https://mriqc.nimh.nih.gov/api/v1"
  },
  "qi_1": 0.0,
  "qi_2": 0.0004519138093225656,
  "rpve_csf": 17.775396731172584,
  "rpve_gm": 8.488501496966663,
  "rpve_wm": 11.920109387304826,
  "size_x": 166,
  "size_y": 256,
  "size_z": 256,
  "snr_csf": 2.0386832685486147,
  "snr_gm": 11.713855730857201,
  "snr_total": 11.089251289961245,
  "snr_wm": 19.515214870477923,
  "snrd_csf": 19.019763354397206,
  "snrd_gm": 55.6615615319573,
  "snrd_total": 51.232287262574964,
  "snrd_wm": 79.01553690137038,
  "spacing_x": 1.0,
  "spacing_y": 0.875,
  "spacing_z": 0.875,
  "summary_bg_k": 6.443345720962862,
  "summary_bg_mad": 8.291234966300312,
  "summary_bg_mean": 7.737824777150189,
  "summary_bg_median": 5.592353001236916,
  "summary_bg_n": 2690578.0,
  "summary_bg_p05": 0.0,
  "summary_bg_p95": 29.508586049079895,
  "summary_bg_stdv": 10.687859384615603,
  "summary_csf_k": 1.0113196618998659,
  "summary_csf_mad": 114.90122783085681,
  "summary_csf_mean": 247.27348748232185,
  "summary_csf_median": 240.7091515213251,
  "summary_csf_n": 48509.0,
  "summary_csf_p05": 70.87613342702389,
  "summary_csf_p95": 460.0642402350902,
  "summary_csf_stdv": 118.06967474779171,
  "summary_gm_k": 0.07045568393477142,
  "summary_gm_mad": 60.449571243664685,
  "summary_gm_mean": 703.7290178881609,
  "summary_gm_median": 704.4381677657366,
  "summary_gm_n": 56762.0,
  "summary_gm_p05": 603.1828656770289,
  "summary_gm_p95": 800.7376932054758,
  "summary_gm_stdv": 60.13664319692689,
  "summary_wm_k": 0.2743722321712614,
  "summary_wm_mad": 50.39424373134303,
  "summary_wm_mean": 1001.7068310388752,
  "summary_wm_median": 999.999973192811,
  "summary_wm_n": 285306.0,
  "summary_wm_p05": 920.7154792249203,
  "summary_wm_p95": 1088.0894484817982,
  "summary_wm_stdv": 51.24197849339406,
  "tpm_overlap_csf": 0.15564165255203785,
  "tpm_overlap_gm": 0.4714155831596536,
  "tpm_overlap_wm": 0.5058431327602926,
  "wm2max": 0.4382887737718597
}