{
  "aor": 0.000705288753799392,
  "aqi": 0.0023944333738601825,
  "bids_meta": {
    "AcquisitionMatrixPE": 64,
    "AcquisitionNumber": 1,
    "AcquisitionTime": "11:13:54.000000",
    "BodyPartExamined": "HEAD",
    "CoilString": "8HRBRAIN",
    "ConversionSoftware": "dcm2niix",
    "ConversionSoftwareVersion": "v1.0.20181125  GCC5.4.0",
    "DeviceSerialNumber": "00000000GEMRGEMR",
    "EchoTime": 0.033,
    "EffectiveEchoSpacing": 0.00042,
    "FlipAngle": 90,
    "ImageOrientationPatientDICOM": [
      0.999684,
      -0.0166782,
      -0.0188097,
      0.018227,
      0.996178,
      0.0854271
    ],
    "ImageType": [
      "ORIGINAL",
      "PRIMARY",
      "EPI",
      "NONE"
    ],
    "ImagingFrequency": 127.764,
    "InPlanePhaseEncodingDirectionDICOM": "COL",
    "InstitutionName": "NCKU",
    "MRAcquisitionType": "2D",
    "MagneticFieldStrength": 3,
    "Manufacturer": "GE",
    "ManufacturersModelName": "DISCOVERY_MR750",
    "PatientPosition": "HFS",
    "PercentPhaseFOV": 100,
    "PhaseEncodingDirection": "j",
    "PhaseEncodingPolarityGE": "Flipped",
    "PixelBandwidth": 7812.5,
    "ProtocolName": "hypervote_run_4",
    "ReconMatrixPE": 64,
    "RepetitionTime": 2,
    "SAR": 0.392126,
    "ScanOptions": "EPI_GEMS_ACC_GEMS",
    "ScanningSequence": "EP_GR",
    "SequenceVariant": "SS",
    "SeriesDescription": "hypervote_run_4",
    "SeriesNumber": 7,
    "SliceThickness": 3,
    "SliceTiming": [
      0,
      1,
      0.05,
      1.05,
      0.0999999,
      1.1,
      0.15,
      1.15,
      0.2,
      1.2,
      0.25,
      1.25,
      0.3,
      1.3,
      0.35,
      1.35,
      0.4,
      1.4,
      0.45,
      1.45,
      0.5,
      1.5,
      0.55,
      1.55,
      0.6,
      1.6,
      0.65,
      1.65,
      0.7,
      1.7,
      0.75,
      1.75,
      0.8,
      1.8,
      0.85,
      1.85,
      0.9,
      1.9,
      0.95,
      1.95
    ],
    "SoftwareVersions": "27_LX_MR_Software_release:DV25.1_R02_1649.a",
    "SpacingBetweenSlices": 3,
    "StationName": "GEMRGEMR",
    "TaskName": "OTCG",
    "TotalReadoutTime": 0.02646,
    "dataset": "ds004103",
    "modality": "bold",
    "run_id": 4,
    "subject_id": "s56A",
    "task_id": "OTCG"
  },
  "dummy_trs": 1,
  "dvars_nstd": 16.133465781371953,
  "dvars_std": 1.2084799411585376,
  "dvars_vstd": 0.9904620908231707,
  "efc": 0.39530586790230826,
  "fber": 106861.765625,
  "fd_mean": 0.05457797329639497,
  "fd_num": 2,
  "fd_perc": 0.60790273556231,
  "fwhm_avg": 2.5530725396825393,
  "fwhm_x": 2.3355457142857143,
  "fwhm_y": 2.6503085714285715,
  "fwhm_z": 2.673363333333333,
  "gcor": 0.0356147,
  "gsr_x": -0.005875811912119389,
  "gsr_y": 0.00345220766030252,
  "provenance": {
    "md5sum": "a6dc490115e0cccb9d7574e7221a47ff",
    "settings": {
      "fd_thres": 0.2,
      "testing": false
    },
    "software": "mriqc",
    "version": "23.0.1",
    "webapi_port": null,
    "webapi_url": "https://mriqc.nimh.nih.gov/api/v1"
  },
  "size_t": 329,
  "size_x": 64,
  "size_y": 64,
  "size_z": 40,
  "snr": 6.295750624966676,
  "spacing_tr": 2.0,
  "spacing_x": 3.5,
  "spacing_y": 3.5,
  "spacing_z": 3.0,
  "summary_bg_k": 64.24260373774885,
  "summary_bg_mad": 22.14439866285548,
  "summary_bg_mean": 80.08797454833984,
  "summary_bg_median": 15.382978439331055,
  "summary_bg_n": 112571.0,
  "summary_bg_p05": 0.030395137146115303,
  "summary_bg_p95": 340.4650573730469,
  "summary_bg_stdv": 215.48477172851562,
  "summary_fg_k": 0.5708005050732003,
  "summary_fg_mad": 685.699182497654,
  "summary_fg_mean": 4643.78564453125,
  "summary_fg_median": 4677.9755859375,
  "summary_fg_n": 20916.0,
  "summary_fg_p05": 3352.1536254882812,
  "summary_fg_p95": 5808.2447509765625,
  "summary_fg_stdv": 743.0192260742188,
  "tsnr": 105.49033608660102
}