{
  "aor": 0.001548662613981763,
  "aqi": 0.0025992665349544074,
  "bids_meta": {
    "AcquisitionMatrixPE": 64,
    "AcquisitionNumber": 1,
    "AcquisitionTime": "11:01:50.000000",
    "BodyPartExamined": "HEAD",
    "CoilString": "8HRBRAIN",
    "ConversionSoftware": "dcm2niix",
    "ConversionSoftwareVersion": "v1.0.20181125  GCC5.4.0",
    "DeviceSerialNumber": "00000000GEMRGEMR",
    "EchoTime": 0.033,
    "EffectiveEchoSpacing": 0.00042,
    "FlipAngle": 90,
    "ImageOrientationPatientDICOM": [
      0.999684,
      -0.0166782,
      -0.0188097,
      0.018227,
      0.996178,
      0.0854271
    ],
    "ImageType": [
      "ORIGINAL",
      "PRIMARY",
      "EPI",
      "NONE"
    ],
    "ImagingFrequency": 127.764,
    "InPlanePhaseEncodingDirectionDICOM": "COL",
    "InstitutionName": "NCKU",
    "MRAcquisitionType": "2D",
    "MagneticFieldStrength": 3,
    "Manufacturer": "GE",
    "ManufacturersModelName": "DISCOVERY_MR750",
    "PatientPosition": "HFS",
    "PercentPhaseFOV": 100,
    "PhaseEncodingDirection": "j",
    "PhaseEncodingPolarityGE": "Flipped",
    "PixelBandwidth": 7812.5,
    "ProtocolName": "hypervote_run_3",
    "ReconMatrixPE": 64,
    "RepetitionTime": 2,
    "SAR": 0.392126,
    "ScanOptions": "EPI_GEMS_ACC_GEMS",
    "ScanningSequence": "EP_GR",
    "SequenceVariant": "SS",
    "SeriesDescription": "hypervote_run_3",
    "SeriesNumber": 6,
    "SliceThickness": 3,
    "SliceTiming": [
      0,
      1,
      0.05,
      1.05,
      0.0999999,
      1.1,
      0.15,
      1.15,
      0.2,
      1.2,
      0.25,
      1.25,
      0.3,
      1.3,
      0.35,
      1.35,
      0.4,
      1.4,
      0.45,
      1.45,
      0.5,
      1.5,
      0.55,
      1.55,
      0.6,
      1.6,
      0.65,
      1.65,
      0.7,
      1.7,
      0.75,
      1.75,
      0.8,
      1.8,
      0.85,
      1.85,
      0.9,
      1.9,
      0.95,
      1.95
    ],
    "SoftwareVersions": "27_LX_MR_Software_release:DV25.1_R02_1649.a",
    "SpacingBetweenSlices": 3,
    "StationName": "GEMRGEMR",
    "TaskName": "OTCG",
    "TotalReadoutTime": 0.02646,
    "dataset": "ds004103",
    "modality": "bold",
    "run_id": 3,
    "subject_id": "s56A",
    "task_id": "OTCG"
  },
  "dummy_trs": 1,
  "dvars_nstd": 16.02175539292684,
  "dvars_std": 1.204663543628049,
  "dvars_vstd": 0.9978426003353654,
  "efc": 0.39375073590555976,
  "fber": 109315.171875,
  "fd_mean": 0.054842378785383006,
  "fd_num": 0,
  "fd_perc": 0.0,
  "fwhm_avg": 2.5908593650793645,
  "fwhm_x": 2.390945714285714,
  "fwhm_y": 2.6772457142857142,
  "fwhm_z": 2.7043866666666667,
  "gcor": 0.035286,
  "gsr_x": -0.006075459066778421,
  "gsr_y": 0.0024314604233950377,
  "provenance": {
    "md5sum": "c533b4573a00e517f840cc77de312985",
    "settings": {
      "fd_thres": 0.2,
      "testing": false
    },
    "software": "mriqc",
    "version": "23.0.1",
    "webapi_port": null,
    "webapi_url": "https://mriqc.nimh.nih.gov/api/v1"
  },
  "size_t": 329,
  "size_x": 64,
  "size_y": 64,
  "size_z": 40,
  "snr": 6.167354834509221,
  "spacing_tr": 2.0,
  "spacing_x": 3.5,
  "spacing_y": 3.5,
  "spacing_z": 3.0,
  "summary_bg_k": 65.45477094302623,
  "summary_bg_mad": 21.88753532515463,
  "summary_bg_mean": 78.99563598632812,
  "summary_bg_median": 15.2583589553833,
  "summary_bg_n": 112675.0,
  "summary_bg_p05": 0.042553193867206573,
  "summary_bg_p95": 336.68389282226525,
  "summary_bg_stdv": 213.55966186523438,
  "summary_fg_k": 0.5044924767372749,
  "summary_fg_mad": 699.7835416100248,
  "summary_fg_mean": 4659.28369140625,
  "summary_fg_median": 4679.8330078125,
  "summary_fg_n": 20824.0,
  "summary_fg_p05": 3344.342883300781,
  "summary_fg_p95": 5867.291967773437,
  "summary_fg_stdv": 758.7889404296875,
  "tsnr": 97.80315749696456
}