{
  "bids_meta": {
    "AcquisitionMatrixPE": 224,
    "AcquisitionNumber": 1,
    "AcquisitionTime": "09:26:49.000000",
    "BodyPartExamined": "HEAD",
    "CoilString": "8HRBRAIN",
    "ConversionSoftware": "dcm2niix",
    "ConversionSoftwareVersion": "v1.0.20181125  GCC5.4.0",
    "DeviceSerialNumber": "00000000GEMRGEMR",
    "EchoTime": 0.002936,
    "FlipAngle": 12,
    "ImageOrientationPatientDICOM": [
      -0.0125472,
      0.992583,
      -0.120919,
      -0.0132695,
      -0.121083,
      -0.992554
    ],
    "ImageType": [
      "ORIGINAL",
      "PRIMARY",
      "OTHER"
    ],
    "ImagingFrequency": 127.764,
    "InPlanePhaseEncodingDirectionDICOM": "ROW",
    "InstitutionName": "NCKU",
    "InversionTime": 0.45,
    "MRAcquisitionType": "3D",
    "MagneticFieldStrength": 3,
    "Manufacturer": "GE",
    "ManufacturersModelName": "DISCOVERY_MR750",
    "Modality": "MR",
    "PatientPosition": "HFS",
    "PercentPhaseFOV": 100,
    "PixelBandwidth": 244.141,
    "ProtocolName": "T1_SAG_FSPGR_BRAVO_ASSET",
    "ReconMatrixPE": 256,
    "RepetitionTime": 0.00768,
    "SAR": 0.218313,
    "ScanOptions": "FAST_GEMS_EDR_GEMS_ACC_GEMS",
    "ScanningSequence": "GR",
    "SequenceVariant": "SS_SK",
    "SeriesDescription": "T1_SAG_FSPGR_BRAVO_ASSET",
    "SeriesNumber": 3,
    "SliceThickness": 1,
    "SoftwareVersions": "27_LX_MR_Software_release:DV25.1_R02_1649.a",
    "SpacingBetweenSlices": 1,
    "StationName": "GEMRGEMR",
    "dataset": "ds004103",
    "modality": "T1w",
    "subject_id": "s31A"
  },
  "cjv": 0.34731037044736773,
  "cnr": 3.941682173260692,
  "efc": 0.5807508865462722,
  "fber": 8757.194250901579,
  "fwhm_avg": 4.436810952380953,
  "fwhm_x": 4.10473,
  "fwhm_y": 4.639897142857143,
  "fwhm_z": 4.565805714285714,
  "icvs_csf": 0.21389005057048885,
  "icvs_gm": 0.4539499384381507,
  "icvs_wm": 0.3321600109913605,
  "inu_med": 0.623332142829895,
  "inu_range": 0.27036126255989074,
  "provenance": {
    "md5sum": "7779abe878d179a0d1b036e38a76ea54",
    "settings": {
      "testing": false
    },
    "software": "mriqc",
    "version": "23.0.1",
    "warnings": {
      "large_rot_frame": true,
      "small_air_mask": false
    },
    "webapi_port": null,
    "webapi_url": "https://mriqc.nimh.nih.gov/api/v1"
  },
  "qi_1": 0.0,
  "qi_2": 0.0003762447448927809,
  "rpve_csf": 20.109410193211605,
  "rpve_gm": 9.968544187328645,
  "rpve_wm": 15.03042926425575,
  "size_x": 166,
  "size_y": 256,
  "size_z": 256,
  "snr_csf": 2.3062398062866625,
  "snr_gm": 11.66456233200818,
  "snr_total": 11.635790728071322,
  "snr_wm": 20.93657004591913,
  "snrd_csf": 16.48493335172446,
  "snrd_gm": 48.15019373229803,
  "snrd_total": 44.64418948979354,
  "snrd_wm": 69.29744138535813,
  "spacing_x": 1.0,
  "spacing_y": 0.875,
  "spacing_z": 0.875,
  "summary_bg_k": 21.85690976771727,
  "summary_bg_mad": 9.454386500168198,
  "summary_bg_mean": 9.118798936070034,
  "summary_bg_median": 6.376886788755655,
  "summary_bg_n": 2636646.0,
  "summary_bg_p05": 0.0,
  "summary_bg_p95": 34.66076560690999,
  "summary_bg_stdv": 12.81865437580485,
  "summary_csf_k": 0.5381624541902044,
  "summary_csf_mad": 99.81774046436084,
  "summary_csf_mean": 240.34777357082223,
  "summary_csf_median": 237.89691938459873,
  "summary_csf_n": 50910.0,
  "summary_csf_p05": 78.66779147665949,
  "summary_csf_p95": 419.6598829552531,
  "summary_csf_stdv": 103.15257861682939,
  "summary_gm_k": 0.11016089373013305,
  "summary_gm_mad": 58.91304785138823,
  "summary_gm_mean": 693.7869519488916,
  "summary_gm_median": 694.8637590631843,
  "summary_gm_n": 62832.0,
  "summary_gm_p05": 594.2022151926533,
  "summary_gm_p95": 789.1722752451897,
  "summary_gm_stdv": 59.57002155128305,
  "summary_wm_k": 0.1548953266255766,
  "summary_wm_mad": 47.078985837572255,
  "summary_wm_mean": 1000.5048021460784,
  "summary_wm_median": 1000.0433410964906,
  "summary_wm_n": 239603.0,
  "summary_wm_p05": 922.739856351167,
  "summary_wm_p95": 1079.7761160470545,
  "summary_wm_stdv": 47.765285910027536,
  "tpm_overlap_csf": 0.17657602411498174,
  "tpm_overlap_gm": 0.4847161887117545,
  "tpm_overlap_wm": 0.5150713976950411,
  "wm2max": 0.41374421192433325
}