{
  "bids_meta": {
    "AcquisitionMatrixPE": 224,
    "AcquisitionNumber": 1,
    "AcquisitionTime": "11:58:56.000000",
    "BodyPartExamined": "HEAD",
    "CoilString": "8HRBRAIN",
    "ConversionSoftware": "dcm2niix",
    "ConversionSoftwareVersion": "v1.0.20181125  GCC5.4.0",
    "DeviceSerialNumber": "00000000GEMRGEMR",
    "EchoTime": 0.002948,
    "FlipAngle": 12,
    "ImageOrientationPatientDICOM": [
      0.0734863,
      0.969051,
      0.23567,
      0.0295284,
      0.234091,
      -0.971766
    ],
    "ImageType": [
      "ORIGINAL",
      "PRIMARY",
      "OTHER"
    ],
    "ImagingFrequency": 127.764,
    "InPlanePhaseEncodingDirectionDICOM": "ROW",
    "InstitutionName": "NCKU",
    "InversionTime": 0.45,
    "MRAcquisitionType": "3D",
    "MagneticFieldStrength": 3,
    "Manufacturer": "GE",
    "ManufacturersModelName": "DISCOVERY_MR750",
    "Modality": "MR",
    "PatientPosition": "HFS",
    "PercentPhaseFOV": 100,
    "PixelBandwidth": 244.141,
    "ProtocolName": "T1_SAG_FSPGR_BRAVO_ASSET",
    "ReconMatrixPE": 256,
    "RepetitionTime": 0.007748,
    "SAR": 0.203509,
    "ScanOptions": "FAST_GEMS_EDR_GEMS_ACC_GEMS",
    "ScanningSequence": "GR",
    "SequenceVariant": "SS_SK",
    "SeriesDescription": "T1_SAG_FSPGR_BRAVO_ASSET",
    "SeriesNumber": 3,
    "SliceThickness": 1,
    "SoftwareVersions": "27_LX_MR_Software_release:DV25.1_R02_1649.a",
    "SpacingBetweenSlices": 1,
    "StationName": "GEMRGEMR",
    "dataset": "ds004103",
    "modality": "T1w",
    "subject_id": "s45A"
  },
  "cjv": 0.3304767333492613,
  "cnr": 4.158082426673347,
  "efc": 0.5768375223902213,
  "fber": 12704.022268135906,
  "fwhm_avg": 4.362691428571429,
  "fwhm_x": 4.00452,
  "fwhm_y": 4.6685485714285715,
  "fwhm_z": 4.415005714285714,
  "icvs_csf": 0.2103210337586471,
  "icvs_gm": 0.4386712025162927,
  "icvs_wm": 0.3510077637250602,
  "inu_med": 0.47673438489437103,
  "inu_range": 0.13607396781444547,
  "provenance": {
    "md5sum": "257bb93580051c7943803bdfc834566b",
    "settings": {
      "testing": false
    },
    "software": "mriqc",
    "version": "23.0.1",
    "warnings": {
      "large_rot_frame": true,
      "small_air_mask": false
    },
    "webapi_port": null,
    "webapi_url": "https://mriqc.nimh.nih.gov/api/v1"
  },
  "qi_1": 0.0,
  "qi_2": 0.0005576307573400498,
  "rpve_csf": 17.66327410136074,
  "rpve_gm": 8.813746770878899,
  "rpve_wm": 12.6255044986168,
  "size_x": 166,
  "size_y": 256,
  "size_z": 256,
  "snr_csf": 1.7295110213621996,
  "snr_gm": 10.27375346659994,
  "snr_total": 11.69765307386245,
  "snr_wm": 23.08969473362521,
  "snrd_csf": 21.10204121127888,
  "snrd_gm": 66.54754768912225,
  "snrd_total": 62.25320723006752,
  "snrd_wm": 99.11003278980144,
  "spacing_x": 1.0,
  "spacing_y": 0.875,
  "spacing_z": 0.875,
  "summary_bg_k": 4.799917509638185,
  "summary_bg_mad": 6.6101926890780005,
  "summary_bg_mean": 7.403614996322764,
  "summary_bg_median": 4.458507215604186,
  "summary_bg_n": 2348544.0,
  "summary_bg_p05": 0.0,
  "summary_bg_p95": 27.47015736065805,
  "summary_bg_stdv": 9.810669929779152,
  "summary_csf_k": -0.06797332316139393,
  "summary_csf_mad": 129.38919108814616,
  "summary_csf_mean": 222.68080367394856,
  "summary_csf_median": 212.91529296711087,
  "summary_csf_n": 40195.0,
  "summary_csf_p05": 43.43448964878917,
  "summary_csf_p95": 444.947514292225,
  "summary_csf_stdv": 123.10568813453571,
  "summary_gm_k": -0.01656792749019287,
  "summary_gm_mad": 66.14457329522567,
  "summary_gm_mean": 671.3683755227752,
  "summary_gm_median": 671.4511866699904,
  "summary_gm_n": 77046.0,
  "summary_gm_p05": 563.8429576791823,
  "summary_gm_p95": 777.5061292760074,
  "summary_gm_stdv": 65.3555520257765,
  "summary_wm_k": 0.2533441192593071,
  "summary_wm_mad": 42.4331724234362,
  "summary_wm_mean": 1000.5938711721681,
  "summary_wm_median": 1000.000021615997,
  "summary_wm_n": 305033.0,
  "summary_wm_p05": 930.7349546793848,
  "summary_wm_p95": 1072.2278385087848,
  "summary_wm_stdv": 43.30929421043511,
  "tpm_overlap_csf": 0.14475201365729123,
  "tpm_overlap_gm": 0.4828004843636792,
  "tpm_overlap_wm": 0.5219940040009029,
  "wm2max": 0.5953420669577875
}