{
  "bids_meta": {
    "AcquisitionMatrixPE": 224,
    "AcquisitionNumber": 1,
    "AcquisitionTime": "11:35:41.000000",
    "BodyPartExamined": "HEAD",
    "CoilString": "8HRBRAIN",
    "ConversionSoftware": "dcm2niix",
    "ConversionSoftwareVersion": "v1.0.20181125  GCC5.4.0",
    "DeviceSerialNumber": "00000000GEMRGEMR",
    "EchoTime": 0.002948,
    "FlipAngle": 12,
    "ImageOrientationPatientDICOM": [
      0.000178371,
      0.982742,
      0.184984,
      0.0684157,
      0.184538,
      -0.980441
    ],
    "ImageType": [
      "ORIGINAL",
      "PRIMARY",
      "OTHER"
    ],
    "ImagingFrequency": 127.764,
    "InPlanePhaseEncodingDirectionDICOM": "ROW",
    "InstitutionName": "NCKU",
    "InversionTime": 0.45,
    "MRAcquisitionType": "3D",
    "MagneticFieldStrength": 3,
    "Manufacturer": "GE",
    "ManufacturersModelName": "DISCOVERY_MR750",
    "Modality": "MR",
    "PatientPosition": "HFS",
    "PercentPhaseFOV": 100,
    "PixelBandwidth": 244.141,
    "ProtocolName": "T1_SAG_FSPGR_BRAVO_ASSET",
    "ReconMatrixPE": 256,
    "RepetitionTime": 0.007728,
    "SAR": 0.208497,
    "ScanOptions": "FAST_GEMS_EDR_GEMS_ACC_GEMS",
    "ScanningSequence": "GR",
    "SequenceVariant": "SS_SK",
    "SeriesDescription": "T1_SAG_FSPGR_BRAVO_ASSET",
    "SeriesNumber": 3,
    "SliceThickness": 1,
    "SoftwareVersions": "27_LX_MR_Software_release:DV25.1_R02_1649.a",
    "SpacingBetweenSlices": 1,
    "StationName": "GEMRGEMR",
    "dataset": "ds004103",
    "modality": "T1w",
    "subject_id": "s57A"
  },
  "cjv": 0.32627601474940265,
  "cnr": 4.202051811085226,
  "efc": 0.5609769041382138,
  "fber": 9555.0625,
  "fwhm_avg": 4.006196666666667,
  "fwhm_x": 3.63419,
  "fwhm_y": 4.2831657142857145,
  "fwhm_z": 4.101234285714286,
  "icvs_csf": 0.22107887025584486,
  "icvs_gm": 0.4538684235039314,
  "icvs_wm": 0.32505270624022375,
  "inu_med": 0.5662754774093628,
  "inu_range": 0.20203158855438225,
  "provenance": {
    "md5sum": "74daa1a8a951e8ec7d62abbbe7257b7e",
    "settings": {
      "testing": false
    },
    "software": "mriqc",
    "version": "23.0.1",
    "warnings": {
      "large_rot_frame": true,
      "small_air_mask": false
    },
    "webapi_port": null,
    "webapi_url": "https://mriqc.nimh.nih.gov/api/v1"
  },
  "qi_1": 0.0,
  "qi_2": 0.0005388978749796506,
  "rpve_csf": 18.919063656615624,
  "rpve_gm": 9.606276894881999,
  "rpve_wm": 14.998160279559634,
  "size_x": 166,
  "size_y": 256,
  "size_z": 256,
  "snr_csf": 2.0312447039173143,
  "snr_gm": 11.081946593554227,
  "snr_total": 11.49617863371215,
  "snr_wm": 21.37534460366491,
  "snrd_csf": 18.191316531906313,
  "snrd_gm": 52.24194882419421,
  "snrd_total": 49.329323573695696,
  "snrd_wm": 77.55470536498659,
  "spacing_x": 1.0,
  "spacing_y": 0.875,
  "spacing_z": 0.875,
  "summary_bg_k": 4.996304576042498,
  "summary_bg_mad": 8.447720424948649,
  "summary_bg_mean": 9.198221168033474,
  "summary_bg_median": 5.697900839149952,
  "summary_bg_n": 2420863.0,
  "summary_bg_p05": 0.0,
  "summary_bg_p95": 33.893319830298424,
  "summary_bg_stdv": 12.237022764359683,
  "summary_csf_k": 1.3938038315902528,
  "summary_csf_mad": 96.74002422118615,
  "summary_csf_mean": 244.14245770929682,
  "summary_csf_median": 234.56971132010221,
  "summary_csf_n": 38137.0,
  "summary_csf_p05": 71.34507063627244,
  "summary_csf_p95": 461.9858000382779,
  "summary_csf_stdv": 115.47926032322522,
  "summary_gm_k": 0.0716852788692921,
  "summary_gm_mad": 60.87808848172672,
  "summary_gm_mean": 672.8557430837891,
  "summary_gm_median": 673.638921789825,
  "summary_gm_n": 55687.0,
  "summary_gm_p05": 571.811919696629,
  "summary_gm_p95": 770.2826721519232,
  "summary_gm_stdv": 60.78651143426366,
  "summary_wm_k": 0.2536950737941521,
  "summary_wm_mad": 45.617690294722706,
  "summary_wm_mean": 1000.179502397967,
  "summary_wm_median": 1000.0367382466793,
  "summary_wm_n": 225567.0,
  "summary_wm_p05": 923.6481063514948,
  "summary_wm_p95": 1076.9767799004912,
  "summary_wm_stdv": 46.78448652261856,
  "tpm_overlap_csf": 0.1530139323526671,
  "tpm_overlap_gm": 0.47408179696279207,
  "tpm_overlap_wm": 0.4976795915251532,
  "wm2max": 0.4819729638750598
}