{
  "aor": 0.0015163525835866262,
  "aqi": 0.00502280547112462,
  "bids_meta": {
    "AcquisitionMatrixPE": 64,
    "AcquisitionNumber": 1,
    "AcquisitionTime": "10:22:57.000000",
    "BodyPartExamined": "HEAD",
    "CoilString": "8HRBRAIN",
    "ConversionSoftware": "dcm2niix",
    "ConversionSoftwareVersion": "v1.0.20181125  GCC5.4.0",
    "DeviceSerialNumber": "00000000GEMRGEMR",
    "EchoTime": 0.033,
    "EffectiveEchoSpacing": 0.00042,
    "FlipAngle": 90,
    "ImageOrientationPatientDICOM": [
      0.99627,
      -0.0733264,
      0.0454939,
      0.0711341,
      0.996308,
      0.048073
    ],
    "ImageType": [
      "ORIGINAL",
      "PRIMARY",
      "EPI",
      "NONE"
    ],
    "ImagingFrequency": 127.764,
    "InPlanePhaseEncodingDirectionDICOM": "COL",
    "InstitutionName": "NCKU",
    "MRAcquisitionType": "2D",
    "MagneticFieldStrength": 3,
    "Manufacturer": "GE",
    "ManufacturersModelName": "DISCOVERY_MR750",
    "PatientPosition": "HFS",
    "PercentPhaseFOV": 100,
    "PhaseEncodingDirection": "j",
    "PhaseEncodingPolarityGE": "Flipped",
    "PixelBandwidth": 7812.5,
    "ProtocolName": "hypervote_run_4",
    "ReconMatrixPE": 64,
    "RepetitionTime": 2,
    "SAR": 0.413983,
    "ScanOptions": "EPI_GEMS_ACC_GEMS",
    "ScanningSequence": "EP_GR",
    "SequenceVariant": "SS",
    "SeriesDescription": "hypervote_run_4",
    "SeriesNumber": 10,
    "SliceThickness": 3,
    "SliceTiming": [
      0,
      1,
      0.05,
      1.05,
      0.0999999,
      1.1,
      0.15,
      1.15,
      0.2,
      1.2,
      0.25,
      1.25,
      0.3,
      1.3,
      0.35,
      1.35,
      0.4,
      1.4,
      0.45,
      1.45,
      0.5,
      1.5,
      0.55,
      1.55,
      0.6,
      1.6,
      0.65,
      1.65,
      0.7,
      1.7,
      0.75,
      1.75,
      0.8,
      1.8,
      0.85,
      1.85,
      0.9,
      1.9,
      0.95,
      1.95
    ],
    "SoftwareVersions": "27_LX_MR_Software_release:DV25.1_R02_1649.a",
    "SpacingBetweenSlices": 3,
    "StationName": "GEMRGEMR",
    "TaskName": "OTCG",
    "TotalReadoutTime": 0.02646,
    "dataset": "ds004103",
    "modality": "bold",
    "run_id": 4,
    "subject_id": "s11A",
    "task_id": "OTCG"
  },
  "dummy_trs": 1,
  "dvars_nstd": 19.027127341646338,
  "dvars_std": 1.2417212110060978,
  "dvars_vstd": 0.9997096076829256,
  "efc": 0.4761331212548438,
  "fber": 24842.740234375,
  "fd_mean": 0.09366968018118578,
  "fd_num": 15,
  "fd_perc": 4.5592705167173255,
  "fwhm_avg": 2.643116507936508,
  "fwhm_x": 2.449677142857143,
  "fwhm_y": 2.774505714285714,
  "fwhm_z": 2.705166666666667,
  "gcor": 0.0499444,
  "gsr_x": 0.0021188720129430294,
  "gsr_y": 0.015047711320221424,
  "provenance": {
    "md5sum": "9d5185a2e941acca12ef237763875cbf",
    "settings": {
      "fd_thres": 0.2,
      "testing": false
    },
    "software": "mriqc",
    "version": "23.0.1",
    "webapi_port": null,
    "webapi_url": "https://mriqc.nimh.nih.gov/api/v1"
  },
  "size_t": 329,
  "size_x": 64,
  "size_y": 64,
  "size_z": 40,
  "snr": 5.5477176071708705,
  "spacing_tr": 2.0,
  "spacing_x": 3.5,
  "spacing_y": 3.5,
  "spacing_z": 3.0,
  "summary_bg_k": 33.05685986466545,
  "summary_bg_mad": 45.262178588912576,
  "summary_bg_mean": 179.79685974121094,
  "summary_bg_median": 31.0911865234375,
  "summary_bg_n": 102882.0,
  "summary_bg_p05": 0.027355622500181198,
  "summary_bg_p95": 970.5010711669921,
  "summary_bg_stdv": 419.715087890625,
  "summary_fg_k": 0.2995217809673423,
  "summary_fg_mad": 836.7530381183376,
  "summary_fg_mean": 4650.951171875,
  "summary_fg_median": 4681.30712890625,
  "summary_fg_n": 27700.0,
  "summary_fg_p05": 3226.9939453125,
  "summary_fg_p95": 5978.30673828125,
  "summary_fg_stdv": 843.810546875,
  "tsnr": 79.32958851289004
}