{
  "aor": 0.004849878048780488,
  "aqi": 0.005831329908536586,
  "bids_meta": {
    "AcquisitionMatrixPE": 64,
    "AcquisitionNumber": 1,
    "AcquisitionTime": "09:45:6.000000",
    "BodyPartExamined": "HEAD",
    "CoilString": "8HRBRAIN",
    "ConversionSoftware": "dcm2niix",
    "ConversionSoftwareVersion": "v1.0.20181125  GCC5.4.0",
    "DeviceSerialNumber": "00000000GEMRGEMR",
    "EchoTime": 0.033,
    "EffectiveEchoSpacing": 0.00042,
    "FlipAngle": 90,
    "ImageOrientationPatientDICOM": [
      0.99627,
      -0.0733264,
      0.0454939,
      0.0711341,
      0.996308,
      0.048073
    ],
    "ImageType": [
      "ORIGINAL",
      "PRIMARY",
      "EPI",
      "NONE"
    ],
    "ImagingFrequency": 127.764,
    "InPlanePhaseEncodingDirectionDICOM": "COL",
    "InstitutionName": "NCKU",
    "MRAcquisitionType": "2D",
    "MagneticFieldStrength": 3,
    "Manufacturer": "GE",
    "ManufacturersModelName": "DISCOVERY_MR750",
    "PatientPosition": "HFS",
    "PercentPhaseFOV": 100,
    "PhaseEncodingDirection": "j",
    "PhaseEncodingPolarityGE": "Flipped",
    "PixelBandwidth": 7812.5,
    "ProtocolName": "hypervote_run_1",
    "ReconMatrixPE": 64,
    "RepetitionTime": 2,
    "SAR": 0.413983,
    "ScanOptions": "EPI_GEMS_ACC_GEMS",
    "ScanningSequence": "EP_GR",
    "SequenceVariant": "SS",
    "SeriesDescription": "hypervote_run_1",
    "SeriesNumber": 6,
    "SliceThickness": 3,
    "SliceTiming": [
      0,
      1,
      0.05,
      1.05,
      0.0999999,
      1.1,
      0.15,
      1.15,
      0.2,
      1.2,
      0.25,
      1.25,
      0.3,
      1.3,
      0.35,
      1.35,
      0.4,
      1.4,
      0.45,
      1.45,
      0.5,
      1.5,
      0.55,
      1.55,
      0.6,
      1.6,
      0.65,
      1.65,
      0.7,
      1.7,
      0.75,
      1.75,
      0.8,
      1.8,
      0.85,
      1.85,
      0.9,
      1.9,
      0.95,
      1.95
    ],
    "SoftwareVersions": "27_LX_MR_Software_release:DV25.1_R02_1649.a",
    "SpacingBetweenSlices": 3,
    "StationName": "GEMRGEMR",
    "TaskName": "OTCG",
    "TotalReadoutTime": 0.02646,
    "dataset": "ds004103",
    "modality": "bold",
    "run_id": 1,
    "subject_id": "s11A",
    "task_id": "OTCG"
  },
  "dummy_trs": 2,
  "dvars_nstd": 16.67234476168197,
  "dvars_std": 1.1579151728440367,
  "dvars_vstd": 1.010661905259938,
  "efc": 0.4726947709780905,
  "fber": 27565.03515625,
  "fd_mean": 0.0798597562599301,
  "fd_num": 9,
  "fd_perc": 2.7439024390243905,
  "fwhm_avg": 2.705052380952381,
  "fwhm_x": 2.523274285714286,
  "fwhm_y": 2.874742857142857,
  "fwhm_z": 2.71714,
  "gcor": 0.0482006,
  "gsr_x": 0.0013127174461260438,
  "gsr_y": 0.013412218540906906,
  "provenance": {
    "md5sum": "a4980f72a98ca38b088a5590df0b54bb",
    "settings": {
      "fd_thres": 0.2,
      "testing": false
    },
    "software": "mriqc",
    "version": "23.0.1",
    "webapi_port": null,
    "webapi_url": "https://mriqc.nimh.nih.gov/api/v1"
  },
  "size_t": 328,
  "size_x": 64,
  "size_y": 64,
  "size_z": 40,
  "snr": 5.48981069542249,
  "spacing_tr": 2.0,
  "spacing_x": 3.5,
  "spacing_y": 3.5,
  "spacing_z": 3.0,
  "summary_bg_k": 36.17192408693181,
  "summary_bg_mad": 43.97181173819502,
  "summary_bg_mean": 170.23052978515625,
  "summary_bg_median": 30.292682647705078,
  "summary_bg_n": 102960.0,
  "summary_bg_p05": 0.060975607484579086,
  "summary_bg_p95": 899.8402069091793,
  "summary_bg_stdv": 396.9665832519531,
  "summary_fg_k": 0.19434264823090563,
  "summary_fg_mad": 849.2784207279977,
  "summary_fg_mean": 4710.48876953125,
  "summary_fg_median": 4733.5087890625,
  "summary_fg_n": 27613.0,
  "summary_fg_p05": 3261.38212890625,
  "summary_fg_p95": 6088.0072265625,
  "summary_fg_stdv": 862.2197265625,
  "tsnr": 68.62316359486431
}