{
  "aor": 0.0029345288753799396,
  "aqi": 0.004854169544072948,
  "bids_meta": {
    "AcquisitionMatrixPE": 64,
    "AcquisitionNumber": 1,
    "AcquisitionTime": "09:58:58.000000",
    "BodyPartExamined": "HEAD",
    "CoilString": "8HRBRAIN",
    "ConversionSoftware": "dcm2niix",
    "ConversionSoftwareVersion": "v1.0.20181125  GCC5.4.0",
    "DeviceSerialNumber": "00000000GEMRGEMR",
    "EchoTime": 0.033,
    "EffectiveEchoSpacing": 0.00042,
    "FlipAngle": 90,
    "ImageOrientationPatientDICOM": [
      0.99627,
      -0.0733264,
      0.0454939,
      0.0711341,
      0.996308,
      0.048073
    ],
    "ImageType": [
      "ORIGINAL",
      "PRIMARY",
      "EPI",
      "NONE"
    ],
    "ImagingFrequency": 127.764,
    "InPlanePhaseEncodingDirectionDICOM": "COL",
    "InstitutionName": "NCKU",
    "MRAcquisitionType": "2D",
    "MagneticFieldStrength": 3,
    "Manufacturer": "GE",
    "ManufacturersModelName": "DISCOVERY_MR750",
    "PatientPosition": "HFS",
    "PercentPhaseFOV": 100,
    "PhaseEncodingDirection": "j",
    "PhaseEncodingPolarityGE": "Flipped",
    "PixelBandwidth": 7812.5,
    "ProtocolName": "hypervote_run_2",
    "ReconMatrixPE": 64,
    "RepetitionTime": 2,
    "SAR": 0.413983,
    "ScanOptions": "EPI_GEMS_ACC_GEMS",
    "ScanningSequence": "EP_GR",
    "SequenceVariant": "SS",
    "SeriesDescription": "hypervote_run_2",
    "SeriesNumber": 8,
    "SliceThickness": 3,
    "SliceTiming": [
      0,
      1,
      0.05,
      1.05,
      0.0999999,
      1.1,
      0.15,
      1.15,
      0.2,
      1.2,
      0.25,
      1.25,
      0.3,
      1.3,
      0.35,
      1.35,
      0.4,
      1.4,
      0.45,
      1.45,
      0.5,
      1.5,
      0.55,
      1.55,
      0.6,
      1.6,
      0.65,
      1.65,
      0.7,
      1.7,
      0.75,
      1.75,
      0.8,
      1.8,
      0.85,
      1.85,
      0.9,
      1.9,
      0.95,
      1.95
    ],
    "SoftwareVersions": "27_LX_MR_Software_release:DV25.1_R02_1649.a",
    "SpacingBetweenSlices": 3,
    "StationName": "GEMRGEMR",
    "TaskName": "OTCG",
    "TotalReadoutTime": 0.02646,
    "dataset": "ds004103",
    "modality": "bold",
    "run_id": 2,
    "subject_id": "s11A",
    "task_id": "OTCG"
  },
  "dummy_trs": 1,
  "dvars_nstd": 18.34219903759147,
  "dvars_std": 1.2442995836280482,
  "dvars_vstd": 1.0159335828353655,
  "efc": 0.47397170027438373,
  "fber": 26965.265625,
  "fd_mean": 0.09055278027287926,
  "fd_num": 20,
  "fd_perc": 6.079027355623101,
  "fwhm_avg": 2.61352873015873,
  "fwhm_x": 2.428142857142857,
  "fwhm_y": 2.7411600000000003,
  "fwhm_z": 2.6712833333333332,
  "gcor": 0.0336215,
  "gsr_x": 0.0013258116086944938,
  "gsr_y": 0.015220429748296738,
  "provenance": {
    "md5sum": "093005d2c5563d2b1add01b8c3b88257",
    "settings": {
      "fd_thres": 0.2,
      "testing": false
    },
    "software": "mriqc",
    "version": "23.0.1",
    "webapi_port": null,
    "webapi_url": "https://mriqc.nimh.nih.gov/api/v1"
  },
  "size_t": 329,
  "size_x": 64,
  "size_y": 64,
  "size_z": 40,
  "snr": 5.712877288793051,
  "spacing_tr": 2.0,
  "spacing_x": 3.5,
  "spacing_y": 3.5,
  "spacing_z": 3.0,
  "summary_bg_k": 38.69730493155149,
  "summary_bg_mad": 44.94673090413382,
  "summary_bg_mean": 176.64218139648438,
  "summary_bg_median": 30.927051544189453,
  "summary_bg_n": 102945.0,
  "summary_bg_p05": 0.042553193867206573,
  "summary_bg_p95": 940.8717529296867,
  "summary_bg_stdv": 418.1587219238281,
  "summary_fg_k": 0.420652169613859,
  "summary_fg_mad": 816.8779880167937,
  "summary_fg_mean": 4799.44580078125,
  "summary_fg_median": 4818.2099609375,
  "summary_fg_n": 27700.0,
  "summary_fg_p05": 3393.2130859375,
  "summary_fg_p95": 6149.1861572265625,
  "summary_fg_stdv": 843.37939453125,
  "tsnr": 82.43634157720953
}