{
  "aor": 0.0011613373860182373,
  "aqi": 0.005906829392097264,
  "bids_meta": {
    "AcquisitionMatrixPE": 64,
    "AcquisitionNumber": 1,
    "AcquisitionTime": "10:11:7.000000",
    "BodyPartExamined": "HEAD",
    "CoilString": "8HRBRAIN",
    "ConversionSoftware": "dcm2niix",
    "ConversionSoftwareVersion": "v1.0.20181125  GCC5.4.0",
    "DeviceSerialNumber": "00000000GEMRGEMR",
    "EchoTime": 0.033,
    "EffectiveEchoSpacing": 0.00042,
    "FlipAngle": 90,
    "ImageOrientationPatientDICOM": [
      0.99627,
      -0.0733264,
      0.0454939,
      0.0711341,
      0.996308,
      0.048073
    ],
    "ImageType": [
      "ORIGINAL",
      "PRIMARY",
      "EPI",
      "NONE"
    ],
    "ImagingFrequency": 127.764,
    "InPlanePhaseEncodingDirectionDICOM": "COL",
    "InstitutionName": "NCKU",
    "MRAcquisitionType": "2D",
    "MagneticFieldStrength": 3,
    "Manufacturer": "GE",
    "ManufacturersModelName": "DISCOVERY_MR750",
    "PatientPosition": "HFS",
    "PercentPhaseFOV": 100,
    "PhaseEncodingDirection": "j",
    "PhaseEncodingPolarityGE": "Flipped",
    "PixelBandwidth": 7812.5,
    "ProtocolName": "hypervote_run_3",
    "ReconMatrixPE": 64,
    "RepetitionTime": 2,
    "SAR": 0.413983,
    "ScanOptions": "EPI_GEMS_ACC_GEMS",
    "ScanningSequence": "EP_GR",
    "SequenceVariant": "SS",
    "SeriesDescription": "hypervote_run_3",
    "SeriesNumber": 9,
    "SliceThickness": 3,
    "SliceTiming": [
      0,
      1,
      0.05,
      1.05,
      0.0999999,
      1.1,
      0.15,
      1.15,
      0.2,
      1.2,
      0.25,
      1.25,
      0.3,
      1.3,
      0.35,
      1.35,
      0.4,
      1.4,
      0.45,
      1.45,
      0.5,
      1.5,
      0.55,
      1.55,
      0.6,
      1.6,
      0.65,
      1.65,
      0.7,
      1.7,
      0.75,
      1.75,
      0.8,
      1.8,
      0.85,
      1.85,
      0.9,
      1.9,
      0.95,
      1.95
    ],
    "SoftwareVersions": "27_LX_MR_Software_release:DV25.1_R02_1649.a",
    "SpacingBetweenSlices": 3,
    "StationName": "GEMRGEMR",
    "TaskName": "OTCG",
    "TotalReadoutTime": 0.02646,
    "dataset": "ds004103",
    "modality": "bold",
    "run_id": 3,
    "subject_id": "s11A",
    "task_id": "OTCG"
  },
  "dummy_trs": 1,
  "dvars_nstd": 19.181773220579274,
  "dvars_std": 1.202921322103658,
  "dvars_vstd": 0.968603720701219,
  "efc": 0.4756084645189184,
  "fber": 26249.619140625,
  "fd_mean": 0.10087960837818015,
  "fd_num": 24,
  "fd_perc": 7.2948328267477205,
  "fwhm_avg": 2.6315195238095237,
  "fwhm_x": 2.4369142857142854,
  "fwhm_y": 2.7584142857142857,
  "fwhm_z": 2.69923,
  "gcor": 0.0371366,
  "gsr_x": 0.0032901521772146225,
  "gsr_y": 0.01569187454879284,
  "provenance": {
    "md5sum": "88d2eb22aa4a096198eed027c3db4c50",
    "settings": {
      "fd_thres": 0.2,
      "testing": false
    },
    "software": "mriqc",
    "version": "23.0.1",
    "webapi_port": null,
    "webapi_url": "https://mriqc.nimh.nih.gov/api/v1"
  },
  "size_t": 329,
  "size_x": 64,
  "size_y": 64,
  "size_z": 40,
  "snr": 5.626999983179081,
  "spacing_tr": 2.0,
  "spacing_x": 3.5,
  "spacing_y": 3.5,
  "spacing_z": 3.0,
  "summary_bg_k": 37.59511710458372,
  "summary_bg_mad": 44.834071818354786,
  "summary_bg_mean": 174.55511474609375,
  "summary_bg_median": 30.899696350097656,
  "summary_bg_n": 102565.0,
  "summary_bg_p05": 0.060790274292230606,
  "summary_bg_p95": 939.5848144531228,
  "summary_bg_stdv": 404.9418029785156,
  "summary_fg_k": 0.3909274920260035,
  "summary_fg_mad": 827.0487984996523,
  "summary_fg_mean": 4737.73291015625,
  "summary_fg_median": 4759.82080078125,
  "summary_fg_n": 27795.0,
  "summary_fg_p05": 3324.849609375,
  "summary_fg_p95": 6083.221484375,
  "summary_fg_stdv": 845.8743896484375,
  "tsnr": 73.93879703246057
}