{
  "aor": 0.00498145896656535,
  "aqi": 0.008634239179331305,
  "bids_meta": {
    "AcquisitionMatrixPE": 64,
    "AcquisitionNumber": 1,
    "AcquisitionTime": "11:03:22.697500",
    "BandwidthPerPixelPhaseEncode": 31.888,
    "BaseResolution": 64,
    "BodyPartExamined": "BRAIN",
    "ConsistencyInfo": "N4_VD13D_LATEST_20130810",
    "ConversionSoftware": "dcm2niix",
    "ConversionSoftwareVersion": "v1.0.20181125  GCC5.4.0",
    "DerivedVendorReportedEchoSpacing": 0.000489996,
    "DeviceSerialNumber": "66020",
    "DwellTime": 3.3e-06,
    "EchoTime": 0.024,
    "EchoTrainLength": 64,
    "EffectiveEchoSpacing": 0.000489996,
    "FlipAngle": 87,
    "ImageOrientationPatientDICOM": [
      0.997566,
      -0.0612331,
      0.033366,
      0.0662582,
      0.981475,
      -0.179767
    ],
    "ImageType": [
      "ORIGINAL",
      "PRIMARY",
      "M",
      "ND",
      "NORM",
      "MOSAIC"
    ],
    "ImagingFrequency": 123.262,
    "InPlanePhaseEncodingDirectionDICOM": "COL",
    "InstitutionAddress": "Fanglan_Rd._49_Taipei_Da_An_TW_10672",
    "InstitutionName": "NTU_NCSC",
    "InstitutionalDepartmentName": "Department",
    "MRAcquisitionType": "2D",
    "MagneticFieldStrength": 3,
    "Manufacturer": "Siemens",
    "ManufacturersModelName": "Prisma",
    "PartialFourier": 1,
    "PatientPosition": "HFS",
    "PercentPhaseFOV": 100,
    "PhaseEncodingDirection": "j-",
    "PhaseEncodingSteps": 64,
    "PhaseResolution": 1,
    "PixelBandwidth": 2365,
    "ProcedureStepDescription": "NTU_Brain",
    "ProtocolName": "ep2d_bold_64x64_3mm_iso_330TR",
    "PulseSequenceDetails": "%SiemensSeq%_ep2d_bold",
    "ReceiveCoilActiveElements": "HE1-4",
    "ReceiveCoilName": "HeadNeck_20",
    "ReconMatrixPE": 64,
    "RepetitionTime": 2,
    "SAR": 0.102543,
    "ScanOptions": "FS",
    "ScanningSequence": "EP",
    "SequenceName": "_epfid2d1_64",
    "SequenceVariant": "SK",
    "SeriesDescription": "ep2d_bold_64x64_3mm_iso_330TR",
    "SeriesNumber": 5,
    "ShimSetting": [
      -2995,
      -3815,
      -5520,
      380,
      -65,
      -158,
      -46,
      -29
    ],
    "SliceThickness": 3,
    "SliceTiming": [
      0.99,
      0,
      1.045,
      0.055,
      1.1,
      0.11,
      1.155,
      0.165,
      1.21,
      0.22,
      1.265,
      0.275,
      1.32,
      0.33,
      1.375,
      0.385,
      1.43,
      0.44,
      1.485,
      0.495,
      1.54,
      0.55,
      1.595,
      0.605,
      1.65,
      0.66,
      1.705,
      0.715,
      1.76,
      0.77,
      1.815,
      0.825,
      1.87,
      0.88,
      1.925,
      0.935
    ],
    "SoftwareVersions": "syngo_MR_D13D",
    "SpacingBetweenSlices": 3,
    "StationName": "AWP66020",
    "TaskName": "OTCG",
    "TotalReadoutTime": 0.0308698,
    "TxRefAmp": 243.695,
    "VendorReportedEchoSpacing": 0.00049,
    "dataset": "ds004103",
    "modality": "bold",
    "run_id": 3,
    "subject_id": "s56B",
    "task_id": "OTCG"
  },
  "dummy_trs": 1,
  "dvars_nstd": 21.483350895914636,
  "dvars_std": 1.3162416806402444,
  "dvars_vstd": 1.0534869752439011,
  "efc": 0.5944433909050156,
  "fber": 821.7646484375,
  "fd_mean": 0.13316716585818883,
  "fd_num": 38,
  "fd_perc": 11.55015197568389,
  "fwhm_avg": 1.7026622222222223,
  "fwhm_x": 1.6338,
  "fwhm_y": 1.7208500000000002,
  "fwhm_z": 1.7533366666666668,
  "gcor": 0.0315577,
  "gsr_x": 0.0033295778557658195,
  "gsr_y": 0.0324210524559021,
  "provenance": {
    "md5sum": "03e18b65eca3572164d44de86bebdabb",
    "settings": {
      "fd_thres": 0.2,
      "testing": false
    },
    "software": "mriqc",
    "version": "23.0.1",
    "webapi_port": null,
    "webapi_url": "https://mriqc.nimh.nih.gov/api/v1"
  },
  "size_t": 329,
  "size_x": 64,
  "size_y": 64,
  "size_z": 36,
  "snr": 8.048268308140694,
  "spacing_tr": 2.0,
  "spacing_x": 3.0,
  "spacing_y": 3.0,
  "spacing_z": 3.0,
  "summary_bg_k": 23.503198128985385,
  "summary_bg_mad": 19.88219039581301,
  "summary_bg_mean": 60.20717239379883,
  "summary_bg_median": 30.744680404663086,
  "summary_bg_n": 79185.0,
  "summary_bg_p05": 13.452887535095215,
  "summary_bg_p95": 197.4644439697266,
  "summary_bg_stdv": 82.61090850830078,
  "summary_fg_k": 2.4662483333923646,
  "summary_fg_mad": 102.63301188884901,
  "summary_fg_mean": 895.5669555664062,
  "summary_fg_median": 890.452880859375,
  "summary_fg_n": 35625.0,
  "summary_fg_p05": 736.7076293945313,
  "summary_fg_p95": 1072.1391845703124,
  "summary_fg_stdv": 110.63751220703125,
  "tsnr": 83.26607406581752
}