{
  "aor": 0.002611707317073171,
  "aqi": 0.017625392286585363,
  "bids_meta": {
    "AcquisitionMatrixPE": 64,
    "AcquisitionNumber": 1,
    "AcquisitionTime": "10:13:40.707500",
    "BandwidthPerPixelPhaseEncode": 31.888,
    "BaseResolution": 64,
    "BodyPartExamined": "BRAIN",
    "ConsistencyInfo": "N4_VD13D_LATEST_20130810",
    "ConversionSoftware": "dcm2niix",
    "ConversionSoftwareVersion": "v1.0.20181125  GCC5.4.0",
    "DerivedVendorReportedEchoSpacing": 0.000489996,
    "DeviceSerialNumber": "66020",
    "DwellTime": 3.3e-06,
    "EchoTime": 0.024,
    "EchoTrainLength": 64,
    "EffectiveEchoSpacing": 0.000489996,
    "FlipAngle": 87,
    "ImageOrientationPatientDICOM": [
      0.999943,
      0.0085967,
      0.00635246,
      -0.00698106,
      0.975266,
      -0.220924
    ],
    "ImageType": [
      "ORIGINAL",
      "PRIMARY",
      "M",
      "ND",
      "NORM",
      "MOSAIC"
    ],
    "ImagingFrequency": 123.262,
    "InPlanePhaseEncodingDirectionDICOM": "COL",
    "InstitutionAddress": "Fanglan_Rd._49_Taipei_Da_An_TW_10672",
    "InstitutionName": "NTU_NCSC",
    "InstitutionalDepartmentName": "Department",
    "MRAcquisitionType": "2D",
    "MagneticFieldStrength": 3,
    "Manufacturer": "Siemens",
    "ManufacturersModelName": "Prisma",
    "PartialFourier": 1,
    "PatientPosition": "HFS",
    "PercentPhaseFOV": 100,
    "PhaseEncodingDirection": "j-",
    "PhaseEncodingSteps": 64,
    "PhaseResolution": 1,
    "PixelBandwidth": 2365,
    "ProcedureStepDescription": "NTU_Brain",
    "ProtocolName": "ep2d_bold_64x64_3mm_iso_330TR",
    "PulseSequenceDetails": "%SiemensSeq%_ep2d_bold",
    "ReceiveCoilActiveElements": "HE1-4",
    "ReceiveCoilName": "HeadNeck_20",
    "ReconMatrixPE": 64,
    "RepetitionTime": 2,
    "SAR": 0.123861,
    "ScanOptions": "FS",
    "ScanningSequence": "EP",
    "SequenceName": "_epfid2d1_64",
    "SequenceVariant": "SK",
    "SeriesDescription": "ep2d_bold_64x64_3mm_iso_330TR",
    "SeriesNumber": 4,
    "ShimSetting": [
      -3014,
      -3795,
      -5529,
      399,
      -112,
      -149,
      -136,
      59
    ],
    "SliceThickness": 3,
    "SliceTiming": [
      0.99,
      0,
      1.045,
      0.055,
      1.1,
      0.11,
      1.155,
      0.165,
      1.21,
      0.22,
      1.265,
      0.275,
      1.32,
      0.33,
      1.375,
      0.385,
      1.43,
      0.44,
      1.485,
      0.495,
      1.54,
      0.55,
      1.595,
      0.605,
      1.65,
      0.66,
      1.705,
      0.715,
      1.76,
      0.77,
      1.815,
      0.825,
      1.87,
      0.88,
      1.925,
      0.935
    ],
    "SoftwareVersions": "syngo_MR_D13D",
    "SpacingBetweenSlices": 3,
    "StationName": "AWP66020",
    "TaskName": "OTCG",
    "TotalReadoutTime": 0.0308698,
    "TxRefAmp": 256.771,
    "VendorReportedEchoSpacing": 0.00049,
    "dataset": "ds004103",
    "modality": "bold",
    "run_id": 2,
    "subject_id": "s46B",
    "task_id": "OTCG"
  },
  "dummy_trs": 2,
  "dvars_nstd": 23.062015778623863,
  "dvars_std": 1.1749101788990828,
  "dvars_vstd": 0.9711417333027526,
  "efc": 0.6355957369492443,
  "fber": 666.6724853515625,
  "fd_mean": 0.17428006609830418,
  "fd_num": 96,
  "fd_perc": 29.26829268292683,
  "fwhm_avg": 1.668428888888889,
  "fwhm_x": 1.6380800000000002,
  "fwhm_y": 1.7531233333333331,
  "fwhm_z": 1.6140833333333333,
  "gcor": 0.0186597,
  "gsr_x": 0.038464512676000595,
  "gsr_y": 0.023136436939239502,
  "provenance": {
    "md5sum": "f826bb6a3d03247900f8d3c1d63387b2",
    "settings": {
      "fd_thres": 0.2,
      "testing": false
    },
    "software": "mriqc",
    "version": "23.0.1",
    "webapi_port": null,
    "webapi_url": "https://mriqc.nimh.nih.gov/api/v1"
  },
  "size_t": 328,
  "size_x": 64,
  "size_y": 64,
  "size_z": 36,
  "snr": 7.801646144581951,
  "spacing_tr": 2.0,
  "spacing_x": 3.0,
  "spacing_y": 3.0,
  "spacing_z": 3.0,
  "summary_bg_k": 7.205667793838304,
  "summary_bg_mad": 24.734146190475446,
  "summary_bg_mean": 82.86383056640625,
  "summary_bg_median": 32.60975646972656,
  "summary_bg_n": 75080.0,
  "summary_bg_p05": 11.533535957336426,
  "summary_bg_p95": 337.7184371948247,
  "summary_bg_stdv": 113.8807373046875,
  "summary_fg_k": 1.8031273787582816,
  "summary_fg_mad": 102.85552890882613,
  "summary_fg_mean": 836.6420288085938,
  "summary_fg_median": 831.2743530273438,
  "summary_fg_n": 38779.0,
  "summary_fg_p05": 684.3435668945312,
  "summary_fg_p95": 1011.0508972167969,
  "summary_fg_stdv": 106.54977416992188,
  "tsnr": 56.066844089655206
}