{
  "aor": 0.0012164437689969603,
  "aqi": 0.009351703282674772,
  "bids_meta": {
    "AcquisitionMatrixPE": 64,
    "AcquisitionNumber": 1,
    "AcquisitionTime": "12:21:42.722500",
    "BandwidthPerPixelPhaseEncode": 31.888,
    "BaseResolution": 64,
    "BodyPartExamined": "BRAIN",
    "ConsistencyInfo": "N4_VD13D_LATEST_20130810",
    "ConversionSoftware": "dcm2niix",
    "ConversionSoftwareVersion": "v1.0.20181125  GCC5.4.0",
    "DerivedVendorReportedEchoSpacing": 0.000489996,
    "DeviceSerialNumber": "66020",
    "DwellTime": 3.3e-06,
    "EchoTime": 0.024,
    "EchoTrainLength": 64,
    "EffectiveEchoSpacing": 0.000489996,
    "FlipAngle": 87,
    "ImageOrientationPatientDICOM": [
      0.997926,
      0.0496649,
      0.040952,
      -0.0383364,
      0.969594,
      -0.241696
    ],
    "ImageType": [
      "ORIGINAL",
      "PRIMARY",
      "M",
      "ND",
      "NORM",
      "MOSAIC"
    ],
    "ImagingFrequency": 123.262,
    "InPlanePhaseEncodingDirectionDICOM": "COL",
    "InstitutionAddress": "Fanglan_Rd._49_Taipei_Da_An_TW_10672",
    "InstitutionName": "NTU_NCSC",
    "InstitutionalDepartmentName": "Department",
    "MRAcquisitionType": "2D",
    "MagneticFieldStrength": 3,
    "Manufacturer": "Siemens",
    "ManufacturersModelName": "Prisma",
    "PartialFourier": 1,
    "PatientPosition": "HFS",
    "PercentPhaseFOV": 100,
    "PhaseEncodingDirection": "j-",
    "PhaseEncodingSteps": 64,
    "PhaseResolution": 1,
    "PixelBandwidth": 2365,
    "ProcedureStepDescription": "NTU_Brain",
    "ProtocolName": "ep2d_bold_64x64_3mm_iso_330TR",
    "PulseSequenceDetails": "%SiemensSeq%_ep2d_bold",
    "ReceiveCoilActiveElements": "HE1-4",
    "ReceiveCoilName": "HeadNeck_20",
    "ReconMatrixPE": 64,
    "RepetitionTime": 2,
    "SAR": 0.12042,
    "ScanOptions": "FS",
    "ScanningSequence": "EP",
    "SequenceName": "_epfid2d1_64",
    "SequenceVariant": "SK",
    "SeriesDescription": "ep2d_bold_64x64_3mm_iso_330TR",
    "SeriesNumber": 5,
    "ShimSetting": [
      -2968,
      -3631,
      -5560,
      474,
      -131,
      257,
      -327,
      22
    ],
    "SliceThickness": 3,
    "SliceTiming": [
      0.9875,
      0,
      1.0425,
      0.055,
      1.0975,
      0.11,
      1.1525,
      0.165,
      1.2075,
      0.22,
      1.2625,
      0.275,
      1.3175,
      0.33,
      1.3725,
      0.3825,
      1.4275,
      0.4375,
      1.4825,
      0.4925,
      1.5375,
      0.5475,
      1.5925,
      0.6025,
      1.6475,
      0.6575,
      1.7025,
      0.7125,
      1.7575,
      0.7675,
      1.8125,
      0.8225,
      1.8675,
      0.8775,
      1.9225,
      0.9325
    ],
    "SoftwareVersions": "syngo_MR_D13D",
    "SpacingBetweenSlices": 3,
    "StationName": "AWP66020",
    "TaskName": "OTCG",
    "TotalReadoutTime": 0.0308698,
    "TxRefAmp": 264.024,
    "VendorReportedEchoSpacing": 0.00049,
    "dataset": "ds004103",
    "modality": "bold",
    "run_id": 2,
    "subject_id": "s39B",
    "task_id": "OTCG"
  },
  "dummy_trs": 1,
  "dvars_nstd": 20.266487275914635,
  "dvars_std": 1.2314389702439017,
  "dvars_vstd": 0.9887346339634143,
  "efc": 0.6134476670171124,
  "fber": 688.9811401367188,
  "fd_mean": 0.11410056808532819,
  "fd_num": 17,
  "fd_perc": 5.167173252279635,
  "fwhm_avg": 1.7329933333333332,
  "fwhm_x": 1.6696566666666666,
  "fwhm_y": 1.7733133333333333,
  "fwhm_z": 1.75601,
  "gcor": 0.0228424,
  "gsr_x": 0.008022421970963478,
  "gsr_y": 0.03079320304095745,
  "provenance": {
    "md5sum": "6d2c59ada9e81128d94961f53db4bf41",
    "settings": {
      "fd_thres": 0.2,
      "testing": false
    },
    "software": "mriqc",
    "version": "23.0.1",
    "webapi_port": null,
    "webapi_url": "https://mriqc.nimh.nih.gov/api/v1"
  },
  "size_t": 329,
  "size_x": 64,
  "size_y": 64,
  "size_z": 36,
  "snr": 8.165894593339504,
  "spacing_tr": 2.0,
  "spacing_x": 3.0,
  "spacing_y": 3.0,
  "spacing_z": 3.0,
  "summary_bg_k": 20.728980389024997,
  "summary_bg_mad": 21.004282691473904,
  "summary_bg_mean": 62.59281921386719,
  "summary_bg_median": 31.15501594543457,
  "summary_bg_n": 76293.0,
  "summary_bg_p05": 13.425532341003418,
  "summary_bg_p95": 218.81763916015606,
  "summary_bg_stdv": 91.7401351928711,
  "summary_fg_k": 2.8653826782386176,
  "summary_fg_mad": 92.50043379352203,
  "summary_fg_mean": 834.9747314453125,
  "summary_fg_median": 832.7644653320312,
  "summary_fg_n": 37664.0,
  "summary_fg_p05": 682.5262756347656,
  "summary_fg_p95": 994.9878540039062,
  "summary_fg_stdv": 101.97944641113281,
  "tsnr": 79.23559546470642
}