{
  "aor": 0.0025518541033434654,
  "aqi": 0.017014162310030397,
  "bids_meta": {
    "AcquisitionMatrixPE": 64,
    "AcquisitionNumber": 1,
    "AcquisitionTime": "12:38:11.210000",
    "BandwidthPerPixelPhaseEncode": 31.888,
    "BaseResolution": 64,
    "BodyPartExamined": "BRAIN",
    "ConsistencyInfo": "N4_VD13D_LATEST_20130810",
    "ConversionSoftware": "dcm2niix",
    "ConversionSoftwareVersion": "v1.0.20181125  GCC5.4.0",
    "DerivedVendorReportedEchoSpacing": 0.000489996,
    "DeviceSerialNumber": "66020",
    "DwellTime": 3.3e-06,
    "EchoTime": 0.024,
    "EchoTrainLength": 64,
    "EffectiveEchoSpacing": 0.000489996,
    "FlipAngle": 87,
    "ImageOrientationPatientDICOM": [
      0.997926,
      0.0496649,
      0.040952,
      -0.0383364,
      0.969594,
      -0.241696
    ],
    "ImageType": [
      "ORIGINAL",
      "PRIMARY",
      "M",
      "ND",
      "NORM",
      "MOSAIC"
    ],
    "ImagingFrequency": 123.262,
    "InPlanePhaseEncodingDirectionDICOM": "COL",
    "InstitutionAddress": "Fanglan_Rd._49_Taipei_Da_An_TW_10672",
    "InstitutionName": "NTU_NCSC",
    "InstitutionalDepartmentName": "Department",
    "MRAcquisitionType": "2D",
    "MagneticFieldStrength": 3,
    "Manufacturer": "Siemens",
    "ManufacturersModelName": "Prisma",
    "PartialFourier": 1,
    "PatientPosition": "HFS",
    "PercentPhaseFOV": 100,
    "PhaseEncodingDirection": "j-",
    "PhaseEncodingSteps": 64,
    "PhaseResolution": 1,
    "PixelBandwidth": 2365,
    "ProcedureStepDescription": "NTU_Brain",
    "ProtocolName": "ep2d_bold_64x64_3mm_iso_330TR",
    "PulseSequenceDetails": "%SiemensSeq%_ep2d_bold",
    "ReceiveCoilActiveElements": "HE1-4",
    "ReceiveCoilName": "HeadNeck_20",
    "ReconMatrixPE": 64,
    "RepetitionTime": 2,
    "SAR": 0.12042,
    "ScanOptions": "FS",
    "ScanningSequence": "EP",
    "SequenceName": "_epfid2d1_64",
    "SequenceVariant": "SK",
    "SeriesDescription": "ep2d_bold_64x64_3mm_iso_330TR",
    "SeriesNumber": 8,
    "ShimSetting": [
      -2968,
      -3631,
      -5560,
      474,
      -131,
      257,
      -327,
      22
    ],
    "SliceThickness": 3,
    "SliceTiming": [
      0.99,
      0,
      1.045,
      0.055,
      1.1,
      0.11,
      1.155,
      0.165,
      1.21,
      0.22,
      1.265,
      0.275,
      1.32,
      0.33,
      1.375,
      0.385,
      1.43,
      0.44,
      1.485,
      0.495,
      1.54,
      0.55,
      1.595,
      0.605,
      1.65,
      0.66,
      1.705,
      0.715,
      1.76,
      0.77,
      1.815,
      0.825,
      1.87,
      0.88,
      1.925,
      0.935
    ],
    "SoftwareVersions": "syngo_MR_D13D",
    "SpacingBetweenSlices": 3,
    "StationName": "AWP66020",
    "TaskName": "OTCG",
    "TotalReadoutTime": 0.0308698,
    "TxRefAmp": 264.024,
    "VendorReportedEchoSpacing": 0.00049,
    "dataset": "ds004103",
    "modality": "bold",
    "run_id": 3,
    "subject_id": "s39B",
    "task_id": "OTCG"
  },
  "dummy_trs": 1,
  "dvars_nstd": 21.1763793404878,
  "dvars_std": 1.1717762716768283,
  "dvars_vstd": 0.9820807280182922,
  "efc": 0.6128228507497309,
  "fber": 683.27001953125,
  "fd_mean": 0.1619894559734899,
  "fd_num": 56,
  "fd_perc": 17.02127659574468,
  "fwhm_avg": 1.7546766666666667,
  "fwhm_x": 1.6910333333333334,
  "fwhm_y": 1.79195,
  "fwhm_z": 1.7810466666666667,
  "gcor": 0.0259112,
  "gsr_x": 0.008404640480875969,
  "gsr_y": 0.029536172747612,
  "provenance": {
    "md5sum": "73e7c67552a55fa904f240bbe92fd49c",
    "settings": {
      "fd_thres": 0.2,
      "testing": false
    },
    "software": "mriqc",
    "version": "23.0.1",
    "webapi_port": null,
    "webapi_url": "https://mriqc.nimh.nih.gov/api/v1"
  },
  "size_t": 329,
  "size_x": 64,
  "size_y": 64,
  "size_z": 36,
  "snr": 8.178367541996163,
  "spacing_tr": 2.0,
  "spacing_x": 3.0,
  "spacing_y": 3.0,
  "spacing_z": 3.0,
  "summary_bg_k": 20.986945226662716,
  "summary_bg_mad": 21.105676284013935,
  "summary_bg_mean": 62.729854583740234,
  "summary_bg_median": 31.272037506103516,
  "summary_bg_n": 76418.0,
  "summary_bg_p05": 13.519757270812988,
  "summary_bg_p95": 217.5729492187498,
  "summary_bg_stdv": 91.35050964355469,
  "summary_fg_k": 2.84258895274371,
  "summary_fg_mad": 92.54319072395685,
  "summary_fg_mean": 835.725341796875,
  "summary_fg_median": 834.013671875,
  "summary_fg_n": 37520.0,
  "summary_fg_p05": 683.912939453125,
  "summary_fg_p95": 994.9165893554687,
  "summary_fg_stdv": 101.97665405273438,
  "tsnr": 60.56384213734418
}