{
  "aor": 0.002674242424242424,
  "aqi": 0.01500738184848485,
  "bids_meta": {
    "AcquisitionMatrixPE": 64,
    "AcquisitionNumber": 1,
    "AcquisitionTime": "12:49:55.832500",
    "BandwidthPerPixelPhaseEncode": 31.888,
    "BaseResolution": 64,
    "BodyPartExamined": "BRAIN",
    "ConsistencyInfo": "N4_VD13D_LATEST_20130810",
    "ConversionSoftware": "dcm2niix",
    "ConversionSoftwareVersion": "v1.0.20181125  GCC5.4.0",
    "DerivedVendorReportedEchoSpacing": 0.000489996,
    "DeviceSerialNumber": "66020",
    "DwellTime": 3.3e-06,
    "EchoTime": 0.024,
    "EchoTrainLength": 64,
    "EffectiveEchoSpacing": 0.000489996,
    "FlipAngle": 87,
    "ImageOrientationPatientDICOM": [
      0.997926,
      0.0496649,
      0.040952,
      -0.0383364,
      0.969594,
      -0.241696
    ],
    "ImageType": [
      "ORIGINAL",
      "PRIMARY",
      "M",
      "ND",
      "NORM",
      "MOSAIC"
    ],
    "ImagingFrequency": 123.262,
    "InPlanePhaseEncodingDirectionDICOM": "COL",
    "InstitutionAddress": "Fanglan_Rd._49_Taipei_Da_An_TW_10672",
    "InstitutionName": "NTU_NCSC",
    "InstitutionalDepartmentName": "Department",
    "MRAcquisitionType": "2D",
    "MagneticFieldStrength": 3,
    "Manufacturer": "Siemens",
    "ManufacturersModelName": "Prisma",
    "PartialFourier": 1,
    "PatientPosition": "HFS",
    "PercentPhaseFOV": 100,
    "PhaseEncodingDirection": "j-",
    "PhaseEncodingSteps": 64,
    "PhaseResolution": 1,
    "PixelBandwidth": 2365,
    "ProcedureStepDescription": "NTU_Brain",
    "ProtocolName": "ep2d_bold_64x64_3mm_iso_330TR",
    "PulseSequenceDetails": "%SiemensSeq%_ep2d_bold",
    "ReceiveCoilActiveElements": "HE1-4",
    "ReceiveCoilName": "HeadNeck_20",
    "ReconMatrixPE": 64,
    "RepetitionTime": 2,
    "SAR": 0.12042,
    "ScanOptions": "FS",
    "ScanningSequence": "EP",
    "SequenceName": "_epfid2d1_64",
    "SequenceVariant": "SK",
    "SeriesDescription": "ep2d_bold_64x64_3mm_iso_330TR",
    "SeriesNumber": 9,
    "ShimSetting": [
      -2968,
      -3631,
      -5560,
      474,
      -131,
      257,
      -327,
      22
    ],
    "SliceThickness": 3,
    "SliceTiming": [
      0.99,
      0,
      1.045,
      0.055,
      1.1,
      0.11,
      1.155,
      0.165,
      1.21,
      0.22,
      1.265,
      0.275,
      1.32,
      0.33,
      1.375,
      0.385,
      1.43,
      0.44,
      1.485,
      0.495,
      1.54,
      0.55,
      1.595,
      0.605,
      1.65,
      0.66,
      1.705,
      0.715,
      1.76,
      0.77,
      1.815,
      0.825,
      1.87,
      0.88,
      1.925,
      0.935
    ],
    "SoftwareVersions": "syngo_MR_D13D",
    "SpacingBetweenSlices": 3,
    "StationName": "AWP66020",
    "TaskName": "OTCG",
    "TotalReadoutTime": 0.0308698,
    "TxRefAmp": 264.024,
    "VendorReportedEchoSpacing": 0.00049,
    "dataset": "ds004103",
    "modality": "bold",
    "run_id": 4,
    "subject_id": "s39B",
    "task_id": "OTCG"
  },
  "dummy_trs": 0,
  "dvars_nstd": 20.863628456990867,
  "dvars_std": 1.183736596109423,
  "dvars_vstd": 0.9760261640425525,
  "efc": 0.6125287661437173,
  "fber": 696.1865234375,
  "fd_mean": 0.15408697625364284,
  "fd_num": 53,
  "fd_perc": 16.060606060606062,
  "fwhm_avg": 1.731948888888889,
  "fwhm_x": 1.6767066666666668,
  "fwhm_y": 1.7782600000000002,
  "fwhm_z": 1.74088,
  "gcor": 0.0267114,
  "gsr_x": 0.008351986296474934,
  "gsr_y": 0.03006891906261444,
  "provenance": {
    "md5sum": "9fcf381a1e024d5a54051e62b902173a",
    "settings": {
      "fd_thres": 0.2,
      "testing": false
    },
    "software": "mriqc",
    "version": "23.0.1",
    "webapi_port": null,
    "webapi_url": "https://mriqc.nimh.nih.gov/api/v1"
  },
  "size_t": 330,
  "size_x": 64,
  "size_y": 64,
  "size_z": 36,
  "snr": 8.195432210839822,
  "spacing_tr": 2.0,
  "spacing_x": 3.0,
  "spacing_y": 3.0,
  "spacing_z": 3.0,
  "summary_bg_k": 22.001791318562628,
  "summary_bg_mad": 21.291065187711713,
  "summary_bg_mean": 63.30148696899414,
  "summary_bg_median": 31.299999237060547,
  "summary_bg_n": 76536.0,
  "summary_bg_p05": 13.360605239868164,
  "summary_bg_p95": 218.8454475402832,
  "summary_bg_stdv": 93.41732788085938,
  "summary_fg_k": 2.6947179240405967,
  "summary_fg_mad": 94.01493403949488,
  "summary_fg_mean": 843.555419921875,
  "summary_fg_median": 840.8287353515625,
  "summary_fg_n": 37438.0,
  "summary_fg_p05": 692.414193725586,
  "summary_fg_p95": 1005.3110290527344,
  "summary_fg_stdv": 102.59587097167969,
  "tsnr": 65.41976557578892
}