{
  "bids_meta": {
    "AcquisitionMatrixPE": 224,
    "AcquisitionNumber": 1,
    "AcquisitionTime": "10:37:14.000000",
    "BodyPartExamined": "HEAD",
    "CoilString": "8HRBRAIN",
    "ConversionSoftware": "dcm2niix",
    "ConversionSoftwareVersion": "v1.0.20181125  GCC5.4.0",
    "DeviceSerialNumber": "00000000GEMRGEMR",
    "EchoTime": 0.002944,
    "FlipAngle": 12,
    "ImageOrientationPatientDICOM": [
      -0.116559,
      0.991707,
      -0.0541367,
      -0.000179563,
      -0.0545294,
      -0.998512
    ],
    "ImageType": [
      "ORIGINAL",
      "PRIMARY",
      "OTHER"
    ],
    "ImagingFrequency": 127.764,
    "InPlanePhaseEncodingDirectionDICOM": "ROW",
    "InstitutionName": "NCKU",
    "InversionTime": 0.45,
    "MRAcquisitionType": "3D",
    "MagneticFieldStrength": 3,
    "Manufacturer": "GE",
    "ManufacturersModelName": "DISCOVERY_MR750",
    "Modality": "MR",
    "PatientPosition": "HFS",
    "PercentPhaseFOV": 100,
    "PixelBandwidth": 244.141,
    "ProtocolName": "T1_SAG_FSPGR_BRAVO_ASSET",
    "ReconMatrixPE": 256,
    "RepetitionTime": 0.007704,
    "SAR": 0.2096,
    "ScanOptions": "FAST_GEMS_EDR_GEMS_ACC_GEMS",
    "ScanningSequence": "GR",
    "SequenceVariant": "SS_SK",
    "SeriesDescription": "T1_SAG_FSPGR_BRAVO_ASSET",
    "SeriesNumber": 3,
    "SliceThickness": 1,
    "SoftwareVersions": "27_LX_MR_Software_release:DV25.1_R02_1649.a",
    "SpacingBetweenSlices": 1,
    "StationName": "GEMRGEMR",
    "dataset": "ds004103",
    "modality": "T1w",
    "subject_id": "s65A"
  },
  "cjv": 0.34386240678874996,
  "cnr": 3.984242052997688,
  "efc": 0.5665603006537879,
  "fber": 8570.644938271605,
  "fwhm_avg": 4.40473619047619,
  "fwhm_x": 3.99862,
  "fwhm_y": 4.733862857142857,
  "fwhm_z": 4.481725714285714,
  "icvs_csf": 0.19349320964066302,
  "icvs_gm": 0.4548981622955139,
  "icvs_wm": 0.3516086280638231,
  "inu_med": 0.5639960765838623,
  "inu_range": 0.22968545258045192,
  "provenance": {
    "md5sum": "f5d53687cc9c87779e5b6df41ffedee7",
    "settings": {
      "testing": false
    },
    "software": "mriqc",
    "version": "23.0.1",
    "warnings": {
      "large_rot_frame": true,
      "small_air_mask": false
    },
    "webapi_port": null,
    "webapi_url": "https://mriqc.nimh.nih.gov/api/v1"
  },
  "qi_1": 0.0,
  "qi_2": 0.0003711160031710894,
  "rpve_csf": 20.523408553147135,
  "rpve_gm": 9.42176973880791,
  "rpve_wm": 13.559732222500406,
  "size_x": 166,
  "size_y": 256,
  "size_z": 256,
  "snr_csf": 1.9576836185364466,
  "snr_gm": 11.712296395399228,
  "snr_total": 11.332902241554388,
  "snr_wm": 20.328726710727494,
  "snrd_csf": 17.902390125532097,
  "snrd_gm": 52.10227664405373,
  "snrd_total": 48.48640708093203,
  "snrd_wm": 75.45455447321027,
  "spacing_x": 1.0,
  "spacing_y": 0.875,
  "spacing_z": 0.875,
  "summary_bg_k": 7.653573408554369,
  "summary_bg_mad": 8.682529609529645,
  "summary_bg_mean": 8.413207393855783,
  "summary_bg_median": 5.856277227401733,
  "summary_bg_n": 2790454.0,
  "summary_bg_p05": 0.0,
  "summary_bg_p95": 31.640164464712143,
  "summary_bg_stdv": 11.760314133258857,
  "summary_csf_k": -0.051022183837803325,
  "summary_csf_mad": 124.87165848149928,
  "summary_csf_mean": 247.74993701406487,
  "summary_csf_median": 237.26056489348412,
  "summary_csf_n": 35637.0,
  "summary_csf_p05": 68.36390291154385,
  "summary_csf_p95": 464.31331323087215,
  "summary_csf_stdv": 121.19283921676795,
  "summary_gm_k": 0.11361817878282121,
  "summary_gm_mad": 58.245302797261374,
  "summary_gm_mean": 690.6616007171732,
  "summary_gm_median": 690.5120211392641,
  "summary_gm_n": 65782.0,
  "summary_gm_p05": 593.7614411115646,
  "summary_gm_p95": 786.9758875943719,
  "summary_gm_stdv": 58.95571195610883,
  "summary_wm_k": 0.2196351776372807,
  "summary_wm_mad": 48.175980263987405,
  "summary_wm_mean": 1000.7791701183874,
  "summary_wm_median": 1000.0000051707029,
  "summary_wm_n": 265900.0,
  "summary_wm_p05": 921.3062799274921,
  "summary_wm_p95": 1082.7605895996094,
  "summary_wm_stdv": 49.191380207549216,
  "tpm_overlap_csf": 0.15464275477714257,
  "tpm_overlap_gm": 0.48195731783488527,
  "tpm_overlap_wm": 0.5287971411753805,
  "wm2max": 0.43596744738568466
}