{
  "aor": 0.0007313981762917933,
  "aqi": 0.012502259604863222,
  "bids_meta": {
    "AcquisitionMatrixPE": 64,
    "AcquisitionNumber": 1,
    "AcquisitionTime": "09:30:57.012500",
    "BandwidthPerPixelPhaseEncode": 31.888,
    "BaseResolution": 64,
    "BodyPartExamined": "BRAIN",
    "ConsistencyInfo": "N4_VD13D_LATEST_20130810",
    "ConversionSoftware": "dcm2niix",
    "ConversionSoftwareVersion": "v1.0.20181125  GCC5.4.0",
    "DerivedVendorReportedEchoSpacing": 0.000489996,
    "DeviceSerialNumber": "66020",
    "DwellTime": 3.3e-06,
    "EchoTime": 0.024,
    "EchoTrainLength": 64,
    "EffectiveEchoSpacing": 0.000489996,
    "FlipAngle": 87,
    "ImageOrientationPatientDICOM": [
      0.999873,
      0.0158411,
      0.00198918,
      -0.0157073,
      0.998354,
      -0.0551618
    ],
    "ImageType": [
      "ORIGINAL",
      "PRIMARY",
      "M",
      "ND",
      "NORM",
      "MOSAIC"
    ],
    "ImagingFrequency": 123.262,
    "InPlanePhaseEncodingDirectionDICOM": "COL",
    "InstitutionAddress": "Fanglan_Rd._49_Taipei_Da_An_TW_10672",
    "InstitutionName": "NTU_NCSC",
    "InstitutionalDepartmentName": "Department",
    "MRAcquisitionType": "2D",
    "MagneticFieldStrength": 3,
    "Manufacturer": "Siemens",
    "ManufacturersModelName": "Prisma",
    "PartialFourier": 1,
    "PatientPosition": "HFS",
    "PercentPhaseFOV": 100,
    "PhaseEncodingDirection": "j-",
    "PhaseEncodingSteps": 64,
    "PhaseResolution": 1,
    "PixelBandwidth": 2365,
    "ProcedureStepDescription": "NTU_Brain",
    "ProtocolName": "ep2d_bold_64x64_3mm_iso_330TR",
    "PulseSequenceDetails": "%SiemensSeq%_ep2d_bold",
    "ReceiveCoilActiveElements": "HE1-4",
    "ReceiveCoilName": "HeadNeck_20",
    "ReconMatrixPE": 64,
    "RepetitionTime": 2,
    "SAR": 0.105599,
    "ScanOptions": "FS",
    "ScanningSequence": "EP",
    "SequenceName": "_epfid2d1_64",
    "SequenceVariant": "SK",
    "SeriesDescription": "ep2d_bold_64x64_3mm_iso_330TR",
    "SeriesNumber": 3,
    "ShimSetting": [
      -3025,
      -3818,
      -5525,
      259,
      -107,
      21,
      -16,
      20
    ],
    "SliceThickness": 3,
    "SliceTiming": [
      0.99,
      0,
      1.045,
      0.055,
      1.1,
      0.11,
      1.155,
      0.165,
      1.21,
      0.22,
      1.265,
      0.275,
      1.32,
      0.33,
      1.375,
      0.385,
      1.43,
      0.44,
      1.485,
      0.495,
      1.54,
      0.55,
      1.595,
      0.605,
      1.65,
      0.66,
      1.705,
      0.715,
      1.76,
      0.77,
      1.815,
      0.825,
      1.87,
      0.88,
      1.925,
      0.935
    ],
    "SoftwareVersions": "syngo_MR_D13D",
    "SpacingBetweenSlices": 3,
    "StationName": "AWP66020",
    "TaskName": "OTCG",
    "TotalReadoutTime": 0.0308698,
    "TxRefAmp": 262.861,
    "VendorReportedEchoSpacing": 0.00049,
    "dataset": "ds004103",
    "modality": "bold",
    "run_id": 1,
    "subject_id": "s61B",
    "task_id": "OTCG"
  },
  "dummy_trs": 1,
  "dvars_nstd": 17.424876745121974,
  "dvars_std": 1.0727244313414637,
  "dvars_vstd": 0.9440143239329268,
  "efc": 0.6519591279572027,
  "fber": 674.5117797851562,
  "fd_mean": 0.09380480324281969,
  "fd_num": 0,
  "fd_perc": 0.0,
  "fwhm_avg": 1.866691111111111,
  "fwhm_x": 1.8364366666666667,
  "fwhm_y": 1.9765066666666666,
  "fwhm_z": 1.78713,
  "gcor": 0.0203403,
  "gsr_x": -0.0012747969012707472,
  "gsr_y": 0.05155526101589203,
  "provenance": {
    "md5sum": "c9d09601c6ab67ec262517703bd846df",
    "settings": {
      "fd_thres": 0.2,
      "testing": false
    },
    "software": "mriqc",
    "version": "23.0.1",
    "webapi_port": null,
    "webapi_url": "https://mriqc.nimh.nih.gov/api/v1"
  },
  "size_t": 329,
  "size_x": 64,
  "size_y": 64,
  "size_z": 36,
  "snr": 8.204299722632067,
  "spacing_tr": 2.0,
  "spacing_x": 3.0,
  "spacing_y": 3.0,
  "spacing_z": 3.0,
  "summary_bg_k": 12.337612334836109,
  "summary_bg_mad": 20.88711682515741,
  "summary_bg_mean": 73.56954956054688,
  "summary_bg_median": 30.81155014038086,
  "summary_bg_n": 69549.0,
  "summary_bg_p05": 13.316109657287598,
  "summary_bg_p95": 264.71002807617174,
  "summary_bg_stdv": 97.53907775878906,
  "summary_fg_k": 1.8964603746168152,
  "summary_fg_mad": 92.00920417052657,
  "summary_fg_mean": 826.9029541015625,
  "summary_fg_median": 825.3054809570312,
  "summary_fg_n": 42756.0,
  "summary_fg_p05": 673.4604949951172,
  "summary_fg_p95": 985.8526000976562,
  "summary_fg_stdv": 100.59308624267578,
  "tsnr": 70.26126869115978
}