{
  "aor": 0.0005829483282674771,
  "aqi": 0.006571195653495441,
  "bids_meta": {
    "AcquisitionMatrixPE": 64,
    "AcquisitionNumber": 1,
    "AcquisitionTime": "09:54:42.682500",
    "BandwidthPerPixelPhaseEncode": 31.888,
    "BaseResolution": 64,
    "BodyPartExamined": "BRAIN",
    "ConsistencyInfo": "N4_VD13D_LATEST_20130810",
    "ConversionSoftware": "dcm2niix",
    "ConversionSoftwareVersion": "v1.0.20181125  GCC5.4.0",
    "DerivedVendorReportedEchoSpacing": 0.000489996,
    "DeviceSerialNumber": "66020",
    "DwellTime": 3.3e-06,
    "EchoTime": 0.024,
    "EchoTrainLength": 64,
    "EffectiveEchoSpacing": 0.000489996,
    "FlipAngle": 87,
    "ImageOrientationPatientDICOM": [
      0.999873,
      0.0158411,
      0.00198918,
      -0.0157073,
      0.998354,
      -0.0551618
    ],
    "ImageType": [
      "ORIGINAL",
      "PRIMARY",
      "M",
      "ND",
      "NORM",
      "MOSAIC"
    ],
    "ImagingFrequency": 123.262,
    "InPlanePhaseEncodingDirectionDICOM": "COL",
    "InstitutionAddress": "Fanglan_Rd._49_Taipei_Da_An_TW_10672",
    "InstitutionName": "NTU_NCSC",
    "InstitutionalDepartmentName": "Department",
    "MRAcquisitionType": "2D",
    "MagneticFieldStrength": 3,
    "Manufacturer": "Siemens",
    "ManufacturersModelName": "Prisma",
    "PartialFourier": 1,
    "PatientPosition": "HFS",
    "PercentPhaseFOV": 100,
    "PhaseEncodingDirection": "j-",
    "PhaseEncodingSteps": 64,
    "PhaseResolution": 1,
    "PixelBandwidth": 2365,
    "ProcedureStepDescription": "NTU_Brain",
    "ProtocolName": "ep2d_bold_64x64_3mm_iso_330TR",
    "PulseSequenceDetails": "%SiemensSeq%_ep2d_bold",
    "ReceiveCoilActiveElements": "HE1-4",
    "ReceiveCoilName": "HeadNeck_20",
    "ReconMatrixPE": 64,
    "RepetitionTime": 2,
    "SAR": 0.105599,
    "ScanOptions": "FS",
    "ScanningSequence": "EP",
    "SequenceName": "_epfid2d1_64",
    "SequenceVariant": "SK",
    "SeriesDescription": "ep2d_bold_64x64_3mm_iso_330TR",
    "SeriesNumber": 5,
    "ShimSetting": [
      -3025,
      -3818,
      -5525,
      259,
      -107,
      21,
      -16,
      20
    ],
    "SliceThickness": 3,
    "SliceTiming": [
      0.99,
      0,
      1.045,
      0.055,
      1.1,
      0.11,
      1.155,
      0.165,
      1.21,
      0.22,
      1.2625,
      0.275,
      1.3175,
      0.33,
      1.3725,
      0.385,
      1.4275,
      0.44,
      1.4825,
      0.495,
      1.5375,
      0.55,
      1.5925,
      0.605,
      1.6475,
      0.66,
      1.7025,
      0.715,
      1.7575,
      0.77,
      1.8125,
      0.825,
      1.8675,
      0.88,
      1.9225,
      0.935
    ],
    "SoftwareVersions": "syngo_MR_D13D",
    "SpacingBetweenSlices": 3,
    "StationName": "AWP66020",
    "TaskName": "OTCG",
    "TotalReadoutTime": 0.0308698,
    "TxRefAmp": 262.861,
    "VendorReportedEchoSpacing": 0.00049,
    "dataset": "ds004103",
    "modality": "bold",
    "run_id": 3,
    "subject_id": "s61B",
    "task_id": "OTCG"
  },
  "dummy_trs": 1,
  "dvars_nstd": 17.061701995670738,
  "dvars_std": 1.1621311836585357,
  "dvars_vstd": 0.9832640532317065,
  "efc": 0.6549150388418429,
  "fber": 631.5184326171875,
  "fd_mean": 0.07437301687054473,
  "fd_num": 0,
  "fd_perc": 0.0,
  "fwhm_avg": 1.8277166666666667,
  "fwhm_x": 1.7700333333333333,
  "fwhm_y": 1.92541,
  "fwhm_z": 1.7877066666666668,
  "gcor": 0.0123709,
  "gsr_x": -0.0012206663377583027,
  "gsr_y": 0.052264828234910965,
  "provenance": {
    "md5sum": "78ea631776a015774a946908d37412fa",
    "settings": {
      "fd_thres": 0.2,
      "testing": false
    },
    "software": "mriqc",
    "version": "23.0.1",
    "webapi_port": null,
    "webapi_url": "https://mriqc.nimh.nih.gov/api/v1"
  },
  "size_t": 329,
  "size_x": 64,
  "size_y": 64,
  "size_z": 36,
  "snr": 8.281704362406764,
  "spacing_tr": 2.0,
  "spacing_x": 3.0,
  "spacing_y": 3.0,
  "spacing_z": 3.0,
  "summary_bg_k": 11.50106470219318,
  "summary_bg_mad": 21.833458907423907,
  "summary_bg_mean": 77.47523498535156,
  "summary_bg_median": 31.844985961914062,
  "summary_bg_n": 69573.0,
  "summary_bg_p05": 13.668693542480469,
  "summary_bg_p95": 283.01276855468694,
  "summary_bg_stdv": 103.24234008789062,
  "summary_fg_k": 2.2888679892938155,
  "summary_fg_mad": 91.79510280034931,
  "summary_fg_mean": 834.0728759765625,
  "summary_fg_median": 832.1884765625,
  "summary_fg_n": 42681.0,
  "summary_fg_p05": 683.97265625,
  "summary_fg_p95": 991.5896606445312,
  "summary_fg_stdv": 100.48399353027344,
  "tsnr": 91.77046333067119
}