{
  "aor": 0.0011724620060790272,
  "aqi": 0.00519483726443769,
  "bids_meta": {
    "AcquisitionMatrixPE": 64,
    "AcquisitionNumber": 1,
    "AcquisitionTime": "10:06:45.782500",
    "BandwidthPerPixelPhaseEncode": 31.888,
    "BaseResolution": 64,
    "BodyPartExamined": "BRAIN",
    "ConsistencyInfo": "N4_VD13D_LATEST_20130810",
    "ConversionSoftware": "dcm2niix",
    "ConversionSoftwareVersion": "v1.0.20181125  GCC5.4.0",
    "DerivedVendorReportedEchoSpacing": 0.000489996,
    "DeviceSerialNumber": "66020",
    "DwellTime": 3.3e-06,
    "EchoTime": 0.024,
    "EchoTrainLength": 64,
    "EffectiveEchoSpacing": 0.000489996,
    "FlipAngle": 87,
    "ImageOrientationPatientDICOM": [
      0.999873,
      0.0158411,
      0.00198918,
      -0.0157073,
      0.998354,
      -0.0551618
    ],
    "ImageType": [
      "ORIGINAL",
      "PRIMARY",
      "M",
      "ND",
      "NORM",
      "MOSAIC"
    ],
    "ImagingFrequency": 123.262,
    "InPlanePhaseEncodingDirectionDICOM": "COL",
    "InstitutionAddress": "Fanglan_Rd._49_Taipei_Da_An_TW_10672",
    "InstitutionName": "NTU_NCSC",
    "InstitutionalDepartmentName": "Department",
    "MRAcquisitionType": "2D",
    "MagneticFieldStrength": 3,
    "Manufacturer": "Siemens",
    "ManufacturersModelName": "Prisma",
    "PartialFourier": 1,
    "PatientPosition": "HFS",
    "PercentPhaseFOV": 100,
    "PhaseEncodingDirection": "j-",
    "PhaseEncodingSteps": 64,
    "PhaseResolution": 1,
    "PixelBandwidth": 2365,
    "ProcedureStepDescription": "NTU_Brain",
    "ProtocolName": "ep2d_bold_64x64_3mm_iso_330TR",
    "PulseSequenceDetails": "%SiemensSeq%_ep2d_bold",
    "ReceiveCoilActiveElements": "HE1-4",
    "ReceiveCoilName": "HeadNeck_20",
    "ReconMatrixPE": 64,
    "RepetitionTime": 2,
    "SAR": 0.105599,
    "ScanOptions": "FS",
    "ScanningSequence": "EP",
    "SequenceName": "_epfid2d1_64",
    "SequenceVariant": "SK",
    "SeriesDescription": "ep2d_bold_64x64_3mm_iso_330TR",
    "SeriesNumber": 6,
    "ShimSetting": [
      -3025,
      -3818,
      -5525,
      259,
      -107,
      21,
      -16,
      20
    ],
    "SliceThickness": 3,
    "SliceTiming": [
      0.99,
      0,
      1.045,
      0.055,
      1.1,
      0.11,
      1.155,
      0.165,
      1.21,
      0.22,
      1.265,
      0.275,
      1.32,
      0.33,
      1.375,
      0.385,
      1.43,
      0.44,
      1.485,
      0.495,
      1.54,
      0.55,
      1.595,
      0.605,
      1.65,
      0.66,
      1.705,
      0.715,
      1.76,
      0.77,
      1.815,
      0.825,
      1.87,
      0.88,
      1.925,
      0.935
    ],
    "SoftwareVersions": "syngo_MR_D13D",
    "SpacingBetweenSlices": 3,
    "StationName": "AWP66020",
    "TaskName": "OTCG",
    "TotalReadoutTime": 0.0308698,
    "TxRefAmp": 262.861,
    "VendorReportedEchoSpacing": 0.00049,
    "dataset": "ds004103",
    "modality": "bold",
    "run_id": 4,
    "subject_id": "s61B",
    "task_id": "OTCG"
  },
  "dummy_trs": 1,
  "dvars_nstd": 17.782539231006087,
  "dvars_std": 1.2195044572865856,
  "dvars_vstd": 1.0119816095121956,
  "efc": 0.655836129991141,
  "fber": 612.1065063476562,
  "fd_mean": 0.08655859523615247,
  "fd_num": 9,
  "fd_perc": 2.735562310030395,
  "fwhm_avg": 1.8287399999999998,
  "fwhm_x": 1.7722466666666667,
  "fwhm_y": 1.9221266666666665,
  "fwhm_z": 1.7918466666666666,
  "gcor": 0.0291444,
  "gsr_x": -0.0009301615064032376,
  "gsr_y": 0.052219923585653305,
  "provenance": {
    "md5sum": "208ba9352bd56196a782ec194b85bde4",
    "settings": {
      "fd_thres": 0.2,
      "testing": false
    },
    "software": "mriqc",
    "version": "23.0.1",
    "webapi_port": null,
    "webapi_url": "https://mriqc.nimh.nih.gov/api/v1"
  },
  "size_t": 329,
  "size_x": 64,
  "size_y": 64,
  "size_z": 36,
  "snr": 8.340173653524252,
  "spacing_tr": 2.0,
  "spacing_x": 3.0,
  "spacing_y": 3.0,
  "spacing_z": 3.0,
  "summary_bg_k": 11.286552405321169,
  "summary_bg_mad": 22.06328306418963,
  "summary_bg_mean": 78.82735443115234,
  "summary_bg_median": 32.288753509521484,
  "summary_bg_n": 69588.0,
  "summary_bg_p05": 13.970669221878053,
  "summary_bg_p95": 288.59816741943337,
  "summary_bg_stdv": 105.1971435546875,
  "summary_fg_k": 2.128658497590399,
  "summary_fg_mad": 91.80867642905878,
  "summary_fg_mean": 835.5881958007812,
  "summary_fg_median": 833.66259765625,
  "summary_fg_n": 42659.0,
  "summary_fg_p05": 685.4671691894531,
  "summary_fg_p95": 992.4741821289062,
  "summary_fg_stdv": 99.95629119873047,
  "tsnr": 99.20789048052393
}