{
  "bids_meta": {
    "AcquisitionMatrixPE": 224,
    "AcquisitionNumber": 1,
    "AcquisitionTime": "10:22:59.000000",
    "BodyPartExamined": "HEAD",
    "CoilString": "8HRBRAIN",
    "ConversionSoftware": "dcm2niix",
    "ConversionSoftwareVersion": "v1.0.20181125  GCC5.4.0",
    "DeviceSerialNumber": "00000000GEMRGEMR",
    "EchoTime": 0.002928,
    "FlipAngle": 12,
    "ImageOrientationPatientDICOM": [
      -0.00467978,
      0.999793,
      0.0197849,
      0.044369,
      0.0199732,
      -0.998816
    ],
    "ImageType": [
      "ORIGINAL",
      "PRIMARY",
      "OTHER"
    ],
    "ImagingFrequency": 127.764,
    "InPlanePhaseEncodingDirectionDICOM": "ROW",
    "InstitutionName": "NCKU",
    "InversionTime": 0.45,
    "MRAcquisitionType": "3D",
    "MagneticFieldStrength": 3,
    "Manufacturer": "GE",
    "ManufacturersModelName": "DISCOVERY_MR750",
    "Modality": "MR",
    "PatientPosition": "HFS",
    "PercentPhaseFOV": 100,
    "PixelBandwidth": 244.141,
    "ProtocolName": "T1_SAG_FSPGR_BRAVO_ASSET",
    "ReconMatrixPE": 256,
    "RepetitionTime": 0.00764,
    "SAR": 0.220131,
    "ScanOptions": "FAST_GEMS_EDR_GEMS_ACC_GEMS",
    "ScanningSequence": "GR",
    "SequenceVariant": "SS_SK",
    "SeriesDescription": "T1_SAG_FSPGR_BRAVO_ASSET",
    "SeriesNumber": 3,
    "SliceThickness": 1,
    "SoftwareVersions": "27_LX_MR_Software_release:DV25.1_R02_1649.a",
    "SpacingBetweenSlices": 1,
    "StationName": "GEMRGEMR",
    "dataset": "ds004103",
    "modality": "T1w",
    "subject_id": "s35A"
  },
  "cjv": 0.3802004588085826,
  "cnr": 3.5964337987717725,
  "efc": 0.6415039289105481,
  "fber": 4624.0,
  "fwhm_avg": 3.8707638095238095,
  "fwhm_x": 3.60476,
  "fwhm_y": 4.099131428571428,
  "fwhm_z": 3.9084,
  "icvs_csf": 0.2141776446076842,
  "icvs_gm": 0.43983454246967985,
  "icvs_wm": 0.345987812922636,
  "inu_med": 0.6970289945602417,
  "inu_range": 0.2543233036994934,
  "provenance": {
    "md5sum": "35a3c9c489ae7d943120a51eec16be7e",
    "settings": {
      "testing": false
    },
    "software": "mriqc",
    "version": "23.0.1",
    "warnings": {
      "large_rot_frame": true,
      "small_air_mask": false
    },
    "webapi_port": null,
    "webapi_url": "https://mriqc.nimh.nih.gov/api/v1"
  },
  "qi_1": 0.0,
  "qi_2": 0.0003222664032955613,
  "rpve_csf": 16.780586743707847,
  "rpve_gm": 8.403161317312716,
  "rpve_wm": 11.80856862902155,
  "size_x": 166,
  "size_y": 256,
  "size_z": 256,
  "snr_csf": 2.120628550414594,
  "snr_gm": 10.789601162667887,
  "snr_total": 10.221597774420959,
  "snr_wm": 17.754563610180394,
  "snrd_csf": 18.37541951151954,
  "snrd_gm": 55.655136994986364,
  "snrd_total": 51.58935506203749,
  "snrd_wm": 80.73750867960656,
  "spacing_x": 1.0,
  "spacing_y": 0.875,
  "spacing_z": 0.875,
  "summary_bg_k": 7.502986699666716,
  "summary_bg_mad": 8.114676675729308,
  "summary_bg_mean": 10.324299901561666,
  "summary_bg_median": 5.473266243934631,
  "summary_bg_n": 2446411.0,
  "summary_bg_p05": 0.0,
  "summary_bg_p95": 39.2022694721818,
  "summary_bg_stdv": 14.413642227355318,
  "summary_csf_k": 8.33050660435548,
  "summary_csf_mad": 97.80721230714981,
  "summary_csf_mean": 231.67501159651215,
  "summary_csf_median": 227.60235596261919,
  "summary_csf_n": 60020.0,
  "summary_csf_p05": 69.71572878211737,
  "summary_csf_p95": 412.37982435785204,
  "summary_csf_stdv": 107.3268865761252,
  "summary_gm_k": 0.06762686036812049,
  "summary_gm_mad": 63.64949517525176,
  "summary_gm_mean": 689.0476195156579,
  "summary_gm_median": 689.3578834235668,
  "summary_gm_n": 62120.0,
  "summary_gm_p05": 583.1063920674845,
  "summary_gm_p95": 793.3858603680504,
  "summary_gm_stdv": 63.8904371356983,
  "summary_wm_k": 0.36566392938135817,
  "summary_wm_mad": 54.46976718583298,
  "summary_wm_mean": 1001.6323356910336,
  "summary_wm_median": 1000.0341585949063,
  "summary_wm_n": 283821.0,
  "summary_wm_p05": 912.1882353797555,
  "summary_wm_p95": 1096.5346840582788,
  "summary_wm_stdv": 56.32537182079952,
  "tpm_overlap_csf": 0.1640716551957198,
  "tpm_overlap_gm": 0.46643542202386523,
  "tpm_overlap_wm": 0.4982840836633516,
  "wm2max": 0.5220077495848436
}