{
  "aor": 0.0013133434650455925,
  "aqi": 0.007341906504559271,
  "bids_meta": {
    "AcquisitionMatrixPE": 64,
    "AcquisitionNumber": 1,
    "AcquisitionTime": "09:43:39.000000",
    "BodyPartExamined": "HEAD",
    "CoilString": "8HRBRAIN",
    "ConversionSoftware": "dcm2niix",
    "ConversionSoftwareVersion": "v1.0.20181125  GCC5.4.0",
    "DeviceSerialNumber": "00000000GEMRGEMR",
    "EchoTime": 0.033,
    "EffectiveEchoSpacing": 0.00042,
    "FlipAngle": 90,
    "ImageOrientationPatientDICOM": [
      0.998363,
      -0.0030852,
      0.0571198,
      -0.00468302,
      0.990784,
      0.135367
    ],
    "ImageType": [
      "ORIGINAL",
      "PRIMARY",
      "EPI",
      "NONE"
    ],
    "ImagingFrequency": 127.764,
    "InPlanePhaseEncodingDirectionDICOM": "COL",
    "InstitutionName": "NCKU",
    "MRAcquisitionType": "2D",
    "MagneticFieldStrength": 3,
    "Manufacturer": "GE",
    "ManufacturersModelName": "DISCOVERY_MR750",
    "PatientPosition": "HFS",
    "PercentPhaseFOV": 100,
    "PhaseEncodingDirection": "j",
    "PhaseEncodingPolarityGE": "Flipped",
    "PixelBandwidth": 7812.5,
    "ProtocolName": "hypervote_run_2",
    "ReconMatrixPE": 64,
    "RepetitionTime": 2,
    "SAR": 0.409889,
    "ScanOptions": "EPI_GEMS_ACC_GEMS",
    "ScanningSequence": "EP_GR",
    "SequenceVariant": "SS",
    "SeriesDescription": "hypervote_run_2",
    "SeriesNumber": 5,
    "SliceThickness": 3,
    "SliceTiming": [
      0,
      1,
      0.05,
      1.05,
      0.0999999,
      1.1,
      0.15,
      1.15,
      0.2,
      1.2,
      0.25,
      1.25,
      0.3,
      1.3,
      0.35,
      1.35,
      0.4,
      1.4,
      0.45,
      1.45,
      0.5,
      1.5,
      0.55,
      1.55,
      0.6,
      1.6,
      0.65,
      1.65,
      0.7,
      1.7,
      0.75,
      1.75,
      0.8,
      1.8,
      0.85,
      1.85,
      0.9,
      1.9,
      0.95,
      1.95
    ],
    "SoftwareVersions": "27_LX_MR_Software_release:DV25.1_R02_1649.a",
    "SpacingBetweenSlices": 3,
    "StationName": "GEMRGEMR",
    "TaskName": "OTCG",
    "TotalReadoutTime": 0.02646,
    "dataset": "ds004103",
    "modality": "bold",
    "run_id": 2,
    "subject_id": "s52A",
    "task_id": "OTCG"
  },
  "dummy_trs": 1,
  "dvars_nstd": 13.794469202530495,
  "dvars_std": 0.9840997675609752,
  "dvars_vstd": 0.9498026181402445,
  "efc": 0.4556834645383534,
  "fber": 60526.60546875,
  "fd_mean": 0.1164025246436722,
  "fd_num": 35,
  "fd_perc": 10.638297872340425,
  "fwhm_avg": 2.4692426984126983,
  "fwhm_x": 2.3647400000000003,
  "fwhm_y": 2.5078714285714283,
  "fwhm_z": 2.5351166666666667,
  "gcor": 0.042093,
  "gsr_x": 0.005890076979994774,
  "gsr_y": 0.007378367241472006,
  "provenance": {
    "md5sum": "da863a5177603049d9fc0fa4ff759af6",
    "settings": {
      "fd_thres": 0.2,
      "testing": false
    },
    "software": "mriqc",
    "version": "23.0.1",
    "webapi_port": null,
    "webapi_url": "https://mriqc.nimh.nih.gov/api/v1"
  },
  "size_t": 329,
  "size_x": 64,
  "size_y": 64,
  "size_z": 40,
  "snr": 6.195166025190339,
  "spacing_tr": 2.0,
  "spacing_x": 3.5,
  "spacing_y": 3.5,
  "spacing_z": 3.0,
  "summary_bg_k": 44.38968529880704,
  "summary_bg_mad": 28.780058864514924,
  "summary_bg_mean": 118.67194366455078,
  "summary_bg_median": 19.84650421142578,
  "summary_bg_n": 104390.0,
  "summary_bg_p05": 0.060790274292230606,
  "summary_bg_p95": 595.2228057861327,
  "summary_bg_stdv": 297.3089599609375,
  "summary_fg_k": 1.5007367390662667,
  "summary_fg_mad": 638.7851020434275,
  "summary_fg_mean": 4458.1640625,
  "summary_fg_median": 4515.376953125,
  "summary_fg_n": 26986.0,
  "summary_fg_p05": 3147.76220703125,
  "summary_fg_p95": 5546.6239013671875,
  "summary_fg_stdv": 728.8413696289062,
  "tsnr": 65.24627345334738
}