{
  "bids_meta": {
    "AcquisitionMatrixPE": 256,
    "AcquisitionNumber": 1,
    "AcquisitionTime": "09:30:14.107500",
    "BaseResolution": 256,
    "BodyPartExamined": "BRAIN",
    "ConsistencyInfo": "N4_VD13D_LATEST_20130810",
    "ConversionSoftware": "dcm2niix",
    "ConversionSoftwareVersion": "v1.0.20181125  GCC5.4.0",
    "DeviceSerialNumber": "66020",
    "DwellTime": 9.8e-06,
    "EchoTime": 0.0023,
    "FlipAngle": 8,
    "ImageOrientationPatientDICOM": [
      0.00877564,
      0.999961,
      -2.02162e-09,
      0.0437143,
      -0.000383637,
      -0.999044
    ],
    "ImageType": [
      "ORIGINAL",
      "PRIMARY",
      "M",
      "ND",
      "NORM"
    ],
    "ImagingFrequency": 123.262,
    "InPlanePhaseEncodingDirectionDICOM": "ROW",
    "InstitutionAddress": "Fanglan_Rd._49_Taipei_Da_An_TW_10672",
    "InstitutionName": "NTU_NCSC",
    "InstitutionalDepartmentName": "Department",
    "InversionTime": 0.9,
    "MRAcquisitionType": "3D",
    "MagneticFieldStrength": 3,
    "Manufacturer": "Siemens",
    "ManufacturersModelName": "Prisma",
    "Modality": "MR",
    "PartialFourier": 1,
    "PatientPosition": "HFS",
    "PercentPhaseFOV": 100,
    "PhaseEncodingSteps": 255,
    "PhaseResolution": 1,
    "PixelBandwidth": 200,
    "ProcedureStepDescription": "NTU_Brain",
    "ProtocolName": "t1_mprage_sag_p2_iso",
    "PulseSequenceDetails": "%SiemensSeq%_tfl",
    "ReceiveCoilActiveElements": "HE1-4",
    "ReceiveCoilName": "HeadNeck_20",
    "ReconMatrixPE": 256,
    "RepetitionTime": 2,
    "SAR": 0.0661975,
    "ScanOptions": "IR",
    "ScanningSequence": "GR_IR",
    "SequenceName": "_tfl3d1_16ns",
    "SequenceVariant": "SK_SP_MP",
    "SeriesDescription": "t1_mprage_sag_p2_iso",
    "SeriesNumber": 2,
    "ShimSetting": [
      -3014,
      -3755,
      -5732,
      89,
      -93,
      18,
      -54,
      32
    ],
    "SliceThickness": 0.94,
    "SoftwareVersions": "syngo_MR_D13D",
    "StationName": "AWP66020",
    "TxRefAmp": 261.956,
    "dataset": "ds004103",
    "modality": "T1w",
    "subject_id": "s17B"
  },
  "cjv": 0.36375583616317686,
  "cnr": 3.7915064539697854,
  "efc": 0.5892526729830675,
  "fber": -1.0,
  "fwhm_avg": 4.347122670423027,
  "fwhm_x": 4.443000011269083,
  "fwhm_y": 4.292864,
  "fwhm_z": 4.305504,
  "icvs_csf": 0.2062599420495366,
  "icvs_gm": 0.43681137658139324,
  "icvs_wm": 0.35692868136907013,
  "inu_med": 0.5241447687149048,
  "inu_range": 0.22486695945262902,
  "provenance": {
    "md5sum": "3e1c9e05f7a6d5d8d98c3e033280e122",
    "settings": {
      "testing": false
    },
    "software": "mriqc",
    "version": "23.0.1",
    "warnings": {
      "large_rot_frame": true,
      "small_air_mask": false
    },
    "webapi_port": null,
    "webapi_url": "https://mriqc.nimh.nih.gov/api/v1"
  },
  "qi_1": 0.0,
  "qi_2": 0.005291619692983611,
  "rpve_csf": 22.68445380439716,
  "rpve_gm": 11.19591577989207,
  "rpve_wm": 15.364693300383728,
  "size_x": 192,
  "size_y": 256,
  "size_z": 256,
  "snr_csf": 2.7773145611567704,
  "snr_gm": 12.25703488848387,
  "snr_total": 12.692416167642797,
  "snr_wm": 23.04289905328775,
  "snrd_csf": 25.49505788359399,
  "snrd_gm": 67.36400702368887,
  "snrd_total": 62.07703907934578,
  "snrd_wm": 93.37205233075449,
  "spacing_x": 0.9399999976158142,
  "spacing_y": 0.9375,
  "spacing_z": 0.9375,
  "summary_bg_k": 15.444116463720032,
  "summary_bg_mad": 0.0,
  "summary_bg_mean": 3.8653871207039625,
  "summary_bg_median": 0.0,
  "summary_bg_n": 2970414.0,
  "summary_bg_p05": 0.0,
  "summary_bg_p95": 17.688047155737877,
  "summary_bg_stdv": 7.016407834974686,
  "summary_csf_k": 12.042919712589326,
  "summary_csf_mad": 82.38150609832343,
  "summary_csf_mean": 279.39172575090464,
  "summary_csf_median": 273.04806127026677,
  "summary_csf_n": 67075.0,
  "summary_csf_p05": 136.81436474248767,
  "summary_csf_p95": 449.04859714843315,
  "summary_csf_stdv": 98.31296378444135,
  "summary_gm_k": -0.08502233068208875,
  "summary_gm_mad": 59.7994373044904,
  "summary_gm_mean": 721.1463210069167,
  "summary_gm_median": 721.4579233825207,
  "summary_gm_n": 53510.0,
  "summary_gm_p05": 623.548329025507,
  "summary_gm_p95": 817.4915127381682,
  "summary_gm_stdv": 58.86017202182514,
  "summary_wm_k": 0.4575239134742213,
  "summary_wm_mad": 41.52186842737041,
  "summary_wm_mean": 1000.653105968779,
  "summary_wm_median": 999.9999992996454,
  "summary_wm_n": 254743.0,
  "summary_wm_p05": 930.900481749326,
  "summary_wm_p95": 1072.5388593524694,
  "summary_wm_stdv": 43.39723201593294,
  "tpm_overlap_csf": 0.1718018383330584,
  "tpm_overlap_gm": 0.46524225959239884,
  "tpm_overlap_wm": 0.5035904271210137,
  "wm2max": 0.4544629236518558
}