{
  "aor": 0.0010311246200607903,
  "aqi": 0.005405582522796352,
  "bids_meta": {
    "AcquisitionMatrixPE": 64,
    "AcquisitionNumber": 1,
    "AcquisitionTime": "11:49:30.012500",
    "BandwidthPerPixelPhaseEncode": 31.888,
    "BaseResolution": 64,
    "BodyPartExamined": "BRAIN",
    "ConsistencyInfo": "N4_VD13D_LATEST_20130810",
    "ConversionSoftware": "dcm2niix",
    "ConversionSoftwareVersion": "v1.0.20181125  GCC5.4.0",
    "DerivedVendorReportedEchoSpacing": 0.000489996,
    "DeviceSerialNumber": "66020",
    "DwellTime": 3.3e-06,
    "EchoTime": 0.024,
    "EchoTrainLength": 64,
    "EffectiveEchoSpacing": 0.000489996,
    "FlipAngle": 87,
    "ImageOrientationPatientDICOM": [
      0.99856,
      0.00763314,
      0.0530973,
      4.70812e-09,
      0.989824,
      -0.142295
    ],
    "ImageType": [
      "ORIGINAL",
      "PRIMARY",
      "M",
      "ND",
      "NORM",
      "MOSAIC"
    ],
    "ImagingFrequency": 123.262,
    "InPlanePhaseEncodingDirectionDICOM": "COL",
    "InstitutionAddress": "Fanglan_Rd._49_Taipei_Da_An_TW_10672",
    "InstitutionName": "NTU_NCSC",
    "InstitutionalDepartmentName": "Department",
    "MRAcquisitionType": "2D",
    "MagneticFieldStrength": 3,
    "Manufacturer": "Siemens",
    "ManufacturersModelName": "Prisma",
    "PartialFourier": 1,
    "PatientPosition": "HFS",
    "PercentPhaseFOV": 100,
    "PhaseEncodingDirection": "j-",
    "PhaseEncodingSteps": 64,
    "PhaseResolution": 1,
    "PixelBandwidth": 2365,
    "ProcedureStepDescription": "NTU_Brain",
    "ProtocolName": "ep2d_bold_64x64_3mm_iso_330TR",
    "PulseSequenceDetails": "%SiemensSeq%_ep2d_bold",
    "ReceiveCoilActiveElements": "HE1-4",
    "ReceiveCoilName": "HeadNeck_20",
    "ReconMatrixPE": 64,
    "RepetitionTime": 2,
    "SAR": 0.112909,
    "ScanOptions": "FS",
    "ScanningSequence": "EP",
    "SequenceName": "_epfid2d1_64",
    "SequenceVariant": "SK",
    "SeriesDescription": "ep2d_bold_64x64_3mm_iso_330TR",
    "SeriesNumber": 4,
    "ShimSetting": [
      -2983,
      -3791,
      -5532,
      452,
      -55,
      116,
      -53,
      21
    ],
    "SliceThickness": 3,
    "SliceTiming": [
      0.99,
      0,
      1.045,
      0.055,
      1.1,
      0.11,
      1.155,
      0.165,
      1.21,
      0.22,
      1.265,
      0.275,
      1.32,
      0.33,
      1.375,
      0.385,
      1.43,
      0.44,
      1.485,
      0.495,
      1.54,
      0.55,
      1.595,
      0.605,
      1.65,
      0.66,
      1.705,
      0.715,
      1.76,
      0.77,
      1.815,
      0.825,
      1.87,
      0.88,
      1.925,
      0.935
    ],
    "SoftwareVersions": "syngo_MR_D13D",
    "SpacingBetweenSlices": 3,
    "StationName": "AWP66020",
    "TaskName": "OTCG",
    "TotalReadoutTime": 0.0308698,
    "TxRefAmp": 238.073,
    "VendorReportedEchoSpacing": 0.00049,
    "dataset": "ds004103",
    "modality": "bold",
    "run_id": 2,
    "subject_id": "s42B",
    "task_id": "OTCG"
  },
  "dummy_trs": 1,
  "dvars_nstd": 18.15433887149391,
  "dvars_std": 1.2469975216768299,
  "dvars_vstd": 1.0161787208231712,
  "efc": 0.604126280144433,
  "fber": 956.0897827148438,
  "fd_mean": 0.08449219751681704,
  "fd_num": 5,
  "fd_perc": 1.5197568389057752,
  "fwhm_avg": 1.6524544444444444,
  "fwhm_x": 1.5808600000000002,
  "fwhm_y": 1.7695999999999998,
  "fwhm_z": 1.6069033333333334,
  "gcor": 0.0176739,
  "gsr_x": -0.0031384986359626055,
  "gsr_y": 0.03497641906142235,
  "provenance": {
    "md5sum": "bb95e40fa96b40855d7b937d2829b24c",
    "settings": {
      "fd_thres": 0.2,
      "testing": false
    },
    "software": "mriqc",
    "version": "23.0.1",
    "webapi_port": null,
    "webapi_url": "https://mriqc.nimh.nih.gov/api/v1"
  },
  "size_t": 329,
  "size_x": 64,
  "size_y": 64,
  "size_z": 36,
  "snr": 7.988806941921594,
  "spacing_tr": 2.0,
  "spacing_x": 3.0,
  "spacing_y": 3.0,
  "spacing_z": 3.0,
  "summary_bg_k": 20.444159404030295,
  "summary_bg_mad": 14.677311771186595,
  "summary_bg_mean": 60.68008804321289,
  "summary_bg_median": 27.231002807617188,
  "summary_bg_n": 77265.0,
  "summary_bg_p05": 14.376899719238281,
  "summary_bg_p95": 211.98420104980482,
  "summary_bg_stdv": 91.71178436279297,
  "summary_fg_k": 3.277746961151271,
  "summary_fg_mad": 97.21184031857662,
  "summary_fg_mean": 862.366943359375,
  "summary_fg_median": 856.9969482421875,
  "summary_fg_n": 36656.0,
  "summary_fg_p05": 711.6960601806641,
  "summary_fg_p95": 1032.2318115234375,
  "summary_fg_stdv": 107.27324676513672,
  "tsnr": 102.37034407560714
}