{
  "aor": 0.005004589665653496,
  "aqi": 0.004310977386018237,
  "bids_meta": {
    "AcquisitionMatrixPE": 64,
    "AcquisitionNumber": 1,
    "AcquisitionTime": "11:29:13.000000",
    "BodyPartExamined": "HEAD",
    "CoilString": "8HRBRAIN",
    "ConversionSoftware": "dcm2niix",
    "ConversionSoftwareVersion": "v1.0.20181125  GCC5.4.0",
    "DeviceSerialNumber": "00000000GEMRGEMR",
    "EchoTime": 0.033,
    "EffectiveEchoSpacing": 0.00042,
    "FlipAngle": 90,
    "ImageOrientationPatientDICOM": [
      0.999729,
      0.0176191,
      0.0152035,
      -0.019057,
      0.994775,
      0.100295
    ],
    "ImageType": [
      "ORIGINAL",
      "PRIMARY",
      "EPI",
      "NONE"
    ],
    "ImagingFrequency": 127.764,
    "InPlanePhaseEncodingDirectionDICOM": "COL",
    "InstitutionName": "NCKU",
    "MRAcquisitionType": "2D",
    "MagneticFieldStrength": 3,
    "Manufacturer": "GE",
    "ManufacturersModelName": "DISCOVERY_MR750",
    "PatientPosition": "HFS",
    "PercentPhaseFOV": 100,
    "PhaseEncodingDirection": "j",
    "PhaseEncodingPolarityGE": "Flipped",
    "PixelBandwidth": 7812.5,
    "ProtocolName": "hypervote_run_3",
    "ReconMatrixPE": 64,
    "RepetitionTime": 2,
    "SAR": 0.409889,
    "ScanOptions": "EPI_GEMS_ACC_GEMS",
    "ScanningSequence": "EP_GR",
    "SequenceVariant": "SS",
    "SeriesDescription": "hypervote_run_3",
    "SeriesNumber": 15,
    "SliceThickness": 3,
    "SliceTiming": [
      0,
      1,
      0.05,
      1.05,
      0.0999999,
      1.1,
      0.15,
      1.15,
      0.2,
      1.2,
      0.25,
      1.25,
      0.3,
      1.3,
      0.35,
      1.35,
      0.4,
      1.4,
      0.45,
      1.45,
      0.5,
      1.5,
      0.55,
      1.55,
      0.6,
      1.6,
      0.65,
      1.65,
      0.7,
      1.7,
      0.75,
      1.75,
      0.8,
      1.8,
      0.85,
      1.85,
      0.9,
      1.9,
      0.95,
      1.95
    ],
    "SoftwareVersions": "27_LX_MR_Software_release:DV25.1_R02_1649.a",
    "SpacingBetweenSlices": 3,
    "StationName": "GEMRGEMR",
    "TaskName": "OTCG",
    "TotalReadoutTime": 0.02646,
    "dataset": "ds004103",
    "modality": "bold",
    "run_id": 3,
    "subject_id": "s44A",
    "task_id": "OTCG"
  },
  "dummy_trs": 1,
  "dvars_nstd": 20.20429767338415,
  "dvars_std": 1.2177407185365865,
  "dvars_vstd": 1.0280744940548783,
  "efc": 0.4382601287470212,
  "fber": 58100.2734375,
  "fd_mean": 0.1361700157194428,
  "fd_num": 54,
  "fd_perc": 16.41337386018237,
  "fwhm_avg": 2.6673233333333335,
  "fwhm_x": 2.508437142857143,
  "fwhm_y": 2.750302857142857,
  "fwhm_z": 2.74323,
  "gcor": 0.0568288,
  "gsr_x": 0.008748909458518028,
  "gsr_y": 0.0008339434862136841,
  "provenance": {
    "md5sum": "6f1b92c4781189f87f3420c4f8aca100",
    "settings": {
      "fd_thres": 0.2,
      "testing": false
    },
    "software": "mriqc",
    "version": "23.0.1",
    "webapi_port": null,
    "webapi_url": "https://mriqc.nimh.nih.gov/api/v1"
  },
  "size_t": 329,
  "size_x": 64,
  "size_y": 64,
  "size_z": 40,
  "snr": 5.909786151025106,
  "spacing_tr": 2.0,
  "spacing_x": 3.5,
  "spacing_y": 3.5,
  "spacing_z": 3.0,
  "summary_bg_k": 42.111442784458134,
  "summary_bg_mad": 29.471789585429644,
  "summary_bg_mean": 101.60868072509766,
  "summary_bg_median": 20.480243682861328,
  "summary_bg_n": 106285.0,
  "summary_bg_p05": 0.05775076150894165,
  "summary_bg_p95": 409.4291748046861,
  "summary_bg_stdv": 264.9635314941406,
  "summary_fg_k": 0.6683220573734361,
  "summary_fg_mad": 708.2788233649874,
  "summary_fg_mean": 4557.80029296875,
  "summary_fg_median": 4616.28125,
  "summary_fg_n": 25420.0,
  "summary_fg_p05": 3131.25615234375,
  "summary_fg_p95": 5732.134204101562,
  "summary_fg_stdv": 781.1095581054688,
  "tsnr": 71.07005582889542
}