{
  "bids_meta": {
    "AcquisitionMatrixPE": 224,
    "AcquisitionNumber": 1,
    "AcquisitionTime": "09:16:45.000000",
    "BodyPartExamined": "HEAD",
    "CoilString": "8HRBRAIN",
    "ConversionSoftware": "dcm2niix",
    "ConversionSoftwareVersion": "v1.0.20181125  GCC5.4.0",
    "DeviceSerialNumber": "00000000GEMRGEMR",
    "EchoTime": 0.002924,
    "FlipAngle": 12,
    "ImageOrientationPatientDICOM": [
      0.0354339,
      0.999206,
      -0.0182297,
      -0.031317,
      -0.017122,
      -0.999363
    ],
    "ImageType": [
      "ORIGINAL",
      "PRIMARY",
      "OTHER"
    ],
    "ImagingFrequency": 127.764,
    "InPlanePhaseEncodingDirectionDICOM": "ROW",
    "InstitutionName": "NCKU",
    "InversionTime": 0.45,
    "MRAcquisitionType": "3D",
    "MagneticFieldStrength": 3,
    "Manufacturer": "GE",
    "ManufacturersModelName": "DISCOVERY_MR750",
    "Modality": "MR",
    "PatientPosition": "HFS",
    "PercentPhaseFOV": 100,
    "PixelBandwidth": 244.141,
    "ProtocolName": "T1_SAG_FSPGR_BRAVO_ASSET",
    "ReconMatrixPE": 256,
    "RepetitionTime": 0.007632,
    "SAR": 0.223382,
    "ScanOptions": "FAST_GEMS_EDR_GEMS_ACC_GEMS",
    "ScanningSequence": "GR",
    "SequenceVariant": "SS_SK",
    "SeriesDescription": "T1_SAG_FSPGR_BRAVO_ASSET",
    "SeriesNumber": 3,
    "SliceThickness": 1,
    "SoftwareVersions": "27_LX_MR_Software_release:DV25.1_R02_1649.a",
    "SpacingBetweenSlices": 1,
    "StationName": "GEMRGEMR",
    "dataset": "ds004103",
    "modality": "T1w",
    "subject_id": "s34A"
  },
  "cjv": 0.35577720815712405,
  "cnr": 3.8530758034678825,
  "efc": 0.6166415053564551,
  "fber": 3826.193193765375,
  "fwhm_avg": 3.6912800000000003,
  "fwhm_x": 3.38072,
  "fwhm_y": 3.9183999999999997,
  "fwhm_z": 3.77472,
  "icvs_csf": 0.22650258528426168,
  "icvs_gm": 0.4433055968255801,
  "icvs_wm": 0.3301918178901582,
  "inu_med": 0.6070863604545593,
  "inu_range": 0.20858128368854523,
  "provenance": {
    "md5sum": "ef6a1015ade95f3f5e052e471eb7c907",
    "settings": {
      "testing": false
    },
    "software": "mriqc",
    "version": "23.0.1",
    "warnings": {
      "large_rot_frame": true,
      "small_air_mask": false
    },
    "webapi_port": null,
    "webapi_url": "https://mriqc.nimh.nih.gov/api/v1"
  },
  "qi_1": 0.0,
  "qi_2": 0.00032235082454810514,
  "rpve_csf": 15.717012279761965,
  "rpve_gm": 8.310387836683276,
  "rpve_wm": 12.58969224492754,
  "size_x": 166,
  "size_y": 256,
  "size_z": 256,
  "snr_csf": 2.2867803634969,
  "snr_gm": 10.686402089873733,
  "snr_total": 10.768165924729622,
  "snr_wm": 19.331315320818238,
  "snrd_csf": 19.006851602045895,
  "snrd_gm": 54.887733888611145,
  "snrd_total": 51.54120825006121,
  "snrd_wm": 80.7290392595266,
  "spacing_x": 1.0,
  "spacing_y": 0.875,
  "spacing_z": 0.875,
  "summary_bg_k": 7.118356512035618,
  "summary_bg_mad": 8.11554700955582,
  "summary_bg_mean": 9.767181780577427,
  "summary_bg_median": 5.473853275179863,
  "summary_bg_n": 2359588.0,
  "summary_bg_p05": 0.0,
  "summary_bg_p95": 36.638324588537216,
  "summary_bg_stdv": 13.339972974596638,
  "summary_csf_k": 2.413510682931185,
  "summary_csf_mad": 92.030303088363,
  "summary_csf_mean": 241.70700609665818,
  "summary_csf_median": 235.44867554306984,
  "summary_csf_n": 55063.0,
  "summary_csf_p05": 82.29026090353727,
  "summary_csf_p95": 421.1181294016538,
  "summary_csf_stdv": 102.95983877515546,
  "summary_gm_k": 0.08051394108040233,
  "summary_gm_mad": 63.3012666745354,
  "summary_gm_mean": 679.3064323452109,
  "summary_gm_median": 679.9255614876747,
  "summary_gm_n": 45112.0,
  "summary_gm_p05": 573.3879551928491,
  "summary_gm_p95": 781.520278275013,
  "summary_gm_stdv": 63.62459691816463,
  "summary_wm_k": 0.25235500480956574,
  "summary_wm_mad": 50.58690969289795,
  "summary_wm_mean": 1000.3063256685562,
  "summary_wm_median": 1000.0365010201931,
  "summary_wm_n": 260941.0,
  "summary_wm_p05": 915.8851300030947,
  "summary_wm_p95": 1085.428612112999,
  "summary_wm_stdv": 51.73132651400591,
  "tpm_overlap_csf": 0.1720616570031645,
  "tpm_overlap_gm": 0.4610253747015588,
  "tpm_overlap_wm": 0.5032359238912388,
  "wm2max": 0.47996357012750457
}