{
  "bids_meta": {
    "AcquisitionMatrixPE": 224,
    "AcquisitionNumber": 1,
    "AcquisitionTime": "09:36:48.000000",
    "BodyPartExamined": "HEAD",
    "CoilString": "8HRBRAIN",
    "ConversionSoftware": "dcm2niix",
    "ConversionSoftwareVersion": "v1.0.20181125  GCC5.4.0",
    "DeviceSerialNumber": "00000000GEMRGEMR",
    "EchoTime": 0.002936,
    "FlipAngle": 12,
    "ImageOrientationPatientDICOM": [
      0.0693462,
      0.995879,
      0.0584428,
      0.0450472,
      0.055398,
      -0.997448
    ],
    "ImageType": [
      "ORIGINAL",
      "PRIMARY",
      "OTHER"
    ],
    "ImagingFrequency": 127.764,
    "InPlanePhaseEncodingDirectionDICOM": "ROW",
    "InstitutionName": "NCKU",
    "InversionTime": 0.45,
    "MRAcquisitionType": "3D",
    "MagneticFieldStrength": 3,
    "Manufacturer": "GE",
    "ManufacturersModelName": "DISCOVERY_MR750",
    "Modality": "MR",
    "PatientPosition": "HFS",
    "PercentPhaseFOV": 100,
    "PixelBandwidth": 244.141,
    "ProtocolName": "T1_SAG_FSPGR_BRAVO_ASSET",
    "ReconMatrixPE": 256,
    "RepetitionTime": 0.007672,
    "SAR": 0.216432,
    "ScanOptions": "FAST_GEMS_EDR_GEMS_ACC_GEMS",
    "ScanningSequence": "GR",
    "SequenceVariant": "SS_SK",
    "SeriesDescription": "T1_SAG_FSPGR_BRAVO_ASSET",
    "SeriesNumber": 3,
    "SliceThickness": 1,
    "SoftwareVersions": "27_LX_MR_Software_release:DV25.1_R02_1649.a",
    "SpacingBetweenSlices": 1,
    "StationName": "GEMRGEMR",
    "dataset": "ds004103",
    "modality": "T1w",
    "subject_id": "s11A"
  },
  "cjv": 0.3941398861820656,
  "cnr": 3.4936287259498817,
  "efc": 0.6433877736615863,
  "fber": 4050.5269140624996,
  "fwhm_avg": 3.6242915860864255,
  "fwhm_x": 3.3502118943737127,
  "fwhm_y": 3.8108231167345807,
  "fwhm_z": 3.7118397471509836,
  "icvs_csf": 0.19709755776827964,
  "icvs_gm": 0.44528302912472434,
  "icvs_wm": 0.357619413106996,
  "inu_med": 0.6147755980491638,
  "inu_range": 0.23782368004322052,
  "provenance": {
    "md5sum": "ea8d30f8cd3bf92945f86f9c9a5de87e",
    "settings": {
      "testing": false
    },
    "software": "mriqc",
    "version": "23.0.1",
    "warnings": {
      "large_rot_frame": true,
      "small_air_mask": false
    },
    "webapi_port": null,
    "webapi_url": "https://mriqc.nimh.nih.gov/api/v1"
  },
  "qi_1": 0.0,
  "qi_2": 0.00031708839515103823,
  "rpve_csf": 18.117673245787184,
  "rpve_gm": 8.28742493549235,
  "rpve_wm": 11.300294680713499,
  "size_x": 166,
  "size_y": 256,
  "size_z": 256,
  "snr_csf": 2.1513207460107577,
  "snr_gm": 11.905386159039157,
  "snr_total": 10.514282946052502,
  "snr_wm": 17.48614193310759,
  "snrd_csf": 21.599581782952573,
  "snrd_gm": 56.739505648241085,
  "snrd_total": 52.845474555907316,
  "snrd_wm": 80.19733623652829,
  "spacing_x": 0.9998651146888733,
  "spacing_y": 0.8749999403953552,
  "spacing_z": 0.8750000596046448,
  "summary_bg_k": 8.234426554394862,
  "summary_bg_mad": 8.169352087267322,
  "summary_bg_mean": 10.348823365933628,
  "summary_bg_median": 5.5101442486047745,
  "summary_bg_n": 2287950.0,
  "summary_bg_p05": 0.0,
  "summary_bg_p95": 39.26433914899826,
  "summary_bg_stdv": 14.415965947127091,
  "summary_csf_k": 13.393996153553339,
  "summary_csf_mad": 108.85255893762816,
  "summary_csf_mean": 273.4321024926226,
  "summary_csf_median": 269.34022979438305,
  "summary_csf_n": 50290.0,
  "summary_csf_p05": 90.29520818516613,
  "summary_csf_p95": 476.8847392059861,
  "summary_csf_stdv": 125.19637176830153,
  "summary_gm_k": 0.02597285863070775,
  "summary_gm_mad": 59.51183639731161,
  "summary_gm_mean": 707.4161914964292,
  "summary_gm_median": 707.5244161337614,
  "summary_gm_n": 49778.0,
  "summary_gm_p05": 608.8526939600706,
  "summary_gm_p95": 804.9609172292052,
  "summary_gm_stdv": 59.428337716079916,
  "summary_wm_k": 0.3135063970474441,
  "summary_wm_mad": 55.778821205116614,
  "summary_wm_mean": 1002.9189914454658,
  "summary_wm_median": 1000.0364445894957,
  "summary_wm_n": 266675.0,
  "summary_wm_p05": 914.1730709671974,
  "summary_wm_p95": 1101.5179754197598,
  "summary_wm_stdv": 57.19012080558327,
  "tpm_overlap_csf": 0.14282324671195032,
  "tpm_overlap_gm": 0.459120882997064,
  "tpm_overlap_wm": 0.46062494655697284,
  "wm2max": 0.49787442773054286
}