{
  "bids_meta": {
    "AcquisitionMatrixPE": 224,
    "AcquisitionNumber": 1,
    "AcquisitionTime": "11:55:2.000000",
    "BodyPartExamined": "HEAD",
    "CoilString": "8HRBRAIN",
    "ConversionSoftware": "dcm2niix",
    "ConversionSoftwareVersion": "v1.0.20181125  GCC5.4.0",
    "DeviceSerialNumber": "00000000GEMRGEMR",
    "EchoTime": 0.002928,
    "FlipAngle": 12,
    "ImageOrientationPatientDICOM": [
      -0.00374767,
      0.99873,
      -0.0502458,
      0.0285004,
      -0.0501191,
      -0.998337
    ],
    "ImageType": [
      "ORIGINAL",
      "PRIMARY",
      "OTHER"
    ],
    "ImagingFrequency": 127.764,
    "InPlanePhaseEncodingDirectionDICOM": "ROW",
    "InstitutionName": "NCKU",
    "InversionTime": 0.45,
    "MRAcquisitionType": "3D",
    "MagneticFieldStrength": 3,
    "Manufacturer": "GE",
    "ManufacturersModelName": "DISCOVERY_MR750",
    "Modality": "MR",
    "PatientPosition": "HFS",
    "PercentPhaseFOV": 100,
    "PixelBandwidth": 244.141,
    "ProtocolName": "T1_SAG_FSPGR_BRAVO_ASSET",
    "ReconMatrixPE": 256,
    "RepetitionTime": 0.007644,
    "SAR": 0.214882,
    "ScanOptions": "FAST_GEMS_EDR_GEMS_ACC_GEMS",
    "ScanningSequence": "GR",
    "SequenceVariant": "SS_SK",
    "SeriesDescription": "T1_SAG_FSPGR_BRAVO_ASSET",
    "SeriesNumber": 3,
    "SliceThickness": 1,
    "SoftwareVersions": "27_LX_MR_Software_release:DV25.1_R02_1649.a",
    "SpacingBetweenSlices": 1,
    "StationName": "GEMRGEMR",
    "dataset": "ds004103",
    "modality": "T1w",
    "subject_id": "s21A"
  },
  "cjv": 0.36886342562627317,
  "cnr": 3.7402481534654717,
  "efc": 0.6320071172024381,
  "fber": 4388.817133058985,
  "fwhm_avg": 3.62047380952381,
  "fwhm_x": 3.26925,
  "fwhm_y": 3.903657142857143,
  "fwhm_z": 3.688514285714286,
  "icvs_csf": 0.18509108650884418,
  "icvs_gm": 0.46391503427726627,
  "icvs_wm": 0.3509938792138896,
  "inu_med": 0.6370331645011902,
  "inu_range": 0.22133553922176363,
  "provenance": {
    "md5sum": "6ffe7273518b74ddf28700ed9ade2d53",
    "settings": {
      "testing": false
    },
    "software": "mriqc",
    "version": "23.0.1",
    "warnings": {
      "large_rot_frame": true,
      "small_air_mask": false
    },
    "webapi_port": null,
    "webapi_url": "https://mriqc.nimh.nih.gov/api/v1"
  },
  "qi_1": 0.0,
  "qi_2": 0.0002939052260870334,
  "rpve_csf": 17.739177405409855,
  "rpve_gm": 7.766506125860783,
  "rpve_wm": 11.345480920379376,
  "size_x": 166,
  "size_y": 256,
  "size_z": 256,
  "snr_csf": 1.9669482137420973,
  "snr_gm": 10.665290383893668,
  "snr_total": 10.201637917822062,
  "snr_wm": 17.972675155830423,
  "snrd_csf": 18.32460862729984,
  "snrd_gm": 52.872628140678614,
  "snrd_total": 49.669228436967025,
  "snrd_wm": 77.81044854292263,
  "spacing_x": 1.0,
  "spacing_y": 0.875,
  "spacing_z": 0.875,
  "summary_bg_k": 11.186510686816224,
  "summary_bg_mad": 8.41997092612572,
  "summary_bg_mean": 9.830373466460767,
  "summary_bg_median": 5.679184086620808,
  "summary_bg_n": 2459135.0,
  "summary_bg_p05": 0.0,
  "summary_bg_p95": 36.74084398895502,
  "summary_bg_stdv": 13.693350649934285,
  "summary_csf_k": 2.044279066650356,
  "summary_csf_mad": 110.6624750290809,
  "summary_csf_mean": 241.50052453320717,
  "summary_csf_median": 235.5122870206833,
  "summary_csf_n": 28189.0,
  "summary_csf_p05": 58.854891411960125,
  "summary_csf_p95": 453.3147918283939,
  "summary_csf_stdv": 119.73274535598425,
  "summary_gm_k": 0.04738015163861631,
  "summary_gm_mad": 63.693929726883,
  "summary_gm_mean": 679.0371668996985,
  "summary_gm_median": 679.5317612215877,
  "summary_gm_n": 70599.0,
  "summary_gm_p05": 573.4816910326481,
  "summary_gm_p95": 782.4911189824343,
  "summary_gm_stdv": 63.713872208739005,
  "summary_wm_k": 0.26341087740444635,
  "summary_wm_mad": 54.529335521576094,
  "summary_wm_mean": 1001.4258193503189,
  "summary_wm_median": 1000.0386400148273,
  "summary_wm_n": 293824.0,
  "summary_wm_p05": 912.3783087730408,
  "summary_wm_p95": 1094.421270787716,
  "summary_wm_stdv": 55.642074959788744,
  "tpm_overlap_csf": 0.1557543841404162,
  "tpm_overlap_gm": 0.46814749041229337,
  "tpm_overlap_wm": 0.4869608104407436,
  "wm2max": 0.4845744880002995
}