{
  "aor": 0.0018824620060790276,
  "aqi": 0.00983139130699088,
  "bids_meta": {
    "AcquisitionMatrixPE": 64,
    "AcquisitionNumber": 1,
    "AcquisitionTime": "11:19:50.797500",
    "BandwidthPerPixelPhaseEncode": 31.888,
    "BaseResolution": 64,
    "BodyPartExamined": "BRAIN",
    "ConsistencyInfo": "N4_VD13D_LATEST_20130810",
    "ConversionSoftware": "dcm2niix",
    "ConversionSoftwareVersion": "v1.0.20181125  GCC5.4.0",
    "DerivedVendorReportedEchoSpacing": 0.000489996,
    "DeviceSerialNumber": "66020",
    "DwellTime": 3.3e-06,
    "EchoTime": 0.024,
    "EchoTrainLength": 64,
    "EffectiveEchoSpacing": 0.000489996,
    "FlipAngle": 87,
    "ImageOrientationPatientDICOM": [
      0.999319,
      -0.00211987,
      0.0368393,
      0.00523246,
      0.996401,
      -0.0846014
    ],
    "ImageType": [
      "ORIGINAL",
      "PRIMARY",
      "M",
      "ND",
      "NORM",
      "MOSAIC"
    ],
    "ImagingFrequency": 123.262,
    "InPlanePhaseEncodingDirectionDICOM": "COL",
    "InstitutionAddress": "Fanglan_Rd._49_Taipei_Da_An_TW_10672",
    "InstitutionName": "NTU_NCSC",
    "InstitutionalDepartmentName": "Department",
    "MRAcquisitionType": "2D",
    "MagneticFieldStrength": 3,
    "Manufacturer": "Siemens",
    "ManufacturersModelName": "Prisma",
    "PartialFourier": 1,
    "PatientPosition": "HFS",
    "PercentPhaseFOV": 100,
    "PhaseEncodingDirection": "j-",
    "PhaseEncodingSteps": 64,
    "PhaseResolution": 1,
    "PixelBandwidth": 2365,
    "ProcedureStepDescription": "NTU_Brain",
    "ProtocolName": "ep2d_bold_64x64_3mm_iso_330TR",
    "PulseSequenceDetails": "%SiemensSeq%_ep2d_bold",
    "ReceiveCoilActiveElements": "HE1-4",
    "ReceiveCoilName": "HeadNeck_20",
    "ReconMatrixPE": 64,
    "RepetitionTime": 2,
    "SAR": 0.0960029,
    "ScanOptions": "FS",
    "ScanningSequence": "EP",
    "SequenceName": "_epfid2d1_64",
    "SequenceVariant": "SK",
    "SeriesDescription": "ep2d_bold_64x64_3mm_iso_330TR",
    "SeriesNumber": 5,
    "ShimSetting": [
      -3015,
      -3826,
      -5521,
      162,
      -74,
      -145,
      -33,
      20
    ],
    "SliceThickness": 3,
    "SliceTiming": [
      0.9875,
      0,
      1.0425,
      0.055,
      1.0975,
      0.11,
      1.1525,
      0.165,
      1.2075,
      0.22,
      1.2625,
      0.275,
      1.3175,
      0.33,
      1.3725,
      0.3825,
      1.4275,
      0.4375,
      1.4825,
      0.4925,
      1.5375,
      0.5475,
      1.5925,
      0.6025,
      1.6475,
      0.6575,
      1.7025,
      0.7125,
      1.7575,
      0.7675,
      1.8125,
      0.8225,
      1.8675,
      0.8775,
      1.9225,
      0.9325
    ],
    "SoftwareVersions": "syngo_MR_D13D",
    "SpacingBetweenSlices": 3,
    "StationName": "AWP66020",
    "TaskName": "OTCG",
    "TotalReadoutTime": 0.0308698,
    "TxRefAmp": 244.131,
    "VendorReportedEchoSpacing": 0.00049,
    "dataset": "ds004103",
    "modality": "bold",
    "run_id": 3,
    "subject_id": "s22B",
    "task_id": "OTCG"
  },
  "dummy_trs": 1,
  "dvars_nstd": 20.692428911432916,
  "dvars_std": 1.2029322151219501,
  "dvars_vstd": 0.9985184914024395,
  "efc": 0.5900639609474518,
  "fber": 747.0325927734375,
  "fd_mean": 0.1435246765759112,
  "fd_num": 71,
  "fd_perc": 21.580547112462007,
  "fwhm_avg": 1.614271111111111,
  "fwhm_x": 1.5535133333333333,
  "fwhm_y": 1.6504899999999998,
  "fwhm_z": 1.63881,
  "gcor": 0.0428606,
  "gsr_x": 0.00810339767485857,
  "gsr_y": 0.02460857294499874,
  "provenance": {
    "md5sum": "48b7f259c9d94765bc87a6e2d4bd7476",
    "settings": {
      "fd_thres": 0.2,
      "testing": false
    },
    "software": "mriqc",
    "version": "23.0.1",
    "webapi_port": null,
    "webapi_url": "https://mriqc.nimh.nih.gov/api/v1"
  },
  "size_t": 329,
  "size_x": 64,
  "size_y": 64,
  "size_z": 36,
  "snr": 8.3732615697475,
  "spacing_tr": 2.0,
  "spacing_x": 3.0,
  "spacing_y": 3.0,
  "spacing_z": 3.0,
  "summary_bg_k": 21.526560975459144,
  "summary_bg_mad": 19.674898462704995,
  "summary_bg_mean": 61.559539794921875,
  "summary_bg_median": 30.449848175048828,
  "summary_bg_n": 80997.0,
  "summary_bg_p05": 13.230394935607912,
  "summary_bg_p95": 211.84559936523428,
  "summary_bg_stdv": 88.92272186279297,
  "summary_fg_k": 3.1115595301923573,
  "summary_fg_mad": 91.87174855712875,
  "summary_fg_mean": 841.5823974609375,
  "summary_fg_median": 837.0455932617188,
  "summary_fg_n": 33743.0,
  "summary_fg_p05": 698.7142822265625,
  "summary_fg_p95": 1000.0911865234375,
  "summary_fg_stdv": 99.96501159667969,
  "tsnr": 79.5368573628366
}