{
  "bids_meta": {
    "AcquisitionMatrixPE": 256,
    "AcquisitionNumber": 1,
    "AcquisitionTime": "11:43:13.737500",
    "BaseResolution": 256,
    "BodyPartExamined": "BRAIN",
    "ConsistencyInfo": "N4_VD13D_LATEST_20130810",
    "ConversionSoftware": "dcm2niix",
    "ConversionSoftwareVersion": "v1.0.20181125  GCC5.4.0",
    "DeviceSerialNumber": "66020",
    "DwellTime": 9.8e-06,
    "EchoTime": 0.0023,
    "FlipAngle": 8,
    "ImageOrientationPatientDICOM": [
      0.0558616,
      0.998439,
      2.90858e-08,
      0.0348305,
      -0.0019487,
      -0.999391
    ],
    "ImageType": [
      "ORIGINAL",
      "PRIMARY",
      "M",
      "ND",
      "NORM"
    ],
    "ImagingFrequency": 123.262,
    "InPlanePhaseEncodingDirectionDICOM": "ROW",
    "InstitutionAddress": "Fanglan_Rd._49_Taipei_Da_An_TW_10672",
    "InstitutionName": "NTU_NCSC",
    "InstitutionalDepartmentName": "Department",
    "InversionTime": 0.9,
    "MRAcquisitionType": "3D",
    "MagneticFieldStrength": 3,
    "Manufacturer": "Siemens",
    "ManufacturersModelName": "Prisma",
    "Modality": "MR",
    "PartialFourier": 1,
    "PatientPosition": "HFS",
    "PercentPhaseFOV": 100,
    "PhaseEncodingSteps": 255,
    "PhaseResolution": 1,
    "PixelBandwidth": 200,
    "ProcedureStepDescription": "NTU_Brain",
    "ProtocolName": "t1_mprage_sag_p2_iso",
    "PulseSequenceDetails": "%SiemensSeq%_tfl",
    "ReceiveCoilActiveElements": "HE1-4",
    "ReceiveCoilName": "HeadNeck_20",
    "ReconMatrixPE": 256,
    "RepetitionTime": 2,
    "SAR": 0.0777803,
    "ScanOptions": "IR",
    "ScanningSequence": "GR_IR",
    "SequenceName": "_tfl3d1_16ns",
    "SequenceVariant": "SK_SP_MP",
    "SeriesDescription": "t1_mprage_sag_p2_iso",
    "SeriesNumber": 2,
    "ShimSetting": [
      -3014,
      -3755,
      -5732,
      89,
      -93,
      18,
      -54,
      32
    ],
    "SliceThickness": 0.94,
    "SoftwareVersions": "syngo_MR_D13D",
    "StationName": "AWP66020",
    "TxRefAmp": 290.091,
    "dataset": "ds004103",
    "modality": "T1w",
    "subject_id": "s66B"
  },
  "cjv": 0.3594395193321452,
  "cnr": 3.8110993586185344,
  "efc": 0.6086372968602042,
  "fber": 15634.12541957483,
  "fwhm_avg": 4.388261677578312,
  "fwhm_x": 4.517617032734934,
  "fwhm_y": 4.2194666666666665,
  "fwhm_z": 4.427701333333333,
  "icvs_csf": 0.19018716483869855,
  "icvs_gm": 0.4276429533486959,
  "icvs_wm": 0.3821698818126056,
  "inu_med": 0.4916289150714874,
  "inu_range": 0.22320666313171378,
  "provenance": {
    "md5sum": "2767d119bb2493d07ecc9aae7a40a728",
    "settings": {
      "testing": false
    },
    "software": "mriqc",
    "version": "23.0.1",
    "warnings": {
      "large_rot_frame": true,
      "small_air_mask": false
    },
    "webapi_port": null,
    "webapi_url": "https://mriqc.nimh.nih.gov/api/v1"
  },
  "qi_1": 0.0,
  "qi_2": 0.012084465482908681,
  "rpve_csf": 22.017664363002485,
  "rpve_gm": 10.416558195852883,
  "rpve_wm": 13.202422269814532,
  "size_x": 192,
  "size_y": 256,
  "size_z": 256,
  "snr_csf": 2.366877259566251,
  "snr_gm": 12.516022661420914,
  "snr_total": 12.896932088569391,
  "snr_wm": 23.807896344721005,
  "snrd_csf": 23.07193969885727,
  "snrd_gm": 59.20092408494618,
  "snrd_total": 54.62502394788883,
  "snrd_wm": 81.60220805986305,
  "spacing_x": 0.9399999976158142,
  "spacing_y": 0.9375,
  "spacing_z": 0.9375,
  "summary_bg_k": 10.634552747200674,
  "summary_bg_mad": 0.0,
  "summary_bg_mean": 4.955308939312663,
  "summary_bg_median": 0.0,
  "summary_bg_n": 2966135.0,
  "summary_bg_p05": 0.0,
  "summary_bg_p95": 19.996610403060913,
  "summary_bg_stdv": 8.028755100149946,
  "summary_csf_k": 0.5487547457409296,
  "summary_csf_mad": 101.3777300405061,
  "summary_csf_mean": 288.1566456634384,
  "summary_csf_median": 282.7486818432808,
  "summary_csf_n": 54429.0,
  "summary_csf_p05": 78.1816627919674,
  "summary_csf_p95": 496.3565412759781,
  "summary_csf_stdv": 119.45954665802235,
  "summary_gm_k": 0.004858454058752404,
  "summary_gm_mad": 57.78656235270484,
  "summary_gm_mean": 726.1185687964188,
  "summary_gm_median": 725.5126126110554,
  "summary_gm_n": 66989.0,
  "summary_gm_p05": 632.0538783967495,
  "summary_gm_p95": 822.6995284259319,
  "summary_gm_stdv": 57.9662738758733,
  "summary_wm_k": 0.2485160699965392,
  "summary_wm_mad": 40.89027401262049,
  "summary_wm_mean": 1000.5149437148726,
  "summary_wm_median": 1000.0423486530781,
  "summary_wm_n": 334182.0,
  "summary_wm_p05": 932.511422842741,
  "summary_wm_p95": 1070.3694106638432,
  "summary_wm_stdv": 42.0045869621589,
  "tpm_overlap_csf": 0.15970021580093632,
  "tpm_overlap_gm": 0.4617530879725006,
  "tpm_overlap_wm": 0.5158191776830475,
  "wm2max": 0.4906000928679605
}