{
  "aor": 0.004528206686930091,
  "aqi": 0.00546132537993921,
  "bids_meta": {
    "AcquisitionMatrixPE": 64,
    "AcquisitionNumber": 1,
    "AcquisitionTime": "09:56:23.000000",
    "BodyPartExamined": "HEAD",
    "CoilString": "8HRBRAIN",
    "ConversionSoftware": "dcm2niix",
    "ConversionSoftwareVersion": "v1.0.20181125  GCC5.4.0",
    "DeviceSerialNumber": "00000000GEMRGEMR",
    "EchoTime": 0.033,
    "EffectiveEchoSpacing": 0.00042,
    "FlipAngle": 90,
    "ImageOrientationPatientDICOM": [
      0.998363,
      -0.0030852,
      0.0571198,
      -0.00468302,
      0.990784,
      0.135367
    ],
    "ImageType": [
      "ORIGINAL",
      "PRIMARY",
      "EPI",
      "NONE"
    ],
    "ImagingFrequency": 127.764,
    "InPlanePhaseEncodingDirectionDICOM": "COL",
    "InstitutionName": "NCKU",
    "MRAcquisitionType": "2D",
    "MagneticFieldStrength": 3,
    "Manufacturer": "GE",
    "ManufacturersModelName": "DISCOVERY_MR750",
    "PatientPosition": "HFS",
    "PercentPhaseFOV": 100,
    "PhaseEncodingDirection": "j",
    "PhaseEncodingPolarityGE": "Flipped",
    "PixelBandwidth": 7812.5,
    "ProtocolName": "hypervote_run_3",
    "ReconMatrixPE": 64,
    "RepetitionTime": 2,
    "SAR": 0.409889,
    "ScanOptions": "EPI_GEMS_ACC_GEMS",
    "ScanningSequence": "EP_GR",
    "SequenceVariant": "SS",
    "SeriesDescription": "hypervote_run_3",
    "SeriesNumber": 6,
    "SliceThickness": 3,
    "SliceTiming": [
      0,
      1,
      0.05,
      1.05,
      0.0999999,
      1.1,
      0.15,
      1.15,
      0.2,
      1.2,
      0.25,
      1.25,
      0.3,
      1.3,
      0.35,
      1.35,
      0.4,
      1.4,
      0.45,
      1.45,
      0.5,
      1.5,
      0.55,
      1.55,
      0.6,
      1.6,
      0.65,
      1.65,
      0.7,
      1.7,
      0.75,
      1.75,
      0.8,
      1.8,
      0.85,
      1.85,
      0.9,
      1.9,
      0.95,
      1.95
    ],
    "SoftwareVersions": "27_LX_MR_Software_release:DV25.1_R02_1649.a",
    "SpacingBetweenSlices": 3,
    "StationName": "GEMRGEMR",
    "TaskName": "OTCG",
    "TotalReadoutTime": 0.02646,
    "dataset": "ds004103",
    "modality": "bold",
    "run_id": 3,
    "subject_id": "s52A",
    "task_id": "OTCG"
  },
  "dummy_trs": 1,
  "dvars_nstd": 13.697441048749996,
  "dvars_std": 1.0812723688109753,
  "dvars_vstd": 1.0313239617378058,
  "efc": 0.4549514367754365,
  "fber": 59966.44140625,
  "fd_mean": 0.0986029777010473,
  "fd_num": 26,
  "fd_perc": 7.90273556231003,
  "fwhm_avg": 2.471253650793651,
  "fwhm_x": 2.35424,
  "fwhm_y": 2.498134285714286,
  "fwhm_z": 2.561386666666667,
  "gcor": 0.10055,
  "gsr_x": 0.006100964732468128,
  "gsr_y": 0.006649017333984375,
  "provenance": {
    "md5sum": "71a9a6e954c1b1159526496c118a0978",
    "settings": {
      "fd_thres": 0.2,
      "testing": false
    },
    "software": "mriqc",
    "version": "23.0.1",
    "webapi_port": null,
    "webapi_url": "https://mriqc.nimh.nih.gov/api/v1"
  },
  "size_t": 329,
  "size_x": 64,
  "size_y": 64,
  "size_z": 40,
  "snr": 6.192789496510748,
  "spacing_tr": 2.0,
  "spacing_x": 3.5,
  "spacing_y": 3.5,
  "spacing_z": 3.0,
  "summary_bg_k": 41.84143540139944,
  "summary_bg_mad": 28.520942224915323,
  "summary_bg_mean": 119.52764892578125,
  "summary_bg_median": 19.750761032104492,
  "summary_bg_n": 104641.0,
  "summary_bg_p05": 0.05167173221707344,
  "summary_bg_p95": 620.0851440429688,
  "summary_bg_stdv": 300.4894104003906,
  "summary_fg_k": 1.4673388720047287,
  "summary_fg_mad": 640.5292228417354,
  "summary_fg_mean": 4436.8740234375,
  "summary_fg_median": 4489.650390625,
  "summary_fg_n": 26844.0,
  "summary_fg_p05": 3143.2954956054687,
  "summary_fg_p95": 5527.996557617187,
  "summary_fg_stdv": 724.966796875,
  "tsnr": 72.04370620800182
}