{
  "bids_meta": {
    "AcquisitionMatrixPE": 256,
    "AcquisitionNumber": 1,
    "AcquisitionTime": "11:31:14.355000",
    "BaseResolution": 256,
    "BodyPartExamined": "BRAIN",
    "ConsistencyInfo": "N4_VD13D_LATEST_20130810",
    "ConversionSoftware": "dcm2niix",
    "ConversionSoftwareVersion": "v1.0.20181125  GCC5.4.0",
    "DeviceSerialNumber": "66020",
    "DwellTime": 9.8e-06,
    "EchoTime": 0.0023,
    "FlipAngle": 8,
    "ImageOrientationPatientDICOM": [
      -0.0086757,
      0.999962,
      9.36761e-09,
      0.0245287,
      0.000212821,
      -0.999699
    ],
    "ImageType": [
      "ORIGINAL",
      "PRIMARY",
      "M",
      "ND",
      "NORM"
    ],
    "ImagingFrequency": 123.262,
    "InPlanePhaseEncodingDirectionDICOM": "ROW",
    "InstitutionAddress": "Fanglan_Rd._49_Taipei_Da_An_TW_10672",
    "InstitutionName": "NTU_NCSC",
    "InstitutionalDepartmentName": "Department",
    "InversionTime": 0.9,
    "MRAcquisitionType": "3D",
    "MagneticFieldStrength": 3,
    "Manufacturer": "Siemens",
    "ManufacturersModelName": "Prisma",
    "Modality": "MR",
    "PartialFourier": 1,
    "PatientPosition": "HFS",
    "PercentPhaseFOV": 100,
    "PhaseEncodingSteps": 255,
    "PhaseResolution": 1,
    "PixelBandwidth": 200,
    "ProcedureStepDescription": "NTU_Brain",
    "ProtocolName": "t1_mprage_sag_p2_iso",
    "PulseSequenceDetails": "%SiemensSeq%_tfl",
    "ReceiveCoilActiveElements": "HE1-4",
    "ReceiveCoilName": "HeadNeck_20",
    "ReconMatrixPE": 256,
    "RepetitionTime": 2,
    "SAR": 0.0683943,
    "ScanOptions": "IR",
    "ScanningSequence": "GR_IR",
    "SequenceName": "_tfl3d1_16ns",
    "SequenceVariant": "SK_SP_MP",
    "SeriesDescription": "t1_mprage_sag_p2_iso",
    "SeriesNumber": 2,
    "ShimSetting": [
      -3014,
      -3755,
      -5732,
      89,
      -93,
      18,
      -54,
      32
    ],
    "SliceThickness": 0.94,
    "SoftwareVersions": "syngo_MR_D13D",
    "StationName": "AWP66020",
    "TxRefAmp": 285.483,
    "dataset": "ds004103",
    "modality": "T1w",
    "subject_id": "s12B"
  },
  "cjv": 0.36321896455870323,
  "cnr": 3.7869004857103015,
  "efc": 0.6147231475696192,
  "fber": 24462.107903375138,
  "fwhm_avg": 4.068979852204746,
  "fwhm_x": 4.145670223280902,
  "fwhm_y": 4.009557333333333,
  "fwhm_z": 4.051712,
  "icvs_csf": 0.18154852780940936,
  "icvs_gm": 0.44308568821252237,
  "icvs_wm": 0.3753657839780683,
  "inu_med": 0.4921748638153076,
  "inu_range": 0.18777148723602288,
  "provenance": {
    "md5sum": "29921f9e3a4149b881638affeddfc4ba",
    "settings": {
      "testing": false
    },
    "software": "mriqc",
    "version": "23.0.1",
    "warnings": {
      "large_rot_frame": true,
      "small_air_mask": false
    },
    "webapi_port": null,
    "webapi_url": "https://mriqc.nimh.nih.gov/api/v1"
  },
  "qi_1": 0.0,
  "qi_2": 0.010009103647940542,
  "rpve_csf": 22.259951595269392,
  "rpve_gm": 10.159038601076247,
  "rpve_wm": 13.705087158376617,
  "size_x": 192,
  "size_y": 256,
  "size_z": 256,
  "snr_csf": 1.799758412187982,
  "snr_gm": 12.308477256021767,
  "snr_total": 12.497656283539575,
  "snr_wm": 23.38473318240898,
  "snrd_csf": 28.66434780971314,
  "snrd_gm": 70.31624184476392,
  "snrd_total": 65.38804462186361,
  "snrd_wm": 97.18354421111376,
  "spacing_x": 0.9399999976158142,
  "spacing_y": 0.9375,
  "spacing_z": 0.9375,
  "summary_bg_k": 11.07242723089346,
  "summary_bg_mad": 0.0,
  "summary_bg_mean": 3.834112192389535,
  "summary_bg_median": 0.0,
  "summary_bg_n": 2817150.0,
  "summary_bg_p05": 0.0,
  "summary_bg_p95": 17.408625841140747,
  "summary_bg_stdv": 6.741227495223381,
  "summary_csf_k": 26.509195529577216,
  "summary_csf_mad": 103.24026917283689,
  "summary_csf_mean": 310.41227906039546,
  "summary_csf_median": 294.9506233930588,
  "summary_csf_n": 36067.0,
  "summary_csf_p05": 93.18811429739,
  "summary_csf_p95": 533.5180854797363,
  "summary_csf_stdv": 163.88118118567775,
  "summary_gm_k": -0.02153440277408114,
  "summary_gm_mad": 59.003611548406155,
  "summary_gm_mean": 723.2839463886062,
  "summary_gm_median": 723.5405983924866,
  "summary_gm_n": 63454.0,
  "summary_gm_p05": 626.4940050840378,
  "summary_gm_p95": 819.5478707551956,
  "summary_gm_stdv": 58.78346135107022,
  "summary_wm_k": 0.31827714840857757,
  "summary_wm_mad": 41.41167513462674,
  "summary_wm_mean": 1000.8864222113128,
  "summary_wm_median": 999.999969959259,
  "summary_wm_n": 317185.0,
  "summary_wm_p05": 932.4008034467697,
  "summary_wm_p95": 1072.4493008852005,
  "summary_wm_stdv": 42.762873785671516,
  "tpm_overlap_csf": 0.17246431820655694,
  "tpm_overlap_gm": 0.4683615770821023,
  "tpm_overlap_wm": 0.50932013457967,
  "wm2max": 0.449313149394871
}