{
  "aor": 0.001467082066869301,
  "aqi": 0.003555075683890578,
  "bids_meta": {
    "AcquisitionMatrixPE": 64,
    "AcquisitionNumber": 1,
    "AcquisitionTime": "09:22:34.000000",
    "BodyPartExamined": "HEAD",
    "CoilString": "8HRBRAIN",
    "ConversionSoftware": "dcm2niix",
    "ConversionSoftwareVersion": "v1.0.20181125  GCC5.4.0",
    "DeviceSerialNumber": "00000000GEMRGEMR",
    "EchoTime": 0.033,
    "EffectiveEchoSpacing": 0.00042,
    "FlipAngle": 90,
    "ImageOrientationPatientDICOM": [
      0.998565,
      -0.0327835,
      -0.0423553,
      0.0331002,
      0.999429,
      0.00679723
    ],
    "ImageType": [
      "ORIGINAL",
      "PRIMARY",
      "EPI",
      "NONE"
    ],
    "ImagingFrequency": 127.764,
    "InPlanePhaseEncodingDirectionDICOM": "COL",
    "InstitutionName": "NCKU",
    "MRAcquisitionType": "2D",
    "MagneticFieldStrength": 3,
    "Manufacturer": "GE",
    "ManufacturersModelName": "DISCOVERY_MR750",
    "PatientPosition": "HFS",
    "PercentPhaseFOV": 100,
    "PhaseEncodingDirection": "j",
    "PhaseEncodingPolarityGE": "Flipped",
    "PixelBandwidth": 7812.5,
    "ProtocolName": "hypervote_run_1",
    "ReconMatrixPE": 64,
    "RepetitionTime": 2,
    "SAR": 0.425601,
    "ScanOptions": "EPI_GEMS_ACC_GEMS",
    "ScanningSequence": "EP_GR",
    "SequenceVariant": "SS",
    "SeriesDescription": "hypervote_run_1",
    "SeriesNumber": 4,
    "SliceThickness": 3,
    "SliceTiming": [
      0,
      1,
      0.05,
      1.05,
      0.0999999,
      1.1,
      0.15,
      1.15,
      0.2,
      1.2,
      0.25,
      1.25,
      0.3,
      1.3,
      0.35,
      1.35,
      0.4,
      1.4,
      0.45,
      1.45,
      0.5,
      1.5,
      0.55,
      1.55,
      0.6,
      1.6,
      0.65,
      1.65,
      0.7,
      1.7,
      0.75,
      1.75,
      0.8,
      1.8,
      0.85,
      1.85,
      0.9,
      1.9,
      0.95,
      1.95
    ],
    "SoftwareVersions": "27_LX_MR_Software_release:DV25.1_R02_1649.a",
    "SpacingBetweenSlices": 3,
    "StationName": "GEMRGEMR",
    "TaskName": "OTCG",
    "TotalReadoutTime": 0.02646,
    "dataset": "ds004103",
    "modality": "bold",
    "run_id": 1,
    "subject_id": "s34A",
    "task_id": "OTCG"
  },
  "dummy_trs": 1,
  "dvars_nstd": 17.588581352774387,
  "dvars_std": 1.147318398170732,
  "dvars_vstd": 0.9899273454878055,
  "efc": 0.45975281953168645,
  "fber": 37595.078125,
  "fd_mean": 0.06158489894984154,
  "fd_num": 4,
  "fd_perc": 1.21580547112462,
  "fwhm_avg": 2.559494761904762,
  "fwhm_x": 2.3793599999999997,
  "fwhm_y": 2.719394285714286,
  "fwhm_z": 2.57973,
  "gcor": 0.0699939,
  "gsr_x": -0.0005656907451339066,
  "gsr_y": 0.009092339314520359,
  "provenance": {
    "md5sum": "df07e27e46fbc6d929425bf59c352023",
    "settings": {
      "fd_thres": 0.2,
      "testing": false
    },
    "software": "mriqc",
    "version": "23.0.1",
    "webapi_port": null,
    "webapi_url": "https://mriqc.nimh.nih.gov/api/v1"
  },
  "size_t": 329,
  "size_x": 64,
  "size_y": 64,
  "size_z": 40,
  "snr": 5.4350283149497605,
  "spacing_tr": 2.0,
  "spacing_x": 3.5,
  "spacing_y": 3.5,
  "spacing_z": 3.0,
  "summary_bg_k": 30.004172654817985,
  "summary_bg_mad": 36.4612007763073,
  "summary_bg_mean": 124.9085922241211,
  "summary_bg_median": 25.148937225341797,
  "summary_bg_n": 103747.0,
  "summary_bg_p05": 0.048632219433784485,
  "summary_bg_p95": 583.7784423828116,
  "summary_bg_stdv": 295.29180908203125,
  "summary_fg_k": 0.36895703201037877,
  "summary_fg_mad": 837.003154850024,
  "summary_fg_mean": 4635.2373046875,
  "summary_fg_median": 4664.97705078125,
  "summary_fg_n": 27436.0,
  "summary_fg_p05": 3169.5798950195312,
  "summary_fg_p95": 5985.5660400390625,
  "summary_fg_stdv": 858.3013305664062,
  "tsnr": 75.40166579629295
}