{
  "aor": 0.0017189939024390246,
  "aqi": 0.0034406707317073174,
  "bids_meta": {
    "AcquisitionMatrixPE": 64,
    "AcquisitionNumber": 1,
    "AcquisitionTime": "09:36:13.000000",
    "BodyPartExamined": "HEAD",
    "CoilString": "8HRBRAIN",
    "ConversionSoftware": "dcm2niix",
    "ConversionSoftwareVersion": "v1.0.20181125  GCC5.4.0",
    "DeviceSerialNumber": "00000000GEMRGEMR",
    "EchoTime": 0.033,
    "EffectiveEchoSpacing": 0.00042,
    "FlipAngle": 90,
    "ImageOrientationPatientDICOM": [
      0.998565,
      -0.0327833,
      -0.0423551,
      0.0331,
      0.999429,
      0.00679701
    ],
    "ImageType": [
      "ORIGINAL",
      "PRIMARY",
      "EPI",
      "NONE"
    ],
    "ImagingFrequency": 127.764,
    "InPlanePhaseEncodingDirectionDICOM": "COL",
    "InstitutionName": "NCKU",
    "MRAcquisitionType": "2D",
    "MagneticFieldStrength": 3,
    "Manufacturer": "GE",
    "ManufacturersModelName": "DISCOVERY_MR750",
    "PatientPosition": "HFS",
    "PercentPhaseFOV": 100,
    "PhaseEncodingDirection": "j",
    "PhaseEncodingPolarityGE": "Flipped",
    "PixelBandwidth": 7812.5,
    "ProtocolName": "hypervote_run_2",
    "ReconMatrixPE": 64,
    "RepetitionTime": 2,
    "SAR": 0.425601,
    "ScanOptions": "EPI_GEMS_ACC_GEMS",
    "ScanningSequence": "EP_GR",
    "SequenceVariant": "SS",
    "SeriesDescription": "hypervote_run_2",
    "SeriesNumber": 5,
    "SliceThickness": 3,
    "SliceTiming": [
      0,
      1,
      0.05,
      1.05,
      0.0999999,
      1.1,
      0.15,
      1.15,
      0.2,
      1.2,
      0.25,
      1.25,
      0.3,
      1.3,
      0.35,
      1.35,
      0.4,
      1.4,
      0.45,
      1.45,
      0.5,
      1.5,
      0.55,
      1.55,
      0.6,
      1.6,
      0.65,
      1.65,
      0.7,
      1.7,
      0.75,
      1.75,
      0.8,
      1.8,
      0.85,
      1.85,
      0.9,
      1.9,
      0.95,
      1.95
    ],
    "SoftwareVersions": "27_LX_MR_Software_release:DV25.1_R02_1649.a",
    "SpacingBetweenSlices": 3,
    "StationName": "GEMRGEMR",
    "TaskName": "OTCG",
    "TotalReadoutTime": 0.02646,
    "dataset": "ds004103",
    "modality": "bold",
    "run_id": 2,
    "subject_id": "s34A",
    "task_id": "OTCG"
  },
  "dummy_trs": 2,
  "dvars_nstd": 18.03496480938839,
  "dvars_std": 1.1479794236085619,
  "dvars_vstd": 0.9999873574923532,
  "efc": 0.4617366589761932,
  "fber": 36815.453125,
  "fd_mean": 0.07867128856565068,
  "fd_num": 16,
  "fd_perc": 4.878048780487805,
  "fwhm_avg": 2.578059365079365,
  "fwhm_x": 2.4093771428571427,
  "fwhm_y": 2.7353342857142855,
  "fwhm_z": 2.5894666666666666,
  "gcor": 0.100692,
  "gsr_x": -0.0011510681360960007,
  "gsr_y": 0.010694291442632675,
  "provenance": {
    "md5sum": "02918bc4502436c098d2602e834bf0cc",
    "settings": {
      "fd_thres": 0.2,
      "testing": false
    },
    "software": "mriqc",
    "version": "23.0.1",
    "webapi_port": null,
    "webapi_url": "https://mriqc.nimh.nih.gov/api/v1"
  },
  "size_t": 328,
  "size_x": 64,
  "size_y": 64,
  "size_z": 40,
  "snr": 5.257843565297434,
  "spacing_tr": 2.0,
  "spacing_x": 3.5,
  "spacing_y": 3.5,
  "spacing_z": 3.0,
  "summary_bg_k": 28.712596978799876,
  "summary_bg_mad": 36.64242170996548,
  "summary_bg_mean": 128.64495849609375,
  "summary_bg_median": 25.224084854125977,
  "summary_bg_n": 103646.0,
  "summary_bg_p05": 0.030487803742289543,
  "summary_bg_p95": 600.2393035888672,
  "summary_bg_stdv": 299.4156494140625,
  "summary_fg_k": 0.27453721213785354,
  "summary_fg_mad": 879.8791712540432,
  "summary_fg_mean": 4573.02978515625,
  "summary_fg_median": 4603.62939453125,
  "summary_fg_n": 27584.0,
  "summary_fg_p05": 3095.4400634765625,
  "summary_fg_p95": 5951.081298828125,
  "summary_fg_stdv": 875.5578002929688,
  "tsnr": 73.11973833059892
}