{
  "aor": 0.00476662613981763,
  "aqi": 0.005459345075987842,
  "bids_meta": {
    "AcquisitionMatrixPE": 64,
    "AcquisitionNumber": 1,
    "AcquisitionTime": "09:48:11.000000",
    "BodyPartExamined": "HEAD",
    "CoilString": "8HRBRAIN",
    "ConversionSoftware": "dcm2niix",
    "ConversionSoftwareVersion": "v1.0.20181125  GCC5.4.0",
    "DeviceSerialNumber": "00000000GEMRGEMR",
    "EchoTime": 0.033,
    "EffectiveEchoSpacing": 0.00042,
    "FlipAngle": 90,
    "ImageOrientationPatientDICOM": [
      0.998565,
      -0.0327833,
      -0.0423551,
      0.0331,
      0.999429,
      0.00679701
    ],
    "ImageType": [
      "ORIGINAL",
      "PRIMARY",
      "EPI",
      "NONE"
    ],
    "ImagingFrequency": 127.764,
    "InPlanePhaseEncodingDirectionDICOM": "COL",
    "InstitutionName": "NCKU",
    "MRAcquisitionType": "2D",
    "MagneticFieldStrength": 3,
    "Manufacturer": "GE",
    "ManufacturersModelName": "DISCOVERY_MR750",
    "PatientPosition": "HFS",
    "PercentPhaseFOV": 100,
    "PhaseEncodingDirection": "j",
    "PhaseEncodingPolarityGE": "Flipped",
    "PixelBandwidth": 7812.5,
    "ProtocolName": "hypervote_run_3",
    "ReconMatrixPE": 64,
    "RepetitionTime": 2,
    "SAR": 0.425601,
    "ScanOptions": "EPI_GEMS_ACC_GEMS",
    "ScanningSequence": "EP_GR",
    "SequenceVariant": "SS",
    "SeriesDescription": "hypervote_run_3",
    "SeriesNumber": 6,
    "SliceThickness": 3,
    "SliceTiming": [
      0,
      1,
      0.05,
      1.05,
      0.0999999,
      1.1,
      0.15,
      1.15,
      0.2,
      1.2,
      0.25,
      1.25,
      0.3,
      1.3,
      0.35,
      1.35,
      0.4,
      1.4,
      0.45,
      1.45,
      0.5,
      1.5,
      0.55,
      1.55,
      0.6,
      1.6,
      0.65,
      1.65,
      0.7,
      1.7,
      0.75,
      1.75,
      0.8,
      1.8,
      0.85,
      1.85,
      0.9,
      1.9,
      0.95,
      1.95
    ],
    "SoftwareVersions": "27_LX_MR_Software_release:DV25.1_R02_1649.a",
    "SpacingBetweenSlices": 3,
    "StationName": "GEMRGEMR",
    "TaskName": "OTCG",
    "TotalReadoutTime": 0.02646,
    "dataset": "ds004103",
    "modality": "bold",
    "run_id": 3,
    "subject_id": "s34A",
    "task_id": "OTCG"
  },
  "dummy_trs": 1,
  "dvars_nstd": 19.040875583109756,
  "dvars_std": 1.095836471219513,
  "dvars_vstd": 0.9963477178658534,
  "efc": 0.46216200066358115,
  "fber": 37770.890625,
  "fd_mean": 0.1217959854332668,
  "fd_num": 39,
  "fd_perc": 11.854103343465045,
  "fwhm_avg": 2.605193174603175,
  "fwhm_x": 2.4202857142857144,
  "fwhm_y": 2.772237142857143,
  "fwhm_z": 2.623056666666667,
  "gcor": 0.111742,
  "gsr_x": -0.0011183643946424127,
  "gsr_y": 0.010780403390526772,
  "provenance": {
    "md5sum": "006c6ef894c78b444e1dc9d790e743b9",
    "settings": {
      "fd_thres": 0.2,
      "testing": false
    },
    "software": "mriqc",
    "version": "23.0.1",
    "webapi_port": null,
    "webapi_url": "https://mriqc.nimh.nih.gov/api/v1"
  },
  "size_t": 329,
  "size_x": 64,
  "size_y": 64,
  "size_z": 40,
  "snr": 5.245759128370546,
  "spacing_tr": 2.0,
  "spacing_x": 3.5,
  "spacing_y": 3.5,
  "spacing_z": 3.0,
  "summary_bg_k": 28.78871770005046,
  "summary_bg_mad": 36.244894310054605,
  "summary_bg_mean": 129.73606872558594,
  "summary_bg_median": 24.975685119628906,
  "summary_bg_n": 103649.0,
  "summary_bg_p05": 0.048632219433784485,
  "summary_bg_p95": 607.8650390624997,
  "summary_bg_stdv": 300.0544128417969,
  "summary_fg_k": 0.24034580657196747,
  "summary_fg_mad": 874.9025360240057,
  "summary_fg_mean": 4557.0556640625,
  "summary_fg_median": 4584.15185546875,
  "summary_fg_n": 27531.0,
  "summary_fg_p05": 3085.0911865234375,
  "summary_fg_p95": 5936.94677734375,
  "summary_fg_stdv": 873.86181640625,
  "tsnr": 56.25370284775272
}