{
  "aor": 0.0031899695121951222,
  "aqi": 0.009618454969512195,
  "bids_meta": {
    "AcquisitionMatrixPE": 64,
    "AcquisitionNumber": 1,
    "AcquisitionTime": "11:05:24.710000",
    "BandwidthPerPixelPhaseEncode": 31.888,
    "BaseResolution": 64,
    "BodyPartExamined": "BRAIN",
    "ConsistencyInfo": "N4_VD13D_LATEST_20130810",
    "ConversionSoftware": "dcm2niix",
    "ConversionSoftwareVersion": "v1.0.20181125  GCC5.4.0",
    "DerivedVendorReportedEchoSpacing": 0.000489996,
    "DeviceSerialNumber": "66020",
    "DwellTime": 3.3e-06,
    "EchoTime": 0.024,
    "EchoTrainLength": 64,
    "EffectiveEchoSpacing": 0.000489996,
    "FlipAngle": 87,
    "ImageOrientationPatientDICOM": [
      0.998276,
      -0.0343066,
      0.0476172,
      0.0383499,
      0.99549,
      -0.0867737
    ],
    "ImageType": [
      "ORIGINAL",
      "PRIMARY",
      "M",
      "ND",
      "NORM",
      "MOSAIC"
    ],
    "ImagingFrequency": 123.262,
    "InPlanePhaseEncodingDirectionDICOM": "COL",
    "InstitutionAddress": "Fanglan_Rd._49_Taipei_Da_An_TW_10672",
    "InstitutionName": "NTU_NCSC",
    "InstitutionalDepartmentName": "Department",
    "MRAcquisitionType": "2D",
    "MagneticFieldStrength": 3,
    "Manufacturer": "Siemens",
    "ManufacturersModelName": "Prisma",
    "PartialFourier": 1,
    "PatientPosition": "HFS",
    "PercentPhaseFOV": 100,
    "PhaseEncodingDirection": "j-",
    "PhaseEncodingSteps": 64,
    "PhaseResolution": 1,
    "PixelBandwidth": 2365,
    "ProcedureStepDescription": "NTU_Brain",
    "ProtocolName": "ep2d_bold_64x64_3mm_iso_330TR",
    "PulseSequenceDetails": "%SiemensSeq%_ep2d_bold",
    "ReceiveCoilActiveElements": "HE1-4",
    "ReceiveCoilName": "HeadNeck_20",
    "ReconMatrixPE": 64,
    "RepetitionTime": 2,
    "SAR": 0.0967385,
    "ScanOptions": "FS",
    "ScanningSequence": "EP",
    "SequenceName": "_epfid2d1_64",
    "SequenceVariant": "SK",
    "SeriesDescription": "ep2d_bold_64x64_3mm_iso_330TR",
    "SeriesNumber": 3,
    "ShimSetting": [
      -2981,
      -3716,
      -5691,
      274,
      -107,
      202,
      -254,
      78
    ],
    "SliceThickness": 3,
    "SliceTiming": [
      0.99,
      0,
      1.045,
      0.055,
      1.1,
      0.11,
      1.155,
      0.165,
      1.21,
      0.22,
      1.265,
      0.275,
      1.32,
      0.33,
      1.375,
      0.385,
      1.43,
      0.44,
      1.485,
      0.495,
      1.54,
      0.55,
      1.595,
      0.605,
      1.65,
      0.66,
      1.705,
      0.715,
      1.76,
      0.77,
      1.815,
      0.825,
      1.87,
      0.88,
      1.925,
      0.935
    ],
    "SoftwareVersions": "syngo_MR_D13D",
    "SpacingBetweenSlices": 3,
    "StationName": "AWP66020",
    "TaskName": "OTCG",
    "TotalReadoutTime": 0.0308698,
    "TxRefAmp": 242.706,
    "VendorReportedEchoSpacing": 0.00049,
    "dataset": "ds004103",
    "modality": "bold",
    "run_id": 1,
    "subject_id": "s18B",
    "task_id": "OTCG"
  },
  "dummy_trs": 2,
  "dvars_nstd": 17.65552630733946,
  "dvars_std": 1.1747443224159022,
  "dvars_vstd": 0.9870817493577986,
  "efc": 0.6017089100251377,
  "fber": 783.61376953125,
  "fd_mean": 0.11141122459910807,
  "fd_num": 10,
  "fd_perc": 3.048780487804878,
  "fwhm_avg": 1.7411666666666668,
  "fwhm_x": 1.6898666666666669,
  "fwhm_y": 1.7682566666666668,
  "fwhm_z": 1.7653766666666666,
  "gcor": 0.00678995,
  "gsr_x": 0.012487613596022129,
  "gsr_y": 0.026409486308693886,
  "provenance": {
    "md5sum": "ee19374c72e0fd1448a93a00c729d916",
    "settings": {
      "fd_thres": 0.2,
      "testing": false
    },
    "software": "mriqc",
    "version": "23.0.1",
    "webapi_port": null,
    "webapi_url": "https://mriqc.nimh.nih.gov/api/v1"
  },
  "size_t": 328,
  "size_x": 64,
  "size_y": 64,
  "size_z": 36,
  "snr": 8.066324418951856,
  "spacing_tr": 2.0,
  "spacing_x": 3.0,
  "spacing_y": 3.0,
  "spacing_z": 3.0,
  "summary_bg_k": 27.078815801702284,
  "summary_bg_mad": 20.394818278901077,
  "summary_bg_mean": 64.2435073852539,
  "summary_bg_median": 32.07621765136719,
  "summary_bg_n": 77647.0,
  "summary_bg_p05": 12.893292427062988,
  "summary_bg_p95": 212.7039596557613,
  "summary_bg_stdv": 98.78054809570312,
  "summary_fg_k": 2.3938040490961567,
  "summary_fg_mad": 104.75393662013161,
  "summary_fg_mean": 917.7576293945312,
  "summary_fg_median": 913.0548706054688,
  "summary_fg_n": 36131.0,
  "summary_fg_p05": 751.9146118164062,
  "summary_fg_p95": 1098.6005859375,
  "summary_fg_stdv": 113.19185638427734,
  "tsnr": 80.3861294593662
}