{
  "aor": 0.0036309480122324158,
  "aqi": 0.009407859694189603,
  "bids_meta": {
    "AcquisitionMatrixPE": 64,
    "AcquisitionNumber": 1,
    "AcquisitionTime": "11:29:20.722500",
    "BandwidthPerPixelPhaseEncode": 31.888,
    "BaseResolution": 64,
    "BodyPartExamined": "BRAIN",
    "ConsistencyInfo": "N4_VD13D_LATEST_20130810",
    "ConversionSoftware": "dcm2niix",
    "ConversionSoftwareVersion": "v1.0.20181125  GCC5.4.0",
    "DerivedVendorReportedEchoSpacing": 0.000489996,
    "DeviceSerialNumber": "66020",
    "DwellTime": 3.3e-06,
    "EchoTime": 0.024,
    "EchoTrainLength": 64,
    "EffectiveEchoSpacing": 0.000489996,
    "FlipAngle": 87,
    "ImageOrientationPatientDICOM": [
      0.998276,
      -0.0343066,
      0.0476172,
      0.0383499,
      0.99549,
      -0.0867737
    ],
    "ImageType": [
      "ORIGINAL",
      "PRIMARY",
      "M",
      "ND",
      "NORM",
      "MOSAIC"
    ],
    "ImagingFrequency": 123.262,
    "InPlanePhaseEncodingDirectionDICOM": "COL",
    "InstitutionAddress": "Fanglan_Rd._49_Taipei_Da_An_TW_10672",
    "InstitutionName": "NTU_NCSC",
    "InstitutionalDepartmentName": "Department",
    "MRAcquisitionType": "2D",
    "MagneticFieldStrength": 3,
    "Manufacturer": "Siemens",
    "ManufacturersModelName": "Prisma",
    "PartialFourier": 1,
    "PatientPosition": "HFS",
    "PercentPhaseFOV": 100,
    "PhaseEncodingDirection": "j-",
    "PhaseEncodingSteps": 64,
    "PhaseResolution": 1,
    "PixelBandwidth": 2365,
    "ProcedureStepDescription": "NTU_Brain",
    "ProtocolName": "ep2d_bold_64x64_3mm_iso_330TR",
    "PulseSequenceDetails": "%SiemensSeq%_ep2d_bold",
    "ReceiveCoilActiveElements": "HE1-4",
    "ReceiveCoilName": "HeadNeck_20",
    "ReconMatrixPE": 64,
    "RepetitionTime": 2,
    "SAR": 0.0967385,
    "ScanOptions": "FS",
    "ScanningSequence": "EP",
    "SequenceName": "_epfid2d1_64",
    "SequenceVariant": "SK",
    "SeriesDescription": "ep2d_bold_64x64_3mm_iso_330TR",
    "SeriesNumber": 5,
    "ShimSetting": [
      -2981,
      -3716,
      -5691,
      274,
      -107,
      202,
      -254,
      78
    ],
    "SliceThickness": 3,
    "SliceTiming": [
      0.99,
      0,
      1.045,
      0.055,
      1.1,
      0.11,
      1.155,
      0.165,
      1.21,
      0.22,
      1.265,
      0.275,
      1.32,
      0.33,
      1.375,
      0.385,
      1.43,
      0.44,
      1.485,
      0.495,
      1.54,
      0.55,
      1.595,
      0.605,
      1.65,
      0.66,
      1.705,
      0.715,
      1.76,
      0.77,
      1.815,
      0.825,
      1.87,
      0.88,
      1.925,
      0.935
    ],
    "SoftwareVersions": "syngo_MR_D13D",
    "SpacingBetweenSlices": 3,
    "StationName": "AWP66020",
    "TaskName": "OTCG",
    "TotalReadoutTime": 0.0308698,
    "TxRefAmp": 242.706,
    "VendorReportedEchoSpacing": 0.00049,
    "dataset": "ds004103",
    "modality": "bold",
    "run_id": 3,
    "subject_id": "s18B",
    "task_id": "OTCG"
  },
  "dummy_trs": 3,
  "dvars_nstd": 17.397596087024553,
  "dvars_std": 1.2190916329447856,
  "dvars_vstd": 1.0270458448773006,
  "efc": 0.6044293929608765,
  "fber": 743.841064453125,
  "fd_mean": 0.11332334356585516,
  "fd_num": 17,
  "fd_perc": 5.198776758409786,
  "fwhm_avg": 1.7486,
  "fwhm_x": 1.6908533333333333,
  "fwhm_y": 1.7611333333333334,
  "fwhm_z": 1.7938133333333333,
  "gcor": 0.0133103,
  "gsr_x": 0.012371751479804516,
  "gsr_y": 0.026065297424793243,
  "provenance": {
    "md5sum": "ed405b52e42174f57a3b8d2441c67b59",
    "settings": {
      "fd_thres": 0.2,
      "testing": false
    },
    "software": "mriqc",
    "version": "23.0.1",
    "webapi_port": null,
    "webapi_url": "https://mriqc.nimh.nih.gov/api/v1"
  },
  "size_t": 327,
  "size_x": 64,
  "size_y": 64,
  "size_z": 36,
  "snr": 8.060830466166669,
  "spacing_tr": 2.0,
  "spacing_x": 3.0,
  "spacing_y": 3.0,
  "spacing_z": 3.0,
  "summary_bg_k": 27.724494591708012,
  "summary_bg_mad": 21.010334267606876,
  "summary_bg_mean": 65.89554595947266,
  "summary_bg_median": 32.81345748901367,
  "summary_bg_n": 77505.0,
  "summary_bg_p05": 13.186544418334961,
  "summary_bg_p95": 221.06606140136725,
  "summary_bg_stdv": 100.281494140625,
  "summary_fg_k": 2.299418122145931,
  "summary_fg_mad": 105.80887904343108,
  "summary_fg_mean": 914.944580078125,
  "summary_fg_median": 909.9266357421875,
  "summary_fg_n": 36251.0,
  "summary_fg_p05": 749.6009521484375,
  "summary_fg_p95": 1095.126953125,
  "summary_fg_stdv": 112.88093566894531,
  "tsnr": 83.47824057005346
}