{
  "aor": 0.0021314373088685014,
  "aqi": 0.006646977217125381,
  "bids_meta": {
    "AcquisitionMatrixPE": 64,
    "AcquisitionNumber": 1,
    "AcquisitionTime": "11:42:6.785000",
    "BandwidthPerPixelPhaseEncode": 31.888,
    "BaseResolution": 64,
    "BodyPartExamined": "BRAIN",
    "ConsistencyInfo": "N4_VD13D_LATEST_20130810",
    "ConversionSoftware": "dcm2niix",
    "ConversionSoftwareVersion": "v1.0.20181125  GCC5.4.0",
    "DerivedVendorReportedEchoSpacing": 0.000489996,
    "DeviceSerialNumber": "66020",
    "DwellTime": 3.3e-06,
    "EchoTime": 0.024,
    "EchoTrainLength": 64,
    "EffectiveEchoSpacing": 0.000489996,
    "FlipAngle": 87,
    "ImageOrientationPatientDICOM": [
      0.998276,
      -0.0343066,
      0.0476172,
      0.0383499,
      0.99549,
      -0.0867737
    ],
    "ImageType": [
      "ORIGINAL",
      "PRIMARY",
      "M",
      "ND",
      "NORM",
      "MOSAIC"
    ],
    "ImagingFrequency": 123.262,
    "InPlanePhaseEncodingDirectionDICOM": "COL",
    "InstitutionAddress": "Fanglan_Rd._49_Taipei_Da_An_TW_10672",
    "InstitutionName": "NTU_NCSC",
    "InstitutionalDepartmentName": "Department",
    "MRAcquisitionType": "2D",
    "MagneticFieldStrength": 3,
    "Manufacturer": "Siemens",
    "ManufacturersModelName": "Prisma",
    "PartialFourier": 1,
    "PatientPosition": "HFS",
    "PercentPhaseFOV": 100,
    "PhaseEncodingDirection": "j-",
    "PhaseEncodingSteps": 64,
    "PhaseResolution": 1,
    "PixelBandwidth": 2365,
    "ProcedureStepDescription": "NTU_Brain",
    "ProtocolName": "ep2d_bold_64x64_3mm_iso_330TR",
    "PulseSequenceDetails": "%SiemensSeq%_ep2d_bold",
    "ReceiveCoilActiveElements": "HE1-4",
    "ReceiveCoilName": "HeadNeck_20",
    "ReconMatrixPE": 64,
    "RepetitionTime": 2,
    "SAR": 0.0967385,
    "ScanOptions": "FS",
    "ScanningSequence": "EP",
    "SequenceName": "_epfid2d1_64",
    "SequenceVariant": "SK",
    "SeriesDescription": "ep2d_bold_64x64_3mm_iso_330TR",
    "SeriesNumber": 6,
    "ShimSetting": [
      -2981,
      -3716,
      -5691,
      274,
      -107,
      202,
      -254,
      78
    ],
    "SliceThickness": 3,
    "SliceTiming": [
      0.99,
      0,
      1.045,
      0.055,
      1.1,
      0.11,
      1.155,
      0.165,
      1.21,
      0.22,
      1.265,
      0.275,
      1.32,
      0.33,
      1.375,
      0.385,
      1.43,
      0.44,
      1.485,
      0.495,
      1.54,
      0.55,
      1.595,
      0.605,
      1.65,
      0.66,
      1.705,
      0.715,
      1.76,
      0.77,
      1.815,
      0.825,
      1.87,
      0.88,
      1.925,
      0.935
    ],
    "SoftwareVersions": "syngo_MR_D13D",
    "SpacingBetweenSlices": 3,
    "StationName": "AWP66020",
    "TaskName": "OTCG",
    "TotalReadoutTime": 0.0308698,
    "TxRefAmp": 242.706,
    "VendorReportedEchoSpacing": 0.00049,
    "dataset": "ds004103",
    "modality": "bold",
    "run_id": 4,
    "subject_id": "s18B",
    "task_id": "OTCG"
  },
  "dummy_trs": 3,
  "dvars_nstd": 17.442900730797554,
  "dvars_std": 1.2392387388343562,
  "dvars_vstd": 1.0131618526687123,
  "efc": 0.605095290256782,
  "fber": 729.0469970703125,
  "fd_mean": 0.10763700203392271,
  "fd_num": 6,
  "fd_perc": 1.834862385321101,
  "fwhm_avg": 1.738567777777778,
  "fwhm_x": 1.6709433333333334,
  "fwhm_y": 1.7664033333333335,
  "fwhm_z": 1.7783566666666666,
  "gcor": 0.0146323,
  "gsr_x": 0.012652069330215454,
  "gsr_y": 0.02582600526511669,
  "provenance": {
    "md5sum": "bc0a201da19f4e446e822e39a6eb0e1b",
    "settings": {
      "fd_thres": 0.2,
      "testing": false
    },
    "software": "mriqc",
    "version": "23.0.1",
    "webapi_port": null,
    "webapi_url": "https://mriqc.nimh.nih.gov/api/v1"
  },
  "size_t": 327,
  "size_x": 64,
  "size_y": 64,
  "size_z": 36,
  "snr": 8.028088178427186,
  "spacing_tr": 2.0,
  "spacing_x": 3.0,
  "spacing_y": 3.0,
  "spacing_z": 3.0,
  "summary_bg_k": 24.847392626776394,
  "summary_bg_mad": 21.377582931537965,
  "summary_bg_mean": 67.1318588256836,
  "summary_bg_median": 33.131500244140625,
  "summary_bg_n": 77700.0,
  "summary_bg_p05": 13.256880760192871,
  "summary_bg_p95": 228.4776779174805,
  "summary_bg_stdv": 101.4114761352539,
  "summary_fg_k": 2.2638131864021265,
  "summary_fg_mad": 106.69749926961057,
  "summary_fg_mean": 914.5407104492188,
  "summary_fg_median": 910.091796875,
  "summary_fg_n": 36151.0,
  "summary_fg_p05": 748.5550842285156,
  "summary_fg_p95": 1094.9511108398438,
  "summary_fg_stdv": 113.36188507080078,
  "tsnr": 94.62407989485655
}