{
  "aor": 0.0021787841945288752,
  "aqi": 0.003944757203647417,
  "bids_meta": {
    "AcquisitionMatrixPE": 64,
    "AcquisitionNumber": 1,
    "AcquisitionTime": "11:40:28.000000",
    "BodyPartExamined": "HEAD",
    "CoilString": "8HRBRAIN",
    "ConversionSoftware": "dcm2niix",
    "ConversionSoftwareVersion": "v1.0.20181125  GCC5.4.0",
    "DeviceSerialNumber": "00000000GEMRGEMR",
    "EchoTime": 0.033,
    "EffectiveEchoSpacing": 0.00042,
    "FlipAngle": 90,
    "ImageOrientationPatientDICOM": [
      0.997876,
      0.0193318,
      0.0622019,
      -0.00698628,
      0.981199,
      -0.19287
    ],
    "ImageType": [
      "ORIGINAL",
      "PRIMARY",
      "EPI",
      "NONE"
    ],
    "ImagingFrequency": 127.764,
    "InPlanePhaseEncodingDirectionDICOM": "COL",
    "InstitutionName": "NCKU",
    "MRAcquisitionType": "2D",
    "MagneticFieldStrength": 3,
    "Manufacturer": "GE",
    "ManufacturersModelName": "DISCOVERY_MR750",
    "PatientPosition": "HFS",
    "PercentPhaseFOV": 100,
    "PhaseEncodingDirection": "j",
    "PhaseEncodingPolarityGE": "Flipped",
    "PixelBandwidth": 7812.5,
    "ProtocolName": "hypervote_run_1",
    "ReconMatrixPE": 64,
    "RepetitionTime": 2,
    "SAR": 0.413983,
    "ScanOptions": "EPI_GEMS_ACC_GEMS",
    "ScanningSequence": "EP_GR",
    "SequenceVariant": "SS",
    "SeriesDescription": "hypervote_run_1",
    "SeriesNumber": 4,
    "SliceThickness": 3,
    "SliceTiming": [
      0,
      1,
      0.05,
      1.05,
      0.0999999,
      1.1,
      0.15,
      1.15,
      0.2,
      1.2,
      0.25,
      1.25,
      0.3,
      1.3,
      0.35,
      1.35,
      0.4,
      1.4,
      0.45,
      1.45,
      0.5,
      1.5,
      0.55,
      1.55,
      0.6,
      1.6,
      0.65,
      1.65,
      0.7,
      1.7,
      0.75,
      1.75,
      0.8,
      1.8,
      0.85,
      1.85,
      0.9,
      1.9,
      0.95,
      1.95
    ],
    "SoftwareVersions": "27_LX_MR_Software_release:DV25.1_R02_1649.a",
    "SpacingBetweenSlices": 3,
    "StationName": "GEMRGEMR",
    "TaskName": "OTCG",
    "TotalReadoutTime": 0.02646,
    "dataset": "ds004103",
    "modality": "bold",
    "run_id": 1,
    "subject_id": "s33A",
    "task_id": "OTCG"
  },
  "dummy_trs": 1,
  "dvars_nstd": 17.157178526920728,
  "dvars_std": 1.1678306788109762,
  "dvars_vstd": 1.007914021768293,
  "efc": 0.46701407076630264,
  "fber": 39235.015625,
  "fd_mean": 0.05834842318551043,
  "fd_num": 0,
  "fd_perc": 0.0,
  "fwhm_avg": 2.5290573015873017,
  "fwhm_x": 2.3424742857142857,
  "fwhm_y": 2.6231742857142857,
  "fwhm_z": 2.621523333333333,
  "gcor": 0.076591,
  "gsr_x": 0.006700694561004639,
  "gsr_y": 0.0016346226911991835,
  "provenance": {
    "md5sum": "cbbe97f89e5ddb6e14ce3ddd08235cb2",
    "settings": {
      "fd_thres": 0.2,
      "testing": false
    },
    "software": "mriqc",
    "version": "23.0.1",
    "webapi_port": null,
    "webapi_url": "https://mriqc.nimh.nih.gov/api/v1"
  },
  "size_t": 329,
  "size_x": 64,
  "size_y": 64,
  "size_z": 40,
  "snr": 5.55420890189559,
  "spacing_tr": 2.0,
  "spacing_x": 3.5,
  "spacing_y": 3.5,
  "spacing_z": 3.0,
  "summary_bg_k": 26.005785750995376,
  "summary_bg_mad": 33.95564624348716,
  "summary_bg_mean": 139.2498779296875,
  "summary_bg_median": 23.70212745666504,
  "summary_bg_n": 103610.0,
  "summary_bg_p05": 0.06382978707551956,
  "summary_bg_p95": 740.6791900634759,
  "summary_bg_stdv": 335.6558532714844,
  "summary_fg_k": 0.9706489479348002,
  "summary_fg_mad": 725.5332582170244,
  "summary_fg_mean": 4392.63037109375,
  "summary_fg_median": 4427.0029296875,
  "summary_fg_n": 27512.0,
  "summary_fg_p05": 3089.1315063476563,
  "summary_fg_p95": 5671.844335937499,
  "summary_fg_stdv": 797.0392456054688,
  "tsnr": 74.88261717837304
}