{
  "aor": 0.0007154711246200605,
  "aqi": 0.00443866018237082,
  "bids_meta": {
    "AcquisitionMatrixPE": 64,
    "AcquisitionNumber": 1,
    "AcquisitionTime": "12:04:17.000000",
    "BodyPartExamined": "HEAD",
    "CoilString": "8HRBRAIN",
    "ConversionSoftware": "dcm2niix",
    "ConversionSoftwareVersion": "v1.0.20181125  GCC5.4.0",
    "DeviceSerialNumber": "00000000GEMRGEMR",
    "EchoTime": 0.033,
    "EffectiveEchoSpacing": 0.00042,
    "FlipAngle": 90,
    "ImageOrientationPatientDICOM": [
      0.997876,
      0.0193315,
      0.062202,
      -0.00698604,
      0.981199,
      -0.19287
    ],
    "ImageType": [
      "ORIGINAL",
      "PRIMARY",
      "EPI",
      "NONE"
    ],
    "ImagingFrequency": 127.764,
    "InPlanePhaseEncodingDirectionDICOM": "COL",
    "InstitutionName": "NCKU",
    "MRAcquisitionType": "2D",
    "MagneticFieldStrength": 3,
    "Manufacturer": "GE",
    "ManufacturersModelName": "DISCOVERY_MR750",
    "PatientPosition": "HFS",
    "PercentPhaseFOV": 100,
    "PhaseEncodingDirection": "j",
    "PhaseEncodingPolarityGE": "Flipped",
    "PixelBandwidth": 7812.5,
    "ProtocolName": "hypervote_run_3",
    "ReconMatrixPE": 64,
    "RepetitionTime": 2,
    "SAR": 0.413983,
    "ScanOptions": "EPI_GEMS_ACC_GEMS",
    "ScanningSequence": "EP_GR",
    "SequenceVariant": "SS",
    "SeriesDescription": "hypervote_run_3",
    "SeriesNumber": 6,
    "SliceThickness": 3,
    "SliceTiming": [
      0,
      1,
      0.05,
      1.05,
      0.0999999,
      1.1,
      0.15,
      1.15,
      0.2,
      1.2,
      0.25,
      1.25,
      0.3,
      1.3,
      0.35,
      1.35,
      0.4,
      1.4,
      0.45,
      1.45,
      0.5,
      1.5,
      0.55,
      1.55,
      0.6,
      1.6,
      0.65,
      1.65,
      0.7,
      1.7,
      0.75,
      1.75,
      0.8,
      1.8,
      0.85,
      1.85,
      0.9,
      1.9,
      0.95,
      1.95
    ],
    "SoftwareVersions": "27_LX_MR_Software_release:DV25.1_R02_1649.a",
    "SpacingBetweenSlices": 3,
    "StationName": "GEMRGEMR",
    "TaskName": "OTCG",
    "TotalReadoutTime": 0.02646,
    "dataset": "ds004103",
    "modality": "bold",
    "run_id": 3,
    "subject_id": "s33A",
    "task_id": "OTCG"
  },
  "dummy_trs": 1,
  "dvars_nstd": 17.048257874329266,
  "dvars_std": 1.1258322203658548,
  "dvars_vstd": 0.9650754845121949,
  "efc": 0.4684466288032984,
  "fber": 37021.296875,
  "fd_mean": 0.05585119428315011,
  "fd_num": 0,
  "fd_perc": 0.0,
  "fwhm_avg": 2.5551779365079366,
  "fwhm_x": 2.4075314285714287,
  "fwhm_y": 2.6254657142857143,
  "fwhm_z": 2.6325366666666667,
  "gcor": 0.0481066,
  "gsr_x": 0.007708945777267218,
  "gsr_y": 0.0018611530540511012,
  "provenance": {
    "md5sum": "c5fda779ac4dba6c127cbb95382a0b1d",
    "settings": {
      "fd_thres": 0.2,
      "testing": false
    },
    "software": "mriqc",
    "version": "23.0.1",
    "webapi_port": null,
    "webapi_url": "https://mriqc.nimh.nih.gov/api/v1"
  },
  "size_t": 329,
  "size_x": 64,
  "size_y": 64,
  "size_z": 40,
  "snr": 5.438333974538714,
  "spacing_tr": 2.0,
  "spacing_x": 3.5,
  "spacing_y": 3.5,
  "spacing_z": 3.0,
  "summary_bg_k": 24.221286741612243,
  "summary_bg_mad": 33.883544029156276,
  "summary_bg_mean": 141.78909301757812,
  "summary_bg_median": 23.70212745666504,
  "summary_bg_n": 103511.0,
  "summary_bg_p05": 0.07598784565925598,
  "summary_bg_p95": 766.86474609375,
  "summary_bg_stdv": 340.4513244628906,
  "summary_fg_k": 0.8747356235502877,
  "summary_fg_mad": 733.2414504885542,
  "summary_fg_mean": 4325.7392578125,
  "summary_fg_median": 4357.8251953125,
  "summary_fg_n": 27482.0,
  "summary_fg_p05": 3011.990515136719,
  "summary_fg_p95": 5608.049023437499,
  "summary_fg_stdv": 801.3016357421875,
  "tsnr": 72.96650233736727
}