{
  "aor": 0.0010025835866261398,
  "aqi": 0.0030182319452887536,
  "bids_meta": {
    "AcquisitionMatrixPE": 64,
    "AcquisitionNumber": 1,
    "AcquisitionTime": "12:16:5.000000",
    "BodyPartExamined": "HEAD",
    "CoilString": "8HRBRAIN",
    "ConversionSoftware": "dcm2niix",
    "ConversionSoftwareVersion": "v1.0.20181125  GCC5.4.0",
    "DeviceSerialNumber": "00000000GEMRGEMR",
    "EchoTime": 0.033,
    "EffectiveEchoSpacing": 0.00042,
    "FlipAngle": 90,
    "ImageOrientationPatientDICOM": [
      0.997876,
      0.0193315,
      0.062202,
      -0.00698604,
      0.981199,
      -0.19287
    ],
    "ImageType": [
      "ORIGINAL",
      "PRIMARY",
      "EPI",
      "NONE"
    ],
    "ImagingFrequency": 127.764,
    "InPlanePhaseEncodingDirectionDICOM": "COL",
    "InstitutionName": "NCKU",
    "MRAcquisitionType": "2D",
    "MagneticFieldStrength": 3,
    "Manufacturer": "GE",
    "ManufacturersModelName": "DISCOVERY_MR750",
    "PatientPosition": "HFS",
    "PercentPhaseFOV": 100,
    "PhaseEncodingDirection": "j",
    "PhaseEncodingPolarityGE": "Flipped",
    "PixelBandwidth": 7812.5,
    "ProtocolName": "hypervote_run_4",
    "ReconMatrixPE": 64,
    "RepetitionTime": 2,
    "SAR": 0.413983,
    "ScanOptions": "EPI_GEMS_ACC_GEMS",
    "ScanningSequence": "EP_GR",
    "SequenceVariant": "SS",
    "SeriesDescription": "hypervote_run_4",
    "SeriesNumber": 7,
    "SliceThickness": 3,
    "SliceTiming": [
      0,
      1,
      0.05,
      1.05,
      0.0999999,
      1.1,
      0.15,
      1.15,
      0.2,
      1.2,
      0.25,
      1.25,
      0.3,
      1.3,
      0.35,
      1.35,
      0.4,
      1.4,
      0.45,
      1.45,
      0.5,
      1.5,
      0.55,
      1.55,
      0.6,
      1.6,
      0.65,
      1.65,
      0.7,
      1.7,
      0.75,
      1.75,
      0.8,
      1.8,
      0.85,
      1.85,
      0.9,
      1.9,
      0.95,
      1.95
    ],
    "SoftwareVersions": "27_LX_MR_Software_release:DV25.1_R02_1649.a",
    "SpacingBetweenSlices": 3,
    "StationName": "GEMRGEMR",
    "TaskName": "OTCG",
    "TotalReadoutTime": 0.02646,
    "dataset": "ds004103",
    "modality": "bold",
    "run_id": 4,
    "subject_id": "s33A",
    "task_id": "OTCG"
  },
  "dummy_trs": 1,
  "dvars_nstd": 17.05112828560975,
  "dvars_std": 1.179646098018293,
  "dvars_vstd": 0.9939821887500003,
  "efc": 0.47014030956275105,
  "fber": 37869.1015625,
  "fd_mean": 0.05089126270022822,
  "fd_num": 0,
  "fd_perc": 0.0,
  "fwhm_avg": 2.543414761904762,
  "fwhm_x": 2.361571428571428,
  "fwhm_y": 2.631782857142857,
  "fwhm_z": 2.6368899999999997,
  "gcor": 0.0569515,
  "gsr_x": 0.007385887671262026,
  "gsr_y": 0.0026005024556070566,
  "provenance": {
    "md5sum": "7ff6ede33d491fa2f994859723d43cf4",
    "settings": {
      "fd_thres": 0.2,
      "testing": false
    },
    "software": "mriqc",
    "version": "23.0.1",
    "webapi_port": null,
    "webapi_url": "https://mriqc.nimh.nih.gov/api/v1"
  },
  "size_t": 329,
  "size_x": 64,
  "size_y": 64,
  "size_z": 40,
  "snr": 5.55938918286145,
  "spacing_tr": 2.0,
  "spacing_x": 3.5,
  "spacing_y": 3.5,
  "spacing_z": 3.0,
  "summary_bg_k": 24.956373007271043,
  "summary_bg_mad": 33.56359159634957,
  "summary_bg_mean": 143.72364807128906,
  "summary_bg_median": 23.553192138671875,
  "summary_bg_n": 103435.0,
  "summary_bg_p05": 0.07598784565925598,
  "summary_bg_p95": 774.9322387695306,
  "summary_bg_stdv": 345.9724426269531,
  "summary_fg_k": 0.9725734187661712,
  "summary_fg_mad": 715.5313036753114,
  "summary_fg_mean": 4332.87548828125,
  "summary_fg_median": 4371.8740234375,
  "summary_fg_n": 27616.0,
  "summary_fg_p05": 3034.1497802734375,
  "summary_fg_p95": 5580.2896728515625,
  "summary_fg_stdv": 786.3804321289062,
  "tsnr": 83.98666148073971
}