{
  "bids_meta": {
    "AcquisitionMatrixPE": 256,
    "AcquisitionNumber": 1,
    "AcquisitionTime": "09:27:12.187500",
    "BaseResolution": 256,
    "BodyPartExamined": "BRAIN",
    "ConsistencyInfo": "N4_VD13D_LATEST_20130810",
    "ConversionSoftware": "dcm2niix",
    "ConversionSoftwareVersion": "v1.0.20181125  GCC5.4.0",
    "DeviceSerialNumber": "66020",
    "DwellTime": 9.8e-06,
    "EchoTime": 0.0023,
    "FlipAngle": 8,
    "ImageOrientationPatientDICOM": [
      -0.0333849,
      0.999443,
      2.26321e-08,
      0.133916,
      0.00447329,
      -0.990983
    ],
    "ImageType": [
      "ORIGINAL",
      "PRIMARY",
      "M",
      "ND",
      "NORM"
    ],
    "ImagingFrequency": 123.262,
    "InPlanePhaseEncodingDirectionDICOM": "ROW",
    "InstitutionAddress": "Fanglan_Rd._49_Taipei_Da_An_TW_10672",
    "InstitutionName": "NTU_NCSC",
    "InstitutionalDepartmentName": "Department",
    "InversionTime": 0.9,
    "MRAcquisitionType": "3D",
    "MagneticFieldStrength": 3,
    "Manufacturer": "Siemens",
    "ManufacturersModelName": "Prisma",
    "Modality": "MR",
    "PartialFourier": 1,
    "PatientPosition": "HFS",
    "PercentPhaseFOV": 100,
    "PhaseEncodingSteps": 255,
    "PhaseResolution": 1,
    "PixelBandwidth": 200,
    "ProcedureStepDescription": "NTU_Brain",
    "ProtocolName": "t1_mprage_sag_p2_iso",
    "PulseSequenceDetails": "%SiemensSeq%_tfl",
    "ReceiveCoilActiveElements": "HE1-4",
    "ReceiveCoilName": "HeadNeck_20",
    "ReconMatrixPE": 256,
    "RepetitionTime": 2,
    "SAR": 0.0543421,
    "ScanOptions": "IR",
    "ScanningSequence": "GR_IR",
    "SequenceName": "_tfl3d1_16ns",
    "SequenceVariant": "SK_SP_MP",
    "SeriesDescription": "t1_mprage_sag_p2_iso",
    "SeriesNumber": 2,
    "ShimSetting": [
      -3014,
      -3755,
      -5732,
      89,
      -93,
      18,
      -54,
      32
    ],
    "SliceThickness": 0.94,
    "SoftwareVersions": "syngo_MR_D13D",
    "StationName": "AWP66020",
    "TxRefAmp": 235.018,
    "dataset": "ds004103",
    "modality": "T1w",
    "subject_id": "s31B"
  },
  "cjv": 0.34898637290344536,
  "cnr": 3.8791760958057964,
  "efc": 0.5659988218168117,
  "fber": 17518.695477834706,
  "fwhm_avg": 4.277785289744584,
  "fwhm_x": 4.367553202567083,
  "fwhm_y": 4.211445333333334,
  "fwhm_z": 4.254357333333333,
  "icvs_csf": 0.23169725169732586,
  "icvs_gm": 0.4287909326491277,
  "icvs_wm": 0.33951181565354643,
  "inu_med": 0.5431078970432281,
  "inu_range": 0.21550874412059778,
  "provenance": {
    "md5sum": "8371a4592db55861ab83d11bcb5f4632",
    "settings": {
      "testing": false
    },
    "software": "mriqc",
    "version": "23.0.1",
    "warnings": {
      "large_rot_frame": true,
      "small_air_mask": false
    },
    "webapi_port": null,
    "webapi_url": "https://mriqc.nimh.nih.gov/api/v1"
  },
  "qi_1": 0.0,
  "qi_2": 0.01353105691325416,
  "rpve_csf": 21.733532475490197,
  "rpve_gm": 11.978941733190446,
  "rpve_wm": 17.47487473737512,
  "size_x": 192,
  "size_y": 256,
  "size_z": 256,
  "snr_csf": 2.5246160394875674,
  "snr_gm": 12.49300022115185,
  "snr_total": 13.064877376102318,
  "snr_wm": 24.17701586766754,
  "snrd_csf": 27.97078562916123,
  "snrd_gm": 72.07733313098949,
  "snrd_total": 66.58416607616279,
  "snrd_wm": 99.70437946833765,
  "spacing_x": 0.9399999976158142,
  "spacing_y": 0.9375,
  "spacing_z": 0.9375,
  "summary_bg_k": 20.445117968602982,
  "summary_bg_mad": 0.0,
  "summary_bg_mean": 3.789794486123255,
  "summary_bg_median": 0.0,
  "summary_bg_n": 2427518.0,
  "summary_bg_p05": 0.0,
  "summary_bg_p95": 15.714572578668594,
  "summary_bg_stdv": 6.570788817682177,
  "summary_csf_k": 1.5794837352398332,
  "summary_csf_mad": 101.27697991396508,
  "summary_csf_mean": 289.87583483622865,
  "summary_csf_median": 280.5371910855174,
  "summary_csf_n": 56164.0,
  "summary_csf_p05": 118.55883334893734,
  "summary_csf_p95": 486.14353182557966,
  "summary_csf_stdv": 111.11974621259562,
  "summary_gm_k": 0.14002273549672228,
  "summary_gm_mad": 57.057453472656384,
  "summary_gm_mean": 720.2025040253639,
  "summary_gm_median": 722.9104268141091,
  "summary_gm_n": 37949.0,
  "summary_gm_p05": 621.2868515923619,
  "summary_gm_p95": 811.0242802016437,
  "summary_gm_stdv": 57.864475241494546,
  "summary_wm_k": 0.37375672348664324,
  "summary_wm_mad": 39.64304319402272,
  "summary_wm_mean": 1000.4316955116384,
  "summary_wm_median": 1000.0000330992043,
  "summary_wm_n": 225173.0,
  "summary_wm_p05": 933.3734524212778,
  "summary_wm_p95": 1069.0319054983556,
  "summary_wm_stdv": 41.361507063371356,
  "tpm_overlap_csf": 0.16418272217502225,
  "tpm_overlap_gm": 0.46460233383882005,
  "tpm_overlap_wm": 0.496315126314792,
  "wm2max": 0.4777911854277998
}