{
  "aor": 0.0007185106382978724,
  "aqi": 0.004257701124620061,
  "bids_meta": {
    "AcquisitionMatrixPE": 64,
    "AcquisitionNumber": 1,
    "AcquisitionTime": "12:36:53.000000",
    "BodyPartExamined": "HEAD",
    "CoilString": "8HRBRAIN",
    "ConversionSoftware": "dcm2niix",
    "ConversionSoftwareVersion": "v1.0.20181125  GCC5.4.0",
    "DeviceSerialNumber": "00000000GEMRGEMR",
    "EchoTime": 0.033,
    "EffectiveEchoSpacing": 0.00042,
    "FlipAngle": 90,
    "ImageOrientationPatientDICOM": [
      0.999371,
      -0.00958266,
      -0.034131,
      0.013706,
      0.992349,
      0.122705
    ],
    "ImageType": [
      "ORIGINAL",
      "PRIMARY",
      "EPI",
      "NONE"
    ],
    "ImagingFrequency": 127.764,
    "InPlanePhaseEncodingDirectionDICOM": "COL",
    "InstitutionName": "NCKU",
    "MRAcquisitionType": "2D",
    "MagneticFieldStrength": 3,
    "Manufacturer": "GE",
    "ManufacturersModelName": "DISCOVERY_MR750",
    "PatientPosition": "HFS",
    "PercentPhaseFOV": 100,
    "PhaseEncodingDirection": "j",
    "PhaseEncodingPolarityGE": "Flipped",
    "PixelBandwidth": 7812.5,
    "ProtocolName": "hypervote_run_3",
    "ReconMatrixPE": 64,
    "RepetitionTime": 2,
    "SAR": 0.399758,
    "ScanOptions": "EPI_GEMS_ACC_GEMS",
    "ScanningSequence": "EP_GR",
    "SequenceVariant": "SS",
    "SeriesDescription": "hypervote_run_3",
    "SeriesNumber": 9,
    "SliceThickness": 3,
    "SliceTiming": [
      0,
      1,
      0.05,
      1.05,
      0.0999999,
      1.1,
      0.15,
      1.15,
      0.2,
      1.2,
      0.25,
      1.25,
      0.3,
      1.3,
      0.35,
      1.35,
      0.4,
      1.4,
      0.45,
      1.45,
      0.5,
      1.5,
      0.55,
      1.55,
      0.6,
      1.6,
      0.65,
      1.65,
      0.7,
      1.7,
      0.75,
      1.75,
      0.8,
      1.8,
      0.85,
      1.85,
      0.9,
      1.9,
      0.95,
      1.95
    ],
    "SoftwareVersions": "27_LX_MR_Software_release:DV25.1_R02_1649.a",
    "SpacingBetweenSlices": 3,
    "StationName": "GEMRGEMR",
    "TaskName": "OTCG",
    "TotalReadoutTime": 0.02646,
    "dataset": "ds004103",
    "modality": "bold",
    "run_id": 3,
    "subject_id": "s39A",
    "task_id": "OTCG"
  },
  "dummy_trs": 1,
  "dvars_nstd": 12.423489172164633,
  "dvars_std": 1.0302091125914623,
  "dvars_vstd": 0.9521067879878051,
  "efc": 0.4575350346238319,
  "fber": 116045.7890625,
  "fd_mean": 0.07200741144496597,
  "fd_num": 4,
  "fd_perc": 1.21580547112462,
  "fwhm_avg": 2.603754997768134,
  "fwhm_x": 2.431285714285714,
  "fwhm_y": 2.729922857142857,
  "fwhm_z": 2.650056421875832,
  "gcor": 0.040011,
  "gsr_x": -0.009275084361433983,
  "gsr_y": 0.01587623357772827,
  "provenance": {
    "md5sum": "88fb5ee33aaf363e4deed109b1410d7a",
    "settings": {
      "fd_thres": 0.2,
      "testing": false
    },
    "software": "mriqc",
    "version": "23.0.1",
    "webapi_port": null,
    "webapi_url": "https://mriqc.nimh.nih.gov/api/v1"
  },
  "size_t": 329,
  "size_x": 64,
  "size_y": 64,
  "size_z": 40,
  "snr": 6.119148212875227,
  "spacing_tr": 2.0,
  "spacing_x": 3.5,
  "spacing_y": 3.5,
  "spacing_z": 2.999894618988037,
  "summary_bg_k": 59.722278036980576,
  "summary_bg_mad": 21.78388825397589,
  "summary_bg_mean": 91.91148376464844,
  "summary_bg_median": 15.034954071044922,
  "summary_bg_n": 102262.0,
  "summary_bg_p05": 0.048632219433784485,
  "summary_bg_p95": 426.2334320068359,
  "summary_bg_stdv": 229.69969177246094,
  "summary_fg_k": 0.427211648269719,
  "summary_fg_mad": 731.5172376790201,
  "summary_fg_mean": 4824.00244140625,
  "summary_fg_median": 4867.49560546875,
  "summary_fg_n": 28949.0,
  "summary_fg_p05": 3412.2705078125,
  "summary_fg_p95": 6064.42939453125,
  "summary_fg_stdv": 795.4393920898438,
  "tsnr": 85.59424197301269
}