{
  "bids_meta": {
    "AcquisitionMatrixPE": 256,
    "AcquisitionNumber": 1,
    "AcquisitionTime": "10:33:35.645000",
    "BaseResolution": 256,
    "BodyPartExamined": "BRAIN",
    "ConsistencyInfo": "N4_VD13D_LATEST_20130810",
    "ConversionSoftware": "dcm2niix",
    "ConversionSoftwareVersion": "v1.0.20181125  GCC5.4.0",
    "DeviceSerialNumber": "66020",
    "DwellTime": 9.8e-06,
    "EchoTime": 0.0023,
    "FlipAngle": 8,
    "ImageOrientationPatientDICOM": [
      0.0541225,
      0.998534,
      -5.94052e-08,
      0.0365799,
      -0.00198276,
      -0.999329
    ],
    "ImageType": [
      "ORIGINAL",
      "PRIMARY",
      "M",
      "ND",
      "NORM"
    ],
    "ImagingFrequency": 123.262,
    "InPlanePhaseEncodingDirectionDICOM": "ROW",
    "InstitutionAddress": "Fanglan_Rd._49_Taipei_Da_An_TW_10672",
    "InstitutionName": "NTU_NCSC",
    "InstitutionalDepartmentName": "Department",
    "InversionTime": 0.9,
    "MRAcquisitionType": "3D",
    "MagneticFieldStrength": 3,
    "Manufacturer": "Siemens",
    "ManufacturersModelName": "Prisma",
    "Modality": "MR",
    "PartialFourier": 1,
    "PatientPosition": "HFS",
    "PercentPhaseFOV": 100,
    "PhaseEncodingSteps": 255,
    "PhaseResolution": 1,
    "PixelBandwidth": 200,
    "ProcedureStepDescription": "NTU_Brain",
    "ProtocolName": "t1_mprage_sag_p2_iso",
    "PulseSequenceDetails": "%SiemensSeq%_tfl",
    "ReceiveCoilActiveElements": "HE1-4",
    "ReceiveCoilName": "HeadNeck_20",
    "ReconMatrixPE": 256,
    "RepetitionTime": 2,
    "SAR": 0.0615873,
    "ScanOptions": "IR",
    "ScanningSequence": "GR_IR",
    "SequenceName": "_tfl3d1_16ns",
    "SequenceVariant": "SK_SP_MP",
    "SeriesDescription": "t1_mprage_sag_p2_iso",
    "SeriesNumber": 2,
    "ShimSetting": [
      -3014,
      -3755,
      -5732,
      89,
      -93,
      18,
      -54,
      32
    ],
    "SliceThickness": 0.94,
    "SoftwareVersions": "syngo_MR_D13D",
    "StationName": "AWP66020",
    "TxRefAmp": 249.466,
    "dataset": "ds004103",
    "modality": "T1w",
    "subject_id": "s32B"
  },
  "cjv": 0.38266552673355597,
  "cnr": 3.561893463372744,
  "efc": 0.5533750499740047,
  "fber": -1.0,
  "fwhm_avg": 4.238391332201564,
  "fwhm_x": 4.253755329938024,
  "fwhm_y": 4.1001813333333335,
  "fwhm_z": 4.361237333333333,
  "icvs_csf": 0.2153751806773256,
  "icvs_gm": 0.436017384957367,
  "icvs_wm": 0.34860743436530733,
  "inu_med": 0.5196261405944824,
  "inu_range": 0.2170512840151787,
  "provenance": {
    "md5sum": "e1254687e339ddbcaaa80974e2378449",
    "settings": {
      "testing": false
    },
    "software": "mriqc",
    "version": "23.0.1",
    "warnings": {
      "large_rot_frame": true,
      "small_air_mask": false
    },
    "webapi_port": null,
    "webapi_url": "https://mriqc.nimh.nih.gov/api/v1"
  },
  "qi_1": 0.0,
  "qi_2": 0.012995401779605849,
  "rpve_csf": 23.15913733340748,
  "rpve_gm": 11.98493930801965,
  "rpve_wm": 16.907536721420627,
  "size_x": 192,
  "size_y": 256,
  "size_z": 256,
  "snr_csf": 2.6105498757964813,
  "snr_gm": 13.367490939406894,
  "snr_total": 13.15245504347086,
  "snr_wm": 23.47932431520921,
  "snrd_csf": 28.202583768202615,
  "snrd_gm": 69.33392831933233,
  "snrd_total": 63.400714822924044,
  "snrd_wm": 92.66563238123717,
  "spacing_x": 0.9399999976158142,
  "spacing_y": 0.9375,
  "spacing_z": 0.9375,
  "summary_bg_k": 15.086086583407585,
  "summary_bg_mad": 0.0,
  "summary_bg_mean": 3.953023160752758,
  "summary_bg_median": 0.0,
  "summary_bg_n": 2969539.0,
  "summary_bg_p05": 0.0,
  "summary_bg_p95": 17.556467905640602,
  "summary_bg_stdv": 7.070258999350883,
  "summary_csf_k": 0.5841172363966032,
  "summary_csf_mad": 100.61602171837794,
  "summary_csf_mean": 313.80833773242625,
  "summary_csf_median": 304.3634450659156,
  "summary_csf_n": 46189.0,
  "summary_csf_p05": 124.17864287644625,
  "summary_csf_p95": 525.2155977666376,
  "summary_csf_stdv": 116.58852148690576,
  "summary_gm_k": 0.07603671957364355,
  "summary_gm_mad": 55.331201050878036,
  "summary_gm_mean": 746.6244867165592,
  "summary_gm_median": 748.2546087503433,
  "summary_gm_n": 40396.0,
  "summary_gm_p05": 652.0533781796694,
  "summary_gm_p95": 835.844443148002,
  "summary_gm_stdv": 55.975003131919415,
  "summary_wm_k": 0.3278287864418816,
  "summary_wm_mad": 41.02271989879403,
  "summary_wm_mean": 1000.3942576009048,
  "summary_wm_median": 1000.0513195022941,
  "summary_wm_n": 234052.0,
  "summary_wm_p05": 931.3654889240861,
  "summary_wm_p95": 1070.7905381396413,
  "summary_wm_stdv": 42.592758193862025,
  "tpm_overlap_csf": 0.1573830444262977,
  "tpm_overlap_gm": 0.4609238422529788,
  "tpm_overlap_wm": 0.5041871463345029,
  "wm2max": 0.4159584916940684
}