{
  "bids_meta": {
    "AcquisitionMatrixPE": 256,
    "AcquisitionNumber": 1,
    "AcquisitionTime": "09:18:28.225000",
    "BaseResolution": 256,
    "BodyPartExamined": "BRAIN",
    "ConsistencyInfo": "N4_VD13D_LATEST_20130810",
    "ConversionSoftware": "dcm2niix",
    "ConversionSoftwareVersion": "v1.0.20181125  GCC5.4.0",
    "DeviceSerialNumber": "66020",
    "DwellTime": 9.8e-06,
    "EchoTime": 0.0023,
    "FlipAngle": 8,
    "ImageOrientationPatientDICOM": [
      0.024502,
      0.9997,
      -3.17811e-10,
      0.0576177,
      -0.00141217,
      -0.998338
    ],
    "ImageType": [
      "ORIGINAL",
      "PRIMARY",
      "M",
      "ND",
      "NORM"
    ],
    "ImagingFrequency": 123.262,
    "InPlanePhaseEncodingDirectionDICOM": "ROW",
    "InstitutionAddress": "Fanglan_Rd._49_Taipei_Da_An_TW_10672",
    "InstitutionName": "NTU_NCSC",
    "InstitutionalDepartmentName": "Department",
    "InversionTime": 0.9,
    "MRAcquisitionType": "3D",
    "MagneticFieldStrength": 3,
    "Manufacturer": "Siemens",
    "ManufacturersModelName": "Prisma",
    "Modality": "MR",
    "PartialFourier": 1,
    "PatientPosition": "HFS",
    "PercentPhaseFOV": 100,
    "PhaseEncodingSteps": 255,
    "PhaseResolution": 1,
    "PixelBandwidth": 200,
    "ProcedureStepDescription": "NTU_Brain",
    "ProtocolName": "t1_mprage_sag_p2_iso",
    "PulseSequenceDetails": "%SiemensSeq%_tfl",
    "ReceiveCoilActiveElements": "HE1-4",
    "ReceiveCoilName": "HeadNeck_20",
    "ReconMatrixPE": 256,
    "RepetitionTime": 2,
    "SAR": 0.0597129,
    "ScanOptions": "IR",
    "ScanningSequence": "GR_IR",
    "SequenceName": "_tfl3d1_16ns",
    "SequenceVariant": "SK_SP_MP",
    "SeriesDescription": "t1_mprage_sag_p2_iso",
    "SeriesNumber": 2,
    "ShimSetting": [
      -3014,
      -3755,
      -5732,
      89,
      -93,
      18,
      -54,
      32
    ],
    "SliceThickness": 0.94,
    "SoftwareVersions": "syngo_MR_D13D",
    "StationName": "AWP66020",
    "TxRefAmp": 242.295,
    "dataset": "ds004103",
    "modality": "T1w",
    "subject_id": "s40B"
  },
  "cjv": 0.3522218505798497,
  "cnr": 3.8864983053357403,
  "efc": 0.5786106427445039,
  "fber": 12791.937828187356,
  "fwhm_avg": 4.490713280460801,
  "fwhm_x": 4.571563841382402,
  "fwhm_y": 4.39008,
  "fwhm_z": 4.510496,
  "icvs_csf": 0.20502940632303063,
  "icvs_gm": 0.4457537616037307,
  "icvs_wm": 0.34921683207323867,
  "inu_med": 0.5497899055480957,
  "inu_range": 0.2418718308210373,
  "provenance": {
    "md5sum": "62a637254a05fd13a321a7eac300932d",
    "settings": {
      "testing": false
    },
    "software": "mriqc",
    "version": "23.0.1",
    "warnings": {
      "large_rot_frame": true,
      "small_air_mask": false
    },
    "webapi_port": null,
    "webapi_url": "https://mriqc.nimh.nih.gov/api/v1"
  },
  "qi_1": 0.0,
  "qi_2": 0.015119396343892486,
  "rpve_csf": 22.703600202050303,
  "rpve_gm": 11.086853391817938,
  "rpve_wm": 15.669778397418924,
  "size_x": 192,
  "size_y": 256,
  "size_z": 256,
  "snr_csf": 2.4338909873616696,
  "snr_gm": 13.61200429588028,
  "snr_total": 12.955541603290717,
  "snr_wm": 22.820729526630203,
  "snrd_csf": 23.831789967644657,
  "snrd_gm": 69.23572987395653,
  "snrd_total": 62.6544721354835,
  "snrd_wm": 94.89589656484934,
  "spacing_x": 0.9399999976158142,
  "spacing_y": 0.9375,
  "spacing_z": 0.9375,
  "summary_bg_k": 8.978138942565558,
  "summary_bg_mad": 0.0,
  "summary_bg_mean": 4.0908712691939355,
  "summary_bg_median": 0.0,
  "summary_bg_n": 2524458.0,
  "summary_bg_p05": 0.0,
  "summary_bg_p95": 18.17923593521118,
  "summary_bg_stdv": 6.904064771523169,
  "summary_csf_k": 2.453067115904364,
  "summary_csf_mad": 85.9815234951668,
  "summary_csf_mean": 270.615444084688,
  "summary_csf_median": 251.1480381153524,
  "summary_csf_n": 62243.0,
  "summary_csf_p05": 138.6640157662332,
  "summary_csf_p95": 471.37243843674605,
  "summary_csf_stdv": 103.18704573507097,
  "summary_gm_k": 0.10680816224810252,
  "summary_gm_mad": 52.71193807744512,
  "summary_gm_mean": 728.7634766159772,
  "summary_gm_median": 729.6312089413404,
  "summary_gm_n": 59430.0,
  "summary_gm_p05": 639.4451556690037,
  "summary_gm_p95": 816.1719466745853,
  "summary_gm_stdv": 53.60158977908855,
  "summary_wm_k": 0.2767800865073555,
  "summary_wm_mad": 42.53453325556823,
  "summary_wm_mean": 1000.7702119538367,
  "summary_wm_median": 1000.0473434776068,
  "summary_wm_n": 260668.0,
  "summary_wm_p05": 930.4076141528785,
  "summary_wm_p95": 1073.8531477041543,
  "summary_wm_stdv": 43.821799126501,
  "tpm_overlap_csf": 0.1562153833661399,
  "tpm_overlap_gm": 0.4669419372127957,
  "tpm_overlap_wm": 0.5025500862871705,
  "wm2max": 0.43920908307836415
}