{
  "aor": 0.0019554711246200607,
  "aqi": 0.0029186151671732525,
  "bids_meta": {
    "AcquisitionMatrixPE": 64,
    "AcquisitionNumber": 1,
    "AcquisitionTime": "10:28:33.000000",
    "BodyPartExamined": "HEAD",
    "CoilString": "8HRBRAIN",
    "ConversionSoftware": "dcm2niix",
    "ConversionSoftwareVersion": "v1.0.20181125  GCC5.4.0",
    "DeviceSerialNumber": "00000000GEMRGEMR",
    "EchoTime": 0.033,
    "EffectiveEchoSpacing": 0.00042,
    "FlipAngle": 90,
    "ImageOrientationPatientDICOM": [
      0.997912,
      -0.0146119,
      0.0629165,
      0.013755,
      0.999807,
      0.0140315
    ],
    "ImageType": [
      "ORIGINAL",
      "PRIMARY",
      "EPI",
      "NONE"
    ],
    "ImagingFrequency": 127.764,
    "InPlanePhaseEncodingDirectionDICOM": "COL",
    "InstitutionName": "NCKU",
    "MRAcquisitionType": "2D",
    "MagneticFieldStrength": 3,
    "Manufacturer": "GE",
    "ManufacturersModelName": "DISCOVERY_MR750",
    "PatientPosition": "HFS",
    "PercentPhaseFOV": 100,
    "PhaseEncodingDirection": "j",
    "PhaseEncodingPolarityGE": "Flipped",
    "PixelBandwidth": 7812.5,
    "ProtocolName": "hypervote_run_1",
    "ReconMatrixPE": 64,
    "RepetitionTime": 2,
    "SAR": 0.419736,
    "ScanOptions": "EPI_GEMS_ACC_GEMS",
    "ScanningSequence": "EP_GR",
    "SequenceVariant": "SS",
    "SeriesDescription": "hypervote_run_1",
    "SeriesNumber": 4,
    "SliceThickness": 3,
    "SliceTiming": [
      0,
      1,
      0.05,
      1.05,
      0.0999999,
      1.1,
      0.15,
      1.15,
      0.2,
      1.2,
      0.25,
      1.25,
      0.3,
      1.3,
      0.35,
      1.35,
      0.4,
      1.4,
      0.45,
      1.45,
      0.5,
      1.5,
      0.55,
      1.55,
      0.6,
      1.6,
      0.65,
      1.65,
      0.7,
      1.7,
      0.75,
      1.75,
      0.8,
      1.8,
      0.85,
      1.85,
      0.9,
      1.9,
      0.95,
      1.95
    ],
    "SoftwareVersions": "27_LX_MR_Software_release:DV25.1_R02_1649.a",
    "SpacingBetweenSlices": 3,
    "StationName": "GEMRGEMR",
    "TaskName": "OTCG",
    "TotalReadoutTime": 0.02646,
    "dataset": "ds004103",
    "modality": "bold",
    "run_id": 1,
    "subject_id": "s35A",
    "task_id": "OTCG"
  },
  "dummy_trs": 1,
  "dvars_nstd": 16.714327428475634,
  "dvars_std": 1.1209611095731713,
  "dvars_vstd": 1.0191709496036587,
  "efc": 0.484091838414545,
  "fber": 23620.05078125,
  "fd_mean": 0.07666381522437744,
  "fd_num": 13,
  "fd_perc": 3.951367781155015,
  "fwhm_avg": 2.733165714285714,
  "fwhm_x": 2.5301,
  "fwhm_y": 2.895257142857143,
  "fwhm_z": 2.7741399999999996,
  "gcor": 0.0881398,
  "gsr_x": 0.00909371767193079,
  "gsr_y": 0.014787968248128891,
  "provenance": {
    "md5sum": "029a39dff1f570663aca317c85fa30e2",
    "settings": {
      "fd_thres": 0.2,
      "testing": false
    },
    "software": "mriqc",
    "version": "23.0.1",
    "webapi_port": null,
    "webapi_url": "https://mriqc.nimh.nih.gov/api/v1"
  },
  "size_t": 329,
  "size_x": 64,
  "size_y": 64,
  "size_z": 40,
  "snr": 4.9830036230166375,
  "spacing_tr": 2.0,
  "spacing_x": 3.5,
  "spacing_y": 3.5,
  "spacing_z": 3.0,
  "summary_bg_k": 24.976397532762284,
  "summary_bg_mad": 43.698460771741125,
  "summary_bg_mean": 179.44497680664062,
  "summary_bg_median": 30.231002807617188,
  "summary_bg_n": 101099.0,
  "summary_bg_p05": 0.060790274292230606,
  "summary_bg_p95": 907.6006347656222,
  "summary_bg_stdv": 412.3419494628906,
  "summary_fg_k": -0.049384934404350656,
  "summary_fg_mad": 921.0478061481281,
  "summary_fg_mean": 4496.30078125,
  "summary_fg_median": 4515.7841796875,
  "summary_fg_n": 28849.0,
  "summary_fg_p05": 3000.4244140625,
  "summary_fg_p95": 5951.6607421875,
  "summary_fg_stdv": 906.2216796875,
  "tsnr": 75.43719595915172
}