{
  "aor": 0.0021522492401215803,
  "aqi": 0.005460429939209727,
  "bids_meta": {
    "AcquisitionMatrixPE": 64,
    "AcquisitionNumber": 1,
    "AcquisitionTime": "11:05:10.000000",
    "BodyPartExamined": "HEAD",
    "CoilString": "8HRBRAIN",
    "ConversionSoftware": "dcm2niix",
    "ConversionSoftwareVersion": "v1.0.20181125  GCC5.4.0",
    "DeviceSerialNumber": "00000000GEMRGEMR",
    "EchoTime": 0.033,
    "EffectiveEchoSpacing": 0.00042,
    "FlipAngle": 90,
    "ImageOrientationPatientDICOM": [
      0.997912,
      -0.0146119,
      0.0629161,
      0.013755,
      0.999807,
      0.014032
    ],
    "ImageType": [
      "ORIGINAL",
      "PRIMARY",
      "EPI",
      "NONE"
    ],
    "ImagingFrequency": 127.764,
    "InPlanePhaseEncodingDirectionDICOM": "COL",
    "InstitutionName": "NCKU",
    "MRAcquisitionType": "2D",
    "MagneticFieldStrength": 3,
    "Manufacturer": "GE",
    "ManufacturersModelName": "DISCOVERY_MR750",
    "PatientPosition": "HFS",
    "PercentPhaseFOV": 100,
    "PhaseEncodingDirection": "j",
    "PhaseEncodingPolarityGE": "Flipped",
    "PixelBandwidth": 7812.5,
    "ProtocolName": "hypervote_run_4",
    "ReconMatrixPE": 64,
    "RepetitionTime": 2,
    "SAR": 0.419736,
    "ScanOptions": "EPI_GEMS_ACC_GEMS",
    "ScanningSequence": "EP_GR",
    "SequenceVariant": "SS",
    "SeriesDescription": "hypervote_run_4",
    "SeriesNumber": 7,
    "SliceThickness": 3,
    "SliceTiming": [
      0,
      1,
      0.05,
      1.05,
      0.0999999,
      1.1,
      0.15,
      1.15,
      0.2,
      1.2,
      0.25,
      1.25,
      0.3,
      1.3,
      0.35,
      1.35,
      0.4,
      1.4,
      0.45,
      1.45,
      0.5,
      1.5,
      0.55,
      1.55,
      0.6,
      1.6,
      0.65,
      1.65,
      0.7,
      1.7,
      0.75,
      1.75,
      0.8,
      1.8,
      0.85,
      1.85,
      0.9,
      1.9,
      0.95,
      1.95
    ],
    "SoftwareVersions": "27_LX_MR_Software_release:DV25.1_R02_1649.a",
    "SpacingBetweenSlices": 3,
    "StationName": "GEMRGEMR",
    "TaskName": "OTCG",
    "TotalReadoutTime": 0.02646,
    "dataset": "ds004103",
    "modality": "bold",
    "run_id": 4,
    "subject_id": "s35A",
    "task_id": "OTCG"
  },
  "dummy_trs": 1,
  "dvars_nstd": 18.487577406341458,
  "dvars_std": 1.0697975329878047,
  "dvars_vstd": 0.969593287865854,
  "efc": 0.488786672249223,
  "fber": 21487.3515625,
  "fd_mean": 0.09441658443020894,
  "fd_num": 22,
  "fd_perc": 6.686930091185411,
  "fwhm_avg": 2.6899338095238097,
  "fwhm_x": 2.476045714285714,
  "fwhm_y": 2.8493257142857145,
  "fwhm_z": 2.74443,
  "gcor": 0.190776,
  "gsr_x": 0.012869248166680336,
  "gsr_y": 0.016204357147216797,
  "provenance": {
    "md5sum": "8cd9daad38ef66b076e29241c87eac3d",
    "settings": {
      "fd_thres": 0.2,
      "testing": false
    },
    "software": "mriqc",
    "version": "23.0.1",
    "webapi_port": null,
    "webapi_url": "https://mriqc.nimh.nih.gov/api/v1"
  },
  "size_t": 329,
  "size_x": 64,
  "size_y": 64,
  "size_z": 40,
  "snr": 4.999458602424744,
  "spacing_tr": 2.0,
  "spacing_x": 3.5,
  "spacing_y": 3.5,
  "spacing_z": 3.0,
  "summary_bg_k": 23.49299987492858,
  "summary_bg_mad": 44.696627427944236,
  "summary_bg_mean": 183.1606903076172,
  "summary_bg_median": 30.835866928100586,
  "summary_bg_n": 100500.0,
  "summary_bg_p05": 0.048632219433784485,
  "summary_bg_p95": 943.2836242675779,
  "summary_bg_stdv": 408.2876281738281,
  "summary_fg_k": 0.01287087847901125,
  "summary_fg_mad": 896.7651273320473,
  "summary_fg_mean": 4397.58544921875,
  "summary_fg_median": 4416.2041015625,
  "summary_fg_n": 28982.0,
  "summary_fg_p05": 2936.2698486328127,
  "summary_fg_p95": 5809.533935546874,
  "summary_fg_stdv": 883.3212280273438,
  "tsnr": 58.691865199944004
}