{
  "aor": 0.0010870303030303028,
  "aqi": 0.005780859939393939,
  "bids_meta": {
    "AcquisitionMatrixPE": 64,
    "AcquisitionNumber": 1,
    "AcquisitionTime": "09:25:24.737500",
    "BandwidthPerPixelPhaseEncode": 31.888,
    "BaseResolution": 64,
    "BodyPartExamined": "BRAIN",
    "ConsistencyInfo": "N4_VD13D_LATEST_20130810",
    "ConversionSoftware": "dcm2niix",
    "ConversionSoftwareVersion": "v1.0.20181125  GCC5.4.0",
    "DerivedVendorReportedEchoSpacing": 0.000489996,
    "DeviceSerialNumber": "66020",
    "DwellTime": 3.3e-06,
    "EchoTime": 0.024,
    "EchoTrainLength": 64,
    "EffectiveEchoSpacing": 0.000489996,
    "FlipAngle": 87,
    "ImageOrientationPatientDICOM": [
      0.998016,
      -0.0234644,
      0.0584309,
      0.0348515,
      0.978715,
      -0.202245
    ],
    "ImageType": [
      "ORIGINAL",
      "PRIMARY",
      "M",
      "ND",
      "NORM",
      "MOSAIC"
    ],
    "ImagingFrequency": 123.262,
    "InPlanePhaseEncodingDirectionDICOM": "COL",
    "InstitutionAddress": "Fanglan_Rd._49_Taipei_Da_An_TW_10672",
    "InstitutionName": "NTU_NCSC",
    "InstitutionalDepartmentName": "Department",
    "MRAcquisitionType": "2D",
    "MagneticFieldStrength": 3,
    "Manufacturer": "Siemens",
    "ManufacturersModelName": "Prisma",
    "PartialFourier": 1,
    "PatientPosition": "HFS",
    "PercentPhaseFOV": 100,
    "PhaseEncodingDirection": "j-",
    "PhaseEncodingSteps": 64,
    "PhaseResolution": 1,
    "PixelBandwidth": 2365,
    "ProcedureStepDescription": "NTU_Brain",
    "ProtocolName": "ep2d_bold_64x64_3mm_iso_330TR",
    "PulseSequenceDetails": "%SiemensSeq%_ep2d_bold",
    "ReceiveCoilActiveElements": "HE1-4",
    "ReceiveCoilName": "HeadNeck_20",
    "ReconMatrixPE": 64,
    "RepetitionTime": 2,
    "SAR": 0.0910553,
    "ScanOptions": "FS",
    "ScanningSequence": "EP",
    "SequenceName": "_epfid2d1_64",
    "SequenceVariant": "SK",
    "SeriesDescription": "ep2d_bold_64x64_3mm_iso_330TR",
    "SeriesNumber": 3,
    "ShimSetting": [
      -3008,
      -3811,
      -5531,
      389,
      -110,
      -210,
      -35,
      -36
    ],
    "SliceThickness": 3,
    "SliceTiming": [
      0.99,
      0,
      1.045,
      0.055,
      1.1,
      0.11,
      1.155,
      0.165,
      1.21,
      0.22,
      1.265,
      0.275,
      1.32,
      0.33,
      1.375,
      0.385,
      1.43,
      0.44,
      1.485,
      0.495,
      1.54,
      0.55,
      1.595,
      0.605,
      1.65,
      0.66,
      1.705,
      0.715,
      1.76,
      0.77,
      1.815,
      0.825,
      1.87,
      0.88,
      1.925,
      0.935
    ],
    "SoftwareVersions": "syngo_MR_D13D",
    "SpacingBetweenSlices": 3,
    "StationName": "AWP66020",
    "TaskName": "OTCG",
    "TotalReadoutTime": 0.0308698,
    "TxRefAmp": 245.101,
    "VendorReportedEchoSpacing": 0.00049,
    "dataset": "ds004103",
    "modality": "bold",
    "run_id": 1,
    "subject_id": "s34B",
    "task_id": "OTCG"
  },
  "dummy_trs": 0,
  "dvars_nstd": 17.24007389109421,
  "dvars_std": 1.1433351204863216,
  "dvars_vstd": 1.0015535619756841,
  "efc": 0.6132761844403088,
  "fber": 843.9988403320312,
  "fd_mean": 0.08318832120233947,
  "fd_num": 5,
  "fd_perc": 1.5151515151515151,
  "fwhm_avg": 1.7648777777777778,
  "fwhm_x": 1.6881199999999998,
  "fwhm_y": 1.8701233333333331,
  "fwhm_z": 1.73639,
  "gcor": 0.0151192,
  "gsr_x": -0.00763710867613554,
  "gsr_y": 0.05397551879286766,
  "provenance": {
    "md5sum": "f4f8b538db3f5d8490bcb1a19d204a48",
    "settings": {
      "fd_thres": 0.2,
      "testing": false
    },
    "software": "mriqc",
    "version": "23.0.1",
    "webapi_port": null,
    "webapi_url": "https://mriqc.nimh.nih.gov/api/v1"
  },
  "size_t": 330,
  "size_x": 64,
  "size_y": 64,
  "size_z": 36,
  "snr": 7.607664123213177,
  "spacing_tr": 2.0,
  "spacing_x": 3.0,
  "spacing_y": 3.0,
  "spacing_z": 3.0,
  "summary_bg_k": 16.843340411596852,
  "summary_bg_mad": 19.929765964439678,
  "summary_bg_mean": 64.5116195678711,
  "summary_bg_median": 29.603029251098633,
  "summary_bg_n": 75066.0,
  "summary_bg_p05": 13.531060457229614,
  "summary_bg_p95": 240.1999855041504,
  "summary_bg_stdv": 90.26016998291016,
  "summary_fg_k": 2.2315262957912436,
  "summary_fg_mad": 110.81324972146489,
  "summary_fg_mean": 894.51025390625,
  "summary_fg_median": 890.47119140625,
  "summary_fg_n": 37966.0,
  "summary_fg_p05": 723.6264953613281,
  "summary_fg_p95": 1079.2128295898438,
  "summary_fg_stdv": 117.04768371582031,
  "tsnr": 84.4733439818956
}