{
  "aor": 0.0005286626139817631,
  "aqi": 0.003755562948328268,
  "bids_meta": {
    "AcquisitionMatrixPE": 64,
    "AcquisitionNumber": 1,
    "AcquisitionTime": "09:37:20.725000",
    "BandwidthPerPixelPhaseEncode": 31.888,
    "BaseResolution": 64,
    "BodyPartExamined": "BRAIN",
    "ConsistencyInfo": "N4_VD13D_LATEST_20130810",
    "ConversionSoftware": "dcm2niix",
    "ConversionSoftwareVersion": "v1.0.20181125  GCC5.4.0",
    "DerivedVendorReportedEchoSpacing": 0.000489996,
    "DeviceSerialNumber": "66020",
    "DwellTime": 3.3e-06,
    "EchoTime": 0.024,
    "EchoTrainLength": 64,
    "EffectiveEchoSpacing": 0.000489996,
    "FlipAngle": 87,
    "ImageOrientationPatientDICOM": [
      0.998016,
      -0.0234644,
      0.0584309,
      0.0348515,
      0.978715,
      -0.202245
    ],
    "ImageType": [
      "ORIGINAL",
      "PRIMARY",
      "M",
      "ND",
      "NORM",
      "MOSAIC"
    ],
    "ImagingFrequency": 123.262,
    "InPlanePhaseEncodingDirectionDICOM": "COL",
    "InstitutionAddress": "Fanglan_Rd._49_Taipei_Da_An_TW_10672",
    "InstitutionName": "NTU_NCSC",
    "InstitutionalDepartmentName": "Department",
    "MRAcquisitionType": "2D",
    "MagneticFieldStrength": 3,
    "Manufacturer": "Siemens",
    "ManufacturersModelName": "Prisma",
    "PartialFourier": 1,
    "PatientPosition": "HFS",
    "PercentPhaseFOV": 100,
    "PhaseEncodingDirection": "j-",
    "PhaseEncodingSteps": 64,
    "PhaseResolution": 1,
    "PixelBandwidth": 2365,
    "ProcedureStepDescription": "NTU_Brain",
    "ProtocolName": "ep2d_bold_64x64_3mm_iso_330TR",
    "PulseSequenceDetails": "%SiemensSeq%_ep2d_bold",
    "ReceiveCoilActiveElements": "HE1-4",
    "ReceiveCoilName": "HeadNeck_20",
    "ReconMatrixPE": 64,
    "RepetitionTime": 2,
    "SAR": 0.0910553,
    "ScanOptions": "FS",
    "ScanningSequence": "EP",
    "SequenceName": "_epfid2d1_64",
    "SequenceVariant": "SK",
    "SeriesDescription": "ep2d_bold_64x64_3mm_iso_330TR",
    "SeriesNumber": 4,
    "ShimSetting": [
      -3008,
      -3811,
      -5531,
      389,
      -110,
      -210,
      -35,
      -36
    ],
    "SliceThickness": 3,
    "SliceTiming": [
      0.99,
      0,
      1.045,
      0.055,
      1.1,
      0.11,
      1.155,
      0.165,
      1.21,
      0.22,
      1.265,
      0.275,
      1.32,
      0.33,
      1.375,
      0.385,
      1.43,
      0.44,
      1.485,
      0.495,
      1.54,
      0.55,
      1.595,
      0.605,
      1.65,
      0.66,
      1.705,
      0.715,
      1.76,
      0.77,
      1.815,
      0.825,
      1.87,
      0.88,
      1.925,
      0.935
    ],
    "SoftwareVersions": "syngo_MR_D13D",
    "SpacingBetweenSlices": 3,
    "StationName": "AWP66020",
    "TaskName": "OTCG",
    "TotalReadoutTime": 0.0308698,
    "TxRefAmp": 245.101,
    "VendorReportedEchoSpacing": 0.00049,
    "dataset": "ds004103",
    "modality": "bold",
    "run_id": 2,
    "subject_id": "s34B",
    "task_id": "OTCG"
  },
  "dummy_trs": 1,
  "dvars_nstd": 17.301204780731705,
  "dvars_std": 1.2177963607926832,
  "dvars_vstd": 1.0081924196646348,
  "efc": 0.6161159038593578,
  "fber": 829.558349609375,
  "fd_mean": 0.08797499542879199,
  "fd_num": 2,
  "fd_perc": 0.60790273556231,
  "fwhm_avg": 1.7072733333333334,
  "fwhm_x": 1.62507,
  "fwhm_y": 1.8087666666666669,
  "fwhm_z": 1.6879833333333334,
  "gcor": 0.0186308,
  "gsr_x": -0.008839825168251991,
  "gsr_y": 0.056506380438804626,
  "provenance": {
    "md5sum": "c9f31514d59c8141540f8975d74a11db",
    "settings": {
      "fd_thres": 0.2,
      "testing": false
    },
    "software": "mriqc",
    "version": "23.0.1",
    "webapi_port": null,
    "webapi_url": "https://mriqc.nimh.nih.gov/api/v1"
  },
  "size_t": 329,
  "size_x": 64,
  "size_y": 64,
  "size_z": 36,
  "snr": 7.727886765552084,
  "spacing_tr": 2.0,
  "spacing_x": 3.0,
  "spacing_y": 3.0,
  "spacing_z": 3.0,
  "summary_bg_k": 17.443037698589485,
  "summary_bg_mad": 20.220168095000005,
  "summary_bg_mean": 68.14376068115234,
  "summary_bg_median": 30.285715103149414,
  "summary_bg_n": 74877.0,
  "summary_bg_p05": 14.093617057800294,
  "summary_bg_p95": 257.5841979980469,
  "summary_bg_stdv": 97.4731216430664,
  "summary_fg_k": 2.619096009578783,
  "summary_fg_mad": 110.9518364705885,
  "summary_fg_mean": 909.9573974609375,
  "summary_fg_median": 905.6504516601562,
  "summary_fg_n": 38069.0,
  "summary_fg_p05": 743.2079223632812,
  "summary_fg_p95": 1092.5799560546875,
  "summary_fg_stdv": 117.19097137451172,
  "tsnr": 106.49286040454172
}