{
  "aor": 0.0020367173252279634,
  "aqi": 0.0044323918844984805,
  "bids_meta": {
    "AcquisitionMatrixPE": 64,
    "AcquisitionNumber": 1,
    "AcquisitionTime": "11:42:50.000000",
    "BodyPartExamined": "HEAD",
    "CoilString": "8HRBRAIN",
    "ConversionSoftware": "dcm2niix",
    "ConversionSoftwareVersion": "v1.0.20181125  GCC5.4.0",
    "DeviceSerialNumber": "00000000GEMRGEMR",
    "EchoTime": 0.033,
    "EffectiveEchoSpacing": 0.000412,
    "FlipAngle": 90,
    "ImageOrientationPatientDICOM": [
      0.995656,
      -0.0913598,
      0.0179662,
      0.0922618,
      0.994029,
      -0.0582597
    ],
    "ImageType": [
      "ORIGINAL",
      "PRIMARY",
      "EPI",
      "NONE"
    ],
    "ImagingFrequency": 127.764,
    "InPlanePhaseEncodingDirectionDICOM": "COL",
    "InstitutionName": "NCKU",
    "MRAcquisitionType": "2D",
    "MagneticFieldStrength": 3,
    "Manufacturer": "GE",
    "ManufacturersModelName": "DISCOVERY_MR750",
    "PatientPosition": "HFS",
    "PercentPhaseFOV": 100,
    "PhaseEncodingDirection": "j",
    "PhaseEncodingPolarityGE": "Flipped",
    "PixelBandwidth": 7812.5,
    "ProtocolName": "hypervote_run_1",
    "ReconMatrixPE": 64,
    "RepetitionTime": 2,
    "SAR": 0.421561,
    "ScanOptions": "EPI_GEMS_ACC_GEMS",
    "ScanningSequence": "EP_GR",
    "SequenceVariant": "SS",
    "SeriesDescription": "hypervote_run_1",
    "SeriesNumber": 4,
    "SliceThickness": 3,
    "SliceTiming": [
      0,
      1,
      0.05,
      1.05,
      0.0999999,
      1.1,
      0.15,
      1.15,
      0.2,
      1.2,
      0.25,
      1.25,
      0.3,
      1.3,
      0.35,
      1.35,
      0.4,
      1.4,
      0.45,
      1.45,
      0.5,
      1.5,
      0.55,
      1.55,
      0.6,
      1.6,
      0.65,
      1.65,
      0.7,
      1.7,
      0.75,
      1.75,
      0.8,
      1.8,
      0.85,
      1.85,
      0.9,
      1.9,
      0.95,
      1.95
    ],
    "SoftwareVersions": "27_LX_MR_Software_release:DV25.1_R02_1649.a",
    "SpacingBetweenSlices": 3,
    "StationName": "GEMRGEMR",
    "TaskName": "OTCG",
    "TotalReadoutTime": 0.025956,
    "dataset": "ds004103",
    "modality": "bold",
    "run_id": 1,
    "subject_id": "s63A",
    "task_id": "OTCG"
  },
  "dummy_trs": 1,
  "dvars_nstd": 19.72632070289634,
  "dvars_std": 1.1473950073170738,
  "dvars_vstd": 1.0002782725609758,
  "efc": 0.4510870415180835,
  "fber": 29179.072265625,
  "fd_mean": 0.1054863651326347,
  "fd_num": 29,
  "fd_perc": 8.814589665653495,
  "fwhm_avg": 2.706208253968254,
  "fwhm_x": 2.5261628571428574,
  "fwhm_y": 2.8056485714285713,
  "fwhm_z": 2.7868133333333334,
  "gcor": 0.0918355,
  "gsr_x": 0.008883204311132431,
  "gsr_y": 0.002574656857177615,
  "provenance": {
    "md5sum": "584222e79f321f1bd5d491438dd37582",
    "settings": {
      "fd_thres": 0.2,
      "testing": false
    },
    "software": "mriqc",
    "version": "23.0.1",
    "webapi_port": null,
    "webapi_url": "https://mriqc.nimh.nih.gov/api/v1"
  },
  "size_t": 329,
  "size_x": 64,
  "size_y": 64,
  "size_z": 40,
  "snr": 5.331009132031156,
  "spacing_tr": 2.0,
  "spacing_x": 3.5,
  "spacing_y": 3.5,
  "spacing_z": 3.0,
  "summary_bg_k": 37.95292546307005,
  "summary_bg_mad": 39.84099261433368,
  "summary_bg_mean": 135.4889373779297,
  "summary_bg_median": 27.723403930664062,
  "summary_bg_n": 105815.0,
  "summary_bg_p05": 0.11854103207588196,
  "summary_bg_p95": 598.780859374995,
  "summary_bg_stdv": 351.4188232421875,
  "summary_fg_k": 0.34496134647847,
  "summary_fg_mad": 783.6634995464541,
  "summary_fg_mean": 4434.408203125,
  "summary_fg_median": 4493.125,
  "summary_fg_n": 25884.0,
  "summary_fg_p05": 2951.411511230469,
  "summary_fg_p95": 5764.379565429687,
  "summary_fg_stdv": 842.8119506835938,
  "tsnr": 64.9754695193842
}