{
  "aor": 0.0019414329268292682,
  "aqi": 0.0066555663414634165,
  "bids_meta": {
    "AcquisitionMatrixPE": 64,
    "AcquisitionNumber": 1,
    "AcquisitionTime": "10:53:48.855000",
    "BandwidthPerPixelPhaseEncode": 31.888,
    "BaseResolution": 64,
    "BodyPartExamined": "BRAIN",
    "ConsistencyInfo": "N4_VD13D_LATEST_20130810",
    "ConversionSoftware": "dcm2niix",
    "ConversionSoftwareVersion": "v1.0.20181125  GCC5.4.0",
    "DerivedVendorReportedEchoSpacing": 0.000489996,
    "DeviceSerialNumber": "66020",
    "DwellTime": 3.3e-06,
    "EchoTime": 0.024,
    "EchoTrainLength": 64,
    "EffectiveEchoSpacing": 0.000489996,
    "FlipAngle": 87,
    "ImageOrientationPatientDICOM": [
      0.999254,
      0.0311574,
      -0.0228117,
      -0.0348947,
      0.981577,
      -0.187854
    ],
    "ImageType": [
      "ORIGINAL",
      "PRIMARY",
      "M",
      "ND",
      "NORM",
      "MOSAIC"
    ],
    "ImagingFrequency": 123.262,
    "InPlanePhaseEncodingDirectionDICOM": "COL",
    "InstitutionAddress": "Fanglan_Rd._49_Taipei_Da_An_TW_10672",
    "InstitutionName": "NTU_NCSC",
    "InstitutionalDepartmentName": "Department",
    "MRAcquisitionType": "2D",
    "MagneticFieldStrength": 3,
    "Manufacturer": "Siemens",
    "ManufacturersModelName": "Prisma",
    "PartialFourier": 1,
    "PatientPosition": "HFS",
    "PercentPhaseFOV": 100,
    "PhaseEncodingDirection": "j-",
    "PhaseEncodingSteps": 64,
    "PhaseResolution": 1,
    "PixelBandwidth": 2365,
    "ProcedureStepDescription": "NTU_Brain",
    "ProtocolName": "ep2d_bold_64x64_3mm_iso_330TR",
    "PulseSequenceDetails": "%SiemensSeq%_ep2d_bold",
    "ReceiveCoilActiveElements": "HE1-4",
    "ReceiveCoilName": "HeadNeck_20",
    "ReconMatrixPE": 64,
    "RepetitionTime": 2,
    "SAR": 0.119036,
    "ScanOptions": "FS",
    "ScanningSequence": "EP",
    "SequenceName": "_epfid2d1_64",
    "SequenceVariant": "SK",
    "SeriesDescription": "ep2d_bold_64x64_3mm_iso_330TR",
    "SeriesNumber": 4,
    "ShimSetting": [
      -3005,
      -3828,
      -5476,
      519,
      -135,
      -98,
      -52,
      41
    ],
    "SliceThickness": 3,
    "SliceTiming": [
      0.99,
      0,
      1.045,
      0.055,
      1.1,
      0.11,
      1.155,
      0.165,
      1.21,
      0.22,
      1.265,
      0.275,
      1.32,
      0.33,
      1.375,
      0.385,
      1.43,
      0.44,
      1.485,
      0.495,
      1.54,
      0.55,
      1.595,
      0.605,
      1.65,
      0.66,
      1.705,
      0.715,
      1.76,
      0.77,
      1.815,
      0.825,
      1.87,
      0.88,
      1.925,
      0.935
    ],
    "SoftwareVersions": "syngo_MR_D13D",
    "SpacingBetweenSlices": 3,
    "StationName": "AWP66020",
    "TaskName": "OTCG",
    "TotalReadoutTime": 0.0308698,
    "TxRefAmp": 256.448,
    "VendorReportedEchoSpacing": 0.00049,
    "dataset": "ds004103",
    "modality": "bold",
    "run_id": 2,
    "subject_id": "s50B",
    "task_id": "OTCG"
  },
  "dummy_trs": 2,
  "dvars_nstd": 20.15534131162078,
  "dvars_std": 1.2738416359327227,
  "dvars_vstd": 1.017300319724771,
  "efc": 0.6536340479667112,
  "fber": 610.4371948242188,
  "fd_mean": 0.1296715466372992,
  "fd_num": 38,
  "fd_perc": 11.585365853658537,
  "fwhm_avg": 1.7715233333333333,
  "fwhm_x": 1.7304466666666667,
  "fwhm_y": 1.7969466666666667,
  "fwhm_z": 1.7871766666666666,
  "gcor": 0.0210714,
  "gsr_x": 0.01664620079100132,
  "gsr_y": 0.02238168567419052,
  "provenance": {
    "md5sum": "18f2ce2a163985052e5ca4b86f8ab92c",
    "settings": {
      "fd_thres": 0.2,
      "testing": false
    },
    "software": "mriqc",
    "version": "23.0.1",
    "webapi_port": null,
    "webapi_url": "https://mriqc.nimh.nih.gov/api/v1"
  },
  "size_t": 328,
  "size_x": 64,
  "size_y": 64,
  "size_z": 36,
  "snr": 7.461646923652955,
  "spacing_tr": 2.0,
  "spacing_x": 3.0,
  "spacing_y": 3.0,
  "spacing_z": 3.0,
  "summary_bg_k": 16.313887007033042,
  "summary_bg_mad": 23.07525364126638,
  "summary_bg_mean": 73.35714721679688,
  "summary_bg_median": 35.591461181640625,
  "summary_bg_n": 68397.0,
  "summary_bg_p05": 14.948169708251953,
  "summary_bg_p95": 269.039630126953,
  "summary_bg_stdv": 100.01087951660156,
  "summary_fg_k": 2.1323883590395685,
  "summary_fg_mad": 117.22050017205073,
  "summary_fg_mean": 912.8814086914062,
  "summary_fg_median": 907.6371459960938,
  "summary_fg_n": 43925.0,
  "summary_fg_p05": 738.3572998046875,
  "summary_fg_p95": 1108.2506103515623,
  "summary_fg_stdv": 121.6389389038086,
  "tsnr": 83.6077859394718
}