{
  "aor": 0.004952948328267478,
  "aqi": 0.0072816850151975684,
  "bids_meta": {
    "AcquisitionMatrixPE": 64,
    "AcquisitionNumber": 1,
    "AcquisitionTime": "11:17:49.700000",
    "BandwidthPerPixelPhaseEncode": 31.888,
    "BaseResolution": 64,
    "BodyPartExamined": "BRAIN",
    "ConsistencyInfo": "N4_VD13D_LATEST_20130810",
    "ConversionSoftware": "dcm2niix",
    "ConversionSoftwareVersion": "v1.0.20181125  GCC5.4.0",
    "DerivedVendorReportedEchoSpacing": 0.000489996,
    "DeviceSerialNumber": "66020",
    "DwellTime": 3.3e-06,
    "EchoTime": 0.024,
    "EchoTrainLength": 64,
    "EffectiveEchoSpacing": 0.000489996,
    "FlipAngle": 87,
    "ImageOrientationPatientDICOM": [
      0.999254,
      0.0311574,
      -0.0228117,
      -0.0348947,
      0.981577,
      -0.187854
    ],
    "ImageType": [
      "ORIGINAL",
      "PRIMARY",
      "M",
      "ND",
      "NORM",
      "MOSAIC"
    ],
    "ImagingFrequency": 123.262,
    "InPlanePhaseEncodingDirectionDICOM": "COL",
    "InstitutionAddress": "Fanglan_Rd._49_Taipei_Da_An_TW_10672",
    "InstitutionName": "NTU_NCSC",
    "InstitutionalDepartmentName": "Department",
    "MRAcquisitionType": "2D",
    "MagneticFieldStrength": 3,
    "Manufacturer": "Siemens",
    "ManufacturersModelName": "Prisma",
    "PartialFourier": 1,
    "PatientPosition": "HFS",
    "PercentPhaseFOV": 100,
    "PhaseEncodingDirection": "j-",
    "PhaseEncodingSteps": 64,
    "PhaseResolution": 1,
    "PixelBandwidth": 2365,
    "ProcedureStepDescription": "NTU_Brain",
    "ProtocolName": "ep2d_bold_64x64_3mm_iso_330TR",
    "PulseSequenceDetails": "%SiemensSeq%_ep2d_bold",
    "ReceiveCoilActiveElements": "HE1-4",
    "ReceiveCoilName": "HeadNeck_20",
    "ReconMatrixPE": 64,
    "RepetitionTime": 2,
    "SAR": 0.119036,
    "ScanOptions": "FS",
    "ScanningSequence": "EP",
    "SequenceName": "_epfid2d1_64",
    "SequenceVariant": "SK",
    "SeriesDescription": "ep2d_bold_64x64_3mm_iso_330TR",
    "SeriesNumber": 6,
    "ShimSetting": [
      -3005,
      -3828,
      -5476,
      519,
      -135,
      -98,
      -52,
      41
    ],
    "SliceThickness": 3,
    "SliceTiming": [
      0.99,
      0,
      1.045,
      0.055,
      1.1,
      0.11,
      1.155,
      0.165,
      1.21,
      0.22,
      1.265,
      0.275,
      1.32,
      0.33,
      1.375,
      0.385,
      1.43,
      0.44,
      1.485,
      0.495,
      1.54,
      0.55,
      1.595,
      0.605,
      1.65,
      0.66,
      1.705,
      0.715,
      1.76,
      0.77,
      1.815,
      0.825,
      1.87,
      0.88,
      1.925,
      0.935
    ],
    "SoftwareVersions": "syngo_MR_D13D",
    "SpacingBetweenSlices": 3,
    "StationName": "AWP66020",
    "TaskName": "OTCG",
    "TotalReadoutTime": 0.0308698,
    "TxRefAmp": 256.448,
    "VendorReportedEchoSpacing": 0.00049,
    "dataset": "ds004103",
    "modality": "bold",
    "run_id": 4,
    "subject_id": "s50B",
    "task_id": "OTCG"
  },
  "dummy_trs": 1,
  "dvars_nstd": 18.197635109725603,
  "dvars_std": 1.2632539306097574,
  "dvars_vstd": 1.0576965060060972,
  "efc": 0.6538588984856415,
  "fber": 608.0927734375,
  "fd_mean": 0.12412812720015107,
  "fd_num": 28,
  "fd_perc": 8.51063829787234,
  "fwhm_avg": 1.7806366666666669,
  "fwhm_x": 1.72929,
  "fwhm_y": 1.8163666666666665,
  "fwhm_z": 1.7962533333333335,
  "gcor": 0.0109258,
  "gsr_x": 0.016558514907956123,
  "gsr_y": 0.02246045507490635,
  "provenance": {
    "md5sum": "a8e41388da2a50fe5eaa5c9e312933b6",
    "settings": {
      "fd_thres": 0.2,
      "testing": false
    },
    "software": "mriqc",
    "version": "23.0.1",
    "webapi_port": null,
    "webapi_url": "https://mriqc.nimh.nih.gov/api/v1"
  },
  "size_t": 329,
  "size_x": 64,
  "size_y": 64,
  "size_z": 36,
  "snr": 7.446809157691704,
  "spacing_tr": 2.0,
  "spacing_x": 3.0,
  "spacing_y": 3.0,
  "spacing_z": 3.0,
  "summary_bg_k": 15.60419615697851,
  "summary_bg_mad": 22.680659771164347,
  "summary_bg_mean": 74.28052520751953,
  "summary_bg_median": 35.65653610229492,
  "summary_bg_n": 68593.0,
  "summary_bg_p05": 15.462006568908691,
  "summary_bg_p95": 275.6887512207027,
  "summary_bg_stdv": 100.74510192871094,
  "summary_fg_k": 2.231434286627536,
  "summary_fg_mad": 116.74026518830993,
  "summary_fg_mean": 909.3885498046875,
  "summary_fg_median": 904.9893798828125,
  "summary_fg_n": 43856.0,
  "summary_fg_p05": 733.2052001953125,
  "summary_fg_p95": 1101.8099975585938,
  "summary_fg_stdv": 121.52574920654297,
  "tsnr": 81.88439883012325
}