{
  "aor": 0.001029878787878788,
  "aqi": 0.009454659424242423,
  "bids_meta": {
    "AcquisitionMatrixPE": 64,
    "AcquisitionNumber": 1,
    "AcquisitionTime": "10:41:47.185000",
    "BandwidthPerPixelPhaseEncode": 31.888,
    "BaseResolution": 64,
    "BodyPartExamined": "BRAIN",
    "ConsistencyInfo": "N4_VD13D_LATEST_20130810",
    "ConversionSoftware": "dcm2niix",
    "ConversionSoftwareVersion": "v1.0.20181125  GCC5.4.0",
    "DerivedVendorReportedEchoSpacing": 0.000489996,
    "DeviceSerialNumber": "66020",
    "DwellTime": 3.3e-06,
    "EchoTime": 0.024,
    "EchoTrainLength": 64,
    "EffectiveEchoSpacing": 0.000489996,
    "FlipAngle": 87,
    "ImageOrientationPatientDICOM": [
      0.999254,
      0.0311574,
      -0.0228117,
      -0.0348947,
      0.981577,
      -0.187854
    ],
    "ImageType": [
      "ORIGINAL",
      "PRIMARY",
      "M",
      "ND",
      "NORM",
      "MOSAIC"
    ],
    "ImagingFrequency": 123.262,
    "InPlanePhaseEncodingDirectionDICOM": "COL",
    "InstitutionAddress": "Fanglan_Rd._49_Taipei_Da_An_TW_10672",
    "InstitutionName": "NTU_NCSC",
    "InstitutionalDepartmentName": "Department",
    "MRAcquisitionType": "2D",
    "MagneticFieldStrength": 3,
    "Manufacturer": "Siemens",
    "ManufacturersModelName": "Prisma",
    "PartialFourier": 1,
    "PatientPosition": "HFS",
    "PercentPhaseFOV": 100,
    "PhaseEncodingDirection": "j-",
    "PhaseEncodingSteps": 64,
    "PhaseResolution": 1,
    "PixelBandwidth": 2365,
    "ProcedureStepDescription": "NTU_Brain",
    "ProtocolName": "ep2d_bold_64x64_3mm_iso_330TR",
    "PulseSequenceDetails": "%SiemensSeq%_ep2d_bold",
    "ReceiveCoilActiveElements": "HE1-4",
    "ReceiveCoilName": "HeadNeck_20",
    "ReconMatrixPE": 64,
    "RepetitionTime": 2,
    "SAR": 0.119036,
    "ScanOptions": "FS",
    "ScanningSequence": "EP",
    "SequenceName": "_epfid2d1_64",
    "SequenceVariant": "SK",
    "SeriesDescription": "ep2d_bold_64x64_3mm_iso_330TR",
    "SeriesNumber": 3,
    "ShimSetting": [
      -3005,
      -3828,
      -5476,
      519,
      -135,
      -98,
      -52,
      41
    ],
    "SliceThickness": 3,
    "SliceTiming": [
      0.99,
      0,
      1.045,
      0.055,
      1.1,
      0.11,
      1.155,
      0.165,
      1.21,
      0.22,
      1.265,
      0.275,
      1.32,
      0.33,
      1.375,
      0.385,
      1.43,
      0.44,
      1.485,
      0.495,
      1.54,
      0.55,
      1.595,
      0.605,
      1.65,
      0.66,
      1.705,
      0.715,
      1.76,
      0.77,
      1.815,
      0.825,
      1.87,
      0.88,
      1.925,
      0.935
    ],
    "SoftwareVersions": "syngo_MR_D13D",
    "SpacingBetweenSlices": 3,
    "StationName": "AWP66020",
    "TaskName": "OTCG",
    "TotalReadoutTime": 0.0308698,
    "TxRefAmp": 256.448,
    "VendorReportedEchoSpacing": 0.00049,
    "dataset": "ds004103",
    "modality": "bold",
    "run_id": 1,
    "subject_id": "s50B",
    "task_id": "OTCG"
  },
  "dummy_trs": 0,
  "dvars_nstd": 21.50669564300913,
  "dvars_std": 1.1559105127963525,
  "dvars_vstd": 0.9817488562006076,
  "efc": 0.6515111898243373,
  "fber": 609.2000732421875,
  "fd_mean": 0.13797032916763813,
  "fd_num": 54,
  "fd_perc": 16.363636363636363,
  "fwhm_avg": 1.8001344444444445,
  "fwhm_x": 1.7712899999999998,
  "fwhm_y": 1.8249033333333333,
  "fwhm_z": 1.80421,
  "gcor": 0.026962,
  "gsr_x": 0.021198194473981857,
  "gsr_y": 0.019753729924559593,
  "provenance": {
    "md5sum": "1a9430538026e95b342cc3087d3dc65f",
    "settings": {
      "fd_thres": 0.2,
      "testing": false
    },
    "software": "mriqc",
    "version": "23.0.1",
    "webapi_port": null,
    "webapi_url": "https://mriqc.nimh.nih.gov/api/v1"
  },
  "size_t": 330,
  "size_x": 64,
  "size_y": 64,
  "size_z": 36,
  "snr": 7.412217232311416,
  "spacing_tr": 2.0,
  "spacing_x": 3.0,
  "spacing_y": 3.0,
  "spacing_z": 3.0,
  "summary_bg_k": 11.975727205139277,
  "summary_bg_mad": 22.432222776030773,
  "summary_bg_mean": 75.05313873291016,
  "summary_bg_median": 34.693939208984375,
  "summary_bg_n": 69705.0,
  "summary_bg_p05": 15.112120628356934,
  "summary_bg_p95": 297.58422851562506,
  "summary_bg_stdv": 102.62680053710938,
  "summary_fg_k": 1.6799380386233818,
  "summary_fg_mad": 114.71747779259674,
  "summary_fg_mean": 880.967041015625,
  "summary_fg_median": 876.3151245117188,
  "summary_fg_n": 43592.0,
  "summary_fg_p05": 707.9837615966796,
  "summary_fg_p95": 1072.5046874999998,
  "summary_fg_stdv": 118.22441864013672,
  "tsnr": 68.16567178396508
}