{
  "aor": 0.0015079939209726445,
  "aqi": 0.003279662462006079,
  "bids_meta": {
    "AcquisitionMatrixPE": 64,
    "AcquisitionNumber": 1,
    "AcquisitionTime": "09:24:1.000000",
    "BodyPartExamined": "HEAD",
    "CoilString": "8HRBRAIN",
    "ConversionSoftware": "dcm2niix",
    "ConversionSoftwareVersion": "v1.0.20181125  GCC5.4.0",
    "DeviceSerialNumber": "00000000GEMRGEMR",
    "EchoTime": 0.033,
    "EffectiveEchoSpacing": 0.00042,
    "FlipAngle": 90,
    "ImageOrientationPatientDICOM": [
      0.998846,
      -0.0479687,
      -0.00243952,
      0.0480112,
      0.995703,
      0.0791848
    ],
    "ImageType": [
      "ORIGINAL",
      "PRIMARY",
      "EPI",
      "NONE"
    ],
    "ImagingFrequency": 127.764,
    "InPlanePhaseEncodingDirectionDICOM": "COL",
    "InstitutionName": "NCKU",
    "MRAcquisitionType": "2D",
    "MagneticFieldStrength": 3,
    "Manufacturer": "GE",
    "ManufacturersModelName": "DISCOVERY_MR750",
    "PatientPosition": "HFS",
    "PercentPhaseFOV": 100,
    "PhaseEncodingDirection": "j",
    "PhaseEncodingPolarityGE": "Flipped",
    "PixelBandwidth": 7812.5,
    "ProtocolName": "hypervote_run_1",
    "ReconMatrixPE": 64,
    "RepetitionTime": 2,
    "SAR": 0.394761,
    "ScanOptions": "EPI_GEMS_ACC_GEMS",
    "ScanningSequence": "EP_GR",
    "SequenceVariant": "SS",
    "SeriesDescription": "hypervote_run_1",
    "SeriesNumber": 4,
    "SliceThickness": 3,
    "SliceTiming": [
      0,
      1,
      0.05,
      1.05,
      0.0999999,
      1.1,
      0.15,
      1.15,
      0.2,
      1.2,
      0.25,
      1.25,
      0.3,
      1.3,
      0.35,
      1.35,
      0.4,
      1.4,
      0.45,
      1.45,
      0.5,
      1.5,
      0.55,
      1.55,
      0.6,
      1.6,
      0.65,
      1.65,
      0.7,
      1.7,
      0.75,
      1.75,
      0.8,
      1.8,
      0.85,
      1.85,
      0.9,
      1.9,
      0.95,
      1.95
    ],
    "SoftwareVersions": "27_LX_MR_Software_release:DV25.1_R02_1649.a",
    "SpacingBetweenSlices": 3,
    "StationName": "GEMRGEMR",
    "TaskName": "OTCG",
    "TotalReadoutTime": 0.02646,
    "dataset": "ds004103",
    "modality": "bold",
    "run_id": 1,
    "subject_id": "s40A",
    "task_id": "OTCG"
  },
  "dummy_trs": 1,
  "dvars_nstd": 13.124699612865856,
  "dvars_std": 1.0620166770731703,
  "dvars_vstd": 0.9763316303353656,
  "efc": 0.3995323084579966,
  "fber": 127039.3515625,
  "fd_mean": 0.046945839675185896,
  "fd_num": 0,
  "fd_perc": 0.0,
  "fwhm_avg": 2.5593809523809523,
  "fwhm_x": 2.429331428571429,
  "fwhm_y": 2.6131514285714283,
  "fwhm_z": 2.63566,
  "gcor": 0.0453151,
  "gsr_x": -0.004242429975420237,
  "gsr_y": 0.0010197372175753117,
  "provenance": {
    "md5sum": "514274e373e5a5b3b120d24937dcbea6",
    "settings": {
      "fd_thres": 0.2,
      "testing": false
    },
    "software": "mriqc",
    "version": "23.0.1",
    "webapi_port": null,
    "webapi_url": "https://mriqc.nimh.nih.gov/api/v1"
  },
  "size_t": 329,
  "size_x": 64,
  "size_y": 64,
  "size_z": 40,
  "snr": 6.056658518989416,
  "spacing_tr": 2.0,
  "spacing_x": 3.5,
  "spacing_y": 3.5,
  "spacing_z": 3.0,
  "summary_bg_k": 48.24755224490448,
  "summary_bg_mad": 20.98851050606742,
  "summary_bg_mean": 88.09516143798828,
  "summary_bg_median": 14.560791015625,
  "summary_bg_n": 112040.0,
  "summary_bg_p05": 0.03343465179204941,
  "summary_bg_p95": 402.22219696044914,
  "summary_bg_stdv": 232.72772216796875,
  "summary_fg_k": 0.5654851924906179,
  "summary_fg_mad": 779.4813740502104,
  "summary_fg_mean": 4868.98046875,
  "summary_fg_median": 4890.25830078125,
  "summary_fg_n": 20856.0,
  "summary_fg_p05": 3509.9817504882812,
  "summary_fg_p95": 6173.817626953125,
  "summary_fg_stdv": 807.399169921875,
  "tsnr": 89.85695920418948
}