{
  "aor": 0.0009622188449848024,
  "aqi": 0.00397913726443769,
  "bids_meta": {
    "AcquisitionMatrixPE": 64,
    "AcquisitionNumber": 1,
    "AcquisitionTime": "10:07:52.000000",
    "BodyPartExamined": "HEAD",
    "CoilString": "8HRBRAIN",
    "ConversionSoftware": "dcm2niix",
    "ConversionSoftwareVersion": "v1.0.20181125  GCC5.4.0",
    "DeviceSerialNumber": "00000000GEMRGEMR",
    "EchoTime": 0.033,
    "EffectiveEchoSpacing": 0.00042,
    "FlipAngle": 90,
    "ImageOrientationPatientDICOM": [
      0.998846,
      -0.0479685,
      -0.00243987,
      0.048011,
      0.995703,
      0.079185
    ],
    "ImageType": [
      "ORIGINAL",
      "PRIMARY",
      "EPI",
      "NONE"
    ],
    "ImagingFrequency": 127.764,
    "InPlanePhaseEncodingDirectionDICOM": "COL",
    "InstitutionName": "NCKU",
    "MRAcquisitionType": "2D",
    "MagneticFieldStrength": 3,
    "Manufacturer": "GE",
    "ManufacturersModelName": "DISCOVERY_MR750",
    "PatientPosition": "HFS",
    "PercentPhaseFOV": 100,
    "PhaseEncodingDirection": "j",
    "PhaseEncodingPolarityGE": "Flipped",
    "PixelBandwidth": 7812.5,
    "ProtocolName": "hypervote_run_4",
    "ReconMatrixPE": 64,
    "RepetitionTime": 2,
    "SAR": 0.394761,
    "ScanOptions": "EPI_GEMS_ACC_GEMS",
    "ScanningSequence": "EP_GR",
    "SequenceVariant": "SS",
    "SeriesDescription": "hypervote_run_4",
    "SeriesNumber": 8,
    "SliceThickness": 3,
    "SliceTiming": [
      0,
      1,
      0.05,
      1.05,
      0.0999999,
      1.1,
      0.15,
      1.15,
      0.2,
      1.2,
      0.25,
      1.25,
      0.3,
      1.3,
      0.35,
      1.35,
      0.4,
      1.4,
      0.45,
      1.45,
      0.5,
      1.5,
      0.55,
      1.55,
      0.6,
      1.6,
      0.65,
      1.65,
      0.7,
      1.7,
      0.75,
      1.75,
      0.8,
      1.8,
      0.85,
      1.85,
      0.9,
      1.9,
      0.95,
      1.95
    ],
    "SoftwareVersions": "27_LX_MR_Software_release:DV25.1_R02_1649.a",
    "SpacingBetweenSlices": 3,
    "StationName": "GEMRGEMR",
    "TaskName": "OTCG",
    "TotalReadoutTime": 0.02646,
    "dataset": "ds004103",
    "modality": "bold",
    "run_id": 4,
    "subject_id": "s40A",
    "task_id": "OTCG"
  },
  "dummy_trs": 1,
  "dvars_nstd": 13.528569686859747,
  "dvars_std": 1.047439389298781,
  "dvars_vstd": 0.960572389756098,
  "efc": 0.401641610387947,
  "fber": 118671.3046875,
  "fd_mean": 0.0653187399283964,
  "fd_num": 2,
  "fd_perc": 0.60790273556231,
  "fwhm_avg": 2.5723780952380952,
  "fwhm_x": 2.4457285714285715,
  "fwhm_y": 2.615045714285714,
  "fwhm_z": 2.65636,
  "gcor": 0.0258053,
  "gsr_x": -0.0032987201120704412,
  "gsr_y": 0.0008145837346091866,
  "provenance": {
    "md5sum": "ef2828ffd64f06afba8f5718d0c6e87e",
    "settings": {
      "fd_thres": 0.2,
      "testing": false
    },
    "software": "mriqc",
    "version": "23.0.1",
    "webapi_port": null,
    "webapi_url": "https://mriqc.nimh.nih.gov/api/v1"
  },
  "size_t": 329,
  "size_x": 64,
  "size_y": 64,
  "size_z": 40,
  "snr": 5.997645329730281,
  "spacing_tr": 2.0,
  "spacing_x": 3.5,
  "spacing_y": 3.5,
  "spacing_z": 3.0,
  "summary_bg_k": 48.38306128673665,
  "summary_bg_mad": 21.459428466226864,
  "summary_bg_mean": 92.7612075805664,
  "summary_bg_median": 14.972644805908203,
  "summary_bg_n": 111983.0,
  "summary_bg_p05": 0.06382978707551956,
  "summary_bg_p95": 429.0775146484362,
  "summary_bg_stdv": 243.43287658691406,
  "summary_fg_k": 0.5477675585204289,
  "summary_fg_mad": 784.1297084471951,
  "summary_fg_mean": 4852.71875,
  "summary_fg_median": 4870.7158203125,
  "summary_fg_n": 20854.0,
  "summary_fg_p05": 3487.310498046875,
  "summary_fg_p95": 6170.0189453124985,
  "summary_fg_stdv": 812.085205078125,
  "tsnr": 84.60870015178807
}