{
  "aor": 0.002384407294832827,
  "aqi": 0.0028594757142857146,
  "bids_meta": {
    "AcquisitionMatrixPE": 64,
    "AcquisitionNumber": 1,
    "AcquisitionTime": "09:48:50.000000",
    "BodyPartExamined": "HEAD",
    "CoilString": "8HRBRAIN",
    "ConversionSoftware": "dcm2niix",
    "ConversionSoftwareVersion": "v1.0.20181125  GCC5.4.0",
    "DeviceSerialNumber": "00000000GEMRGEMR",
    "EchoTime": 0.033,
    "EffectiveEchoSpacing": 0.00042,
    "FlipAngle": 90,
    "ImageOrientationPatientDICOM": [
      0.998846,
      -0.0479685,
      -0.00243987,
      0.048011,
      0.995703,
      0.079185
    ],
    "ImageType": [
      "ORIGINAL",
      "PRIMARY",
      "EPI",
      "NONE"
    ],
    "ImagingFrequency": 127.764,
    "InPlanePhaseEncodingDirectionDICOM": "COL",
    "InstitutionName": "NCKU",
    "MRAcquisitionType": "2D",
    "MagneticFieldStrength": 3,
    "Manufacturer": "GE",
    "ManufacturersModelName": "DISCOVERY_MR750",
    "PatientPosition": "HFS",
    "PercentPhaseFOV": 100,
    "PhaseEncodingDirection": "j",
    "PhaseEncodingPolarityGE": "Flipped",
    "PixelBandwidth": 7812.5,
    "ProtocolName": "hypervote_run_3",
    "ReconMatrixPE": 64,
    "RepetitionTime": 2,
    "SAR": 0.394761,
    "ScanOptions": "EPI_GEMS_ACC_GEMS",
    "ScanningSequence": "EP_GR",
    "SequenceVariant": "SS",
    "SeriesDescription": "hypervote_run_3",
    "SeriesNumber": 6,
    "SliceThickness": 3,
    "SliceTiming": [
      0,
      1,
      0.05,
      1.05,
      0.0999999,
      1.1,
      0.15,
      1.15,
      0.2,
      1.2,
      0.25,
      1.25,
      0.3,
      1.3,
      0.35,
      1.35,
      0.4,
      1.4,
      0.45,
      1.45,
      0.5,
      1.5,
      0.55,
      1.55,
      0.6,
      1.6,
      0.65,
      1.65,
      0.7,
      1.7,
      0.75,
      1.75,
      0.8,
      1.8,
      0.85,
      1.85,
      0.9,
      1.9,
      0.95,
      1.95
    ],
    "SoftwareVersions": "27_LX_MR_Software_release:DV25.1_R02_1649.a",
    "SpacingBetweenSlices": 3,
    "StationName": "GEMRGEMR",
    "TaskName": "OTCG",
    "TotalReadoutTime": 0.02646,
    "dataset": "ds004103",
    "modality": "bold",
    "run_id": 3,
    "subject_id": "s40A",
    "task_id": "OTCG"
  },
  "dummy_trs": 1,
  "dvars_nstd": 12.912373836371954,
  "dvars_std": 1.0861195408841469,
  "dvars_vstd": 1.0058552650609758,
  "efc": 0.40147068501989014,
  "fber": 121844.1484375,
  "fd_mean": 0.046945882581615375,
  "fd_num": 0,
  "fd_perc": 0.0,
  "fwhm_avg": 2.55816253968254,
  "fwhm_x": 2.434002857142857,
  "fwhm_y": 2.6148914285714286,
  "fwhm_z": 2.6255933333333332,
  "gcor": 0.027566,
  "gsr_x": -0.0038778113666921854,
  "gsr_y": 0.0019774013198912144,
  "provenance": {
    "md5sum": "d0f7d8a712b80847a6448c98830aa98e",
    "settings": {
      "fd_thres": 0.2,
      "testing": false
    },
    "software": "mriqc",
    "version": "23.0.1",
    "webapi_port": null,
    "webapi_url": "https://mriqc.nimh.nih.gov/api/v1"
  },
  "size_t": 329,
  "size_x": 64,
  "size_y": 64,
  "size_z": 40,
  "snr": 6.053476677962915,
  "spacing_tr": 2.0,
  "spacing_x": 3.5,
  "spacing_y": 3.5,
  "spacing_z": 3.0,
  "summary_bg_k": 49.77589508565474,
  "summary_bg_mad": 21.265653207377117,
  "summary_bg_mean": 91.40524291992188,
  "summary_bg_median": 14.7720365524292,
  "summary_bg_n": 111931.0,
  "summary_bg_p05": 0.036474164575338364,
  "summary_bg_p95": 420.83131408691406,
  "summary_bg_stdv": 239.22695922851562,
  "summary_fg_k": 0.5136248137399049,
  "summary_fg_mad": 779.826325201147,
  "summary_fg_mean": 4851.76953125,
  "summary_fg_median": 4875.8984375,
  "summary_fg_n": 20824.0,
  "summary_fg_p05": 3491.5553588867188,
  "summary_fg_p95": 6143.942309570311,
  "summary_fg_stdv": 805.451416015625,
  "tsnr": 94.09013211354613
}