{
  "aor": 0.007716048632218844,
  "aqi": 0.006664679331306991,
  "bids_meta": {
    "AcquisitionMatrixPE": 64,
    "AcquisitionNumber": 1,
    "AcquisitionTime": "10:57:44.000000",
    "BodyPartExamined": "HEAD",
    "CoilString": "8HRBRAIN",
    "ConversionSoftware": "dcm2niix",
    "ConversionSoftwareVersion": "v1.0.20181125  GCC5.4.0",
    "DeviceSerialNumber": "00000000GEMRGEMR",
    "EchoTime": 0.033,
    "EffectiveEchoSpacing": 0.00042,
    "FlipAngle": 90,
    "ImageOrientationPatientDICOM": [
      0.998749,
      -0.0225014,
      -0.0446547,
      0.026399,
      0.995708,
      0.0887061
    ],
    "ImageType": [
      "ORIGINAL",
      "PRIMARY",
      "EPI",
      "NONE"
    ],
    "ImagingFrequency": 127.764,
    "InPlanePhaseEncodingDirectionDICOM": "COL",
    "InstitutionName": "NCKU",
    "MRAcquisitionType": "2D",
    "MagneticFieldStrength": 3,
    "Manufacturer": "GE",
    "ManufacturersModelName": "DISCOVERY_MR750",
    "PatientPosition": "HFS",
    "PercentPhaseFOV": 100,
    "PhaseEncodingDirection": "j",
    "PhaseEncodingPolarityGE": "Flipped",
    "PixelBandwidth": 7812.5,
    "ProtocolName": "hypervote_run_2",
    "ReconMatrixPE": 64,
    "RepetitionTime": 2,
    "SAR": 0.421561,
    "ScanOptions": "EPI_GEMS_ACC_GEMS",
    "ScanningSequence": "EP_GR",
    "SequenceVariant": "SS",
    "SeriesDescription": "hypervote_run_2",
    "SeriesNumber": 8,
    "SliceThickness": 3,
    "SliceTiming": [
      0,
      1,
      0.05,
      1.05,
      0.0999999,
      1.1,
      0.15,
      1.15,
      0.2,
      1.2,
      0.25,
      1.25,
      0.3,
      1.3,
      0.35,
      1.35,
      0.4,
      1.4,
      0.45,
      1.45,
      0.5,
      1.5,
      0.55,
      1.55,
      0.6,
      1.6,
      0.65,
      1.65,
      0.7,
      1.7,
      0.75,
      1.75,
      0.8,
      1.8,
      0.85,
      1.85,
      0.9,
      1.9,
      0.95,
      1.95
    ],
    "SoftwareVersions": "27_LX_MR_Software_release:DV25.1_R02_1649.a",
    "SpacingBetweenSlices": 3,
    "StationName": "GEMRGEMR",
    "TaskName": "OTCG",
    "TotalReadoutTime": 0.02646,
    "dataset": "ds004103",
    "modality": "bold",
    "run_id": 2,
    "subject_id": "s26A",
    "task_id": "OTCG"
  },
  "dummy_trs": 1,
  "dvars_nstd": 20.437221814878065,
  "dvars_std": 1.046668375914635,
  "dvars_vstd": 0.9863509939939028,
  "efc": 0.5014155577459634,
  "fber": 16756.28125,
  "fd_mean": 0.1621230622594388,
  "fd_num": 75,
  "fd_perc": 22.796352583586625,
  "fwhm_avg": 2.835595714285714,
  "fwhm_x": 2.653345714285714,
  "fwhm_y": 2.9099714285714287,
  "fwhm_z": 2.94347,
  "gcor": 0.0341881,
  "gsr_x": 0.03440619260072708,
  "gsr_y": -0.0018910453654825687,
  "provenance": {
    "md5sum": "ccf4f5a7e4fe8c393aeccc0e66cdb7cb",
    "settings": {
      "fd_thres": 0.2,
      "testing": false
    },
    "software": "mriqc",
    "version": "23.0.1",
    "webapi_port": null,
    "webapi_url": "https://mriqc.nimh.nih.gov/api/v1"
  },
  "size_t": 329,
  "size_x": 64,
  "size_y": 64,
  "size_z": 40,
  "snr": 4.646996409577683,
  "spacing_tr": 2.0,
  "spacing_x": 3.5,
  "spacing_y": 3.5,
  "spacing_z": 3.0,
  "summary_bg_k": 27.12937762493192,
  "summary_bg_mad": 49.53874340223206,
  "summary_bg_mean": 162.4900360107422,
  "summary_bg_median": 34.568389892578125,
  "summary_bg_n": 96925.0,
  "summary_bg_p05": 0.10638298094272614,
  "summary_bg_p95": 713.3744873046878,
  "summary_bg_stdv": 393.0865173339844,
  "summary_fg_k": 0.19452951142967123,
  "summary_fg_mad": 893.9390978347371,
  "summary_fg_mean": 4326.8505859375,
  "summary_fg_median": 4309.06689453125,
  "summary_fg_n": 32638.0,
  "summary_fg_p05": 2808.5355590820313,
  "summary_fg_p95": 5864.6961669921875,
  "summary_fg_stdv": 927.2658081054688,
  "tsnr": 53.01919889228884
}