{
  "aor": 0.0037322492401215806,
  "aqi": 0.0034961974468085103,
  "bids_meta": {
    "AcquisitionMatrixPE": 64,
    "AcquisitionNumber": 1,
    "AcquisitionTime": "11:10:30.000000",
    "BodyPartExamined": "HEAD",
    "CoilString": "8HRBRAIN",
    "ConversionSoftware": "dcm2niix",
    "ConversionSoftwareVersion": "v1.0.20181125  GCC5.4.0",
    "DeviceSerialNumber": "00000000GEMRGEMR",
    "EchoTime": 0.033,
    "EffectiveEchoSpacing": 0.00042,
    "FlipAngle": 90,
    "ImageOrientationPatientDICOM": [
      0.998749,
      -0.0225014,
      -0.0446547,
      0.026399,
      0.995708,
      0.0887061
    ],
    "ImageType": [
      "ORIGINAL",
      "PRIMARY",
      "EPI",
      "NONE"
    ],
    "ImagingFrequency": 127.764,
    "InPlanePhaseEncodingDirectionDICOM": "COL",
    "InstitutionName": "NCKU",
    "MRAcquisitionType": "2D",
    "MagneticFieldStrength": 3,
    "Manufacturer": "GE",
    "ManufacturersModelName": "DISCOVERY_MR750",
    "PatientPosition": "HFS",
    "PercentPhaseFOV": 100,
    "PhaseEncodingDirection": "j",
    "PhaseEncodingPolarityGE": "Flipped",
    "PixelBandwidth": 7812.5,
    "ProtocolName": "hypervote_run_3",
    "ReconMatrixPE": 64,
    "RepetitionTime": 2,
    "SAR": 0.421561,
    "ScanOptions": "EPI_GEMS_ACC_GEMS",
    "ScanningSequence": "EP_GR",
    "SequenceVariant": "SS",
    "SeriesDescription": "hypervote_run_3",
    "SeriesNumber": 9,
    "SliceThickness": 3,
    "SliceTiming": [
      0,
      1,
      0.05,
      1.05,
      0.0999999,
      1.1,
      0.15,
      1.15,
      0.2,
      1.2,
      0.25,
      1.25,
      0.3,
      1.3,
      0.35,
      1.35,
      0.4,
      1.4,
      0.45,
      1.45,
      0.5,
      1.5,
      0.55,
      1.55,
      0.6,
      1.6,
      0.65,
      1.65,
      0.7,
      1.7,
      0.75,
      1.75,
      0.8,
      1.8,
      0.85,
      1.85,
      0.9,
      1.9,
      0.95,
      1.95
    ],
    "SoftwareVersions": "27_LX_MR_Software_release:DV25.1_R02_1649.a",
    "SpacingBetweenSlices": 3,
    "StationName": "GEMRGEMR",
    "TaskName": "OTCG",
    "TotalReadoutTime": 0.02646,
    "dataset": "ds004103",
    "modality": "bold",
    "run_id": 3,
    "subject_id": "s26A",
    "task_id": "OTCG"
  },
  "dummy_trs": 1,
  "dvars_nstd": 19.5399592824695,
  "dvars_std": 1.10844996777439,
  "dvars_vstd": 1.010797861615854,
  "efc": 0.500432102659865,
  "fber": 17300.994140625,
  "fd_mean": 0.13911250149213547,
  "fd_num": 63,
  "fd_perc": 19.148936170212767,
  "fwhm_avg": 2.7899849206349203,
  "fwhm_x": 2.6101685714285714,
  "fwhm_y": 2.862342857142857,
  "fwhm_z": 2.8974433333333334,
  "gcor": 0.0446844,
  "gsr_x": 0.03440488874912262,
  "gsr_y": -0.0017402871744707227,
  "provenance": {
    "md5sum": "7578bfc64378589491df010e86ade0d0",
    "settings": {
      "fd_thres": 0.2,
      "testing": false
    },
    "software": "mriqc",
    "version": "23.0.1",
    "webapi_port": null,
    "webapi_url": "https://mriqc.nimh.nih.gov/api/v1"
  },
  "size_t": 329,
  "size_x": 64,
  "size_y": 64,
  "size_z": 40,
  "snr": 4.72481525197287,
  "spacing_tr": 2.0,
  "spacing_x": 3.5,
  "spacing_y": 3.5,
  "spacing_z": 3.0,
  "summary_bg_k": 26.809073172919955,
  "summary_bg_mad": 48.77265398376847,
  "summary_bg_mean": 162.16224670410156,
  "summary_bg_median": 33.95136642456055,
  "summary_bg_n": 97043.0,
  "summary_bg_p05": 0.08206687122583389,
  "summary_bg_p95": 714.2763061523428,
  "summary_bg_stdv": 391.69805908203125,
  "summary_fg_k": 0.25996900186749095,
  "summary_fg_mad": 888.9344104387001,
  "summary_fg_mean": 4364.140625,
  "summary_fg_median": 4346.6962890625,
  "summary_fg_n": 32453.0,
  "summary_fg_p05": 2871.162939453125,
  "summary_fg_p95": 5886.6822265625,
  "summary_fg_stdv": 919.95751953125,
  "tsnr": 65.34719081246294
}