{
  "bids_meta": {
    "AcquisitionMatrixPE": 224,
    "AcquisitionNumber": 1,
    "AcquisitionTime": "09:22:53.000000",
    "BodyPartExamined": "HEAD",
    "CoilString": "8HRBRAIN",
    "ConversionSoftware": "dcm2niix",
    "ConversionSoftwareVersion": "v1.0.20181125  GCC5.4.0",
    "DeviceSerialNumber": "00000000GEMRGEMR",
    "EchoTime": 0.002928,
    "FlipAngle": 12,
    "ImageOrientationPatientDICOM": [
      -0.00527712,
      0.999698,
      0.0239979,
      0.0436473,
      0.0242056,
      -0.998754
    ],
    "ImageType": [
      "ORIGINAL",
      "PRIMARY",
      "OTHER"
    ],
    "ImagingFrequency": 127.764,
    "InPlanePhaseEncodingDirectionDICOM": "ROW",
    "InstitutionName": "NCKU",
    "InversionTime": 0.45,
    "MRAcquisitionType": "3D",
    "MagneticFieldStrength": 3,
    "Manufacturer": "GE",
    "ManufacturersModelName": "DISCOVERY_MR750",
    "Modality": "MR",
    "PatientPosition": "HFS",
    "PercentPhaseFOV": 100,
    "PixelBandwidth": 244.141,
    "ProtocolName": "T1_SAG_FSPGR_BRAVO_ASSET",
    "ReconMatrixPE": 256,
    "RepetitionTime": 0.00764,
    "SAR": 0.225982,
    "ScanOptions": "FAST_GEMS_EDR_GEMS_ACC_GEMS",
    "ScanningSequence": "GR",
    "SequenceVariant": "SS_SK",
    "SeriesDescription": "T1_SAG_FSPGR_BRAVO_ASSET",
    "SeriesNumber": 3,
    "SliceThickness": 1,
    "SoftwareVersions": "27_LX_MR_Software_release:DV25.1_R02_1649.a",
    "SpacingBetweenSlices": 1,
    "StationName": "GEMRGEMR",
    "dataset": "ds004103",
    "modality": "T1w",
    "subject_id": "s61A"
  },
  "cjv": 0.3582502381792294,
  "cnr": 3.8348517344489874,
  "efc": 0.6196691886128286,
  "fber": 4304.662793622051,
  "fwhm_avg": 4.095725714285714,
  "fwhm_x": 3.87312,
  "fwhm_y": 4.277748571428572,
  "fwhm_z": 4.136308571428572,
  "icvs_csf": 0.201619747074131,
  "icvs_gm": 0.4527649820765693,
  "icvs_wm": 0.34561527084929977,
  "inu_med": 0.5619494616985321,
  "inu_range": 0.19543300718069073,
  "provenance": {
    "md5sum": "26ff5ca6a1664fc879726bc6d10b00a9",
    "settings": {
      "testing": false
    },
    "software": "mriqc",
    "version": "23.0.1",
    "warnings": {
      "large_rot_frame": true,
      "small_air_mask": false
    },
    "webapi_port": null,
    "webapi_url": "https://mriqc.nimh.nih.gov/api/v1"
  },
  "qi_1": 0.0,
  "qi_2": 0.00029994907583970597,
  "rpve_csf": 18.513983737323237,
  "rpve_gm": 8.78064663713144,
  "rpve_wm": 12.979010431537239,
  "size_x": 166,
  "size_y": 256,
  "size_z": 256,
  "snr_csf": 2.1303222163318436,
  "snr_gm": 10.448989924251721,
  "snr_total": 10.84620827214363,
  "snr_wm": 19.959312675847322,
  "snrd_csf": 19.547176054103435,
  "snrd_gm": 57.13789923507157,
  "snrd_total": 53.535327070626145,
  "snrd_wm": 83.92090592270341,
  "spacing_x": 1.0,
  "spacing_y": 0.875,
  "spacing_z": 0.875,
  "summary_bg_k": 18.156698174342036,
  "summary_bg_mad": 7.806593126375331,
  "summary_bg_mean": 9.325887730932603,
  "summary_bg_median": 5.265467047691345,
  "summary_bg_n": 2322823.0,
  "summary_bg_p05": 0.0,
  "summary_bg_p95": 34.9934164211154,
  "summary_bg_stdv": 13.04110685562386,
  "summary_csf_k": 0.5986142405263402,
  "summary_csf_mad": 107.2322305831278,
  "summary_csf_mean": 239.27669459808632,
  "summary_csf_median": 232.92378537356853,
  "summary_csf_n": 42263.0,
  "summary_csf_p05": 73.35088123381138,
  "summary_csf_p95": 429.3513022728265,
  "summary_csf_stdv": 109.33605626651132,
  "summary_gm_k": 0.02197115761056967,
  "summary_gm_mad": 65.81391705152535,
  "summary_gm_mean": 680.3637064891543,
  "summary_gm_median": 680.8541418612003,
  "summary_gm_n": 49810.0,
  "summary_gm_p05": 573.0016534548253,
  "summary_gm_p95": 785.5418651774526,
  "summary_gm_stdv": 65.1591505255555,
  "summary_wm_k": 0.31404672348649587,
  "summary_wm_mad": 48.52014477851334,
  "summary_wm_mean": 1001.014784026986,
  "summary_wm_median": 999.9999501407146,
  "summary_wm_n": 260160.0,
  "summary_wm_p05": 920.7619842216372,
  "summary_wm_p95": 1084.9056062847376,
  "summary_wm_stdv": 50.10182687577402,
  "tpm_overlap_csf": 0.15108852680050217,
  "tpm_overlap_gm": 0.46783490517049187,
  "tpm_overlap_wm": 0.4983772617541721,
  "wm2max": 0.49163607012033067
}