{
  "bids_meta": {
    "AcquisitionMatrixPE": 224,
    "AcquisitionNumber": 1,
    "AcquisitionTime": "11:27:37.000000",
    "BodyPartExamined": "HEAD",
    "CoilString": "8HRBRAIN",
    "ConversionSoftware": "dcm2niix",
    "ConversionSoftwareVersion": "v1.0.20181125  GCC5.4.0",
    "DeviceSerialNumber": "00000000GEMRGEMR",
    "EchoTime": 0.002928,
    "FlipAngle": 12,
    "ImageOrientationPatientDICOM": [
      -0.0498455,
      0.988198,
      0.144845,
      -0.0538846,
      0.142153,
      -0.988377
    ],
    "ImageType": [
      "ORIGINAL",
      "PRIMARY",
      "OTHER"
    ],
    "ImagingFrequency": 127.764,
    "InPlanePhaseEncodingDirectionDICOM": "ROW",
    "InstitutionName": "NCKU",
    "InversionTime": 0.45,
    "MRAcquisitionType": "3D",
    "MagneticFieldStrength": 3,
    "Manufacturer": "GE",
    "ManufacturersModelName": "DISCOVERY_MR750",
    "Modality": "MR",
    "PatientPosition": "HFS",
    "PercentPhaseFOV": 100,
    "PixelBandwidth": 244.141,
    "ProtocolName": "T1_SAG_FSPGR_BRAVO_ASSET",
    "ReconMatrixPE": 256,
    "RepetitionTime": 0.007676,
    "SAR": 0.208277,
    "ScanOptions": "FAST_GEMS_EDR_GEMS_ACC_GEMS",
    "ScanningSequence": "GR",
    "SequenceVariant": "SS_SK",
    "SeriesDescription": "T1_SAG_FSPGR_BRAVO_ASSET",
    "SeriesNumber": 3,
    "SliceThickness": 1,
    "SoftwareVersions": "27_LX_MR_Software_release:DV25.1_R02_1649.a",
    "SpacingBetweenSlices": 1,
    "StationName": "GEMRGEMR",
    "dataset": "ds004103",
    "modality": "T1w",
    "subject_id": "s42A"
  },
  "cjv": 0.3238848791793976,
  "cnr": 4.199384297270714,
  "efc": 0.5789214782748417,
  "fber": 11074.79293628809,
  "fwhm_avg": 4.260922380952381,
  "fwhm_x": 4.01791,
  "fwhm_y": 4.499931428571428,
  "fwhm_z": 4.264925714285714,
  "icvs_csf": 0.21421953210876965,
  "icvs_gm": 0.45090466942530183,
  "icvs_wm": 0.3348757984659286,
  "inu_med": 0.5710040628910065,
  "inu_range": 0.1906849265098572,
  "provenance": {
    "md5sum": "43b9cc70da2c7a6c0973ef6f52a46041",
    "settings": {
      "testing": false
    },
    "software": "mriqc",
    "version": "23.0.1",
    "warnings": {
      "large_rot_frame": true,
      "small_air_mask": false
    },
    "webapi_port": null,
    "webapi_url": "https://mriqc.nimh.nih.gov/api/v1"
  },
  "qi_1": 0.0,
  "qi_2": 0.0005635284440544948,
  "rpve_csf": 18.10743221454868,
  "rpve_gm": 9.052541293154714,
  "rpve_wm": 13.756858017604285,
  "size_x": 166,
  "size_y": 256,
  "size_z": 256,
  "snr_csf": 1.7998263673400172,
  "snr_gm": 10.600930877051594,
  "snr_total": 11.457893106488678,
  "snr_wm": 21.972922075074422,
  "snrd_csf": 17.77350764605449,
  "snrd_gm": 59.94587661707946,
  "snrd_total": 55.74654608127133,
  "snrd_wm": 89.52025398068004,
  "spacing_x": 1.0,
  "spacing_y": 0.875,
  "spacing_z": 0.875,
  "summary_bg_k": 4.386151912436664,
  "summary_bg_mad": 7.31830387081581,
  "summary_bg_mean": 8.365891402942495,
  "summary_bg_median": 4.936120949685574,
  "summary_bg_n": 2268345.0,
  "summary_bg_p05": 0.0,
  "summary_bg_p95": 31.487934947013855,
  "summary_bg_stdv": 11.299112901233386,
  "summary_csf_k": 0.5301287945805604,
  "summary_csf_mad": 105.42184138090226,
  "summary_csf_mean": 213.4364041126799,
  "summary_csf_median": 198.54175375401974,
  "summary_csf_n": 53707.0,
  "summary_csf_p05": 59.210867836326365,
  "summary_csf_p95": 423.8514784358441,
  "summary_csf_stdv": 110.3105882708575,
  "summary_gm_k": 0.11479385818487531,
  "summary_gm_mad": 62.27733097909925,
  "summary_gm_mean": 669.902905328826,
  "summary_gm_median": 669.6348132789135,
  "summary_gm_n": 70382.0,
  "summary_gm_p05": 566.2988956198096,
  "summary_gm_p95": 773.9063355624676,
  "summary_gm_stdv": 63.1670995578523,
  "summary_wm_k": 0.17778690028528876,
  "summary_wm_mad": 44.72296809942995,
  "summary_wm_mean": 1000.08828345989,
  "summary_wm_median": 1000.0000323951244,
  "summary_wm_n": 270949.0,
  "summary_wm_p05": 925.4420224949718,
  "summary_wm_p95": 1074.9129268079996,
  "summary_wm_stdv": 45.51047801521146,
  "tpm_overlap_csf": 0.15076668225071416,
  "tpm_overlap_gm": 0.46408734338350877,
  "tpm_overlap_wm": 0.503506192896974,
  "wm2max": 0.5433937257536675
}