{
  "bids_meta": {
    "AcquisitionMatrixPE": 224,
    "AcquisitionNumber": 1,
    "AcquisitionTime": "11:31:39.000000",
    "BodyPartExamined": "HEAD",
    "CoilString": "8HRBRAIN",
    "ConversionSoftware": "dcm2niix",
    "ConversionSoftwareVersion": "v1.0.20181125  GCC5.4.0",
    "DeviceSerialNumber": "00000000GEMRGEMR",
    "EchoTime": 0.002928,
    "FlipAngle": 12,
    "ImageOrientationPatientDICOM": [
      -0.0288452,
      0.997807,
      -0.0595789,
      -0.00383578,
      -0.0597137,
      -0.998208
    ],
    "ImageType": [
      "ORIGINAL",
      "PRIMARY",
      "OTHER"
    ],
    "ImagingFrequency": 127.764,
    "InPlanePhaseEncodingDirectionDICOM": "ROW",
    "InstitutionName": "NCKU",
    "InversionTime": 0.45,
    "MRAcquisitionType": "3D",
    "MagneticFieldStrength": 3,
    "Manufacturer": "GE",
    "ManufacturersModelName": "DISCOVERY_MR750",
    "Modality": "MR",
    "PatientPosition": "HFS",
    "PercentPhaseFOV": 100,
    "PixelBandwidth": 244.141,
    "ProtocolName": "T1_SAG_FSPGR_BRAVO_ASSET",
    "ReconMatrixPE": 256,
    "RepetitionTime": 0.00764,
    "SAR": 0.211507,
    "ScanOptions": "FAST_GEMS_EDR_GEMS_ACC_GEMS",
    "ScanningSequence": "GR",
    "SequenceVariant": "SS_SK",
    "SeriesDescription": "T1_SAG_FSPGR_BRAVO_ASSET",
    "SeriesNumber": 3,
    "SliceThickness": 1,
    "SoftwareVersions": "27_LX_MR_Software_release:DV25.1_R02_1649.a",
    "SpacingBetweenSlices": 1,
    "StationName": "GEMRGEMR",
    "dataset": "ds004103",
    "modality": "T1w",
    "subject_id": "s12A"
  },
  "cjv": 0.3690503065864771,
  "cnr": 3.7409938600557227,
  "efc": 0.5486234326901951,
  "fber": 7934.153183109504,
  "fwhm_avg": 4.217298095238095,
  "fwhm_x": 3.97402,
  "fwhm_y": 4.416274285714286,
  "fwhm_z": 4.2616,
  "icvs_csf": 0.2165968232974572,
  "icvs_gm": 0.4511791726598671,
  "icvs_wm": 0.3322240040426757,
  "inu_med": 0.6521944403648376,
  "inu_range": 0.288887745141983,
  "provenance": {
    "md5sum": "c4d848da45907a602b2eb78ef5a7cbbb",
    "settings": {
      "testing": false
    },
    "software": "mriqc",
    "version": "23.0.1",
    "warnings": {
      "large_rot_frame": true,
      "small_air_mask": false
    },
    "webapi_port": null,
    "webapi_url": "https://mriqc.nimh.nih.gov/api/v1"
  },
  "qi_1": 0.0,
  "qi_2": 0.0005106484876092838,
  "rpve_csf": 20.90321775086532,
  "rpve_gm": 10.282584635604309,
  "rpve_wm": 15.218363046383976,
  "size_x": 166,
  "size_y": 256,
  "size_z": 256,
  "snr_csf": 2.192047710932114,
  "snr_gm": 12.21418788337605,
  "snr_total": 11.000503912043719,
  "snr_wm": 18.59527614182299,
  "snrd_csf": 15.054741699281875,
  "snrd_gm": 46.22796279979703,
  "snrd_total": 42.389045123474496,
  "snrd_wm": 65.88443087134458,
  "spacing_x": 1.0,
  "spacing_y": 0.875,
  "spacing_z": 0.875,
  "summary_bg_k": 4.517817820549891,
  "summary_bg_mad": 9.94416309426778,
  "summary_bg_mean": 9.92326608310872,
  "summary_bg_median": 6.707236081361771,
  "summary_bg_n": 2887446.0,
  "summary_bg_p05": 0.0,
  "summary_bg_p95": 36.20130732655525,
  "summary_bg_stdv": 12.974299345986614,
  "summary_csf_k": 0.5092726257331961,
  "summary_csf_mad": 100.89044940674331,
  "summary_csf_mean": 231.6420810892013,
  "summary_csf_median": 228.51242397725582,
  "summary_csf_n": 52436.0,
  "summary_csf_p05": 71.55865779519081,
  "summary_csf_p95": 417.2700380682945,
  "summary_csf_stdv": 104.24510555230422,
  "summary_gm_k": 0.06216846240627172,
  "summary_gm_mad": 57.42589548477818,
  "summary_gm_mean": 701.0195434946346,
  "summary_gm_median": 701.6834991872311,
  "summary_gm_n": 43215.0,
  "summary_gm_p05": 605.9476983517409,
  "summary_gm_p95": 793.8968906104565,
  "summary_gm_stdv": 57.44756731451657,
  "summary_wm_k": 0.17177969574847962,
  "summary_wm_mad": 52.684307784200165,
  "summary_wm_mean": 1001.2099437090299,
  "summary_wm_median": 1000.0444578528404,
  "summary_wm_n": 200036.0,
  "summary_wm_p05": 914.7159776389599,
  "summary_wm_p95": 1091.7692426741123,
  "summary_wm_stdv": 53.77935506638147,
  "tpm_overlap_csf": 0.15629408752628957,
  "tpm_overlap_gm": 0.45884406150559676,
  "tpm_overlap_wm": 0.4908498247497753,
  "wm2max": 0.4148593119460465
}