{
  "aor": 0.0029408510638297873,
  "aqi": 0.004197443799392097,
  "bids_meta": {
    "AcquisitionMatrixPE": 64,
    "AcquisitionNumber": 1,
    "AcquisitionTime": "11:15:47.000000",
    "BodyPartExamined": "HEAD",
    "CoilString": "8HRBRAIN",
    "ConversionSoftware": "dcm2niix",
    "ConversionSoftwareVersion": "v1.0.20181125  GCC5.4.0",
    "DeviceSerialNumber": "00000000GEMRGEMR",
    "EchoTime": 0.033,
    "EffectiveEchoSpacing": 0.00042,
    "FlipAngle": 90,
    "ImageOrientationPatientDICOM": [
      0.9993,
      0.0171915,
      -0.0332309,
      -0.011029,
      0.984071,
      0.177436
    ],
    "ImageType": [
      "ORIGINAL",
      "PRIMARY",
      "EPI",
      "NONE"
    ],
    "ImagingFrequency": 127.764,
    "InPlanePhaseEncodingDirectionDICOM": "COL",
    "InstitutionName": "NCKU",
    "MRAcquisitionType": "2D",
    "MagneticFieldStrength": 3,
    "Manufacturer": "GE",
    "ManufacturersModelName": "DISCOVERY_MR750",
    "PatientPosition": "HFS",
    "PercentPhaseFOV": 100,
    "PhaseEncodingDirection": "j",
    "PhaseEncodingPolarityGE": "Flipped",
    "PixelBandwidth": 7812.5,
    "ProtocolName": "hypervote_run_4",
    "ReconMatrixPE": 64,
    "RepetitionTime": 2,
    "SAR": 0.419736,
    "ScanOptions": "EPI_GEMS_ACC_GEMS",
    "ScanningSequence": "EP_GR",
    "SequenceVariant": "SS",
    "SeriesDescription": "hypervote_run_4",
    "SeriesNumber": 7,
    "SliceThickness": 3,
    "SliceTiming": [
      0,
      1,
      0.05,
      1.05,
      0.0999999,
      1.1,
      0.15,
      1.15,
      0.2,
      1.2,
      0.25,
      1.25,
      0.3,
      1.3,
      0.35,
      1.35,
      0.4,
      1.4,
      0.45,
      1.45,
      0.5,
      1.5,
      0.55,
      1.55,
      0.6,
      1.6,
      0.65,
      1.65,
      0.7,
      1.7,
      0.75,
      1.75,
      0.8,
      1.8,
      0.85,
      1.85,
      0.9,
      1.9,
      0.95,
      1.95
    ],
    "SoftwareVersions": "27_LX_MR_Software_release:DV25.1_R02_1649.a",
    "SpacingBetweenSlices": 3,
    "StationName": "GEMRGEMR",
    "TaskName": "OTCG",
    "TotalReadoutTime": 0.02646,
    "dataset": "ds004103",
    "modality": "bold",
    "run_id": 4,
    "subject_id": "s32A",
    "task_id": "OTCG"
  },
  "dummy_trs": 1,
  "dvars_nstd": 15.624390067073172,
  "dvars_std": 1.0726597878963415,
  "dvars_vstd": 0.9927835006402446,
  "efc": 0.4725355755361001,
  "fber": 35473.9609375,
  "fd_mean": 0.11189017900862505,
  "fd_num": 29,
  "fd_perc": 8.814589665653495,
  "fwhm_avg": 2.7549707936507937,
  "fwhm_x": 2.5234342857142855,
  "fwhm_y": 2.910371428571428,
  "fwhm_z": 2.831106666666667,
  "gcor": 0.0927653,
  "gsr_x": 0.004551250487565994,
  "gsr_y": 0.012441828846931458,
  "provenance": {
    "md5sum": "0b3040869f6add9583d0fcbbb9225ddd",
    "settings": {
      "fd_thres": 0.2,
      "testing": false
    },
    "software": "mriqc",
    "version": "23.0.1",
    "webapi_port": null,
    "webapi_url": "https://mriqc.nimh.nih.gov/api/v1"
  },
  "size_t": 329,
  "size_x": 64,
  "size_y": 64,
  "size_z": 40,
  "snr": 5.362227110886062,
  "spacing_tr": 2.0,
  "spacing_x": 3.5,
  "spacing_y": 3.5,
  "spacing_z": 3.0,
  "summary_bg_k": 32.16553485813277,
  "summary_bg_mad": 37.43458018373938,
  "summary_bg_mean": 148.73934936523438,
  "summary_bg_median": 25.85714340209961,
  "summary_bg_n": 102099.0,
  "summary_bg_p05": 0.07902735471725464,
  "summary_bg_p95": 766.492431640625,
  "summary_bg_stdv": 347.9211120605469,
  "summary_fg_k": 0.28308567451671474,
  "summary_fg_mad": 842.4018394420677,
  "summary_fg_mean": 4626.4189453125,
  "summary_fg_median": 4643.47412109375,
  "summary_fg_n": 28327.0,
  "summary_fg_p05": 3162.84267578125,
  "summary_fg_p95": 5994.591650390624,
  "summary_fg_stdv": 865.9447021484375,
  "tsnr": 73.88429209357128
}