{
  "bids_meta": {
    "AcquisitionMatrixPE": 256,
    "AcquisitionNumber": 1,
    "AcquisitionTime": "12:00:48.647500",
    "BaseResolution": 256,
    "BodyPartExamined": "BRAIN",
    "ConsistencyInfo": "N4_VD13D_LATEST_20130810",
    "ConversionSoftware": "dcm2niix",
    "ConversionSoftwareVersion": "v1.0.20181125  GCC5.4.0",
    "DeviceSerialNumber": "66020",
    "DwellTime": 9.8e-06,
    "EchoTime": 0.0023,
    "FlipAngle": 8,
    "ImageOrientationPatientDICOM": [
      0.0122583,
      0.999925,
      3.07103e-08,
      -0.022587,
      0.000276929,
      -0.999745
    ],
    "ImageType": [
      "ORIGINAL",
      "PRIMARY",
      "M",
      "ND",
      "NORM"
    ],
    "ImagingFrequency": 123.262,
    "InPlanePhaseEncodingDirectionDICOM": "ROW",
    "InstitutionAddress": "Fanglan_Rd._49_Taipei_Da_An_TW_10672",
    "InstitutionName": "NTU_NCSC",
    "InstitutionalDepartmentName": "Department",
    "InversionTime": 0.9,
    "MRAcquisitionType": "3D",
    "MagneticFieldStrength": 3,
    "Manufacturer": "Siemens",
    "ManufacturersModelName": "Prisma",
    "Modality": "MR",
    "PartialFourier": 1,
    "PatientPosition": "HFS",
    "PercentPhaseFOV": 100,
    "PhaseEncodingSteps": 255,
    "PhaseResolution": 1,
    "PixelBandwidth": 200,
    "ProcedureStepDescription": "NTU_Brain",
    "ProtocolName": "t1_mprage_sag_p2_iso",
    "PulseSequenceDetails": "%SiemensSeq%_tfl",
    "ReceiveCoilActiveElements": "HE1-4",
    "ReceiveCoilName": "HeadNeck_20",
    "ReconMatrixPE": 256,
    "RepetitionTime": 2,
    "SAR": 0.0743524,
    "ScanOptions": "IR",
    "ScanningSequence": "GR_IR",
    "SequenceName": "_tfl3d1_16ns",
    "SequenceVariant": "SK_SP_MP",
    "SeriesDescription": "t1_mprage_sag_p2_iso",
    "SeriesNumber": 2,
    "ShimSetting": [
      -3014,
      -3755,
      -5732,
      89,
      -93,
      18,
      -54,
      32
    ],
    "SliceThickness": 0.94,
    "SoftwareVersions": "syngo_MR_D13D",
    "StationName": "AWP66020",
    "TxRefAmp": 273.536,
    "dataset": "ds004103",
    "modality": "T1w",
    "subject_id": "s45B"
  },
  "cjv": 0.3640870800539985,
  "cnr": 3.79032068226909,
  "efc": 0.5990715118194955,
  "fber": -1.0,
  "fwhm_avg": 4.0861034360851045,
  "fwhm_x": 4.093638308255313,
  "fwhm_y": 3.992992,
  "fwhm_z": 4.17168,
  "icvs_csf": 0.22011644480485282,
  "icvs_gm": 0.4385357386923356,
  "icvs_wm": 0.3413478165028116,
  "inu_med": 0.5642266273498535,
  "inu_range": 0.2586630582809448,
  "provenance": {
    "md5sum": "ad85b1215cdf31fc39ab791544a288e8",
    "settings": {
      "testing": false
    },
    "software": "mriqc",
    "version": "23.0.1",
    "warnings": {
      "large_rot_frame": true,
      "small_air_mask": false
    },
    "webapi_port": null,
    "webapi_url": "https://mriqc.nimh.nih.gov/api/v1"
  },
  "qi_1": 0.0,
  "qi_2": 0.013445537599148273,
  "rpve_csf": 19.785336047588245,
  "rpve_gm": 10.386968049402604,
  "rpve_wm": 15.05573918414221,
  "size_x": 192,
  "size_y": 256,
  "size_z": 256,
  "snr_csf": 2.954089386310282,
  "snr_gm": 12.360789424413266,
  "snr_total": 12.591165813544919,
  "snr_wm": 22.458618629911204,
  "snrd_csf": 26.653622719285632,
  "snrd_gm": 66.05016665198033,
  "snrd_total": 61.453190262584464,
  "snrd_wm": 91.65578141648744,
  "spacing_x": 0.9399999976158142,
  "spacing_y": 0.9375,
  "spacing_z": 0.9375,
  "summary_bg_k": 209.78774019200256,
  "summary_bg_mad": 0.0,
  "summary_bg_mean": 3.9068234945048936,
  "summary_bg_median": 0.0,
  "summary_bg_n": 3051994.0,
  "summary_bg_p05": 0.0,
  "summary_bg_p95": 17.64211653918028,
  "summary_bg_stdv": 7.148124727710918,
  "summary_csf_k": 4.660775299783164,
  "summary_csf_mad": 80.26782989244111,
  "summary_csf_mean": 298.087122770149,
  "summary_csf_median": 290.8148893006146,
  "summary_csf_n": 63607.0,
  "summary_csf_p05": 149.7853031989187,
  "summary_csf_p95": 471.01650823652744,
  "summary_csf_stdv": 98.44407708525404,
  "summary_gm_k": -0.00019064682468572514,
  "summary_gm_mad": 58.678551507577644,
  "summary_gm_mean": 719.7741286161598,
  "summary_gm_median": 720.6664589457214,
  "summary_gm_n": 49559.0,
  "summary_gm_p05": 621.5812382772565,
  "summary_gm_p95": 812.9888682741671,
  "summary_gm_stdv": 58.30203584673297,
  "summary_wm_k": 0.3101259990699887,
  "summary_wm_mad": 43.040163959567565,
  "summary_wm_mean": 1000.8063813918392,
  "summary_wm_median": 1000.0466430820525,
  "summary_wm_n": 252846.0,
  "summary_wm_p05": 929.104798797518,
  "summary_wm_p95": 1075.1423190385103,
  "summary_wm_stdv": 44.52832482616236,
  "tpm_overlap_csf": 0.16419837007659147,
  "tpm_overlap_gm": 0.4551339630084783,
  "tpm_overlap_wm": 0.48880060005300796,
  "wm2max": 0.4501135414401684
}