{
  "aor": 0.0013372340425531913,
  "aqi": 0.0036215650455927047,
  "bids_meta": {
    "AcquisitionMatrixPE": 64,
    "AcquisitionNumber": 1,
    "AcquisitionTime": "11:15:56.000000",
    "BodyPartExamined": "HEAD",
    "CoilString": "8HRBRAIN",
    "ConversionSoftware": "dcm2niix",
    "ConversionSoftwareVersion": "v1.0.20181125  GCC5.4.0",
    "DeviceSerialNumber": "00000000GEMRGEMR",
    "EchoTime": 0.033,
    "EffectiveEchoSpacing": 0.00042,
    "FlipAngle": 90,
    "ImageOrientationPatientDICOM": [
      0.999293,
      -0.0375242,
      -0.00253255,
      0.037189,
      0.975837,
      0.21531
    ],
    "ImageType": [
      "ORIGINAL",
      "PRIMARY",
      "EPI",
      "NONE"
    ],
    "ImagingFrequency": 127.764,
    "InPlanePhaseEncodingDirectionDICOM": "COL",
    "InstitutionName": "NCKU",
    "MRAcquisitionType": "2D",
    "MagneticFieldStrength": 3,
    "Manufacturer": "GE",
    "ManufacturersModelName": "DISCOVERY_MR750",
    "PatientPosition": "HFS",
    "PercentPhaseFOV": 100,
    "PhaseEncodingDirection": "j",
    "PhaseEncodingPolarityGE": "Flipped",
    "PixelBandwidth": 7812.5,
    "ProtocolName": "hypervote_run_2",
    "ReconMatrixPE": 64,
    "RepetitionTime": 2,
    "SAR": 0.441361,
    "ScanOptions": "EPI_GEMS_ACC_GEMS",
    "ScanningSequence": "EP_GR",
    "SequenceVariant": "SS",
    "SeriesDescription": "hypervote_run_2",
    "SeriesNumber": 5,
    "SliceThickness": 3,
    "SliceTiming": [
      0,
      1,
      0.05,
      1.05,
      0.0999999,
      1.1,
      0.15,
      1.15,
      0.2,
      1.2,
      0.25,
      1.25,
      0.3,
      1.3,
      0.35,
      1.35,
      0.4,
      1.4,
      0.45,
      1.45,
      0.5,
      1.5,
      0.55,
      1.55,
      0.6,
      1.6,
      0.65,
      1.65,
      0.7,
      1.7,
      0.75,
      1.75,
      0.8,
      1.8,
      0.85,
      1.85,
      0.9,
      1.9,
      0.95,
      1.95
    ],
    "SoftwareVersions": "27_LX_MR_Software_release:DV25.1_R02_1649.a",
    "SpacingBetweenSlices": 3,
    "StationName": "GEMRGEMR",
    "TaskName": "OTCG",
    "TotalReadoutTime": 0.02646,
    "dataset": "ds004103",
    "modality": "bold",
    "run_id": 2,
    "subject_id": "s18A",
    "task_id": "OTCG"
  },
  "dummy_trs": 1,
  "dvars_nstd": 14.125931041890247,
  "dvars_std": 0.987739261676829,
  "dvars_vstd": 0.9614003275000006,
  "efc": 0.4932852370426083,
  "fber": 13615.833984375,
  "fd_mean": 0.08003053063665536,
  "fd_num": 18,
  "fd_perc": 5.47112462006079,
  "fwhm_avg": 2.6194482231613248,
  "fwhm_x": 2.513625714285714,
  "fwhm_y": 2.6983800000000002,
  "fwhm_z": 2.6463389551982606,
  "gcor": 0.0420061,
  "gsr_x": 0.027476515620946884,
  "gsr_y": 0.0035921961534768343,
  "provenance": {
    "md5sum": "fb4b96a7a0318c70d41f83f9fabafde1",
    "settings": {
      "fd_thres": 0.2,
      "testing": false
    },
    "software": "mriqc",
    "version": "23.0.1",
    "webapi_port": null,
    "webapi_url": "https://mriqc.nimh.nih.gov/api/v1"
  },
  "size_t": 329,
  "size_x": 64,
  "size_y": 64,
  "size_z": 40,
  "snr": 5.256042770489223,
  "spacing_tr": 2.0,
  "spacing_x": 3.5,
  "spacing_y": 3.5,
  "spacing_z": 3.0001258850097656,
  "summary_bg_k": 23.639706579501432,
  "summary_bg_mad": 60.11524057349357,
  "summary_bg_mean": 186.12904357910156,
  "summary_bg_median": 41.46808624267578,
  "summary_bg_n": 100015.0,
  "summary_bg_p05": 0.048632219433784485,
  "summary_bg_p95": 916.6246398925758,
  "summary_bg_stdv": 425.4217529296875,
  "summary_fg_k": 0.40422100582699816,
  "summary_fg_mad": 846.9442995351185,
  "summary_fg_mean": 4531.91552734375,
  "summary_fg_median": 4574.26611328125,
  "summary_fg_n": 30144.0,
  "summary_fg_p05": 3021.678918457031,
  "summary_fg_p95": 5851.222216796875,
  "summary_fg_stdv": 870.2726440429688,
  "tsnr": 71.92233490711078
}