{
  "aor": 0.0013895440729483283,
  "aqi": 0.0019499399696048631,
  "bids_meta": {
    "AcquisitionMatrixPE": 64,
    "AcquisitionNumber": 1,
    "AcquisitionTime": "11:40:40.000000",
    "BodyPartExamined": "HEAD",
    "CoilString": "8HRBRAIN",
    "ConversionSoftware": "dcm2niix",
    "ConversionSoftwareVersion": "v1.0.20181125  GCC5.4.0",
    "DeviceSerialNumber": "00000000GEMRGEMR",
    "EchoTime": 0.033,
    "EffectiveEchoSpacing": 0.00042,
    "FlipAngle": 90,
    "ImageOrientationPatientDICOM": [
      0.999293,
      -0.0375242,
      -0.00253255,
      0.037189,
      0.975837,
      0.21531
    ],
    "ImageType": [
      "ORIGINAL",
      "PRIMARY",
      "EPI",
      "NONE"
    ],
    "ImagingFrequency": 127.764,
    "InPlanePhaseEncodingDirectionDICOM": "COL",
    "InstitutionName": "NCKU",
    "MRAcquisitionType": "2D",
    "MagneticFieldStrength": 3,
    "Manufacturer": "GE",
    "ManufacturersModelName": "DISCOVERY_MR750",
    "PatientPosition": "HFS",
    "PercentPhaseFOV": 100,
    "PhaseEncodingDirection": "j",
    "PhaseEncodingPolarityGE": "Flipped",
    "PixelBandwidth": 7812.5,
    "ProtocolName": "hypervote_run_4",
    "ReconMatrixPE": 64,
    "RepetitionTime": 2,
    "SAR": 0.441361,
    "ScanOptions": "EPI_GEMS_ACC_GEMS",
    "ScanningSequence": "EP_GR",
    "SequenceVariant": "SS",
    "SeriesDescription": "hypervote_run_4",
    "SeriesNumber": 7,
    "SliceThickness": 3,
    "SliceTiming": [
      0,
      1,
      0.05,
      1.05,
      0.0999999,
      1.1,
      0.15,
      1.15,
      0.2,
      1.2,
      0.25,
      1.25,
      0.3,
      1.3,
      0.35,
      1.35,
      0.4,
      1.4,
      0.45,
      1.45,
      0.5,
      1.5,
      0.55,
      1.55,
      0.6,
      1.6,
      0.65,
      1.65,
      0.7,
      1.7,
      0.75,
      1.75,
      0.8,
      1.8,
      0.85,
      1.85,
      0.9,
      1.9,
      0.95,
      1.95
    ],
    "SoftwareVersions": "27_LX_MR_Software_release:DV25.1_R02_1649.a",
    "SpacingBetweenSlices": 3,
    "StationName": "GEMRGEMR",
    "TaskName": "OTCG",
    "TotalReadoutTime": 0.02646,
    "dataset": "ds004103",
    "modality": "bold",
    "run_id": 4,
    "subject_id": "s18A",
    "task_id": "OTCG"
  },
  "dummy_trs": 1,
  "dvars_nstd": 13.720130115030488,
  "dvars_std": 1.0481405609146348,
  "dvars_vstd": 1.0078199793902425,
  "efc": 0.49456804386074216,
  "fber": 13461.5439453125,
  "fd_mean": 0.07483719042235316,
  "fd_num": 19,
  "fd_perc": 5.775075987841945,
  "fwhm_avg": 2.6301398188833516,
  "fwhm_x": 2.5318628571428574,
  "fwhm_y": 2.7014714285714283,
  "fwhm_z": 2.6570851709357695,
  "gcor": 0.0603485,
  "gsr_x": 0.028628122061491013,
  "gsr_y": 0.002528871176764369,
  "provenance": {
    "md5sum": "8c193374b3f196d8117b4fd315bcdb7c",
    "settings": {
      "fd_thres": 0.2,
      "testing": false
    },
    "software": "mriqc",
    "version": "23.0.1",
    "webapi_port": null,
    "webapi_url": "https://mriqc.nimh.nih.gov/api/v1"
  },
  "size_t": 329,
  "size_x": 64,
  "size_y": 64,
  "size_z": 40,
  "snr": 5.2226796792739005,
  "spacing_tr": 2.0,
  "spacing_x": 3.5,
  "spacing_y": 3.5,
  "spacing_z": 3.0001258850097656,
  "summary_bg_k": 23.082023994053475,
  "summary_bg_mad": 59.998071790967785,
  "summary_bg_mean": 189.80149841308594,
  "summary_bg_median": 41.258358001708984,
  "summary_bg_n": 99969.0,
  "summary_bg_p05": 0.027355622500181198,
  "summary_bg_p95": 937.810351562499,
  "summary_bg_stdv": 433.8092041015625,
  "summary_fg_k": 0.34467024931901236,
  "summary_fg_mad": 851.2931091919144,
  "summary_fg_mean": 4495.0595703125,
  "summary_fg_median": 4539.2373046875,
  "summary_fg_n": 30185.0,
  "summary_fg_p05": 2992.066845703125,
  "summary_fg_p95": 5817.77763671875,
  "summary_fg_stdv": 869.1251220703125,
  "tsnr": 87.5527527066879
}