{
  "aor": 0.0011946504559270518,
  "aqi": 0.002251979300911854,
  "bids_meta": {
    "AcquisitionMatrixPE": 64,
    "AcquisitionNumber": 1,
    "AcquisitionTime": "11:03:56.000000",
    "BodyPartExamined": "HEAD",
    "CoilString": "8HRBRAIN",
    "ConversionSoftware": "dcm2niix",
    "ConversionSoftwareVersion": "v1.0.20181125  GCC5.4.0",
    "DeviceSerialNumber": "00000000GEMRGEMR",
    "EchoTime": 0.033,
    "EffectiveEchoSpacing": 0.00042,
    "FlipAngle": 90,
    "ImageOrientationPatientDICOM": [
      0.999293,
      -0.0375242,
      -0.00253255,
      0.037189,
      0.975837,
      0.21531
    ],
    "ImageType": [
      "ORIGINAL",
      "PRIMARY",
      "EPI",
      "NONE"
    ],
    "ImagingFrequency": 127.764,
    "InPlanePhaseEncodingDirectionDICOM": "COL",
    "InstitutionName": "NCKU",
    "MRAcquisitionType": "2D",
    "MagneticFieldStrength": 3,
    "Manufacturer": "GE",
    "ManufacturersModelName": "DISCOVERY_MR750",
    "PatientPosition": "HFS",
    "PercentPhaseFOV": 100,
    "PhaseEncodingDirection": "j",
    "PhaseEncodingPolarityGE": "Flipped",
    "PixelBandwidth": 7812.5,
    "ProtocolName": "hypervote_run_1",
    "ReconMatrixPE": 64,
    "RepetitionTime": 2,
    "SAR": 0.441361,
    "ScanOptions": "EPI_GEMS_ACC_GEMS",
    "ScanningSequence": "EP_GR",
    "SequenceVariant": "SS",
    "SeriesDescription": "hypervote_run_1",
    "SeriesNumber": 4,
    "SliceThickness": 3,
    "SliceTiming": [
      0,
      1,
      0.05,
      1.05,
      0.0999999,
      1.1,
      0.15,
      1.15,
      0.2,
      1.2,
      0.25,
      1.25,
      0.3,
      1.3,
      0.35,
      1.35,
      0.4,
      1.4,
      0.45,
      1.45,
      0.5,
      1.5,
      0.55,
      1.55,
      0.6,
      1.6,
      0.65,
      1.65,
      0.7,
      1.7,
      0.75,
      1.75,
      0.8,
      1.8,
      0.85,
      1.85,
      0.9,
      1.9,
      0.95,
      1.95
    ],
    "SoftwareVersions": "27_LX_MR_Software_release:DV25.1_R02_1649.a",
    "SpacingBetweenSlices": 3,
    "StationName": "GEMRGEMR",
    "TaskName": "OTCG",
    "TotalReadoutTime": 0.02646,
    "dataset": "ds004103",
    "modality": "bold",
    "run_id": 1,
    "subject_id": "s18A",
    "task_id": "OTCG"
  },
  "dummy_trs": 1,
  "dvars_nstd": 13.613137210579264,
  "dvars_std": 1.0268558154573166,
  "dvars_vstd": 0.9914581290243898,
  "efc": 0.49287531757064823,
  "fber": 14556.3974609375,
  "fd_mean": 0.06555861388493558,
  "fd_num": 7,
  "fd_perc": 2.127659574468085,
  "fwhm_avg": 2.6050733625756965,
  "fwhm_x": 2.4850142857142856,
  "fwhm_y": 2.68816,
  "fwhm_z": 2.642045802012804,
  "gcor": 0.0346293,
  "gsr_x": 0.027217987924814224,
  "gsr_y": 0.004188711289316416,
  "provenance": {
    "md5sum": "90972fb7e8329fcafc18e4a1c73a81d8",
    "settings": {
      "fd_thres": 0.2,
      "testing": false
    },
    "software": "mriqc",
    "version": "23.0.1",
    "webapi_port": null,
    "webapi_url": "https://mriqc.nimh.nih.gov/api/v1"
  },
  "size_t": 329,
  "size_x": 64,
  "size_y": 64,
  "size_z": 40,
  "snr": 5.316008946939163,
  "spacing_tr": 2.0,
  "spacing_x": 3.5,
  "spacing_y": 3.5,
  "spacing_z": 3.0001258850097656,
  "summary_bg_k": 24.4385183214571,
  "summary_bg_mad": 58.61010330349095,
  "summary_bg_mean": 185.11708068847656,
  "summary_bg_median": 40.35866165161133,
  "summary_bg_n": 99969.0,
  "summary_bg_p05": 0.015197568573057652,
  "summary_bg_p95": 909.5890747070312,
  "summary_bg_stdv": 429.7813720703125,
  "summary_fg_k": 0.4661444563950212,
  "summary_fg_mad": 834.1125148800568,
  "summary_fg_mean": 4554.1142578125,
  "summary_fg_median": 4589.767578125,
  "summary_fg_n": 30246.0,
  "summary_fg_p05": 3057.1549682617188,
  "summary_fg_p95": 5876.014404296875,
  "summary_fg_stdv": 863.3717041015625,
  "tsnr": 87.29800494620577
}