{
  "aor": 0.0020110334346504564,
  "aqi": 0.002729050273556231,
  "bids_meta": {
    "AcquisitionMatrixPE": 64,
    "AcquisitionNumber": 1,
    "AcquisitionTime": "11:06:18.000000",
    "BodyPartExamined": "HEAD",
    "CoilString": "8HRBRAIN",
    "ConversionSoftware": "dcm2niix",
    "ConversionSoftwareVersion": "v1.0.20181125  GCC5.4.0",
    "DeviceSerialNumber": "00000000GEMRGEMR",
    "EchoTime": 0.033,
    "EffectiveEchoSpacing": 0.00042,
    "FlipAngle": 90,
    "ImageOrientationPatientDICOM": [
      0.999926,
      -0.00783518,
      -0.00929989,
      0.00587899,
      0.98092,
      -0.194321
    ],
    "ImageType": [
      "ORIGINAL",
      "PRIMARY",
      "EPI",
      "NONE"
    ],
    "ImagingFrequency": 127.764,
    "InPlanePhaseEncodingDirectionDICOM": "COL",
    "InstitutionName": "NCKU",
    "MRAcquisitionType": "2D",
    "MagneticFieldStrength": 3,
    "Manufacturer": "GE",
    "ManufacturersModelName": "DISCOVERY_MR750",
    "PatientPosition": "HFS",
    "PercentPhaseFOV": 100,
    "PhaseEncodingDirection": "j",
    "PhaseEncodingPolarityGE": "Flipped",
    "PixelBandwidth": 7812.5,
    "ProtocolName": "hypervote_run_3",
    "ReconMatrixPE": 64,
    "RepetitionTime": 2,
    "SAR": 0.414973,
    "ScanOptions": "EPI_GEMS_ACC_GEMS",
    "ScanningSequence": "EP_GR",
    "SequenceVariant": "SS",
    "SeriesDescription": "hypervote_run_3",
    "SeriesNumber": 7,
    "SliceThickness": 3,
    "SliceTiming": [
      0,
      1,
      0.05,
      1.05,
      0.0999999,
      1.1,
      0.15,
      1.15,
      0.2,
      1.2,
      0.25,
      1.25,
      0.3,
      1.3,
      0.35,
      1.35,
      0.4,
      1.4,
      0.45,
      1.45,
      0.5,
      1.5,
      0.55,
      1.55,
      0.6,
      1.6,
      0.65,
      1.65,
      0.7,
      1.7,
      0.75,
      1.75,
      0.8,
      1.8,
      0.85,
      1.85,
      0.9,
      1.9,
      0.95,
      1.95
    ],
    "SoftwareVersions": "27_LX_MR_Software_release:DV25.1_R02_1649.a",
    "SpacingBetweenSlices": 3,
    "StationName": "GEMRGEMR",
    "TaskName": "OTCG",
    "TotalReadoutTime": 0.02646,
    "dataset": "ds004103",
    "modality": "bold",
    "run_id": 3,
    "subject_id": "s53A",
    "task_id": "OTCG"
  },
  "dummy_trs": 1,
  "dvars_nstd": 12.559762527225622,
  "dvars_std": 1.05222068347561,
  "dvars_vstd": 1.0080561120731715,
  "efc": 0.46967970274431947,
  "fber": 38527.5078125,
  "fd_mean": 0.06052500699352297,
  "fd_num": 12,
  "fd_perc": 3.6474164133738602,
  "fwhm_avg": 2.701725079365079,
  "fwhm_x": 2.514074285714286,
  "fwhm_y": 2.7406342857142856,
  "fwhm_z": 2.8504666666666663,
  "gcor": 0.0734138,
  "gsr_x": 0.013061171397566795,
  "gsr_y": 0.0009761671535670757,
  "provenance": {
    "md5sum": "56ffb68898fe4ccb4eb726dda85f68a2",
    "settings": {
      "fd_thres": 0.2,
      "testing": false
    },
    "software": "mriqc",
    "version": "23.0.1",
    "webapi_port": null,
    "webapi_url": "https://mriqc.nimh.nih.gov/api/v1"
  },
  "size_t": 329,
  "size_x": 64,
  "size_y": 64,
  "size_z": 40,
  "snr": 5.723806008828698,
  "spacing_tr": 2.0,
  "spacing_x": 3.5,
  "spacing_y": 3.5,
  "spacing_z": 3.0,
  "summary_bg_k": 28.498271446013675,
  "summary_bg_mad": 35.43825058287225,
  "summary_bg_mean": 159.2646942138672,
  "summary_bg_median": 24.787235260009766,
  "summary_bg_n": 103441.0,
  "summary_bg_p05": 0.03951367735862732,
  "summary_bg_p95": 864.3890380859375,
  "summary_bg_stdv": 404.37890625,
  "summary_fg_k": 0.2663758079024894,
  "summary_fg_mad": 753.6491297806574,
  "summary_fg_mean": 4586.90673828125,
  "summary_fg_median": 4620.57470703125,
  "summary_fg_n": 27615.0,
  "summary_fg_p05": 3188.1072998046875,
  "summary_fg_p95": 5891.068505859374,
  "summary_fg_stdv": 807.2410278320312,
  "tsnr": 89.57029562070966
}