{
  "aor": 0.0021972036474164135,
  "aqi": 0.0026692804863221887,
  "bids_meta": {
    "AcquisitionMatrixPE": 64,
    "AcquisitionNumber": 1,
    "AcquisitionTime": "11:24:33.000000",
    "BodyPartExamined": "HEAD",
    "CoilString": "8HRBRAIN",
    "ConversionSoftware": "dcm2niix",
    "ConversionSoftwareVersion": "v1.0.20181125  GCC5.4.0",
    "DeviceSerialNumber": "00000000GEMRGEMR",
    "EchoTime": 0.033,
    "EffectiveEchoSpacing": 0.00042,
    "FlipAngle": 90,
    "ImageOrientationPatientDICOM": [
      0.999926,
      -0.00783518,
      -0.00929989,
      0.00587899,
      0.98092,
      -0.194321
    ],
    "ImageType": [
      "ORIGINAL",
      "PRIMARY",
      "EPI",
      "NONE"
    ],
    "ImagingFrequency": 127.764,
    "InPlanePhaseEncodingDirectionDICOM": "COL",
    "InstitutionName": "NCKU",
    "MRAcquisitionType": "2D",
    "MagneticFieldStrength": 3,
    "Manufacturer": "GE",
    "ManufacturersModelName": "DISCOVERY_MR750",
    "PatientPosition": "HFS",
    "PercentPhaseFOV": 100,
    "PhaseEncodingDirection": "j",
    "PhaseEncodingPolarityGE": "Flipped",
    "PixelBandwidth": 7812.5,
    "ProtocolName": "hypervote_run_4",
    "ReconMatrixPE": 64,
    "RepetitionTime": 2,
    "SAR": 0.414973,
    "ScanOptions": "EPI_GEMS_ACC_GEMS",
    "ScanningSequence": "EP_GR",
    "SequenceVariant": "SS",
    "SeriesDescription": "hypervote_run_4",
    "SeriesNumber": 9,
    "SliceThickness": 3,
    "SliceTiming": [
      0,
      1,
      0.05,
      1.05,
      0.0999999,
      1.1,
      0.15,
      1.15,
      0.2,
      1.2,
      0.25,
      1.25,
      0.3,
      1.3,
      0.35,
      1.35,
      0.4,
      1.4,
      0.45,
      1.45,
      0.5,
      1.5,
      0.55,
      1.55,
      0.6,
      1.6,
      0.65,
      1.65,
      0.7,
      1.7,
      0.75,
      1.75,
      0.8,
      1.8,
      0.85,
      1.85,
      0.9,
      1.9,
      0.95,
      1.95
    ],
    "SoftwareVersions": "27_LX_MR_Software_release:DV25.1_R02_1649.a",
    "SpacingBetweenSlices": 3,
    "StationName": "GEMRGEMR",
    "TaskName": "OTCG",
    "TotalReadoutTime": 0.02646,
    "dataset": "ds004103",
    "modality": "bold",
    "run_id": 4,
    "subject_id": "s53A",
    "task_id": "OTCG"
  },
  "dummy_trs": 1,
  "dvars_nstd": 12.461925457103654,
  "dvars_std": 1.0641005421036578,
  "dvars_vstd": 1.01986336277439,
  "efc": 0.47094723805271366,
  "fber": 38364.59765625,
  "fd_mean": 0.05976007705109442,
  "fd_num": 11,
  "fd_perc": 3.3434650455927053,
  "fwhm_avg": 2.6585811111111113,
  "fwhm_x": 2.4904085714285715,
  "fwhm_y": 2.6919514285714286,
  "fwhm_z": 2.7933833333333333,
  "gcor": 0.0731321,
  "gsr_x": 0.013832381926476955,
  "gsr_y": 0.000735784531570971,
  "provenance": {
    "md5sum": "3182b8c040c131cefdb4d16d6f2a9d08",
    "settings": {
      "fd_thres": 0.2,
      "testing": false
    },
    "software": "mriqc",
    "version": "23.0.1",
    "webapi_port": null,
    "webapi_url": "https://mriqc.nimh.nih.gov/api/v1"
  },
  "size_t": 329,
  "size_x": 64,
  "size_y": 64,
  "size_z": 40,
  "snr": 5.868959285321597,
  "spacing_tr": 2.0,
  "spacing_x": 3.5,
  "spacing_y": 3.5,
  "spacing_z": 3.0,
  "summary_bg_k": 28.15169635406166,
  "summary_bg_mad": 36.060129740255476,
  "summary_bg_mean": 163.30335998535156,
  "summary_bg_median": 25.23708152770996,
  "summary_bg_n": 103330.0,
  "summary_bg_p05": 0.04559270665049553,
  "summary_bg_p95": 896.0943847656246,
  "summary_bg_stdv": 411.7317199707031,
  "summary_fg_k": 0.330544202472006,
  "summary_fg_mad": 739.5665804854477,
  "summary_fg_mean": 4658.79736328125,
  "summary_fg_median": 4683.1279296875,
  "summary_fg_n": 27687.0,
  "summary_fg_p05": 3276.730395507813,
  "summary_fg_p95": 5947.117382812499,
  "summary_fg_stdv": 797.9342041015625,
  "tsnr": 94.129343630746
}