{
  "aor": 0.0023733130699088146,
  "aqi": 0.002979535136778116,
  "bids_meta": {
    "AcquisitionMatrixPE": 64,
    "AcquisitionNumber": 1,
    "AcquisitionTime": "10:54:6.000000",
    "BodyPartExamined": "HEAD",
    "CoilString": "8HRBRAIN",
    "ConversionSoftware": "dcm2niix",
    "ConversionSoftwareVersion": "v1.0.20181125  GCC5.4.0",
    "DeviceSerialNumber": "00000000GEMRGEMR",
    "EchoTime": 0.033,
    "EffectiveEchoSpacing": 0.00042,
    "FlipAngle": 90,
    "ImageOrientationPatientDICOM": [
      0.999926,
      -0.00783518,
      -0.00929989,
      0.00587899,
      0.98092,
      -0.194321
    ],
    "ImageType": [
      "ORIGINAL",
      "PRIMARY",
      "EPI",
      "NONE"
    ],
    "ImagingFrequency": 127.764,
    "InPlanePhaseEncodingDirectionDICOM": "COL",
    "InstitutionName": "NCKU",
    "MRAcquisitionType": "2D",
    "MagneticFieldStrength": 3,
    "Manufacturer": "GE",
    "ManufacturersModelName": "DISCOVERY_MR750",
    "PatientPosition": "HFS",
    "PercentPhaseFOV": 100,
    "PhaseEncodingDirection": "j",
    "PhaseEncodingPolarityGE": "Flipped",
    "PixelBandwidth": 7812.5,
    "ProtocolName": "hypervote_run_2",
    "ReconMatrixPE": 64,
    "RepetitionTime": 2,
    "SAR": 0.414973,
    "ScanOptions": "EPI_GEMS_ACC_GEMS",
    "ScanningSequence": "EP_GR",
    "SequenceVariant": "SS",
    "SeriesDescription": "hypervote_run_2",
    "SeriesNumber": 6,
    "SliceThickness": 3,
    "SliceTiming": [
      0,
      1,
      0.05,
      1.05,
      0.0999999,
      1.1,
      0.15,
      1.15,
      0.2,
      1.2,
      0.25,
      1.25,
      0.3,
      1.3,
      0.35,
      1.35,
      0.4,
      1.4,
      0.45,
      1.45,
      0.5,
      1.5,
      0.55,
      1.55,
      0.6,
      1.6,
      0.65,
      1.65,
      0.7,
      1.7,
      0.75,
      1.75,
      0.8,
      1.8,
      0.85,
      1.85,
      0.9,
      1.9,
      0.95,
      1.95
    ],
    "SoftwareVersions": "27_LX_MR_Software_release:DV25.1_R02_1649.a",
    "SpacingBetweenSlices": 3,
    "StationName": "GEMRGEMR",
    "TaskName": "OTCG",
    "TotalReadoutTime": 0.02646,
    "dataset": "ds004103",
    "modality": "bold",
    "run_id": 2,
    "subject_id": "s53A",
    "task_id": "OTCG"
  },
  "dummy_trs": 1,
  "dvars_nstd": 12.119227990792675,
  "dvars_std": 1.0616240328353657,
  "dvars_vstd": 1.0196849170426834,
  "efc": 0.46938271206806603,
  "fber": 39813.3671875,
  "fd_mean": 0.04977639443972319,
  "fd_num": 3,
  "fd_perc": 0.9118541033434651,
  "fwhm_avg": 2.703008412698413,
  "fwhm_x": 2.517805714285714,
  "fwhm_y": 2.7550228571428574,
  "fwhm_z": 2.8361966666666665,
  "gcor": 0.0808479,
  "gsr_x": 0.014433017931878567,
  "gsr_y": 0.0018739037914201617,
  "provenance": {
    "md5sum": "f392aaa2dca7d744ad72ab5edbd058d4",
    "settings": {
      "fd_thres": 0.2,
      "testing": false
    },
    "software": "mriqc",
    "version": "23.0.1",
    "webapi_port": null,
    "webapi_url": "https://mriqc.nimh.nih.gov/api/v1"
  },
  "size_t": 329,
  "size_x": 64,
  "size_y": 64,
  "size_z": 40,
  "snr": 5.752110216767226,
  "spacing_tr": 2.0,
  "spacing_x": 3.5,
  "spacing_y": 3.5,
  "spacing_z": 3.0,
  "summary_bg_k": 30.478175084550244,
  "summary_bg_mad": 34.70821302271892,
  "summary_bg_mean": 153.27297973632812,
  "summary_bg_median": 24.310029983520508,
  "summary_bg_n": 103102.0,
  "summary_bg_p05": 0.05167173221707344,
  "summary_bg_p95": 819.6557952880859,
  "summary_bg_stdv": 389.4757385253906,
  "summary_fg_k": 0.23485058923017332,
  "summary_fg_mad": 752.1252637308751,
  "summary_fg_mean": 4615.6279296875,
  "summary_fg_median": 4653.7021484375,
  "summary_fg_n": 27639.0,
  "summary_fg_p05": 3204.25751953125,
  "summary_fg_p95": 5919.49912109375,
  "summary_fg_stdv": 809.0279541015625,
  "tsnr": 89.08060617186129
}