{
  "bids_meta": {
    "AcquisitionMatrixPE": 256,
    "AcquisitionNumber": 1,
    "AcquisitionTime": "10:34:25.655000",
    "BaseResolution": 256,
    "BodyPartExamined": "BRAIN",
    "ConsistencyInfo": "N4_VD13D_LATEST_20130810",
    "ConversionSoftware": "dcm2niix",
    "ConversionSoftwareVersion": "v1.0.20181125  GCC5.4.0",
    "DeviceSerialNumber": "66020",
    "DwellTime": 9.8e-06,
    "EchoTime": 0.0023,
    "FlipAngle": 8,
    "ImageOrientationPatientDICOM": [
      -0.00518708,
      0.999987,
      8.21496e-09,
      0.0280201,
      0.000145353,
      -0.999607
    ],
    "ImageType": [
      "ORIGINAL",
      "PRIMARY",
      "M",
      "ND",
      "NORM"
    ],
    "ImagingFrequency": 123.262,
    "InPlanePhaseEncodingDirectionDICOM": "ROW",
    "InstitutionAddress": "Fanglan_Rd._49_Taipei_Da_An_TW_10672",
    "InstitutionName": "NTU_NCSC",
    "InstitutionalDepartmentName": "Department",
    "InversionTime": 0.9,
    "MRAcquisitionType": "3D",
    "MagneticFieldStrength": 3,
    "Manufacturer": "Siemens",
    "ManufacturersModelName": "Prisma",
    "Modality": "MR",
    "PartialFourier": 1,
    "PatientPosition": "HFS",
    "PercentPhaseFOV": 100,
    "PhaseEncodingSteps": 255,
    "PhaseResolution": 1,
    "PixelBandwidth": 200,
    "ProcedureStepDescription": "NTU_Brain",
    "ProtocolName": "t1_mprage_sag_p2_iso",
    "PulseSequenceDetails": "%SiemensSeq%_tfl",
    "ReceiveCoilActiveElements": "HE1-4",
    "ReceiveCoilName": "HeadNeck_20",
    "ReconMatrixPE": 256,
    "RepetitionTime": 2,
    "SAR": 0.0587784,
    "ScanOptions": "IR",
    "ScanningSequence": "GR_IR",
    "SequenceName": "_tfl3d1_16ns",
    "SequenceVariant": "SK_SP_MP",
    "SeriesDescription": "t1_mprage_sag_p2_iso",
    "SeriesNumber": 2,
    "ShimSetting": [
      -3014,
      -3755,
      -5732,
      89,
      -93,
      18,
      -54,
      32
    ],
    "SliceThickness": 0.94,
    "SoftwareVersions": "syngo_MR_D13D",
    "StationName": "AWP66020",
    "TxRefAmp": 250.699,
    "dataset": "ds004103",
    "modality": "T1w",
    "subject_id": "s26B"
  },
  "cjv": 0.38165997704104604,
  "cnr": 3.624283750872942,
  "efc": 0.5755994007423987,
  "fber": 17051.30489073881,
  "fwhm_avg": 4.255543767216384,
  "fwhm_x": 4.285265968315819,
  "fwhm_y": 4.197386666666667,
  "fwhm_z": 4.283978666666667,
  "icvs_csf": 0.192132547719676,
  "icvs_gm": 0.4329082394339279,
  "icvs_wm": 0.3749592128463961,
  "inu_med": 0.49703264236450195,
  "inu_range": 0.20789574682712553,
  "provenance": {
    "md5sum": "ff77b8566e012059661a8bc54c139f77",
    "settings": {
      "testing": false
    },
    "software": "mriqc",
    "version": "23.0.1",
    "warnings": {
      "large_rot_frame": true,
      "small_air_mask": false
    },
    "webapi_port": null,
    "webapi_url": "https://mriqc.nimh.nih.gov/api/v1"
  },
  "qi_1": 0.0,
  "qi_2": 0.00818365329896628,
  "rpve_csf": 24.946396744326222,
  "rpve_gm": 11.941922201025282,
  "rpve_wm": 15.62315983553755,
  "size_x": 192,
  "size_y": 256,
  "size_z": 256,
  "snr_csf": 2.3070403951651315,
  "snr_gm": 13.46061348887263,
  "snr_total": 12.858986073960805,
  "snr_wm": 22.80930433784465,
  "snrd_csf": 23.382966968047256,
  "snrd_gm": 61.691316842199704,
  "snrd_total": 56.03697728546522,
  "snrd_wm": 83.03664804614871,
  "spacing_x": 0.9399999976158142,
  "spacing_y": 0.9375,
  "spacing_z": 0.9375,
  "summary_bg_k": 12.944545505364328,
  "summary_bg_mad": 0.0,
  "summary_bg_mean": 4.8110827117456045,
  "summary_bg_median": 0.0,
  "summary_bg_n": 3097628.0,
  "summary_bg_p05": 0.0,
  "summary_bg_p95": 19.449647068977356,
  "summary_bg_stdv": 7.890104900094825,
  "summary_csf_k": 0.8688401772042949,
  "summary_csf_mad": 109.71954203966295,
  "summary_csf_mean": 296.30874494411165,
  "summary_csf_median": 281.61168003082275,
  "summary_csf_n": 41047.0,
  "summary_csf_p05": 115.92950129508972,
  "summary_csf_p95": 521.6827558279037,
  "summary_csf_stdv": 122.06472424309324,
  "summary_gm_k": -0.006978389522120487,
  "summary_gm_mad": 55.749773794325826,
  "summary_gm_mean": 742.2976600986858,
  "summary_gm_median": 742.976518034935,
  "summary_gm_n": 50869.0,
  "summary_gm_p05": 650.6939456701278,
  "summary_gm_p95": 831.8013753652572,
  "summary_gm_stdv": 55.195791467561136,
  "summary_wm_k": 0.3309112182152858,
  "summary_wm_mad": 42.36413206593086,
  "summary_wm_mean": 1001.3116314881224,
  "summary_wm_median": 1000.0480260848999,
  "summary_wm_n": 272064.0,
  "summary_wm_p05": 931.8542017936707,
  "summary_wm_p95": 1075.4454233646393,
  "summary_wm_stdv": 43.84378293084661,
  "tpm_overlap_csf": 0.1491952641930183,
  "tpm_overlap_gm": 0.46357038342602813,
  "tpm_overlap_wm": 0.5168604346310183,
  "wm2max": 0.4011403914316536
}