{
  "bids_meta": {
    "AcquisitionMatrixPE": 256,
    "AcquisitionNumber": 1,
    "AcquisitionTime": "11:44:12.642500",
    "BaseResolution": 256,
    "BodyPartExamined": "BRAIN",
    "ConsistencyInfo": "N4_VD13D_LATEST_20130810",
    "ConversionSoftware": "dcm2niix",
    "ConversionSoftwareVersion": "v1.0.20181125  GCC5.4.0",
    "DeviceSerialNumber": "66020",
    "DwellTime": 9.8e-06,
    "EchoTime": 0.0023,
    "FlipAngle": 8,
    "ImageOrientationPatientDICOM": [
      0.0122553,
      0.999925,
      1.23704e-08,
      -0.0051383,
      6.29884e-05,
      -0.999987
    ],
    "ImageType": [
      "ORIGINAL",
      "PRIMARY",
      "M",
      "ND",
      "NORM"
    ],
    "ImagingFrequency": 123.262,
    "InPlanePhaseEncodingDirectionDICOM": "ROW",
    "InstitutionAddress": "Fanglan_Rd._49_Taipei_Da_An_TW_10672",
    "InstitutionName": "NTU_NCSC",
    "InstitutionalDepartmentName": "Department",
    "InversionTime": 0.9,
    "MRAcquisitionType": "3D",
    "MagneticFieldStrength": 3,
    "Manufacturer": "Siemens",
    "ManufacturersModelName": "Prisma",
    "Modality": "MR",
    "PartialFourier": 1,
    "PatientPosition": "HFS",
    "PercentPhaseFOV": 100,
    "PhaseEncodingSteps": 255,
    "PhaseResolution": 1,
    "PixelBandwidth": 200,
    "ProcedureStepDescription": "NTU_Brain",
    "ProtocolName": "t1_mprage_sag_p2_iso",
    "PulseSequenceDetails": "%SiemensSeq%_tfl",
    "ReceiveCoilActiveElements": "HE1-4",
    "ReceiveCoilName": "HeadNeck_20",
    "ReconMatrixPE": 256,
    "RepetitionTime": 2,
    "SAR": 0.0701066,
    "ScanOptions": "IR",
    "ScanningSequence": "GR_IR",
    "SequenceName": "_tfl3d1_16ns",
    "SequenceVariant": "SK_SP_MP",
    "SeriesDescription": "t1_mprage_sag_p2_iso",
    "SeriesNumber": 2,
    "ShimSetting": [
      -3014,
      -3755,
      -5732,
      89,
      -93,
      18,
      -54,
      32
    ],
    "SliceThickness": 0.94,
    "SoftwareVersions": "syngo_MR_D13D",
    "StationName": "AWP66020",
    "TxRefAmp": 242.653,
    "dataset": "ds004103",
    "modality": "T1w",
    "subject_id": "s54B"
  },
  "cjv": 0.3511871050294066,
  "cnr": 3.88670134000635,
  "efc": 0.5465933663083424,
  "fber": -1.0,
  "fwhm_avg": 4.3237463110092165,
  "fwhm_x": 4.353404266360983,
  "fwhm_y": 4.301856,
  "fwhm_z": 4.315978666666667,
  "icvs_csf": 0.19979722659372892,
  "icvs_gm": 0.43689580252158694,
  "icvs_wm": 0.3633069708846841,
  "inu_med": 0.5471281707286835,
  "inu_range": 0.22499000579118722,
  "provenance": {
    "md5sum": "92fca401ecf2328d6694bd57b884a92b",
    "settings": {
      "testing": false
    },
    "software": "mriqc",
    "version": "23.0.1",
    "warnings": {
      "large_rot_frame": true,
      "small_air_mask": false
    },
    "webapi_port": null,
    "webapi_url": "https://mriqc.nimh.nih.gov/api/v1"
  },
  "qi_1": 6.0658302206046675e-06,
  "qi_2": 0.01996928645625946,
  "rpve_csf": 25.02936516044768,
  "rpve_gm": 12.11386070428355,
  "rpve_wm": 16.644647859916994,
  "size_x": 192,
  "size_y": 256,
  "size_z": 256,
  "snr_csf": 2.560357795595968,
  "snr_gm": 12.411685228165277,
  "snr_total": 12.953066187669906,
  "snr_wm": 23.887155539248475,
  "snrd_csf": 29.00124859192876,
  "snrd_gm": 72.353916173234,
  "snrd_total": 67.25251569084759,
  "snrd_wm": 100.40238230738001,
  "spacing_x": 0.9399999976158142,
  "spacing_y": 0.9375,
  "spacing_z": 0.9375,
  "summary_bg_k": 17.208723585831017,
  "summary_bg_mad": 0.0,
  "summary_bg_mean": 3.432514496790476,
  "summary_bg_median": 0.0,
  "summary_bg_n": 2900829.0,
  "summary_bg_p05": 0.0,
  "summary_bg_p95": 16.602267172187567,
  "summary_bg_stdv": 6.525385085019904,
  "summary_csf_k": 0.5816569413163974,
  "summary_csf_mad": 99.78024208339437,
  "summary_csf_mean": 292.8900516610559,
  "summary_csf_median": 288.8624643795192,
  "summary_csf_n": 37822.0,
  "summary_csf_p05": 104.11659646946937,
  "summary_csf_p95": 494.3293204737826,
  "summary_csf_stdv": 112.81964034151777,
  "summary_gm_k": 0.017881367976110507,
  "summary_gm_mad": 58.1369423116812,
  "summary_gm_mean": 719.6177028892329,
  "summary_gm_median": 720.6700245011598,
  "summary_gm_n": 39682.0,
  "summary_gm_p05": 621.971456909366,
  "summary_gm_p95": 812.8720527647062,
  "summary_gm_stdv": 58.06310187780004,
  "summary_wm_k": 0.4513029796957184,
  "summary_wm_mad": 39.975049667479766,
  "summary_wm_mean": 1000.4717546103668,
  "summary_wm_median": 1000.0424461364746,
  "summary_wm_n": 235024.0,
  "summary_wm_p05": 932.571851413697,
  "summary_wm_p95": 1069.6297237711017,
  "summary_wm_stdv": 41.86519056061158,
  "tpm_overlap_csf": 0.15751157759297688,
  "tpm_overlap_gm": 0.463378033919881,
  "tpm_overlap_wm": 0.5169596953981328,
  "wm2max": 0.44877193651035613
}