{
  "aor": 0.009775227963525836,
  "aqi": 0.006448304133738602,
  "bids_meta": {
    "AcquisitionMatrixPE": 64,
    "AcquisitionNumber": 1,
    "AcquisitionTime": "11:05:42.000000",
    "BodyPartExamined": "HEAD",
    "CoilString": "8HRBRAIN",
    "ConversionSoftware": "dcm2niix",
    "ConversionSoftwareVersion": "v1.0.20181125  GCC5.4.0",
    "DeviceSerialNumber": "00000000GEMRGEMR",
    "EchoTime": 0.033,
    "EffectiveEchoSpacing": 0.00042,
    "FlipAngle": 90,
    "ImageOrientationPatientDICOM": [
      0.998666,
      -0.00113671,
      0.0516192,
      -0.00131403,
      0.998874,
      0.047418
    ],
    "ImageType": [
      "ORIGINAL",
      "PRIMARY",
      "EPI",
      "NONE"
    ],
    "ImagingFrequency": 127.764,
    "InPlanePhaseEncodingDirectionDICOM": "COL",
    "InstitutionName": "NCKU",
    "MRAcquisitionType": "2D",
    "MagneticFieldStrength": 3,
    "Manufacturer": "GE",
    "ManufacturersModelName": "DISCOVERY_MR750",
    "PatientPosition": "HFS",
    "PercentPhaseFOV": 100,
    "PhaseEncodingDirection": "j",
    "PhaseEncodingPolarityGE": "Flipped",
    "PixelBandwidth": 7812.5,
    "ProtocolName": "Run_2",
    "ReconMatrixPE": 64,
    "RepetitionTime": 2,
    "SAR": 0.407755,
    "ScanOptions": "EPI_GEMS_ACC_GEMS",
    "ScanningSequence": "EP_GR",
    "SequenceVariant": "SS",
    "SeriesDescription": "Run_2",
    "SeriesNumber": 5,
    "SliceThickness": 3,
    "SliceTiming": [
      0,
      1,
      0.05,
      1.05,
      0.0999999,
      1.1,
      0.15,
      1.15,
      0.2,
      1.2,
      0.25,
      1.25,
      0.3,
      1.3,
      0.35,
      1.35,
      0.4,
      1.4,
      0.45,
      1.45,
      0.5,
      1.5,
      0.55,
      1.55,
      0.6,
      1.6,
      0.65,
      1.65,
      0.7,
      1.7,
      0.75,
      1.75,
      0.8,
      1.8,
      0.85,
      1.85,
      0.9,
      1.9,
      0.95,
      1.95
    ],
    "SoftwareVersions": "27_LX_MR_Software_release:DV25.1_R02_1649.a",
    "SpacingBetweenSlices": 3,
    "StationName": "GEMRGEMR",
    "TaskName": "OTCG",
    "TotalReadoutTime": 0.02646,
    "dataset": "ds004103",
    "modality": "bold",
    "run_id": 2,
    "subject_id": "s22A",
    "task_id": "OTCG"
  },
  "dummy_trs": 1,
  "dvars_nstd": 18.775897845945106,
  "dvars_std": 1.1495237794512208,
  "dvars_vstd": 1.0496133752743906,
  "efc": 0.4527071779016845,
  "fber": 50361.4140625,
  "fd_mean": 0.1746724669106695,
  "fd_num": 71,
  "fd_perc": 21.580547112462007,
  "fwhm_avg": 2.5037204761904763,
  "fwhm_x": 2.3376685714285714,
  "fwhm_y": 2.585762857142857,
  "fwhm_z": 2.58773,
  "gcor": 0.104884,
  "gsr_x": 0.008196800947189331,
  "gsr_y": 0.003217327641323209,
  "provenance": {
    "md5sum": "723f35943be32a802aca0d2475049b7b",
    "settings": {
      "fd_thres": 0.2,
      "testing": false
    },
    "software": "mriqc",
    "version": "23.0.1",
    "webapi_port": null,
    "webapi_url": "https://mriqc.nimh.nih.gov/api/v1"
  },
  "size_t": 329,
  "size_x": 64,
  "size_y": 64,
  "size_z": 40,
  "snr": 6.0659050642179,
  "spacing_tr": 2.0,
  "spacing_x": 3.5,
  "spacing_y": 3.5,
  "spacing_z": 3.0,
  "summary_bg_k": 56.1604221127925,
  "summary_bg_mad": 31.220268260861122,
  "summary_bg_mean": 108.37508392333984,
  "summary_bg_median": 21.82674789428711,
  "summary_bg_n": 103529.0,
  "summary_bg_p05": 0.08206687122583389,
  "summary_bg_p95": 405.26626586914034,
  "summary_bg_stdv": 313.4102478027344,
  "summary_fg_k": 0.8844919620231622,
  "summary_fg_mad": 708.4674063131908,
  "summary_fg_mean": 4554.55126953125,
  "summary_fg_median": 4590.39208984375,
  "summary_fg_n": 27579.0,
  "summary_fg_p05": 3253.0686279296874,
  "summary_fg_p95": 5705.461621093748,
  "summary_fg_stdv": 756.7393188476562,
  "tsnr": 62.394477201858535
}