{
  "aor": 0.004866018237082066,
  "aqi": 0.005774016656534955,
  "bids_meta": {
    "AcquisitionMatrixPE": 64,
    "AcquisitionNumber": 1,
    "AcquisitionTime": "10:52:11.000000",
    "BodyPartExamined": "HEAD",
    "CoilString": "8HRBRAIN",
    "ConversionSoftware": "dcm2niix",
    "ConversionSoftwareVersion": "v1.0.20181125  GCC5.4.0",
    "DeviceSerialNumber": "00000000GEMRGEMR",
    "EchoTime": 0.033,
    "EffectiveEchoSpacing": 0.00042,
    "FlipAngle": 90,
    "ImageOrientationPatientDICOM": [
      0.998666,
      -0.00113671,
      0.0516194,
      -0.00131406,
      0.998874,
      0.0474182
    ],
    "ImageType": [
      "ORIGINAL",
      "PRIMARY",
      "EPI",
      "NONE"
    ],
    "ImagingFrequency": 127.764,
    "InPlanePhaseEncodingDirectionDICOM": "COL",
    "InstitutionName": "NCKU",
    "MRAcquisitionType": "2D",
    "MagneticFieldStrength": 3,
    "Manufacturer": "GE",
    "ManufacturersModelName": "DISCOVERY_MR750",
    "PatientPosition": "HFS",
    "PercentPhaseFOV": 100,
    "PhaseEncodingDirection": "j",
    "PhaseEncodingPolarityGE": "Flipped",
    "PixelBandwidth": 7812.5,
    "ProtocolName": "Run_1",
    "ReconMatrixPE": 64,
    "RepetitionTime": 2,
    "SAR": 0.407755,
    "ScanOptions": "EPI_GEMS_ACC_GEMS",
    "ScanningSequence": "EP_GR",
    "SequenceVariant": "SS",
    "SeriesDescription": "Run_1",
    "SeriesNumber": 4,
    "SliceThickness": 3,
    "SliceTiming": [
      0,
      1,
      0.05,
      1.05,
      0.0999999,
      1.1,
      0.15,
      1.15,
      0.2,
      1.2,
      0.25,
      1.25,
      0.3,
      1.3,
      0.35,
      1.35,
      0.4,
      1.4,
      0.45,
      1.45,
      0.5,
      1.5,
      0.55,
      1.55,
      0.6,
      1.6,
      0.65,
      1.65,
      0.7,
      1.7,
      0.75,
      1.75,
      0.8,
      1.8,
      0.85,
      1.85,
      0.9,
      1.9,
      0.95,
      1.95
    ],
    "SoftwareVersions": "27_LX_MR_Software_release:DV25.1_R02_1649.a",
    "SpacingBetweenSlices": 3,
    "StationName": "GEMRGEMR",
    "TaskName": "OTCG",
    "TotalReadoutTime": 0.02646,
    "dataset": "ds004103",
    "modality": "bold",
    "run_id": 1,
    "subject_id": "s22A",
    "task_id": "OTCG"
  },
  "dummy_trs": 1,
  "dvars_nstd": 18.13010717588415,
  "dvars_std": 1.1023321057317077,
  "dvars_vstd": 1.0087588532621945,
  "efc": 0.4526208235423341,
  "fber": 54295.453125,
  "fd_mean": 0.17324688794484933,
  "fd_num": 79,
  "fd_perc": 24.012158054711247,
  "fwhm_avg": 2.481667619047619,
  "fwhm_x": 2.3309257142857143,
  "fwhm_y": 2.5851571428571427,
  "fwhm_z": 2.52892,
  "gcor": 0.0894338,
  "gsr_x": 0.00763760507106781,
  "gsr_y": 0.0026460580993443727,
  "provenance": {
    "md5sum": "c92ef21dfaa71e952f674fc37073a3db",
    "settings": {
      "fd_thres": 0.2,
      "testing": false
    },
    "software": "mriqc",
    "version": "23.0.1",
    "webapi_port": null,
    "webapi_url": "https://mriqc.nimh.nih.gov/api/v1"
  },
  "size_t": 329,
  "size_x": 64,
  "size_y": 64,
  "size_z": 40,
  "snr": 6.153602670061005,
  "spacing_tr": 2.0,
  "spacing_x": 3.5,
  "spacing_y": 3.5,
  "spacing_z": 3.0,
  "summary_bg_k": 55.59011019616326,
  "summary_bg_mad": 30.575853875240913,
  "summary_bg_mean": 107.74305725097656,
  "summary_bg_median": 21.231002807617188,
  "summary_bg_n": 103454.0,
  "summary_bg_p05": 0.06686930358409882,
  "summary_bg_p95": 404.8559234619136,
  "summary_bg_stdv": 312.67620849609375,
  "summary_fg_k": 0.9680666292636895,
  "summary_fg_mad": 702.5666784406131,
  "summary_fg_mean": 4601.7880859375,
  "summary_fg_median": 4639.63671875,
  "summary_fg_n": 27628.0,
  "summary_fg_p05": 3312.70205078125,
  "summary_fg_p95": 5752.7859375,
  "summary_fg_stdv": 753.9571533203125,
  "tsnr": 68.82064894307405
}