{
  "aor": 0.0013201215805471124,
  "aqi": 0.004604155167173252,
  "bids_meta": {
    "AcquisitionMatrixPE": 64,
    "AcquisitionNumber": 1,
    "AcquisitionTime": "11:30:8.000000",
    "BodyPartExamined": "HEAD",
    "CoilString": "8HRBRAIN",
    "ConversionSoftware": "dcm2niix",
    "ConversionSoftwareVersion": "v1.0.20181125  GCC5.4.0",
    "DeviceSerialNumber": "00000000GEMRGEMR",
    "EchoTime": 0.033,
    "EffectiveEchoSpacing": 0.00042,
    "FlipAngle": 90,
    "ImageOrientationPatientDICOM": [
      0.998666,
      -0.00113671,
      0.0516192,
      -0.00131403,
      0.998874,
      0.047418
    ],
    "ImageType": [
      "ORIGINAL",
      "PRIMARY",
      "EPI",
      "NONE"
    ],
    "ImagingFrequency": 127.764,
    "InPlanePhaseEncodingDirectionDICOM": "COL",
    "InstitutionName": "NCKU",
    "MRAcquisitionType": "2D",
    "MagneticFieldStrength": 3,
    "Manufacturer": "GE",
    "ManufacturersModelName": "DISCOVERY_MR750",
    "PatientPosition": "HFS",
    "PercentPhaseFOV": 100,
    "PhaseEncodingDirection": "j",
    "PhaseEncodingPolarityGE": "Flipped",
    "PixelBandwidth": 7812.5,
    "ProtocolName": "Run_4",
    "ReconMatrixPE": 64,
    "RepetitionTime": 2,
    "SAR": 0.407755,
    "ScanOptions": "EPI_GEMS_ACC_GEMS",
    "ScanningSequence": "EP_GR",
    "SequenceVariant": "SS",
    "SeriesDescription": "Run_4",
    "SeriesNumber": 7,
    "SliceThickness": 3,
    "SliceTiming": [
      0,
      1,
      0.05,
      1.05,
      0.0999999,
      1.1,
      0.15,
      1.15,
      0.2,
      1.2,
      0.25,
      1.25,
      0.3,
      1.3,
      0.35,
      1.35,
      0.4,
      1.4,
      0.45,
      1.45,
      0.5,
      1.5,
      0.55,
      1.55,
      0.6,
      1.6,
      0.65,
      1.65,
      0.7,
      1.7,
      0.75,
      1.75,
      0.8,
      1.8,
      0.85,
      1.85,
      0.9,
      1.9,
      0.95,
      1.95
    ],
    "SoftwareVersions": "27_LX_MR_Software_release:DV25.1_R02_1649.a",
    "SpacingBetweenSlices": 3,
    "StationName": "GEMRGEMR",
    "TaskName": "OTCG",
    "TotalReadoutTime": 0.02646,
    "dataset": "ds004103",
    "modality": "bold",
    "run_id": 4,
    "subject_id": "s22A",
    "task_id": "OTCG"
  },
  "dummy_trs": 1,
  "dvars_nstd": 15.434108507560971,
  "dvars_std": 1.1317760226219513,
  "dvars_vstd": 0.9911455563414638,
  "efc": 0.4538204408205702,
  "fber": 53184.69140625,
  "fd_mean": 0.0745495178586696,
  "fd_num": 10,
  "fd_perc": 3.0395136778115504,
  "fwhm_avg": 2.4943850793650797,
  "fwhm_x": 2.3204457142857144,
  "fwhm_y": 2.5854628571428573,
  "fwhm_z": 2.577246666666667,
  "gcor": 0.0383196,
  "gsr_x": 0.008589247241616249,
  "gsr_y": 0.004515517503023148,
  "provenance": {
    "md5sum": "b68bc650099ca2f9938b95ad1c0d31a2",
    "settings": {
      "fd_thres": 0.2,
      "testing": false
    },
    "software": "mriqc",
    "version": "23.0.1",
    "webapi_port": null,
    "webapi_url": "https://mriqc.nimh.nih.gov/api/v1"
  },
  "size_t": 329,
  "size_x": 64,
  "size_y": 64,
  "size_z": 40,
  "snr": 6.0614708108504365,
  "spacing_tr": 2.0,
  "spacing_x": 3.5,
  "spacing_y": 3.5,
  "spacing_z": 3.0,
  "summary_bg_k": 58.95049359246901,
  "summary_bg_mad": 30.46544866576549,
  "summary_bg_mean": 111.65045928955078,
  "summary_bg_median": 21.129180908203125,
  "summary_bg_n": 103534.0,
  "summary_bg_p05": 0.036474164575338364,
  "summary_bg_p95": 426.10137939453125,
  "summary_bg_stdv": 324.8454895019531,
  "summary_fg_k": 0.8086233532567486,
  "summary_fg_mad": 706.1197114916022,
  "summary_fg_mean": 4552.3642578125,
  "summary_fg_median": 4585.98193359375,
  "summary_fg_n": 27615.0,
  "summary_fg_p05": 3253.482470703125,
  "summary_fg_p95": 5719.162841796875,
  "summary_fg_stdv": 756.5653686523438,
  "tsnr": 82.44925421476364
}