{
  "bids_meta": {
    "AcquisitionMatrixPE": 224,
    "AcquisitionNumber": 1,
    "AcquisitionTime": "12:03:13.000000",
    "BodyPartExamined": "HEAD",
    "CoilString": "8HRBRAIN",
    "ConversionSoftware": "dcm2niix",
    "ConversionSoftwareVersion": "v1.0.20181125  GCC5.4.0",
    "DeviceSerialNumber": "00000000GEMRGEMR",
    "EchoTime": 0.002928,
    "FlipAngle": 12,
    "ImageOrientationPatientDICOM": [
      0.00480114,
      0.997358,
      0.0724797,
      -0.0198583,
      0.0725614,
      -0.997166
    ],
    "ImageType": [
      "ORIGINAL",
      "PRIMARY",
      "OTHER"
    ],
    "ImagingFrequency": 127.764,
    "InPlanePhaseEncodingDirectionDICOM": "ROW",
    "InstitutionName": "NCKU",
    "InversionTime": 0.45,
    "MRAcquisitionType": "3D",
    "MagneticFieldStrength": 3,
    "Manufacturer": "GE",
    "ManufacturersModelName": "DISCOVERY_MR750",
    "Modality": "MR",
    "PatientPosition": "HFS",
    "PercentPhaseFOV": 100,
    "PixelBandwidth": 244.141,
    "ProtocolName": "T1_SAG_FSPGR_BRAVO_ASSET",
    "ReconMatrixPE": 256,
    "RepetitionTime": 0.007648,
    "SAR": 0.209488,
    "ScanOptions": "FAST_GEMS_EDR_GEMS_ACC_GEMS",
    "ScanningSequence": "GR",
    "SequenceVariant": "SS_SK",
    "SeriesDescription": "T1_SAG_FSPGR_BRAVO_ASSET",
    "SeriesNumber": 3,
    "SliceThickness": 1,
    "SoftwareVersions": "27_LX_MR_Software_release:DV25.1_R02_1649.a",
    "SpacingBetweenSlices": 1,
    "StationName": "GEMRGEMR",
    "dataset": "ds004103",
    "modality": "T1w",
    "subject_id": "s39A"
  },
  "cjv": 0.3402866502699283,
  "cnr": 3.9771982286477052,
  "efc": 0.5732620920149304,
  "fber": 13853.728637012462,
  "fwhm_avg": 4.189093809523809,
  "fwhm_x": 3.85831,
  "fwhm_y": 4.496777142857143,
  "fwhm_z": 4.212194285714285,
  "icvs_csf": 0.1967734407820474,
  "icvs_gm": 0.43989601925893995,
  "icvs_wm": 0.36333053995901265,
  "inu_med": 0.4824298024177551,
  "inu_range": 0.16337038278579713,
  "provenance": {
    "md5sum": "a104e34f53f0dfd316fa73e4d5b1f0e4",
    "settings": {
      "testing": false
    },
    "software": "mriqc",
    "version": "23.0.1",
    "warnings": {
      "large_rot_frame": true,
      "small_air_mask": false
    },
    "webapi_port": null,
    "webapi_url": "https://mriqc.nimh.nih.gov/api/v1"
  },
  "qi_1": 0.0,
  "qi_2": 0.0005006570561103065,
  "rpve_csf": 17.66083317356772,
  "rpve_gm": 8.395684455523398,
  "rpve_wm": 11.57662438755861,
  "size_x": 166,
  "size_y": 256,
  "size_z": 256,
  "snr_csf": 2.0585113253378964,
  "snr_gm": 11.436447206893181,
  "snr_total": 11.817161614768672,
  "snr_wm": 21.95652631207494,
  "snrd_csf": 26.145293743011997,
  "snrd_gm": 64.95676965671295,
  "snrd_total": 61.50378737121044,
  "snrd_wm": 93.40929871390637,
  "spacing_x": 1.0,
  "spacing_y": 0.875,
  "spacing_z": 0.875,
  "summary_bg_k": 4.62162740759456,
  "summary_bg_mad": 7.013609884545131,
  "summary_bg_mean": 7.123507016819339,
  "summary_bg_median": 4.730607978999615,
  "summary_bg_n": 2521448.0,
  "summary_bg_p05": 0.0,
  "summary_bg_p95": 26.866964399814606,
  "summary_bg_stdv": 9.69372631592926,
  "summary_csf_k": 13.330175301709904,
  "summary_csf_mad": 129.61793534720428,
  "summary_csf_mean": 287.6409101214598,
  "summary_csf_median": 279.9003240093589,
  "summary_csf_n": 50412.0,
  "summary_csf_p05": 79.69810541719198,
  "summary_csf_p95": 499.33011678792525,
  "summary_csf_stdv": 135.97085642543243,
  "summary_gm_k": 0.1054774496342219,
  "summary_gm_mad": 59.588914515257486,
  "summary_gm_mean": 695.8147367521196,
  "summary_gm_median": 695.3993729129434,
  "summary_gm_n": 67826.0,
  "summary_gm_p05": 595.839936286211,
  "summary_gm_p95": 796.1143779009581,
  "summary_gm_stdv": 60.80509392172108,
  "summary_wm_k": 0.3247747101116323,
  "summary_wm_mad": 44.06260255710414,
  "summary_wm_mean": 1001.0375300739603,
  "summary_wm_median": 999.9999706447124,
  "summary_wm_n": 325524.0,
  "summary_wm_p05": 928.21570292674,
  "summary_wm_p95": 1077.3869393393397,
  "summary_wm_stdv": 45.54447367699386,
  "tpm_overlap_csf": 0.1345024913505447,
  "tpm_overlap_gm": 0.4491856730511349,
  "tpm_overlap_wm": 0.49055663538950756,
  "wm2max": 0.4963834872544182
}