{
  "aor": 0.000384390243902439,
  "aqi": 0.005251715518292682,
  "bids_meta": {
    "AcquisitionMatrixPE": 64,
    "AcquisitionNumber": 1,
    "AcquisitionTime": "11:53:22.850000",
    "BandwidthPerPixelPhaseEncode": 31.888,
    "BaseResolution": 64,
    "BodyPartExamined": "BRAIN",
    "ConsistencyInfo": "N4_VD13D_LATEST_20130810",
    "ConversionSoftware": "dcm2niix",
    "ConversionSoftwareVersion": "v1.0.20181125  GCC5.4.0",
    "DerivedVendorReportedEchoSpacing": 0.000489996,
    "DeviceSerialNumber": "66020",
    "DwellTime": 3.3e-06,
    "EchoTime": 0.024,
    "EchoTrainLength": 64,
    "EffectiveEchoSpacing": 0.000489996,
    "FlipAngle": 87,
    "ImageOrientationPatientDICOM": [
      0.999843,
      -0.0164394,
      -0.00660994,
      0.0157068,
      0.994989,
      -0.0987421
    ],
    "ImageType": [
      "ORIGINAL",
      "PRIMARY",
      "M",
      "ND",
      "NORM",
      "MOSAIC"
    ],
    "ImagingFrequency": 123.262,
    "InPlanePhaseEncodingDirectionDICOM": "COL",
    "InstitutionAddress": "Fanglan_Rd._49_Taipei_Da_An_TW_10672",
    "InstitutionName": "NTU_NCSC",
    "InstitutionalDepartmentName": "Department",
    "MRAcquisitionType": "2D",
    "MagneticFieldStrength": 3,
    "Manufacturer": "Siemens",
    "ManufacturersModelName": "Prisma",
    "PartialFourier": 1,
    "PatientPosition": "HFS",
    "PercentPhaseFOV": 100,
    "PhaseEncodingDirection": "j-",
    "PhaseEncodingSteps": 64,
    "PhaseResolution": 1,
    "PixelBandwidth": 2365,
    "ProcedureStepDescription": "NTU_Brain",
    "ProtocolName": "ep2d_bold_64x64_3mm_iso_330TR",
    "PulseSequenceDetails": "%SiemensSeq%_ep2d_bold",
    "ReceiveCoilActiveElements": "HE1-4",
    "ReceiveCoilName": "HeadNeck_20",
    "ReconMatrixPE": 64,
    "RepetitionTime": 2,
    "SAR": 0.125923,
    "ScanOptions": "FS",
    "ScanningSequence": "EP",
    "SequenceName": "_epfid2d1_64",
    "SequenceVariant": "SK",
    "SeriesDescription": "ep2d_bold_64x64_3mm_iso_330TR",
    "SeriesNumber": 4,
    "ShimSetting": [
      -3013,
      -3826,
      -5505,
      325,
      -139,
      -104,
      -24,
      42
    ],
    "SliceThickness": 3,
    "SliceTiming": [
      0.99,
      0,
      1.045,
      0.055,
      1.1,
      0.11,
      1.155,
      0.165,
      1.21,
      0.22,
      1.265,
      0.275,
      1.32,
      0.33,
      1.375,
      0.385,
      1.43,
      0.44,
      1.485,
      0.495,
      1.54,
      0.55,
      1.595,
      0.605,
      1.65,
      0.66,
      1.705,
      0.715,
      1.76,
      0.77,
      1.815,
      0.825,
      1.87,
      0.88,
      1.925,
      0.935
    ],
    "SoftwareVersions": "syngo_MR_D13D",
    "SpacingBetweenSlices": 3,
    "StationName": "AWP66020",
    "TaskName": "OTCG",
    "TotalReadoutTime": 0.0308698,
    "TxRefAmp": 272.592,
    "VendorReportedEchoSpacing": 0.00049,
    "dataset": "ds004103",
    "modality": "bold",
    "run_id": 2,
    "subject_id": "s33B",
    "task_id": "OTCG"
  },
  "dummy_trs": 2,
  "dvars_nstd": 20.335383141070345,
  "dvars_std": 1.314846435596331,
  "dvars_vstd": 0.9962282703669729,
  "efc": 0.6130491436454754,
  "fber": 576.4932250976562,
  "fd_mean": 0.08052279809740054,
  "fd_num": 1,
  "fd_perc": 0.3048780487804878,
  "fwhm_avg": 1.8146922222222222,
  "fwhm_x": 1.7143066666666666,
  "fwhm_y": 1.8795466666666665,
  "fwhm_z": 1.8502233333333333,
  "gcor": 0.014039,
  "gsr_x": 0.002847489668056369,
  "gsr_y": 0.03023618645966053,
  "provenance": {
    "md5sum": "9c52326f6663212afb0ef21e144903a5",
    "settings": {
      "fd_thres": 0.2,
      "testing": false
    },
    "software": "mriqc",
    "version": "23.0.1",
    "webapi_port": null,
    "webapi_url": "https://mriqc.nimh.nih.gov/api/v1"
  },
  "size_t": 328,
  "size_x": 64,
  "size_y": 64,
  "size_z": 36,
  "snr": 7.768771116071855,
  "spacing_tr": 2.0,
  "spacing_x": 3.0,
  "spacing_y": 3.0,
  "spacing_z": 3.0,
  "summary_bg_k": 17.92251641229659,
  "summary_bg_mad": 23.947639241941502,
  "summary_bg_mean": 67.34580993652344,
  "summary_bg_median": 32.82621765136719,
  "summary_bg_n": 77683.0,
  "summary_bg_p05": 13.042682647705078,
  "summary_bg_p95": 242.6432830810545,
  "summary_bg_stdv": 94.8978500366211,
  "summary_fg_k": 3.4635381858715917,
  "summary_fg_mad": 87.05541788215002,
  "summary_fg_mean": 809.1316528320312,
  "summary_fg_median": 806.7255859375,
  "summary_fg_n": 35996.0,
  "summary_fg_p05": 650.094482421875,
  "summary_fg_p95": 972.7309112548828,
  "summary_fg_stdv": 103.84066772460938,
  "tsnr": 100.97004695795476
}