{
  "aor": 0.000840790273556231,
  "aqi": 0.007996046565349545,
  "bids_meta": {
    "AcquisitionMatrixPE": 64,
    "AcquisitionNumber": 1,
    "AcquisitionTime": "12:17:0.527500",
    "BandwidthPerPixelPhaseEncode": 31.888,
    "BaseResolution": 64,
    "BodyPartExamined": "BRAIN",
    "ConsistencyInfo": "N4_VD13D_LATEST_20130810",
    "ConversionSoftware": "dcm2niix",
    "ConversionSoftwareVersion": "v1.0.20181125  GCC5.4.0",
    "DerivedVendorReportedEchoSpacing": 0.000489996,
    "DeviceSerialNumber": "66020",
    "DwellTime": 3.3e-06,
    "EchoTime": 0.024,
    "EchoTrainLength": 64,
    "EffectiveEchoSpacing": 0.000489996,
    "FlipAngle": 87,
    "ImageOrientationPatientDICOM": [
      0.999843,
      -0.0164394,
      -0.00660994,
      0.0157068,
      0.994989,
      -0.0987421
    ],
    "ImageType": [
      "ORIGINAL",
      "PRIMARY",
      "M",
      "ND",
      "NORM",
      "MOSAIC"
    ],
    "ImagingFrequency": 123.262,
    "InPlanePhaseEncodingDirectionDICOM": "COL",
    "InstitutionAddress": "Fanglan_Rd._49_Taipei_Da_An_TW_10672",
    "InstitutionName": "NTU_NCSC",
    "InstitutionalDepartmentName": "Department",
    "MRAcquisitionType": "2D",
    "MagneticFieldStrength": 3,
    "Manufacturer": "Siemens",
    "ManufacturersModelName": "Prisma",
    "PartialFourier": 1,
    "PatientPosition": "HFS",
    "PercentPhaseFOV": 100,
    "PhaseEncodingDirection": "j-",
    "PhaseEncodingSteps": 64,
    "PhaseResolution": 1,
    "PixelBandwidth": 2365,
    "ProcedureStepDescription": "NTU_Brain",
    "ProtocolName": "ep2d_bold_64x64_3mm_iso_330TR",
    "PulseSequenceDetails": "%SiemensSeq%_ep2d_bold",
    "ReceiveCoilActiveElements": "HE1-4",
    "ReceiveCoilName": "HeadNeck_20",
    "ReconMatrixPE": 64,
    "RepetitionTime": 2,
    "SAR": 0.125923,
    "ScanOptions": "FS",
    "ScanningSequence": "EP",
    "SequenceName": "_epfid2d1_64",
    "SequenceVariant": "SK",
    "SeriesDescription": "ep2d_bold_64x64_3mm_iso_330TR",
    "SeriesNumber": 6,
    "ShimSetting": [
      -3013,
      -3826,
      -5505,
      325,
      -139,
      -104,
      -24,
      42
    ],
    "SliceThickness": 3,
    "SliceTiming": [
      0.99,
      0,
      1.045,
      0.055,
      1.1,
      0.11,
      1.155,
      0.165,
      1.21,
      0.22,
      1.265,
      0.275,
      1.32,
      0.33,
      1.375,
      0.385,
      1.43,
      0.44,
      1.485,
      0.495,
      1.54,
      0.55,
      1.595,
      0.605,
      1.65,
      0.66,
      1.705,
      0.715,
      1.76,
      0.77,
      1.815,
      0.825,
      1.87,
      0.88,
      1.925,
      0.935
    ],
    "SoftwareVersions": "syngo_MR_D13D",
    "SpacingBetweenSlices": 3,
    "StationName": "AWP66020",
    "TaskName": "OTCG",
    "TotalReadoutTime": 0.0308698,
    "TxRefAmp": 272.592,
    "VendorReportedEchoSpacing": 0.00049,
    "dataset": "ds004103",
    "modality": "bold",
    "run_id": 4,
    "subject_id": "s33B",
    "task_id": "OTCG"
  },
  "dummy_trs": 1,
  "dvars_nstd": 19.252626523689027,
  "dvars_std": 1.2459811187195131,
  "dvars_vstd": 0.9718474158536589,
  "efc": 0.6141334904815996,
  "fber": 560.35498046875,
  "fd_mean": 0.08246463959032814,
  "fd_num": 0,
  "fd_perc": 0.0,
  "fwhm_avg": 1.81458,
  "fwhm_x": 1.7097266666666666,
  "fwhm_y": 1.8873233333333335,
  "fwhm_z": 1.84669,
  "gcor": 0.00872789,
  "gsr_x": 0.0033144759945571423,
  "gsr_y": 0.029326574876904488,
  "provenance": {
    "md5sum": "d7c7c4e1e433327b97c2b157c8fea198",
    "settings": {
      "fd_thres": 0.2,
      "testing": false
    },
    "software": "mriqc",
    "version": "23.0.1",
    "webapi_port": null,
    "webapi_url": "https://mriqc.nimh.nih.gov/api/v1"
  },
  "size_t": 329,
  "size_x": 64,
  "size_y": 64,
  "size_z": 36,
  "snr": 7.730982723224635,
  "spacing_tr": 2.0,
  "spacing_x": 3.0,
  "spacing_y": 3.0,
  "spacing_z": 3.0,
  "summary_bg_k": 17.536095226544983,
  "summary_bg_mad": 24.555316460067584,
  "summary_bg_mean": 68.18718719482422,
  "summary_bg_median": 33.30091094970703,
  "summary_bg_n": 77771.0,
  "summary_bg_p05": 13.107903003692627,
  "summary_bg_p95": 244.41490173339844,
  "summary_bg_stdv": 95.57432556152344,
  "summary_fg_k": 3.7094820148471017,
  "summary_fg_mad": 87.09948693002676,
  "summary_fg_mean": 806.6863403320312,
  "summary_fg_median": 803.9893798828125,
  "summary_fg_n": 35964.0,
  "summary_fg_p05": 647.9492706298828,
  "summary_fg_p95": 969.3585083007812,
  "summary_fg_stdv": 103.99430847167969,
  "tsnr": 86.88291071541607
}