{
  "aor": 0.0003368085106382979,
  "aqi": 0.004744261671732523,
  "bids_meta": {
    "AcquisitionMatrixPE": 64,
    "AcquisitionNumber": 1,
    "AcquisitionTime": "12:05:12.410000",
    "BandwidthPerPixelPhaseEncode": 31.888,
    "BaseResolution": 64,
    "BodyPartExamined": "BRAIN",
    "ConsistencyInfo": "N4_VD13D_LATEST_20130810",
    "ConversionSoftware": "dcm2niix",
    "ConversionSoftwareVersion": "v1.0.20181125  GCC5.4.0",
    "DerivedVendorReportedEchoSpacing": 0.000489996,
    "DeviceSerialNumber": "66020",
    "DwellTime": 3.3e-06,
    "EchoTime": 0.024,
    "EchoTrainLength": 64,
    "EffectiveEchoSpacing": 0.000489996,
    "FlipAngle": 87,
    "ImageOrientationPatientDICOM": [
      0.999843,
      -0.0164394,
      -0.00660994,
      0.0157068,
      0.994989,
      -0.0987421
    ],
    "ImageType": [
      "ORIGINAL",
      "PRIMARY",
      "M",
      "ND",
      "NORM",
      "MOSAIC"
    ],
    "ImagingFrequency": 123.262,
    "InPlanePhaseEncodingDirectionDICOM": "COL",
    "InstitutionAddress": "Fanglan_Rd._49_Taipei_Da_An_TW_10672",
    "InstitutionName": "NTU_NCSC",
    "InstitutionalDepartmentName": "Department",
    "MRAcquisitionType": "2D",
    "MagneticFieldStrength": 3,
    "Manufacturer": "Siemens",
    "ManufacturersModelName": "Prisma",
    "PartialFourier": 1,
    "PatientPosition": "HFS",
    "PercentPhaseFOV": 100,
    "PhaseEncodingDirection": "j-",
    "PhaseEncodingSteps": 64,
    "PhaseResolution": 1,
    "PixelBandwidth": 2365,
    "ProcedureStepDescription": "NTU_Brain",
    "ProtocolName": "ep2d_bold_64x64_3mm_iso_330TR",
    "PulseSequenceDetails": "%SiemensSeq%_ep2d_bold",
    "ReceiveCoilActiveElements": "HE1-4",
    "ReceiveCoilName": "HeadNeck_20",
    "ReconMatrixPE": 64,
    "RepetitionTime": 2,
    "SAR": 0.125923,
    "ScanOptions": "FS",
    "ScanningSequence": "EP",
    "SequenceName": "_epfid2d1_64",
    "SequenceVariant": "SK",
    "SeriesDescription": "ep2d_bold_64x64_3mm_iso_330TR",
    "SeriesNumber": 5,
    "ShimSetting": [
      -3013,
      -3826,
      -5505,
      325,
      -139,
      -104,
      -24,
      42
    ],
    "SliceThickness": 3,
    "SliceTiming": [
      0.99,
      0,
      1.045,
      0.055,
      1.1,
      0.11,
      1.155,
      0.165,
      1.21,
      0.22,
      1.265,
      0.275,
      1.32,
      0.33,
      1.375,
      0.385,
      1.43,
      0.44,
      1.485,
      0.495,
      1.54,
      0.55,
      1.595,
      0.605,
      1.65,
      0.66,
      1.705,
      0.715,
      1.76,
      0.77,
      1.815,
      0.825,
      1.87,
      0.88,
      1.925,
      0.935
    ],
    "SoftwareVersions": "syngo_MR_D13D",
    "SpacingBetweenSlices": 3,
    "StationName": "AWP66020",
    "TaskName": "OTCG",
    "TotalReadoutTime": 0.0308698,
    "TxRefAmp": 272.592,
    "VendorReportedEchoSpacing": 0.00049,
    "dataset": "ds004103",
    "modality": "bold",
    "run_id": 3,
    "subject_id": "s33B",
    "task_id": "OTCG"
  },
  "dummy_trs": 1,
  "dvars_nstd": 19.823146811493903,
  "dvars_std": 1.3007884978353657,
  "dvars_vstd": 0.9999543869512185,
  "efc": 0.613591797855809,
  "fber": 568.5653686523438,
  "fd_mean": 0.08425824793653397,
  "fd_num": 0,
  "fd_perc": 0.0,
  "fwhm_avg": 1.8083666666666665,
  "fwhm_x": 1.7003133333333331,
  "fwhm_y": 1.8704333333333334,
  "fwhm_z": 1.8543533333333333,
  "gcor": 0.0129622,
  "gsr_x": 0.0031629428267478943,
  "gsr_y": 0.029999161139130592,
  "provenance": {
    "md5sum": "501920d1fc917482070bfc855589e823",
    "settings": {
      "fd_thres": 0.2,
      "testing": false
    },
    "software": "mriqc",
    "version": "23.0.1",
    "webapi_port": null,
    "webapi_url": "https://mriqc.nimh.nih.gov/api/v1"
  },
  "size_t": 329,
  "size_x": 64,
  "size_y": 64,
  "size_z": 36,
  "snr": 7.740509095508015,
  "spacing_tr": 2.0,
  "spacing_x": 3.0,
  "spacing_y": 3.0,
  "spacing_z": 3.0,
  "summary_bg_k": 18.091688317410533,
  "summary_bg_mad": 24.235360580831713,
  "summary_bg_mean": 67.8041763305664,
  "summary_bg_median": 33.06686782836914,
  "summary_bg_n": 77697.0,
  "summary_bg_p05": 13.08510684967041,
  "summary_bg_p95": 242.94164428710928,
  "summary_bg_stdv": 95.43636322021484,
  "summary_fg_k": 3.6504231487164622,
  "summary_fg_mad": 87.17613268680618,
  "summary_fg_mean": 808.3787231445312,
  "summary_fg_median": 805.7386474609375,
  "summary_fg_n": 36002.0,
  "summary_fg_p05": 649.2159729003906,
  "summary_fg_p95": 971.2032165527344,
  "summary_fg_stdv": 104.0923080444336,
  "tsnr": 107.38849121332169
}