{
  "aor": 0.0034824012158054703,
  "aqi": 0.006753226808510638,
  "bids_meta": {
    "AcquisitionMatrixPE": 64,
    "AcquisitionNumber": 1,
    "AcquisitionTime": "09:25:57.365000",
    "BandwidthPerPixelPhaseEncode": 31.888,
    "BaseResolution": 64,
    "BodyPartExamined": "BRAIN",
    "ConsistencyInfo": "N4_VD13D_LATEST_20130810",
    "ConversionSoftware": "dcm2niix",
    "ConversionSoftwareVersion": "v1.0.20181125  GCC5.4.0",
    "DerivedVendorReportedEchoSpacing": 0.000489996,
    "DeviceSerialNumber": "66020",
    "DwellTime": 3.3e-06,
    "EchoTime": 0.024,
    "EchoTrainLength": 64,
    "EffectiveEchoSpacing": 0.000489996,
    "FlipAngle": 87,
    "ImageOrientationPatientDICOM": [
      0.997783,
      -0.0129101,
      0.0652808,
      0.0296136,
      0.964653,
      -0.261856
    ],
    "ImageType": [
      "ORIGINAL",
      "PRIMARY",
      "M",
      "ND",
      "NORM",
      "MOSAIC"
    ],
    "ImagingFrequency": 123.262,
    "InPlanePhaseEncodingDirectionDICOM": "COL",
    "InstitutionAddress": "Fanglan_Rd._49_Taipei_Da_An_TW_10672",
    "InstitutionName": "NTU_NCSC",
    "InstitutionalDepartmentName": "Department",
    "MRAcquisitionType": "2D",
    "MagneticFieldStrength": 3,
    "Manufacturer": "Siemens",
    "ManufacturersModelName": "Prisma",
    "PartialFourier": 1,
    "PatientPosition": "HFS",
    "PercentPhaseFOV": 100,
    "PhaseEncodingDirection": "j-",
    "PhaseEncodingSteps": 64,
    "PhaseResolution": 1,
    "PixelBandwidth": 2365,
    "ProcedureStepDescription": "NTU_Brain",
    "ProtocolName": "ep2d_bold_64x64_3mm_iso_330TR",
    "PulseSequenceDetails": "%SiemensSeq%_ep2d_bold",
    "ReceiveCoilActiveElements": "HE1-4",
    "ReceiveCoilName": "HeadNeck_20",
    "ReconMatrixPE": 64,
    "RepetitionTime": 2,
    "SAR": 0.0988751,
    "ScanOptions": "FS",
    "ScanningSequence": "EP",
    "SequenceName": "_epfid2d1_64",
    "SequenceVariant": "SK",
    "SeriesDescription": "ep2d_bold_64x64_3mm_iso_330TR",
    "SeriesNumber": 3,
    "ShimSetting": [
      -3001,
      -3761,
      -5654,
      286,
      -78,
      -66,
      -243,
      -36
    ],
    "SliceThickness": 3,
    "SliceTiming": [
      0.99,
      0,
      1.045,
      0.055,
      1.1,
      0.11,
      1.155,
      0.165,
      1.21,
      0.22,
      1.265,
      0.275,
      1.32,
      0.33,
      1.375,
      0.385,
      1.43,
      0.44,
      1.485,
      0.495,
      1.54,
      0.55,
      1.595,
      0.605,
      1.65,
      0.66,
      1.705,
      0.715,
      1.76,
      0.77,
      1.815,
      0.825,
      1.87,
      0.88,
      1.925,
      0.935
    ],
    "SoftwareVersions": "syngo_MR_D13D",
    "SpacingBetweenSlices": 3,
    "StationName": "AWP66020",
    "TaskName": "OTCG",
    "TotalReadoutTime": 0.0308698,
    "TxRefAmp": 242.295,
    "VendorReportedEchoSpacing": 0.00049,
    "dataset": "ds004103",
    "modality": "bold",
    "run_id": 1,
    "subject_id": "s40B",
    "task_id": "OTCG"
  },
  "dummy_trs": 1,
  "dvars_nstd": 15.55553644756099,
  "dvars_std": 1.1542963637195118,
  "dvars_vstd": 1.0341669829268296,
  "efc": 0.6231232375297318,
  "fber": 858.5133056640625,
  "fd_mean": 0.05332201875898822,
  "fd_num": 3,
  "fd_perc": 0.9118541033434651,
  "fwhm_avg": 1.704368888888889,
  "fwhm_x": 1.6148466666666668,
  "fwhm_y": 1.7338333333333333,
  "fwhm_z": 1.7644266666666668,
  "gcor": 0.0126889,
  "gsr_x": -0.007835493423044682,
  "gsr_y": 0.04466931149363518,
  "provenance": {
    "md5sum": "311250d269ea6957430839c0cd795901",
    "settings": {
      "fd_thres": 0.2,
      "testing": false
    },
    "software": "mriqc",
    "version": "23.0.1",
    "webapi_port": null,
    "webapi_url": "https://mriqc.nimh.nih.gov/api/v1"
  },
  "size_t": 329,
  "size_x": 64,
  "size_y": 64,
  "size_z": 36,
  "snr": 7.810901592338663,
  "spacing_tr": 2.0,
  "spacing_x": 3.0,
  "spacing_y": 3.0,
  "spacing_z": 3.0,
  "summary_bg_k": 20.570724289316473,
  "summary_bg_mad": 20.4680225552348,
  "summary_bg_mean": 63.1064567565918,
  "summary_bg_median": 30.617021560668945,
  "summary_bg_n": 73015.0,
  "summary_bg_p05": 13.413373947143555,
  "summary_bg_p95": 219.41701812744154,
  "summary_bg_stdv": 85.43067169189453,
  "summary_fg_k": 2.761397412641908,
  "summary_fg_mad": 112.16631427665318,
  "summary_fg_mean": 920.4178466796875,
  "summary_fg_median": 915.411865234375,
  "summary_fg_n": 40760.0,
  "summary_fg_p05": 755.5925598144531,
  "summary_fg_p95": 1107.3891906738281,
  "summary_fg_stdv": 117.19525909423828,
  "tsnr": 83.24808333534747
}