{
  "aor": 0.011173282674772037,
  "aqi": 0.008537306930091186,
  "bids_meta": {
    "AcquisitionMatrixPE": 64,
    "AcquisitionNumber": 1,
    "AcquisitionTime": "12:00:15.000000",
    "BodyPartExamined": "HEAD",
    "CoilString": "8HRBRAIN",
    "ConversionSoftware": "dcm2niix",
    "ConversionSoftwareVersion": "v1.0.20181125  GCC5.4.0",
    "DeviceSerialNumber": "00000000GEMRGEMR",
    "EchoTime": 0.033,
    "EffectiveEchoSpacing": 0.00042,
    "FlipAngle": 90,
    "ImageOrientationPatientDICOM": [
      0.997845,
      0.0501938,
      -0.0422636,
      -0.04365,
      0.988672,
      0.143605
    ],
    "ImageType": [
      "ORIGINAL",
      "PRIMARY",
      "EPI",
      "NONE"
    ],
    "ImagingFrequency": 127.764,
    "InPlanePhaseEncodingDirectionDICOM": "COL",
    "InstitutionName": "NCKU",
    "MRAcquisitionType": "2D",
    "MagneticFieldStrength": 3,
    "Manufacturer": "GE",
    "ManufacturersModelName": "DISCOVERY_MR750",
    "PatientPosition": "HFS",
    "PercentPhaseFOV": 100,
    "PhaseEncodingDirection": "j",
    "PhaseEncodingPolarityGE": "Flipped",
    "PixelBandwidth": 7812.5,
    "ProtocolName": "hypervote_run_3",
    "ReconMatrixPE": 64,
    "RepetitionTime": 2,
    "SAR": 0.398541,
    "ScanOptions": "EPI_GEMS_ACC_GEMS",
    "ScanningSequence": "EP_GR",
    "SequenceVariant": "SS",
    "SeriesDescription": "hypervote_run_3",
    "SeriesNumber": 6,
    "SliceThickness": 3,
    "SliceTiming": [
      0,
      1,
      0.05,
      1.05,
      0.0999999,
      1.1,
      0.15,
      1.15,
      0.2,
      1.2,
      0.25,
      1.25,
      0.3,
      1.3,
      0.35,
      1.35,
      0.4,
      1.4,
      0.45,
      1.45,
      0.5,
      1.5,
      0.55,
      1.55,
      0.6,
      1.6,
      0.65,
      1.65,
      0.7,
      1.7,
      0.75,
      1.75,
      0.8,
      1.8,
      0.85,
      1.85,
      0.9,
      1.9,
      0.95,
      1.95
    ],
    "SoftwareVersions": "27_LX_MR_Software_release:DV25.1_R02_1649.a",
    "SpacingBetweenSlices": 3,
    "StationName": "GEMRGEMR",
    "TaskName": "OTCG",
    "TotalReadoutTime": 0.02646,
    "dataset": "ds004103",
    "modality": "bold",
    "run_id": 3,
    "subject_id": "s42A",
    "task_id": "OTCG"
  },
  "dummy_trs": 1,
  "dvars_nstd": 22.75079298320123,
  "dvars_std": 1.1073358117987817,
  "dvars_vstd": 1.0445608942987794,
  "efc": 0.43836934013575174,
  "fber": 82759.625,
  "fd_mean": 0.37665894267133765,
  "fd_num": 188,
  "fd_perc": 57.142857142857146,
  "fwhm_avg": 2.5189734920634916,
  "fwhm_x": 2.3321714285714283,
  "fwhm_y": 2.585685714285714,
  "fwhm_z": 2.639063333333333,
  "gcor": 0.131913,
  "gsr_x": -8.313704893225804e-05,
  "gsr_y": 0.0033446908928453922,
  "provenance": {
    "md5sum": "8cb83abfdfbdb242b0c3d5c16e6edcc4",
    "settings": {
      "fd_thres": 0.2,
      "testing": false
    },
    "software": "mriqc",
    "version": "23.0.1",
    "webapi_port": null,
    "webapi_url": "https://mriqc.nimh.nih.gov/api/v1"
  },
  "size_t": 329,
  "size_x": 64,
  "size_y": 64,
  "size_z": 40,
  "snr": 6.141965020011267,
  "spacing_tr": 2.0,
  "spacing_x": 3.5,
  "spacing_y": 3.5,
  "spacing_z": 3.0,
  "summary_bg_k": 53.84929656142395,
  "summary_bg_mad": 22.942029447552763,
  "summary_bg_mean": 80.54849243164062,
  "summary_bg_median": 16.310029983520508,
  "summary_bg_n": 105070.0,
  "summary_bg_p05": 0.15501520037651062,
  "summary_bg_p95": 373.3872482299802,
  "summary_bg_stdv": 204.15841674804688,
  "summary_fg_k": 0.649735062771037,
  "summary_fg_mad": 692.6141319074027,
  "summary_fg_mean": 4479.60498046875,
  "summary_fg_median": 4518.0849609375,
  "summary_fg_n": 26381.0,
  "summary_fg_p05": 3201.152099609375,
  "summary_fg_p95": 5609.4345703125,
  "summary_fg_stdv": 735.5950927734375,
  "tsnr": 49.034128417260945
}