{
  "aor": 0.004424863221884499,
  "aqi": 0.00642260027355623,
  "bids_meta": {
    "AcquisitionMatrixPE": 64,
    "AcquisitionNumber": 1,
    "AcquisitionTime": "11:48:17.000000",
    "BodyPartExamined": "HEAD",
    "CoilString": "8HRBRAIN",
    "ConversionSoftware": "dcm2niix",
    "ConversionSoftwareVersion": "v1.0.20181125  GCC5.4.0",
    "DeviceSerialNumber": "00000000GEMRGEMR",
    "EchoTime": 0.033,
    "EffectiveEchoSpacing": 0.00042,
    "FlipAngle": 90,
    "ImageOrientationPatientDICOM": [
      0.997845,
      0.0501938,
      -0.0422636,
      -0.04365,
      0.988672,
      0.143605
    ],
    "ImageType": [
      "ORIGINAL",
      "PRIMARY",
      "EPI",
      "NONE"
    ],
    "ImagingFrequency": 127.764,
    "InPlanePhaseEncodingDirectionDICOM": "COL",
    "InstitutionName": "NCKU",
    "MRAcquisitionType": "2D",
    "MagneticFieldStrength": 3,
    "Manufacturer": "GE",
    "ManufacturersModelName": "DISCOVERY_MR750",
    "PatientPosition": "HFS",
    "PercentPhaseFOV": 100,
    "PhaseEncodingDirection": "j",
    "PhaseEncodingPolarityGE": "Flipped",
    "PixelBandwidth": 7812.5,
    "ProtocolName": "hypervote_run_2",
    "ReconMatrixPE": 64,
    "RepetitionTime": 2,
    "SAR": 0.398541,
    "ScanOptions": "EPI_GEMS_ACC_GEMS",
    "ScanningSequence": "EP_GR",
    "SequenceVariant": "SS",
    "SeriesDescription": "hypervote_run_2",
    "SeriesNumber": 5,
    "SliceThickness": 3,
    "SliceTiming": [
      0,
      1,
      0.05,
      1.05,
      0.0999999,
      1.1,
      0.15,
      1.15,
      0.2,
      1.2,
      0.25,
      1.25,
      0.3,
      1.3,
      0.35,
      1.35,
      0.4,
      1.4,
      0.45,
      1.45,
      0.5,
      1.5,
      0.55,
      1.55,
      0.6,
      1.6,
      0.65,
      1.65,
      0.7,
      1.7,
      0.75,
      1.75,
      0.8,
      1.8,
      0.85,
      1.85,
      0.9,
      1.9,
      0.95,
      1.95
    ],
    "SoftwareVersions": "27_LX_MR_Software_release:DV25.1_R02_1649.a",
    "SpacingBetweenSlices": 3,
    "StationName": "GEMRGEMR",
    "TaskName": "OTCG",
    "TotalReadoutTime": 0.02646,
    "dataset": "ds004103",
    "modality": "bold",
    "run_id": 2,
    "subject_id": "s42A",
    "task_id": "OTCG"
  },
  "dummy_trs": 1,
  "dvars_nstd": 17.458400133292674,
  "dvars_std": 1.1171464178353658,
  "dvars_vstd": 1.0283883349085368,
  "efc": 0.4376766465574604,
  "fber": 82674.6953125,
  "fd_mean": 0.18843703670042025,
  "fd_num": 100,
  "fd_perc": 30.3951367781155,
  "fwhm_avg": 2.495262380952381,
  "fwhm_x": 2.3398942857142857,
  "fwhm_y": 2.546242857142857,
  "fwhm_z": 2.59965,
  "gcor": 0.0807356,
  "gsr_x": -0.0006210472784005105,
  "gsr_y": 0.003038928844034672,
  "provenance": {
    "md5sum": "7281b691c3d1e4f55990ffcc263dcf60",
    "settings": {
      "fd_thres": 0.2,
      "testing": false
    },
    "software": "mriqc",
    "version": "23.0.1",
    "webapi_port": null,
    "webapi_url": "https://mriqc.nimh.nih.gov/api/v1"
  },
  "size_t": 329,
  "size_x": 64,
  "size_y": 64,
  "size_z": 40,
  "snr": 6.181705243187786,
  "spacing_tr": 2.0,
  "spacing_x": 3.5,
  "spacing_y": 3.5,
  "spacing_z": 3.0,
  "summary_bg_k": 55.4616489348798,
  "summary_bg_mad": 23.266489544596716,
  "summary_bg_mean": 80.17899322509766,
  "summary_bg_median": 16.49847984313965,
  "summary_bg_n": 105126.0,
  "summary_bg_p05": 0.12765957415103912,
  "summary_bg_p95": 368.51368713378906,
  "summary_bg_stdv": 203.42520141601562,
  "summary_fg_k": 0.607324379627447,
  "summary_fg_mad": 695.883566609222,
  "summary_fg_mean": 4518.201171875,
  "summary_fg_median": 4553.67041015625,
  "summary_fg_n": 26322.0,
  "summary_fg_p05": 3236.4754028320312,
  "summary_fg_p95": 5659.490380859374,
  "summary_fg_stdv": 736.6226196289062,
  "tsnr": 63.264029363170266
}