{
  "aor": 0.0016050151975683892,
  "aqi": 0.004410936990881458,
  "bids_meta": {
    "AcquisitionMatrixPE": 64,
    "AcquisitionNumber": 1,
    "AcquisitionTime": "09:37:57.000000",
    "BodyPartExamined": "HEAD",
    "CoilString": "8HRBRAIN",
    "ConversionSoftware": "dcm2niix",
    "ConversionSoftwareVersion": "v1.0.20181125  GCC5.4.0",
    "DeviceSerialNumber": "00000000GEMRGEMR",
    "EchoTime": 0.033,
    "EffectiveEchoSpacing": 0.00042,
    "FlipAngle": 90,
    "ImageOrientationPatientDICOM": [
      0.999385,
      0.00603758,
      -0.0345397,
      -0.010703,
      0.990578,
      -0.13653
    ],
    "ImageType": [
      "ORIGINAL",
      "PRIMARY",
      "EPI",
      "NONE"
    ],
    "ImagingFrequency": 127.764,
    "InPlanePhaseEncodingDirectionDICOM": "COL",
    "InstitutionName": "NCKU",
    "MRAcquisitionType": "2D",
    "MagneticFieldStrength": 3,
    "Manufacturer": "GE",
    "ManufacturersModelName": "DISCOVERY_MR750",
    "PatientPosition": "HFS",
    "PercentPhaseFOV": 100,
    "PhaseEncodingDirection": "j",
    "PhaseEncodingPolarityGE": "Flipped",
    "PixelBandwidth": 7812.5,
    "ProtocolName": "hypervote_run_1",
    "ReconMatrixPE": 64,
    "RepetitionTime": 2,
    "SAR": 0.417867,
    "ScanOptions": "EPI_GEMS_ACC_GEMS",
    "ScanningSequence": "EP_GR",
    "SequenceVariant": "SS",
    "SeriesDescription": "hypervote_run_1",
    "SeriesNumber": 8,
    "SliceThickness": 3,
    "SliceTiming": [
      0,
      1,
      0.05,
      1.05,
      0.0999999,
      1.1,
      0.15,
      1.15,
      0.2,
      1.2,
      0.25,
      1.25,
      0.3,
      1.3,
      0.35,
      1.35,
      0.4,
      1.4,
      0.45,
      1.45,
      0.5,
      1.5,
      0.55,
      1.55,
      0.6,
      1.6,
      0.65,
      1.65,
      0.7,
      1.7,
      0.75,
      1.75,
      0.8,
      1.8,
      0.85,
      1.85,
      0.9,
      1.9,
      0.95,
      1.95
    ],
    "SoftwareVersions": "27_LX_MR_Software_release:DV25.1_R02_1649.a",
    "SpacingBetweenSlices": 3,
    "StationName": "GEMRGEMR",
    "TaskName": "OTCG",
    "TotalReadoutTime": 0.02646,
    "dataset": "ds004103",
    "modality": "bold",
    "run_id": 1,
    "subject_id": "s31A",
    "task_id": "OTCG"
  },
  "dummy_trs": 1,
  "dvars_nstd": 15.719075103780504,
  "dvars_std": 1.0945628148170732,
  "dvars_vstd": 0.9796630465243902,
  "efc": 0.4139092041147932,
  "fber": 66243.859375,
  "fd_mean": 0.054982973889981725,
  "fd_num": 0,
  "fd_perc": 0.0,
  "fwhm_avg": 2.7139941269841272,
  "fwhm_x": 2.54974,
  "fwhm_y": 2.782005714285714,
  "fwhm_z": 2.8102366666666665,
  "gcor": 0.027581,
  "gsr_x": -0.004571008961647749,
  "gsr_y": 0.005374397151172161,
  "provenance": {
    "md5sum": "3ad15829e521dbddc38066794aecc472",
    "settings": {
      "fd_thres": 0.2,
      "testing": false
    },
    "software": "mriqc",
    "version": "23.0.1",
    "webapi_port": null,
    "webapi_url": "https://mriqc.nimh.nih.gov/api/v1"
  },
  "size_t": 329,
  "size_x": 64,
  "size_y": 64,
  "size_z": 40,
  "snr": 5.74295683690861,
  "spacing_tr": 2.0,
  "spacing_x": 3.5,
  "spacing_y": 3.5,
  "spacing_z": 3.0,
  "summary_bg_k": 116.76217473753309,
  "summary_bg_mad": 28.070301993520125,
  "summary_bg_mean": 84.66291809082031,
  "summary_bg_median": 19.522796630859375,
  "summary_bg_n": 109682.0,
  "summary_bg_p05": 0.048632219433784485,
  "summary_bg_p95": 361.95379943847655,
  "summary_bg_stdv": 215.8841094970703,
  "summary_fg_k": 0.5604441663881174,
  "summary_fg_mad": 731.5197714230459,
  "summary_fg_mean": 4600.65869140625,
  "summary_fg_median": 4599.71875,
  "summary_fg_n": 22838.0,
  "summary_fg_p05": 3287.244030761719,
  "summary_fg_p95": 5974.595434570312,
  "summary_fg_stdv": 800.9146118164062,
  "tsnr": 78.7793750729179
}