{
  "aor": 0.0012379331306990881,
  "aqi": 0.0031820837689969603,
  "bids_meta": {
    "AcquisitionMatrixPE": 64,
    "AcquisitionNumber": 1,
    "AcquisitionTime": "10:15:51.000000",
    "BodyPartExamined": "HEAD",
    "CoilString": "8HRBRAIN",
    "ConversionSoftware": "dcm2niix",
    "ConversionSoftwareVersion": "v1.0.20181125  GCC5.4.0",
    "DeviceSerialNumber": "00000000GEMRGEMR",
    "EchoTime": 0.033,
    "EffectiveEchoSpacing": 0.00042,
    "FlipAngle": 90,
    "ImageOrientationPatientDICOM": [
      0.999385,
      0.00603758,
      -0.0345397,
      -0.010703,
      0.990578,
      -0.13653
    ],
    "ImageType": [
      "ORIGINAL",
      "PRIMARY",
      "EPI",
      "NONE"
    ],
    "ImagingFrequency": 127.764,
    "InPlanePhaseEncodingDirectionDICOM": "COL",
    "InstitutionName": "NCKU",
    "MRAcquisitionType": "2D",
    "MagneticFieldStrength": 3,
    "Manufacturer": "GE",
    "ManufacturersModelName": "DISCOVERY_MR750",
    "PatientPosition": "HFS",
    "PercentPhaseFOV": 100,
    "PhaseEncodingDirection": "j",
    "PhaseEncodingPolarityGE": "Flipped",
    "PixelBandwidth": 7812.5,
    "ProtocolName": "hypervote_run_4",
    "ReconMatrixPE": 64,
    "RepetitionTime": 2,
    "SAR": 0.417867,
    "ScanOptions": "EPI_GEMS_ACC_GEMS",
    "ScanningSequence": "EP_GR",
    "SequenceVariant": "SS",
    "SeriesDescription": "hypervote_run_4",
    "SeriesNumber": 11,
    "SliceThickness": 3,
    "SliceTiming": [
      0,
      1,
      0.05,
      1.05,
      0.0999999,
      1.1,
      0.15,
      1.15,
      0.2,
      1.2,
      0.25,
      1.25,
      0.3,
      1.3,
      0.35,
      1.35,
      0.4,
      1.4,
      0.45,
      1.45,
      0.5,
      1.5,
      0.55,
      1.55,
      0.6,
      1.6,
      0.65,
      1.65,
      0.7,
      1.7,
      0.75,
      1.75,
      0.8,
      1.8,
      0.85,
      1.85,
      0.9,
      1.9,
      0.95,
      1.95
    ],
    "SoftwareVersions": "27_LX_MR_Software_release:DV25.1_R02_1649.a",
    "SpacingBetweenSlices": 3,
    "StationName": "GEMRGEMR",
    "TaskName": "OTCG",
    "TotalReadoutTime": 0.02646,
    "dataset": "ds004103",
    "modality": "bold",
    "run_id": 4,
    "subject_id": "s31A",
    "task_id": "OTCG"
  },
  "dummy_trs": 1,
  "dvars_nstd": 16.096918556829273,
  "dvars_std": 1.1397516771951217,
  "dvars_vstd": 0.9911640383536583,
  "efc": 0.4131283477088928,
  "fber": 63220.6875,
  "fd_mean": 0.05508947897486658,
  "fd_num": 1,
  "fd_perc": 0.303951367781155,
  "fwhm_avg": 2.7048923809523813,
  "fwhm_x": 2.50312,
  "fwhm_y": 2.7642571428571427,
  "fwhm_z": 2.8473,
  "gcor": 0.0751262,
  "gsr_x": -0.004027892369776964,
  "gsr_y": 0.005840584635734558,
  "provenance": {
    "md5sum": "1c7cfb1639cf5a7244fb56a734332a21",
    "settings": {
      "fd_thres": 0.2,
      "testing": false
    },
    "software": "mriqc",
    "version": "23.0.1",
    "webapi_port": null,
    "webapi_url": "https://mriqc.nimh.nih.gov/api/v1"
  },
  "size_t": 329,
  "size_x": 64,
  "size_y": 64,
  "size_z": 40,
  "snr": 5.816410509325714,
  "spacing_tr": 2.0,
  "spacing_x": 3.5,
  "spacing_y": 3.5,
  "spacing_z": 3.0,
  "summary_bg_k": 127.1138892523835,
  "summary_bg_mad": 28.755273692438376,
  "summary_bg_mean": 85.74566650390625,
  "summary_bg_median": 19.987842559814453,
  "summary_bg_n": 109840.0,
  "summary_bg_p05": 0.015197568573057652,
  "summary_bg_p95": 365.9410507202137,
  "summary_bg_stdv": 225.4810791015625,
  "summary_fg_k": 0.5915717457727765,
  "summary_fg_mad": 730.0802428529782,
  "summary_fg_mean": 4607.52978515625,
  "summary_fg_median": 4606.68359375,
  "summary_fg_n": 22720.0,
  "summary_fg_p05": 3321.2258178710936,
  "summary_fg_p95": 5964.305712890625,
  "summary_fg_stdv": 791.9974365234375,
  "tsnr": 86.31280464236625
}