{
  "aor": 0.000712066869300912,
  "aqi": 0.0032323145288753797,
  "bids_meta": {
    "AcquisitionMatrixPE": 64,
    "AcquisitionNumber": 1,
    "AcquisitionTime": "09:51:46.000000",
    "BodyPartExamined": "HEAD",
    "CoilString": "8HRBRAIN",
    "ConversionSoftware": "dcm2niix",
    "ConversionSoftwareVersion": "v1.0.20181125  GCC5.4.0",
    "DeviceSerialNumber": "00000000GEMRGEMR",
    "EchoTime": 0.033,
    "EffectiveEchoSpacing": 0.00042,
    "FlipAngle": 90,
    "ImageOrientationPatientDICOM": [
      0.999385,
      0.00603758,
      -0.0345397,
      -0.010703,
      0.990578,
      -0.13653
    ],
    "ImageType": [
      "ORIGINAL",
      "PRIMARY",
      "EPI",
      "NONE"
    ],
    "ImagingFrequency": 127.764,
    "InPlanePhaseEncodingDirectionDICOM": "COL",
    "InstitutionName": "NCKU",
    "MRAcquisitionType": "2D",
    "MagneticFieldStrength": 3,
    "Manufacturer": "GE",
    "ManufacturersModelName": "DISCOVERY_MR750",
    "PatientPosition": "HFS",
    "PercentPhaseFOV": 100,
    "PhaseEncodingDirection": "j",
    "PhaseEncodingPolarityGE": "Flipped",
    "PixelBandwidth": 7812.5,
    "ProtocolName": "hypervote_run_2",
    "ReconMatrixPE": 64,
    "RepetitionTime": 2,
    "SAR": 0.417867,
    "ScanOptions": "EPI_GEMS_ACC_GEMS",
    "ScanningSequence": "EP_GR",
    "SequenceVariant": "SS",
    "SeriesDescription": "hypervote_run_2",
    "SeriesNumber": 9,
    "SliceThickness": 3,
    "SliceTiming": [
      0,
      1,
      0.05,
      1.05,
      0.0999999,
      1.1,
      0.15,
      1.15,
      0.2,
      1.2,
      0.25,
      1.25,
      0.3,
      1.3,
      0.35,
      1.35,
      0.4,
      1.4,
      0.45,
      1.45,
      0.5,
      1.5,
      0.55,
      1.55,
      0.6,
      1.6,
      0.65,
      1.65,
      0.7,
      1.7,
      0.75,
      1.75,
      0.8,
      1.8,
      0.85,
      1.85,
      0.9,
      1.9,
      0.95,
      1.95
    ],
    "SoftwareVersions": "27_LX_MR_Software_release:DV25.1_R02_1649.a",
    "SpacingBetweenSlices": 3,
    "StationName": "GEMRGEMR",
    "TaskName": "OTCG",
    "TotalReadoutTime": 0.02646,
    "dataset": "ds004103",
    "modality": "bold",
    "run_id": 2,
    "subject_id": "s31A",
    "task_id": "OTCG"
  },
  "dummy_trs": 1,
  "dvars_nstd": 15.79755536490855,
  "dvars_std": 1.1152712335975608,
  "dvars_vstd": 0.9785742985365863,
  "efc": 0.4138732859257673,
  "fber": 68254.3828125,
  "fd_mean": 0.051960137893367585,
  "fd_num": 1,
  "fd_perc": 0.303951367781155,
  "fwhm_avg": 2.6675390476190475,
  "fwhm_x": 2.4831914285714283,
  "fwhm_y": 2.721205714285714,
  "fwhm_z": 2.79822,
  "gcor": 0.039065,
  "gsr_x": -0.00432239007204771,
  "gsr_y": 0.005880318116396666,
  "provenance": {
    "md5sum": "c2622173d4a63e9ea98f9ff468e9b2c8",
    "settings": {
      "fd_thres": 0.2,
      "testing": false
    },
    "software": "mriqc",
    "version": "23.0.1",
    "webapi_port": null,
    "webapi_url": "https://mriqc.nimh.nih.gov/api/v1"
  },
  "size_t": 329,
  "size_x": 64,
  "size_y": 64,
  "size_z": 40,
  "snr": 5.799040369572273,
  "spacing_tr": 2.0,
  "spacing_x": 3.5,
  "spacing_y": 3.5,
  "spacing_z": 3.0,
  "summary_bg_k": 126.03001996745132,
  "summary_bg_mad": 27.61515683735702,
  "summary_bg_mean": 85.167236328125,
  "summary_bg_median": 19.161094665527344,
  "summary_bg_n": 109637.0,
  "summary_bg_p05": 0.036474164575338364,
  "summary_bg_p95": 363.3076049804686,
  "summary_bg_stdv": 221.71926879882812,
  "summary_fg_k": 0.6477667730090193,
  "summary_fg_mad": 724.9834357634331,
  "summary_fg_mean": 4600.8056640625,
  "summary_fg_median": 4601.248046875,
  "summary_fg_n": 22864.0,
  "summary_fg_p05": 3311.3589111328124,
  "summary_fg_p95": 5948.597802734374,
  "summary_fg_stdv": 793.4325561523438,
  "tsnr": 89.00523307407275
}