{
  "aor": 0.004933738601823709,
  "aqi": 0.002637775167173252,
  "bids_meta": {
    "AcquisitionMatrixPE": 64,
    "AcquisitionNumber": 1,
    "AcquisitionTime": "11:47:1.000000",
    "BodyPartExamined": "HEAD",
    "CoilString": "8HRBRAIN",
    "ConversionSoftware": "dcm2niix",
    "ConversionSoftwareVersion": "v1.0.20181125  GCC5.4.0",
    "DeviceSerialNumber": "00000000GEMRGEMR",
    "EchoTime": 0.033,
    "EffectiveEchoSpacing": 0.00042,
    "FlipAngle": 90,
    "ImageOrientationPatientDICOM": [
      0.994808,
      -0.00911624,
      0.101365,
      0.00648989,
      0.999635,
      0.0262099
    ],
    "ImageType": [
      "ORIGINAL",
      "PRIMARY",
      "EPI",
      "NONE"
    ],
    "ImagingFrequency": 127.764,
    "InPlanePhaseEncodingDirectionDICOM": "COL",
    "InstitutionName": "NCKU",
    "MRAcquisitionType": "2D",
    "MagneticFieldStrength": 3,
    "Manufacturer": "GE",
    "ManufacturersModelName": "DISCOVERY_MR750",
    "PatientPosition": "HFS",
    "PercentPhaseFOV": 100,
    "PhaseEncodingDirection": "j",
    "PhaseEncodingPolarityGE": "Flipped",
    "PixelBandwidth": 7812.5,
    "ProtocolName": "hypervote_run_1",
    "ReconMatrixPE": 64,
    "RepetitionTime": 2,
    "SAR": 0.412981,
    "ScanOptions": "EPI_GEMS_ACC_GEMS",
    "ScanningSequence": "EP_GR",
    "SequenceVariant": "SS",
    "SeriesDescription": "hypervote_run_1",
    "SeriesNumber": 4,
    "SliceThickness": 3,
    "SliceTiming": [
      0,
      1,
      0.05,
      1.05,
      0.0999999,
      1.1,
      0.15,
      1.15,
      0.2,
      1.2,
      0.25,
      1.25,
      0.3,
      1.3,
      0.35,
      1.35,
      0.4,
      1.4,
      0.45,
      1.45,
      0.5,
      1.5,
      0.55,
      1.55,
      0.6,
      1.6,
      0.65,
      1.65,
      0.7,
      1.7,
      0.75,
      1.75,
      0.8,
      1.8,
      0.85,
      1.85,
      0.9,
      1.9,
      0.95,
      1.95
    ],
    "SoftwareVersions": "27_LX_MR_Software_release:DV25.1_R02_1649.a",
    "SpacingBetweenSlices": 3,
    "StationName": "GEMRGEMR",
    "TaskName": "OTCG",
    "TotalReadoutTime": 0.02646,
    "dataset": "ds004103",
    "modality": "bold",
    "run_id": 2,
    "subject_id": "s66A",
    "task_id": "OTCG"
  },
  "dummy_trs": 1,
  "dvars_nstd": 14.58262470603659,
  "dvars_std": 1.1531650357621948,
  "dvars_vstd": 1.0289050292073167,
  "efc": 0.47489723414097595,
  "fber": 41696.453125,
  "fd_mean": 0.07615125800420233,
  "fd_num": 17,
  "fd_perc": 5.167173252279635,
  "fwhm_avg": 2.7174487301587305,
  "fwhm_x": 2.494188571428572,
  "fwhm_y": 2.8208542857142858,
  "fwhm_z": 2.8373033333333333,
  "gcor": 0.101869,
  "gsr_x": 0.008618107996881008,
  "gsr_y": 0.005965558812022209,
  "provenance": {
    "md5sum": "730b1408e950980871973c72aa266c63",
    "settings": {
      "fd_thres": 0.2,
      "testing": false
    },
    "software": "mriqc",
    "version": "23.0.1",
    "webapi_port": null,
    "webapi_url": "https://mriqc.nimh.nih.gov/api/v1"
  },
  "size_t": 329,
  "size_x": 64,
  "size_y": 64,
  "size_z": 40,
  "snr": 5.474680094235872,
  "spacing_tr": 2.0,
  "spacing_x": 3.5,
  "spacing_y": 3.5,
  "spacing_z": 3.0,
  "summary_bg_k": 32.32129606783715,
  "summary_bg_mad": 36.91409258638667,
  "summary_bg_mean": 165.0059356689453,
  "summary_bg_median": 25.597265243530273,
  "summary_bg_n": 102054.0,
  "summary_bg_p05": 0.0881458967924118,
  "summary_bg_p95": 879.1287414550765,
  "summary_bg_stdv": 412.0506896972656,
  "summary_fg_k": 0.23435601563785013,
  "summary_fg_mad": 870.3168213008008,
  "summary_fg_mean": 4854.11767578125,
  "summary_fg_median": 4921.546875,
  "summary_fg_n": 29016.0,
  "summary_fg_p05": 3298.3472900390625,
  "summary_fg_p95": 6247.94384765625,
  "summary_fg_stdv": 898.94970703125,
  "tsnr": 87.30169755965471
}