{
  "aor": 0.0032657142857142854,
  "aqi": 0.0027251422796352584,
  "bids_meta": {
    "AcquisitionMatrixPE": 64,
    "AcquisitionNumber": 1,
    "AcquisitionTime": "12:37:3.000000",
    "BodyPartExamined": "HEAD",
    "CoilString": "8HRBRAIN",
    "ConversionSoftware": "dcm2niix",
    "ConversionSoftwareVersion": "v1.0.20181125  GCC5.4.0",
    "DeviceSerialNumber": "00000000GEMRGEMR",
    "EchoTime": 0.033,
    "EffectiveEchoSpacing": 0.00042,
    "FlipAngle": 90,
    "ImageOrientationPatientDICOM": [
      0.994808,
      -0.00911638,
      0.101365,
      0.00648999,
      0.999635,
      0.02621
    ],
    "ImageType": [
      "ORIGINAL",
      "PRIMARY",
      "EPI",
      "NONE"
    ],
    "ImagingFrequency": 127.764,
    "InPlanePhaseEncodingDirectionDICOM": "COL",
    "InstitutionName": "NCKU",
    "MRAcquisitionType": "2D",
    "MagneticFieldStrength": 3,
    "Manufacturer": "GE",
    "ManufacturersModelName": "DISCOVERY_MR750",
    "PatientPosition": "HFS",
    "PercentPhaseFOV": 100,
    "PhaseEncodingDirection": "j",
    "PhaseEncodingPolarityGE": "Flipped",
    "PixelBandwidth": 7812.5,
    "ProtocolName": "hypervote_run_4",
    "ReconMatrixPE": 64,
    "RepetitionTime": 2,
    "SAR": 0.412981,
    "ScanOptions": "EPI_GEMS_ACC_GEMS",
    "ScanningSequence": "EP_GR",
    "SequenceVariant": "SS",
    "SeriesDescription": "hypervote_run_4",
    "SeriesNumber": 10,
    "SliceThickness": 3,
    "SliceTiming": [
      0,
      1,
      0.05,
      1.05,
      0.0999999,
      1.1,
      0.15,
      1.15,
      0.2,
      1.2,
      0.25,
      1.25,
      0.3,
      1.3,
      0.35,
      1.35,
      0.4,
      1.4,
      0.45,
      1.45,
      0.5,
      1.5,
      0.55,
      1.55,
      0.6,
      1.6,
      0.65,
      1.65,
      0.7,
      1.7,
      0.75,
      1.75,
      0.8,
      1.8,
      0.85,
      1.85,
      0.9,
      1.9,
      0.95,
      1.95
    ],
    "SoftwareVersions": "27_LX_MR_Software_release:DV25.1_R02_1649.a",
    "SpacingBetweenSlices": 3,
    "StationName": "GEMRGEMR",
    "TaskName": "OTCG",
    "TotalReadoutTime": 0.02646,
    "dataset": "ds004103",
    "modality": "bold",
    "run_id": 1,
    "subject_id": "s66A",
    "task_id": "OTCG"
  },
  "dummy_trs": 1,
  "dvars_nstd": 15.252932391585366,
  "dvars_std": 1.1815431811280483,
  "dvars_vstd": 1.0250693156097561,
  "efc": 0.4768995601499044,
  "fber": 40935.609375,
  "fd_mean": 0.07021774586028988,
  "fd_num": 12,
  "fd_perc": 3.6474164133738602,
  "fwhm_avg": 2.7135058549440956,
  "fwhm_x": 2.4793485714285715,
  "fwhm_y": 2.8402885714285717,
  "fwhm_z": 2.8208804219751435,
  "gcor": 0.0709115,
  "gsr_x": 0.009849944151937962,
  "gsr_y": 0.0059461770579218864,
  "provenance": {
    "md5sum": "c406c103990649107a1dd7e055bfe639",
    "settings": {
      "fd_thres": 0.2,
      "testing": false
    },
    "software": "mriqc",
    "version": "23.0.1",
    "webapi_port": null,
    "webapi_url": "https://mriqc.nimh.nih.gov/api/v1"
  },
  "size_t": 329,
  "size_x": 64,
  "size_y": 64,
  "size_z": 40,
  "snr": 5.541019210208975,
  "spacing_tr": 2.0,
  "spacing_x": 3.5,
  "spacing_y": 3.5,
  "spacing_z": 3.0001378059387207,
  "summary_bg_k": 32.91549777823286,
  "summary_bg_mad": 37.524708548150336,
  "summary_bg_mean": 171.53111267089844,
  "summary_bg_median": 25.88753890991211,
  "summary_bg_n": 102079.0,
  "summary_bg_p05": 0.036474164575338364,
  "summary_bg_p95": 937.3386047363277,
  "summary_bg_stdv": 423.79998779296875,
  "summary_fg_k": 0.21244125282123738,
  "summary_fg_mad": 856.5835667177146,
  "summary_fg_mean": 4845.3603515625,
  "summary_fg_median": 4897.64892578125,
  "summary_fg_n": 28936.0,
  "summary_fg_p05": 3333.5289916992188,
  "summary_fg_p95": 6216.824462890625,
  "summary_fg_stdv": 883.874267578125,
  "tsnr": 91.0767523420509
}