{
  "aor": 0.005387355623100304,
  "aqi": 0.004128100395136778,
  "bids_meta": {
    "AcquisitionMatrixPE": 64,
    "AcquisitionNumber": 1,
    "AcquisitionTime": "12:20:16.000000",
    "BodyPartExamined": "HEAD",
    "CoilString": "8HRBRAIN",
    "ConversionSoftware": "dcm2niix",
    "ConversionSoftwareVersion": "v1.0.20181125  GCC5.4.0",
    "DeviceSerialNumber": "00000000GEMRGEMR",
    "EchoTime": 0.033,
    "EffectiveEchoSpacing": 0.00042,
    "FlipAngle": 90,
    "ImageOrientationPatientDICOM": [
      0.994808,
      -0.00911638,
      0.101365,
      0.00648999,
      0.999635,
      0.02621
    ],
    "ImageType": [
      "ORIGINAL",
      "PRIMARY",
      "EPI",
      "NONE"
    ],
    "ImagingFrequency": 127.764,
    "InPlanePhaseEncodingDirectionDICOM": "COL",
    "InstitutionName": "NCKU",
    "MRAcquisitionType": "2D",
    "MagneticFieldStrength": 3,
    "Manufacturer": "GE",
    "ManufacturersModelName": "DISCOVERY_MR750",
    "PatientPosition": "HFS",
    "PercentPhaseFOV": 100,
    "PhaseEncodingDirection": "j",
    "PhaseEncodingPolarityGE": "Flipped",
    "PixelBandwidth": 7812.5,
    "ProtocolName": "hypervote_run_3",
    "ReconMatrixPE": 64,
    "RepetitionTime": 2,
    "SAR": 0.412981,
    "ScanOptions": "EPI_GEMS_ACC_GEMS",
    "ScanningSequence": "EP_GR",
    "SequenceVariant": "SS",
    "SeriesDescription": "hypervote_run_3",
    "SeriesNumber": 8,
    "SliceThickness": 3,
    "SliceTiming": [
      0,
      1,
      0.05,
      1.05,
      0.0999999,
      1.1,
      0.15,
      1.15,
      0.2,
      1.2,
      0.25,
      1.25,
      0.3,
      1.3,
      0.35,
      1.35,
      0.4,
      1.4,
      0.45,
      1.45,
      0.5,
      1.5,
      0.55,
      1.55,
      0.6,
      1.6,
      0.65,
      1.65,
      0.7,
      1.7,
      0.75,
      1.75,
      0.8,
      1.8,
      0.85,
      1.85,
      0.9,
      1.9,
      0.95,
      1.95
    ],
    "SoftwareVersions": "27_LX_MR_Software_release:DV25.1_R02_1649.a",
    "SpacingBetweenSlices": 3,
    "StationName": "GEMRGEMR",
    "TaskName": "OTCG",
    "TotalReadoutTime": 0.02646,
    "dataset": "ds004103",
    "modality": "bold",
    "run_id": 4,
    "subject_id": "s66A",
    "task_id": "OTCG"
  },
  "dummy_trs": 1,
  "dvars_nstd": 16.109246134420722,
  "dvars_std": 1.1498895145731705,
  "dvars_vstd": 1.026664736951219,
  "efc": 0.47733766158556173,
  "fber": 39486.4375,
  "fd_mean": 0.09739749538305414,
  "fd_num": 20,
  "fd_perc": 6.079027355623101,
  "fwhm_avg": 2.727583899405907,
  "fwhm_x": 2.478131428571429,
  "fwhm_y": 2.8700571428571426,
  "fwhm_z": 2.83456312678915,
  "gcor": 0.0824504,
  "gsr_x": 0.009049291722476482,
  "gsr_y": 0.007354918867349625,
  "provenance": {
    "md5sum": "1f55ca63df9211fb989bd6491d999afe",
    "settings": {
      "fd_thres": 0.2,
      "testing": false
    },
    "software": "mriqc",
    "version": "23.0.1",
    "webapi_port": null,
    "webapi_url": "https://mriqc.nimh.nih.gov/api/v1"
  },
  "size_t": 329,
  "size_x": 64,
  "size_y": 64,
  "size_z": 40,
  "snr": 5.464728078333525,
  "spacing_tr": 2.0,
  "spacing_x": 3.5,
  "spacing_y": 3.5,
  "spacing_z": 3.0001378059387207,
  "summary_bg_k": 31.858480691901185,
  "summary_bg_mad": 37.90775095976269,
  "summary_bg_mean": 170.95599365234375,
  "summary_bg_median": 26.161094665527344,
  "summary_bg_n": 102026.0,
  "summary_bg_p05": 0.07294832915067673,
  "summary_bg_p95": 928.249267578125,
  "summary_bg_stdv": 418.26104736328125,
  "summary_fg_k": 0.18061464812868877,
  "summary_fg_mad": 860.3646367310225,
  "summary_fg_mean": 4809.0888671875,
  "summary_fg_median": 4860.8388671875,
  "summary_fg_n": 29055.0,
  "summary_fg_p05": 3280.4377685546874,
  "summary_fg_p95": 6184.053515625,
  "summary_fg_stdv": 889.4779663085938,
  "tsnr": 74.15077519859187
}