{
  "aor": 0.0011650759878419452,
  "aqi": 0.004081310972644378,
  "bids_meta": {
    "AcquisitionMatrixPE": 64,
    "AcquisitionNumber": 1,
    "AcquisitionTime": "09:37:56.767500",
    "BandwidthPerPixelPhaseEncode": 31.888,
    "BaseResolution": 64,
    "BodyPartExamined": "BRAIN",
    "ConsistencyInfo": "N4_VD13D_LATEST_20130810",
    "ConversionSoftware": "dcm2niix",
    "ConversionSoftwareVersion": "v1.0.20181125  GCC5.4.0",
    "DerivedVendorReportedEchoSpacing": 0.000489996,
    "DeviceSerialNumber": "66020",
    "DwellTime": 3.3e-06,
    "EchoTime": 0.024,
    "EchoTrainLength": 64,
    "EffectiveEchoSpacing": 0.000489996,
    "FlipAngle": 87,
    "ImageOrientationPatientDICOM": [
      0.997783,
      -0.0129101,
      0.0652808,
      0.0296136,
      0.964653,
      -0.261856
    ],
    "ImageType": [
      "ORIGINAL",
      "PRIMARY",
      "M",
      "ND",
      "NORM",
      "MOSAIC"
    ],
    "ImagingFrequency": 123.262,
    "InPlanePhaseEncodingDirectionDICOM": "COL",
    "InstitutionAddress": "Fanglan_Rd._49_Taipei_Da_An_TW_10672",
    "InstitutionName": "NTU_NCSC",
    "InstitutionalDepartmentName": "Department",
    "MRAcquisitionType": "2D",
    "MagneticFieldStrength": 3,
    "Manufacturer": "Siemens",
    "ManufacturersModelName": "Prisma",
    "PartialFourier": 1,
    "PatientPosition": "HFS",
    "PercentPhaseFOV": 100,
    "PhaseEncodingDirection": "j-",
    "PhaseEncodingSteps": 64,
    "PhaseResolution": 1,
    "PixelBandwidth": 2365,
    "ProcedureStepDescription": "NTU_Brain",
    "ProtocolName": "ep2d_bold_64x64_3mm_iso_330TR",
    "PulseSequenceDetails": "%SiemensSeq%_ep2d_bold",
    "ReceiveCoilActiveElements": "HE1-4",
    "ReceiveCoilName": "HeadNeck_20",
    "ReconMatrixPE": 64,
    "RepetitionTime": 2,
    "SAR": 0.0988751,
    "ScanOptions": "FS",
    "ScanningSequence": "EP",
    "SequenceName": "_epfid2d1_64",
    "SequenceVariant": "SK",
    "SeriesDescription": "ep2d_bold_64x64_3mm_iso_330TR",
    "SeriesNumber": 4,
    "ShimSetting": [
      -3001,
      -3761,
      -5654,
      286,
      -78,
      -66,
      -243,
      -36
    ],
    "SliceThickness": 3,
    "SliceTiming": [
      0.99,
      0,
      1.045,
      0.055,
      1.1,
      0.11,
      1.155,
      0.165,
      1.21,
      0.22,
      1.265,
      0.275,
      1.32,
      0.33,
      1.375,
      0.385,
      1.43,
      0.44,
      1.485,
      0.495,
      1.54,
      0.55,
      1.595,
      0.605,
      1.65,
      0.66,
      1.705,
      0.715,
      1.76,
      0.77,
      1.815,
      0.825,
      1.87,
      0.88,
      1.925,
      0.935
    ],
    "SoftwareVersions": "syngo_MR_D13D",
    "SpacingBetweenSlices": 3,
    "StationName": "AWP66020",
    "TaskName": "OTCG",
    "TotalReadoutTime": 0.0308698,
    "TxRefAmp": 242.295,
    "VendorReportedEchoSpacing": 0.00049,
    "dataset": "ds004103",
    "modality": "bold",
    "run_id": 2,
    "subject_id": "s40B",
    "task_id": "OTCG"
  },
  "dummy_trs": 1,
  "dvars_nstd": 15.905923817225604,
  "dvars_std": 1.204231573841463,
  "dvars_vstd": 1.018348178384147,
  "efc": 0.62480152308514,
  "fber": 834.61572265625,
  "fd_mean": 0.0506227682287537,
  "fd_num": 1,
  "fd_perc": 0.303951367781155,
  "fwhm_avg": 1.6946033333333335,
  "fwhm_x": 1.6042033333333334,
  "fwhm_y": 1.7400266666666668,
  "fwhm_z": 1.7395800000000001,
  "gcor": 0.0157166,
  "gsr_x": -0.008368692360818386,
  "gsr_y": 0.045994099229574203,
  "provenance": {
    "md5sum": "1b0e38355efa6e8286577be228906857",
    "settings": {
      "fd_thres": 0.2,
      "testing": false
    },
    "software": "mriqc",
    "version": "23.0.1",
    "webapi_port": null,
    "webapi_url": "https://mriqc.nimh.nih.gov/api/v1"
  },
  "size_t": 329,
  "size_x": 64,
  "size_y": 64,
  "size_z": 36,
  "snr": 7.840764536130281,
  "spacing_tr": 2.0,
  "spacing_x": 3.0,
  "spacing_y": 3.0,
  "spacing_z": 3.0,
  "summary_bg_k": 20.60600110999067,
  "summary_bg_mad": 20.535619226207924,
  "summary_bg_mean": 65.4140853881836,
  "summary_bg_median": 31.276596069335938,
  "summary_bg_n": 73059.0,
  "summary_bg_p05": 14.088146209716797,
  "summary_bg_p95": 229.10820770263655,
  "summary_bg_stdv": 89.78626251220703,
  "summary_fg_k": 2.793099324041985,
  "summary_fg_mad": 112.65523638276804,
  "summary_fg_mean": 929.947998046875,
  "summary_fg_median": 924.7978515625,
  "summary_fg_n": 40764.0,
  "summary_fg_p05": 764.3854187011718,
  "summary_fg_p95": 1117.8020324707031,
  "summary_fg_stdv": 117.94596099853516,
  "tsnr": 106.0486028525047
}