{
  "bids_meta": {
    "AcquisitionMatrixPE": 256,
    "AcquisitionNumber": 1,
    "AcquisitionTime": "11:55:37.685000",
    "BaseResolution": 256,
    "BodyPartExamined": "BRAIN",
    "ConsistencyInfo": "N4_VD13D_LATEST_20130810",
    "ConversionSoftware": "dcm2niix",
    "ConversionSoftwareVersion": "v1.0.20181125  GCC5.4.0",
    "DeviceSerialNumber": "66020",
    "DwellTime": 9.8e-06,
    "EchoTime": 0.0023,
    "FlipAngle": 8,
    "ImageOrientationPatientDICOM": [
      0.0418997,
      0.999122,
      -2.33512e-08,
      0.0192297,
      -0.000806451,
      -0.999815
    ],
    "ImageType": [
      "ORIGINAL",
      "PRIMARY",
      "M",
      "ND",
      "NORM"
    ],
    "ImagingFrequency": 123.262,
    "InPlanePhaseEncodingDirectionDICOM": "ROW",
    "InstitutionAddress": "Fanglan_Rd._49_Taipei_Da_An_TW_10672",
    "InstitutionName": "NTU_NCSC",
    "InstitutionalDepartmentName": "Department",
    "InversionTime": 0.9,
    "MRAcquisitionType": "3D",
    "MagneticFieldStrength": 3,
    "Manufacturer": "Siemens",
    "ManufacturersModelName": "Prisma",
    "Modality": "MR",
    "PartialFourier": 1,
    "PatientPosition": "HFS",
    "PercentPhaseFOV": 100,
    "PhaseEncodingSteps": 255,
    "PhaseResolution": 1,
    "PixelBandwidth": 200,
    "ProcedureStepDescription": "NTU_Brain",
    "ProtocolName": "t1_mprage_sag_p2_iso",
    "PulseSequenceDetails": "%SiemensSeq%_tfl",
    "ReceiveCoilActiveElements": "HE1-4",
    "ReceiveCoilName": "HeadNeck_20",
    "ReconMatrixPE": 256,
    "RepetitionTime": 2,
    "SAR": 0.071421,
    "ScanOptions": "IR",
    "ScanningSequence": "GR_IR",
    "SequenceName": "_tfl3d1_16ns",
    "SequenceVariant": "SK_SP_MP",
    "SeriesDescription": "t1_mprage_sag_p2_iso",
    "SeriesNumber": 2,
    "ShimSetting": [
      -3014,
      -3755,
      -5732,
      89,
      -93,
      18,
      -54,
      32
    ],
    "SliceThickness": 0.94,
    "SoftwareVersions": "syngo_MR_D13D",
    "StationName": "AWP66020",
    "TxRefAmp": 282.888,
    "dataset": "ds004103",
    "modality": "T1w",
    "subject_id": "s21B"
  },
  "cjv": 0.36394700277181596,
  "cnr": 3.80201645272887,
  "efc": 0.5948697995763429,
  "fber": 17327.491151147962,
  "fwhm_avg": 4.215621365322343,
  "fwhm_x": 4.28196809596703,
  "fwhm_y": 4.085344,
  "fwhm_z": 4.279552,
  "icvs_csf": 0.20239855059200895,
  "icvs_gm": 0.4366846387399858,
  "icvs_wm": 0.3609168106680053,
  "inu_med": 0.5363810658454895,
  "inu_range": 0.24386751651763916,
  "provenance": {
    "md5sum": "f0b81f0b2876beefd7e0a953bb960e77",
    "settings": {
      "testing": false
    },
    "software": "mriqc",
    "version": "23.0.1",
    "warnings": {
      "large_rot_frame": true,
      "small_air_mask": false
    },
    "webapi_port": null,
    "webapi_url": "https://mriqc.nimh.nih.gov/api/v1"
  },
  "qi_1": 0.0,
  "qi_2": 0.01416561317679854,
  "rpve_csf": 20.675216988007687,
  "rpve_gm": 10.262717133416121,
  "rpve_wm": 14.087115884343682,
  "size_x": 192,
  "size_y": 256,
  "size_z": 256,
  "snr_csf": 2.6122959804857464,
  "snr_gm": 12.96144011083293,
  "snr_total": 13.012293679907664,
  "snr_wm": 23.463144948404317,
  "snrd_csf": 28.14956071274442,
  "snrd_gm": 71.52895980898464,
  "snrd_total": 65.8781371331861,
  "snrd_wm": 97.95589087782923,
  "spacing_x": 0.9399999976158142,
  "spacing_y": 0.9375,
  "spacing_z": 0.9375,
  "summary_bg_k": 10.71675452088782,
  "summary_bg_mad": 0.0,
  "summary_bg_mean": 3.8401873743407346,
  "summary_bg_median": 0.0,
  "summary_bg_n": 2974368.0,
  "summary_bg_p05": 0.0,
  "summary_bg_p95": 17.179160945117474,
  "summary_bg_stdv": 6.68807539636652,
  "summary_csf_k": 19.368061409719026,
  "summary_csf_mad": 84.92465863821464,
  "summary_csf_mean": 299.72236086581626,
  "summary_csf_median": 287.3697514310479,
  "summary_csf_n": 61548.0,
  "summary_csf_p05": 154.0711524585262,
  "summary_csf_p95": 487.4713982976973,
  "summary_csf_stdv": 110.00568811913507,
  "summary_gm_k": -0.062086685862320135,
  "summary_gm_mad": 56.89273937165222,
  "summary_gm_mean": 729.5038238216335,
  "summary_gm_median": 730.2159920074046,
  "summary_gm_n": 56426.0,
  "summary_gm_p05": 636.3023984087631,
  "summary_gm_p95": 820.6353036090732,
  "summary_gm_stdv": 56.33706711380749,
  "summary_wm_k": 0.3130368704454347,
  "summary_wm_mad": 41.29433268300055,
  "summary_wm_mean": 1000.6482615204453,
  "summary_wm_median": 999.9999751336873,
  "summary_wm_n": 295483.0,
  "summary_wm_p05": 931.944068312645,
  "summary_wm_p95": 1071.6645222716033,
  "summary_wm_stdv": 42.61995931008302,
  "tpm_overlap_csf": 0.16797000301451923,
  "tpm_overlap_gm": 0.4697197868059096,
  "tpm_overlap_wm": 0.51392516865764,
  "wm2max": 0.3826034536403236
}