{
  "aor": 0.0017958662613981765,
  "aqi": 0.0134475805775076,
  "bids_meta": {
    "AcquisitionMatrixPE": 64,
    "AcquisitionNumber": 1,
    "AcquisitionTime": "10:16:49.640000",
    "BandwidthPerPixelPhaseEncode": 31.888,
    "BaseResolution": 64,
    "BodyPartExamined": "BRAIN",
    "ConsistencyInfo": "N4_VD13D_LATEST_20130810",
    "ConversionSoftware": "dcm2niix",
    "ConversionSoftwareVersion": "v1.0.20181125  GCC5.4.0",
    "DerivedVendorReportedEchoSpacing": 0.000489996,
    "DeviceSerialNumber": "66020",
    "DwellTime": 3.3e-06,
    "EchoTime": 0.024,
    "EchoTrainLength": 64,
    "EffectiveEchoSpacing": 0.000489996,
    "FlipAngle": 87,
    "ImageOrientationPatientDICOM": [
      0.988808,
      0.0636011,
      0.134955,
      -0.024166,
      0.960913,
      -0.275793
    ],
    "ImageType": [
      "ORIGINAL",
      "PRIMARY",
      "M",
      "ND",
      "NORM",
      "MOSAIC"
    ],
    "ImagingFrequency": 123.262,
    "InPlanePhaseEncodingDirectionDICOM": "COL",
    "InstitutionAddress": "Fanglan_Rd._49_Taipei_Da_An_TW_10672",
    "InstitutionName": "NTU_NCSC",
    "InstitutionalDepartmentName": "Department",
    "MRAcquisitionType": "2D",
    "MagneticFieldStrength": 3,
    "Manufacturer": "Siemens",
    "ManufacturersModelName": "Prisma",
    "PartialFourier": 1,
    "PatientPosition": "HFS",
    "PercentPhaseFOV": 100,
    "PhaseEncodingDirection": "j-",
    "PhaseEncodingSteps": 64,
    "PhaseResolution": 1,
    "PixelBandwidth": 2365,
    "ProcedureStepDescription": "NTU_Brain",
    "ProtocolName": "ep2d_bold_64x64_3mm_iso_330TR",
    "PulseSequenceDetails": "%SiemensSeq%_ep2d_bold",
    "ReceiveCoilActiveElements": "HE1-4",
    "ReceiveCoilName": "HeadNeck_20",
    "ReconMatrixPE": 64,
    "RepetitionTime": 2,
    "SAR": 0.0899819,
    "ScanOptions": "FS",
    "ScanningSequence": "EP",
    "SequenceName": "_epfid2d1_64",
    "SequenceVariant": "SK",
    "SeriesDescription": "ep2d_bold_64x64_3mm_iso_330TR",
    "SeriesNumber": 10,
    "ShimSetting": [
      -2967,
      -3757,
      -5536,
      316,
      -99,
      -16,
      -202,
      -37
    ],
    "SliceThickness": 3,
    "SliceTiming": [
      0.99,
      0,
      1.045,
      0.055,
      1.1,
      0.11,
      1.155,
      0.165,
      1.21,
      0.22,
      1.265,
      0.275,
      1.32,
      0.33,
      1.375,
      0.385,
      1.43,
      0.44,
      1.485,
      0.495,
      1.54,
      0.55,
      1.595,
      0.605,
      1.65,
      0.66,
      1.705,
      0.715,
      1.76,
      0.77,
      1.815,
      0.825,
      1.87,
      0.88,
      1.925,
      0.935
    ],
    "SoftwareVersions": "syngo_MR_D13D",
    "SpacingBetweenSlices": 3,
    "StationName": "AWP66020",
    "TaskName": "OTCG",
    "TotalReadoutTime": 0.0308698,
    "TxRefAmp": 235.018,
    "VendorReportedEchoSpacing": 0.00049,
    "dataset": "ds004103",
    "modality": "bold",
    "run_id": 1,
    "subject_id": "s31B",
    "task_id": "OTCG"
  },
  "dummy_trs": 1,
  "dvars_nstd": 21.186433553719503,
  "dvars_std": 1.2705250733841456,
  "dvars_vstd": 0.9864881521341462,
  "efc": 0.5997750566667922,
  "fber": 971.0975952148438,
  "fd_mean": 0.1552682919061748,
  "fd_num": 59,
  "fd_perc": 17.933130699088146,
  "fwhm_avg": 1.7010033333333334,
  "fwhm_x": 1.6261866666666667,
  "fwhm_y": 1.7518133333333334,
  "fwhm_z": 1.72501,
  "gcor": 0.0348938,
  "gsr_x": 0.0012020280119031668,
  "gsr_y": 0.02584739588201046,
  "provenance": {
    "md5sum": "cfeaf3a2b58fca40cf1f9aabe4f98563",
    "settings": {
      "fd_thres": 0.2,
      "testing": false
    },
    "software": "mriqc",
    "version": "23.0.1",
    "webapi_port": null,
    "webapi_url": "https://mriqc.nimh.nih.gov/api/v1"
  },
  "size_t": 329,
  "size_x": 64,
  "size_y": 64,
  "size_z": 36,
  "snr": 7.948232439296824,
  "spacing_tr": 2.0,
  "spacing_x": 3.0,
  "spacing_y": 3.0,
  "spacing_z": 3.0,
  "summary_bg_k": 29.61235769698112,
  "summary_bg_mad": 20.2922723418404,
  "summary_bg_mean": 66.50289916992188,
  "summary_bg_median": 32.11246109008789,
  "summary_bg_n": 77210.0,
  "summary_bg_p05": 13.667021369934083,
  "summary_bg_p95": 247.21018218994152,
  "summary_bg_stdv": 98.55319213867188,
  "summary_fg_k": 1.778820388230832,
  "summary_fg_mad": 124.65577201566227,
  "summary_fg_mean": 1024.81396484375,
  "summary_fg_median": 1021.1124877929688,
  "summary_fg_n": 36862.0,
  "summary_fg_p05": 834.8668792724609,
  "summary_fg_p95": 1227.7050476074219,
  "summary_fg_stdv": 128.46864318847656,
  "tsnr": 69.7290336182341
}