{
  "aor": 0.007489393939393939,
  "aqi": 0.010887931848484848,
  "bids_meta": {
    "AcquisitionMatrixPE": 64,
    "AcquisitionNumber": 1,
    "AcquisitionTime": "11:23:49.840000",
    "BandwidthPerPixelPhaseEncode": 31.888,
    "BaseResolution": 64,
    "BodyPartExamined": "BRAIN",
    "ConsistencyInfo": "N4_VD13D_LATEST_20130810",
    "ConversionSoftware": "dcm2niix",
    "ConversionSoftwareVersion": "v1.0.20181125  GCC5.4.0",
    "DerivedVendorReportedEchoSpacing": 0.000489996,
    "DeviceSerialNumber": "66020",
    "DwellTime": 3.3e-06,
    "EchoTime": 0.024,
    "EchoTrainLength": 64,
    "EffectiveEchoSpacing": 0.000489996,
    "FlipAngle": 87,
    "ImageOrientationPatientDICOM": [
      0.999761,
      0.009456,
      0.019725,
      -0.00523475,
      0.978961,
      -0.203983
    ],
    "ImageType": [
      "ORIGINAL",
      "PRIMARY",
      "M",
      "ND",
      "NORM",
      "MOSAIC"
    ],
    "ImagingFrequency": 123.262,
    "InPlanePhaseEncodingDirectionDICOM": "COL",
    "InstitutionAddress": "Fanglan_Rd._49_Taipei_Da_An_TW_10672",
    "InstitutionName": "NTU_NCSC",
    "InstitutionalDepartmentName": "Department",
    "MRAcquisitionType": "2D",
    "MagneticFieldStrength": 3,
    "Manufacturer": "Siemens",
    "ManufacturersModelName": "Prisma",
    "PartialFourier": 1,
    "PatientPosition": "HFS",
    "PercentPhaseFOV": 100,
    "PhaseEncodingDirection": "j-",
    "PhaseEncodingSteps": 64,
    "PhaseResolution": 1,
    "PixelBandwidth": 2365,
    "ProcedureStepDescription": "NTU_Brain",
    "ProtocolName": "ep2d_bold_64x64_3mm_iso_330TR",
    "PulseSequenceDetails": "%SiemensSeq%_ep2d_bold",
    "ReceiveCoilActiveElements": "HE1-4",
    "ReceiveCoilName": "HeadNeck_20",
    "ReconMatrixPE": 64,
    "RepetitionTime": 2,
    "SAR": 0.0914276,
    "ScanOptions": "FS",
    "ScanningSequence": "EP",
    "SequenceName": "_epfid2d1_64",
    "SequenceVariant": "SK",
    "SeriesDescription": "ep2d_bold_64x64_3mm_iso_330TR",
    "SeriesNumber": 7,
    "ShimSetting": [
      -3006,
      -3797,
      -5515,
      425,
      -62,
      9,
      -53,
      42
    ],
    "SliceThickness": 3,
    "SliceTiming": [
      0.99,
      0,
      1.045,
      0.055,
      1.1,
      0.11,
      1.155,
      0.165,
      1.21,
      0.22,
      1.265,
      0.275,
      1.32,
      0.33,
      1.375,
      0.385,
      1.43,
      0.44,
      1.485,
      0.495,
      1.54,
      0.55,
      1.595,
      0.605,
      1.65,
      0.66,
      1.705,
      0.715,
      1.76,
      0.77,
      1.815,
      0.825,
      1.87,
      0.88,
      1.925,
      0.935
    ],
    "SoftwareVersions": "syngo_MR_D13D",
    "SpacingBetweenSlices": 3,
    "StationName": "AWP66020",
    "TaskName": "OTCG",
    "TotalReadoutTime": 0.0308698,
    "TxRefAmp": 252.207,
    "VendorReportedEchoSpacing": 0.00049,
    "dataset": "ds004103",
    "modality": "bold",
    "run_id": 4,
    "subject_id": "s20B",
    "task_id": "OTCG"
  },
  "dummy_trs": 0,
  "dvars_nstd": 22.690066369544056,
  "dvars_std": 1.295717435258359,
  "dvars_vstd": 1.0606750758966568,
  "efc": 0.660478660163894,
  "fber": 702.3682250976562,
  "fd_mean": 0.16262704033285966,
  "fd_num": 60,
  "fd_perc": 18.181818181818183,
  "fwhm_avg": 1.7061655555555557,
  "fwhm_x": 1.5862866666666668,
  "fwhm_y": 1.82087,
  "fwhm_z": 1.7113399999999999,
  "gcor": 0.031659,
  "gsr_x": -0.010263662785291672,
  "gsr_y": 0.059853971004486084,
  "provenance": {
    "md5sum": "505bc14f009818c29f09daa10dcaa406",
    "settings": {
      "fd_thres": 0.2,
      "testing": false
    },
    "software": "mriqc",
    "version": "23.0.1",
    "webapi_port": null,
    "webapi_url": "https://mriqc.nimh.nih.gov/api/v1"
  },
  "size_t": 330,
  "size_x": 64,
  "size_y": 64,
  "size_z": 36,
  "snr": 7.830038961930056,
  "spacing_tr": 2.0,
  "spacing_x": 3.0,
  "spacing_y": 3.0,
  "spacing_z": 3.0,
  "summary_bg_k": 13.193610670601227,
  "summary_bg_mad": 18.873975189345877,
  "summary_bg_mean": 75.47640228271484,
  "summary_bg_median": 29.545454025268555,
  "summary_bg_n": 68727.0,
  "summary_bg_p05": 14.221211433410645,
  "summary_bg_p95": 293.923614501953,
  "summary_bg_stdv": 107.46517181396484,
  "summary_fg_k": 3.271078679791642,
  "summary_fg_mad": 95.72896662749682,
  "summary_fg_mean": 820.8649291992188,
  "summary_fg_median": 816.7196655273438,
  "summary_fg_n": 44476.0,
  "summary_fg_p05": 674.1272583007812,
  "summary_fg_p95": 986.3795318603516,
  "summary_fg_stdv": 104.30477905273438,
  "tsnr": 70.50628281198442
}