{
  "aor": 0.0028007033639143733,
  "aqi": 0.008891646727828747,
  "bids_meta": {
    "AcquisitionMatrixPE": 64,
    "AcquisitionNumber": 1,
    "AcquisitionTime": "10:50:37.825000",
    "BandwidthPerPixelPhaseEncode": 31.888,
    "BaseResolution": 64,
    "BodyPartExamined": "BRAIN",
    "ConsistencyInfo": "N4_VD13D_LATEST_20130810",
    "ConversionSoftware": "dcm2niix",
    "ConversionSoftwareVersion": "v1.0.20181125  GCC5.4.0",
    "DerivedVendorReportedEchoSpacing": 0.000489996,
    "DeviceSerialNumber": "66020",
    "DwellTime": 3.3e-06,
    "EchoTime": 0.024,
    "EchoTrainLength": 64,
    "EffectiveEchoSpacing": 0.000489996,
    "FlipAngle": 87,
    "ImageOrientationPatientDICOM": [
      0.999761,
      0.009456,
      0.019725,
      -0.00523475,
      0.978961,
      -0.203983
    ],
    "ImageType": [
      "ORIGINAL",
      "PRIMARY",
      "M",
      "ND",
      "NORM",
      "MOSAIC"
    ],
    "ImagingFrequency": 123.262,
    "InPlanePhaseEncodingDirectionDICOM": "COL",
    "InstitutionAddress": "Fanglan_Rd._49_Taipei_Da_An_TW_10672",
    "InstitutionName": "NTU_NCSC",
    "InstitutionalDepartmentName": "Department",
    "MRAcquisitionType": "2D",
    "MagneticFieldStrength": 3,
    "Manufacturer": "Siemens",
    "ManufacturersModelName": "Prisma",
    "PartialFourier": 1,
    "PatientPosition": "HFS",
    "PercentPhaseFOV": 100,
    "PhaseEncodingDirection": "j-",
    "PhaseEncodingSteps": 64,
    "PhaseResolution": 1,
    "PixelBandwidth": 2365,
    "ProcedureStepDescription": "NTU_Brain",
    "ProtocolName": "ep2d_bold_64x64_3mm_iso_330TR",
    "PulseSequenceDetails": "%SiemensSeq%_ep2d_bold",
    "ReceiveCoilActiveElements": "HE1-4",
    "ReceiveCoilName": "HeadNeck_20",
    "ReconMatrixPE": 64,
    "RepetitionTime": 2,
    "SAR": 0.0914276,
    "ScanOptions": "FS",
    "ScanningSequence": "EP",
    "SequenceName": "_epfid2d1_64",
    "SequenceVariant": "SK",
    "SeriesDescription": "ep2d_bold_64x64_3mm_iso_330TR",
    "SeriesNumber": 4,
    "ShimSetting": [
      -3006,
      -3797,
      -5515,
      425,
      -62,
      9,
      -53,
      42
    ],
    "SliceThickness": 3,
    "SliceTiming": [
      0.99,
      0,
      1.045,
      0.055,
      1.1,
      0.11,
      1.155,
      0.165,
      1.21,
      0.22,
      1.265,
      0.275,
      1.32,
      0.33,
      1.375,
      0.385,
      1.43,
      0.44,
      1.485,
      0.495,
      1.54,
      0.55,
      1.595,
      0.605,
      1.65,
      0.66,
      1.705,
      0.715,
      1.76,
      0.77,
      1.815,
      0.825,
      1.87,
      0.88,
      1.925,
      0.935
    ],
    "SoftwareVersions": "syngo_MR_D13D",
    "SpacingBetweenSlices": 3,
    "StationName": "AWP66020",
    "TaskName": "OTCG",
    "TotalReadoutTime": 0.0308698,
    "TxRefAmp": 252.207,
    "VendorReportedEchoSpacing": 0.00049,
    "dataset": "ds004103",
    "modality": "bold",
    "run_id": 2,
    "subject_id": "s20B",
    "task_id": "OTCG"
  },
  "dummy_trs": 3,
  "dvars_nstd": 20.87195999352761,
  "dvars_std": 1.2712514105828203,
  "dvars_vstd": 1.0269213603987732,
  "efc": 0.6584812888043586,
  "fber": 734.3031616210938,
  "fd_mean": 0.09697448277932429,
  "fd_num": 14,
  "fd_perc": 4.281345565749236,
  "fwhm_avg": 1.7040588888888888,
  "fwhm_x": 1.5856366666666668,
  "fwhm_y": 1.8114333333333335,
  "fwhm_z": 1.7151066666666666,
  "gcor": 0.0322207,
  "gsr_x": -0.010456276126205921,
  "gsr_y": 0.06004845350980759,
  "provenance": {
    "md5sum": "4817388d450f5bed84c0532b15820682",
    "settings": {
      "fd_thres": 0.2,
      "testing": false
    },
    "software": "mriqc",
    "version": "23.0.1",
    "webapi_port": null,
    "webapi_url": "https://mriqc.nimh.nih.gov/api/v1"
  },
  "size_t": 327,
  "size_x": 64,
  "size_y": 64,
  "size_z": 36,
  "snr": 7.868559525215598,
  "spacing_tr": 2.0,
  "spacing_x": 3.0,
  "spacing_y": 3.0,
  "spacing_z": 3.0,
  "summary_bg_k": 14.197891573005446,
  "summary_bg_mad": 18.063264764119374,
  "summary_bg_mean": 73.68922424316406,
  "summary_bg_median": 29.021408081054688,
  "summary_bg_n": 68799.0,
  "summary_bg_p05": 14.24770736694336,
  "summary_bg_p95": 286.8948089599609,
  "summary_bg_stdv": 106.09793090820312,
  "summary_fg_k": 3.081239822517931,
  "summary_fg_mad": 96.52103310812302,
  "summary_fg_mean": 822.5020751953125,
  "summary_fg_median": 818.481689453125,
  "summary_fg_n": 44376.0,
  "summary_fg_p05": 676.7729797363281,
  "summary_fg_p95": 988.0864105224609,
  "summary_fg_stdv": 104.01808166503906,
  "tsnr": 80.67269327305257
}