{
  "aor": 0.001311212121212121,
  "aqi": 0.006987615090909089,
  "bids_meta": {
    "AcquisitionMatrixPE": 64,
    "AcquisitionNumber": 1,
    "AcquisitionTime": "10:38:24.757500",
    "BandwidthPerPixelPhaseEncode": 31.888,
    "BaseResolution": 64,
    "BodyPartExamined": "BRAIN",
    "ConsistencyInfo": "N4_VD13D_LATEST_20130810",
    "ConversionSoftware": "dcm2niix",
    "ConversionSoftwareVersion": "v1.0.20181125  GCC5.4.0",
    "DerivedVendorReportedEchoSpacing": 0.000489996,
    "DeviceSerialNumber": "66020",
    "DwellTime": 3.3e-06,
    "EchoTime": 0.024,
    "EchoTrainLength": 64,
    "EffectiveEchoSpacing": 0.000489996,
    "FlipAngle": 87,
    "ImageOrientationPatientDICOM": [
      0.999761,
      0.009456,
      0.019725,
      -0.00523475,
      0.978961,
      -0.203983
    ],
    "ImageType": [
      "ORIGINAL",
      "PRIMARY",
      "M",
      "ND",
      "NORM",
      "MOSAIC"
    ],
    "ImagingFrequency": 123.262,
    "InPlanePhaseEncodingDirectionDICOM": "COL",
    "InstitutionAddress": "Fanglan_Rd._49_Taipei_Da_An_TW_10672",
    "InstitutionName": "NTU_NCSC",
    "InstitutionalDepartmentName": "Department",
    "MRAcquisitionType": "2D",
    "MagneticFieldStrength": 3,
    "Manufacturer": "Siemens",
    "ManufacturersModelName": "Prisma",
    "PartialFourier": 1,
    "PatientPosition": "HFS",
    "PercentPhaseFOV": 100,
    "PhaseEncodingDirection": "j-",
    "PhaseEncodingSteps": 64,
    "PhaseResolution": 1,
    "PixelBandwidth": 2365,
    "ProcedureStepDescription": "NTU_Brain",
    "ProtocolName": "ep2d_bold_64x64_3mm_iso_330TR",
    "PulseSequenceDetails": "%SiemensSeq%_ep2d_bold",
    "ReceiveCoilActiveElements": "HE1-4",
    "ReceiveCoilName": "HeadNeck_20",
    "ReconMatrixPE": 64,
    "RepetitionTime": 2,
    "SAR": 0.0914276,
    "ScanOptions": "FS",
    "ScanningSequence": "EP",
    "SequenceName": "_epfid2d1_64",
    "SequenceVariant": "SK",
    "SeriesDescription": "ep2d_bold_64x64_3mm_iso_330TR",
    "SeriesNumber": 3,
    "ShimSetting": [
      -3006,
      -3797,
      -5515,
      425,
      -62,
      9,
      -53,
      42
    ],
    "SliceThickness": 3,
    "SliceTiming": [
      0.99,
      0,
      1.045,
      0.055,
      1.1,
      0.11,
      1.155,
      0.165,
      1.21,
      0.22,
      1.265,
      0.275,
      1.32,
      0.33,
      1.375,
      0.385,
      1.43,
      0.44,
      1.485,
      0.495,
      1.54,
      0.55,
      1.595,
      0.605,
      1.65,
      0.66,
      1.705,
      0.715,
      1.76,
      0.77,
      1.815,
      0.825,
      1.87,
      0.88,
      1.925,
      0.935
    ],
    "SoftwareVersions": "syngo_MR_D13D",
    "SpacingBetweenSlices": 3,
    "StationName": "AWP66020",
    "TaskName": "OTCG",
    "TotalReadoutTime": 0.0308698,
    "TxRefAmp": 252.207,
    "VendorReportedEchoSpacing": 0.00049,
    "dataset": "ds004103",
    "modality": "bold",
    "run_id": 1,
    "subject_id": "s20B",
    "task_id": "OTCG"
  },
  "dummy_trs": 0,
  "dvars_nstd": 19.419971576382977,
  "dvars_std": 1.256024194255319,
  "dvars_vstd": 1.0232216787234036,
  "efc": 0.6571176016585442,
  "fber": 749.7765502929688,
  "fd_mean": 0.07334181829534833,
  "fd_num": 7,
  "fd_perc": 2.121212121212121,
  "fwhm_avg": 1.6918,
  "fwhm_x": 1.5696,
  "fwhm_y": 1.7957733333333332,
  "fwhm_z": 1.7100266666666668,
  "gcor": 0.0284464,
  "gsr_x": -0.010415545664727688,
  "gsr_y": 0.060536064207553864,
  "provenance": {
    "md5sum": "d21b7f842ccf49c4aaeedde5a46a436d",
    "settings": {
      "fd_thres": 0.2,
      "testing": false
    },
    "software": "mriqc",
    "version": "23.0.1",
    "webapi_port": null,
    "webapi_url": "https://mriqc.nimh.nih.gov/api/v1"
  },
  "size_t": 330,
  "size_x": 64,
  "size_y": 64,
  "size_z": 36,
  "snr": 7.87134296274076,
  "spacing_tr": 2.0,
  "spacing_x": 3.0,
  "spacing_y": 3.0,
  "spacing_z": 3.0,
  "summary_bg_k": 15.418752358278702,
  "summary_bg_mad": 18.213544628808332,
  "summary_bg_mean": 72.40843963623047,
  "summary_bg_median": 28.81515121459961,
  "summary_bg_n": 68817.0,
  "summary_bg_p05": 13.584242248535157,
  "summary_bg_p95": 281.6824279785156,
  "summary_bg_stdv": 105.04754638671875,
  "summary_fg_k": 3.200867849214605,
  "summary_fg_mad": 96.67016204221099,
  "summary_fg_mean": 823.522705078125,
  "summary_fg_median": 818.8226928710938,
  "summary_fg_n": 44348.0,
  "summary_fg_p05": 678.1013458251953,
  "summary_fg_p95": 989.8145385742188,
  "summary_fg_stdv": 104.02462005615234,
  "tsnr": 89.76453506294638
}