{
  "bids_meta": {
    "AcquisitionMatrixPE": 224,
    "AcquisitionNumber": 1,
    "AcquisitionTime": "10:58:16.000000",
    "BodyPartExamined": "HEAD",
    "CoilString": "8HRBRAIN",
    "ConversionSoftware": "dcm2niix",
    "ConversionSoftwareVersion": "v1.0.20181125  GCC5.4.0",
    "DeviceSerialNumber": "00000000GEMRGEMR",
    "EchoTime": 0.002944,
    "FlipAngle": 12,
    "ImageOrientationPatientDICOM": [
      0.0270695,
      0.981941,
      0.187241,
      0.0081565,
      0.187087,
      -0.982309
    ],
    "ImageType": [
      "ORIGINAL",
      "PRIMARY",
      "OTHER"
    ],
    "ImagingFrequency": 127.764,
    "InPlanePhaseEncodingDirectionDICOM": "ROW",
    "InstitutionName": "NCKU",
    "InversionTime": 0.45,
    "MRAcquisitionType": "3D",
    "MagneticFieldStrength": 3,
    "Manufacturer": "GE",
    "ManufacturersModelName": "DISCOVERY_MR750",
    "Modality": "MR",
    "PatientPosition": "HFS",
    "PercentPhaseFOV": 100,
    "PixelBandwidth": 244.141,
    "ProtocolName": "T1_SAG_FSPGR_BRAVO_ASSET",
    "ReconMatrixPE": 256,
    "RepetitionTime": 0.007716,
    "SAR": 0.229777,
    "ScanOptions": "FAST_GEMS_EDR_GEMS_ACC_GEMS",
    "ScanningSequence": "GR",
    "SequenceVariant": "SS_SK",
    "SeriesDescription": "T1_SAG_FSPGR_BRAVO_ASSET",
    "SeriesNumber": 3,
    "SliceThickness": 1,
    "SoftwareVersions": "27_LX_MR_Software_release:DV25.1_R02_1649.a",
    "SpacingBetweenSlices": 1,
    "StationName": "GEMRGEMR",
    "dataset": "ds004103",
    "modality": "T1w",
    "subject_id": "s18A"
  },
  "cjv": 0.39041533074538565,
  "cnr": 3.5115380664344014,
  "efc": 0.6539453905177642,
  "fber": 5661.838965421598,
  "fwhm_avg": 3.6350738095238095,
  "fwhm_x": 3.45545,
  "fwhm_y": 3.810377142857143,
  "fwhm_z": 3.639394285714286,
  "icvs_csf": 0.2061237574802343,
  "icvs_gm": 0.44293730491678723,
  "icvs_wm": 0.3509389376029785,
  "inu_med": 0.6395898163318634,
  "inu_range": 0.24131472408771515,
  "provenance": {
    "md5sum": "c8ca4c9ac4505e5ce6bc554ece680e68",
    "settings": {
      "testing": false
    },
    "software": "mriqc",
    "version": "23.0.1",
    "warnings": {
      "large_rot_frame": true,
      "small_air_mask": false
    },
    "webapi_port": null,
    "webapi_url": "https://mriqc.nimh.nih.gov/api/v1"
  },
  "qi_1": 0.0,
  "qi_2": 0.00028829425240003433,
  "rpve_csf": 15.60825879110449,
  "rpve_gm": 7.517980541402535,
  "rpve_wm": 10.404545586653878,
  "size_x": 166,
  "size_y": 256,
  "size_z": 256,
  "snr_csf": 2.0278868132407815,
  "snr_gm": 12.221476746505706,
  "snr_total": 10.867078281221637,
  "snr_wm": 18.351871283918427,
  "snrd_csf": 13.659091916407151,
  "snrd_gm": 35.233487984406885,
  "snrd_total": 32.71582127029974,
  "snrd_wm": 49.25488391008519,
  "spacing_x": 1.0,
  "spacing_y": 0.875,
  "spacing_z": 0.875,
  "summary_bg_k": 33.602999954724744,
  "summary_bg_mad": 0.0,
  "summary_bg_mean": 8.615002837489127,
  "summary_bg_median": 0.0,
  "summary_bg_n": 1948234.0,
  "summary_bg_p05": 0.0,
  "summary_bg_p95": 33.96898293867707,
  "summary_bg_stdv": 13.301566183578826,
  "summary_csf_k": 19.83909879563446,
  "summary_csf_mad": 97.39063480040927,
  "summary_csf_mean": 289.2759066995136,
  "summary_csf_median": 277.3274620883167,
  "summary_csf_n": 55455.0,
  "summary_csf_p05": 99.83132682405413,
  "summary_csf_p95": 504.95713079310934,
  "summary_csf_stdv": 136.75564128790498,
  "summary_gm_k": 0.10391907296649894,
  "summary_gm_mad": 58.1426257688606,
  "summary_gm_mean": 714.9651558194766,
  "summary_gm_median": 715.3633538037539,
  "summary_gm_n": 59899.0,
  "summary_gm_p05": 618.1417819447815,
  "summary_gm_p95": 810.4296522624791,
  "summary_gm_stdv": 58.532810494460186,
  "summary_wm_k": 0.3258553883399671,
  "summary_wm_mad": 53.002178568268384,
  "summary_wm_mean": 1001.6822975732474,
  "summary_wm_median": 1000.046857714653,
  "summary_wm_n": 293986.0,
  "summary_wm_p05": 915.6163649484515,
  "summary_wm_p95": 1093.9418119341135,
  "summary_wm_stdv": 54.49281663982584,
  "tpm_overlap_csf": 0.16328748760469886,
  "tpm_overlap_gm": 0.4650186558569653,
  "tpm_overlap_wm": 0.47507273355712837,
  "wm2max": 0.38304439898065396
}