{
  "bids_meta": {
    "AcquisitionMatrixPE": 224,
    "AcquisitionNumber": 1,
    "AcquisitionTime": "11:34:35.000000",
    "BodyPartExamined": "HEAD",
    "CoilString": "8HRBRAIN",
    "ConversionSoftware": "dcm2niix",
    "ConversionSoftwareVersion": "v1.0.20181125  GCC5.4.0",
    "DeviceSerialNumber": "00000000GEMRGEMR",
    "EchoTime": 0.002944,
    "FlipAngle": 12,
    "ImageOrientationPatientDICOM": [
      0.0338846,
      0.990049,
      0.136583,
      -0.0420037,
      0.137951,
      -0.989548
    ],
    "ImageType": [
      "ORIGINAL",
      "PRIMARY",
      "OTHER"
    ],
    "ImagingFrequency": 127.764,
    "InPlanePhaseEncodingDirectionDICOM": "ROW",
    "InstitutionName": "NCKU",
    "InversionTime": 0.45,
    "MRAcquisitionType": "3D",
    "MagneticFieldStrength": 3,
    "Manufacturer": "GE",
    "ManufacturersModelName": "DISCOVERY_MR750",
    "Modality": "MR",
    "PatientPosition": "HFS",
    "PercentPhaseFOV": 100,
    "PixelBandwidth": 244.141,
    "ProtocolName": "T1_SAG_FSPGR_BRAVO_ASSET",
    "ReconMatrixPE": 256,
    "RepetitionTime": 0.007708,
    "SAR": 0.21964,
    "ScanOptions": "FAST_GEMS_EDR_GEMS_ACC_GEMS",
    "ScanningSequence": "GR",
    "SequenceVariant": "SS_SK",
    "SeriesDescription": "T1_SAG_FSPGR_BRAVO_ASSET",
    "SeriesNumber": 11,
    "SliceThickness": 1,
    "SoftwareVersions": "27_LX_MR_Software_release:DV25.1_R02_1649.a",
    "SpacingBetweenSlices": 1,
    "StationName": "GEMRGEMR",
    "dataset": "ds004103",
    "modality": "T1w",
    "subject_id": "s26A"
  },
  "cjv": 0.3940637575224547,
  "cnr": 3.3153907801670406,
  "efc": 0.6347997560973023,
  "fber": 6226.446282571301,
  "fwhm_avg": 4.1089247619047615,
  "fwhm_x": 3.8961,
  "fwhm_y": 4.250582857142857,
  "fwhm_z": 4.180091428571428,
  "icvs_csf": 0.24753800988204816,
  "icvs_gm": 0.4094028587915201,
  "icvs_wm": 0.34305913132643173,
  "inu_med": 0.6545856595039368,
  "inu_range": 0.26487150192260733,
  "provenance": {
    "md5sum": "fea03e39c50af761cd45a58e9b8c3b73",
    "settings": {
      "testing": false
    },
    "software": "mriqc",
    "version": "23.0.1",
    "warnings": {
      "large_rot_frame": true,
      "small_air_mask": false
    },
    "webapi_port": null,
    "webapi_url": "https://mriqc.nimh.nih.gov/api/v1"
  },
  "qi_1": 0.0,
  "qi_2": 0.00025761329161950146,
  "rpve_csf": 13.272432625687305,
  "rpve_gm": 7.759602130257267,
  "rpve_wm": 10.506486423616778,
  "size_x": 166,
  "size_y": 256,
  "size_z": 256,
  "snr_csf": 2.31166295795157,
  "snr_gm": 10.478315258324544,
  "snr_total": 10.153474525964606,
  "snr_wm": 17.670445361617706,
  "snrd_csf": 15.640929030777555,
  "snrd_gm": 47.76351213471348,
  "snrd_total": 44.127065478135705,
  "snrd_wm": 68.9767552689161,
  "spacing_x": 1.0,
  "spacing_y": 0.875,
  "spacing_z": 0.875,
  "summary_bg_k": 1257.2910577239522,
  "summary_bg_mad": 9.498324898554719,
  "summary_bg_mean": 11.119755201357941,
  "summary_bg_median": 6.406522788107395,
  "summary_bg_n": 2249254.0,
  "summary_bg_p05": 0.0,
  "summary_bg_p95": 39.93676543235779,
  "summary_bg_stdv": 32.173321838039286,
  "summary_csf_k": 1.6191673864201537,
  "summary_csf_mad": 92.33111930608061,
  "summary_csf_mean": 232.93737210107452,
  "summary_csf_median": 226.76594622060657,
  "summary_csf_n": 119080.0,
  "summary_csf_p05": 85.82244488224387,
  "summary_csf_p95": 403.81893963739276,
  "summary_csf_stdv": 98.0960452217322,
  "summary_gm_k": 0.07989776751714972,
  "summary_gm_mad": 65.93317738022724,
  "summary_gm_mean": 691.7601019022966,
  "summary_gm_median": 692.4868722781539,
  "summary_gm_n": 51082.0,
  "summary_gm_p05": 582.7439689338207,
  "summary_gm_p95": 798.9391525540499,
  "summary_gm_stdv": 66.08696884798513,
  "summary_wm_k": 0.25249758605630657,
  "summary_wm_mad": 55.262981227954725,
  "summary_wm_mean": 1001.2646233152009,
  "summary_wm_median": 1000.0415669046342,
  "summary_wm_n": 320698.0,
  "summary_wm_p05": 911.0158606283367,
  "summary_wm_p95": 1096.1810095235705,
  "summary_wm_stdv": 56.59393338843638,
  "tpm_overlap_csf": 0.15270408744460637,
  "tpm_overlap_gm": 0.42889174210108927,
  "tpm_overlap_wm": 0.4644976427534862,
  "wm2max": 0.41437264061503454
}