{
  "bids_meta": {
    "AcquisitionMatrixPE": 256,
    "AcquisitionNumber": 1,
    "AcquisitionTime": "11:30:51.552500",
    "BaseResolution": 256,
    "BodyPartExamined": "BRAIN",
    "ConsistencyInfo": "N4_VD13D_LATEST_20130810",
    "ConversionSoftware": "dcm2niix",
    "ConversionSoftwareVersion": "v1.0.20181125  GCC5.4.0",
    "DeviceSerialNumber": "66020",
    "DwellTime": 9.8e-06,
    "EchoTime": 0.0023,
    "FlipAngle": 8,
    "ImageOrientationPatientDICOM": [
      0.00179397,
      0.999998,
      -7.22889e-09,
      0.0559209,
      -0.000100328,
      -0.998435
    ],
    "ImageType": [
      "ORIGINAL",
      "PRIMARY",
      "M",
      "ND",
      "NORM"
    ],
    "ImagingFrequency": 123.262,
    "InPlanePhaseEncodingDirectionDICOM": "ROW",
    "InstitutionAddress": "Fanglan_Rd._49_Taipei_Da_An_TW_10672",
    "InstitutionName": "NTU_NCSC",
    "InstitutionalDepartmentName": "Department",
    "InversionTime": 0.9,
    "MRAcquisitionType": "3D",
    "MagneticFieldStrength": 3,
    "Manufacturer": "Siemens",
    "ManufacturersModelName": "Prisma",
    "Modality": "MR",
    "PartialFourier": 1,
    "PatientPosition": "HFS",
    "PercentPhaseFOV": 100,
    "PhaseEncodingSteps": 255,
    "PhaseResolution": 1,
    "PixelBandwidth": 200,
    "ProcedureStepDescription": "NTU_Brain",
    "ProtocolName": "t1_mprage_sag_p2_iso",
    "PulseSequenceDetails": "%SiemensSeq%_tfl",
    "ReceiveCoilActiveElements": "HE1-4",
    "ReceiveCoilName": "HeadNeck_20",
    "ReconMatrixPE": 256,
    "RepetitionTime": 2,
    "SAR": 0.0681885,
    "ScanOptions": "IR",
    "ScanningSequence": "GR_IR",
    "SequenceName": "_tfl3d1_16ns",
    "SequenceVariant": "SK_SP_MP",
    "SeriesDescription": "t1_mprage_sag_p2_iso",
    "SeriesNumber": 2,
    "ShimSetting": [
      -3014,
      -3755,
      -5732,
      89,
      -93,
      18,
      -54,
      32
    ],
    "SliceThickness": 0.94,
    "SoftwareVersions": "syngo_MR_D13D",
    "StationName": "AWP66020",
    "TxRefAmp": 238.073,
    "dataset": "ds004103",
    "modality": "T1w",
    "subject_id": "s42B"
  },
  "cjv": 0.40123446991728906,
  "cnr": 3.406653068153426,
  "efc": 0.5660156727599377,
  "fber": 25370.010413674234,
  "fwhm_avg": 4.198608693926914,
  "fwhm_x": 4.281223415114077,
  "fwhm_y": 4.068512,
  "fwhm_z": 4.2460906666666665,
  "icvs_csf": 0.2242846737449734,
  "icvs_gm": 0.41869250626813986,
  "icvs_wm": 0.3570228199868868,
  "inu_med": 0.5079392790794373,
  "inu_range": 0.200898653268814,
  "provenance": {
    "md5sum": "7f9aff0f2cdd10ee1bd77b1e62dce79b",
    "settings": {
      "testing": false
    },
    "software": "mriqc",
    "version": "23.0.1",
    "warnings": {
      "large_rot_frame": true,
      "small_air_mask": false
    },
    "webapi_port": null,
    "webapi_url": "https://mriqc.nimh.nih.gov/api/v1"
  },
  "qi_1": 1.548743063196296e-05,
  "qi_2": 0.013508448962768182,
  "rpve_csf": 22.067207246049023,
  "rpve_gm": 12.07636951451678,
  "rpve_wm": 16.539793358617448,
  "size_x": 192,
  "size_y": 256,
  "size_z": 256,
  "snr_csf": 2.6997831887652413,
  "snr_gm": 11.61266520476051,
  "snr_total": 12.994901299155861,
  "snr_wm": 24.67225550394183,
  "snrd_csf": 27.824198782322117,
  "snrd_gm": 75.54636851728215,
  "snrd_total": 68.4206112208928,
  "snrd_wm": 101.8912663630741,
  "spacing_x": 0.9399999976158142,
  "spacing_y": 0.9375,
  "spacing_z": 0.9375,
  "summary_bg_k": 19.13475211680899,
  "summary_bg_mad": 0.0,
  "summary_bg_mean": 3.536683032256873,
  "summary_bg_median": 0.0,
  "summary_bg_n": 2804935.0,
  "summary_bg_p05": 0.0,
  "summary_bg_p95": 15.481783144176006,
  "summary_bg_stdv": 6.430007430136539,
  "summary_csf_k": 2.2702954284760404,
  "summary_csf_mad": 83.13443459797,
  "summary_csf_mean": 285.22167668349186,
  "summary_csf_median": 273.08787133172154,
  "summary_csf_n": 53159.0,
  "summary_csf_p05": 142.14356568865477,
  "summary_csf_p95": 478.1675813343375,
  "summary_csf_stdv": 101.1508271705515,
  "summary_gm_k": -0.03230188391557842,
  "summary_gm_mad": 63.94956507536154,
  "summary_gm_mean": 739.5145142022682,
  "summary_gm_median": 741.4695792905986,
  "summary_gm_n": 39399.0,
  "summary_gm_p05": 630.8980678845197,
  "summary_gm_p95": 841.4079555571079,
  "summary_gm_stdv": 63.84926770950746,
  "summary_wm_k": 0.2412451852554902,
  "summary_wm_mad": 39.797184694220526,
  "summary_wm_mean": 1000.8874422374851,
  "summary_wm_median": 1000.0384649373591,
  "summary_wm_n": 245142.0,
  "summary_wm_p05": 936.108713645488,
  "summary_wm_p95": 1068.6281559318304,
  "summary_wm_stdv": 40.53283353290824,
  "tpm_overlap_csf": 0.15984365923336538,
  "tpm_overlap_gm": 0.45669422236761953,
  "tpm_overlap_wm": 0.5101523416156053,
  "wm2max": 0.5122908775252525
}