{
  "aor": 0.0012411246200607904,
  "aqi": 0.00789862659574468,
  "bids_meta": {
    "AcquisitionMatrixPE": 64,
    "AcquisitionNumber": 1,
    "AcquisitionTime": "10:17:55.457500",
    "BandwidthPerPixelPhaseEncode": 31.888,
    "BaseResolution": 64,
    "BodyPartExamined": "BRAIN",
    "ConsistencyInfo": "N4_VD13D_LATEST_20130810",
    "ConversionSoftware": "dcm2niix",
    "ConversionSoftwareVersion": "v1.0.20181125  GCC5.4.0",
    "DerivedVendorReportedEchoSpacing": 0.000489996,
    "DeviceSerialNumber": "66020",
    "DwellTime": 3.3e-06,
    "EchoTime": 0.024,
    "EchoTrainLength": 64,
    "EffectiveEchoSpacing": 0.000489996,
    "FlipAngle": 87,
    "ImageOrientationPatientDICOM": [
      0.999038,
      -0.00290696,
      0.0437603,
      0.00871845,
      0.99105,
      -0.133206
    ],
    "ImageType": [
      "ORIGINAL",
      "PRIMARY",
      "M",
      "ND",
      "NORM",
      "MOSAIC"
    ],
    "ImagingFrequency": 123.262,
    "InPlanePhaseEncodingDirectionDICOM": "COL",
    "InstitutionAddress": "Fanglan_Rd._49_Taipei_Da_An_TW_10672",
    "InstitutionName": "NTU_NCSC",
    "InstitutionalDepartmentName": "Department",
    "MRAcquisitionType": "2D",
    "MagneticFieldStrength": 3,
    "Manufacturer": "Siemens",
    "ManufacturersModelName": "Prisma",
    "PartialFourier": 1,
    "PatientPosition": "HFS",
    "PercentPhaseFOV": 100,
    "PhaseEncodingDirection": "j-",
    "PhaseEncodingSteps": 64,
    "PhaseResolution": 1,
    "PixelBandwidth": 2365,
    "ProcedureStepDescription": "NTU_Brain",
    "ProtocolName": "ep2d_bold_64x64_3mm_iso_330TR",
    "PulseSequenceDetails": "%SiemensSeq%_ep2d_bold",
    "ReceiveCoilActiveElements": "HE1-4",
    "ReceiveCoilName": "HeadNeck_20",
    "ReconMatrixPE": 64,
    "RepetitionTime": 2,
    "SAR": 0.109613,
    "ScanOptions": "FS",
    "ScanningSequence": "EP",
    "SequenceName": "_epfid2d1_64",
    "SequenceVariant": "SK",
    "SeriesDescription": "ep2d_bold_64x64_3mm_iso_330TR",
    "SeriesNumber": 11,
    "ShimSetting": [
      -2999,
      -3809,
      -5529,
      261,
      -91,
      -77,
      -53,
      -6
    ],
    "SliceThickness": 3,
    "SliceTiming": [
      0.9875,
      0,
      1.0425,
      0.0525,
      1.0975,
      0.1075,
      1.1525,
      0.1625,
      1.2075,
      0.2175,
      1.2625,
      0.2725,
      1.3175,
      0.3275,
      1.3725,
      0.3825,
      1.4275,
      0.4375,
      1.4825,
      0.4925,
      1.5375,
      0.5475,
      1.5925,
      0.6025,
      1.6475,
      0.6575,
      1.7025,
      0.7125,
      1.7575,
      0.7675,
      1.8125,
      0.8225,
      1.8675,
      0.8775,
      1.9225,
      0.9325
    ],
    "SoftwareVersions": "syngo_MR_D13D",
    "SpacingBetweenSlices": 3,
    "StationName": "AWP66020",
    "TaskName": "OTCG",
    "TotalReadoutTime": 0.0308698,
    "TxRefAmp": 261.956,
    "VendorReportedEchoSpacing": 0.00049,
    "dataset": "ds004103",
    "modality": "bold",
    "run_id": 1,
    "subject_id": "s17B",
    "task_id": "OTCG"
  },
  "dummy_trs": 1,
  "dvars_nstd": 17.67648073826221,
  "dvars_std": 1.0819906287195116,
  "dvars_vstd": 0.998008475762195,
  "efc": 0.6361629115654198,
  "fber": 566.4020385742188,
  "fd_mean": 0.12549154216542494,
  "fd_num": 44,
  "fd_perc": 13.373860182370821,
  "fwhm_avg": 1.8244977777777776,
  "fwhm_x": 1.7554366666666665,
  "fwhm_y": 1.9234333333333333,
  "fwhm_z": 1.7946233333333332,
  "gcor": 0.0245154,
  "gsr_x": 0.0027060513384640217,
  "gsr_y": 0.04669593647122383,
  "provenance": {
    "md5sum": "d0874c998f68d12e0801fd402e286636",
    "settings": {
      "fd_thres": 0.2,
      "testing": false
    },
    "software": "mriqc",
    "version": "23.0.1",
    "webapi_port": null,
    "webapi_url": "https://mriqc.nimh.nih.gov/api/v1"
  },
  "size_t": 329,
  "size_x": 64,
  "size_y": 64,
  "size_z": 36,
  "snr": 7.226663419739546,
  "spacing_tr": 2.0,
  "spacing_x": 3.0,
  "spacing_y": 3.0,
  "spacing_z": 3.0,
  "summary_bg_k": 10.083310075057437,
  "summary_bg_mad": 23.775712267300268,
  "summary_bg_mean": 81.75680541992188,
  "summary_bg_median": 33.87234115600586,
  "summary_bg_n": 75209.0,
  "summary_bg_p05": 15.170212745666504,
  "summary_bg_p95": 319.30396728515586,
  "summary_bg_stdv": 109.35839080810547,
  "summary_fg_k": 2.108737647691563,
  "summary_fg_mad": 104.85917748805899,
  "summary_fg_mean": 840.3588256835938,
  "summary_fg_median": 836.7173461914062,
  "summary_fg_n": 38185.0,
  "summary_fg_p05": 664.160498046875,
  "summary_fg_p95": 1023.9234008789062,
  "summary_fg_stdv": 115.78045654296875,
  "tsnr": 72.08610431710258
}