{
  "aor": 0.0006834242424242424,
  "aqi": 0.017726814393939395,
  "bids_meta": {
    "AcquisitionMatrixPE": 64,
    "AcquisitionNumber": 1,
    "AcquisitionTime": "09:52:54.675000",
    "BandwidthPerPixelPhaseEncode": 31.888,
    "BaseResolution": 64,
    "BodyPartExamined": "BRAIN",
    "ConsistencyInfo": "N4_VD13D_LATEST_20130810",
    "ConversionSoftware": "dcm2niix",
    "ConversionSoftwareVersion": "v1.0.20181125  GCC5.4.0",
    "DerivedVendorReportedEchoSpacing": 0.000489996,
    "DeviceSerialNumber": "66020",
    "DwellTime": 3.3e-06,
    "EchoTime": 0.024,
    "EchoTrainLength": 64,
    "EffectiveEchoSpacing": 0.000489996,
    "FlipAngle": 87,
    "ImageOrientationPatientDICOM": [
      0.999038,
      -0.00290696,
      0.0437603,
      0.00871845,
      0.99105,
      -0.133206
    ],
    "ImageType": [
      "ORIGINAL",
      "PRIMARY",
      "M",
      "ND",
      "NORM",
      "MOSAIC"
    ],
    "ImagingFrequency": 123.262,
    "InPlanePhaseEncodingDirectionDICOM": "COL",
    "InstitutionAddress": "Fanglan_Rd._49_Taipei_Da_An_TW_10672",
    "InstitutionName": "NTU_NCSC",
    "InstitutionalDepartmentName": "Department",
    "MRAcquisitionType": "2D",
    "MagneticFieldStrength": 3,
    "Manufacturer": "Siemens",
    "ManufacturersModelName": "Prisma",
    "PartialFourier": 1,
    "PatientPosition": "HFS",
    "PercentPhaseFOV": 100,
    "PhaseEncodingDirection": "j-",
    "PhaseEncodingSteps": 64,
    "PhaseResolution": 1,
    "PixelBandwidth": 2365,
    "ProcedureStepDescription": "NTU_Brain",
    "ProtocolName": "ep2d_bold_64x64_3mm_iso_330TR",
    "PulseSequenceDetails": "%SiemensSeq%_ep2d_bold",
    "ReceiveCoilActiveElements": "HE1-4",
    "ReceiveCoilName": "HeadNeck_20",
    "ReconMatrixPE": 64,
    "RepetitionTime": 2,
    "SAR": 0.109613,
    "ScanOptions": "FS",
    "ScanningSequence": "EP",
    "SequenceName": "_epfid2d1_64",
    "SequenceVariant": "SK",
    "SeriesDescription": "ep2d_bold_64x64_3mm_iso_330TR",
    "SeriesNumber": 7,
    "ShimSetting": [
      -2999,
      -3809,
      -5529,
      261,
      -91,
      -77,
      -53,
      -6
    ],
    "SliceThickness": 3,
    "SliceTiming": [
      0.99,
      0,
      1.045,
      0.055,
      1.1,
      0.11,
      1.155,
      0.165,
      1.21,
      0.22,
      1.265,
      0.275,
      1.32,
      0.33,
      1.375,
      0.385,
      1.43,
      0.44,
      1.485,
      0.495,
      1.54,
      0.55,
      1.595,
      0.605,
      1.65,
      0.66,
      1.705,
      0.715,
      1.76,
      0.77,
      1.815,
      0.825,
      1.87,
      0.88,
      1.925,
      0.935
    ],
    "SoftwareVersions": "syngo_MR_D13D",
    "SpacingBetweenSlices": 3,
    "StationName": "AWP66020",
    "TaskName": "OTCG",
    "TotalReadoutTime": 0.0308698,
    "TxRefAmp": 261.956,
    "VendorReportedEchoSpacing": 0.00049,
    "dataset": "ds004103",
    "modality": "bold",
    "run_id": 4,
    "subject_id": "s17B",
    "task_id": "OTCG"
  },
  "dummy_trs": 0,
  "dvars_nstd": 17.11243436118542,
  "dvars_std": 0.9879169658966567,
  "dvars_vstd": 0.9295143619756846,
  "efc": 0.6369025837643053,
  "fber": 551.123046875,
  "fd_mean": 0.11022085092210186,
  "fd_num": 24,
  "fd_perc": 7.2727272727272725,
  "fwhm_avg": 1.8532022222222222,
  "fwhm_x": 1.7847266666666668,
  "fwhm_y": 1.95831,
  "fwhm_z": 1.8165699999999998,
  "gcor": 0.0116883,
  "gsr_x": 0.0007409616955555975,
  "gsr_y": 0.0490477979183197,
  "provenance": {
    "md5sum": "7179f95e352e238b79ff6c16d3f39af9",
    "settings": {
      "fd_thres": 0.2,
      "testing": false
    },
    "software": "mriqc",
    "version": "23.0.1",
    "webapi_port": null,
    "webapi_url": "https://mriqc.nimh.nih.gov/api/v1"
  },
  "size_t": 330,
  "size_x": 64,
  "size_y": 64,
  "size_z": 36,
  "snr": 7.260498157419969,
  "spacing_tr": 2.0,
  "spacing_x": 3.0,
  "spacing_y": 3.0,
  "spacing_z": 3.0,
  "summary_bg_k": 10.409942097130523,
  "summary_bg_mad": 24.97061859746949,
  "summary_bg_mean": 82.5775375366211,
  "summary_bg_median": 34.56969451904297,
  "summary_bg_n": 75149.0,
  "summary_bg_p05": 14.927271842956543,
  "summary_bg_p95": 319.8987670898429,
  "summary_bg_stdv": 110.69485473632812,
  "summary_fg_k": 2.0212840790981756,
  "summary_fg_mad": 105.14340927323514,
  "summary_fg_mean": 844.547607421875,
  "summary_fg_median": 840.7120971679688,
  "summary_fg_n": 38295.0,
  "summary_fg_p05": 669.3378662109375,
  "summary_fg_p95": 1029.2099487304686,
  "summary_fg_stdv": 115.79110717773438,
  "tsnr": 54.32418816618156
}