{
  "aor": 0.0016612727272727272,
  "aqi": 0.007338325424242424,
  "bids_meta": {
    "AcquisitionMatrixPE": 64,
    "AcquisitionNumber": 1,
    "AcquisitionTime": "10:42:26.735000",
    "BandwidthPerPixelPhaseEncode": 31.888,
    "BaseResolution": 64,
    "BodyPartExamined": "BRAIN",
    "ConsistencyInfo": "N4_VD13D_LATEST_20130810",
    "ConversionSoftware": "dcm2niix",
    "ConversionSoftwareVersion": "v1.0.20181125  GCC5.4.0",
    "DerivedVendorReportedEchoSpacing": 0.000489996,
    "DeviceSerialNumber": "66020",
    "DwellTime": 3.3e-06,
    "EchoTime": 0.024,
    "EchoTrainLength": 64,
    "EffectiveEchoSpacing": 0.000489996,
    "FlipAngle": 87,
    "ImageOrientationPatientDICOM": [
      0.999038,
      -0.00290696,
      0.0437603,
      0.00871845,
      0.99105,
      -0.133206
    ],
    "ImageType": [
      "ORIGINAL",
      "PRIMARY",
      "M",
      "ND",
      "NORM",
      "MOSAIC"
    ],
    "ImagingFrequency": 123.262,
    "InPlanePhaseEncodingDirectionDICOM": "COL",
    "InstitutionAddress": "Fanglan_Rd._49_Taipei_Da_An_TW_10672",
    "InstitutionName": "NTU_NCSC",
    "InstitutionalDepartmentName": "Department",
    "MRAcquisitionType": "2D",
    "MagneticFieldStrength": 3,
    "Manufacturer": "Siemens",
    "ManufacturersModelName": "Prisma",
    "PartialFourier": 1,
    "PatientPosition": "HFS",
    "PercentPhaseFOV": 100,
    "PhaseEncodingDirection": "j-",
    "PhaseEncodingSteps": 64,
    "PhaseResolution": 1,
    "PixelBandwidth": 2365,
    "ProcedureStepDescription": "NTU_Brain",
    "ProtocolName": "ep2d_bold_64x64_3mm_iso_330TR",
    "PulseSequenceDetails": "%SiemensSeq%_ep2d_bold",
    "ReceiveCoilActiveElements": "HE1-4",
    "ReceiveCoilName": "HeadNeck_20",
    "ReconMatrixPE": 64,
    "RepetitionTime": 2,
    "SAR": 0.109613,
    "ScanOptions": "FS",
    "ScanningSequence": "EP",
    "SequenceName": "_epfid2d1_64",
    "SequenceVariant": "SK",
    "SeriesDescription": "ep2d_bold_64x64_3mm_iso_330TR",
    "SeriesNumber": 13,
    "ShimSetting": [
      -2999,
      -3809,
      -5529,
      261,
      -91,
      -77,
      -53,
      -6
    ],
    "SliceThickness": 3,
    "SliceTiming": [
      0.99,
      0,
      1.045,
      0.055,
      1.1,
      0.11,
      1.155,
      0.165,
      1.21,
      0.22,
      1.265,
      0.275,
      1.32,
      0.33,
      1.375,
      0.385,
      1.43,
      0.44,
      1.485,
      0.495,
      1.54,
      0.55,
      1.595,
      0.605,
      1.65,
      0.66,
      1.705,
      0.715,
      1.76,
      0.77,
      1.815,
      0.825,
      1.87,
      0.88,
      1.925,
      0.935
    ],
    "SoftwareVersions": "syngo_MR_D13D",
    "SpacingBetweenSlices": 3,
    "StationName": "AWP66020",
    "TaskName": "OTCG",
    "TotalReadoutTime": 0.0308698,
    "TxRefAmp": 261.956,
    "VendorReportedEchoSpacing": 0.00049,
    "dataset": "ds004103",
    "modality": "bold",
    "run_id": 3,
    "subject_id": "s17B",
    "task_id": "OTCG"
  },
  "dummy_trs": 0,
  "dvars_nstd": 19.06311271960487,
  "dvars_std": 1.1343060609422486,
  "dvars_vstd": 1.018237065714285,
  "efc": 0.63702112576989,
  "fber": 556.0648803710938,
  "fd_mean": 0.13975130923558318,
  "fd_num": 63,
  "fd_perc": 19.09090909090909,
  "fwhm_avg": 1.8206866666666668,
  "fwhm_x": 1.7581,
  "fwhm_y": 1.91957,
  "fwhm_z": 1.7843900000000001,
  "gcor": 0.041517,
  "gsr_x": 0.0038198658730834723,
  "gsr_y": 0.04751551151275635,
  "provenance": {
    "md5sum": "f426bf240d28f4e7ea38bb4eb70ce16b",
    "settings": {
      "fd_thres": 0.2,
      "testing": false
    },
    "software": "mriqc",
    "version": "23.0.1",
    "webapi_port": null,
    "webapi_url": "https://mriqc.nimh.nih.gov/api/v1"
  },
  "size_t": 330,
  "size_x": 64,
  "size_y": 64,
  "size_z": 36,
  "snr": 7.200460200725059,
  "spacing_tr": 2.0,
  "spacing_x": 3.0,
  "spacing_y": 3.0,
  "spacing_z": 3.0,
  "summary_bg_k": 9.723635972346644,
  "summary_bg_mad": 24.013660806416468,
  "summary_bg_mean": 82.96459197998047,
  "summary_bg_median": 34.093936920166016,
  "summary_bg_n": 75308.0,
  "summary_bg_p05": 15.23939323425293,
  "summary_bg_p95": 324.91757049560454,
  "summary_bg_stdv": 110.9448471069336,
  "summary_fg_k": 2.235388903415222,
  "summary_fg_mad": 105.05807639408165,
  "summary_fg_mean": 839.828857421875,
  "summary_fg_median": 836.63330078125,
  "summary_fg_n": 38069.0,
  "summary_fg_p05": 664.3005737304687,
  "summary_fg_p95": 1023.4751220703125,
  "summary_fg_stdv": 116.19011688232422,
  "tsnr": 73.82256103074178
}