{
  "aor": 0.0009558662613981764,
  "aqi": 0.0024031649848024316,
  "bids_meta": {
    "AcquisitionMatrixPE": 64,
    "AcquisitionNumber": 1,
    "AcquisitionTime": "11:26:46.000000",
    "BodyPartExamined": "HEAD",
    "CoilString": "8HRBRAIN",
    "ConversionSoftware": "dcm2niix",
    "ConversionSoftwareVersion": "v1.0.20181125  GCC5.4.0",
    "DeviceSerialNumber": "00000000GEMRGEMR",
    "EchoTime": 0.033,
    "EffectiveEchoSpacing": 0.00042,
    "FlipAngle": 90,
    "ImageOrientationPatientDICOM": [
      0.999351,
      0.0315473,
      -0.0173639,
      -0.0316748,
      0.999473,
      -0.00711468
    ],
    "ImageType": [
      "ORIGINAL",
      "PRIMARY",
      "EPI",
      "NONE"
    ],
    "ImagingFrequency": 127.764,
    "InPlanePhaseEncodingDirectionDICOM": "COL",
    "InstitutionName": "NCKU",
    "MRAcquisitionType": "2D",
    "MagneticFieldStrength": 3,
    "Manufacturer": "GE",
    "ManufacturersModelName": "DISCOVERY_MR750",
    "PatientPosition": "HFS",
    "PercentPhaseFOV": 100,
    "PhaseEncodingDirection": "j",
    "PhaseEncodingPolarityGE": "Flipped",
    "PixelBandwidth": 7812.5,
    "ProtocolName": "hypervote_run_1",
    "ReconMatrixPE": 64,
    "RepetitionTime": 2,
    "SAR": 0.40883,
    "ScanOptions": "EPI_GEMS_ACC_GEMS",
    "ScanningSequence": "EP_GR",
    "SequenceVariant": "SS",
    "SeriesDescription": "hypervote_run_1",
    "SeriesNumber": 5,
    "SliceThickness": 3,
    "SliceTiming": [
      0,
      1,
      0.05,
      1.05,
      0.0999999,
      1.1,
      0.15,
      1.15,
      0.2,
      1.2,
      0.25,
      1.25,
      0.3,
      1.3,
      0.35,
      1.35,
      0.4,
      1.4,
      0.45,
      1.45,
      0.5,
      1.5,
      0.55,
      1.55,
      0.6,
      1.6,
      0.65,
      1.65,
      0.7,
      1.7,
      0.75,
      1.75,
      0.8,
      1.8,
      0.85,
      1.85,
      0.9,
      1.9,
      0.95,
      1.95
    ],
    "SoftwareVersions": "27_LX_MR_Software_release:DV25.1_R02_1649.a",
    "SpacingBetweenSlices": 3,
    "StationName": "GEMRGEMR",
    "TaskName": "OTCG",
    "TotalReadoutTime": 0.02646,
    "dataset": "ds004103",
    "modality": "bold",
    "run_id": 1,
    "subject_id": "s59A",
    "task_id": "OTCG"
  },
  "dummy_trs": 1,
  "dvars_nstd": 13.814394395609758,
  "dvars_std": 1.0945485311585372,
  "dvars_vstd": 0.9970225783231708,
  "efc": 0.43452182391547944,
  "fber": 64370.05078125,
  "fd_mean": 0.0665303497150939,
  "fd_num": 0,
  "fd_perc": 0.0,
  "fwhm_avg": 2.6452531746031744,
  "fwhm_x": 2.424174285714286,
  "fwhm_y": 2.7531885714285713,
  "fwhm_z": 2.7583966666666666,
  "gcor": 0.0330687,
  "gsr_x": -0.0042843143455684185,
  "gsr_y": 0.005226931534707546,
  "provenance": {
    "md5sum": "d94f9189c0290d98069c3c2d94b94ac0",
    "settings": {
      "fd_thres": 0.2,
      "testing": false
    },
    "software": "mriqc",
    "version": "23.0.1",
    "webapi_port": null,
    "webapi_url": "https://mriqc.nimh.nih.gov/api/v1"
  },
  "size_t": 329,
  "size_x": 64,
  "size_y": 64,
  "size_z": 40,
  "snr": 5.697882581101421,
  "spacing_tr": 2.0,
  "spacing_x": 3.5,
  "spacing_y": 3.5,
  "spacing_z": 3.0,
  "summary_bg_k": 61.849634141880244,
  "summary_bg_mad": 27.497989822230803,
  "summary_bg_mean": 84.97809600830078,
  "summary_bg_median": 19.17325210571289,
  "summary_bg_n": 105863.0,
  "summary_bg_p05": 0.030395137146115303,
  "summary_bg_p95": 346.2376922607419,
  "summary_bg_stdv": 224.47161865234375,
  "summary_fg_k": 0.6317446469368999,
  "summary_fg_mad": 731.3326363285714,
  "summary_fg_mean": 4502.52099609375,
  "summary_fg_median": 4541.1640625,
  "summary_fg_n": 25709.0,
  "summary_fg_p05": 3132.2376953125,
  "summary_fg_p95": 5756.22001953125,
  "summary_fg_stdv": 796.9760131835938,
  "tsnr": 95.81322281376924
}