{
  "aor": 0.00046474164133738594,
  "aqi": 0.0030039588449848028,
  "bids_meta": {
    "AcquisitionMatrixPE": 64,
    "AcquisitionNumber": 1,
    "AcquisitionTime": "12:02:14.000000",
    "BodyPartExamined": "HEAD",
    "CoilString": "8HRBRAIN",
    "ConversionSoftware": "dcm2niix",
    "ConversionSoftwareVersion": "v1.0.20181125  GCC5.4.0",
    "DeviceSerialNumber": "00000000GEMRGEMR",
    "EchoTime": 0.033,
    "EffectiveEchoSpacing": 0.00042,
    "FlipAngle": 90,
    "ImageOrientationPatientDICOM": [
      0.999351,
      0.0315475,
      -0.0173636,
      -0.031675,
      0.999473,
      -0.00711501
    ],
    "ImageType": [
      "ORIGINAL",
      "PRIMARY",
      "EPI",
      "NONE"
    ],
    "ImagingFrequency": 127.764,
    "InPlanePhaseEncodingDirectionDICOM": "COL",
    "InstitutionName": "NCKU",
    "MRAcquisitionType": "2D",
    "MagneticFieldStrength": 3,
    "Manufacturer": "GE",
    "ManufacturersModelName": "DISCOVERY_MR750",
    "PatientPosition": "HFS",
    "PercentPhaseFOV": 100,
    "PhaseEncodingDirection": "j",
    "PhaseEncodingPolarityGE": "Flipped",
    "PixelBandwidth": 7812.5,
    "ProtocolName": "hypervote_run_4",
    "ReconMatrixPE": 64,
    "RepetitionTime": 2,
    "SAR": 0.40883,
    "ScanOptions": "EPI_GEMS_ACC_GEMS",
    "ScanningSequence": "EP_GR",
    "SequenceVariant": "SS",
    "SeriesDescription": "hypervote_run_4",
    "SeriesNumber": 8,
    "SliceThickness": 3,
    "SliceTiming": [
      0,
      1,
      0.05,
      1.05,
      0.0999999,
      1.1,
      0.15,
      1.15,
      0.2,
      1.2,
      0.25,
      1.25,
      0.3,
      1.3,
      0.35,
      1.35,
      0.4,
      1.4,
      0.45,
      1.45,
      0.5,
      1.5,
      0.55,
      1.55,
      0.6,
      1.6,
      0.65,
      1.65,
      0.7,
      1.7,
      0.75,
      1.75,
      0.8,
      1.8,
      0.85,
      1.85,
      0.9,
      1.9,
      0.95,
      1.95
    ],
    "SoftwareVersions": "27_LX_MR_Software_release:DV25.1_R02_1649.a",
    "SpacingBetweenSlices": 3,
    "StationName": "GEMRGEMR",
    "TaskName": "OTCG",
    "TotalReadoutTime": 0.02646,
    "dataset": "ds004103",
    "modality": "bold",
    "run_id": 4,
    "subject_id": "s59A",
    "task_id": "OTCG"
  },
  "dummy_trs": 1,
  "dvars_nstd": 13.970941529085358,
  "dvars_std": 1.0734488721341473,
  "dvars_vstd": 0.9742654864329264,
  "efc": 0.43570320580544086,
  "fber": 59046.05078125,
  "fd_mean": 0.06916484393293909,
  "fd_num": 5,
  "fd_perc": 1.5197568389057752,
  "fwhm_avg": 2.645787142857143,
  "fwhm_x": 2.420102857142857,
  "fwhm_y": 2.7315685714285713,
  "fwhm_z": 2.78569,
  "gcor": 0.0290342,
  "gsr_x": -0.0035890338476747274,
  "gsr_y": 0.00507753249257803,
  "provenance": {
    "md5sum": "c20dfc0eb5f982f432ece094edf06789",
    "settings": {
      "fd_thres": 0.2,
      "testing": false
    },
    "software": "mriqc",
    "version": "23.0.1",
    "webapi_port": null,
    "webapi_url": "https://mriqc.nimh.nih.gov/api/v1"
  },
  "size_t": 329,
  "size_x": 64,
  "size_y": 64,
  "size_z": 40,
  "snr": 5.730433331475135,
  "spacing_tr": 2.0,
  "spacing_x": 3.5,
  "spacing_y": 3.5,
  "spacing_z": 3.0,
  "summary_bg_k": 62.349545939364035,
  "summary_bg_mad": 28.570511862108585,
  "summary_bg_mean": 87.14959716796875,
  "summary_bg_median": 19.930091857910156,
  "summary_bg_n": 105878.0,
  "summary_bg_p05": 0.03343465179204941,
  "summary_bg_p95": 358.70576629638657,
  "summary_bg_stdv": 227.1431427001953,
  "summary_fg_k": 0.6542462994274358,
  "summary_fg_mad": 724.082508780557,
  "summary_fg_mean": 4503.1845703125,
  "summary_fg_median": 4536.50439453125,
  "summary_fg_n": 25717.0,
  "summary_fg_p05": 3162.0978515625,
  "summary_fg_p95": 5749.729003906246,
  "summary_fg_stdv": 791.6358032226562,
  "tsnr": 90.99577266792767
}