{
  "aor": 0.0007770516717325226,
  "aqi": 0.002587533313069909,
  "bids_meta": {
    "AcquisitionMatrixPE": 64,
    "AcquisitionNumber": 1,
    "AcquisitionTime": "10:49:49.000000",
    "BodyPartExamined": "HEAD",
    "CoilString": "8HRBRAIN",
    "ConversionSoftware": "dcm2niix",
    "ConversionSoftwareVersion": "v1.0.20181125  GCC5.4.0",
    "DeviceSerialNumber": "00000000GEMRGEMR",
    "EchoTime": 0.033,
    "EffectiveEchoSpacing": 0.00042,
    "FlipAngle": 90,
    "ImageOrientationPatientDICOM": [
      0.999684,
      -0.0166782,
      -0.0188097,
      0.018227,
      0.996178,
      0.0854271
    ],
    "ImageType": [
      "ORIGINAL",
      "PRIMARY",
      "EPI",
      "NONE"
    ],
    "ImagingFrequency": 127.764,
    "InPlanePhaseEncodingDirectionDICOM": "COL",
    "InstitutionName": "NCKU",
    "MRAcquisitionType": "2D",
    "MagneticFieldStrength": 3,
    "Manufacturer": "GE",
    "ManufacturersModelName": "DISCOVERY_MR750",
    "PatientPosition": "HFS",
    "PercentPhaseFOV": 100,
    "PhaseEncodingDirection": "j",
    "PhaseEncodingPolarityGE": "Flipped",
    "PixelBandwidth": 7812.5,
    "ProtocolName": "hypervote_run_2",
    "ReconMatrixPE": 64,
    "RepetitionTime": 2,
    "SAR": 0.392126,
    "ScanOptions": "EPI_GEMS_ACC_GEMS",
    "ScanningSequence": "EP_GR",
    "SequenceVariant": "SS",
    "SeriesDescription": "hypervote_run_2",
    "SeriesNumber": 5,
    "SliceThickness": 3,
    "SliceTiming": [
      0,
      1,
      0.05,
      1.05,
      0.0999999,
      1.1,
      0.15,
      1.15,
      0.2,
      1.2,
      0.25,
      1.25,
      0.3,
      1.3,
      0.35,
      1.35,
      0.4,
      1.4,
      0.45,
      1.45,
      0.5,
      1.5,
      0.55,
      1.55,
      0.6,
      1.6,
      0.65,
      1.65,
      0.7,
      1.7,
      0.75,
      1.75,
      0.8,
      1.8,
      0.85,
      1.85,
      0.9,
      1.9,
      0.95,
      1.95
    ],
    "SoftwareVersions": "27_LX_MR_Software_release:DV25.1_R02_1649.a",
    "SpacingBetweenSlices": 3,
    "StationName": "GEMRGEMR",
    "TaskName": "OTCG",
    "TotalReadoutTime": 0.02646,
    "dataset": "ds004103",
    "modality": "bold",
    "run_id": 2,
    "subject_id": "s56A",
    "task_id": "OTCG"
  },
  "dummy_trs": 1,
  "dvars_nstd": 16.36016688713413,
  "dvars_std": 1.2044496178353652,
  "dvars_vstd": 0.986909447347561,
  "efc": 0.3936000050997244,
  "fber": 109556.5546875,
  "fd_mean": 0.051883052526885055,
  "fd_num": 0,
  "fd_perc": 0.0,
  "fwhm_avg": 2.6079714285714286,
  "fwhm_x": 2.414037142857143,
  "fwhm_y": 2.6999971428571428,
  "fwhm_z": 2.70988,
  "gcor": 0.0345216,
  "gsr_x": -0.005797012709081173,
  "gsr_y": 0.0023893576581031084,
  "provenance": {
    "md5sum": "441723f0ddd85ca17bbb8588aa38c258",
    "settings": {
      "fd_thres": 0.2,
      "testing": false
    },
    "software": "mriqc",
    "version": "23.0.1",
    "webapi_port": null,
    "webapi_url": "https://mriqc.nimh.nih.gov/api/v1"
  },
  "size_t": 329,
  "size_x": 64,
  "size_y": 64,
  "size_z": 40,
  "snr": 6.051250336400773,
  "spacing_tr": 2.0,
  "spacing_x": 3.5,
  "spacing_y": 3.5,
  "spacing_z": 3.0,
  "summary_bg_k": 63.852314301420535,
  "summary_bg_mad": 21.79290132901593,
  "summary_bg_mean": 78.57649230957031,
  "summary_bg_median": 15.161094665527344,
  "summary_bg_n": 112671.0,
  "summary_bg_p05": 0.048632219433784485,
  "summary_bg_p95": 335.04559326171875,
  "summary_bg_stdv": 212.5804901123047,
  "summary_fg_k": 0.567022635856175,
  "summary_fg_mad": 710.6167451739052,
  "summary_fg_mean": 4658.0263671875,
  "summary_fg_median": 4684.01513671875,
  "summary_fg_n": 20891.0,
  "summary_fg_p05": 3327.3450927734375,
  "summary_fg_p95": 5892.9287109375,
  "summary_fg_stdv": 774.0388793945312,
  "tsnr": 101.40648301586043
}