{
  "aor": 0.0035999392097264436,
  "aqi": 0.006993565531914893,
  "bids_meta": {
    "AcquisitionMatrixPE": 64,
    "AcquisitionNumber": 1,
    "AcquisitionTime": "11:43:6.027500",
    "BandwidthPerPixelPhaseEncode": 31.888,
    "BaseResolution": 64,
    "BodyPartExamined": "BRAIN",
    "ConsistencyInfo": "N4_VD13D_LATEST_20130810",
    "ConversionSoftware": "dcm2niix",
    "ConversionSoftwareVersion": "v1.0.20181125  GCC5.4.0",
    "DerivedVendorReportedEchoSpacing": 0.000489996,
    "DeviceSerialNumber": "66020",
    "DwellTime": 3.3e-06,
    "EchoTime": 0.024,
    "EchoTrainLength": 64,
    "EffectiveEchoSpacing": 0.000489996,
    "FlipAngle": 87,
    "ImageOrientationPatientDICOM": [
      0.999889,
      -0.000503164,
      0.0148679,
      -1.61626e-08,
      0.999428,
      0.033824
    ],
    "ImageType": [
      "ORIGINAL",
      "PRIMARY",
      "M",
      "ND",
      "NORM",
      "MOSAIC"
    ],
    "ImagingFrequency": 123.262,
    "InPlanePhaseEncodingDirectionDICOM": "COL",
    "InstitutionAddress": "Fanglan_Rd._49_Taipei_Da_An_TW_10672",
    "InstitutionName": "NTU_NCSC",
    "InstitutionalDepartmentName": "Department",
    "MRAcquisitionType": "2D",
    "MagneticFieldStrength": 3,
    "Manufacturer": "Siemens",
    "ManufacturersModelName": "Prisma",
    "PartialFourier": 1,
    "PatientPosition": "HFS",
    "PercentPhaseFOV": 100,
    "PhaseEncodingDirection": "j-",
    "PhaseEncodingSteps": 64,
    "PhaseResolution": 1,
    "PixelBandwidth": 2365,
    "ProcedureStepDescription": "NTU_Brain",
    "ProtocolName": "ep2d_bold_64x64_3mm_iso_330TR",
    "PulseSequenceDetails": "%SiemensSeq%_ep2d_bold",
    "ReceiveCoilActiveElements": "HE1-4",
    "ReceiveCoilName": "HeadNeck_20",
    "ReconMatrixPE": 64,
    "RepetitionTime": 2,
    "SAR": 0.102818,
    "ScanOptions": "FS",
    "ScanningSequence": "EP",
    "SequenceName": "_epfid2d1_64",
    "SequenceVariant": "SK",
    "SeriesDescription": "ep2d_bold_64x64_3mm_iso_330TR",
    "SeriesNumber": 3,
    "ShimSetting": [
      -3012,
      -3838,
      -5534,
      378,
      -74,
      -180,
      10,
      14
    ],
    "SliceThickness": 3,
    "SliceTiming": [
      0.99,
      0,
      1.045,
      0.055,
      1.1,
      0.11,
      1.155,
      0.165,
      1.21,
      0.22,
      1.265,
      0.275,
      1.32,
      0.33,
      1.375,
      0.385,
      1.43,
      0.44,
      1.485,
      0.495,
      1.54,
      0.55,
      1.595,
      0.605,
      1.65,
      0.66,
      1.705,
      0.715,
      1.76,
      0.77,
      1.815,
      0.825,
      1.87,
      0.88,
      1.925,
      0.935
    ],
    "SoftwareVersions": "syngo_MR_D13D",
    "SpacingBetweenSlices": 3,
    "StationName": "AWP66020",
    "TaskName": "OTCG",
    "TotalReadoutTime": 0.0308698,
    "TxRefAmp": 240.656,
    "VendorReportedEchoSpacing": 0.00049,
    "dataset": "ds004103",
    "modality": "bold",
    "run_id": 1,
    "subject_id": "s48B",
    "task_id": "OTCG"
  },
  "dummy_trs": 1,
  "dvars_nstd": 21.077311277530487,
  "dvars_std": 1.2801295529573171,
  "dvars_vstd": 1.0335946595731706,
  "efc": 0.6131618627224398,
  "fber": 857.4633178710938,
  "fd_mean": 0.09908422828490947,
  "fd_num": 19,
  "fd_perc": 5.775075987841945,
  "fwhm_avg": 1.7174922222222222,
  "fwhm_x": 1.61573,
  "fwhm_y": 1.8473,
  "fwhm_z": 1.6894466666666668,
  "gcor": 0.0109158,
  "gsr_x": -0.010768970474600792,
  "gsr_y": 0.042130667716264725,
  "provenance": {
    "md5sum": "38afe198fd15507aa269ee12ec3d4c01",
    "settings": {
      "fd_thres": 0.2,
      "testing": false
    },
    "software": "mriqc",
    "version": "23.0.1",
    "webapi_port": null,
    "webapi_url": "https://mriqc.nimh.nih.gov/api/v1"
  },
  "size_t": 329,
  "size_x": 64,
  "size_y": 64,
  "size_z": 36,
  "snr": 8.075204901204941,
  "spacing_tr": 2.0,
  "spacing_x": 3.0,
  "spacing_y": 3.0,
  "spacing_z": 3.0,
  "summary_bg_k": 14.407785822630597,
  "summary_bg_mad": 15.515500311031817,
  "summary_bg_mean": 59.923912048339844,
  "summary_bg_median": 27.72948455810547,
  "summary_bg_n": 76239.0,
  "summary_bg_p05": 14.735562324523926,
  "summary_bg_p95": 213.53587036132805,
  "summary_bg_stdv": 79.4200668334961,
  "summary_fg_k": 3.125298472827602,
  "summary_fg_mad": 91.5225443358633,
  "summary_fg_mean": 831.5498046875,
  "summary_fg_median": 828.0151977539062,
  "summary_fg_n": 38160.0,
  "summary_fg_p05": 682.8859008789062,
  "summary_fg_p95": 997.4565399169921,
  "summary_fg_stdv": 102.53663635253906,
  "tsnr": 85.62885595113039
}