{
  "aor": 0.003191848484848485,
  "aqi": 0.010999155484848484,
  "bids_meta": {
    "AcquisitionMatrixPE": 64,
    "AcquisitionNumber": 1,
    "AcquisitionTime": "12:02:12.665000",
    "BandwidthPerPixelPhaseEncode": 31.888,
    "BaseResolution": 64,
    "BodyPartExamined": "BRAIN",
    "ConsistencyInfo": "N4_VD13D_LATEST_20130810",
    "ConversionSoftware": "dcm2niix",
    "ConversionSoftwareVersion": "v1.0.20181125  GCC5.4.0",
    "DerivedVendorReportedEchoSpacing": 0.000489996,
    "DeviceSerialNumber": "66020",
    "DwellTime": 3.3e-06,
    "EchoTime": 0.024,
    "EchoTrainLength": 64,
    "EffectiveEchoSpacing": 0.000489996,
    "FlipAngle": 87,
    "ImageOrientationPatientDICOM": [
      0.99844,
      -0.0552527,
      0.008074,
      0.0558214,
      0.991303,
      -0.119176
    ],
    "ImageType": [
      "ORIGINAL",
      "PRIMARY",
      "M",
      "ND",
      "NORM",
      "MOSAIC"
    ],
    "ImagingFrequency": 123.262,
    "InPlanePhaseEncodingDirectionDICOM": "COL",
    "InstitutionAddress": "Fanglan_Rd._49_Taipei_Da_An_TW_10672",
    "InstitutionName": "NTU_NCSC",
    "InstitutionalDepartmentName": "Department",
    "MRAcquisitionType": "2D",
    "MagneticFieldStrength": 3,
    "Manufacturer": "Siemens",
    "ManufacturersModelName": "Prisma",
    "PartialFourier": 1,
    "PatientPosition": "HFS",
    "PercentPhaseFOV": 100,
    "PhaseEncodingDirection": "j-",
    "PhaseEncodingSteps": 64,
    "PhaseResolution": 1,
    "PixelBandwidth": 2365,
    "ProcedureStepDescription": "NTU_Brain",
    "ProtocolName": "ep2d_bold_64x64_3mm_iso_330TR",
    "PulseSequenceDetails": "%SiemensSeq%_ep2d_bold",
    "ReceiveCoilActiveElements": "HE1-4",
    "ReceiveCoilName": "HeadNeck_20",
    "ReconMatrixPE": 64,
    "RepetitionTime": 2,
    "SAR": 0.128792,
    "ScanOptions": "FS",
    "ScanningSequence": "EP",
    "SequenceName": "_epfid2d1_64",
    "SequenceVariant": "SK",
    "SeriesDescription": "ep2d_bold_64x64_3mm_iso_330TR",
    "SeriesNumber": 4,
    "ShimSetting": [
      -3003,
      -3801,
      -5525,
      330,
      -86,
      71,
      -91,
      44
    ],
    "SliceThickness": 3,
    "SliceTiming": [
      0.99,
      0,
      1.045,
      0.055,
      1.1,
      0.11,
      1.155,
      0.165,
      1.21,
      0.22,
      1.265,
      0.275,
      1.32,
      0.33,
      1.375,
      0.385,
      1.43,
      0.44,
      1.485,
      0.495,
      1.54,
      0.55,
      1.595,
      0.605,
      1.65,
      0.66,
      1.705,
      0.715,
      1.76,
      0.77,
      1.815,
      0.825,
      1.87,
      0.88,
      1.925,
      0.935
    ],
    "SoftwareVersions": "syngo_MR_D13D",
    "SpacingBetweenSlices": 3,
    "StationName": "AWP66020",
    "TaskName": "OTCG",
    "TotalReadoutTime": 0.0308698,
    "TxRefAmp": 290.091,
    "VendorReportedEchoSpacing": 0.00049,
    "dataset": "ds004103",
    "modality": "bold",
    "run_id": 2,
    "subject_id": "s66B",
    "task_id": "OTCG"
  },
  "dummy_trs": 0,
  "dvars_nstd": 21.389080317325238,
  "dvars_std": 1.1436112575075978,
  "dvars_vstd": 0.9960529884194526,
  "efc": 0.6571531802866286,
  "fber": 457.5628967285156,
  "fd_mean": 0.14978331686672763,
  "fd_num": 76,
  "fd_perc": 23.03030303030303,
  "fwhm_avg": 1.819198888888889,
  "fwhm_x": 1.7586466666666667,
  "fwhm_y": 1.8884166666666669,
  "fwhm_z": 1.8105333333333335,
  "gcor": 0.0483649,
  "gsr_x": 0.011431768536567688,
  "gsr_y": 0.03322935104370117,
  "provenance": {
    "md5sum": "ba5252df3f520ae0b51b276b7505cfae",
    "settings": {
      "fd_thres": 0.2,
      "testing": false
    },
    "software": "mriqc",
    "version": "23.0.1",
    "webapi_port": null,
    "webapi_url": "https://mriqc.nimh.nih.gov/api/v1"
  },
  "size_t": 330,
  "size_x": 64,
  "size_y": 64,
  "size_z": 36,
  "snr": 7.710089112758369,
  "spacing_tr": 2.0,
  "spacing_x": 3.0,
  "spacing_y": 3.0,
  "spacing_z": 3.0,
  "summary_bg_k": 11.540506778564593,
  "summary_bg_mad": 28.52886335631507,
  "summary_bg_mean": 81.50613403320312,
  "summary_bg_median": 36.6363639831543,
  "summary_bg_n": 69979.0,
  "summary_bg_p05": 13.28151445388794,
  "summary_bg_p95": 316.96757812499914,
  "summary_bg_stdv": 110.58686065673828,
  "summary_fg_k": 2.2525674096156,
  "summary_fg_mad": 100.19247344688758,
  "summary_fg_mean": 817.6786499023438,
  "summary_fg_median": 811.669677734375,
  "summary_fg_n": 42434.0,
  "summary_fg_p05": 669.7342132568359,
  "summary_fg_p95": 988.1470794677733,
  "summary_fg_stdv": 105.27246856689453,
  "tsnr": 67.46657315408811
}