{
  "bids_meta": {
    "AcquisitionMatrixPE": 224,
    "AcquisitionNumber": 1,
    "AcquisitionTime": "10:26:51.000000",
    "BodyPartExamined": "HEAD",
    "CoilString": "8HRBRAIN",
    "ConversionSoftware": "dcm2niix",
    "ConversionSoftwareVersion": "v1.0.20181125  GCC5.4.0",
    "DeviceSerialNumber": "00000000GEMRGEMR",
    "EchoTime": 0.002936,
    "FlipAngle": 12,
    "ImageOrientationPatientDICOM": [
      -0.0427981,
      0.9953,
      0.0868701,
      0.0134597,
      0.0875163,
      -0.996072
    ],
    "ImageType": [
      "ORIGINAL",
      "PRIMARY",
      "OTHER"
    ],
    "ImagingFrequency": 127.764,
    "InPlanePhaseEncodingDirectionDICOM": "ROW",
    "InstitutionName": "NCKU",
    "InversionTime": 0.45,
    "MRAcquisitionType": "3D",
    "MagneticFieldStrength": 3,
    "Manufacturer": "GE",
    "ManufacturersModelName": "DISCOVERY_MR750",
    "Modality": "MR",
    "PatientPosition": "HFS",
    "PercentPhaseFOV": 100,
    "PixelBandwidth": 244.141,
    "ProtocolName": "T1_SAG_FSPGR_BRAVO_ASSET",
    "ReconMatrixPE": 256,
    "RepetitionTime": 0.007672,
    "SAR": 0.214292,
    "ScanOptions": "FAST_GEMS_EDR_GEMS_ACC_GEMS",
    "ScanningSequence": "GR",
    "SequenceVariant": "SS_SK",
    "SeriesDescription": "T1_SAG_FSPGR_BRAVO_ASSET",
    "SeriesNumber": 3,
    "SliceThickness": 1,
    "SoftwareVersions": "27_LX_MR_Software_release:DV25.1_R02_1649.a",
    "SpacingBetweenSlices": 1,
    "StationName": "GEMRGEMR",
    "dataset": "ds004103",
    "modality": "T1w",
    "subject_id": "s44A"
  },
  "cjv": 0.35955323263159805,
  "cnr": 3.8147410717745545,
  "efc": 0.5796382127998876,
  "fber": 9258.170579966682,
  "fwhm_avg": 4.426080476190477,
  "fwhm_x": 4.09431,
  "fwhm_y": 4.6815428571428575,
  "fwhm_z": 4.502388571428571,
  "icvs_csf": 0.24920698092742294,
  "icvs_gm": 0.42045409608421885,
  "icvs_wm": 0.3303389229883582,
  "inu_med": 0.5341222882270813,
  "inu_range": 0.16700136363506313,
  "provenance": {
    "md5sum": "e6a1501b1db406d72dfb123aad678232",
    "settings": {
      "testing": false
    },
    "software": "mriqc",
    "version": "23.0.1",
    "warnings": {
      "large_rot_frame": true,
      "small_air_mask": false
    },
    "webapi_port": null,
    "webapi_url": "https://mriqc.nimh.nih.gov/api/v1"
  },
  "qi_1": 0.0,
  "qi_2": 0.0003969494137925935,
  "rpve_csf": 16.53610265466106,
  "rpve_gm": 9.665436169741705,
  "rpve_wm": 13.927523619286921,
  "size_x": 166,
  "size_y": 256,
  "size_z": 256,
  "snr_csf": 1.9989342201384173,
  "snr_gm": 10.507985171094361,
  "snr_total": 11.240817590904745,
  "snr_wm": 21.215533381481453,
  "snrd_csf": 15.629557828712743,
  "snrd_gm": 52.341288861286,
  "snrd_total": 47.999745019976906,
  "snrd_wm": 76.02838836993197,
  "spacing_x": 1.0,
  "spacing_y": 0.875,
  "spacing_z": 0.875,
  "summary_bg_k": 6.758413263395978,
  "summary_bg_mad": 8.61730620270119,
  "summary_bg_mean": 9.443901021426928,
  "summary_bg_median": 5.812284708023071,
  "summary_bg_n": 2541769.0,
  "summary_bg_p05": 0.0,
  "summary_bg_p95": 34.83782994747162,
  "summary_bg_stdv": 12.499086507373109,
  "summary_csf_k": 0.7393475492241772,
  "summary_csf_mad": 100.21607954252495,
  "summary_csf_mean": 213.2250146278875,
  "summary_csf_median": 205.58266282081604,
  "summary_csf_n": 92787.0,
  "summary_csf_p05": 63.074052572250366,
  "summary_csf_p95": 401.2987929582596,
  "summary_csf_stdv": 102.84558287425588,
  "summary_gm_k": 0.020814461524484962,
  "summary_gm_mad": 65.64046823539054,
  "summary_gm_mean": 688.0149668525988,
  "summary_gm_median": 688.4687114953995,
  "summary_gm_n": 57784.0,
  "summary_gm_p05": 579.757460474968,
  "summary_gm_p95": 793.8432805538177,
  "summary_gm_stdv": 65.51805536447718,
  "summary_wm_k": 0.2436867144312238,
  "summary_wm_mad": 46.384512399724926,
  "summary_wm_mean": 1000.6494527838628,
  "summary_wm_median": 1000.0358744859695,
  "summary_wm_n": 265960.0,
  "summary_wm_p05": 924.4761732816696,
  "summary_wm_p95": 1078.7528661489487,
  "summary_wm_stdv": 47.136877327237656,
  "tpm_overlap_csf": 0.1627335556422647,
  "tpm_overlap_gm": 0.45519166459435484,
  "tpm_overlap_wm": 0.49954216071640106,
  "wm2max": 0.4750120412476283
}