{
  "aor": 0.0004111854103343465,
  "aqi": 0.004596730790273556,
  "bids_meta": {
    "AcquisitionMatrixPE": 64,
    "AcquisitionNumber": 1,
    "AcquisitionTime": "12:38:8.000000",
    "BodyPartExamined": "HEAD",
    "CoilString": "8HRBRAIN",
    "ConversionSoftware": "dcm2niix",
    "ConversionSoftwareVersion": "v1.0.20181125  GCC5.4.0",
    "DeviceSerialNumber": "00000000GEMRGEMR",
    "EchoTime": 0.033,
    "EffectiveEchoSpacing": 0.00042,
    "FlipAngle": 90,
    "ImageOrientationPatientDICOM": [
      0.999806,
      0.0189204,
      0.00538444,
      -0.018612,
      0.998449,
      -0.052479
    ],
    "ImageType": [
      "ORIGINAL",
      "PRIMARY",
      "EPI",
      "NONE"
    ],
    "ImagingFrequency": 127.764,
    "InPlanePhaseEncodingDirectionDICOM": "COL",
    "InstitutionName": "NCKU",
    "MRAcquisitionType": "2D",
    "MagneticFieldStrength": 3,
    "Manufacturer": "GE",
    "ManufacturersModelName": "DISCOVERY_MR750",
    "PatientPosition": "HFS",
    "PercentPhaseFOV": 100,
    "PhaseEncodingDirection": "j",
    "PhaseEncodingPolarityGE": "Flipped",
    "PixelBandwidth": 7812.5,
    "ProtocolName": "Run_4",
    "ReconMatrixPE": 64,
    "RepetitionTime": 2,
    "SAR": 0.409889,
    "ScanOptions": "EPI_GEMS_ACC_GEMS",
    "ScanningSequence": "EP_GR",
    "SequenceVariant": "SS",
    "SeriesDescription": "Run_4",
    "SeriesNumber": 8,
    "SliceThickness": 3,
    "SliceTiming": [
      0,
      1,
      0.05,
      1.05,
      0.0999999,
      1.1,
      0.15,
      1.15,
      0.2,
      1.2,
      0.25,
      1.25,
      0.3,
      1.3,
      0.35,
      1.35,
      0.4,
      1.4,
      0.45,
      1.45,
      0.5,
      1.5,
      0.55,
      1.55,
      0.6,
      1.6,
      0.65,
      1.65,
      0.7,
      1.7,
      0.75,
      1.75,
      0.8,
      1.8,
      0.85,
      1.85,
      0.9,
      1.9,
      0.95,
      1.95
    ],
    "SoftwareVersions": "27_LX_MR_Software_release:DV25.1_R02_1649.a",
    "SpacingBetweenSlices": 3,
    "StationName": "GEMRGEMR",
    "TaskName": "OTCG",
    "TotalReadoutTime": 0.02646,
    "dataset": "ds004103",
    "modality": "bold",
    "run_id": 4,
    "subject_id": "s21A",
    "task_id": "OTCG"
  },
  "dummy_trs": 1,
  "dvars_nstd": 13.248055053932934,
  "dvars_std": 0.9742894612804878,
  "dvars_vstd": 0.9318514746341457,
  "efc": 0.4785827417464111,
  "fber": 25378.431640625,
  "fd_mean": 0.056132505840729,
  "fd_num": 1,
  "fd_perc": 0.303951367781155,
  "fwhm_avg": 2.6434158730158734,
  "fwhm_x": 2.4204485714285715,
  "fwhm_y": 2.8114057142857143,
  "fwhm_z": 2.698393333333333,
  "gcor": 0.0540106,
  "gsr_x": -0.001118731452152133,
  "gsr_y": 0.012975717894732952,
  "provenance": {
    "md5sum": "c754130d24df196ffeb13ae97a6a9f41",
    "settings": {
      "fd_thres": 0.2,
      "testing": false
    },
    "software": "mriqc",
    "version": "23.0.1",
    "webapi_port": null,
    "webapi_url": "https://mriqc.nimh.nih.gov/api/v1"
  },
  "size_t": 329,
  "size_x": 64,
  "size_y": 64,
  "size_z": 40,
  "snr": 5.360318400114071,
  "spacing_tr": 2.0,
  "spacing_x": 3.5,
  "spacing_y": 3.5,
  "spacing_z": 3.0,
  "summary_bg_k": 25.467202489439476,
  "summary_bg_mad": 43.01574303749646,
  "summary_bg_mean": 168.19293212890625,
  "summary_bg_median": 29.858661651611328,
  "summary_bg_n": 101848.0,
  "summary_bg_p05": 0.05775076150894165,
  "summary_bg_p95": 828.4489410400383,
  "summary_bg_stdv": 397.9764099121094,
  "summary_fg_k": 0.5195597974390074,
  "summary_fg_mad": 794.510276739044,
  "summary_fg_mean": 4535.31591796875,
  "summary_fg_median": 4559.1396484375,
  "summary_fg_n": 28298.0,
  "summary_fg_p05": 3081.0221313476563,
  "summary_fg_p95": 5891.14892578125,
  "summary_fg_stdv": 850.5202026367188,
  "tsnr": 72.61436854396015
}