{
  "aor": 0.0006426443768996961,
  "aqi": 0.0035255812158054714,
  "bids_meta": {
    "AcquisitionMatrixPE": 64,
    "AcquisitionNumber": 1,
    "AcquisitionTime": "12:14:16.000000",
    "BodyPartExamined": "HEAD",
    "CoilString": "8HRBRAIN",
    "ConversionSoftware": "dcm2niix",
    "ConversionSoftwareVersion": "v1.0.20181125  GCC5.4.0",
    "DeviceSerialNumber": "00000000GEMRGEMR",
    "EchoTime": 0.033,
    "EffectiveEchoSpacing": 0.00042,
    "FlipAngle": 90,
    "ImageOrientationPatientDICOM": [
      0.999806,
      0.0189204,
      0.00538444,
      -0.018612,
      0.998449,
      -0.052479
    ],
    "ImageType": [
      "ORIGINAL",
      "PRIMARY",
      "EPI",
      "NONE"
    ],
    "ImagingFrequency": 127.764,
    "InPlanePhaseEncodingDirectionDICOM": "COL",
    "InstitutionName": "NCKU",
    "MRAcquisitionType": "2D",
    "MagneticFieldStrength": 3,
    "Manufacturer": "GE",
    "ManufacturersModelName": "DISCOVERY_MR750",
    "PatientPosition": "HFS",
    "PercentPhaseFOV": 100,
    "PhaseEncodingDirection": "j",
    "PhaseEncodingPolarityGE": "Flipped",
    "PixelBandwidth": 7812.5,
    "ProtocolName": "Run_2",
    "ReconMatrixPE": 64,
    "RepetitionTime": 2,
    "SAR": 0.409889,
    "ScanOptions": "EPI_GEMS_ACC_GEMS",
    "ScanningSequence": "EP_GR",
    "SequenceVariant": "SS",
    "SeriesDescription": "Run_2",
    "SeriesNumber": 6,
    "SliceThickness": 3,
    "SliceTiming": [
      0,
      1,
      0.05,
      1.05,
      0.0999999,
      1.1,
      0.15,
      1.15,
      0.2,
      1.2,
      0.25,
      1.25,
      0.3,
      1.3,
      0.35,
      1.35,
      0.4,
      1.4,
      0.45,
      1.45,
      0.5,
      1.5,
      0.55,
      1.55,
      0.6,
      1.6,
      0.65,
      1.65,
      0.7,
      1.7,
      0.75,
      1.75,
      0.8,
      1.8,
      0.85,
      1.85,
      0.9,
      1.9,
      0.95,
      1.95
    ],
    "SoftwareVersions": "27_LX_MR_Software_release:DV25.1_R02_1649.a",
    "SpacingBetweenSlices": 3,
    "StationName": "GEMRGEMR",
    "TaskName": "OTCG",
    "TotalReadoutTime": 0.02646,
    "dataset": "ds004103",
    "modality": "bold",
    "run_id": 2,
    "subject_id": "s21A",
    "task_id": "OTCG"
  },
  "dummy_trs": 1,
  "dvars_nstd": 14.518976066280496,
  "dvars_std": 1.0640922529878047,
  "dvars_vstd": 0.9792005358536592,
  "efc": 0.47925383417605744,
  "fber": 24972.107421875,
  "fd_mean": 0.0602815421604784,
  "fd_num": 3,
  "fd_perc": 0.9118541033434651,
  "fwhm_avg": 2.615845714285714,
  "fwhm_x": 2.3847457142857142,
  "fwhm_y": 2.7788914285714283,
  "fwhm_z": 2.6839,
  "gcor": 0.0893885,
  "gsr_x": -0.0022058030590415,
  "gsr_y": 0.014721169136464596,
  "provenance": {
    "md5sum": "8a27ae70c6a032daec5d92170b8dce09",
    "settings": {
      "fd_thres": 0.2,
      "testing": false
    },
    "software": "mriqc",
    "version": "23.0.1",
    "webapi_port": null,
    "webapi_url": "https://mriqc.nimh.nih.gov/api/v1"
  },
  "size_t": 329,
  "size_x": 64,
  "size_y": 64,
  "size_z": 40,
  "snr": 5.391611538865749,
  "spacing_tr": 2.0,
  "spacing_x": 3.5,
  "spacing_y": 3.5,
  "spacing_z": 3.0,
  "summary_bg_k": 26.350940412539146,
  "summary_bg_mad": 43.495674912210745,
  "summary_bg_mean": 166.85594177246094,
  "summary_bg_median": 30.133739471435547,
  "summary_bg_n": 101725.0,
  "summary_bg_p05": 0.042553193867206573,
  "summary_bg_p95": 812.9526123046869,
  "summary_bg_stdv": 399.3454895019531,
  "summary_fg_k": 0.43959759325590486,
  "summary_fg_mad": 813.9399308372014,
  "summary_fg_mean": 4566.9833984375,
  "summary_fg_median": 4585.92724609375,
  "summary_fg_n": 28449.0,
  "summary_fg_p05": 3137.141748046875,
  "summary_fg_p95": 5918.39892578125,
  "summary_fg_stdv": 850.5521240234375,
  "tsnr": 76.48688716813922
}