{
  "bids_meta": {
    "AcquisitionMatrixPE": 224,
    "AcquisitionNumber": 1,
    "AcquisitionTime": "09:24:41.000000",
    "BodyPartExamined": "HEAD",
    "CoilString": "8HRBRAIN",
    "ConversionSoftware": "dcm2niix",
    "ConversionSoftwareVersion": "v1.0.20181125  GCC5.4.0",
    "DeviceSerialNumber": "00000000GEMRGEMR",
    "EchoTime": 0.002936,
    "FlipAngle": 12,
    "ImageOrientationPatientDICOM": [
      -0.0128715,
      0.99422,
      0.106591,
      0.0308933,
      0.106945,
      -0.993785
    ],
    "ImageType": [
      "ORIGINAL",
      "PRIMARY",
      "OTHER"
    ],
    "ImagingFrequency": 127.764,
    "InPlanePhaseEncodingDirectionDICOM": "ROW",
    "InstitutionName": "NCKU",
    "InversionTime": 0.45,
    "MRAcquisitionType": "3D",
    "MagneticFieldStrength": 3,
    "Manufacturer": "GE",
    "ManufacturersModelName": "DISCOVERY_MR750",
    "Modality": "MR",
    "PatientPosition": "HFS",
    "PercentPhaseFOV": 100,
    "PixelBandwidth": 244.141,
    "ProtocolName": "T1_SAG_FSPGR_BRAVO_ASSET",
    "ReconMatrixPE": 256,
    "RepetitionTime": 0.00768,
    "SAR": 0.214145,
    "ScanOptions": "FAST_GEMS_EDR_GEMS_ACC_GEMS",
    "ScanningSequence": "GR",
    "SequenceVariant": "SS_SK",
    "SeriesDescription": "T1_SAG_FSPGR_BRAVO_ASSET",
    "SeriesNumber": 3,
    "SliceThickness": 1,
    "SoftwareVersions": "27_LX_MR_Software_release:DV25.1_R02_1649.a",
    "SpacingBetweenSlices": 1,
    "StationName": "GEMRGEMR",
    "dataset": "ds004103",
    "modality": "T1w",
    "subject_id": "s52A"
  },
  "cjv": 0.37141131519007137,
  "cnr": 3.7125517541911814,
  "efc": 0.615938950396921,
  "fber": 4864.4793234975,
  "fwhm_avg": 3.868862380952381,
  "fwhm_x": 3.58509,
  "fwhm_y": 4.027897142857143,
  "fwhm_z": 3.9936000000000003,
  "icvs_csf": 0.19228302854953916,
  "icvs_gm": 0.4588214926610061,
  "icvs_wm": 0.3488954787894547,
  "inu_med": 0.5799473822116852,
  "inu_range": 0.20643022954463958,
  "provenance": {
    "md5sum": "b75041185e59bbd672613a7ca78a7b37",
    "settings": {
      "testing": false
    },
    "software": "mriqc",
    "version": "23.0.1",
    "warnings": {
      "large_rot_frame": true,
      "small_air_mask": false
    },
    "webapi_port": null,
    "webapi_url": "https://mriqc.nimh.nih.gov/api/v1"
  },
  "qi_1": 0.0,
  "qi_2": 0.00039229601854525473,
  "rpve_csf": 18.925435233133346,
  "rpve_gm": 8.535103429748366,
  "rpve_wm": 12.335443937064523,
  "size_x": 166,
  "size_y": 256,
  "size_z": 256,
  "snr_csf": 2.0263072062702348,
  "snr_gm": 10.939319369970606,
  "snr_total": 10.522114319691354,
  "snr_wm": 18.60071638283322,
  "snrd_csf": 20.136430789991103,
  "snrd_gm": 57.262975059037196,
  "snrd_total": 53.51722603523237,
  "snrd_wm": 83.15227225666881,
  "spacing_x": 1.0,
  "spacing_y": 0.875,
  "spacing_z": 0.875,
  "summary_bg_k": 5.610339793357603,
  "summary_bg_mad": 7.879285663209359,
  "summary_bg_mean": 10.138516729982815,
  "summary_bg_median": 5.314497418701649,
  "summary_bg_n": 2541911.0,
  "summary_bg_p05": 0.0,
  "summary_bg_p95": 37.13420981168747,
  "summary_bg_stdv": 13.414988599113144,
  "summary_csf_k": 10.182529615396607,
  "summary_csf_mad": 113.15252639127871,
  "summary_csf_mean": 246.68337334672663,
  "summary_csf_median": 242.1796292066574,
  "summary_csf_n": 40041.0,
  "summary_csf_p05": 68.71846978738904,
  "summary_csf_p95": 444.50052777305245,
  "summary_csf_stdv": 119.51623341848904,
  "summary_gm_k": 0.05087296125478691,
  "summary_gm_mad": 63.18389199548265,
  "summary_gm_mean": 687.8580374792302,
  "summary_gm_median": 688.698320556432,
  "summary_gm_n": 68315.0,
  "summary_gm_p05": 582.8355501394719,
  "summary_gm_p95": 788.8665060810745,
  "summary_gm_stdv": 62.9557705226293,
  "summary_wm_k": 0.261201330577304,
  "summary_wm_mad": 52.462079225925606,
  "summary_wm_mean": 1002.1803925605922,
  "summary_wm_median": 1000.067324385047,
  "summary_wm_n": 270155.0,
  "summary_wm_p05": 917.783431756124,
  "summary_wm_p95": 1093.9119307026267,
  "summary_wm_stdv": 53.76489017338812,
  "tpm_overlap_csf": 0.15582336915630557,
  "tpm_overlap_gm": 0.47583249533871635,
  "tpm_overlap_wm": 0.5123681077423368,
  "wm2max": 0.5313840434658279
}