{
  "bids_meta": {
    "AcquisitionMatrixPE": 256,
    "AcquisitionNumber": 1,
    "AcquisitionTime": "10:45:23.077500",
    "BaseResolution": 256,
    "BodyPartExamined": "BRAIN",
    "ConsistencyInfo": "N4_VD13D_LATEST_20130810",
    "ConversionSoftware": "dcm2niix",
    "ConversionSoftwareVersion": "v1.0.20181125  GCC5.4.0",
    "DeviceSerialNumber": "66020",
    "DwellTime": 9.8e-06,
    "EchoTime": 0.0023,
    "FlipAngle": 8,
    "ImageOrientationPatientDICOM": [
      0.0105153,
      0.999945,
      1.10756e-08,
      0.0280162,
      -0.000294604,
      -0.999607
    ],
    "ImageType": [
      "ORIGINAL",
      "PRIMARY",
      "M",
      "ND",
      "NORM"
    ],
    "ImagingFrequency": 123.262,
    "InPlanePhaseEncodingDirectionDICOM": "ROW",
    "InstitutionAddress": "Fanglan_Rd._49_Taipei_Da_An_TW_10672",
    "InstitutionName": "NTU_NCSC",
    "InstitutionalDepartmentName": "Department",
    "InversionTime": 0.9,
    "MRAcquisitionType": "3D",
    "MagneticFieldStrength": 3,
    "Manufacturer": "Siemens",
    "ManufacturersModelName": "Prisma",
    "Modality": "MR",
    "PartialFourier": 1,
    "PatientPosition": "HFS",
    "PercentPhaseFOV": 100,
    "PhaseEncodingSteps": 255,
    "PhaseResolution": 1,
    "PixelBandwidth": 200,
    "ProcedureStepDescription": "NTU_Brain",
    "ProtocolName": "t1_mprage_sag_p2_iso",
    "PulseSequenceDetails": "%SiemensSeq%_tfl",
    "ReceiveCoilActiveElements": "HE1-4",
    "ReceiveCoilName": "HeadNeck_20",
    "ReconMatrixPE": 256,
    "RepetitionTime": 2,
    "SAR": 0.0579783,
    "ScanOptions": "IR",
    "ScanningSequence": "GR_IR",
    "SequenceName": "_tfl3d1_16ns",
    "SequenceVariant": "SK_SP_MP",
    "SeriesDescription": "t1_mprage_sag_p2_iso",
    "SeriesNumber": 2,
    "ShimSetting": [
      -3014,
      -3755,
      -5732,
      89,
      -93,
      18,
      -54,
      32
    ],
    "SliceThickness": 0.94,
    "SoftwareVersions": "syngo_MR_D13D",
    "StationName": "AWP66020",
    "TxRefAmp": 244.131,
    "dataset": "ds004103",
    "modality": "T1w",
    "subject_id": "s22B"
  },
  "cjv": 0.3380254561715287,
  "cnr": 4.0507395587969794,
  "efc": 0.5509223150506902,
  "fber": 14225.494318503024,
  "fwhm_avg": 4.504538141000368,
  "fwhm_x": 4.594595756334437,
  "fwhm_y": 4.384416,
  "fwhm_z": 4.534602666666667,
  "icvs_csf": 0.21406616773545176,
  "icvs_gm": 0.4473954163020187,
  "icvs_wm": 0.3385384159625296,
  "inu_med": 0.49966737627983093,
  "inu_range": 0.18640918433666231,
  "provenance": {
    "md5sum": "84fd3b8508e4f9148d8f2058ad0c417c",
    "settings": {
      "testing": false
    },
    "software": "mriqc",
    "version": "23.0.1",
    "warnings": {
      "large_rot_frame": true,
      "small_air_mask": false
    },
    "webapi_port": null,
    "webapi_url": "https://mriqc.nimh.nih.gov/api/v1"
  },
  "qi_1": 0.0,
  "qi_2": 0.00976518315461574,
  "rpve_csf": 24.875216113674302,
  "rpve_gm": 12.435860766351901,
  "rpve_wm": 18.158042260847832,
  "size_x": 192,
  "size_y": 256,
  "size_z": 256,
  "snr_csf": 2.225075734284832,
  "snr_gm": 13.4819957033521,
  "snr_total": 13.518427590173674,
  "snr_wm": 24.84821133288409,
  "snrd_csf": 24.474486792567983,
  "snrd_gm": 64.57458893812452,
  "snrd_total": 59.32976809853781,
  "snrd_wm": 88.94022856492093,
  "spacing_x": 0.9399999976158142,
  "spacing_y": 0.9375,
  "spacing_z": 0.9375,
  "summary_bg_k": 14.63667017725706,
  "summary_bg_mad": 0.0,
  "summary_bg_mean": 4.8838402687700375,
  "summary_bg_median": 0.0,
  "summary_bg_n": 3074137.0,
  "summary_bg_p05": 0.0,
  "summary_bg_p95": 18.04006902873516,
  "summary_bg_stdv": 7.366030145909468,
  "summary_csf_k": 0.06795166071478054,
  "summary_csf_mad": 110.14346178540453,
  "summary_csf_mean": 278.71739730702865,
  "summary_csf_median": 275.1790428981185,
  "summary_csf_n": 54215.0,
  "summary_csf_p05": 63.63883647322655,
  "summary_csf_p95": 493.4094859778877,
  "summary_csf_stdv": 123.6706242383977,
  "summary_gm_k": 0.05030875935387957,
  "summary_gm_mad": 53.694097600084326,
  "summary_gm_mean": 725.442589918328,
  "summary_gm_median": 726.0447881966829,
  "summary_gm_n": 53686.0,
  "summary_gm_p05": 635.6178090199828,
  "summary_gm_p95": 811.791774591431,
  "summary_gm_stdv": 53.85241489345848,
  "summary_wm_k": 0.30017864698703933,
  "summary_wm_mad": 38.90974031345285,
  "summary_wm_mean": 1000.6368750388566,
  "summary_wm_median": 1000.0000073164701,
  "summary_wm_n": 207353.0,
  "summary_wm_p05": 935.7265955507755,
  "summary_wm_p95": 1067.5822759643197,
  "summary_wm_stdv": 40.24424867327637,
  "tpm_overlap_csf": 0.1394693735290892,
  "tpm_overlap_gm": 0.46763764967175503,
  "tpm_overlap_wm": 0.4863149960614654,
  "wm2max": 0.4458181556806751
}