{
  "bids_meta": {
    "AcquisitionMatrixPE": 256,
    "AcquisitionNumber": 1,
    "AcquisitionTime": "10:39:4.627500",
    "BaseResolution": 256,
    "BodyPartExamined": "BRAIN",
    "ConsistencyInfo": "N4_VD13D_LATEST_20130810",
    "ConversionSoftware": "dcm2niix",
    "ConversionSoftwareVersion": "v1.0.20181125  GCC5.4.0",
    "DeviceSerialNumber": "66020",
    "DwellTime": 9.8e-06,
    "EchoTime": 0.0023,
    "FlipAngle": 8,
    "ImageOrientationPatientDICOM": [
      -0.0418632,
      0.999123,
      2.26733e-08,
      0.0557899,
      0.00233762,
      -0.99844
    ],
    "ImageType": [
      "ORIGINAL",
      "PRIMARY",
      "M",
      "ND",
      "NORM"
    ],
    "ImagingFrequency": 123.262,
    "InPlanePhaseEncodingDirectionDICOM": "ROW",
    "InstitutionAddress": "Fanglan_Rd._49_Taipei_Da_An_TW_10672",
    "InstitutionName": "NTU_NCSC",
    "InstitutionalDepartmentName": "Department",
    "InversionTime": 0.9,
    "MRAcquisitionType": "3D",
    "MagneticFieldStrength": 3,
    "Manufacturer": "Siemens",
    "ManufacturersModelName": "Prisma",
    "Modality": "MR",
    "PartialFourier": 1,
    "PatientPosition": "HFS",
    "PercentPhaseFOV": 100,
    "PhaseEncodingSteps": 255,
    "PhaseResolution": 1,
    "PixelBandwidth": 200,
    "ProcedureStepDescription": "NTU_Brain",
    "ProtocolName": "t1_mprage_sag_p2_iso",
    "PulseSequenceDetails": "%SiemensSeq%_tfl",
    "ReceiveCoilActiveElements": "HE1-4",
    "ReceiveCoilName": "HeadNeck_20",
    "ReconMatrixPE": 256,
    "RepetitionTime": 2,
    "SAR": 0.0569165,
    "ScanOptions": "IR",
    "ScanningSequence": "GR_IR",
    "SequenceName": "_tfl3d1_16ns",
    "SequenceVariant": "SK_SP_MP",
    "SeriesDescription": "t1_mprage_sag_p2_iso",
    "SeriesNumber": 2,
    "ShimSetting": [
      -3014,
      -3755,
      -5732,
      89,
      -93,
      18,
      -54,
      32
    ],
    "SliceThickness": 0.94,
    "SoftwareVersions": "syngo_MR_D13D",
    "StationName": "AWP66020",
    "TxRefAmp": 238.559,
    "dataset": "ds004103",
    "modality": "T1w",
    "subject_id": "s65B"
  },
  "cjv": 0.34369933059284363,
  "cnr": 4.00942016567256,
  "efc": 0.545834637186754,
  "fber": 19771.103509815584,
  "fwhm_avg": 4.470364694138702,
  "fwhm_x": 4.531723415749437,
  "fwhm_y": 4.359434666666667,
  "fwhm_z": 4.519936,
  "icvs_csf": 0.19608363040532362,
  "icvs_gm": 0.45675225554287724,
  "icvs_wm": 0.34716411405179914,
  "inu_med": 0.5234693288803101,
  "inu_range": 0.2203558802604676,
  "provenance": {
    "md5sum": "e885c5e4668a41651e039a075448d400",
    "settings": {
      "testing": false
    },
    "software": "mriqc",
    "version": "23.0.1",
    "warnings": {
      "large_rot_frame": true,
      "small_air_mask": false
    },
    "webapi_port": null,
    "webapi_url": "https://mriqc.nimh.nih.gov/api/v1"
  },
  "qi_1": 0.0,
  "qi_2": 0.010499747455259095,
  "rpve_csf": 27.49706846405983,
  "rpve_gm": 12.742547500517926,
  "rpve_wm": 18.432900688269918,
  "size_x": 192,
  "size_y": 256,
  "size_z": 256,
  "snr_csf": 2.7091851818818813,
  "snr_gm": 13.489125351225375,
  "snr_total": 13.415224860895355,
  "snr_wm": 24.04736404957881,
  "snrd_csf": 25.586029898288643,
  "snrd_gm": 69.62616569447435,
  "snrd_total": 63.707813653356204,
  "snrd_wm": 95.91124536730563,
  "spacing_x": 0.9399999976158142,
  "spacing_y": 0.9375,
  "spacing_z": 0.9375,
  "summary_bg_k": 10.684749270477004,
  "summary_bg_mad": 0.0,
  "summary_bg_mean": 4.016528309268409,
  "summary_bg_median": 0.0,
  "summary_bg_n": 2628799.0,
  "summary_bg_p05": 0.0,
  "summary_bg_p95": 17.189079880714417,
  "summary_bg_stdv": 6.830652626489846,
  "summary_csf_k": 3.9319709361391224,
  "summary_csf_mad": 80.13897230238645,
  "summary_csf_mean": 276.3522100797354,
  "summary_csf_median": 266.76777893304825,
  "summary_csf_n": 44390.0,
  "summary_csf_p05": 134.79314123615623,
  "summary_csf_p95": 461.19818003475666,
  "summary_csf_stdv": 98.46679211216077,
  "summary_gm_k": 0.009580920878392796,
  "summary_gm_mad": 54.02978257331588,
  "summary_gm_mean": 726.4420984867758,
  "summary_gm_median": 725.9437142759562,
  "summary_gm_n": 60504.0,
  "summary_gm_p05": 639.4927536994219,
  "summary_gm_p95": 815.8008932553231,
  "summary_gm_stdv": 53.816514874852935,
  "summary_wm_k": 0.3300684663735991,
  "summary_wm_mad": 40.163179415771225,
  "summary_wm_mean": 1000.7985355897134,
  "summary_wm_median": 1000.0000001192093,
  "summary_wm_n": 213154.0,
  "summary_wm_p05": 933.94000685215,
  "summary_wm_p95": 1070.1887429654598,
  "summary_wm_stdv": 41.58450183283603,
  "tpm_overlap_csf": 0.12846957015101498,
  "tpm_overlap_gm": 0.4684756013053806,
  "tpm_overlap_wm": 0.4957058542406261,
  "wm2max": 0.4490475518106567
}