{
  "aor": 0.0009871732522796354,
  "aqi": 0.00569161717325228,
  "bids_meta": {
    "AcquisitionMatrixPE": 64,
    "AcquisitionNumber": 1,
    "AcquisitionTime": "10:10:14.000000",
    "BodyPartExamined": "HEAD",
    "CoilString": "8HRBRAIN",
    "ConversionSoftware": "dcm2niix",
    "ConversionSoftwareVersion": "v1.0.20181125  GCC5.4.0",
    "DeviceSerialNumber": "00000000GEMRGEMR",
    "EchoTime": 0.033,
    "EffectiveEchoSpacing": 0.00042,
    "FlipAngle": 90,
    "ImageOrientationPatientDICOM": [
      0.997108,
      -0.025512,
      0.0715914,
      0.024329,
      0.999553,
      0.017348
    ],
    "ImageType": [
      "ORIGINAL",
      "PRIMARY",
      "EPI",
      "NONE"
    ],
    "ImagingFrequency": 127.764,
    "InPlanePhaseEncodingDirectionDICOM": "COL",
    "InstitutionName": "NCKU",
    "MRAcquisitionType": "2D",
    "MagneticFieldStrength": 3,
    "Manufacturer": "GE",
    "ManufacturersModelName": "DISCOVERY_MR750",
    "PatientPosition": "HFS",
    "PercentPhaseFOV": 100,
    "PhaseEncodingDirection": "j",
    "PhaseEncodingPolarityGE": "Flipped",
    "PixelBandwidth": 7812.5,
    "ProtocolName": "hypervote_run_2",
    "ReconMatrixPE": 64,
    "RepetitionTime": 2,
    "SAR": 0.406664,
    "ScanOptions": "EPI_GEMS_ACC_GEMS",
    "ScanningSequence": "EP_GR",
    "SequenceVariant": "SS",
    "SeriesDescription": "hypervote_run_2",
    "SeriesNumber": 5,
    "SliceThickness": 3,
    "SliceTiming": [
      0,
      1,
      0.05,
      1.05,
      0.0999999,
      1.1,
      0.15,
      1.15,
      0.2,
      1.2,
      0.25,
      1.25,
      0.3,
      1.3,
      0.35,
      1.35,
      0.4,
      1.4,
      0.45,
      1.45,
      0.5,
      1.5,
      0.55,
      1.55,
      0.6,
      1.6,
      0.65,
      1.65,
      0.7,
      1.7,
      0.75,
      1.75,
      0.8,
      1.8,
      0.85,
      1.85,
      0.9,
      1.9,
      0.95,
      1.95
    ],
    "SoftwareVersions": "27_LX_MR_Software_release:DV25.1_R02_1649.a",
    "SpacingBetweenSlices": 3,
    "StationName": "GEMRGEMR",
    "TaskName": "OTCG",
    "TotalReadoutTime": 0.02646,
    "dataset": "ds004103",
    "modality": "bold",
    "run_id": 2,
    "subject_id": "s46A",
    "task_id": "OTCG"
  },
  "dummy_trs": 1,
  "dvars_nstd": 14.058415790823164,
  "dvars_std": 1.0174105468902443,
  "dvars_vstd": 0.9544042478353657,
  "efc": 0.4441877853465732,
  "fber": 62277.5546875,
  "fd_mean": 0.09583753953607417,
  "fd_num": 28,
  "fd_perc": 8.51063829787234,
  "fwhm_avg": 2.652895555555556,
  "fwhm_x": 2.475891428571429,
  "fwhm_y": 2.789328571428572,
  "fwhm_z": 2.6934666666666662,
  "gcor": 0.0612398,
  "gsr_x": -0.006888068746775389,
  "gsr_y": 0.017045991495251656,
  "provenance": {
    "md5sum": "c55aa9f90ec8de6ffc6c65288fdbfa24",
    "settings": {
      "fd_thres": 0.2,
      "testing": false
    },
    "software": "mriqc",
    "version": "23.0.1",
    "webapi_port": null,
    "webapi_url": "https://mriqc.nimh.nih.gov/api/v1"
  },
  "size_t": 329,
  "size_x": 64,
  "size_y": 64,
  "size_z": 40,
  "snr": 5.632953470379389,
  "spacing_tr": 2.0,
  "spacing_x": 3.5,
  "spacing_y": 3.5,
  "spacing_z": 3.0,
  "summary_bg_k": 105.91169034727217,
  "summary_bg_mad": 30.738084851647663,
  "summary_bg_mean": 101.34909057617188,
  "summary_bg_median": 21.12462043762207,
  "summary_bg_n": 104591.0,
  "summary_bg_p05": 0.07902735471725464,
  "summary_bg_p95": 419.9483337402344,
  "summary_bg_stdv": 252.28271484375,
  "summary_fg_k": 0.5105898093823198,
  "summary_fg_mad": 831.6634702974375,
  "summary_fg_mean": 4905.13671875,
  "summary_fg_median": 4948.00146484375,
  "summary_fg_n": 26590.0,
  "summary_fg_p05": 3382.0919799804688,
  "summary_fg_p95": 6280.89013671875,
  "summary_fg_stdv": 878.3861694335938,
  "tsnr": 66.72846819879487
}