{
  "aor": 0.0027532826747720365,
  "aqi": 0.004783144559270517,
  "bids_meta": {
    "AcquisitionMatrixPE": 64,
    "AcquisitionNumber": 1,
    "AcquisitionTime": "10:37:36.000000",
    "BodyPartExamined": "HEAD",
    "CoilString": "8HRBRAIN",
    "ConversionSoftware": "dcm2niix",
    "ConversionSoftwareVersion": "v1.0.20181125  GCC5.4.0",
    "DeviceSerialNumber": "00000000GEMRGEMR",
    "EchoTime": 0.033,
    "EffectiveEchoSpacing": 0.00042,
    "FlipAngle": 90,
    "ImageOrientationPatientDICOM": [
      0.997108,
      -0.025512,
      0.0715914,
      0.024329,
      0.999553,
      0.017348
    ],
    "ImageType": [
      "ORIGINAL",
      "PRIMARY",
      "EPI",
      "NONE"
    ],
    "ImagingFrequency": 127.764,
    "InPlanePhaseEncodingDirectionDICOM": "COL",
    "InstitutionName": "NCKU",
    "MRAcquisitionType": "2D",
    "MagneticFieldStrength": 3,
    "Manufacturer": "GE",
    "ManufacturersModelName": "DISCOVERY_MR750",
    "PatientPosition": "HFS",
    "PercentPhaseFOV": 100,
    "PhaseEncodingDirection": "j",
    "PhaseEncodingPolarityGE": "Flipped",
    "PixelBandwidth": 7812.5,
    "ProtocolName": "hypervote_run_4",
    "ReconMatrixPE": 64,
    "RepetitionTime": 2,
    "SAR": 0.406664,
    "ScanOptions": "EPI_GEMS_ACC_GEMS",
    "ScanningSequence": "EP_GR",
    "SequenceVariant": "SS",
    "SeriesDescription": "hypervote_run_4",
    "SeriesNumber": 8,
    "SliceThickness": 3,
    "SliceTiming": [
      0,
      1,
      0.05,
      1.05,
      0.0999999,
      1.1,
      0.15,
      1.15,
      0.2,
      1.2,
      0.25,
      1.25,
      0.3,
      1.3,
      0.35,
      1.35,
      0.4,
      1.4,
      0.45,
      1.45,
      0.5,
      1.5,
      0.55,
      1.55,
      0.6,
      1.6,
      0.65,
      1.65,
      0.7,
      1.7,
      0.75,
      1.75,
      0.8,
      1.8,
      0.85,
      1.85,
      0.9,
      1.9,
      0.95,
      1.95
    ],
    "SoftwareVersions": "27_LX_MR_Software_release:DV25.1_R02_1649.a",
    "SpacingBetweenSlices": 3,
    "StationName": "GEMRGEMR",
    "TaskName": "OTCG",
    "TotalReadoutTime": 0.02646,
    "dataset": "ds004103",
    "modality": "bold",
    "run_id": 4,
    "subject_id": "s46A",
    "task_id": "OTCG"
  },
  "dummy_trs": 1,
  "dvars_nstd": 14.309461724420737,
  "dvars_std": 1.0582379610365846,
  "dvars_vstd": 0.9938777869512191,
  "efc": 0.4435845607118555,
  "fber": 61624.4765625,
  "fd_mean": 0.10312367624615162,
  "fd_num": 34,
  "fd_perc": 10.33434650455927,
  "fwhm_avg": 2.6320887301587303,
  "fwhm_x": 2.46918,
  "fwhm_y": 2.7530428571428573,
  "fwhm_z": 2.6740433333333335,
  "gcor": 0.0644736,
  "gsr_x": -0.006335387006402016,
  "gsr_y": 0.016043055802583694,
  "provenance": {
    "md5sum": "9e4011601c6782997bdf453aee48a12d",
    "settings": {
      "fd_thres": 0.2,
      "testing": false
    },
    "software": "mriqc",
    "version": "23.0.1",
    "webapi_port": null,
    "webapi_url": "https://mriqc.nimh.nih.gov/api/v1"
  },
  "size_t": 329,
  "size_x": 64,
  "size_y": 64,
  "size_z": 40,
  "snr": 5.712565002198052,
  "spacing_tr": 2.0,
  "spacing_x": 3.5,
  "spacing_y": 3.5,
  "spacing_z": 3.0,
  "summary_bg_k": 102.82644538959678,
  "summary_bg_mad": 31.197736699978254,
  "summary_bg_mean": 100.95825958251953,
  "summary_bg_median": 21.443769454956055,
  "summary_bg_n": 104722.0,
  "summary_bg_p05": 0.060790274292230606,
  "summary_bg_p95": 423.0232589721679,
  "summary_bg_stdv": 252.0419921875,
  "summary_fg_k": 0.5412771873492366,
  "summary_fg_mad": 817.6572952864329,
  "summary_fg_mean": 4916.90673828125,
  "summary_fg_median": 4965.0,
  "summary_fg_n": 26469.0,
  "summary_fg_p05": 3408.059716796875,
  "summary_fg_p95": 6272.42314453125,
  "summary_fg_stdv": 869.1203002929688,
  "tsnr": 69.27318769320846
}