{
  "aor": 0.0011561094224924013,
  "aqi": 0.003772800060790274,
  "bids_meta": {
    "AcquisitionMatrixPE": 64,
    "AcquisitionNumber": 1,
    "AcquisitionTime": "09:56:26.000000",
    "BodyPartExamined": "HEAD",
    "CoilString": "8HRBRAIN",
    "ConversionSoftware": "dcm2niix",
    "ConversionSoftwareVersion": "v1.0.20181125  GCC5.4.0",
    "DeviceSerialNumber": "00000000GEMRGEMR",
    "EchoTime": 0.033,
    "EffectiveEchoSpacing": 0.00042,
    "FlipAngle": 90,
    "ImageOrientationPatientDICOM": [
      0.997108,
      -0.0255117,
      0.0715909,
      0.0243288,
      0.999553,
      0.0173481
    ],
    "ImageType": [
      "ORIGINAL",
      "PRIMARY",
      "EPI",
      "NONE"
    ],
    "ImagingFrequency": 127.764,
    "InPlanePhaseEncodingDirectionDICOM": "COL",
    "InstitutionName": "NCKU",
    "MRAcquisitionType": "2D",
    "MagneticFieldStrength": 3,
    "Manufacturer": "GE",
    "ManufacturersModelName": "DISCOVERY_MR750",
    "PatientPosition": "HFS",
    "PercentPhaseFOV": 100,
    "PhaseEncodingDirection": "j",
    "PhaseEncodingPolarityGE": "Flipped",
    "PixelBandwidth": 7812.5,
    "ProtocolName": "hypervote_run_1",
    "ReconMatrixPE": 64,
    "RepetitionTime": 2,
    "SAR": 0.406664,
    "ScanOptions": "EPI_GEMS_ACC_GEMS",
    "ScanningSequence": "EP_GR",
    "SequenceVariant": "SS",
    "SeriesDescription": "hypervote_run_1",
    "SeriesNumber": 4,
    "SliceThickness": 3,
    "SliceTiming": [
      0,
      1,
      0.05,
      1.05,
      0.0999999,
      1.1,
      0.15,
      1.15,
      0.2,
      1.2,
      0.25,
      1.25,
      0.3,
      1.3,
      0.35,
      1.35,
      0.4,
      1.4,
      0.45,
      1.45,
      0.5,
      1.5,
      0.55,
      1.55,
      0.6,
      1.6,
      0.65,
      1.65,
      0.7,
      1.7,
      0.75,
      1.75,
      0.8,
      1.8,
      0.85,
      1.85,
      0.9,
      1.9,
      0.95,
      1.95
    ],
    "SoftwareVersions": "27_LX_MR_Software_release:DV25.1_R02_1649.a",
    "SpacingBetweenSlices": 3,
    "StationName": "GEMRGEMR",
    "TaskName": "OTCG",
    "TotalReadoutTime": 0.02646,
    "dataset": "ds004103",
    "modality": "bold",
    "run_id": 1,
    "subject_id": "s46A",
    "task_id": "OTCG"
  },
  "dummy_trs": 1,
  "dvars_nstd": 13.023766005853664,
  "dvars_std": 1.0133246005792684,
  "dvars_vstd": 0.9620823540548774,
  "efc": 0.44188957383643823,
  "fber": 64819.328125,
  "fd_mean": 0.06481893693353338,
  "fd_num": 7,
  "fd_perc": 2.127659574468085,
  "fwhm_avg": 2.639565555555555,
  "fwhm_x": 2.4567714285714284,
  "fwhm_y": 2.7826885714285714,
  "fwhm_z": 2.6792366666666667,
  "gcor": 0.0248905,
  "gsr_x": -0.0064389463514089584,
  "gsr_y": 0.015837129205465317,
  "provenance": {
    "md5sum": "b709060492de190f6d3c4668f7dec21f",
    "settings": {
      "fd_thres": 0.2,
      "testing": false
    },
    "software": "mriqc",
    "version": "23.0.1",
    "webapi_port": null,
    "webapi_url": "https://mriqc.nimh.nih.gov/api/v1"
  },
  "size_t": 329,
  "size_x": 64,
  "size_y": 64,
  "size_z": 40,
  "snr": 5.721079402955449,
  "spacing_tr": 2.0,
  "spacing_x": 3.5,
  "spacing_y": 3.5,
  "spacing_z": 3.0,
  "summary_bg_k": 106.97144241877642,
  "summary_bg_mad": 30.837226512023612,
  "summary_bg_mean": 98.3829574584961,
  "summary_bg_median": 21.18541145324707,
  "summary_bg_n": 104780.0,
  "summary_bg_p05": 0.042553193867206573,
  "summary_bg_p95": 416.079344177246,
  "summary_bg_stdv": 246.8149871826172,
  "summary_fg_k": 0.5873317069805783,
  "summary_fg_mad": 833.0418270474544,
  "summary_fg_mean": 4976.45361328125,
  "summary_fg_median": 5026.8515625,
  "summary_fg_n": 26404.0,
  "summary_fg_p05": 3435.9341674804687,
  "summary_fg_p95": 6341.672265624999,
  "summary_fg_stdv": 878.6377563476562,
  "tsnr": 80.21861730609089
}