{
  "bids_meta": {
    "AcquisitionMatrixPE": 224,
    "AcquisitionNumber": 1,
    "AcquisitionTime": "09:18:43.000000",
    "BodyPartExamined": "HEAD",
    "CoilString": "8HRBRAIN",
    "ConversionSoftware": "dcm2niix",
    "ConversionSoftwareVersion": "v1.0.20181125  GCC5.4.0",
    "DeviceSerialNumber": "00000000GEMRGEMR",
    "EchoTime": 0.002936,
    "FlipAngle": 12,
    "ImageOrientationPatientDICOM": [
      0.0457601,
      0.998058,
      0.0422523,
      -0.0059901,
      0.04257,
      -0.999076
    ],
    "ImageType": [
      "ORIGINAL",
      "PRIMARY",
      "OTHER"
    ],
    "ImagingFrequency": 127.764,
    "InPlanePhaseEncodingDirectionDICOM": "ROW",
    "InstitutionName": "NCKU",
    "InversionTime": 0.45,
    "MRAcquisitionType": "3D",
    "MagneticFieldStrength": 3,
    "Manufacturer": "GE",
    "ManufacturersModelName": "DISCOVERY_MR750",
    "Modality": "MR",
    "PatientPosition": "HFS",
    "PercentPhaseFOV": 100,
    "PixelBandwidth": 244.141,
    "ProtocolName": "T1_SAG_FSPGR_BRAVO_ASSET",
    "ReconMatrixPE": 256,
    "RepetitionTime": 0.00766,
    "SAR": 0.206626,
    "ScanOptions": "FAST_GEMS_EDR_GEMS_ACC_GEMS",
    "ScanningSequence": "GR",
    "SequenceVariant": "SS_SK",
    "SeriesDescription": "T1_SAG_FSPGR_BRAVO_ASSET",
    "SeriesNumber": 3,
    "SliceThickness": 1,
    "SoftwareVersions": "27_LX_MR_Software_release:DV25.1_R02_1649.a",
    "SpacingBetweenSlices": 1,
    "StationName": "GEMRGEMR",
    "dataset": "ds004103",
    "modality": "T1w",
    "subject_id": "s40A"
  },
  "cjv": 0.3296888141079465,
  "cnr": 4.143841103647551,
  "efc": 0.5734874698292535,
  "fber": 6438.070632764951,
  "fwhm_avg": 4.178834285714285,
  "fwhm_x": 3.95256,
  "fwhm_y": 4.346445714285714,
  "fwhm_z": 4.237497142857142,
  "icvs_csf": 0.21386805450278368,
  "icvs_gm": 0.45858209004989436,
  "icvs_wm": 0.32754985544732196,
  "inu_med": 0.6053642630577087,
  "inu_range": 0.2160364329814911,
  "provenance": {
    "md5sum": "082a0f1699fc885199a03990518d7f62",
    "settings": {
      "testing": false
    },
    "software": "mriqc",
    "version": "23.0.1",
    "warnings": {
      "large_rot_frame": true,
      "small_air_mask": false
    },
    "webapi_port": null,
    "webapi_url": "https://mriqc.nimh.nih.gov/api/v1"
  },
  "qi_1": 0.0,
  "qi_2": 0.0005887101648996843,
  "rpve_csf": 21.383661072789046,
  "rpve_gm": 10.39188721246599,
  "rpve_wm": 15.978347774072999,
  "size_x": 166,
  "size_y": 256,
  "size_z": 256,
  "snr_csf": 1.9448496284139474,
  "snr_gm": 10.794657430339136,
  "snr_total": 11.344957596224257,
  "snr_wm": 21.295365729919688,
  "snrd_csf": 22.414029945398887,
  "snrd_gm": 62.300051061346366,
  "snrd_total": 59.07855385301921,
  "snrd_wm": 92.52158055231236,
  "spacing_x": 1.0,
  "spacing_y": 0.875,
  "spacing_z": 0.875,
  "summary_bg_k": 4.2823030341097255,
  "summary_bg_mad": 7.081111165649506,
  "summary_bg_mean": 8.18190645403053,
  "summary_bg_median": 4.77613690122962,
  "summary_bg_n": 2256169.0,
  "summary_bg_p05": 0.0,
  "summary_bg_p95": 30.327004250138998,
  "summary_bg_stdv": 10.836638806689802,
  "summary_csf_k": -0.556432326301799,
  "summary_csf_mad": 141.36156891425455,
  "summary_csf_mean": 248.5840070109972,
  "summary_csf_median": 242.26441656053066,
  "summary_csf_n": 40404.0,
  "summary_csf_p05": 63.789264012128115,
  "summary_csf_p95": 460.38443553447723,
  "summary_csf_stdv": 124.56562963913814,
  "summary_gm_k": 0.08438032072944601,
  "summary_gm_mad": 61.94886209948586,
  "summary_gm_mean": 673.4850411167129,
  "summary_gm_median": 673.3767001666129,
  "summary_gm_n": 58227.0,
  "summary_gm_p05": 571.6713554784656,
  "summary_gm_p95": 775.542077672854,
  "summary_gm_stdv": 62.38001735085746,
  "summary_wm_k": 0.23631416487614976,
  "summary_wm_mad": 45.744846978091594,
  "summary_wm_mean": 1000.0157605984557,
  "summary_wm_median": 1000.0293024666607,
  "summary_wm_n": 210712.0,
  "summary_wm_p05": 922.9078771658242,
  "summary_wm_p95": 1077.2093306742609,
  "summary_wm_stdv": 46.95983821880051,
  "tpm_overlap_csf": 0.1568224750109014,
  "tpm_overlap_gm": 0.4882406058687843,
  "tpm_overlap_wm": 0.5102225226096029,
  "wm2max": 0.5855135617354904
}