{
  "bids_meta": {
    "AcquisitionMatrixPE": 256,
    "AcquisitionNumber": 1,
    "AcquisitionTime": "10:28:33.607500",
    "BaseResolution": 256,
    "BodyPartExamined": "BRAIN",
    "ConsistencyInfo": "N4_VD13D_LATEST_20130810",
    "ConversionSoftware": "dcm2niix",
    "ConversionSoftwareVersion": "v1.0.20181125  GCC5.4.0",
    "DeviceSerialNumber": "66020",
    "DwellTime": 9.8e-06,
    "EchoTime": 0.0023,
    "FlipAngle": 8,
    "ImageOrientationPatientDICOM": [
      -0.0261107,
      0.999659,
      -4.02227e-08,
      0.00183079,
      4.77795e-05,
      -0.999998
    ],
    "ImageType": [
      "ORIGINAL",
      "PRIMARY",
      "M",
      "ND",
      "NORM"
    ],
    "ImagingFrequency": 123.262,
    "InPlanePhaseEncodingDirectionDICOM": "ROW",
    "InstitutionAddress": "Fanglan_Rd._49_Taipei_Da_An_TW_10672",
    "InstitutionName": "NTU_NCSC",
    "InstitutionalDepartmentName": "Department",
    "InversionTime": 0.9,
    "MRAcquisitionType": "3D",
    "MagneticFieldStrength": 3,
    "Manufacturer": "Siemens",
    "ManufacturersModelName": "Prisma",
    "Modality": "MR",
    "PartialFourier": 1,
    "PatientPosition": "HFS",
    "PercentPhaseFOV": 100,
    "PhaseEncodingSteps": 255,
    "PhaseResolution": 1,
    "PixelBandwidth": 200,
    "ProcedureStepDescription": "NTU_Brain",
    "ProtocolName": "t1_mprage_sag_p2_iso",
    "PulseSequenceDetails": "%SiemensSeq%_tfl",
    "ReceiveCoilActiveElements": "HE1-4",
    "ReceiveCoilName": "HeadNeck_20",
    "ReconMatrixPE": 256,
    "RepetitionTime": 2,
    "SAR": 0.0659788,
    "ScanOptions": "IR",
    "ScanningSequence": "GR_IR",
    "SequenceName": "_tfl3d1_16ns",
    "SequenceVariant": "SK_SP_MP",
    "SeriesDescription": "t1_mprage_sag_p2_iso",
    "SeriesNumber": 2,
    "ShimSetting": [
      -3014,
      -3755,
      -5732,
      89,
      -93,
      18,
      -54,
      32
    ],
    "SliceThickness": 0.94,
    "SoftwareVersions": "syngo_MR_D13D",
    "StationName": "AWP66020",
    "TxRefAmp": 245.66,
    "dataset": "ds004103",
    "modality": "T1w",
    "subject_id": "s41B"
  },
  "cjv": 0.31902515762924477,
  "cnr": 4.281151830570142,
  "efc": 0.5475742957016213,
  "fber": 16881.285184,
  "fwhm_avg": 4.636888060586895,
  "fwhm_x": 4.552936181760686,
  "fwhm_y": 4.613653333333334,
  "fwhm_z": 4.744074666666666,
  "icvs_csf": 0.17908322877797528,
  "icvs_gm": 0.45275228914247306,
  "icvs_wm": 0.36816448207955166,
  "inu_med": 0.4825780391693115,
  "inu_range": 0.19538637697696687,
  "provenance": {
    "md5sum": "e5c037ea559cb9972a20884bd31cda94",
    "settings": {
      "testing": false
    },
    "software": "mriqc",
    "version": "23.0.1",
    "warnings": {
      "large_rot_frame": true,
      "small_air_mask": false
    },
    "webapi_port": null,
    "webapi_url": "https://mriqc.nimh.nih.gov/api/v1"
  },
  "qi_1": 0.0,
  "qi_2": 0.006546793530839984,
  "rpve_csf": 27.65964924698029,
  "rpve_gm": 11.88864275849916,
  "rpve_wm": 16.297385173210582,
  "size_x": 192,
  "size_y": 256,
  "size_z": 256,
  "snr_csf": 1.8575865467095527,
  "snr_gm": 12.811388054842707,
  "snr_total": 12.9862629380646,
  "snr_wm": 24.28981421264154,
  "snrd_csf": 20.021784577463446,
  "snrd_gm": 59.59727544995008,
  "snrd_total": 54.7522546317088,
  "snrd_wm": 84.63770386771287,
  "spacing_x": 0.9399999976158142,
  "spacing_y": 0.9375,
  "spacing_z": 0.9375,
  "summary_bg_k": 44.06548690505065,
  "summary_bg_mad": 0.0,
  "summary_bg_mean": 4.032800932020586,
  "summary_bg_median": 0.0,
  "summary_bg_n": 3290094.0,
  "summary_bg_p05": 0.0,
  "summary_bg_p95": 17.465070337057114,
  "summary_bg_stdv": 7.740801449121831,
  "summary_csf_k": 0.023936381471683532,
  "summary_csf_mad": 120.15933976838708,
  "summary_csf_mean": 244.8205514435876,
  "summary_csf_median": 236.56853606551886,
  "summary_csf_n": 34831.0,
  "summary_csf_p05": 41.354791548103094,
  "summary_csf_p95": 475.02912141755223,
  "summary_csf_stdv": 127.35080393001984,
  "summary_gm_k": 0.06581696079465171,
  "summary_gm_mad": 54.62348642113441,
  "summary_gm_mean": 704.6165667391655,
  "summary_gm_median": 704.1750025898218,
  "summary_gm_n": 74793.0,
  "summary_gm_p05": 615.4773953780532,
  "summary_gm_p95": 795.6587043553591,
  "summary_gm_stdv": 54.964402925506036,
  "summary_wm_k": 0.2695261654324246,
  "summary_wm_mad": 39.7654049002615,
  "summary_wm_mean": 999.7835996277131,
  "summary_wm_median": 1000.0416107997298,
  "summary_wm_n": 261795.0,
  "summary_wm_p05": 931.4704179763794,
  "summary_wm_p95": 1066.9494635909796,
  "summary_wm_stdv": 41.17115479239194,
  "tpm_overlap_csf": 0.1301112885012372,
  "tpm_overlap_gm": 0.4595375325745341,
  "tpm_overlap_wm": 0.5124422233495448,
  "wm2max": 0.4611191862520417
}