{
  "aor": 0.0022700606060606066,
  "aqi": 0.006957163666666666,
  "bids_meta": {
    "AcquisitionMatrixPE": 64,
    "AcquisitionNumber": 1,
    "AcquisitionTime": "11:51:41.805000",
    "BandwidthPerPixelPhaseEncode": 31.888,
    "BaseResolution": 64,
    "BodyPartExamined": "BRAIN",
    "ConsistencyInfo": "N4_VD13D_LATEST_20130810",
    "ConversionSoftware": "dcm2niix",
    "ConversionSoftwareVersion": "v1.0.20181125  GCC5.4.0",
    "DerivedVendorReportedEchoSpacing": 0.000489996,
    "DeviceSerialNumber": "66020",
    "DwellTime": 3.3e-06,
    "EchoTime": 0.024,
    "EchoTrainLength": 64,
    "EffectiveEchoSpacing": 0.000489996,
    "FlipAngle": 87,
    "ImageOrientationPatientDICOM": [
      0.999467,
      -0.0253847,
      0.020504,
      0.0279177,
      0.990512,
      -0.134559
    ],
    "ImageType": [
      "ORIGINAL",
      "PRIMARY",
      "M",
      "ND",
      "NORM",
      "MOSAIC"
    ],
    "ImagingFrequency": 123.262,
    "InPlanePhaseEncodingDirectionDICOM": "COL",
    "InstitutionAddress": "Fanglan_Rd._49_Taipei_Da_An_TW_10672",
    "InstitutionName": "NTU_NCSC",
    "InstitutionalDepartmentName": "Department",
    "MRAcquisitionType": "2D",
    "MagneticFieldStrength": 3,
    "Manufacturer": "Siemens",
    "ManufacturersModelName": "Prisma",
    "PartialFourier": 1,
    "PatientPosition": "HFS",
    "PercentPhaseFOV": 100,
    "PhaseEncodingDirection": "j-",
    "PhaseEncodingSteps": 64,
    "PhaseResolution": 1,
    "PixelBandwidth": 2365,
    "ProcedureStepDescription": "NTU_Brain",
    "ProtocolName": "ep2d_bold_64x64_3mm_iso_330TR",
    "PulseSequenceDetails": "%SiemensSeq%_ep2d_bold",
    "ReceiveCoilActiveElements": "HE1-4",
    "ReceiveCoilName": "HeadNeck_20",
    "ReconMatrixPE": 64,
    "RepetitionTime": 2,
    "SAR": 0.0924045,
    "ScanOptions": "FS",
    "ScanningSequence": "EP",
    "SequenceName": "_epfid2d1_64",
    "SequenceVariant": "SK",
    "SeriesDescription": "ep2d_bold_64x64_3mm_iso_330TR",
    "SeriesNumber": 6,
    "ShimSetting": [
      -3008,
      -3778,
      -5567,
      311,
      -91,
      -37,
      -63,
      -12
    ],
    "SliceThickness": 3,
    "SliceTiming": [
      0.99,
      0,
      1.045,
      0.055,
      1.1,
      0.11,
      1.155,
      0.165,
      1.21,
      0.22,
      1.265,
      0.275,
      1.32,
      0.33,
      1.375,
      0.385,
      1.43,
      0.44,
      1.485,
      0.495,
      1.54,
      0.55,
      1.595,
      0.605,
      1.65,
      0.66,
      1.705,
      0.715,
      1.76,
      0.77,
      1.815,
      0.825,
      1.87,
      0.88,
      1.925,
      0.935
    ],
    "SoftwareVersions": "syngo_MR_D13D",
    "SpacingBetweenSlices": 3,
    "StationName": "AWP66020",
    "TaskName": "OTCG",
    "TotalReadoutTime": 0.0308698,
    "TxRefAmp": 248.051,
    "VendorReportedEchoSpacing": 0.00049,
    "dataset": "ds004103",
    "modality": "bold",
    "run_id": 3,
    "subject_id": "s59B",
    "task_id": "OTCG"
  },
  "dummy_trs": 0,
  "dvars_nstd": 19.952904852097245,
  "dvars_std": 1.2330298681762917,
  "dvars_vstd": 1.027563981854103,
  "efc": 0.6150828415321841,
  "fber": 640.5728149414062,
  "fd_mean": 0.12127252059475473,
  "fd_num": 31,
  "fd_perc": 9.393939393939394,
  "fwhm_avg": 1.7312733333333332,
  "fwhm_x": 1.6195566666666668,
  "fwhm_y": 1.8941866666666665,
  "fwhm_z": 1.6800766666666667,
  "gcor": 0.0289468,
  "gsr_x": -0.0031707233283668756,
  "gsr_y": 0.04076116159558296,
  "provenance": {
    "md5sum": "5b891189fad65f477c8677fc5d14d914",
    "settings": {
      "fd_thres": 0.2,
      "testing": false
    },
    "software": "mriqc",
    "version": "23.0.1",
    "webapi_port": null,
    "webapi_url": "https://mriqc.nimh.nih.gov/api/v1"
  },
  "size_t": 330,
  "size_x": 64,
  "size_y": 64,
  "size_z": 36,
  "snr": 7.564937777796382,
  "spacing_tr": 2.0,
  "spacing_x": 3.0,
  "spacing_y": 3.0,
  "spacing_z": 3.0,
  "summary_bg_k": 12.313886337334806,
  "summary_bg_mad": 20.79237289676536,
  "summary_bg_mean": 69.74835205078125,
  "summary_bg_median": 30.139392852783203,
  "summary_bg_n": 78569.0,
  "summary_bg_p05": 13.366665840148926,
  "summary_bg_p95": 270.8212036132811,
  "summary_bg_stdv": 96.53907775878906,
  "summary_fg_k": 3.375615888736011,
  "summary_fg_mad": 92.78389640640465,
  "summary_fg_mean": 786.988037109375,
  "summary_fg_median": 785.4696655273438,
  "summary_fg_n": 35727.0,
  "summary_fg_p05": 632.1032958984375,
  "summary_fg_p95": 947.2508850097653,
  "summary_fg_stdv": 103.8288345336914,
  "tsnr": 84.85264232498594
}