{
  "aor": 0.0019654242424242425,
  "aqi": 0.006615359272727273,
  "bids_meta": {
    "AcquisitionMatrixPE": 64,
    "AcquisitionNumber": 1,
    "AcquisitionTime": "12:03:37.557500",
    "BandwidthPerPixelPhaseEncode": 31.888,
    "BaseResolution": 64,
    "BodyPartExamined": "BRAIN",
    "ConsistencyInfo": "N4_VD13D_LATEST_20130810",
    "ConversionSoftware": "dcm2niix",
    "ConversionSoftwareVersion": "v1.0.20181125  GCC5.4.0",
    "DerivedVendorReportedEchoSpacing": 0.000489996,
    "DeviceSerialNumber": "66020",
    "DwellTime": 3.3e-06,
    "EchoTime": 0.024,
    "EchoTrainLength": 64,
    "EffectiveEchoSpacing": 0.000489996,
    "FlipAngle": 87,
    "ImageOrientationPatientDICOM": [
      0.999467,
      -0.0253847,
      0.020504,
      0.0279177,
      0.990512,
      -0.134559
    ],
    "ImageType": [
      "ORIGINAL",
      "PRIMARY",
      "M",
      "ND",
      "NORM",
      "MOSAIC"
    ],
    "ImagingFrequency": 123.262,
    "InPlanePhaseEncodingDirectionDICOM": "COL",
    "InstitutionAddress": "Fanglan_Rd._49_Taipei_Da_An_TW_10672",
    "InstitutionName": "NTU_NCSC",
    "InstitutionalDepartmentName": "Department",
    "MRAcquisitionType": "2D",
    "MagneticFieldStrength": 3,
    "Manufacturer": "Siemens",
    "ManufacturersModelName": "Prisma",
    "PartialFourier": 1,
    "PatientPosition": "HFS",
    "PercentPhaseFOV": 100,
    "PhaseEncodingDirection": "j-",
    "PhaseEncodingSteps": 64,
    "PhaseResolution": 1,
    "PixelBandwidth": 2365,
    "ProcedureStepDescription": "NTU_Brain",
    "ProtocolName": "ep2d_bold_64x64_3mm_iso_330TR",
    "PulseSequenceDetails": "%SiemensSeq%_ep2d_bold",
    "ReceiveCoilActiveElements": "HE1-4",
    "ReceiveCoilName": "HeadNeck_20",
    "ReconMatrixPE": 64,
    "RepetitionTime": 2,
    "SAR": 0.0924045,
    "ScanOptions": "FS",
    "ScanningSequence": "EP",
    "SequenceName": "_epfid2d1_64",
    "SequenceVariant": "SK",
    "SeriesDescription": "ep2d_bold_64x64_3mm_iso_330TR",
    "SeriesNumber": 7,
    "ShimSetting": [
      -3008,
      -3778,
      -5567,
      311,
      -91,
      -37,
      -63,
      -12
    ],
    "SliceThickness": 3,
    "SliceTiming": [
      0.99,
      0,
      1.045,
      0.055,
      1.1,
      0.11,
      1.155,
      0.165,
      1.21,
      0.22,
      1.265,
      0.275,
      1.32,
      0.33,
      1.375,
      0.385,
      1.43,
      0.44,
      1.485,
      0.495,
      1.54,
      0.55,
      1.595,
      0.605,
      1.65,
      0.66,
      1.705,
      0.715,
      1.76,
      0.77,
      1.815,
      0.825,
      1.87,
      0.88,
      1.925,
      0.935
    ],
    "SoftwareVersions": "syngo_MR_D13D",
    "SpacingBetweenSlices": 3,
    "StationName": "AWP66020",
    "TaskName": "OTCG",
    "TotalReadoutTime": 0.0308698,
    "TxRefAmp": 248.051,
    "VendorReportedEchoSpacing": 0.00049,
    "dataset": "ds004103",
    "modality": "bold",
    "run_id": 4,
    "subject_id": "s59B",
    "task_id": "OTCG"
  },
  "dummy_trs": 0,
  "dvars_nstd": 19.657351595410336,
  "dvars_std": 1.240817357416414,
  "dvars_vstd": 1.0361926955319147,
  "efc": 0.6163186913551666,
  "fber": 630.3125610351562,
  "fd_mean": 0.12698766805612866,
  "fd_num": 29,
  "fd_perc": 8.787878787878787,
  "fwhm_avg": 1.7298477777777777,
  "fwhm_x": 1.6196066666666666,
  "fwhm_y": 1.8871633333333333,
  "fwhm_z": 1.6827733333333335,
  "gcor": 0.0328628,
  "gsr_x": -0.0030468192417174578,
  "gsr_y": 0.040569644421339035,
  "provenance": {
    "md5sum": "54a76a0dd98f8c1311a1dc439f8c61b1",
    "settings": {
      "fd_thres": 0.2,
      "testing": false
    },
    "software": "mriqc",
    "version": "23.0.1",
    "webapi_port": null,
    "webapi_url": "https://mriqc.nimh.nih.gov/api/v1"
  },
  "size_t": 330,
  "size_x": 64,
  "size_y": 64,
  "size_z": 36,
  "snr": 7.572222998238048,
  "spacing_tr": 2.0,
  "spacing_x": 3.0,
  "spacing_y": 3.0,
  "spacing_z": 3.0,
  "summary_bg_k": 11.982540516510259,
  "summary_bg_mad": 20.850776262127138,
  "summary_bg_mean": 70.54515075683594,
  "summary_bg_median": 30.378786087036133,
  "summary_bg_n": 78552.0,
  "summary_bg_p05": 13.52727222442627,
  "summary_bg_p95": 273.38530731201166,
  "summary_bg_stdv": 97.19731903076172,
  "summary_fg_k": 3.2917151116637617,
  "summary_fg_mad": 92.78389640640465,
  "summary_fg_mean": 785.8831787109375,
  "summary_fg_median": 784.912109375,
  "summary_fg_n": 35759.0,
  "summary_fg_p05": 631.117578125,
  "summary_fg_p95": 945.1345092773436,
  "summary_fg_stdv": 103.65531158447266,
  "tsnr": 87.0133489666041
}