{
  "aor": 0.001112439024390244,
  "aqi": 0.007620259359756098,
  "bids_meta": {
    "AcquisitionMatrixPE": 64,
    "AcquisitionNumber": 1,
    "AcquisitionTime": "10:43:30.907500",
    "BandwidthPerPixelPhaseEncode": 31.888,
    "BaseResolution": 64,
    "BodyPartExamined": "BRAIN",
    "ConsistencyInfo": "N4_VD13D_LATEST_20130810",
    "ConversionSoftware": "dcm2niix",
    "ConversionSoftwareVersion": "v1.0.20181125  GCC5.4.0",
    "DerivedVendorReportedEchoSpacing": 0.000489996,
    "DeviceSerialNumber": "66020",
    "DwellTime": 3.3e-06,
    "EchoTime": 0.024,
    "EchoTrainLength": 64,
    "EffectiveEchoSpacing": 0.000489996,
    "FlipAngle": 87,
    "ImageOrientationPatientDICOM": [
      0.994392,
      -0.0527983,
      0.091634,
      0.0608196,
      0.994344,
      -0.0870737
    ],
    "ImageType": [
      "ORIGINAL",
      "PRIMARY",
      "M",
      "ND",
      "NORM",
      "MOSAIC"
    ],
    "ImagingFrequency": 123.262,
    "InPlanePhaseEncodingDirectionDICOM": "COL",
    "InstitutionAddress": "Fanglan_Rd._49_Taipei_Da_An_TW_10672",
    "InstitutionName": "NTU_NCSC",
    "InstitutionalDepartmentName": "Department",
    "MRAcquisitionType": "2D",
    "MagneticFieldStrength": 3,
    "Manufacturer": "Siemens",
    "ManufacturersModelName": "Prisma",
    "PartialFourier": 1,
    "PatientPosition": "HFS",
    "PercentPhaseFOV": 100,
    "PhaseEncodingDirection": "j-",
    "PhaseEncodingSteps": 64,
    "PhaseResolution": 1,
    "PixelBandwidth": 2365,
    "ProcedureStepDescription": "NTU_Brain",
    "ProtocolName": "ep2d_bold_64x64_3mm_iso_330TR",
    "PulseSequenceDetails": "%SiemensSeq%_ep2d_bold",
    "ReceiveCoilActiveElements": "HE1-4",
    "ReceiveCoilName": "HeadNeck_20",
    "ReconMatrixPE": 64,
    "RepetitionTime": 2,
    "SAR": 0.0960784,
    "ScanOptions": "FS",
    "ScanningSequence": "EP",
    "SequenceName": "_epfid2d1_64",
    "SequenceVariant": "SK",
    "SeriesDescription": "ep2d_bold_64x64_3mm_iso_330TR",
    "SeriesNumber": 4,
    "ShimSetting": [
      -3012,
      -3732,
      -5588,
      402,
      -183,
      63,
      -273,
      32
    ],
    "SliceThickness": 3,
    "SliceTiming": [
      0.99,
      0,
      1.045,
      0.055,
      1.1,
      0.11,
      1.155,
      0.165,
      1.21,
      0.22,
      1.265,
      0.275,
      1.32,
      0.33,
      1.375,
      0.385,
      1.43,
      0.44,
      1.485,
      0.495,
      1.54,
      0.55,
      1.595,
      0.605,
      1.65,
      0.66,
      1.705,
      0.715,
      1.76,
      0.77,
      1.815,
      0.825,
      1.87,
      0.88,
      1.925,
      0.935
    ],
    "SoftwareVersions": "syngo_MR_D13D",
    "SpacingBetweenSlices": 3,
    "StationName": "AWP66020",
    "TaskName": "OTCG",
    "TotalReadoutTime": 0.0308698,
    "TxRefAmp": 236.508,
    "VendorReportedEchoSpacing": 0.00049,
    "dataset": "ds004103",
    "modality": "bold",
    "run_id": 1,
    "subject_id": "s53B",
    "task_id": "OTCG"
  },
  "dummy_trs": 2,
  "dvars_nstd": 19.20868050262998,
  "dvars_std": 1.275265337400611,
  "dvars_vstd": 0.9940761968501528,
  "efc": 0.5809158729779348,
  "fber": 956.59814453125,
  "fd_mean": 0.06887155968692973,
  "fd_num": 2,
  "fd_perc": 0.6097560975609756,
  "fwhm_avg": 1.6420933333333332,
  "fwhm_x": 1.5409466666666667,
  "fwhm_y": 1.73403,
  "fwhm_z": 1.6513033333333331,
  "gcor": 0.0131499,
  "gsr_x": -0.005276861134916544,
  "gsr_y": 0.04911334067583084,
  "provenance": {
    "md5sum": "1f98a61e568a578942461dcb3b513d52",
    "settings": {
      "fd_thres": 0.2,
      "testing": false
    },
    "software": "mriqc",
    "version": "23.0.1",
    "webapi_port": null,
    "webapi_url": "https://mriqc.nimh.nih.gov/api/v1"
  },
  "size_t": 328,
  "size_x": 64,
  "size_y": 64,
  "size_z": 36,
  "snr": 8.370231919361903,
  "spacing_tr": 2.0,
  "spacing_x": 3.0,
  "spacing_y": 3.0,
  "spacing_z": 3.0,
  "summary_bg_k": 15.759368751946301,
  "summary_bg_mad": 18.713331293569386,
  "summary_bg_mean": 65.01786041259766,
  "summary_bg_median": 29.28963279724121,
  "summary_bg_n": 82575.0,
  "summary_bg_p05": 13.185975074768066,
  "summary_bg_p95": 245.42254943847684,
  "summary_bg_stdv": 95.00227355957031,
  "summary_fg_k": 3.0306482036216194,
  "summary_fg_mad": 102.81028347979459,
  "summary_fg_mean": 921.8810424804688,
  "summary_fg_median": 918.3871459960938,
  "summary_fg_n": 32562.0,
  "summary_fg_p05": 764.1682739257812,
  "summary_fg_p95": 1094.9905395507812,
  "summary_fg_stdv": 109.71894836425781,
  "tsnr": 88.08755943318829
}