{
  "aor": 0.001026534954407295,
  "aqi": 0.010624882249240122,
  "bids_meta": {
    "AcquisitionMatrixPE": 64,
    "AcquisitionNumber": 1,
    "AcquisitionTime": "10:55:34.820000",
    "BandwidthPerPixelPhaseEncode": 31.888,
    "BaseResolution": 64,
    "BodyPartExamined": "BRAIN",
    "ConsistencyInfo": "N4_VD13D_LATEST_20130810",
    "ConversionSoftware": "dcm2niix",
    "ConversionSoftwareVersion": "v1.0.20181125  GCC5.4.0",
    "DerivedVendorReportedEchoSpacing": 0.000489996,
    "DeviceSerialNumber": "66020",
    "DwellTime": 3.3e-06,
    "EchoTime": 0.024,
    "EchoTrainLength": 64,
    "EffectiveEchoSpacing": 0.000489996,
    "FlipAngle": 87,
    "ImageOrientationPatientDICOM": [
      0.994392,
      -0.0527983,
      0.091634,
      0.0608196,
      0.994344,
      -0.0870737
    ],
    "ImageType": [
      "ORIGINAL",
      "PRIMARY",
      "M",
      "ND",
      "NORM",
      "MOSAIC"
    ],
    "ImagingFrequency": 123.262,
    "InPlanePhaseEncodingDirectionDICOM": "COL",
    "InstitutionAddress": "Fanglan_Rd._49_Taipei_Da_An_TW_10672",
    "InstitutionName": "NTU_NCSC",
    "InstitutionalDepartmentName": "Department",
    "MRAcquisitionType": "2D",
    "MagneticFieldStrength": 3,
    "Manufacturer": "Siemens",
    "ManufacturersModelName": "Prisma",
    "PartialFourier": 1,
    "PatientPosition": "HFS",
    "PercentPhaseFOV": 100,
    "PhaseEncodingDirection": "j-",
    "PhaseEncodingSteps": 64,
    "PhaseResolution": 1,
    "PixelBandwidth": 2365,
    "ProcedureStepDescription": "NTU_Brain",
    "ProtocolName": "ep2d_bold_64x64_3mm_iso_330TR",
    "PulseSequenceDetails": "%SiemensSeq%_ep2d_bold",
    "ReceiveCoilActiveElements": "HE1-4",
    "ReceiveCoilName": "HeadNeck_20",
    "ReconMatrixPE": 64,
    "RepetitionTime": 2,
    "SAR": 0.0960784,
    "ScanOptions": "FS",
    "ScanningSequence": "EP",
    "SequenceName": "_epfid2d1_64",
    "SequenceVariant": "SK",
    "SeriesDescription": "ep2d_bold_64x64_3mm_iso_330TR",
    "SeriesNumber": 5,
    "ShimSetting": [
      -3012,
      -3732,
      -5588,
      402,
      -183,
      63,
      -273,
      32
    ],
    "SliceThickness": 3,
    "SliceTiming": [
      0.99,
      0,
      1.045,
      0.055,
      1.1,
      0.11,
      1.155,
      0.165,
      1.21,
      0.22,
      1.265,
      0.275,
      1.32,
      0.33,
      1.375,
      0.385,
      1.43,
      0.44,
      1.485,
      0.495,
      1.54,
      0.55,
      1.595,
      0.605,
      1.65,
      0.66,
      1.705,
      0.715,
      1.76,
      0.77,
      1.815,
      0.825,
      1.87,
      0.88,
      1.925,
      0.935
    ],
    "SoftwareVersions": "syngo_MR_D13D",
    "SpacingBetweenSlices": 3,
    "StationName": "AWP66020",
    "TaskName": "OTCG",
    "TotalReadoutTime": 0.0308698,
    "TxRefAmp": 236.508,
    "VendorReportedEchoSpacing": 0.00049,
    "dataset": "ds004103",
    "modality": "bold",
    "run_id": 2,
    "subject_id": "s53B",
    "task_id": "OTCG"
  },
  "dummy_trs": 1,
  "dvars_nstd": 20.173473573048785,
  "dvars_std": 1.243723750396342,
  "dvars_vstd": 0.9853215957317079,
  "efc": 0.581531607613523,
  "fber": 948.3331909179688,
  "fd_mean": 0.10609170293461874,
  "fd_num": 24,
  "fd_perc": 7.2948328267477205,
  "fwhm_avg": 1.6433099999999998,
  "fwhm_x": 1.5492233333333332,
  "fwhm_y": 1.7263266666666668,
  "fwhm_z": 1.65438,
  "gcor": 0.0126971,
  "gsr_x": -0.00496165594086051,
  "gsr_y": 0.04827041178941727,
  "provenance": {
    "md5sum": "cdb720bc369f8c5795f3c5d484e60152",
    "settings": {
      "fd_thres": 0.2,
      "testing": false
    },
    "software": "mriqc",
    "version": "23.0.1",
    "webapi_port": null,
    "webapi_url": "https://mriqc.nimh.nih.gov/api/v1"
  },
  "size_t": 329,
  "size_x": 64,
  "size_y": 64,
  "size_z": 36,
  "snr": 8.404462090813233,
  "spacing_tr": 2.0,
  "spacing_x": 3.0,
  "spacing_y": 3.0,
  "spacing_z": 3.0,
  "summary_bg_k": 15.234956879447747,
  "summary_bg_mad": 19.039497107939834,
  "summary_bg_mean": 65.90003204345703,
  "summary_bg_median": 29.58966636657715,
  "summary_bg_n": 82597.0,
  "summary_bg_p05": 12.993921279907227,
  "summary_bg_p95": 248.88632202148426,
  "summary_bg_stdv": 95.59416961669922,
  "summary_fg_k": 2.918914831906908,
  "summary_fg_mad": 102.41221419517507,
  "summary_fg_mean": 921.9920654296875,
  "summary_fg_median": 918.3282470703125,
  "summary_fg_n": 32508.0,
  "summary_fg_p05": 765.8147674560547,
  "summary_fg_p95": 1094.2285583496093,
  "summary_fg_stdv": 109.26506805419922,
  "tsnr": 75.07018517330289
}