{
  "aor": 0.003093768996960486,
  "aqi": 0.0037930896656534954,
  "bids_meta": {
    "AcquisitionMatrixPE": 64,
    "AcquisitionNumber": 1,
    "AcquisitionTime": "10:24:19.000000",
    "BodyPartExamined": "HEAD",
    "CoilString": "8HRBRAIN",
    "ConversionSoftware": "dcm2niix",
    "ConversionSoftwareVersion": "v1.0.20181125  GCC5.4.0",
    "DeviceSerialNumber": "00000000GEMRGEMR",
    "EchoTime": 0.033,
    "EffectiveEchoSpacing": 0.00042,
    "FlipAngle": 90,
    "ImageOrientationPatientDICOM": [
      0.997108,
      -0.025512,
      0.0715914,
      0.024329,
      0.999553,
      0.017348
    ],
    "ImageType": [
      "ORIGINAL",
      "PRIMARY",
      "EPI",
      "NONE"
    ],
    "ImagingFrequency": 127.764,
    "InPlanePhaseEncodingDirectionDICOM": "COL",
    "InstitutionName": "NCKU",
    "MRAcquisitionType": "2D",
    "MagneticFieldStrength": 3,
    "Manufacturer": "GE",
    "ManufacturersModelName": "DISCOVERY_MR750",
    "PatientPosition": "HFS",
    "PercentPhaseFOV": 100,
    "PhaseEncodingDirection": "j",
    "PhaseEncodingPolarityGE": "Flipped",
    "PixelBandwidth": 7812.5,
    "ProtocolName": "hypervote_run_3",
    "ReconMatrixPE": 64,
    "RepetitionTime": 2,
    "SAR": 0.406664,
    "ScanOptions": "EPI_GEMS_ACC_GEMS",
    "ScanningSequence": "EP_GR",
    "SequenceVariant": "SS",
    "SeriesDescription": "hypervote_run_3",
    "SeriesNumber": 6,
    "SliceThickness": 3,
    "SliceTiming": [
      0,
      1,
      0.05,
      1.05,
      0.0999999,
      1.1,
      0.15,
      1.15,
      0.2,
      1.2,
      0.25,
      1.25,
      0.3,
      1.3,
      0.35,
      1.35,
      0.4,
      1.4,
      0.45,
      1.45,
      0.5,
      1.5,
      0.55,
      1.55,
      0.6,
      1.6,
      0.65,
      1.65,
      0.7,
      1.7,
      0.75,
      1.75,
      0.8,
      1.8,
      0.85,
      1.85,
      0.9,
      1.9,
      0.95,
      1.95
    ],
    "SoftwareVersions": "27_LX_MR_Software_release:DV25.1_R02_1649.a",
    "SpacingBetweenSlices": 3,
    "StationName": "GEMRGEMR",
    "TaskName": "OTCG",
    "TotalReadoutTime": 0.02646,
    "dataset": "ds004103",
    "modality": "bold",
    "run_id": 3,
    "subject_id": "s46A",
    "task_id": "OTCG"
  },
  "dummy_trs": 1,
  "dvars_nstd": 14.62132621652439,
  "dvars_std": 1.1183107480487813,
  "dvars_vstd": 1.030460386219513,
  "efc": 0.442725789465145,
  "fber": 61517.328125,
  "fd_mean": 0.09549064007046175,
  "fd_num": 27,
  "fd_perc": 8.206686930091186,
  "fwhm_avg": 2.632904285714286,
  "fwhm_x": 2.465457142857143,
  "fwhm_y": 2.7449657142857142,
  "fwhm_z": 2.6882900000000003,
  "gcor": 0.0929861,
  "gsr_x": -0.006034426856786013,
  "gsr_y": 0.016335967928171158,
  "provenance": {
    "md5sum": "e1422881e096b5538f31533c807ea683",
    "settings": {
      "fd_thres": 0.2,
      "testing": false
    },
    "software": "mriqc",
    "version": "23.0.1",
    "webapi_port": null,
    "webapi_url": "https://mriqc.nimh.nih.gov/api/v1"
  },
  "size_t": 329,
  "size_x": 64,
  "size_y": 64,
  "size_z": 40,
  "snr": 5.668767921357087,
  "spacing_tr": 2.0,
  "spacing_x": 3.5,
  "spacing_y": 3.5,
  "spacing_z": 3.0,
  "summary_bg_k": 111.42315802551508,
  "summary_bg_mad": 31.089582008747257,
  "summary_bg_mean": 99.57445526123047,
  "summary_bg_median": 21.367780685424805,
  "summary_bg_n": 104729.0,
  "summary_bg_p05": 0.054711245000362396,
  "summary_bg_p95": 417.8741638183591,
  "summary_bg_stdv": 252.60546875,
  "summary_fg_k": 0.5341675752065842,
  "summary_fg_mad": 834.9551657503403,
  "summary_fg_mean": 4925.810546875,
  "summary_fg_median": 4974.8447265625,
  "summary_fg_n": 26466.0,
  "summary_fg_p05": 3392.2993774414062,
  "summary_fg_p95": 6291.4964599609375,
  "summary_fg_stdv": 877.57177734375,
  "tsnr": 76.52684512152337
}