{
  "aor": 0.0007554407294832827,
  "aqi": 0.0030063050759878422,
  "bids_meta": {
    "AcquisitionMatrixPE": 64,
    "AcquisitionNumber": 1,
    "AcquisitionTime": "12:17:9.000000",
    "BodyPartExamined": "HEAD",
    "CoilString": "8HRBRAIN",
    "ConversionSoftware": "dcm2niix",
    "ConversionSoftwareVersion": "v1.0.20181125  GCC5.4.0",
    "DeviceSerialNumber": "00000000GEMRGEMR",
    "EchoTime": 0.033,
    "EffectiveEchoSpacing": 0.00042,
    "FlipAngle": 90,
    "ImageOrientationPatientDICOM": [
      0.999862,
      0.0161806,
      0.00375901,
      -0.015911,
      0.997876,
      -0.063162
    ],
    "ImageType": [
      "ORIGINAL",
      "PRIMARY",
      "EPI",
      "NONE"
    ],
    "ImagingFrequency": 127.764,
    "InPlanePhaseEncodingDirectionDICOM": "COL",
    "InstitutionName": "NCKU",
    "MRAcquisitionType": "2D",
    "MagneticFieldStrength": 3,
    "Manufacturer": "GE",
    "ManufacturersModelName": "DISCOVERY_MR750",
    "PatientPosition": "HFS",
    "PercentPhaseFOV": 100,
    "PhaseEncodingDirection": "j",
    "PhaseEncodingPolarityGE": "Flipped",
    "PixelBandwidth": 7812.5,
    "ProtocolName": "hypervote_run_4",
    "ReconMatrixPE": 64,
    "RepetitionTime": 2,
    "SAR": 0.403292,
    "ScanOptions": "EPI_GEMS_ACC_GEMS",
    "ScanningSequence": "EP_GR",
    "SequenceVariant": "SS",
    "SeriesDescription": "hypervote_run_4",
    "SeriesNumber": 10,
    "SliceThickness": 3,
    "SliceTiming": [
      0,
      1,
      0.05,
      1.05,
      0.0999999,
      1.1,
      0.15,
      1.15,
      0.2,
      1.2,
      0.25,
      1.25,
      0.3,
      1.3,
      0.35,
      1.35,
      0.4,
      1.4,
      0.45,
      1.45,
      0.5,
      1.5,
      0.55,
      1.55,
      0.6,
      1.6,
      0.65,
      1.65,
      0.7,
      1.7,
      0.75,
      1.75,
      0.8,
      1.8,
      0.85,
      1.85,
      0.9,
      1.9,
      0.95,
      1.95
    ],
    "SoftwareVersions": "27_LX_MR_Software_release:DV25.1_R02_1649.a",
    "SpacingBetweenSlices": 3,
    "StationName": "GEMRGEMR",
    "TaskName": "OTCG",
    "TotalReadoutTime": 0.02646,
    "dataset": "ds004103",
    "modality": "bold",
    "run_id": 4,
    "subject_id": "s12A",
    "task_id": "OTCG"
  },
  "dummy_trs": 1,
  "dvars_nstd": 15.965097880762201,
  "dvars_std": 1.1797588245426827,
  "dvars_vstd": 0.978252930579268,
  "efc": 0.4190575867181711,
  "fber": 92331.359375,
  "fd_mean": 0.052478910960313666,
  "fd_num": 1,
  "fd_perc": 0.303951367781155,
  "fwhm_avg": 2.598669477140554,
  "fwhm_x": 2.469054285714286,
  "fwhm_y": 2.6896171428571427,
  "fwhm_z": 2.637337002850233,
  "gcor": 0.0282516,
  "gsr_x": 0.0016168575966730714,
  "gsr_y": 0.0015825461596250534,
  "provenance": {
    "md5sum": "3767a3fb6b4ea8b8b7d87e46bf6fec04",
    "settings": {
      "fd_thres": 0.2,
      "testing": false
    },
    "software": "mriqc",
    "version": "23.0.1",
    "webapi_port": null,
    "webapi_url": "https://mriqc.nimh.nih.gov/api/v1"
  },
  "size_t": 329,
  "size_x": 64,
  "size_y": 64,
  "size_z": 40,
  "snr": 5.622865221118964,
  "spacing_tr": 2.0,
  "spacing_x": 3.5,
  "spacing_y": 3.5,
  "spacing_z": 2.9998972415924072,
  "summary_bg_k": 73.34920362339129,
  "summary_bg_mad": 23.22142774838066,
  "summary_bg_mean": 88.37358093261719,
  "summary_bg_median": 16.206687927246094,
  "summary_bg_n": 108755.0,
  "summary_bg_p05": 0.024316109716892242,
  "summary_bg_p95": 374.1003112792969,
  "summary_bg_stdv": 256.68414306640625,
  "summary_fg_k": 0.5080289214616336,
  "summary_fg_mad": 781.9827223487903,
  "summary_fg_mean": 4534.66748046875,
  "summary_fg_median": 4619.60791015625,
  "summary_fg_n": 23712.0,
  "summary_fg_p05": 3123.273815917969,
  "summary_fg_p95": 5781.857568359375,
  "summary_fg_stdv": 821.55810546875,
  "tsnr": 93.0414721602574
}