{
  "bids_meta": {
    "AcquisitionMatrixPE": 224,
    "AcquisitionNumber": 1,
    "AcquisitionTime": "11:17:49.000000",
    "BodyPartExamined": "HEAD",
    "CoilString": "8HRBRAIN",
    "ConversionSoftware": "dcm2niix",
    "ConversionSoftwareVersion": "v1.0.20181125  GCC5.4.0",
    "DeviceSerialNumber": "00000000GEMRGEMR",
    "EchoTime": 0.002936,
    "FlipAngle": 12,
    "ImageOrientationPatientDICOM": [
      -0.0490189,
      0.99879,
      -0.00395342,
      -0.0126422,
      -0.00457828,
      -0.99991
    ],
    "ImageType": [
      "ORIGINAL",
      "PRIMARY",
      "OTHER"
    ],
    "ImagingFrequency": 127.764,
    "InPlanePhaseEncodingDirectionDICOM": "ROW",
    "InstitutionName": "NCKU",
    "InversionTime": 0.45,
    "MRAcquisitionType": "3D",
    "MagneticFieldStrength": 3,
    "Manufacturer": "GE",
    "ManufacturersModelName": "DISCOVERY_MR750",
    "Modality": "MR",
    "PatientPosition": "HFS",
    "PercentPhaseFOV": 100,
    "PixelBandwidth": 244.141,
    "ProtocolName": "T1_SAG_FSPGR_BRAVO_ASSET",
    "ReconMatrixPE": 256,
    "RepetitionTime": 0.00766,
    "SAR": 0.21399,
    "ScanOptions": "FAST_GEMS_EDR_GEMS_ACC_GEMS",
    "ScanningSequence": "GR",
    "SequenceVariant": "SS_SK",
    "SeriesDescription": "T1_SAG_FSPGR_BRAVO_ASSET",
    "SeriesNumber": 3,
    "SliceThickness": 1,
    "SoftwareVersions": "27_LX_MR_Software_release:DV25.1_R02_1649.a",
    "SpacingBetweenSlices": 1,
    "StationName": "GEMRGEMR",
    "dataset": "ds004103",
    "modality": "T1w",
    "subject_id": "s59A"
  },
  "cjv": 0.34111332581655246,
  "cnr": 3.999399098328979,
  "efc": 0.5758295509663908,
  "fber": 9381.772535033455,
  "fwhm_avg": 4.074944761904762,
  "fwhm_x": 3.8624,
  "fwhm_y": 4.2601257142857145,
  "fwhm_z": 4.102308571428571,
  "icvs_csf": 0.18060809646956896,
  "icvs_gm": 0.4627915464373963,
  "icvs_wm": 0.3566003570930348,
  "inu_med": 0.5535338521003723,
  "inu_range": 0.19902233183383938,
  "provenance": {
    "md5sum": "717629e82f1e75972eada127e4025703",
    "settings": {
      "testing": false
    },
    "software": "mriqc",
    "version": "23.0.1",
    "warnings": {
      "large_rot_frame": true,
      "small_air_mask": false
    },
    "webapi_port": null,
    "webapi_url": "https://mriqc.nimh.nih.gov/api/v1"
  },
  "qi_1": 0.0,
  "qi_2": 0.0004602155588074819,
  "rpve_csf": 20.97365878503819,
  "rpve_gm": 8.941673140545682,
  "rpve_wm": 12.860354212859649,
  "size_x": 166,
  "size_y": 256,
  "size_z": 256,
  "snr_csf": 2.1838265666615566,
  "snr_gm": 11.230420592920423,
  "snr_total": 11.087104825012972,
  "snr_wm": 19.847067315456936,
  "snrd_csf": 20.942298208143875,
  "snrd_gm": 50.38936711918708,
  "snrd_total": 48.43526323986949,
  "snrd_wm": 73.97412439227752,
  "spacing_x": 1.0,
  "spacing_y": 0.875,
  "spacing_z": 0.875,
  "summary_bg_k": 6.443055981132751,
  "summary_bg_mad": 8.856291509452305,
  "summary_bg_mean": 8.527498117478293,
  "summary_bg_median": 5.973477847874165,
  "summary_bg_n": 2682519.0,
  "summary_bg_p05": 0.0,
  "summary_bg_p95": 32.137310821563005,
  "summary_bg_stdv": 11.721308063116235,
  "summary_csf_k": 0.6237872525576984,
  "summary_csf_mad": 124.10616501912497,
  "summary_csf_mean": 281.5513655346939,
  "summary_csf_median": 283.1030268035829,
  "summary_csf_n": 28150.0,
  "summary_csf_p05": 62.08434643223882,
  "summary_csf_p95": 497.43141198530793,
  "summary_csf_stdv": 129.63391993108445,
  "summary_gm_k": 0.0871676464744815,
  "summary_gm_mad": 59.98661449069028,
  "summary_gm_mean": 680.9724992031021,
  "summary_gm_median": 681.1755905859172,
  "summary_gm_n": 70201.0,
  "summary_gm_p05": 580.4229308851063,
  "summary_gm_p95": 780.0167373754084,
  "summary_gm_stdv": 60.65407197564447,
  "summary_wm_k": 0.2737379308090193,
  "summary_wm_mad": 48.76864524538403,
  "summary_wm_mean": 1000.6085213800794,
  "summary_wm_median": 1000.0000149197876,
  "summary_wm_n": 274652.0,
  "summary_wm_p05": 918.999655302614,
  "summary_wm_p95": 1084.3853453174233,
  "summary_wm_stdv": 50.38518681567341,
  "tpm_overlap_csf": 0.1414506176464148,
  "tpm_overlap_gm": 0.4791418751666267,
  "tpm_overlap_wm": 0.5088305661516856,
  "wm2max": 0.435629651475461
}