{
  "bids_meta": {
    "AcquisitionMatrixPE": 256,
    "AcquisitionNumber": 1,
    "AcquisitionTime": "11:38:11.670000",
    "BaseResolution": 256,
    "BodyPartExamined": "BRAIN",
    "ConsistencyInfo": "N4_VD13D_LATEST_20130810",
    "ConversionSoftware": "dcm2niix",
    "ConversionSoftwareVersion": "v1.0.20181125  GCC5.4.0",
    "DeviceSerialNumber": "66020",
    "DwellTime": 9.8e-06,
    "EchoTime": 0.0023,
    "FlipAngle": 8,
    "ImageOrientationPatientDICOM": [
      -0.00518886,
      0.999987,
      -6.60192e-09,
      -0.0382876,
      -0.000198678,
      -0.999267
    ],
    "ImageType": [
      "ORIGINAL",
      "PRIMARY",
      "M",
      "ND",
      "NORM"
    ],
    "ImagingFrequency": 123.262,
    "InPlanePhaseEncodingDirectionDICOM": "ROW",
    "InstitutionAddress": "Fanglan_Rd._49_Taipei_Da_An_TW_10672",
    "InstitutionName": "NTU_NCSC",
    "InstitutionalDepartmentName": "Department",
    "InversionTime": 0.9,
    "MRAcquisitionType": "3D",
    "MagneticFieldStrength": 3,
    "Manufacturer": "Siemens",
    "ManufacturersModelName": "Prisma",
    "Modality": "MR",
    "PartialFourier": 1,
    "PatientPosition": "HFS",
    "PercentPhaseFOV": 100,
    "PhaseEncodingSteps": 255,
    "PhaseResolution": 1,
    "PixelBandwidth": 200,
    "ProcedureStepDescription": "NTU_Brain",
    "ProtocolName": "t1_mprage_sag_p2_iso",
    "PulseSequenceDetails": "%SiemensSeq%_tfl",
    "ReceiveCoilActiveElements": "HE1-4",
    "ReceiveCoilName": "HeadNeck_20",
    "ReconMatrixPE": 256,
    "RepetitionTime": 2,
    "SAR": 0.0637261,
    "ScanOptions": "IR",
    "ScanningSequence": "GR_IR",
    "SequenceName": "_tfl3d1_16ns",
    "SequenceVariant": "SK_SP_MP",
    "SeriesDescription": "t1_mprage_sag_p2_iso",
    "SeriesNumber": 2,
    "ShimSetting": [
      -3014,
      -3755,
      -5732,
      89,
      -93,
      18,
      -54,
      32
    ],
    "SliceThickness": 0.94,
    "SoftwareVersions": "syngo_MR_D13D",
    "StationName": "AWP66020",
    "TxRefAmp": 257.228,
    "dataset": "ds004103",
    "modality": "T1w",
    "subject_id": "s57B"
  },
  "cjv": 0.3564715995328968,
  "cnr": 3.8001092665823224,
  "efc": 0.5804327607119077,
  "fber": 17647.1207074498,
  "fwhm_avg": 4.2072328168802215,
  "fwhm_x": 4.307085117307331,
  "fwhm_y": 4.043605333333334,
  "fwhm_z": 4.271007999999999,
  "icvs_csf": 0.20131258097338028,
  "icvs_gm": 0.4450669913088478,
  "icvs_wm": 0.3536204277177719,
  "inu_med": 0.5287192463874817,
  "inu_range": 0.21154546737670887,
  "provenance": {
    "md5sum": "ec861c1d658376fc016abfad2cef5b44",
    "settings": {
      "testing": false
    },
    "software": "mriqc",
    "version": "23.0.1",
    "warnings": {
      "large_rot_frame": true,
      "small_air_mask": false
    },
    "webapi_port": null,
    "webapi_url": "https://mriqc.nimh.nih.gov/api/v1"
  },
  "qi_1": 5.4064123411866375e-05,
  "qi_2": 0.012305243962132593,
  "rpve_csf": 21.742993388740658,
  "rpve_gm": 10.625290292913807,
  "rpve_wm": 15.08248761785542,
  "size_x": 192,
  "size_y": 256,
  "size_z": 256,
  "snr_csf": 1.9141857717851607,
  "snr_gm": 12.58252232101738,
  "snr_total": 12.568079080035131,
  "snr_wm": 23.207529147302854,
  "snrd_csf": 23.840732474879974,
  "snrd_gm": 64.61856014396156,
  "snrd_total": 59.190747064298854,
  "snrd_wm": 89.11294857405503,
  "spacing_x": 0.9399999976158142,
  "spacing_y": 0.9375,
  "spacing_z": 0.9375,
  "summary_bg_k": 11.479580487020069,
  "summary_bg_mad": 0.0,
  "summary_bg_mean": 4.609539183048154,
  "summary_bg_median": 0.0,
  "summary_bg_n": 3319142.0,
  "summary_bg_p05": 0.0,
  "summary_bg_p95": 17.63324335217476,
  "summary_bg_stdv": 7.351753292885905,
  "summary_csf_k": 13.14995750543099,
  "summary_csf_mad": 113.84028102651607,
  "summary_csf_mean": 271.49419682932785,
  "summary_csf_median": 267.53388069570065,
  "summary_csf_n": 44424.0,
  "summary_csf_p05": 55.212286561727524,
  "summary_csf_p95": 483.2104884469881,
  "summary_csf_stdv": 139.7622286618368,
  "summary_gm_k": 0.08998935419384368,
  "summary_gm_mad": 56.83978266782755,
  "summary_gm_mean": 724.2756616014573,
  "summary_gm_median": 725.1309991627932,
  "summary_gm_n": 53057.0,
  "summary_gm_p05": 628.6106720268726,
  "summary_gm_p95": 817.7777941524982,
  "summary_gm_stdv": 57.629475801535946,
  "summary_wm_k": 0.6149027156203655,
  "summary_wm_mad": 41.143216860406746,
  "summary_wm_mean": 1000.699788297613,
  "summary_wm_median": 1000.0000200234354,
  "summary_wm_n": 268360.0,
  "summary_wm_p05": 931.707335729152,
  "summary_wm_p95": 1071.6170042939484,
  "summary_wm_stdv": 43.08938493648313,
  "tpm_overlap_csf": 0.16487810060982583,
  "tpm_overlap_gm": 0.4751326510643257,
  "tpm_overlap_wm": 0.5086468200960442,
  "wm2max": 0.5501003796537399
}