{
  "bids_meta": {
    "AcquisitionMatrixPE": 224,
    "AcquisitionNumber": 1,
    "AcquisitionTime": "11:40:12.000000",
    "BodyPartExamined": "HEAD",
    "CoilString": "8HRBRAIN",
    "ConversionSoftware": "dcm2niix",
    "ConversionSoftwareVersion": "v1.0.20181125  GCC5.4.0",
    "DeviceSerialNumber": "00000000GEMRGEMR",
    "EchoTime": 0.002936,
    "FlipAngle": 12,
    "ImageOrientationPatientDICOM": [
      0.00537651,
      0.999922,
      0.0112528,
      0.0999184,
      0.0106594,
      -0.994939
    ],
    "ImageType": [
      "ORIGINAL",
      "PRIMARY",
      "OTHER"
    ],
    "ImagingFrequency": 127.764,
    "InPlanePhaseEncodingDirectionDICOM": "ROW",
    "InstitutionName": "NCKU",
    "InversionTime": 0.45,
    "MRAcquisitionType": "3D",
    "MagneticFieldStrength": 3,
    "Manufacturer": "GE",
    "ManufacturersModelName": "DISCOVERY_MR750",
    "Modality": "MR",
    "PatientPosition": "HFS",
    "PercentPhaseFOV": 100,
    "PixelBandwidth": 244.141,
    "ProtocolName": "T1_SAG_FSPGR_BRAVO_ASSET",
    "ReconMatrixPE": 256,
    "RepetitionTime": 0.007664,
    "SAR": 0.216078,
    "ScanOptions": "FAST_GEMS_EDR_GEMS_ACC_GEMS",
    "ScanningSequence": "GR",
    "SequenceVariant": "SS_SK",
    "SeriesDescription": "T1_SAG_FSPGR_BRAVO_ASSET",
    "SeriesNumber": 3,
    "SliceThickness": 1,
    "SoftwareVersions": "27_LX_MR_Software_release:DV25.1_R02_1649.a",
    "SpacingBetweenSlices": 1,
    "StationName": "GEMRGEMR",
    "dataset": "ds004103",
    "modality": "T1w",
    "subject_id": "s66A"
  },
  "cjv": 0.35165447057785487,
  "cnr": 3.9167349022287494,
  "efc": 0.631403748736944,
  "fber": 4676.9507266435985,
  "fwhm_avg": 4.061496666666667,
  "fwhm_x": 3.75817,
  "fwhm_y": 4.295188571428572,
  "fwhm_z": 4.131131428571428,
  "icvs_csf": 0.20167806626269483,
  "icvs_gm": 0.4538792132621029,
  "icvs_wm": 0.34444272047520225,
  "inu_med": 0.6083429455757141,
  "inu_range": 0.21875624060630794,
  "provenance": {
    "md5sum": "edeb2c3cfa75d92f2b44329464617756",
    "settings": {
      "testing": false
    },
    "software": "mriqc",
    "version": "23.0.1",
    "warnings": {
      "large_rot_frame": true,
      "small_air_mask": false
    },
    "webapi_port": null,
    "webapi_url": "https://mriqc.nimh.nih.gov/api/v1"
  },
  "qi_1": 0.0,
  "qi_2": 0.0003719359322620813,
  "rpve_csf": 16.910474094561483,
  "rpve_gm": 8.005894790606492,
  "rpve_wm": 11.725121405493258,
  "size_x": 166,
  "size_y": 256,
  "size_z": 256,
  "snr_csf": 2.0577492264027333,
  "snr_gm": 10.769464670468373,
  "snr_total": 10.64553259434555,
  "snr_wm": 19.109383886165542,
  "snrd_csf": 22.485360405021005,
  "snrd_gm": 67.18588537091706,
  "snrd_total": 63.012860666885125,
  "snrd_wm": 99.3673362247173,
  "spacing_x": 1.0,
  "spacing_y": 0.875,
  "spacing_z": 0.875,
  "summary_bg_k": 9.731185166390516,
  "summary_bg_mad": 6.593262961891503,
  "summary_bg_mean": 9.214444660345706,
  "summary_bg_median": 4.447088288143277,
  "summary_bg_n": 2372049.0,
  "summary_bg_p05": 0.0,
  "summary_bg_p95": 34.18876155279577,
  "summary_bg_stdv": 12.533677247081014,
  "summary_csf_k": 0.7458887727709205,
  "summary_csf_mad": 102.30056417304267,
  "summary_csf_mean": 234.81440287901748,
  "summary_csf_median": 226.29164543934166,
  "summary_csf_n": 49822.0,
  "summary_csf_p05": 69.65216624550521,
  "summary_csf_p95": 437.03264457173645,
  "summary_csf_stdv": 109.96936435365177,
  "summary_gm_k": 0.07185848298967246,
  "summary_gm_mad": 62.48901456875513,
  "summary_gm_mean": 676.0400211582049,
  "summary_gm_median": 676.1556976195425,
  "summary_gm_n": 76394.0,
  "summary_gm_p05": 573.0512303020805,
  "summary_gm_p95": 778.8069584872574,
  "summary_gm_stdv": 62.784111638240994,
  "summary_wm_k": 0.1856953592687618,
  "summary_wm_mad": 51.402253919459866,
  "summary_wm_mean": 1001.0505250030349,
  "summary_wm_median": 1000.0283567700535,
  "summary_wm_n": 298755.0,
  "summary_wm_p05": 916.7799970321357,
  "summary_wm_p95": 1088.828495517373,
  "summary_wm_stdv": 52.33170724216904,
  "tpm_overlap_csf": 0.1644882959822304,
  "tpm_overlap_gm": 0.48122117399142583,
  "tpm_overlap_wm": 0.5190214659619671,
  "wm2max": 0.6089429931992912
}