{
  "aor": 0.0030243768996960486,
  "aqi": 0.005298530486322188,
  "bids_meta": {
    "AcquisitionMatrixPE": 64,
    "AcquisitionNumber": 1,
    "AcquisitionTime": "10:56:10.000000",
    "BodyPartExamined": "HEAD",
    "CoilString": "8HRBRAIN",
    "ConversionSoftware": "dcm2niix",
    "ConversionSoftwareVersion": "v1.0.20181125  GCC5.4.0",
    "DeviceSerialNumber": "00000000GEMRGEMR",
    "EchoTime": 0.033,
    "EffectiveEchoSpacing": 0.000412,
    "FlipAngle": 90,
    "ImageOrientationPatientDICOM": [
      0.994953,
      0.100305,
      0.00262548,
      -0.09999,
      0.993331,
      -0.0574017
    ],
    "ImageType": [
      "ORIGINAL",
      "PRIMARY",
      "EPI",
      "NONE"
    ],
    "ImagingFrequency": 127.764,
    "InPlanePhaseEncodingDirectionDICOM": "COL",
    "InstitutionName": "NCKU",
    "MRAcquisitionType": "2D",
    "MagneticFieldStrength": 3,
    "Manufacturer": "GE",
    "ManufacturersModelName": "DISCOVERY_MR750",
    "PatientPosition": "HFS",
    "PercentPhaseFOV": 100,
    "PhaseEncodingDirection": "j",
    "PhaseEncodingPolarityGE": "Flipped",
    "PixelBandwidth": 7812.5,
    "ProtocolName": "hypervote_run_1",
    "ReconMatrixPE": 64,
    "RepetitionTime": 2,
    "SAR": 0.402133,
    "ScanOptions": "EPI_GEMS_ACC_GEMS",
    "ScanningSequence": "EP_GR",
    "SequenceVariant": "SS",
    "SeriesDescription": "hypervote_run_1",
    "SeriesNumber": 5,
    "SliceThickness": 3,
    "SliceTiming": [
      0,
      1,
      0.05,
      1.05,
      0.0999999,
      1.1,
      0.15,
      1.15,
      0.2,
      1.2,
      0.25,
      1.25,
      0.3,
      1.3,
      0.35,
      1.35,
      0.4,
      1.4,
      0.45,
      1.45,
      0.5,
      1.5,
      0.55,
      1.55,
      0.6,
      1.6,
      0.65,
      1.65,
      0.7,
      1.7,
      0.75,
      1.75,
      0.8,
      1.8,
      0.85,
      1.85,
      0.9,
      1.9,
      0.95,
      1.95
    ],
    "SoftwareVersions": "27_LX_MR_Software_release:DV25.1_R02_1649.a",
    "SpacingBetweenSlices": 3,
    "StationName": "GEMRGEMR",
    "TaskName": "OTCG",
    "TotalReadoutTime": 0.025956,
    "dataset": "ds004103",
    "modality": "bold",
    "run_id": 2,
    "subject_id": "s65A",
    "task_id": "OTCG"
  },
  "dummy_trs": 1,
  "dvars_nstd": 14.052385074207312,
  "dvars_std": 1.0414438812499993,
  "dvars_vstd": 0.9884388473170737,
  "efc": 0.4291668991663952,
  "fber": 82412.5234375,
  "fd_mean": 0.11629112672086671,
  "fd_num": 34,
  "fd_perc": 10.33434650455927,
  "fwhm_avg": 2.5962753968253964,
  "fwhm_x": 2.378848571428571,
  "fwhm_y": 2.7219542857142858,
  "fwhm_z": 2.688023333333333,
  "gcor": 0.0433678,
  "gsr_x": -0.004777006339281797,
  "gsr_y": 0.007367050740867853,
  "provenance": {
    "md5sum": "8dd9f3f8dfea3146f70485a80cb528c0",
    "settings": {
      "fd_thres": 0.2,
      "testing": false
    },
    "software": "mriqc",
    "version": "23.0.1",
    "webapi_port": null,
    "webapi_url": "https://mriqc.nimh.nih.gov/api/v1"
  },
  "size_t": 329,
  "size_x": 64,
  "size_y": 64,
  "size_z": 40,
  "snr": 6.190740996309827,
  "spacing_tr": 2.0,
  "spacing_x": 3.5,
  "spacing_y": 3.5,
  "spacing_z": 3.0,
  "summary_bg_k": 45.47413062525944,
  "summary_bg_mad": 24.938360108859634,
  "summary_bg_mean": 89.71749114990234,
  "summary_bg_median": 17.404254913330078,
  "summary_bg_n": 107199.0,
  "summary_bg_p05": 0.08206687122583389,
  "summary_bg_p95": 402.8547088623041,
  "summary_bg_stdv": 231.8813018798828,
  "summary_fg_k": 0.42263228774300643,
  "summary_fg_mad": 674.5347823932626,
  "summary_fg_mean": 4554.09130859375,
  "summary_fg_median": 4618.2978515625,
  "summary_fg_n": 24801.0,
  "summary_fg_p05": 3221.547119140625,
  "summary_fg_p95": 5701.69921875,
  "summary_fg_stdv": 745.9857788085938,
  "tsnr": 69.8417467562249
}