{
  "aor": 0.0020647720364741643,
  "aqi": 0.005100187325227964,
  "bids_meta": {
    "AcquisitionMatrixPE": 64,
    "AcquisitionNumber": 1,
    "AcquisitionTime": "11:08:7.000000",
    "BodyPartExamined": "HEAD",
    "CoilString": "8HRBRAIN",
    "ConversionSoftware": "dcm2niix",
    "ConversionSoftwareVersion": "v1.0.20181125  GCC5.4.0",
    "DeviceSerialNumber": "00000000GEMRGEMR",
    "EchoTime": 0.033,
    "EffectiveEchoSpacing": 0.000412,
    "FlipAngle": 90,
    "ImageOrientationPatientDICOM": [
      0.994953,
      0.100305,
      0.00262587,
      -0.09999,
      0.993331,
      -0.057402
    ],
    "ImageType": [
      "ORIGINAL",
      "PRIMARY",
      "EPI",
      "NONE"
    ],
    "ImagingFrequency": 127.764,
    "InPlanePhaseEncodingDirectionDICOM": "COL",
    "InstitutionName": "NCKU",
    "MRAcquisitionType": "2D",
    "MagneticFieldStrength": 3,
    "Manufacturer": "GE",
    "ManufacturersModelName": "DISCOVERY_MR750",
    "PatientPosition": "HFS",
    "PercentPhaseFOV": 100,
    "PhaseEncodingDirection": "j",
    "PhaseEncodingPolarityGE": "Flipped",
    "PixelBandwidth": 7812.5,
    "ProtocolName": "hypervote_run_3",
    "ReconMatrixPE": 64,
    "RepetitionTime": 2,
    "SAR": 0.402133,
    "ScanOptions": "EPI_GEMS_ACC_GEMS",
    "ScanningSequence": "EP_GR",
    "SequenceVariant": "SS",
    "SeriesDescription": "hypervote_run_3",
    "SeriesNumber": 6,
    "SliceThickness": 3,
    "SliceTiming": [
      0,
      1,
      0.05,
      1.05,
      0.0999999,
      1.1,
      0.15,
      1.15,
      0.2,
      1.2,
      0.25,
      1.25,
      0.3,
      1.3,
      0.35,
      1.35,
      0.4,
      1.4,
      0.45,
      1.45,
      0.5,
      1.5,
      0.55,
      1.55,
      0.6,
      1.6,
      0.65,
      1.65,
      0.7,
      1.7,
      0.75,
      1.75,
      0.8,
      1.8,
      0.85,
      1.85,
      0.9,
      1.9,
      0.95,
      1.95
    ],
    "SoftwareVersions": "27_LX_MR_Software_release:DV25.1_R02_1649.a",
    "SpacingBetweenSlices": 3,
    "StationName": "GEMRGEMR",
    "TaskName": "OTCG",
    "TotalReadoutTime": 0.025956,
    "dataset": "ds004103",
    "modality": "bold",
    "run_id": 3,
    "subject_id": "s65A",
    "task_id": "OTCG"
  },
  "dummy_trs": 1,
  "dvars_nstd": 14.923528109603666,
  "dvars_std": 1.0473758810670728,
  "dvars_vstd": 0.9934288581707317,
  "efc": 0.428449037738171,
  "fber": 83205.7890625,
  "fd_mean": 0.17084944887850734,
  "fd_num": 81,
  "fd_perc": 24.620060790273556,
  "fwhm_avg": 2.6075392063492067,
  "fwhm_x": 2.377925714285714,
  "fwhm_y": 2.7211485714285715,
  "fwhm_z": 2.723543333333333,
  "gcor": 0.0821739,
  "gsr_x": -0.004110019188374281,
  "gsr_y": 0.00683550164103508,
  "provenance": {
    "md5sum": "4b3a3c886aad636008be975ecdd69de3",
    "settings": {
      "fd_thres": 0.2,
      "testing": false
    },
    "software": "mriqc",
    "version": "23.0.1",
    "webapi_port": null,
    "webapi_url": "https://mriqc.nimh.nih.gov/api/v1"
  },
  "size_t": 329,
  "size_x": 64,
  "size_y": 64,
  "size_z": 40,
  "snr": 6.13020144476823,
  "spacing_tr": 2.0,
  "spacing_x": 3.5,
  "spacing_y": 3.5,
  "spacing_z": 3.0,
  "summary_bg_k": 43.4490829953309,
  "summary_bg_mad": 24.235365352810557,
  "summary_bg_mean": 88.07959747314453,
  "summary_bg_median": 16.924013137817383,
  "summary_bg_n": 107392.0,
  "summary_bg_p05": 0.06382978707551956,
  "summary_bg_p95": 400.3006149291992,
  "summary_bg_stdv": 228.5594024658203,
  "summary_fg_k": 0.4152809570935987,
  "summary_fg_mad": 672.1418421426423,
  "summary_fg_mean": 4479.587890625,
  "summary_fg_median": 4548.24951171875,
  "summary_fg_n": 24713.0,
  "summary_fg_p05": 3139.1416015625,
  "summary_fg_p95": 5618.0181640625,
  "summary_fg_stdv": 741.92626953125,
  "tsnr": 68.37197075271979
}