{
  "aor": 0.0013948632218844985,
  "aqi": 0.003475747933130699,
  "bids_meta": {
    "AcquisitionMatrixPE": 64,
    "AcquisitionNumber": 1,
    "AcquisitionTime": "10:43:22.000000",
    "BodyPartExamined": "HEAD",
    "CoilString": "8HRBRAIN",
    "ConversionSoftware": "dcm2niix",
    "ConversionSoftwareVersion": "v1.0.20181125  GCC5.4.0",
    "DeviceSerialNumber": "00000000GEMRGEMR",
    "EchoTime": 0.033,
    "EffectiveEchoSpacing": 0.000412,
    "FlipAngle": 90,
    "ImageOrientationPatientDICOM": [
      0.994953,
      0.100305,
      0.00262548,
      -0.09999,
      0.993331,
      -0.0574017
    ],
    "ImageType": [
      "ORIGINAL",
      "PRIMARY",
      "EPI",
      "NONE"
    ],
    "ImagingFrequency": 127.764,
    "InPlanePhaseEncodingDirectionDICOM": "COL",
    "InstitutionName": "NCKU",
    "MRAcquisitionType": "2D",
    "MagneticFieldStrength": 3,
    "Manufacturer": "GE",
    "ManufacturersModelName": "DISCOVERY_MR750",
    "PatientPosition": "HFS",
    "PercentPhaseFOV": 100,
    "PhaseEncodingDirection": "j",
    "PhaseEncodingPolarityGE": "Flipped",
    "PixelBandwidth": 7812.5,
    "ProtocolName": "hypervote_run_1",
    "ReconMatrixPE": 64,
    "RepetitionTime": 2,
    "SAR": 0.402133,
    "ScanOptions": "EPI_GEMS_ACC_GEMS",
    "ScanningSequence": "EP_GR",
    "SequenceVariant": "SS",
    "SeriesDescription": "hypervote_run_1",
    "SeriesNumber": 4,
    "SliceThickness": 3,
    "SliceTiming": [
      0,
      1,
      0.05,
      1.05,
      0.0999999,
      1.1,
      0.15,
      1.15,
      0.2,
      1.2,
      0.25,
      1.25,
      0.3,
      1.3,
      0.35,
      1.35,
      0.4,
      1.4,
      0.45,
      1.45,
      0.5,
      1.5,
      0.55,
      1.55,
      0.6,
      1.6,
      0.65,
      1.65,
      0.7,
      1.7,
      0.75,
      1.75,
      0.8,
      1.8,
      0.85,
      1.85,
      0.9,
      1.9,
      0.95,
      1.95
    ],
    "SoftwareVersions": "27_LX_MR_Software_release:DV25.1_R02_1649.a",
    "SpacingBetweenSlices": 3,
    "StationName": "GEMRGEMR",
    "TaskName": "OTCG",
    "TotalReadoutTime": 0.025956,
    "dataset": "ds004103",
    "modality": "bold",
    "run_id": 1,
    "subject_id": "s65A",
    "task_id": "OTCG"
  },
  "dummy_trs": 1,
  "dvars_nstd": 13.152378471737807,
  "dvars_std": 1.0570088023780482,
  "dvars_vstd": 0.9885039715548785,
  "efc": 0.42940822920846583,
  "fber": 90133.203125,
  "fd_mean": 0.07395661468304915,
  "fd_num": 6,
  "fd_perc": 1.8237082066869301,
  "fwhm_avg": 2.5572344444444446,
  "fwhm_x": 2.354917142857143,
  "fwhm_y": 2.672042857142857,
  "fwhm_z": 2.6447433333333334,
  "gcor": 0.0450018,
  "gsr_x": -0.005464461632072926,
  "gsr_y": 0.007696124725043774,
  "provenance": {
    "md5sum": "469955dc0bf6d371e1b9186e12b7ff31",
    "settings": {
      "fd_thres": 0.2,
      "testing": false
    },
    "software": "mriqc",
    "version": "23.0.1",
    "webapi_port": null,
    "webapi_url": "https://mriqc.nimh.nih.gov/api/v1"
  },
  "size_t": 329,
  "size_x": 64,
  "size_y": 64,
  "size_z": 40,
  "snr": 6.298176809746201,
  "spacing_tr": 2.0,
  "spacing_x": 3.5,
  "spacing_y": 3.5,
  "spacing_z": 3.0,
  "summary_bg_k": 47.83225439289097,
  "summary_bg_mad": 24.149742178277442,
  "summary_bg_mean": 89.17012023925781,
  "summary_bg_median": 16.79635238647461,
  "summary_bg_n": 107076.0,
  "summary_bg_p05": 0.03951367735862732,
  "summary_bg_p95": 404.1261520385742,
  "summary_bg_stdv": 234.80078125,
  "summary_fg_k": 0.46630555937835316,
  "summary_fg_mad": 678.2340486708815,
  "summary_fg_mean": 4622.39501953125,
  "summary_fg_median": 4679.8056640625,
  "summary_fg_n": 24934.0,
  "summary_fg_p05": 3297.793078613281,
  "summary_fg_p95": 5762.655957031249,
  "summary_fg_stdv": 743.0264282226562,
  "tsnr": 90.43239525170065
}