{
  "aor": 0.0008190273556231003,
  "aqi": 0.003055666291793313,
  "bids_meta": {
    "AcquisitionMatrixPE": 64,
    "AcquisitionNumber": 1,
    "AcquisitionTime": "11:08:18.000000",
    "BodyPartExamined": "HEAD",
    "CoilString": "8HRBRAIN",
    "ConversionSoftware": "dcm2niix",
    "ConversionSoftwareVersion": "v1.0.20181125  GCC5.4.0",
    "DeviceSerialNumber": "00000000GEMRGEMR",
    "EchoTime": 0.033,
    "EffectiveEchoSpacing": 0.00042,
    "FlipAngle": 90,
    "ImageOrientationPatientDICOM": [
      0.999924,
      -0.00224188,
      -0.0120853,
      0.00222199,
      0.999996,
      -0.00165701
    ],
    "ImageType": [
      "ORIGINAL",
      "PRIMARY",
      "EPI",
      "NONE"
    ],
    "ImagingFrequency": 127.764,
    "InPlanePhaseEncodingDirectionDICOM": "COL",
    "InstitutionName": "NCKU",
    "MRAcquisitionType": "2D",
    "MagneticFieldStrength": 3,
    "Manufacturer": "GE",
    "ManufacturersModelName": "DISCOVERY_MR750",
    "PatientPosition": "HFS",
    "PercentPhaseFOV": 100,
    "PhaseEncodingDirection": "j",
    "PhaseEncodingPolarityGE": "Flipped",
    "PixelBandwidth": 7812.5,
    "ProtocolName": "hypervote_run_2",
    "ReconMatrixPE": 64,
    "RepetitionTime": 2,
    "SAR": 0.416914,
    "ScanOptions": "EPI_GEMS_ACC_GEMS",
    "ScanningSequence": "EP_GR",
    "SequenceVariant": "SS",
    "SeriesDescription": "hypervote_run_2",
    "SeriesNumber": 5,
    "SliceThickness": 3,
    "SliceTiming": [
      0,
      1,
      0.05,
      1.05,
      0.0999999,
      1.1,
      0.15,
      1.15,
      0.2,
      1.2,
      0.25,
      1.25,
      0.3,
      1.3,
      0.35,
      1.35,
      0.4,
      1.4,
      0.45,
      1.45,
      0.5,
      1.5,
      0.55,
      1.55,
      0.6,
      1.6,
      0.65,
      1.65,
      0.7,
      1.7,
      0.75,
      1.75,
      0.8,
      1.8,
      0.85,
      1.85,
      0.9,
      1.9,
      0.95,
      1.95
    ],
    "SoftwareVersions": "27_LX_MR_Software_release:DV25.1_R02_1649.a",
    "SpacingBetweenSlices": 3,
    "StationName": "GEMRGEMR",
    "TaskName": "OTCG",
    "TotalReadoutTime": 0.02646,
    "dataset": "ds004103",
    "modality": "bold",
    "run_id": 2,
    "subject_id": "s16A",
    "task_id": "OTCG"
  },
  "dummy_trs": 1,
  "dvars_nstd": 16.530992763841475,
  "dvars_std": 1.1604320338414633,
  "dvars_vstd": 0.9791826525304876,
  "efc": 0.4826217044259529,
  "fber": 23784.189453125,
  "fd_mean": 0.04289778681097548,
  "fd_num": 0,
  "fd_perc": 0.0,
  "fwhm_avg": 2.676880952380953,
  "fwhm_x": 2.537177142857143,
  "fwhm_y": 2.7638457142857145,
  "fwhm_z": 2.72962,
  "gcor": 0.0434268,
  "gsr_x": 0.029439542442560196,
  "gsr_y": 0.003706803545355797,
  "provenance": {
    "md5sum": "3d475a3925520209e206d850ce770824",
    "settings": {
      "fd_thres": 0.2,
      "testing": false
    },
    "software": "mriqc",
    "version": "23.0.1",
    "webapi_port": null,
    "webapi_url": "https://mriqc.nimh.nih.gov/api/v1"
  },
  "size_t": 329,
  "size_x": 64,
  "size_y": 64,
  "size_z": 40,
  "snr": 4.926950985448356,
  "spacing_tr": 2.0,
  "spacing_x": 3.5,
  "spacing_y": 3.5,
  "spacing_z": 3.0,
  "summary_bg_k": 24.12333721121565,
  "summary_bg_mad": 44.644803737707406,
  "summary_bg_mean": 188.60858154296875,
  "summary_bg_median": 30.76291847229004,
  "summary_bg_n": 101785.0,
  "summary_bg_p05": 0.03343465179204941,
  "summary_bg_p95": 1015.6632446289055,
  "summary_bg_stdv": 445.65130615234375,
  "summary_fg_k": 0.46933603442441907,
  "summary_fg_mad": 886.5107032963384,
  "summary_fg_mean": 4561.7783203125,
  "summary_fg_median": 4560.60205078125,
  "summary_fg_n": 28357.0,
  "summary_fg_p05": 3062.17138671875,
  "summary_fg_p95": 6053.49140625,
  "summary_fg_stdv": 925.6275634765625,
  "tsnr": 82.16047859494574
}