{
  "bids_meta": {
    "AcquisitionMatrixPE": 224,
    "AcquisitionNumber": 1,
    "AcquisitionTime": "10:48:53.000000",
    "BodyPartExamined": "HEAD",
    "CoilString": "8HRBRAIN",
    "ConversionSoftware": "dcm2niix",
    "ConversionSoftwareVersion": "v1.0.20181125  GCC5.4.0",
    "DeviceSerialNumber": "00000000GEMRGEMR",
    "EchoTime": 0.002928,
    "FlipAngle": 12,
    "ImageOrientationPatientDICOM": [
      0.0269462,
      0.999521,
      -0.0152424,
      -0.0307418,
      -0.0144121,
      -0.999423
    ],
    "ImageType": [
      "ORIGINAL",
      "PRIMARY",
      "OTHER"
    ],
    "ImagingFrequency": 127.764,
    "InPlanePhaseEncodingDirectionDICOM": "ROW",
    "InstitutionName": "NCKU",
    "InversionTime": 0.45,
    "MRAcquisitionType": "3D",
    "MagneticFieldStrength": 3,
    "Manufacturer": "GE",
    "ManufacturersModelName": "DISCOVERY_MR750",
    "Modality": "MR",
    "PatientPosition": "HFS",
    "PercentPhaseFOV": 100,
    "PixelBandwidth": 244.141,
    "ProtocolName": "T1_SAG_FSPGR_BRAVO_ASSET",
    "ReconMatrixPE": 256,
    "RepetitionTime": 0.00764,
    "SAR": 0.218651,
    "ScanOptions": "FAST_GEMS_EDR_GEMS_ACC_GEMS",
    "ScanningSequence": "GR",
    "SequenceVariant": "SS_SK",
    "SeriesDescription": "T1_SAG_FSPGR_BRAVO_ASSET",
    "SeriesNumber": 3,
    "SliceThickness": 1,
    "SoftwareVersions": "27_LX_MR_Software_release:DV25.1_R02_1649.a",
    "SpacingBetweenSlices": 1,
    "StationName": "GEMRGEMR",
    "dataset": "ds004103",
    "modality": "T1w",
    "subject_id": "s16A"
  },
  "cjv": 0.38737129880423377,
  "cnr": 3.5181407051856275,
  "efc": 0.6205185891446942,
  "fber": 9659.041600179165,
  "fwhm_avg": 3.952328571428571,
  "fwhm_x": 3.7191,
  "fwhm_y": 4.218845714285714,
  "fwhm_z": 3.91904,
  "icvs_csf": 0.22987294296060648,
  "icvs_gm": 0.4268308490163861,
  "icvs_wm": 0.3432962080230074,
  "inu_med": 0.6396048069000244,
  "inu_range": 0.2287922620773315,
  "provenance": {
    "md5sum": "8f1dd41d670ffbd6dc5bf911bb942e30",
    "settings": {
      "testing": false
    },
    "software": "mriqc",
    "version": "23.0.1",
    "warnings": {
      "large_rot_frame": true,
      "small_air_mask": false
    },
    "webapi_port": null,
    "webapi_url": "https://mriqc.nimh.nih.gov/api/v1"
  },
  "qi_1": 0.0,
  "qi_2": 0.00031390971746403037,
  "rpve_csf": 15.655264481284137,
  "rpve_gm": 8.60008097649262,
  "rpve_wm": 12.157838348007997,
  "size_x": 166,
  "size_y": 256,
  "size_z": 256,
  "snr_csf": 1.6322813757706371,
  "snr_gm": 10.240813293298116,
  "snr_total": 10.036435653073609,
  "snr_wm": 18.23621229015207,
  "snrd_csf": 15.675508602836626,
  "snrd_gm": 52.7738346186211,
  "snrd_total": 48.29835511148668,
  "snrd_wm": 76.44572211300232,
  "spacing_x": 1.0,
  "spacing_y": 0.875,
  "spacing_z": 0.875,
  "summary_bg_k": 40.05247572572141,
  "summary_bg_mad": 8.570272452505675,
  "summary_bg_mean": 9.826693190879174,
  "summary_bg_median": 5.780560925602913,
  "summary_bg_n": 2539396.0,
  "summary_bg_p05": 0.0,
  "summary_bg_p95": 36.38788992911577,
  "summary_bg_stdv": 13.99537449477154,
  "summary_csf_k": 31.89218608225886,
  "summary_csf_mad": 101.52476597583644,
  "summary_csf_mean": 219.79801111463533,
  "summary_csf_median": 205.0616933479905,
  "summary_csf_n": 70122.0,
  "summary_csf_p05": 66.18001162260771,
  "summary_csf_p95": 417.60847199708223,
  "summary_csf_stdv": 125.62799172290391,
  "summary_gm_k": 0.20166065875823813,
  "summary_gm_mad": 65.89770388961895,
  "summary_gm_mean": 688.4219324144624,
  "summary_gm_median": 690.3694269545376,
  "summary_gm_n": 53440.0,
  "summary_gm_p05": 574.422861799039,
  "summary_gm_p95": 796.3834321349859,
  "summary_gm_stdv": 67.41290441075859,
  "summary_wm_k": 0.1839063703549879,
  "summary_wm_mad": 54.05864162349733,
  "summary_wm_mean": 1001.330910823382,
  "summary_wm_median": 1000.0370401293039,
  "summary_wm_n": 290204.0,
  "summary_wm_p05": 913.291571367532,
  "summary_wm_p95": 1093.1930027380586,
  "summary_wm_stdv": 54.8378852596545,
  "tpm_overlap_csf": 0.1618086528936945,
  "tpm_overlap_gm": 0.44756893883719817,
  "tpm_overlap_wm": 0.47861723034888054,
  "wm2max": 0.47854871431480417
}