{
  "aor": 0.0017441337386018237,
  "aqi": 0.004041942583586627,
  "bids_meta": {
    "AcquisitionMatrixPE": 64,
    "AcquisitionNumber": 1,
    "AcquisitionTime": "10:38:50.000000",
    "BodyPartExamined": "HEAD",
    "CoilString": "8HRBRAIN",
    "ConversionSoftware": "dcm2niix",
    "ConversionSoftwareVersion": "v1.0.20181125  GCC5.4.0",
    "DeviceSerialNumber": "00000000GEMRGEMR",
    "EchoTime": 0.033,
    "EffectiveEchoSpacing": 0.00042,
    "FlipAngle": 90,
    "ImageOrientationPatientDICOM": [
      0.999762,
      0.020649,
      0.00707541,
      -0.020898,
      0.999091,
      0.0371464
    ],
    "ImageType": [
      "ORIGINAL",
      "PRIMARY",
      "EPI",
      "NONE"
    ],
    "ImagingFrequency": 127.764,
    "InPlanePhaseEncodingDirectionDICOM": "COL",
    "InstitutionName": "NCKU",
    "MRAcquisitionType": "2D",
    "MagneticFieldStrength": 3,
    "Manufacturer": "GE",
    "ManufacturersModelName": "DISCOVERY_MR750",
    "PatientPosition": "HFS",
    "PercentPhaseFOV": 100,
    "PhaseEncodingDirection": "j",
    "PhaseEncodingPolarityGE": "Flipped",
    "PixelBandwidth": 7812.5,
    "ProtocolName": "hypervote_run_1",
    "ReconMatrixPE": 64,
    "RepetitionTime": 2,
    "SAR": 0.398541,
    "ScanOptions": "EPI_GEMS_ACC_GEMS",
    "ScanningSequence": "EP_GR",
    "SequenceVariant": "SS",
    "SeriesDescription": "hypervote_run_1",
    "SeriesNumber": 4,
    "SliceThickness": 3,
    "SliceTiming": [
      0,
      1,
      0.05,
      1.05,
      0.0999999,
      1.1,
      0.15,
      1.15,
      0.2,
      1.2,
      0.25,
      1.25,
      0.3,
      1.3,
      0.35,
      1.35,
      0.4,
      1.4,
      0.45,
      1.45,
      0.5,
      1.5,
      0.55,
      1.55,
      0.6,
      1.6,
      0.65,
      1.65,
      0.7,
      1.7,
      0.75,
      1.75,
      0.8,
      1.8,
      0.85,
      1.85,
      0.9,
      1.9,
      0.95,
      1.95
    ],
    "SoftwareVersions": "27_LX_MR_Software_release:DV25.1_R02_1649.a",
    "SpacingBetweenSlices": 3,
    "StationName": "GEMRGEMR",
    "TaskName": "OTCG",
    "TotalReadoutTime": 0.02646,
    "dataset": "ds004103",
    "modality": "bold",
    "run_id": 1,
    "subject_id": "s50A",
    "task_id": "OTCG"
  },
  "dummy_trs": 1,
  "dvars_nstd": 15.98707016234754,
  "dvars_std": 1.1735010210670729,
  "dvars_vstd": 0.9848226756097558,
  "efc": 0.41889135834406377,
  "fber": 148622.390625,
  "fd_mean": 0.05543698465691681,
  "fd_num": 2,
  "fd_perc": 0.60790273556231,
  "fwhm_avg": 2.5172596825396827,
  "fwhm_x": 2.387862857142857,
  "fwhm_y": 2.610042857142857,
  "fwhm_z": 2.553873333333333,
  "gcor": 0.0400465,
  "gsr_x": -0.00886615552008152,
  "gsr_y": 0.010774845257401466,
  "provenance": {
    "md5sum": "a30ccad616b004154b61f6b9441e1582",
    "settings": {
      "fd_thres": 0.2,
      "testing": false
    },
    "software": "mriqc",
    "version": "23.0.1",
    "webapi_port": null,
    "webapi_url": "https://mriqc.nimh.nih.gov/api/v1"
  },
  "size_t": 329,
  "size_x": 64,
  "size_y": 64,
  "size_z": 40,
  "snr": 6.3204072715221855,
  "spacing_tr": 2.0,
  "spacing_x": 3.5,
  "spacing_y": 3.5,
  "spacing_z": 3.0,
  "summary_bg_k": 89.61503935137955,
  "summary_bg_mad": 18.809671448884476,
  "summary_bg_mean": 77.863525390625,
  "summary_bg_median": 13.027356147766113,
  "summary_bg_n": 108281.0,
  "summary_bg_p05": 0.027355622500181198,
  "summary_bg_p95": 322.0273742675781,
  "summary_bg_stdv": 232.9432830810547,
  "summary_fg_k": 0.6057760694601724,
  "summary_fg_mad": 694.281335476357,
  "summary_fg_mean": 4686.20166015625,
  "summary_fg_median": 4706.60791015625,
  "summary_fg_n": 24213.0,
  "summary_fg_p05": 3420.94287109375,
  "summary_fg_p95": 5887.97333984375,
  "summary_fg_stdv": 744.653076171875,
  "tsnr": 91.66527368326206
}