{
  "aor": 0.0017050455927051676,
  "aqi": 0.0036319037386018235,
  "bids_meta": {
    "AcquisitionMatrixPE": 64,
    "AcquisitionNumber": 1,
    "AcquisitionTime": "10:52:37.000000",
    "BodyPartExamined": "HEAD",
    "CoilString": "8HRBRAIN",
    "ConversionSoftware": "dcm2niix",
    "ConversionSoftwareVersion": "v1.0.20181125  GCC5.4.0",
    "DeviceSerialNumber": "00000000GEMRGEMR",
    "EchoTime": 0.033,
    "EffectiveEchoSpacing": 0.00042,
    "FlipAngle": 90,
    "ImageOrientationPatientDICOM": [
      0.999762,
      0.020649,
      0.00707546,
      -0.020898,
      0.999091,
      0.037146
    ],
    "ImageType": [
      "ORIGINAL",
      "PRIMARY",
      "EPI",
      "NONE"
    ],
    "ImagingFrequency": 127.764,
    "InPlanePhaseEncodingDirectionDICOM": "COL",
    "InstitutionName": "NCKU",
    "MRAcquisitionType": "2D",
    "MagneticFieldStrength": 3,
    "Manufacturer": "GE",
    "ManufacturersModelName": "DISCOVERY_MR750",
    "PatientPosition": "HFS",
    "PercentPhaseFOV": 100,
    "PhaseEncodingDirection": "j",
    "PhaseEncodingPolarityGE": "Flipped",
    "PixelBandwidth": 7812.5,
    "ProtocolName": "hypervote_run_2",
    "ReconMatrixPE": 64,
    "RepetitionTime": 2,
    "SAR": 0.398541,
    "ScanOptions": "EPI_GEMS_ACC_GEMS",
    "ScanningSequence": "EP_GR",
    "SequenceVariant": "SS",
    "SeriesDescription": "hypervote_run_2",
    "SeriesNumber": 5,
    "SliceThickness": 3,
    "SliceTiming": [
      0,
      1,
      0.05,
      1.05,
      0.0999999,
      1.1,
      0.15,
      1.15,
      0.2,
      1.2,
      0.25,
      1.25,
      0.3,
      1.3,
      0.35,
      1.35,
      0.4,
      1.4,
      0.45,
      1.45,
      0.5,
      1.5,
      0.55,
      1.55,
      0.6,
      1.6,
      0.65,
      1.65,
      0.7,
      1.7,
      0.75,
      1.75,
      0.8,
      1.8,
      0.85,
      1.85,
      0.9,
      1.9,
      0.95,
      1.95
    ],
    "SoftwareVersions": "27_LX_MR_Software_release:DV25.1_R02_1649.a",
    "SpacingBetweenSlices": 3,
    "StationName": "GEMRGEMR",
    "TaskName": "OTCG",
    "TotalReadoutTime": 0.02646,
    "dataset": "ds004103",
    "modality": "bold",
    "run_id": 2,
    "subject_id": "s50A",
    "task_id": "OTCG"
  },
  "dummy_trs": 1,
  "dvars_nstd": 15.864464224847563,
  "dvars_std": 1.1921846757926835,
  "dvars_vstd": 1.0036811127439034,
  "efc": 0.42048424211571156,
  "fber": 146204.515625,
  "fd_mean": 0.057855715394196684,
  "fd_num": 3,
  "fd_perc": 0.9118541033434651,
  "fwhm_avg": 2.5092715873015874,
  "fwhm_x": 2.3836057142857143,
  "fwhm_y": 2.6006257142857145,
  "fwhm_z": 2.5435833333333333,
  "gcor": 0.0346318,
  "gsr_x": -0.009100575931370258,
  "gsr_y": 0.011141409166157246,
  "provenance": {
    "md5sum": "83837ff72446b595f799385a6570f012",
    "settings": {
      "fd_thres": 0.2,
      "testing": false
    },
    "software": "mriqc",
    "version": "23.0.1",
    "webapi_port": null,
    "webapi_url": "https://mriqc.nimh.nih.gov/api/v1"
  },
  "size_t": 329,
  "size_x": 64,
  "size_y": 64,
  "size_z": 40,
  "snr": 6.288623038571201,
  "spacing_tr": 2.0,
  "spacing_x": 3.5,
  "spacing_y": 3.5,
  "spacing_z": 3.0,
  "summary_bg_k": 93.59285276522878,
  "summary_bg_mad": 18.890785942925593,
  "summary_bg_mean": 79.77252197265625,
  "summary_bg_median": 13.091185569763184,
  "summary_bg_n": 108141.0,
  "summary_bg_p05": 0.030395137146115303,
  "summary_bg_p95": 331.1854248046875,
  "summary_bg_stdv": 238.74395751953125,
  "summary_fg_k": 0.6379497324663661,
  "summary_fg_mad": 696.8299200028457,
  "summary_fg_mean": 4666.1650390625,
  "summary_fg_median": 4681.814453125,
  "summary_fg_n": 24336.0,
  "summary_fg_p05": 3410.8153076171875,
  "summary_fg_p95": 5873.69384765625,
  "summary_fg_stdv": 744.4743041992188,
  "tsnr": 95.6439883451676
}