{
  "aor": 0.0004463939393939395,
  "aqi": 0.007434623424242424,
  "bids_meta": {
    "AcquisitionMatrixPE": 64,
    "AcquisitionNumber": 1,
    "AcquisitionTime": "10:47:4.135000",
    "BandwidthPerPixelPhaseEncode": 31.888,
    "BaseResolution": 64,
    "BodyPartExamined": "BRAIN",
    "ConsistencyInfo": "N4_VD13D_LATEST_20130810",
    "ConversionSoftware": "dcm2niix",
    "ConversionSoftwareVersion": "v1.0.20181125  GCC5.4.0",
    "DerivedVendorReportedEchoSpacing": 0.000489996,
    "DeviceSerialNumber": "66020",
    "DwellTime": 3.3e-06,
    "EchoTime": 0.024,
    "EchoTrainLength": 64,
    "EffectiveEchoSpacing": 0.000489996,
    "FlipAngle": 87,
    "ImageOrientationPatientDICOM": [
      0.999631,
      0.0240933,
      0.0125293,
      -0.0209393,
      0.977623,
      -0.209319
    ],
    "ImageType": [
      "ORIGINAL",
      "PRIMARY",
      "M",
      "ND",
      "NORM",
      "MOSAIC"
    ],
    "ImagingFrequency": 123.262,
    "InPlanePhaseEncodingDirectionDICOM": "COL",
    "InstitutionAddress": "Fanglan_Rd._49_Taipei_Da_An_TW_10672",
    "InstitutionName": "NTU_NCSC",
    "InstitutionalDepartmentName": "Department",
    "MRAcquisitionType": "2D",
    "MagneticFieldStrength": 3,
    "Manufacturer": "Siemens",
    "ManufacturersModelName": "Prisma",
    "PartialFourier": 1,
    "PatientPosition": "HFS",
    "PercentPhaseFOV": 100,
    "PhaseEncodingDirection": "j-",
    "PhaseEncodingSteps": 64,
    "PhaseResolution": 1,
    "PixelBandwidth": 2365,
    "ProcedureStepDescription": "NTU_Brain",
    "ProtocolName": "ep2d_bold_64x64_3mm_iso_330TR",
    "PulseSequenceDetails": "%SiemensSeq%_ep2d_bold",
    "ReceiveCoilActiveElements": "HE1-4",
    "ReceiveCoilName": "HeadNeck_20",
    "ReconMatrixPE": 64,
    "RepetitionTime": 2,
    "SAR": 0.109251,
    "ScanOptions": "FS",
    "ScanningSequence": "EP",
    "SequenceName": "_epfid2d1_64",
    "SequenceVariant": "SK",
    "SeriesDescription": "ep2d_bold_64x64_3mm_iso_330TR",
    "SeriesNumber": 4,
    "ShimSetting": [
      -3009,
      -3794,
      -5542,
      279,
      -109,
      -8,
      -87,
      25
    ],
    "SliceThickness": 3,
    "SliceTiming": [
      0.99,
      0,
      1.045,
      0.055,
      1.1,
      0.11,
      1.155,
      0.165,
      1.21,
      0.22,
      1.265,
      0.275,
      1.32,
      0.33,
      1.375,
      0.385,
      1.43,
      0.44,
      1.485,
      0.495,
      1.54,
      0.55,
      1.595,
      0.605,
      1.65,
      0.66,
      1.705,
      0.715,
      1.76,
      0.77,
      1.815,
      0.825,
      1.87,
      0.88,
      1.925,
      0.935
    ],
    "SoftwareVersions": "syngo_MR_D13D",
    "SpacingBetweenSlices": 3,
    "StationName": "AWP66020",
    "TaskName": "OTCG",
    "TotalReadoutTime": 0.0308698,
    "TxRefAmp": 245.66,
    "VendorReportedEchoSpacing": 0.00049,
    "dataset": "ds004103",
    "modality": "bold",
    "run_id": 2,
    "subject_id": "s41B",
    "task_id": "OTCG"
  },
  "dummy_trs": 0,
  "dvars_nstd": 18.177808549969612,
  "dvars_std": 1.158641435349544,
  "dvars_vstd": 0.9796700228571441,
  "efc": 0.5991710747311719,
  "fber": 846.8118896484375,
  "fd_mean": 0.12567135947248542,
  "fd_num": 22,
  "fd_perc": 6.666666666666667,
  "fwhm_avg": 1.6276144444444445,
  "fwhm_x": 1.5423433333333334,
  "fwhm_y": 1.67751,
  "fwhm_z": 1.66299,
  "gcor": 0.016132,
  "gsr_x": 0.002305251080542803,
  "gsr_y": 0.03879323601722717,
  "provenance": {
    "md5sum": "c7cc6e178537e1d89de82ea20c4ac282",
    "settings": {
      "fd_thres": 0.2,
      "testing": false
    },
    "software": "mriqc",
    "version": "23.0.1",
    "webapi_port": null,
    "webapi_url": "https://mriqc.nimh.nih.gov/api/v1"
  },
  "size_t": 330,
  "size_x": 64,
  "size_y": 64,
  "size_z": 36,
  "snr": 8.226052646595667,
  "spacing_tr": 2.0,
  "spacing_x": 3.0,
  "spacing_y": 3.0,
  "spacing_z": 3.0,
  "summary_bg_k": 15.325692347555428,
  "summary_bg_mad": 16.85224257769698,
  "summary_bg_mean": 65.3956527709961,
  "summary_bg_median": 28.86666488647461,
  "summary_bg_n": 79755.0,
  "summary_bg_p05": 13.877878093719483,
  "summary_bg_p95": 279.68938293457046,
  "summary_bg_stdv": 103.35938262939453,
  "summary_fg_k": 2.50224030375478,
  "summary_fg_mad": 99.46243844946363,
  "summary_fg_mean": 858.8973388671875,
  "summary_fg_median": 851.919677734375,
  "summary_fg_n": 35534.0,
  "summary_fg_p05": 713.6337829589844,
  "summary_fg_p95": 1031.1452270507812,
  "summary_fg_stdv": 103.56214904785156,
  "tsnr": 86.70428683189675
}