{
  "aor": 0.0030183636363636363,
  "aqi": 0.008087325454545454,
  "bids_meta": {
    "AcquisitionMatrixPE": 64,
    "AcquisitionNumber": 1,
    "AcquisitionTime": "11:10:57.765000",
    "BandwidthPerPixelPhaseEncode": 31.888,
    "BaseResolution": 64,
    "BodyPartExamined": "BRAIN",
    "ConsistencyInfo": "N4_VD13D_LATEST_20130810",
    "ConversionSoftware": "dcm2niix",
    "ConversionSoftwareVersion": "v1.0.20181125  GCC5.4.0",
    "DerivedVendorReportedEchoSpacing": 0.000489996,
    "DeviceSerialNumber": "66020",
    "DwellTime": 3.3e-06,
    "EchoTime": 0.024,
    "EchoTrainLength": 64,
    "EffectiveEchoSpacing": 0.000489996,
    "FlipAngle": 87,
    "ImageOrientationPatientDICOM": [
      0.999631,
      0.0240933,
      0.0125293,
      -0.0209393,
      0.977623,
      -0.209319
    ],
    "ImageType": [
      "ORIGINAL",
      "PRIMARY",
      "M",
      "ND",
      "NORM",
      "MOSAIC"
    ],
    "ImagingFrequency": 123.262,
    "InPlanePhaseEncodingDirectionDICOM": "COL",
    "InstitutionAddress": "Fanglan_Rd._49_Taipei_Da_An_TW_10672",
    "InstitutionName": "NTU_NCSC",
    "InstitutionalDepartmentName": "Department",
    "MRAcquisitionType": "2D",
    "MagneticFieldStrength": 3,
    "Manufacturer": "Siemens",
    "ManufacturersModelName": "Prisma",
    "PartialFourier": 1,
    "PatientPosition": "HFS",
    "PercentPhaseFOV": 100,
    "PhaseEncodingDirection": "j-",
    "PhaseEncodingSteps": 64,
    "PhaseResolution": 1,
    "PixelBandwidth": 2365,
    "ProcedureStepDescription": "NTU_Brain",
    "ProtocolName": "ep2d_bold_64x64_3mm_iso_330TR",
    "PulseSequenceDetails": "%SiemensSeq%_ep2d_bold",
    "ReceiveCoilActiveElements": "HE1-4",
    "ReceiveCoilName": "HeadNeck_20",
    "ReconMatrixPE": 64,
    "RepetitionTime": 2,
    "SAR": 0.109251,
    "ScanOptions": "FS",
    "ScanningSequence": "EP",
    "SequenceName": "_epfid2d1_64",
    "SequenceVariant": "SK",
    "SeriesDescription": "ep2d_bold_64x64_3mm_iso_330TR",
    "SeriesNumber": 6,
    "ShimSetting": [
      -3009,
      -3794,
      -5542,
      279,
      -109,
      -8,
      -87,
      25
    ],
    "SliceThickness": 3,
    "SliceTiming": [
      0.99,
      0,
      1.045,
      0.055,
      1.1,
      0.11,
      1.155,
      0.165,
      1.21,
      0.22,
      1.265,
      0.275,
      1.32,
      0.33,
      1.375,
      0.385,
      1.43,
      0.44,
      1.485,
      0.495,
      1.54,
      0.55,
      1.595,
      0.605,
      1.65,
      0.66,
      1.705,
      0.715,
      1.76,
      0.77,
      1.815,
      0.825,
      1.87,
      0.88,
      1.925,
      0.935
    ],
    "SoftwareVersions": "syngo_MR_D13D",
    "SpacingBetweenSlices": 3,
    "StationName": "AWP66020",
    "TaskName": "OTCG",
    "TotalReadoutTime": 0.0308698,
    "TxRefAmp": 245.66,
    "VendorReportedEchoSpacing": 0.00049,
    "dataset": "ds004103",
    "modality": "bold",
    "run_id": 4,
    "subject_id": "s41B",
    "task_id": "OTCG"
  },
  "dummy_trs": 0,
  "dvars_nstd": 18.696849599787246,
  "dvars_std": 1.239312681246201,
  "dvars_vstd": 1.0341472797872335,
  "efc": 0.5996984504315472,
  "fber": 836.9579467773438,
  "fd_mean": 0.11641819767833998,
  "fd_num": 28,
  "fd_perc": 8.484848484848484,
  "fwhm_avg": 1.6215244444444445,
  "fwhm_x": 1.5335566666666667,
  "fwhm_y": 1.6671133333333332,
  "fwhm_z": 1.6639033333333335,
  "gcor": 0.0334143,
  "gsr_x": 0.0025073669385164976,
  "gsr_y": 0.03922523558139801,
  "provenance": {
    "md5sum": "52896681b47a2d47980a61b3c763280f",
    "settings": {
      "fd_thres": 0.2,
      "testing": false
    },
    "software": "mriqc",
    "version": "23.0.1",
    "webapi_port": null,
    "webapi_url": "https://mriqc.nimh.nih.gov/api/v1"
  },
  "size_t": 330,
  "size_x": 64,
  "size_y": 64,
  "size_z": 36,
  "snr": 8.204496956219428,
  "spacing_tr": 2.0,
  "spacing_x": 3.0,
  "spacing_y": 3.0,
  "spacing_z": 3.0,
  "summary_bg_k": 15.946482872635023,
  "summary_bg_mad": 17.229634701249083,
  "summary_bg_mean": 65.81065368652344,
  "summary_bg_median": 29.006059646606445,
  "summary_bg_n": 79757.0,
  "summary_bg_p05": 13.709090232849121,
  "summary_bg_p95": 278.5702880859374,
  "summary_bg_stdv": 103.70025634765625,
  "summary_fg_k": 2.7910247750465356,
  "summary_fg_mad": 98.8424403354444,
  "summary_fg_mean": 857.6636352539062,
  "summary_fg_median": 850.8590698242188,
  "summary_fg_n": 35606.0,
  "summary_fg_p05": 713.0340423583984,
  "summary_fg_p95": 1030.0257568359375,
  "summary_fg_stdv": 103.70497131347656,
  "tsnr": 83.97900008456782
}