{
  "aor": 0.001130030303030303,
  "aqi": 0.010881369393939393,
  "bids_meta": {
    "AcquisitionMatrixPE": 64,
    "AcquisitionNumber": 1,
    "AcquisitionTime": "10:35:12.072500",
    "BandwidthPerPixelPhaseEncode": 31.888,
    "BaseResolution": 64,
    "BodyPartExamined": "BRAIN",
    "ConsistencyInfo": "N4_VD13D_LATEST_20130810",
    "ConversionSoftware": "dcm2niix",
    "ConversionSoftwareVersion": "v1.0.20181125  GCC5.4.0",
    "DerivedVendorReportedEchoSpacing": 0.000489996,
    "DeviceSerialNumber": "66020",
    "DwellTime": 3.3e-06,
    "EchoTime": 0.024,
    "EchoTrainLength": 64,
    "EffectiveEchoSpacing": 0.000489996,
    "FlipAngle": 87,
    "ImageOrientationPatientDICOM": [
      0.999631,
      0.0240933,
      0.0125293,
      -0.0209393,
      0.977623,
      -0.209319
    ],
    "ImageType": [
      "ORIGINAL",
      "PRIMARY",
      "M",
      "ND",
      "NORM",
      "MOSAIC"
    ],
    "ImagingFrequency": 123.262,
    "InPlanePhaseEncodingDirectionDICOM": "COL",
    "InstitutionAddress": "Fanglan_Rd._49_Taipei_Da_An_TW_10672",
    "InstitutionName": "NTU_NCSC",
    "InstitutionalDepartmentName": "Department",
    "MRAcquisitionType": "2D",
    "MagneticFieldStrength": 3,
    "Manufacturer": "Siemens",
    "ManufacturersModelName": "Prisma",
    "PartialFourier": 1,
    "PatientPosition": "HFS",
    "PercentPhaseFOV": 100,
    "PhaseEncodingDirection": "j-",
    "PhaseEncodingSteps": 64,
    "PhaseResolution": 1,
    "PixelBandwidth": 2365,
    "ProcedureStepDescription": "NTU_Brain",
    "ProtocolName": "ep2d_bold_64x64_3mm_iso_330TR",
    "PulseSequenceDetails": "%SiemensSeq%_ep2d_bold",
    "ReceiveCoilActiveElements": "HE1-4",
    "ReceiveCoilName": "HeadNeck_20",
    "ReconMatrixPE": 64,
    "RepetitionTime": 2,
    "SAR": 0.109251,
    "ScanOptions": "FS",
    "ScanningSequence": "EP",
    "SequenceName": "_epfid2d1_64",
    "SequenceVariant": "SK",
    "SeriesDescription": "ep2d_bold_64x64_3mm_iso_330TR",
    "SeriesNumber": 3,
    "ShimSetting": [
      -3009,
      -3794,
      -5542,
      279,
      -109,
      -8,
      -87,
      25
    ],
    "SliceThickness": 3,
    "SliceTiming": [
      0.99,
      0,
      1.045,
      0.055,
      1.1,
      0.11,
      1.155,
      0.165,
      1.21,
      0.22,
      1.265,
      0.275,
      1.32,
      0.33,
      1.375,
      0.385,
      1.43,
      0.44,
      1.485,
      0.495,
      1.54,
      0.55,
      1.595,
      0.605,
      1.65,
      0.66,
      1.705,
      0.715,
      1.76,
      0.77,
      1.815,
      0.825,
      1.87,
      0.88,
      1.925,
      0.935
    ],
    "SoftwareVersions": "syngo_MR_D13D",
    "SpacingBetweenSlices": 3,
    "StationName": "AWP66020",
    "TaskName": "OTCG",
    "TotalReadoutTime": 0.0308698,
    "TxRefAmp": 245.66,
    "VendorReportedEchoSpacing": 0.00049,
    "dataset": "ds004103",
    "modality": "bold",
    "run_id": 1,
    "subject_id": "s41B",
    "task_id": "OTCG"
  },
  "dummy_trs": 0,
  "dvars_nstd": 17.881853663039525,
  "dvars_std": 1.10089754112462,
  "dvars_vstd": 0.9658111581458957,
  "efc": 0.5973279308480328,
  "fber": 873.1459350585938,
  "fd_mean": 0.12559443920665472,
  "fd_num": 21,
  "fd_perc": 6.363636363636363,
  "fwhm_avg": 1.652721111111111,
  "fwhm_x": 1.5691833333333334,
  "fwhm_y": 1.7074166666666668,
  "fwhm_z": 1.6815633333333333,
  "gcor": 0.0148852,
  "gsr_x": 0.004027093760669231,
  "gsr_y": 0.03670252114534378,
  "provenance": {
    "md5sum": "fbec7e6e66b2dba7b1200b5128ad10a9",
    "settings": {
      "fd_thres": 0.2,
      "testing": false
    },
    "software": "mriqc",
    "version": "23.0.1",
    "webapi_port": null,
    "webapi_url": "https://mriqc.nimh.nih.gov/api/v1"
  },
  "size_t": 330,
  "size_x": 64,
  "size_y": 64,
  "size_z": 36,
  "snr": 8.13036438506395,
  "spacing_tr": 2.0,
  "spacing_x": 3.0,
  "spacing_y": 3.0,
  "spacing_z": 3.0,
  "summary_bg_k": 15.010971478093637,
  "summary_bg_mad": 17.157751025875218,
  "summary_bg_mean": 62.73839569091797,
  "summary_bg_median": 28.20302963256836,
  "summary_bg_n": 79697.0,
  "summary_bg_p05": 13.115151405334473,
  "summary_bg_p95": 263.0690795898434,
  "summary_bg_stdv": 97.60750579833984,
  "summary_fg_k": 2.38520027051407,
  "summary_fg_mad": 100.11600867182426,
  "summary_fg_mean": 849.9638671875,
  "summary_fg_median": 842.9302978515625,
  "summary_fg_n": 35627.0,
  "summary_fg_p05": 704.5069580078125,
  "summary_fg_p95": 1023.3120910644528,
  "summary_fg_stdv": 103.67536163330078,
  "tsnr": 73.81561043579131
}