{
  "bids_meta": {
    "AcquisitionMatrixPE": 224,
    "AcquisitionNumber": 1,
    "AcquisitionTime": "10:32:50.000000",
    "BodyPartExamined": "HEAD",
    "CoilString": "8HRBRAIN",
    "ConversionSoftware": "dcm2niix",
    "ConversionSoftwareVersion": "v1.0.20181125  GCC5.4.0",
    "DeviceSerialNumber": "00000000GEMRGEMR",
    "EchoTime": 0.002936,
    "FlipAngle": 12,
    "ImageOrientationPatientDICOM": [
      -0.0214303,
      0.999005,
      0.0391236,
      0.0122082,
      0.0393911,
      -0.999149
    ],
    "ImageType": [
      "ORIGINAL",
      "PRIMARY",
      "OTHER"
    ],
    "ImagingFrequency": 127.764,
    "InPlanePhaseEncodingDirectionDICOM": "ROW",
    "InstitutionName": "NCKU",
    "InversionTime": 0.45,
    "MRAcquisitionType": "3D",
    "MagneticFieldStrength": 3,
    "Manufacturer": "GE",
    "ManufacturersModelName": "DISCOVERY_MR750",
    "Modality": "MR",
    "PatientPosition": "HFS",
    "PercentPhaseFOV": 100,
    "PixelBandwidth": 244.141,
    "ProtocolName": "T1_SAG_FSPGR_BRAVO_ASSET",
    "ReconMatrixPE": 256,
    "RepetitionTime": 0.007656,
    "SAR": 0.208686,
    "ScanOptions": "FAST_GEMS_EDR_GEMS_ACC_GEMS",
    "ScanningSequence": "GR",
    "SequenceVariant": "SS_SK",
    "SeriesDescription": "T1_SAG_FSPGR_BRAVO_ASSET",
    "SeriesNumber": 3,
    "SliceThickness": 1,
    "SoftwareVersions": "27_LX_MR_Software_release:DV25.1_R02_1649.a",
    "SpacingBetweenSlices": 1,
    "StationName": "GEMRGEMR",
    "dataset": "ds004103",
    "modality": "T1w",
    "subject_id": "s50A"
  },
  "cjv": 0.34120878462050624,
  "cnr": 3.9895605004613417,
  "efc": 0.5494251329496745,
  "fber": 13907.771926877747,
  "fwhm_avg": 4.234935714285715,
  "fwhm_x": 3.93379,
  "fwhm_y": 4.488857142857143,
  "fwhm_z": 4.28216,
  "icvs_csf": 0.23861634776751345,
  "icvs_gm": 0.42103364985818387,
  "icvs_wm": 0.34035000237430263,
  "inu_med": 0.5391404628753662,
  "inu_range": 0.16245858371257782,
  "provenance": {
    "md5sum": "991a1e8b738edb13ad23ebabe60b4b3b",
    "settings": {
      "testing": false
    },
    "software": "mriqc",
    "version": "23.0.1",
    "warnings": {
      "large_rot_frame": true,
      "small_air_mask": false
    },
    "webapi_port": null,
    "webapi_url": "https://mriqc.nimh.nih.gov/api/v1"
  },
  "qi_1": 0.0,
  "qi_2": 0.0005589991085933296,
  "rpve_csf": 18.010298982793834,
  "rpve_gm": 10.101922537360103,
  "rpve_wm": 14.603588262207916,
  "size_x": 166,
  "size_y": 256,
  "size_z": 256,
  "snr_csf": 1.9629937177491443,
  "snr_gm": 10.021528015413852,
  "snr_total": 11.447157489839912,
  "snr_wm": 22.35695073635674,
  "snrd_csf": 21.743483966282625,
  "snrd_gm": 65.32595559792622,
  "snrd_total": 61.28439109862112,
  "snrd_wm": 96.78373373165451,
  "spacing_x": 1.0,
  "spacing_y": 0.875,
  "spacing_z": 0.875,
  "summary_bg_k": 5.1626630793638775,
  "summary_bg_mad": 6.769075489928609,
  "summary_bg_mean": 7.509476484153976,
  "summary_bg_median": 4.565672036260366,
  "summary_bg_n": 2792946.0,
  "summary_bg_p05": 0.0,
  "summary_bg_p95": 27.865327395498753,
  "summary_bg_stdv": 10.03191105048936,
  "summary_csf_k": -0.001804020129118289,
  "summary_csf_mad": 118.13128516294765,
  "summary_csf_mean": 232.85575242722066,
  "summary_csf_median": 224.66052013263106,
  "summary_csf_n": 55142.0,
  "summary_csf_p05": 64.15800169147552,
  "summary_csf_p95": 438.89216165598475,
  "summary_csf_stdv": 114.44686805828327,
  "summary_gm_k": 0.025301133918924634,
  "summary_gm_mad": 67.14486171461442,
  "summary_gm_mean": 674.1180304627056,
  "summary_gm_median": 674.9683346766979,
  "summary_gm_n": 38144.0,
  "summary_gm_p05": 561.8766383385286,
  "summary_gm_p95": 783.7255881752818,
  "summary_gm_stdv": 67.35095545770571,
  "summary_wm_k": 0.1981407696923836,
  "summary_wm_mad": 43.75879768328042,
  "summary_wm_mean": 1000.0356151152241,
  "summary_wm_median": 999.9999997355044,
  "summary_wm_n": 246812.0,
  "summary_wm_p05": 926.4190400801599,
  "summary_wm_p95": 1073.4336796477437,
  "summary_wm_stdv": 44.728728246193,
  "tpm_overlap_csf": 0.14463157830294263,
  "tpm_overlap_gm": 0.46688179923020373,
  "tpm_overlap_wm": 0.5212938792911334,
  "wm2max": 0.5779781702536237
}