{
  "bids_meta": {
    "AcquisitionMatrixPE": 224,
    "AcquisitionNumber": 1,
    "AcquisitionTime": "10:26:45.000000",
    "BodyPartExamined": "HEAD",
    "CoilString": "8HRBRAIN",
    "ConversionSoftware": "dcm2niix",
    "ConversionSoftwareVersion": "v1.0.20181125  GCC5.4.0",
    "DeviceSerialNumber": "00000000GEMRGEMR",
    "EchoTime": 0.002928,
    "FlipAngle": 12,
    "ImageOrientationPatientDICOM": [
      -0.0060077,
      0.998651,
      0.0515814,
      0.010171,
      0.0516407,
      -0.998614
    ],
    "ImageType": [
      "ORIGINAL",
      "PRIMARY",
      "OTHER"
    ],
    "ImagingFrequency": 127.764,
    "InPlanePhaseEncodingDirectionDICOM": "ROW",
    "InstitutionName": "NCKU",
    "InversionTime": 0.45,
    "MRAcquisitionType": "3D",
    "MagneticFieldStrength": 3,
    "Manufacturer": "GE",
    "ManufacturersModelName": "DISCOVERY_MR750",
    "Modality": "MR",
    "PatientPosition": "HFS",
    "PercentPhaseFOV": 100,
    "PixelBandwidth": 244.141,
    "ProtocolName": "T1_SAG_FSPGR_BRAVO_ASSET",
    "ReconMatrixPE": 256,
    "RepetitionTime": 0.007636,
    "SAR": 0.217199,
    "ScanOptions": "FAST_GEMS_EDR_GEMS_ACC_GEMS",
    "ScanningSequence": "GR",
    "SequenceVariant": "SS_SK",
    "SeriesDescription": "T1_SAG_FSPGR_BRAVO_ASSET",
    "SeriesNumber": 3,
    "SliceThickness": 1,
    "SoftwareVersions": "27_LX_MR_Software_release:DV25.1_R02_1649.a",
    "SpacingBetweenSlices": 1,
    "StationName": "GEMRGEMR",
    "dataset": "ds004103",
    "modality": "T1w",
    "subject_id": "s41A"
  },
  "cjv": 0.3379687581380019,
  "cnr": 4.077311598720455,
  "efc": 0.5689351959967329,
  "fber": 8841.054486067753,
  "fwhm_avg": 4.11615,
  "fwhm_x": 3.86381,
  "fwhm_y": 4.3416114285714285,
  "fwhm_z": 4.143028571428571,
  "icvs_csf": 0.22394668995191125,
  "icvs_gm": 0.44850839391770153,
  "icvs_wm": 0.3275449161303872,
  "inu_med": 0.5683041214942932,
  "inu_range": 0.18530277907848358,
  "provenance": {
    "md5sum": "103891305df13dcbeffb6f16591be622",
    "settings": {
      "testing": false
    },
    "software": "mriqc",
    "version": "23.0.1",
    "warnings": {
      "large_rot_frame": true,
      "small_air_mask": false
    },
    "webapi_port": null,
    "webapi_url": "https://mriqc.nimh.nih.gov/api/v1"
  },
  "qi_1": 0.0,
  "qi_2": 0.0004966903898524568,
  "rpve_csf": 18.217411422974298,
  "rpve_gm": 9.452357254736961,
  "rpve_wm": 14.359057525258175,
  "size_x": 166,
  "size_y": 256,
  "size_z": 256,
  "snr_csf": 1.8986924395975846,
  "snr_gm": 11.298350852458036,
  "snr_total": 11.13413512031124,
  "snr_wm": 20.2053620688781,
  "snrd_csf": 16.954344819099084,
  "snrd_gm": 50.26416699626598,
  "snrd_total": 47.08474282208536,
  "snrd_wm": 74.03571665089102,
  "spacing_x": 1.0,
  "spacing_y": 0.875,
  "spacing_z": 0.875,
  "summary_bg_k": 5.016091794367833,
  "summary_bg_mad": 8.848923342147256,
  "summary_bg_mean": 8.75693921508139,
  "summary_bg_median": 5.968508094549179,
  "summary_bg_n": 2715725.0,
  "summary_bg_p05": 0.0,
  "summary_bg_p95": 32.59119551628828,
  "summary_bg_stdv": 11.880276065590849,
  "summary_csf_k": 1.1593806531713273,
  "summary_csf_mad": 119.51868171992314,
  "summary_csf_mean": 239.21680953485492,
  "summary_csf_median": 229.0022316277027,
  "summary_csf_n": 53697.0,
  "summary_csf_p05": 62.39446948841214,
  "summary_csf_p95": 459.58297658041107,
  "summary_csf_stdv": 120.60937015706999,
  "summary_gm_k": 0.08247310935649699,
  "summary_gm_mad": 59.672015958558795,
  "summary_gm_mean": 677.9069121615407,
  "summary_gm_median": 678.9177957549691,
  "summary_gm_n": 70665.0,
  "summary_gm_p05": 577.6102241501212,
  "summary_gm_p95": 774.8458567745984,
  "summary_gm_stdv": 60.089565355755084,
  "summary_wm_k": 0.13791042859164016,
  "summary_wm_mad": 48.84372818461544,
  "summary_wm_mean": 1000.0103656985669,
  "summary_wm_median": 999.9999713413417,
  "summary_wm_n": 248469.0,
  "summary_wm_p05": 918.6005155518651,
  "summary_wm_p95": 1081.04602862522,
  "summary_wm_stdv": 49.49171193305079,
  "tpm_overlap_csf": 0.15622342754297935,
  "tpm_overlap_gm": 0.47835249142064284,
  "tpm_overlap_wm": 0.5121931803753402,
  "wm2max": 0.45320984713042495
}