{
  "bids_meta": {
    "AcquisitionMatrixPE": 256,
    "AcquisitionNumber": 1,
    "AcquisitionTime": "09:18:15.852500",
    "BaseResolution": 256,
    "BodyPartExamined": "BRAIN",
    "ConsistencyInfo": "N4_VD13D_LATEST_20130810",
    "ConversionSoftware": "dcm2niix",
    "ConversionSoftwareVersion": "v1.0.20181125  GCC5.4.0",
    "DeviceSerialNumber": "66020",
    "DwellTime": 9.8e-06,
    "EchoTime": 0.0023,
    "FlipAngle": 8,
    "ImageOrientationPatientDICOM": [
      0.0349468,
      0.999389,
      2.33488e-08,
      0.0384172,
      -0.00134336,
      -0.999261
    ],
    "ImageType": [
      "ORIGINAL",
      "PRIMARY",
      "M",
      "ND",
      "NORM"
    ],
    "ImagingFrequency": 123.262,
    "InPlanePhaseEncodingDirectionDICOM": "ROW",
    "InstitutionAddress": "Fanglan_Rd._49_Taipei_Da_An_TW_10672",
    "InstitutionName": "NTU_NCSC",
    "InstitutionalDepartmentName": "Department",
    "InversionTime": 0.9,
    "MRAcquisitionType": "3D",
    "MagneticFieldStrength": 3,
    "Manufacturer": "Siemens",
    "ManufacturersModelName": "Prisma",
    "Modality": "MR",
    "PartialFourier": 1,
    "PatientPosition": "HFS",
    "PercentPhaseFOV": 100,
    "PhaseEncodingSteps": 255,
    "PhaseResolution": 1,
    "PixelBandwidth": 200,
    "ProcedureStepDescription": "NTU_Brain",
    "ProtocolName": "t1_mprage_sag_p2_iso",
    "PulseSequenceDetails": "%SiemensSeq%_tfl",
    "ReceiveCoilActiveElements": "HE1-4",
    "ReceiveCoilName": "HeadNeck_20",
    "ReconMatrixPE": 256,
    "RepetitionTime": 2,
    "SAR": 0.0549903,
    "ScanOptions": "IR",
    "ScanningSequence": "GR_IR",
    "SequenceName": "_tfl3d1_16ns",
    "SequenceVariant": "SK_SP_MP",
    "SeriesDescription": "t1_mprage_sag_p2_iso",
    "SeriesNumber": 2,
    "ShimSetting": [
      -3014,
      -3755,
      -5732,
      89,
      -93,
      18,
      -54,
      32
    ],
    "SliceThickness": 0.94,
    "SoftwareVersions": "syngo_MR_D13D",
    "StationName": "AWP66020",
    "TxRefAmp": 245.101,
    "dataset": "ds004103",
    "modality": "T1w",
    "subject_id": "s34B"
  },
  "cjv": 0.3279750993040486,
  "cnr": 4.144512994112876,
  "efc": 0.5738941474196343,
  "fber": -1.0,
  "fwhm_avg": 4.374561535636825,
  "fwhm_x": 4.4022766069104735,
  "fwhm_y": 4.394688,
  "fwhm_z": 4.32672,
  "icvs_csf": 0.1921535614883035,
  "icvs_gm": 0.4527989112379429,
  "icvs_wm": 0.35504752727375355,
  "inu_med": 0.516398698091507,
  "inu_range": 0.20836102217435837,
  "provenance": {
    "md5sum": "7d9ffe80f9d5fc605613849b54b774d7",
    "settings": {
      "testing": false
    },
    "software": "mriqc",
    "version": "23.0.1",
    "warnings": {
      "large_rot_frame": true,
      "small_air_mask": false
    },
    "webapi_port": null,
    "webapi_url": "https://mriqc.nimh.nih.gov/api/v1"
  },
  "qi_1": 0.0,
  "qi_2": 0.00355857680092652,
  "rpve_csf": 23.61175500914018,
  "rpve_gm": 10.970670501050769,
  "rpve_wm": 15.710082907850396,
  "size_x": 192,
  "size_y": 256,
  "size_z": 256,
  "snr_csf": 2.3667667871099054,
  "snr_gm": 12.7262684963456,
  "snr_total": 13.1790392909856,
  "snr_wm": 24.44408258950129,
  "snrd_csf": 25.97634771197973,
  "snrd_gm": 68.15026125187693,
  "snrd_total": 63.30400159653615,
  "snrd_wm": 95.7853958257518,
  "spacing_x": 0.9399999976158142,
  "spacing_y": 0.9375,
  "spacing_z": 0.9375,
  "summary_bg_k": 14.806514013720665,
  "summary_bg_mad": 0.0,
  "summary_bg_mean": 3.2403934758001167,
  "summary_bg_median": 0.0,
  "summary_bg_n": 2663952.0,
  "summary_bg_p05": 0.0,
  "summary_bg_p95": 17.318509612232447,
  "summary_bg_stdv": 6.839930012322733,
  "summary_csf_k": 0.8074230757176184,
  "summary_csf_mad": 94.03757500241123,
  "summary_csf_mean": 276.41066134851354,
  "summary_csf_median": 271.2052029557526,
  "summary_csf_n": 45459.0,
  "summary_csf_p05": 77.77826823294163,
  "summary_csf_p95": 484.34689120389515,
  "summary_csf_stdv": 114.5876397503511,
  "summary_gm_k": 0.17981006863600735,
  "summary_gm_mad": 54.636356425981944,
  "summary_gm_mean": 711.5526699470324,
  "summary_gm_median": 711.5205585956573,
  "summary_gm_n": 63624.0,
  "summary_gm_p05": 619.7900383733213,
  "summary_gm_p95": 802.9343848442658,
  "summary_gm_stdv": 55.90915885304137,
  "summary_wm_k": 0.2218570560999069,
  "summary_wm_mad": 39.992236855075724,
  "summary_wm_mean": 1001.1940443262346,
  "summary_wm_median": 1000.0442711636424,
  "summary_wm_n": 264104.0,
  "summary_wm_p05": 935.9967906028032,
  "summary_wm_p95": 1070.0203514983866,
  "summary_wm_stdv": 40.91143016813252,
  "tpm_overlap_csf": 0.14788286700808945,
  "tpm_overlap_gm": 0.45923565476041356,
  "tpm_overlap_wm": 0.4988447404687004,
  "wm2max": 0.4370114982819535
}