{
  "aor": 0.00871884498480243,
  "aqi": 0.009422820790273557,
  "bids_meta": {
    "AcquisitionMatrixPE": 64,
    "AcquisitionNumber": 1,
    "AcquisitionTime": "12:13:10.737500",
    "BandwidthPerPixelPhaseEncode": 31.888,
    "BaseResolution": 64,
    "BodyPartExamined": "BRAIN",
    "ConsistencyInfo": "N4_VD13D_LATEST_20130810",
    "ConversionSoftware": "dcm2niix",
    "ConversionSoftwareVersion": "v1.0.20181125  GCC5.4.0",
    "DerivedVendorReportedEchoSpacing": 0.000489996,
    "DeviceSerialNumber": "66020",
    "DwellTime": 3.3e-06,
    "EchoTime": 0.024,
    "EchoTrainLength": 64,
    "EffectiveEchoSpacing": 0.000489996,
    "FlipAngle": 87,
    "ImageOrientationPatientDICOM": [
      0.99856,
      0.00763314,
      0.0530973,
      4.70812e-09,
      0.989824,
      -0.142295
    ],
    "ImageType": [
      "ORIGINAL",
      "PRIMARY",
      "M",
      "ND",
      "NORM",
      "MOSAIC"
    ],
    "ImagingFrequency": 123.262,
    "InPlanePhaseEncodingDirectionDICOM": "COL",
    "InstitutionAddress": "Fanglan_Rd._49_Taipei_Da_An_TW_10672",
    "InstitutionName": "NTU_NCSC",
    "InstitutionalDepartmentName": "Department",
    "MRAcquisitionType": "2D",
    "MagneticFieldStrength": 3,
    "Manufacturer": "Siemens",
    "ManufacturersModelName": "Prisma",
    "PartialFourier": 1,
    "PatientPosition": "HFS",
    "PercentPhaseFOV": 100,
    "PhaseEncodingDirection": "j-",
    "PhaseEncodingSteps": 64,
    "PhaseResolution": 1,
    "PixelBandwidth": 2365,
    "ProcedureStepDescription": "NTU_Brain",
    "ProtocolName": "ep2d_bold_64x64_3mm_iso_330TR",
    "PulseSequenceDetails": "%SiemensSeq%_ep2d_bold",
    "ReceiveCoilActiveElements": "HE1-4",
    "ReceiveCoilName": "HeadNeck_20",
    "ReconMatrixPE": 64,
    "RepetitionTime": 2,
    "SAR": 0.112909,
    "ScanOptions": "FS",
    "ScanningSequence": "EP",
    "SequenceName": "_epfid2d1_64",
    "SequenceVariant": "SK",
    "SeriesDescription": "ep2d_bold_64x64_3mm_iso_330TR",
    "SeriesNumber": 6,
    "ShimSetting": [
      -2983,
      -3791,
      -5532,
      452,
      -55,
      116,
      -53,
      21
    ],
    "SliceThickness": 3,
    "SliceTiming": [
      0.99,
      0,
      1.045,
      0.055,
      1.1,
      0.11,
      1.155,
      0.165,
      1.21,
      0.22,
      1.265,
      0.275,
      1.32,
      0.33,
      1.375,
      0.385,
      1.43,
      0.44,
      1.485,
      0.495,
      1.54,
      0.55,
      1.595,
      0.605,
      1.65,
      0.66,
      1.705,
      0.715,
      1.76,
      0.77,
      1.815,
      0.825,
      1.87,
      0.88,
      1.925,
      0.935
    ],
    "SoftwareVersions": "syngo_MR_D13D",
    "SpacingBetweenSlices": 3,
    "StationName": "AWP66020",
    "TaskName": "OTCG",
    "TotalReadoutTime": 0.0308698,
    "TxRefAmp": 238.073,
    "VendorReportedEchoSpacing": 0.00049,
    "dataset": "ds004103",
    "modality": "bold",
    "run_id": 4,
    "subject_id": "s42B",
    "task_id": "OTCG"
  },
  "dummy_trs": 1,
  "dvars_nstd": 16.68105611560975,
  "dvars_std": 1.2163090656402449,
  "dvars_vstd": 1.0831675035975612,
  "efc": 0.6045376246433076,
  "fber": 943.4186401367188,
  "fd_mean": 0.08886623877203026,
  "fd_num": 17,
  "fd_perc": 5.167173252279635,
  "fwhm_avg": 1.661578888888889,
  "fwhm_x": 1.6001233333333333,
  "fwhm_y": 1.7738066666666665,
  "fwhm_z": 1.6108066666666667,
  "gcor": 0.0133325,
  "gsr_x": -0.002965048188343644,
  "gsr_y": 0.03526413440704346,
  "provenance": {
    "md5sum": "fd117f3f4f538ac04ba47664fe41842c",
    "settings": {
      "fd_thres": 0.2,
      "testing": false
    },
    "software": "mriqc",
    "version": "23.0.1",
    "webapi_port": null,
    "webapi_url": "https://mriqc.nimh.nih.gov/api/v1"
  },
  "size_t": 329,
  "size_x": 64,
  "size_y": 64,
  "size_z": 36,
  "snr": 8.049154777512513,
  "spacing_tr": 2.0,
  "spacing_x": 3.0,
  "spacing_y": 3.0,
  "spacing_z": 3.0,
  "summary_bg_k": 19.90052297751176,
  "summary_bg_mad": 14.798985213370358,
  "summary_bg_mean": 61.06533432006836,
  "summary_bg_median": 27.401216506958008,
  "summary_bg_n": 77285.0,
  "summary_bg_p05": 14.407295227050781,
  "summary_bg_p95": 213.83830566406252,
  "summary_bg_stdv": 91.0523910522461,
  "summary_fg_k": 3.1887789041925263,
  "summary_fg_mad": 96.968555646674,
  "summary_fg_mean": 862.5520629882812,
  "summary_fg_median": 856.9848022460938,
  "summary_fg_n": 36521.0,
  "summary_fg_p05": 714.3070068359375,
  "summary_fg_p95": 1032.668701171875,
  "summary_fg_stdv": 106.46746063232422,
  "tsnr": 82.9824025053531
}