{
  "bids_meta": {
    "AcquisitionMatrixPE": 256,
    "AcquisitionNumber": 1,
    "AcquisitionTime": "12:02:19.662500",
    "BaseResolution": 256,
    "BodyPartExamined": "BRAIN",
    "ConsistencyInfo": "N4_VD13D_LATEST_20130810",
    "ConversionSoftware": "dcm2niix",
    "ConversionSoftwareVersion": "v1.0.20181125  GCC5.4.0",
    "DeviceSerialNumber": "66020",
    "DwellTime": 9.8e-06,
    "EchoTime": 0.0023,
    "FlipAngle": 8,
    "ImageOrientationPatientDICOM": [
      -0.0522891,
      0.998632,
      1.37853e-08,
      0.0383302,
      0.00200701,
      -0.999263
    ],
    "ImageType": [
      "ORIGINAL",
      "PRIMARY",
      "M",
      "ND",
      "NORM"
    ],
    "ImagingFrequency": 123.262,
    "InPlanePhaseEncodingDirectionDICOM": "ROW",
    "InstitutionAddress": "Fanglan_Rd._49_Taipei_Da_An_TW_10672",
    "InstitutionName": "NTU_NCSC",
    "InstitutionalDepartmentName": "Department",
    "InversionTime": 0.9,
    "MRAcquisitionType": "3D",
    "MagneticFieldStrength": 3,
    "Manufacturer": "Siemens",
    "ManufacturersModelName": "Prisma",
    "Modality": "MR",
    "PartialFourier": 1,
    "PatientPosition": "HFS",
    "PercentPhaseFOV": 100,
    "PhaseEncodingSteps": 255,
    "PhaseResolution": 1,
    "PixelBandwidth": 200,
    "ProcedureStepDescription": "NTU_Brain",
    "ProtocolName": "t1_mprage_sag_p2_iso",
    "PulseSequenceDetails": "%SiemensSeq%_tfl",
    "ReceiveCoilActiveElements": "HE1-4",
    "ReceiveCoilName": "HeadNeck_20",
    "ReconMatrixPE": 256,
    "RepetitionTime": 2,
    "SAR": 0.0727241,
    "ScanOptions": "IR",
    "ScanningSequence": "GR_IR",
    "SequenceName": "_tfl3d1_16ns",
    "SequenceVariant": "SK_SP_MP",
    "SeriesDescription": "t1_mprage_sag_p2_iso",
    "SeriesNumber": 2,
    "ShimSetting": [
      -3014,
      -3755,
      -5732,
      89,
      -93,
      18,
      -54,
      32
    ],
    "SliceThickness": 0.94,
    "SoftwareVersions": "syngo_MR_D13D",
    "StationName": "AWP66020",
    "TxRefAmp": 264.024,
    "dataset": "ds004103",
    "modality": "T1w",
    "subject_id": "s39B"
  },
  "cjv": 0.3632401436780649,
  "cnr": 3.7650203630190013,
  "efc": 0.5588155275604332,
  "fber": 14421.662275990728,
  "fwhm_avg": 4.262392391478066,
  "fwhm_x": 4.460563841100864,
  "fwhm_y": 4.089696,
  "fwhm_z": 4.236917333333333,
  "icvs_csf": 0.20979006171610465,
  "icvs_gm": 0.435755364608842,
  "icvs_wm": 0.35445457367505334,
  "inu_med": 0.5279229283332825,
  "inu_range": 0.2119058147072792,
  "provenance": {
    "md5sum": "9fe69e3b06052cbc0529f0ba3aaaf165",
    "settings": {
      "testing": false
    },
    "software": "mriqc",
    "version": "23.0.1",
    "warnings": {
      "large_rot_frame": true,
      "small_air_mask": false
    },
    "webapi_port": null,
    "webapi_url": "https://mriqc.nimh.nih.gov/api/v1"
  },
  "qi_1": 0.0,
  "qi_2": 0.006777096676621163,
  "rpve_csf": 23.335664570794528,
  "rpve_gm": 11.820156211880947,
  "rpve_wm": 16.547145869537573,
  "size_x": 192,
  "size_y": 256,
  "size_z": 256,
  "snr_csf": 2.6652715782125007,
  "snr_gm": 12.593819185687488,
  "snr_total": 13.048833866265928,
  "snr_wm": 23.887410834897796,
  "snrd_csf": 26.19326312422967,
  "snrd_gm": 65.58550856195508,
  "snrd_total": 60.56037097679542,
  "snrd_wm": 89.90234124420151,
  "spacing_x": 0.9399999976158142,
  "spacing_y": 0.9375,
  "spacing_z": 0.9375,
  "summary_bg_k": 10.84358134232989,
  "summary_bg_mad": 0.0,
  "summary_bg_mean": 4.250327485446076,
  "summary_bg_median": 0.0,
  "summary_bg_n": 3155572.0,
  "summary_bg_p05": 0.0,
  "summary_bg_p95": 19.117647372186184,
  "summary_bg_stdv": 7.287546467074223,
  "summary_csf_k": 2.0717999909585574,
  "summary_csf_mad": 94.94843585341162,
  "summary_csf_mean": 301.7098731986758,
  "summary_csf_median": 291.366228684783,
  "summary_csf_n": 44954.0,
  "summary_csf_p05": 138.55076128430665,
  "summary_csf_p95": 499.3358715623617,
  "summary_csf_stdv": 109.31831124950301,
  "summary_gm_k": 0.031086443585374823,
  "summary_gm_mad": 57.60205108440306,
  "summary_gm_mean": 728.5457379351238,
  "summary_gm_median": 729.5540916547179,
  "summary_gm_n": 40641.0,
  "summary_gm_p05": 631.546499915421,
  "summary_gm_p95": 821.6793303564191,
  "summary_gm_stdv": 57.92882248431295,
  "summary_wm_k": 0.29146350442585955,
  "summary_wm_mad": 40.651996980201424,
  "summary_wm_mean": 1000.4434830787798,
  "summary_wm_median": 1000.0474547222257,
  "summary_wm_n": 243326.0,
  "summary_wm_p05": 932.4478331208229,
  "summary_wm_p95": 1069.876677878201,
  "summary_wm_stdv": 41.864955841306966,
  "tpm_overlap_csf": 0.15576047302231338,
  "tpm_overlap_gm": 0.46585672834472625,
  "tpm_overlap_wm": 0.5002333991249763,
  "wm2max": 0.3889013807179629
}