{
  "aor": 0.0004963525835866261,
  "aqi": 0.003504410881458967,
  "bids_meta": {
    "AcquisitionMatrixPE": 64,
    "AcquisitionNumber": 1,
    "AcquisitionTime": "11:41:52.000000",
    "BodyPartExamined": "HEAD",
    "CoilString": "8HRBRAIN",
    "ConversionSoftware": "dcm2niix",
    "ConversionSoftwareVersion": "v1.0.20181125  GCC5.4.0",
    "DeviceSerialNumber": "00000000GEMRGEMR",
    "EchoTime": 0.033,
    "EffectiveEchoSpacing": 0.00042,
    "FlipAngle": 90,
    "ImageOrientationPatientDICOM": [
      0.999708,
      -0.00613935,
      -0.0233742,
      0.00480941,
      0.998389,
      -0.0565349
    ],
    "ImageType": [
      "ORIGINAL",
      "PRIMARY",
      "EPI",
      "NONE"
    ],
    "ImagingFrequency": 127.764,
    "InPlanePhaseEncodingDirectionDICOM": "COL",
    "InstitutionName": "NCKU",
    "MRAcquisitionType": "2D",
    "MagneticFieldStrength": 3,
    "Manufacturer": "GE",
    "ManufacturersModelName": "DISCOVERY_MR750",
    "PatientPosition": "HFS",
    "PercentPhaseFOV": 100,
    "PhaseEncodingDirection": "j",
    "PhaseEncodingPolarityGE": "Flipped",
    "PixelBandwidth": 7812.5,
    "ProtocolName": "hypervote_run_1",
    "ReconMatrixPE": 64,
    "RepetitionTime": 2,
    "SAR": 0.403292,
    "ScanOptions": "EPI_GEMS_ACC_GEMS",
    "ScanningSequence": "EP_GR",
    "SequenceVariant": "SS",
    "SeriesDescription": "hypervote_run_1",
    "SeriesNumber": 4,
    "SliceThickness": 3,
    "SliceTiming": [
      0,
      1,
      0.05,
      1.05,
      0.0999999,
      1.1,
      0.15,
      1.15,
      0.2,
      1.2,
      0.25,
      1.25,
      0.3,
      1.3,
      0.35,
      1.35,
      0.4,
      1.4,
      0.45,
      1.45,
      0.5,
      1.5,
      0.55,
      1.55,
      0.6,
      1.6,
      0.65,
      1.65,
      0.7,
      1.7,
      0.75,
      1.75,
      0.8,
      1.8,
      0.85,
      1.85,
      0.9,
      1.9,
      0.95,
      1.95
    ],
    "SoftwareVersions": "27_LX_MR_Software_release:DV25.1_R02_1649.a",
    "SpacingBetweenSlices": 3,
    "StationName": "GEMRGEMR",
    "TaskName": "OTCG",
    "TotalReadoutTime": 0.02646,
    "dataset": "ds004103",
    "modality": "bold",
    "run_id": 1,
    "subject_id": "s48A",
    "task_id": "OTCG"
  },
  "dummy_trs": 1,
  "dvars_nstd": 14.991483019664628,
  "dvars_std": 1.0792933681097565,
  "dvars_vstd": 0.9693793611890247,
  "efc": 0.4068913928018827,
  "fber": 85009.8671875,
  "fd_mean": 0.05003932591076083,
  "fd_num": 0,
  "fd_perc": 0.0,
  "fwhm_avg": 2.5336290476190477,
  "fwhm_x": 2.35172,
  "fwhm_y": 2.648837142857143,
  "fwhm_z": 2.60033,
  "gcor": 0.0427384,
  "gsr_x": 0.0007327873026952147,
  "gsr_y": 0.0017392114968970418,
  "provenance": {
    "md5sum": "4b2432610d12f24b2d019009ac88e53c",
    "settings": {
      "fd_thres": 0.2,
      "testing": false
    },
    "software": "mriqc",
    "version": "23.0.1",
    "webapi_port": null,
    "webapi_url": "https://mriqc.nimh.nih.gov/api/v1"
  },
  "size_t": 329,
  "size_x": 64,
  "size_y": 64,
  "size_z": 40,
  "snr": 5.845322778004071,
  "spacing_tr": 2.0,
  "spacing_x": 3.5,
  "spacing_y": 3.5,
  "spacing_z": 3.0,
  "summary_bg_k": 60.45523386033964,
  "summary_bg_mad": 23.532367503812228,
  "summary_bg_mean": 84.84215545654297,
  "summary_bg_median": 16.522796630859375,
  "summary_bg_n": 110877.0,
  "summary_bg_p05": 0.0881458967924118,
  "summary_bg_p95": 372.5027343749999,
  "summary_bg_stdv": 227.24172973632812,
  "summary_fg_k": 0.7461028205840932,
  "summary_fg_mad": 736.6100631708106,
  "summary_fg_mean": 4515.421875,
  "summary_fg_median": 4565.98193359375,
  "summary_fg_n": 21629.0,
  "summary_fg_p05": 3145.27607421875,
  "summary_fg_p95": 5711.743066406249,
  "summary_fg_stdv": 781.1162109375,
  "tsnr": 85.02775185741484
}