{
  "aor": 0.001129392097264438,
  "aqi": 0.0037253134954407293,
  "bids_meta": {
    "AcquisitionMatrixPE": 64,
    "AcquisitionNumber": 1,
    "AcquisitionTime": "12:05:37.000000",
    "BodyPartExamined": "HEAD",
    "CoilString": "8HRBRAIN",
    "ConversionSoftware": "dcm2niix",
    "ConversionSoftwareVersion": "v1.0.20181125  GCC5.4.0",
    "DeviceSerialNumber": "00000000GEMRGEMR",
    "EchoTime": 0.033,
    "EffectiveEchoSpacing": 0.00042,
    "FlipAngle": 90,
    "ImageOrientationPatientDICOM": [
      0.999708,
      -0.00613894,
      -0.0233746,
      0.00480897,
      0.998389,
      -0.056535
    ],
    "ImageType": [
      "ORIGINAL",
      "PRIMARY",
      "EPI",
      "NONE"
    ],
    "ImagingFrequency": 127.764,
    "InPlanePhaseEncodingDirectionDICOM": "COL",
    "InstitutionName": "NCKU",
    "MRAcquisitionType": "2D",
    "MagneticFieldStrength": 3,
    "Manufacturer": "GE",
    "ManufacturersModelName": "DISCOVERY_MR750",
    "PatientPosition": "HFS",
    "PercentPhaseFOV": 100,
    "PhaseEncodingDirection": "j",
    "PhaseEncodingPolarityGE": "Flipped",
    "PixelBandwidth": 7812.5,
    "ProtocolName": "hypervote_run_3",
    "ReconMatrixPE": 64,
    "RepetitionTime": 2,
    "SAR": 0.403292,
    "ScanOptions": "EPI_GEMS_ACC_GEMS",
    "ScanningSequence": "EP_GR",
    "SequenceVariant": "SS",
    "SeriesDescription": "hypervote_run_3",
    "SeriesNumber": 6,
    "SliceThickness": 3,
    "SliceTiming": [
      0,
      1,
      0.05,
      1.05,
      0.0999999,
      1.1,
      0.15,
      1.15,
      0.2,
      1.2,
      0.25,
      1.25,
      0.3,
      1.3,
      0.35,
      1.35,
      0.4,
      1.4,
      0.45,
      1.45,
      0.5,
      1.5,
      0.55,
      1.55,
      0.6,
      1.6,
      0.65,
      1.65,
      0.7,
      1.7,
      0.75,
      1.75,
      0.8,
      1.8,
      0.85,
      1.85,
      0.9,
      1.9,
      0.95,
      1.95
    ],
    "SoftwareVersions": "27_LX_MR_Software_release:DV25.1_R02_1649.a",
    "SpacingBetweenSlices": 3,
    "StationName": "GEMRGEMR",
    "TaskName": "OTCG",
    "TotalReadoutTime": 0.02646,
    "dataset": "ds004103",
    "modality": "bold",
    "run_id": 3,
    "subject_id": "s48A",
    "task_id": "OTCG"
  },
  "dummy_trs": 1,
  "dvars_nstd": 16.210367525518297,
  "dvars_std": 1.1338079216768298,
  "dvars_vstd": 0.9843632209146341,
  "efc": 0.40859821007382524,
  "fber": 79564.1328125,
  "fd_mean": 0.0656604314236207,
  "fd_num": 3,
  "fd_perc": 0.9118541033434651,
  "fwhm_avg": 2.5016387301587297,
  "fwhm_x": 2.3510171428571427,
  "fwhm_y": 2.610565714285714,
  "fwhm_z": 2.5433333333333334,
  "gcor": 0.0573924,
  "gsr_x": 0.0007378775044344366,
  "gsr_y": 0.0025914476718753576,
  "provenance": {
    "md5sum": "c0c7cf9ad72a0dc2bb1cbb4d7785eed7",
    "settings": {
      "fd_thres": 0.2,
      "testing": false
    },
    "software": "mriqc",
    "version": "23.0.1",
    "webapi_port": null,
    "webapi_url": "https://mriqc.nimh.nih.gov/api/v1"
  },
  "size_t": 329,
  "size_x": 64,
  "size_y": 64,
  "size_z": 40,
  "snr": 5.919386452350488,
  "spacing_tr": 2.0,
  "spacing_x": 3.5,
  "spacing_y": 3.5,
  "spacing_z": 3.0,
  "summary_bg_k": 69.48656447782751,
  "summary_bg_mad": 24.456177274051036,
  "summary_bg_mean": 87.47957611083984,
  "summary_bg_median": 17.10942268371582,
  "summary_bg_n": 110889.0,
  "summary_bg_p05": 0.05775076150894165,
  "summary_bg_p95": 383.9094360351555,
  "summary_bg_stdv": 234.8404998779297,
  "summary_fg_k": 0.776545887248008,
  "summary_fg_mad": 716.2251875749391,
  "summary_fg_mean": 4484.00830078125,
  "summary_fg_median": 4537.33740234375,
  "summary_fg_n": 21622.0,
  "summary_fg_p05": 3132.2400756835937,
  "summary_fg_p95": 5653.220190429687,
  "summary_fg_stdv": 766.5038452148438,
  "tsnr": 83.7143981968984
}