{
  "bids_meta": {
    "AcquisitionMatrixPE": 224,
    "AcquisitionNumber": 1,
    "AcquisitionTime": "09:29:48.000000",
    "BodyPartExamined": "HEAD",
    "CoilString": "8HRBRAIN",
    "ConversionSoftware": "dcm2niix",
    "ConversionSoftwareVersion": "v1.0.20181125  GCC5.4.0",
    "DeviceSerialNumber": "00000000GEMRGEMR",
    "EchoTime": 0.002936,
    "FlipAngle": 12,
    "ImageOrientationPatientDICOM": [
      0.0280258,
      0.998179,
      0.0534186,
      -0.00404933,
      0.0535525,
      -0.998557
    ],
    "ImageType": [
      "ORIGINAL",
      "PRIMARY",
      "OTHER"
    ],
    "ImagingFrequency": 127.764,
    "InPlanePhaseEncodingDirectionDICOM": "ROW",
    "InstitutionName": "NCKU",
    "InversionTime": 0.45,
    "MRAcquisitionType": "3D",
    "MagneticFieldStrength": 3,
    "Manufacturer": "GE",
    "ManufacturersModelName": "DISCOVERY_MR750",
    "Modality": "MR",
    "PatientPosition": "HFS",
    "PercentPhaseFOV": 100,
    "PixelBandwidth": 244.141,
    "ProtocolName": "T1_SAG_FSPGR_BRAVO_ASSET",
    "ReconMatrixPE": 256,
    "RepetitionTime": 0.00766,
    "SAR": 0.204538,
    "ScanOptions": "FAST_GEMS_EDR_GEMS_ACC_GEMS",
    "ScanningSequence": "GR",
    "SequenceVariant": "SS_SK",
    "SeriesDescription": "T1_SAG_FSPGR_BRAVO_ASSET",
    "SeriesNumber": 3,
    "SliceThickness": 1,
    "SoftwareVersions": "27_LX_MR_Software_release:DV25.1_R02_1649.a",
    "SpacingBetweenSlices": 1,
    "StationName": "GEMRGEMR",
    "dataset": "ds004103",
    "modality": "T1w",
    "subject_id": "s17A"
  },
  "cjv": 0.3309821497045051,
  "cnr": 4.144701265046801,
  "efc": 0.5889298994170762,
  "fber": 13782.01461325271,
  "fwhm_avg": 3.9422200000000003,
  "fwhm_x": 3.77338,
  "fwhm_y": 4.152731428571429,
  "fwhm_z": 3.9005485714285717,
  "icvs_csf": 0.20433790150131825,
  "icvs_gm": 0.45492447284988,
  "icvs_wm": 0.3407376256488017,
  "inu_med": 0.5391408205032349,
  "inu_range": 0.17864799052476876,
  "provenance": {
    "md5sum": "1613509a21bc47df7a0f273b93cba565",
    "settings": {
      "testing": false
    },
    "software": "mriqc",
    "version": "23.0.1",
    "warnings": {
      "large_rot_frame": true,
      "small_air_mask": false
    },
    "webapi_port": null,
    "webapi_url": "https://mriqc.nimh.nih.gov/api/v1"
  },
  "qi_1": 0.0,
  "qi_2": 0.0004991710749580629,
  "rpve_csf": 17.99926199878113,
  "rpve_gm": 8.650266905644722,
  "rpve_wm": 12.903293068220743,
  "size_x": 166,
  "size_y": 256,
  "size_z": 256,
  "snr_csf": 1.6242651013004803,
  "snr_gm": 11.217964152188475,
  "snr_total": 11.433263388174618,
  "snr_wm": 21.457560911034896,
  "snrd_csf": 25.287457751398385,
  "snrd_gm": 70.99053605462032,
  "snrd_total": 66.8753039144248,
  "snrd_wm": 104.34791793725572,
  "spacing_x": 1.0,
  "spacing_y": 0.875,
  "spacing_z": 0.875,
  "summary_bg_k": 5.166137610593047,
  "summary_bg_mad": 6.278576222713592,
  "summary_bg_mean": 7.115944432613292,
  "summary_bg_median": 4.234835308045149,
  "summary_bg_n": 2321823.0,
  "summary_bg_p05": 0.0,
  "summary_bg_p95": 27.541662722826004,
  "summary_bg_stdv": 9.951425844338855,
  "summary_csf_k": 16.611883146341825,
  "summary_csf_mad": 130.020731345907,
  "summary_csf_mean": 254.13354473187798,
  "summary_csf_median": 242.34530545212328,
  "summary_csf_n": 44894.0,
  "summary_csf_p05": 61.044084640033546,
  "summary_csf_p95": 483.63494872134174,
  "summary_csf_stdv": 149.20138723635824,
  "summary_gm_k": 0.025607569545865516,
  "summary_gm_mad": 60.45952715181397,
  "summary_gm_mean": 680.4773811961132,
  "summary_gm_median": 680.3460954241455,
  "summary_gm_n": 70228.0,
  "summary_gm_p05": 580.7208331413567,
  "summary_gm_p95": 779.7885590605438,
  "summary_gm_stdv": 60.647479555038615,
  "summary_wm_k": 0.2831658300640467,
  "summary_wm_mad": 45.35029156549961,
  "summary_wm_mean": 1000.4607443331548,
  "summary_wm_median": 1000.0304615199566,
  "summary_wm_n": 271529.0,
  "summary_wm_p05": 924.9916171766818,
  "summary_wm_p95": 1077.5370875895023,
  "summary_wm_stdv": 46.604953106480586,
  "tpm_overlap_csf": 0.1537238900022851,
  "tpm_overlap_gm": 0.47182806094867796,
  "tpm_overlap_wm": 0.4974654030719151,
  "wm2max": 0.5864360751804474
}