{
  "bids_meta": {
    "AcquisitionMatrixPE": 256,
    "AcquisitionNumber": 1,
    "AcquisitionTime": "10:26:17.597500",
    "BaseResolution": 256,
    "BodyPartExamined": "BRAIN",
    "ConsistencyInfo": "N4_VD13D_LATEST_20130810",
    "ConversionSoftware": "dcm2niix",
    "ConversionSoftwareVersion": "v1.0.20181125  GCC5.4.0",
    "DeviceSerialNumber": "66020",
    "DwellTime": 9.8e-06,
    "EchoTime": 0.0023,
    "FlipAngle": 8,
    "ImageOrientationPatientDICOM": [
      0.0418921,
      0.999122,
      -1.13729e-08,
      -0.0016762,
      7.02698e-05,
      -0.999999
    ],
    "ImageType": [
      "ORIGINAL",
      "PRIMARY",
      "M",
      "ND",
      "NORM"
    ],
    "ImagingFrequency": 123.262,
    "InPlanePhaseEncodingDirectionDICOM": "ROW",
    "InstitutionAddress": "Fanglan_Rd._49_Taipei_Da_An_TW_10672",
    "InstitutionName": "NTU_NCSC",
    "InstitutionalDepartmentName": "Department",
    "InversionTime": 0.9,
    "MRAcquisitionType": "3D",
    "MagneticFieldStrength": 3,
    "Manufacturer": "Siemens",
    "ManufacturersModelName": "Prisma",
    "Modality": "MR",
    "PartialFourier": 1,
    "PatientPosition": "HFS",
    "PercentPhaseFOV": 100,
    "PhaseEncodingSteps": 255,
    "PhaseResolution": 1,
    "PixelBandwidth": 200,
    "ProcedureStepDescription": "NTU_Brain",
    "ProtocolName": "t1_mprage_sag_p2_iso",
    "PulseSequenceDetails": "%SiemensSeq%_tfl",
    "ReceiveCoilActiveElements": "HE1-4",
    "ReceiveCoilName": "HeadNeck_20",
    "ReconMatrixPE": 256,
    "RepetitionTime": 2,
    "SAR": 0.06998,
    "ScanOptions": "IR",
    "ScanningSequence": "GR_IR",
    "SequenceName": "_tfl3d1_16ns",
    "SequenceVariant": "SK_SP_MP",
    "SeriesDescription": "t1_mprage_sag_p2_iso",
    "SeriesNumber": 2,
    "ShimSetting": [
      -3014,
      -3755,
      -5732,
      89,
      -93,
      18,
      -54,
      32
    ],
    "SliceThickness": 0.94,
    "SoftwareVersions": "syngo_MR_D13D",
    "StationName": "AWP66020",
    "TxRefAmp": 250.829,
    "dataset": "ds004103",
    "modality": "T1w",
    "subject_id": "s44B"
  },
  "cjv": 0.33881255306960456,
  "cnr": 3.997453685593876,
  "efc": 0.5572254122833823,
  "fber": -1.0,
  "fwhm_avg": 4.521121204799763,
  "fwhm_x": 4.558648947732623,
  "fwhm_y": 4.478314666666666,
  "fwhm_z": 4.5264,
  "icvs_csf": 0.24950257821930905,
  "icvs_gm": 0.41998948620874177,
  "icvs_wm": 0.3305079355719492,
  "inu_med": 0.5688256323337555,
  "inu_range": 0.23274295777082432,
  "provenance": {
    "md5sum": "527c2c6ab1289852100514cc68206338",
    "settings": {
      "testing": false
    },
    "software": "mriqc",
    "version": "23.0.1",
    "warnings": {
      "large_rot_frame": true,
      "small_air_mask": false
    },
    "webapi_port": null,
    "webapi_url": "https://mriqc.nimh.nih.gov/api/v1"
  },
  "qi_1": 4.4793315208523064e-05,
  "qi_2": 0.008609762000403847,
  "rpve_csf": 22.39693920523274,
  "rpve_gm": 13.107746233516686,
  "rpve_wm": 18.924582866486993,
  "size_x": 192,
  "size_y": 256,
  "size_z": 256,
  "snr_csf": 2.630665813449554,
  "snr_gm": 11.726259527446155,
  "snr_total": 12.708640186072804,
  "snr_wm": 23.7689952173227,
  "snrd_csf": 16.032551347448774,
  "snrd_gm": 43.32669421663834,
  "snrd_total": 40.30375736885457,
  "snrd_wm": 61.552026542476575,
  "spacing_x": 0.9399999976158142,
  "spacing_y": 0.9375,
  "spacing_z": 0.9375,
  "summary_bg_k": 119.42992785963858,
  "summary_bg_mad": 0.0,
  "summary_bg_mean": 4.799007239493678,
  "summary_bg_median": 0.0,
  "summary_bg_n": 3201594.0,
  "summary_bg_p05": 0.0,
  "summary_bg_p95": 20.728073716163635,
  "summary_bg_stdv": 10.644080008938861,
  "summary_csf_k": 0.7251356507373363,
  "summary_csf_mad": 92.77067963223806,
  "summary_csf_mean": 269.85954886641923,
  "summary_csf_median": 260.482793033123,
  "summary_csf_n": 73982.0,
  "summary_csf_p05": 127.65038730204105,
  "summary_csf_p95": 449.5379395449533,
  "summary_csf_stdv": 99.01715042950302,
  "summary_gm_k": 0.10658437067396509,
  "summary_gm_mad": 59.60628208254909,
  "summary_gm_mean": 703.4674879540988,
  "summary_gm_median": 703.9340200982988,
  "summary_gm_n": 33804.0,
  "summary_gm_p05": 603.6684410193935,
  "summary_gm_p95": 800.3195628784597,
  "summary_gm_stdv": 60.029680085175514,
  "summary_wm_k": 0.2899045821200623,
  "summary_wm_mad": 40.71922170193472,
  "summary_wm_mean": 999.8309238526281,
  "summary_wm_median": 1000.043189831078,
  "summary_wm_n": 198553.0,
  "summary_wm_p05": 930.2154914997518,
  "summary_wm_p95": 1068.445833094418,
  "summary_wm_stdv": 42.073325454287826,
  "tpm_overlap_csf": 0.14748054687680895,
  "tpm_overlap_gm": 0.45043424404317733,
  "tpm_overlap_wm": 0.48206094431526086,
  "wm2max": 0.4667018516896694
}