{
  "aor": 0.01751509090909091,
  "aqi": 0.013467573303030302,
  "bids_meta": {
    "AcquisitionMatrixPE": 64,
    "AcquisitionNumber": 1,
    "AcquisitionTime": "10:30:33.475000",
    "BandwidthPerPixelPhaseEncode": 31.888,
    "BaseResolution": 64,
    "BodyPartExamined": "BRAIN",
    "ConsistencyInfo": "N4_VD13D_LATEST_20130810",
    "ConversionSoftware": "dcm2niix",
    "ConversionSoftwareVersion": "v1.0.20181125  GCC5.4.0",
    "DerivedVendorReportedEchoSpacing": 0.000489996,
    "DeviceSerialNumber": "66020",
    "DwellTime": 3.3e-06,
    "EchoTime": 0.024,
    "EchoTrainLength": 64,
    "EffectiveEchoSpacing": 0.000489996,
    "FlipAngle": 87,
    "ImageOrientationPatientDICOM": [
      0.998811,
      0.0267028,
      0.0407748,
      -0.0209222,
      0.990469,
      -0.136137
    ],
    "ImageType": [
      "ORIGINAL",
      "PRIMARY",
      "M",
      "ND",
      "NORM",
      "MOSAIC"
    ],
    "ImagingFrequency": 123.262,
    "InPlanePhaseEncodingDirectionDICOM": "COL",
    "InstitutionAddress": "Fanglan_Rd._49_Taipei_Da_An_TW_10672",
    "InstitutionName": "NTU_NCSC",
    "InstitutionalDepartmentName": "Department",
    "MRAcquisitionType": "2D",
    "MagneticFieldStrength": 3,
    "Manufacturer": "Siemens",
    "ManufacturersModelName": "Prisma",
    "PartialFourier": 1,
    "PatientPosition": "HFS",
    "PercentPhaseFOV": 100,
    "PhaseEncodingDirection": "j-",
    "PhaseEncodingSteps": 64,
    "PhaseResolution": 1,
    "PixelBandwidth": 2365,
    "ProcedureStepDescription": "NTU_Brain",
    "ProtocolName": "ep2d_bold_64x64_3mm_iso_330TR",
    "PulseSequenceDetails": "%SiemensSeq%_ep2d_bold",
    "ReceiveCoilActiveElements": "HE1-4",
    "ReceiveCoilName": "HeadNeck_20",
    "ReconMatrixPE": 64,
    "RepetitionTime": 2,
    "SAR": 0.107717,
    "ScanOptions": "FS",
    "ScanningSequence": "EP",
    "SequenceName": "_epfid2d1_64",
    "SequenceVariant": "SK",
    "SeriesDescription": "ep2d_bold_64x64_3mm_iso_330TR",
    "SeriesNumber": 3,
    "ShimSetting": [
      -2998,
      -3797,
      -5518,
      313,
      -88,
      -101,
      79,
      39
    ],
    "SliceThickness": 3,
    "SliceTiming": [
      0.99,
      0,
      1.045,
      0.055,
      1.1,
      0.11,
      1.155,
      0.165,
      1.21,
      0.22,
      1.265,
      0.275,
      1.32,
      0.33,
      1.375,
      0.385,
      1.43,
      0.44,
      1.485,
      0.495,
      1.54,
      0.55,
      1.595,
      0.605,
      1.65,
      0.66,
      1.705,
      0.715,
      1.76,
      0.77,
      1.815,
      0.825,
      1.87,
      0.88,
      1.925,
      0.935
    ],
    "SoftwareVersions": "syngo_MR_D13D",
    "SpacingBetweenSlices": 3,
    "StationName": "AWP66020",
    "TaskName": "OTCG",
    "TotalReadoutTime": 0.0308698,
    "TxRefAmp": 265.267,
    "VendorReportedEchoSpacing": 0.00049,
    "dataset": "ds004103",
    "modality": "bold",
    "run_id": 1,
    "subject_id": "s35B",
    "task_id": "OTCG"
  },
  "dummy_trs": 0,
  "dvars_nstd": 19.962098246382986,
  "dvars_std": 1.2923503380851076,
  "dvars_vstd": 1.2102663559878422,
  "efc": 0.6231185364497446,
  "fber": 737.4588012695312,
  "fd_mean": 0.1227707735374857,
  "fd_num": 8,
  "fd_perc": 2.4242424242424243,
  "fwhm_avg": 1.7799088888888892,
  "fwhm_x": 1.6792866666666668,
  "fwhm_y": 1.8413066666666669,
  "fwhm_z": 1.8191333333333333,
  "gcor": 0.0162118,
  "gsr_x": -0.005051329266279936,
  "gsr_y": 0.027351880446076393,
  "provenance": {
    "md5sum": "34167aaca47a6a3bdb20d1a0ab80b880",
    "settings": {
      "fd_thres": 0.2,
      "testing": false
    },
    "software": "mriqc",
    "version": "23.0.1",
    "webapi_port": null,
    "webapi_url": "https://mriqc.nimh.nih.gov/api/v1"
  },
  "size_t": 330,
  "size_x": 64,
  "size_y": 64,
  "size_z": 36,
  "snr": 7.840467128383305,
  "spacing_tr": 2.0,
  "spacing_x": 3.0,
  "spacing_y": 3.0,
  "spacing_z": 3.0,
  "summary_bg_k": 20.30921824614565,
  "summary_bg_mad": 17.759778221050986,
  "summary_bg_mean": 59.31932067871094,
  "summary_bg_median": 28.560606002807617,
  "summary_bg_n": 73703.0,
  "summary_bg_p05": 13.745453834533691,
  "summary_bg_p95": 204.48878479003895,
  "summary_bg_stdv": 82.04415130615234,
  "summary_fg_k": 2.4325007078588463,
  "summary_fg_mad": 94.73831795885118,
  "summary_fg_mean": 799.9240112304688,
  "summary_fg_median": 797.7757568359375,
  "summary_fg_n": 39569.0,
  "summary_fg_p05": 649.6302734375,
  "summary_fg_p95": 959.6527099609374,
  "summary_fg_stdv": 101.74976348876953,
  "tsnr": 65.67607587308157
}