{
  "aor": 0.001792164634146341,
  "aqi": 0.007120733262195121,
  "bids_meta": {
    "AcquisitionMatrixPE": 64,
    "AcquisitionNumber": 1,
    "AcquisitionTime": "11:15:25.790000",
    "BandwidthPerPixelPhaseEncode": 31.888,
    "BaseResolution": 64,
    "BodyPartExamined": "BRAIN",
    "ConsistencyInfo": "N4_VD13D_LATEST_20130810",
    "ConversionSoftware": "dcm2niix",
    "ConversionSoftwareVersion": "v1.0.20181125  GCC5.4.0",
    "DerivedVendorReportedEchoSpacing": 0.000489996,
    "DeviceSerialNumber": "66020",
    "DwellTime": 3.3e-06,
    "EchoTime": 0.024,
    "EchoTrainLength": 64,
    "EffectiveEchoSpacing": 0.000489996,
    "FlipAngle": 87,
    "ImageOrientationPatientDICOM": [
      0.997566,
      -0.0612331,
      0.033366,
      0.0662582,
      0.981475,
      -0.179767
    ],
    "ImageType": [
      "ORIGINAL",
      "PRIMARY",
      "M",
      "ND",
      "NORM",
      "MOSAIC"
    ],
    "ImagingFrequency": 123.262,
    "InPlanePhaseEncodingDirectionDICOM": "COL",
    "InstitutionAddress": "Fanglan_Rd._49_Taipei_Da_An_TW_10672",
    "InstitutionName": "NTU_NCSC",
    "InstitutionalDepartmentName": "Department",
    "MRAcquisitionType": "2D",
    "MagneticFieldStrength": 3,
    "Manufacturer": "Siemens",
    "ManufacturersModelName": "Prisma",
    "PartialFourier": 1,
    "PatientPosition": "HFS",
    "PercentPhaseFOV": 100,
    "PhaseEncodingDirection": "j-",
    "PhaseEncodingSteps": 64,
    "PhaseResolution": 1,
    "PixelBandwidth": 2365,
    "ProcedureStepDescription": "NTU_Brain",
    "ProtocolName": "ep2d_bold_64x64_3mm_iso_330TR",
    "PulseSequenceDetails": "%SiemensSeq%_ep2d_bold",
    "ReceiveCoilActiveElements": "HE1-4",
    "ReceiveCoilName": "HeadNeck_20",
    "ReconMatrixPE": 64,
    "RepetitionTime": 2,
    "SAR": 0.102543,
    "ScanOptions": "FS",
    "ScanningSequence": "EP",
    "SequenceName": "_epfid2d1_64",
    "SequenceVariant": "SK",
    "SeriesDescription": "ep2d_bold_64x64_3mm_iso_330TR",
    "SeriesNumber": 6,
    "ShimSetting": [
      -2995,
      -3815,
      -5520,
      380,
      -65,
      -158,
      -46,
      -29
    ],
    "SliceThickness": 3,
    "SliceTiming": [
      0.99,
      0,
      1.045,
      0.055,
      1.1,
      0.11,
      1.155,
      0.165,
      1.21,
      0.22,
      1.265,
      0.275,
      1.32,
      0.33,
      1.375,
      0.385,
      1.43,
      0.44,
      1.485,
      0.495,
      1.54,
      0.55,
      1.595,
      0.605,
      1.65,
      0.66,
      1.705,
      0.715,
      1.76,
      0.77,
      1.815,
      0.825,
      1.87,
      0.88,
      1.925,
      0.935
    ],
    "SoftwareVersions": "syngo_MR_D13D",
    "SpacingBetweenSlices": 3,
    "StationName": "AWP66020",
    "TaskName": "OTCG",
    "TotalReadoutTime": 0.0308698,
    "TxRefAmp": 243.695,
    "VendorReportedEchoSpacing": 0.00049,
    "dataset": "ds004103",
    "modality": "bold",
    "run_id": 4,
    "subject_id": "s56B",
    "task_id": "OTCG"
  },
  "dummy_trs": 2,
  "dvars_nstd": 20.87560298474006,
  "dvars_std": 1.3041575772782876,
  "dvars_vstd": 1.0233763070030586,
  "efc": 0.5951972731865894,
  "fber": 813.3458862304688,
  "fd_mean": 0.11533182406290095,
  "fd_num": 31,
  "fd_perc": 9.451219512195122,
  "fwhm_avg": 1.6939111111111111,
  "fwhm_x": 1.6342299999999998,
  "fwhm_y": 1.7087533333333333,
  "fwhm_z": 1.7387499999999998,
  "gcor": 0.0268734,
  "gsr_x": 0.003257049946114421,
  "gsr_y": 0.032305024564266205,
  "provenance": {
    "md5sum": "42b270875f48935e2dfc588fa532c965",
    "settings": {
      "fd_thres": 0.2,
      "testing": false
    },
    "software": "mriqc",
    "version": "23.0.1",
    "webapi_port": null,
    "webapi_url": "https://mriqc.nimh.nih.gov/api/v1"
  },
  "size_t": 328,
  "size_x": 64,
  "size_y": 64,
  "size_z": 36,
  "snr": 8.046695137082617,
  "spacing_tr": 2.0,
  "spacing_x": 3.0,
  "spacing_y": 3.0,
  "spacing_z": 3.0,
  "summary_bg_k": 23.085759328805555,
  "summary_bg_mad": 20.09197082751776,
  "summary_bg_mean": 60.79666519165039,
  "summary_bg_median": 30.923778533935547,
  "summary_bg_n": 79158.0,
  "summary_bg_p05": 13.539633750915527,
  "summary_bg_p95": 200.30883483886643,
  "summary_bg_stdv": 83.31771087646484,
  "summary_fg_k": 2.356515316834982,
  "summary_fg_mad": 102.78322671323373,
  "summary_fg_mean": 895.5994873046875,
  "summary_fg_median": 890.2225341796875,
  "summary_fg_n": 35613.0,
  "summary_fg_p05": 737.077392578125,
  "summary_fg_p95": 1072.3902587890625,
  "summary_fg_stdv": 110.6305160522461,
  "tsnr": 91.82335721212439
}