{
  "aor": 0.0010073394495412843,
  "aqi": 0.002620421100917431,
  "bids_meta": {
    "AcquisitionMatrixPE": 64,
    "AcquisitionNumber": 1,
    "AcquisitionTime": "12:52:35.000000",
    "BodyPartExamined": "HEAD",
    "CoilString": "8HRBRAIN",
    "ConversionSoftware": "dcm2niix",
    "ConversionSoftwareVersion": "v1.0.20181125  GCC5.4.0",
    "DeviceSerialNumber": "00000000GEMRGEMR",
    "EchoTime": 0.033,
    "EffectiveEchoSpacing": 0.00042,
    "FlipAngle": 90,
    "ImageOrientationPatientDICOM": [
      0.99623,
      -0.0842258,
      0.0207843,
      0.075825,
      0.961787,
      0.263089
    ],
    "ImageType": [
      "ORIGINAL",
      "PRIMARY",
      "EPI",
      "NONE"
    ],
    "ImagingFrequency": 127.764,
    "InPlanePhaseEncodingDirectionDICOM": "COL",
    "InstitutionName": "NCKU",
    "MRAcquisitionType": "2D",
    "MagneticFieldStrength": 3,
    "Manufacturer": "GE",
    "ManufacturersModelName": "DISCOVERY_MR750",
    "PatientPosition": "HFS",
    "PercentPhaseFOV": 100,
    "PhaseEncodingDirection": "j",
    "PhaseEncodingPolarityGE": "Flipped",
    "PixelBandwidth": 7812.5,
    "ProtocolName": "hypervote_run_4",
    "ReconMatrixPE": 64,
    "RepetitionTime": 2,
    "SAR": 0.392126,
    "ScanOptions": "EPI_GEMS_ACC_GEMS",
    "ScanningSequence": "EP_GR",
    "SequenceVariant": "SS",
    "SeriesDescription": "hypervote_run_4",
    "SeriesNumber": 11,
    "SliceThickness": 3,
    "SliceTiming": [
      0,
      1,
      0.05,
      1.05,
      0.0999999,
      1.1,
      0.15,
      1.15,
      0.2,
      1.2,
      0.25,
      1.25,
      0.3,
      1.3,
      0.35,
      1.35,
      0.4,
      1.4,
      0.45,
      1.45,
      0.5,
      1.5,
      0.55,
      1.55,
      0.6,
      1.6,
      0.65,
      1.65,
      0.7,
      1.7,
      0.75,
      1.75,
      0.8,
      1.8,
      0.85,
      1.85,
      0.9,
      1.9,
      0.95,
      1.95
    ],
    "SoftwareVersions": "27_LX_MR_Software_release:DV25.1_R02_1649.a",
    "SpacingBetweenSlices": 3,
    "StationName": "GEMRGEMR",
    "TaskName": "OTCG",
    "TotalReadoutTime": 0.02646,
    "dataset": "ds004103",
    "modality": "bold",
    "run_id": 4,
    "subject_id": "s45A",
    "task_id": "OTCG"
  },
  "dummy_trs": 3,
  "dvars_nstd": 15.328541231993862,
  "dvars_std": 1.1461551819325158,
  "dvars_vstd": 0.9910719272699389,
  "efc": 0.4414892492932949,
  "fber": 101143.8671875,
  "fd_mean": 0.06149768372780204,
  "fd_num": 4,
  "fd_perc": 1.2232415902140672,
  "fwhm_avg": 2.581699400575662,
  "fwhm_x": 2.3866942857142854,
  "fwhm_y": 2.6631742857142853,
  "fwhm_z": 2.6952296302984156,
  "gcor": 0.0430377,
  "gsr_x": -0.008382805623114109,
  "gsr_y": 0.008427831344306469,
  "provenance": {
    "md5sum": "eac13b671e20ad5b63127219b3a5a5e7",
    "settings": {
      "fd_thres": 0.2,
      "testing": false
    },
    "software": "mriqc",
    "version": "23.0.1",
    "webapi_port": null,
    "webapi_url": "https://mriqc.nimh.nih.gov/api/v1"
  },
  "size_t": 327,
  "size_x": 64,
  "size_y": 64,
  "size_z": 40,
  "snr": 6.277644147075616,
  "spacing_tr": 2.0,
  "spacing_x": 3.5,
  "spacing_y": 3.5,
  "spacing_z": 2.9998371601104736,
  "summary_bg_k": 38.48270115094841,
  "summary_bg_mad": 22.42039153818892,
  "summary_bg_mean": 88.81582641601562,
  "summary_bg_median": 15.620795249938965,
  "summary_bg_n": 104689.0,
  "summary_bg_p05": 0.061162080615758896,
  "summary_bg_p95": 435.0348693847655,
  "summary_bg_stdv": 213.93234252929688,
  "summary_fg_k": 0.4137243349193289,
  "summary_fg_mad": 701.0667019773593,
  "summary_fg_mean": 4727.3291015625,
  "summary_fg_median": 4757.61181640625,
  "summary_fg_n": 26498.0,
  "summary_fg_p05": 3398.4211181640626,
  "summary_fg_p95": 5931.333056640625,
  "summary_fg_stdv": 757.8515014648438,
  "tsnr": 96.3462815140374
}