{
  "aor": 0.0012845288753799394,
  "aqi": 0.0026414704863221886,
  "bids_meta": {
    "AcquisitionMatrixPE": 64,
    "AcquisitionNumber": 1,
    "AcquisitionTime": "12:40:37.000000",
    "BodyPartExamined": "HEAD",
    "CoilString": "8HRBRAIN",
    "ConversionSoftware": "dcm2niix",
    "ConversionSoftwareVersion": "v1.0.20181125  GCC5.4.0",
    "DeviceSerialNumber": "00000000GEMRGEMR",
    "EchoTime": 0.033,
    "EffectiveEchoSpacing": 0.00042,
    "FlipAngle": 90,
    "ImageOrientationPatientDICOM": [
      0.99623,
      -0.0842258,
      0.0207843,
      0.075825,
      0.961787,
      0.263089
    ],
    "ImageType": [
      "ORIGINAL",
      "PRIMARY",
      "EPI",
      "NONE"
    ],
    "ImagingFrequency": 127.764,
    "InPlanePhaseEncodingDirectionDICOM": "COL",
    "InstitutionName": "NCKU",
    "MRAcquisitionType": "2D",
    "MagneticFieldStrength": 3,
    "Manufacturer": "GE",
    "ManufacturersModelName": "DISCOVERY_MR750",
    "PatientPosition": "HFS",
    "PercentPhaseFOV": 100,
    "PhaseEncodingDirection": "j",
    "PhaseEncodingPolarityGE": "Flipped",
    "PixelBandwidth": 7812.5,
    "ProtocolName": "hypervote_run_3",
    "ReconMatrixPE": 64,
    "RepetitionTime": 2,
    "SAR": 0.392126,
    "ScanOptions": "EPI_GEMS_ACC_GEMS",
    "ScanningSequence": "EP_GR",
    "SequenceVariant": "SS",
    "SeriesDescription": "hypervote_run_3",
    "SeriesNumber": 10,
    "SliceThickness": 3,
    "SliceTiming": [
      0,
      1,
      0.05,
      1.05,
      0.0999999,
      1.1,
      0.15,
      1.15,
      0.2,
      1.2,
      0.25,
      1.25,
      0.3,
      1.3,
      0.35,
      1.35,
      0.4,
      1.4,
      0.45,
      1.45,
      0.5,
      1.5,
      0.55,
      1.55,
      0.6,
      1.6,
      0.65,
      1.65,
      0.7,
      1.7,
      0.75,
      1.75,
      0.8,
      1.8,
      0.85,
      1.85,
      0.9,
      1.9,
      0.95,
      1.95
    ],
    "SoftwareVersions": "27_LX_MR_Software_release:DV25.1_R02_1649.a",
    "SpacingBetweenSlices": 3,
    "StationName": "GEMRGEMR",
    "TaskName": "OTCG",
    "TotalReadoutTime": 0.02646,
    "dataset": "ds004103",
    "modality": "bold",
    "run_id": 3,
    "subject_id": "s45A",
    "task_id": "OTCG"
  },
  "dummy_trs": 1,
  "dvars_nstd": 15.263461837012201,
  "dvars_std": 1.1459538982012194,
  "dvars_vstd": 0.9906978568597568,
  "efc": 0.4411938159091531,
  "fber": 99979.984375,
  "fd_mean": 0.05552448892539298,
  "fd_num": 7,
  "fd_perc": 2.127659574468085,
  "fwhm_avg": 2.572779941724687,
  "fwhm_x": 2.359505714285714,
  "fwhm_y": 2.660014285714286,
  "fwhm_z": 2.698819825174061,
  "gcor": 0.0473847,
  "gsr_x": -0.008872820995748043,
  "gsr_y": 0.008626941591501236,
  "provenance": {
    "md5sum": "1ea7208dc45bfe5ed97867a0f490a258",
    "settings": {
      "fd_thres": 0.2,
      "testing": false
    },
    "software": "mriqc",
    "version": "23.0.1",
    "webapi_port": null,
    "webapi_url": "https://mriqc.nimh.nih.gov/api/v1"
  },
  "size_t": 329,
  "size_x": 64,
  "size_y": 64,
  "size_z": 40,
  "snr": 6.326288647293522,
  "spacing_tr": 2.0,
  "spacing_x": 3.5,
  "spacing_y": 3.5,
  "spacing_z": 2.9998371601104736,
  "summary_bg_k": 39.001601227856,
  "summary_bg_mad": 22.60855835216327,
  "summary_bg_mean": 88.69046783447266,
  "summary_bg_median": 15.768997192382812,
  "summary_bg_n": 104713.0,
  "summary_bg_p05": 0.06382978707551956,
  "summary_bg_p95": 432.4036437988281,
  "summary_bg_stdv": 213.26132202148438,
  "summary_fg_k": 0.4359298157179765,
  "summary_fg_mad": 701.3881255051995,
  "summary_fg_mean": 4742.68701171875,
  "summary_fg_median": 4771.70068359375,
  "summary_fg_n": 26470.0,
  "summary_fg_p05": 3420.890478515625,
  "summary_fg_p95": 5934.31806640625,
  "summary_fg_stdv": 754.2511596679688,
  "tsnr": 95.026646531187
}