{
  "aor": 0.0007126524390243902,
  "aqi": 0.0047698683231707315,
  "bids_meta": {
    "AcquisitionMatrixPE": 64,
    "AcquisitionNumber": 1,
    "AcquisitionTime": "12:07:53.675000",
    "BandwidthPerPixelPhaseEncode": 31.888,
    "BaseResolution": 64,
    "BodyPartExamined": "BRAIN",
    "ConsistencyInfo": "N4_VD13D_LATEST_20130810",
    "ConversionSoftware": "dcm2niix",
    "ConversionSoftwareVersion": "v1.0.20181125  GCC5.4.0",
    "DerivedVendorReportedEchoSpacing": 0.000489996,
    "DeviceSerialNumber": "66020",
    "DwellTime": 3.3e-06,
    "EchoTime": 0.024,
    "EchoTrainLength": 64,
    "EffectiveEchoSpacing": 0.000489996,
    "FlipAngle": 87,
    "ImageOrientationPatientDICOM": [
      0.993714,
      -0.059163,
      0.0950335,
      0.0538176,
      0.996873,
      0.0578604
    ],
    "ImageType": [
      "ORIGINAL",
      "PRIMARY",
      "M",
      "ND",
      "NORM",
      "MOSAIC"
    ],
    "ImagingFrequency": 123.262,
    "InPlanePhaseEncodingDirectionDICOM": "COL",
    "InstitutionAddress": "Fanglan_Rd._49_Taipei_Da_An_TW_10672",
    "InstitutionName": "NTU_NCSC",
    "InstitutionalDepartmentName": "Department",
    "MRAcquisitionType": "2D",
    "MagneticFieldStrength": 3,
    "Manufacturer": "Siemens",
    "ManufacturersModelName": "Prisma",
    "PartialFourier": 1,
    "PatientPosition": "HFS",
    "PercentPhaseFOV": 100,
    "PhaseEncodingDirection": "j-",
    "PhaseEncodingSteps": 64,
    "PhaseResolution": 1,
    "PixelBandwidth": 2365,
    "ProcedureStepDescription": "NTU_Brain",
    "ProtocolName": "ep2d_bold_64x64_3mm_iso_330TR",
    "PulseSequenceDetails": "%SiemensSeq%_ep2d_bold",
    "ReceiveCoilActiveElements": "HE1-4",
    "ReceiveCoilName": "HeadNeck_20",
    "ReconMatrixPE": 64,
    "RepetitionTime": 2,
    "SAR": 0.107365,
    "ScanOptions": "FS",
    "ScanningSequence": "EP",
    "SequenceName": "_epfid2d1_64",
    "SequenceVariant": "SK",
    "SeriesDescription": "ep2d_bold_64x64_3mm_iso_330TR",
    "SeriesNumber": 5,
    "ShimSetting": [
      -2996,
      -3799,
      -5717,
      260,
      -109,
      95,
      -124,
      6
    ],
    "SliceThickness": 3,
    "SliceTiming": [
      0.99,
      0,
      1.045,
      0.055,
      1.1,
      0.11,
      1.155,
      0.165,
      1.21,
      0.22,
      1.265,
      0.275,
      1.32,
      0.33,
      1.375,
      0.385,
      1.43,
      0.44,
      1.485,
      0.495,
      1.54,
      0.55,
      1.595,
      0.605,
      1.65,
      0.66,
      1.705,
      0.715,
      1.76,
      0.77,
      1.815,
      0.825,
      1.87,
      0.88,
      1.925,
      0.935
    ],
    "SoftwareVersions": "syngo_MR_D13D",
    "SpacingBetweenSlices": 3,
    "StationName": "AWP66020",
    "TaskName": "OTCG",
    "TotalReadoutTime": 0.0308698,
    "TxRefAmp": 238.643,
    "VendorReportedEchoSpacing": 0.00049,
    "dataset": "ds004103",
    "modality": "bold",
    "run_id": 3,
    "subject_id": "s63B",
    "task_id": "OTCG"
  },
  "dummy_trs": 2,
  "dvars_nstd": 19.670647081529044,
  "dvars_std": 1.3276369150764538,
  "dvars_vstd": 0.9940997625688072,
  "efc": 0.5823656753616956,
  "fber": 953.4302978515625,
  "fd_mean": 0.05275546599542957,
  "fd_num": 2,
  "fd_perc": 0.6097560975609756,
  "fwhm_avg": 1.6745111111111113,
  "fwhm_x": 1.5450333333333335,
  "fwhm_y": 1.7613833333333335,
  "fwhm_z": 1.7171166666666666,
  "gcor": 0.0172569,
  "gsr_x": -0.007101341616362333,
  "gsr_y": 0.040543682873249054,
  "provenance": {
    "md5sum": "66b9ea23d0b1659e9c3bb0b68e9152f9",
    "settings": {
      "fd_thres": 0.2,
      "testing": false
    },
    "software": "mriqc",
    "version": "23.0.1",
    "webapi_port": null,
    "webapi_url": "https://mriqc.nimh.nih.gov/api/v1"
  },
  "size_t": 328,
  "size_x": 64,
  "size_y": 64,
  "size_z": 36,
  "snr": 8.39111560505227,
  "spacing_tr": 2.0,
  "spacing_x": 3.0,
  "spacing_y": 3.0,
  "spacing_z": 3.0,
  "summary_bg_k": 18.466150837262955,
  "summary_bg_mad": 17.379894771062837,
  "summary_bg_mean": 59.398773193359375,
  "summary_bg_median": 30.07012176513672,
  "summary_bg_n": 81109.0,
  "summary_bg_p05": 14.582316398620605,
  "summary_bg_p95": 200.31157531738276,
  "summary_bg_stdv": 82.12808990478516,
  "summary_fg_k": 1.9731138115506912,
  "summary_fg_mad": 108.76331506833277,
  "summary_fg_mean": 944.6251831054688,
  "summary_fg_median": 939.5914306640625,
  "summary_fg_n": 33850.0,
  "summary_fg_p05": 783.0104675292969,
  "summary_fg_p95": 1127.8508911132812,
  "summary_fg_stdv": 111.972900390625,
  "tsnr": 105.83117567002773
}