{
  "aor": 0.0022673252279635263,
  "aqi": 0.006387417386018238,
  "bids_meta": {
    "AcquisitionMatrixPE": 64,
    "AcquisitionNumber": 1,
    "AcquisitionTime": "12:19:42.617500",
    "BandwidthPerPixelPhaseEncode": 31.888,
    "BaseResolution": 64,
    "BodyPartExamined": "BRAIN",
    "ConsistencyInfo": "N4_VD13D_LATEST_20130810",
    "ConversionSoftware": "dcm2niix",
    "ConversionSoftwareVersion": "v1.0.20181125  GCC5.4.0",
    "DerivedVendorReportedEchoSpacing": 0.000489996,
    "DeviceSerialNumber": "66020",
    "DwellTime": 3.3e-06,
    "EchoTime": 0.024,
    "EchoTrainLength": 64,
    "EffectiveEchoSpacing": 0.000489996,
    "FlipAngle": 87,
    "ImageOrientationPatientDICOM": [
      0.993714,
      -0.059163,
      0.0950335,
      0.0538176,
      0.996873,
      0.0578604
    ],
    "ImageType": [
      "ORIGINAL",
      "PRIMARY",
      "M",
      "ND",
      "NORM",
      "MOSAIC"
    ],
    "ImagingFrequency": 123.262,
    "InPlanePhaseEncodingDirectionDICOM": "COL",
    "InstitutionAddress": "Fanglan_Rd._49_Taipei_Da_An_TW_10672",
    "InstitutionName": "NTU_NCSC",
    "InstitutionalDepartmentName": "Department",
    "MRAcquisitionType": "2D",
    "MagneticFieldStrength": 3,
    "Manufacturer": "Siemens",
    "ManufacturersModelName": "Prisma",
    "PartialFourier": 1,
    "PatientPosition": "HFS",
    "PercentPhaseFOV": 100,
    "PhaseEncodingDirection": "j-",
    "PhaseEncodingSteps": 64,
    "PhaseResolution": 1,
    "PixelBandwidth": 2365,
    "ProcedureStepDescription": "NTU_Brain",
    "ProtocolName": "ep2d_bold_64x64_3mm_iso_330TR",
    "PulseSequenceDetails": "%SiemensSeq%_ep2d_bold",
    "ReceiveCoilActiveElements": "HE1-4",
    "ReceiveCoilName": "HeadNeck_20",
    "ReconMatrixPE": 64,
    "RepetitionTime": 2,
    "SAR": 0.107365,
    "ScanOptions": "FS",
    "ScanningSequence": "EP",
    "SequenceName": "_epfid2d1_64",
    "SequenceVariant": "SK",
    "SeriesDescription": "ep2d_bold_64x64_3mm_iso_330TR",
    "SeriesNumber": 6,
    "ShimSetting": [
      -2996,
      -3799,
      -5717,
      260,
      -109,
      95,
      -124,
      6
    ],
    "SliceThickness": 3,
    "SliceTiming": [
      0.99,
      0,
      1.045,
      0.055,
      1.1,
      0.11,
      1.155,
      0.165,
      1.21,
      0.22,
      1.265,
      0.275,
      1.32,
      0.33,
      1.375,
      0.385,
      1.43,
      0.44,
      1.485,
      0.495,
      1.54,
      0.55,
      1.595,
      0.605,
      1.65,
      0.66,
      1.705,
      0.715,
      1.76,
      0.77,
      1.815,
      0.825,
      1.87,
      0.88,
      1.925,
      0.935
    ],
    "SoftwareVersions": "syngo_MR_D13D",
    "SpacingBetweenSlices": 3,
    "StationName": "AWP66020",
    "TaskName": "OTCG",
    "TotalReadoutTime": 0.0308698,
    "TxRefAmp": 238.643,
    "VendorReportedEchoSpacing": 0.00049,
    "dataset": "ds004103",
    "modality": "bold",
    "run_id": 4,
    "subject_id": "s63B",
    "task_id": "OTCG"
  },
  "dummy_trs": 1,
  "dvars_nstd": 19.661608233445115,
  "dvars_std": 1.3184261924085365,
  "dvars_vstd": 1.0075088085670738,
  "efc": 0.5832015060148633,
  "fber": 941.7146606445312,
  "fd_mean": 0.06994289565098119,
  "fd_num": 9,
  "fd_perc": 2.735562310030395,
  "fwhm_avg": 1.6806455555555555,
  "fwhm_x": 1.5550866666666667,
  "fwhm_y": 1.7622733333333331,
  "fwhm_z": 1.7245766666666666,
  "gcor": 0.0244334,
  "gsr_x": -0.0071199084632098675,
  "gsr_y": 0.0402614064514637,
  "provenance": {
    "md5sum": "382d2300bc1a151c21b45bcb31f08d03",
    "settings": {
      "fd_thres": 0.2,
      "testing": false
    },
    "software": "mriqc",
    "version": "23.0.1",
    "webapi_port": null,
    "webapi_url": "https://mriqc.nimh.nih.gov/api/v1"
  },
  "size_t": 329,
  "size_x": 64,
  "size_y": 64,
  "size_z": 36,
  "snr": 8.42566618275256,
  "spacing_tr": 2.0,
  "spacing_x": 3.0,
  "spacing_y": 3.0,
  "spacing_z": 3.0,
  "summary_bg_k": 18.47170511994694,
  "summary_bg_mad": 17.475781146537933,
  "summary_bg_mean": 59.99861145019531,
  "summary_bg_median": 30.26443862915039,
  "summary_bg_n": 81081.0,
  "summary_bg_p05": 14.659574508666992,
  "summary_bg_p95": 202.98480224609375,
  "summary_bg_stdv": 82.95254516601562,
  "summary_fg_k": 1.9041560970071219,
  "summary_fg_mad": 108.57020757722614,
  "summary_fg_mean": 944.3159790039062,
  "summary_fg_median": 939.276611328125,
  "summary_fg_n": 33906.0,
  "summary_fg_p05": 783.7910461425781,
  "summary_fg_p95": 1126.8283081054688,
  "summary_fg_stdv": 111.47637939453125,
  "tsnr": 94.88506422028877
}