{
  "aor": 0.0008553799392097265,
  "aqi": 0.004376787659574469,
  "bids_meta": {
    "AcquisitionMatrixPE": 64,
    "AcquisitionNumber": 1,
    "AcquisitionTime": "11:56:2.855000",
    "BandwidthPerPixelPhaseEncode": 31.888,
    "BaseResolution": 64,
    "BodyPartExamined": "BRAIN",
    "ConsistencyInfo": "N4_VD13D_LATEST_20130810",
    "ConversionSoftware": "dcm2niix",
    "ConversionSoftwareVersion": "v1.0.20181125  GCC5.4.0",
    "DerivedVendorReportedEchoSpacing": 0.000489996,
    "DeviceSerialNumber": "66020",
    "DwellTime": 3.3e-06,
    "EchoTime": 0.024,
    "EchoTrainLength": 64,
    "EffectiveEchoSpacing": 0.000489996,
    "FlipAngle": 87,
    "ImageOrientationPatientDICOM": [
      0.993714,
      -0.059163,
      0.0950335,
      0.0538176,
      0.996873,
      0.0578604
    ],
    "ImageType": [
      "ORIGINAL",
      "PRIMARY",
      "M",
      "ND",
      "NORM",
      "MOSAIC"
    ],
    "ImagingFrequency": 123.262,
    "InPlanePhaseEncodingDirectionDICOM": "COL",
    "InstitutionAddress": "Fanglan_Rd._49_Taipei_Da_An_TW_10672",
    "InstitutionName": "NTU_NCSC",
    "InstitutionalDepartmentName": "Department",
    "MRAcquisitionType": "2D",
    "MagneticFieldStrength": 3,
    "Manufacturer": "Siemens",
    "ManufacturersModelName": "Prisma",
    "PartialFourier": 1,
    "PatientPosition": "HFS",
    "PercentPhaseFOV": 100,
    "PhaseEncodingDirection": "j-",
    "PhaseEncodingSteps": 64,
    "PhaseResolution": 1,
    "PixelBandwidth": 2365,
    "ProcedureStepDescription": "NTU_Brain",
    "ProtocolName": "ep2d_bold_64x64_3mm_iso_330TR",
    "PulseSequenceDetails": "%SiemensSeq%_ep2d_bold",
    "ReceiveCoilActiveElements": "HE1-4",
    "ReceiveCoilName": "HeadNeck_20",
    "ReconMatrixPE": 64,
    "RepetitionTime": 2,
    "SAR": 0.107365,
    "ScanOptions": "FS",
    "ScanningSequence": "EP",
    "SequenceName": "_epfid2d1_64",
    "SequenceVariant": "SK",
    "SeriesDescription": "ep2d_bold_64x64_3mm_iso_330TR",
    "SeriesNumber": 4,
    "ShimSetting": [
      -2996,
      -3799,
      -5717,
      260,
      -109,
      95,
      -124,
      6
    ],
    "SliceThickness": 3,
    "SliceTiming": [
      0.99,
      0,
      1.045,
      0.055,
      1.1,
      0.11,
      1.155,
      0.165,
      1.21,
      0.22,
      1.265,
      0.275,
      1.32,
      0.33,
      1.375,
      0.385,
      1.43,
      0.44,
      1.485,
      0.495,
      1.54,
      0.55,
      1.595,
      0.605,
      1.65,
      0.66,
      1.705,
      0.715,
      1.76,
      0.77,
      1.815,
      0.825,
      1.87,
      0.88,
      1.925,
      0.935
    ],
    "SoftwareVersions": "syngo_MR_D13D",
    "SpacingBetweenSlices": 3,
    "StationName": "AWP66020",
    "TaskName": "OTCG",
    "TotalReadoutTime": 0.0308698,
    "TxRefAmp": 238.643,
    "VendorReportedEchoSpacing": 0.00049,
    "dataset": "ds004103",
    "modality": "bold",
    "run_id": 2,
    "subject_id": "s63B",
    "task_id": "OTCG"
  },
  "dummy_trs": 1,
  "dvars_nstd": 20.305143585853667,
  "dvars_std": 1.3853899650000006,
  "dvars_vstd": 1.0036769319512193,
  "efc": 0.5819225451515443,
  "fber": 964.3886108398438,
  "fd_mean": 0.0501819648759493,
  "fd_num": 1,
  "fd_perc": 0.303951367781155,
  "fwhm_avg": 1.68049,
  "fwhm_x": 1.54132,
  "fwhm_y": 1.77476,
  "fwhm_z": 1.72539,
  "gcor": 0.0107354,
  "gsr_x": -0.007209892850369215,
  "gsr_y": 0.04056845232844353,
  "provenance": {
    "md5sum": "6d0b3fe9dd149d31985a0f0073c7672c",
    "settings": {
      "fd_thres": 0.2,
      "testing": false
    },
    "software": "mriqc",
    "version": "23.0.1",
    "webapi_port": null,
    "webapi_url": "https://mriqc.nimh.nih.gov/api/v1"
  },
  "size_t": 329,
  "size_x": 64,
  "size_y": 64,
  "size_z": 36,
  "snr": 8.352190475881379,
  "spacing_tr": 2.0,
  "spacing_x": 3.0,
  "spacing_y": 3.0,
  "spacing_z": 3.0,
  "summary_bg_k": 18.66661182711663,
  "summary_bg_mad": 17.074711524405764,
  "summary_bg_mean": 59.068092346191406,
  "summary_bg_median": 29.93617057800293,
  "summary_bg_n": 81035.0,
  "summary_bg_p05": 14.555319690704346,
  "summary_bg_p95": 199.21033172607443,
  "summary_bg_stdv": 81.82262420654297,
  "summary_fg_k": 1.9394497536989297,
  "summary_fg_mad": 110.10013651449873,
  "summary_fg_mean": 945.5833740234375,
  "summary_fg_median": 941.0380249023438,
  "summary_fg_n": 33898.0,
  "summary_fg_p05": 783.3805725097657,
  "summary_fg_p95": 1129.0854736328124,
  "summary_fg_stdv": 112.6679458618164,
  "tsnr": 110.5466547422111
}