{
  "aor": 0.0029717021276595744,
  "aqi": 0.0041729589361702134,
  "bids_meta": {
    "AcquisitionMatrixPE": 64,
    "AcquisitionNumber": 1,
    "AcquisitionTime": "11:16:19.000000",
    "BodyPartExamined": "HEAD",
    "CoilString": "8HRBRAIN",
    "ConversionSoftware": "dcm2niix",
    "ConversionSoftwareVersion": "v1.0.20181125  GCC5.4.0",
    "DeviceSerialNumber": "00000000GEMRGEMR",
    "EchoTime": 0.033,
    "EffectiveEchoSpacing": 0.00042,
    "FlipAngle": 90,
    "ImageOrientationPatientDICOM": [
      0.999762,
      0.020649,
      0.00707546,
      -0.020898,
      0.999091,
      0.037146
    ],
    "ImageType": [
      "ORIGINAL",
      "PRIMARY",
      "EPI",
      "NONE"
    ],
    "ImagingFrequency": 127.764,
    "InPlanePhaseEncodingDirectionDICOM": "COL",
    "InstitutionName": "NCKU",
    "MRAcquisitionType": "2D",
    "MagneticFieldStrength": 3,
    "Manufacturer": "GE",
    "ManufacturersModelName": "DISCOVERY_MR750",
    "PatientPosition": "HFS",
    "PercentPhaseFOV": 100,
    "PhaseEncodingDirection": "j",
    "PhaseEncodingPolarityGE": "Flipped",
    "PixelBandwidth": 7812.5,
    "ProtocolName": "hypervote_run_4",
    "ReconMatrixPE": 64,
    "RepetitionTime": 2,
    "SAR": 0.398541,
    "ScanOptions": "EPI_GEMS_ACC_GEMS",
    "ScanningSequence": "EP_GR",
    "SequenceVariant": "SS",
    "SeriesDescription": "hypervote_run_4",
    "SeriesNumber": 7,
    "SliceThickness": 3,
    "SliceTiming": [
      0,
      1,
      0.05,
      1.05,
      0.0999999,
      1.1,
      0.15,
      1.15,
      0.2,
      1.2,
      0.25,
      1.25,
      0.3,
      1.3,
      0.35,
      1.35,
      0.4,
      1.4,
      0.45,
      1.45,
      0.5,
      1.5,
      0.55,
      1.55,
      0.6,
      1.6,
      0.65,
      1.65,
      0.7,
      1.7,
      0.75,
      1.75,
      0.8,
      1.8,
      0.85,
      1.85,
      0.9,
      1.9,
      0.95,
      1.95
    ],
    "SoftwareVersions": "27_LX_MR_Software_release:DV25.1_R02_1649.a",
    "SpacingBetweenSlices": 3,
    "StationName": "GEMRGEMR",
    "TaskName": "OTCG",
    "TotalReadoutTime": 0.02646,
    "dataset": "ds004103",
    "modality": "bold",
    "run_id": 4,
    "subject_id": "s50A",
    "task_id": "OTCG"
  },
  "dummy_trs": 1,
  "dvars_nstd": 14.071430903871956,
  "dvars_std": 1.0876537283841468,
  "dvars_vstd": 1.0024509621951214,
  "efc": 0.4230415167038977,
  "fber": 142049.21875,
  "fd_mean": 0.0951408135879879,
  "fd_num": 23,
  "fd_perc": 6.990881458966565,
  "fwhm_avg": 2.5095374603174605,
  "fwhm_x": 2.386065714285714,
  "fwhm_y": 2.6235600000000003,
  "fwhm_z": 2.5189866666666667,
  "gcor": 0.042224,
  "gsr_x": -0.00968228094279766,
  "gsr_y": 0.011939517222344875,
  "provenance": {
    "md5sum": "ebf4f0fcd243ea8dd21e4f8cb0b8ce8d",
    "settings": {
      "fd_thres": 0.2,
      "testing": false
    },
    "software": "mriqc",
    "version": "23.0.1",
    "webapi_port": null,
    "webapi_url": "https://mriqc.nimh.nih.gov/api/v1"
  },
  "size_t": 329,
  "size_x": 64,
  "size_y": 64,
  "size_z": 40,
  "snr": 6.255456826105463,
  "spacing_tr": 2.0,
  "spacing_x": 3.5,
  "spacing_y": 3.5,
  "spacing_z": 3.0,
  "summary_bg_k": 87.77092478640948,
  "summary_bg_mad": 18.97190083463161,
  "summary_bg_mean": 82.41162109375,
  "summary_bg_median": 13.130699157714844,
  "summary_bg_n": 107919.0,
  "summary_bg_p05": 0.030395137146115303,
  "summary_bg_p95": 348.0474182128905,
  "summary_bg_stdv": 239.06961059570312,
  "summary_fg_k": 0.5323190349844946,
  "summary_fg_mad": 684.121745859898,
  "summary_fg_mean": 4593.71240234375,
  "summary_fg_median": 4613.97705078125,
  "summary_fg_n": 24470.0,
  "summary_fg_p05": 3323.5195556640624,
  "summary_fg_p95": 5796.194140625,
  "summary_fg_stdv": 737.5772705078125,
  "tsnr": 83.41169779573102
}