{
  "bids_meta": {
    "AcquisitionMatrixPE": 256,
    "AcquisitionNumber": 1,
    "AcquisitionTime": "09:37:57.345000",
    "BaseResolution": 256,
    "BodyPartExamined": "BRAIN",
    "ConsistencyInfo": "N4_VD13D_LATEST_20130810",
    "ConversionSoftware": "dcm2niix",
    "ConversionSoftwareVersion": "v1.0.20181125  GCC5.4.0",
    "DeviceSerialNumber": "66020",
    "DwellTime": 9.8e-06,
    "EchoTime": 0.0023,
    "FlipAngle": 8,
    "ImageOrientationPatientDICOM": [
      0.0262063,
      0.999657,
      2.63963e-09,
      -0.010378,
      0.000272066,
      -0.999946
    ],
    "ImageType": [
      "ORIGINAL",
      "PRIMARY",
      "M",
      "ND",
      "NORM"
    ],
    "ImagingFrequency": 123.262,
    "InPlanePhaseEncodingDirectionDICOM": "ROW",
    "InstitutionAddress": "Fanglan_Rd._49_Taipei_Da_An_TW_10672",
    "InstitutionName": "NTU_NCSC",
    "InstitutionalDepartmentName": "Department",
    "InversionTime": 0.9,
    "MRAcquisitionType": "3D",
    "MagneticFieldStrength": 3,
    "Manufacturer": "Siemens",
    "ManufacturersModelName": "Prisma",
    "Modality": "MR",
    "PartialFourier": 1,
    "PatientPosition": "HFS",
    "PercentPhaseFOV": 100,
    "PhaseEncodingSteps": 255,
    "PhaseResolution": 1,
    "PixelBandwidth": 200,
    "ProcedureStepDescription": "NTU_Brain",
    "ProtocolName": "t1_mprage_sag_p2_iso",
    "PulseSequenceDetails": "%SiemensSeq%_tfl",
    "ReceiveCoilActiveElements": "HE1-4",
    "ReceiveCoilName": "HeadNeck_20",
    "ReconMatrixPE": 256,
    "RepetitionTime": 2,
    "SAR": 0.0636805,
    "ScanOptions": "IR",
    "ScanningSequence": "GR_IR",
    "SequenceName": "_tfl3d1_16ns",
    "SequenceVariant": "SK_SP_MP",
    "SeriesDescription": "t1_mprage_sag_p2_iso",
    "SeriesNumber": 2,
    "ShimSetting": [
      -3014,
      -3755,
      -5732,
      89,
      -93,
      18,
      -54,
      32
    ],
    "SliceThickness": 0.94,
    "SoftwareVersions": "syngo_MR_D13D",
    "StationName": "AWP66020",
    "TxRefAmp": 244.309,
    "dataset": "ds004103",
    "modality": "T1w",
    "subject_id": "s11B"
  },
  "cjv": 0.3582625013300636,
  "cnr": 3.8647700620076892,
  "efc": 0.5415837109121561,
  "fber": -1.0,
  "fwhm_avg": 4.275776448042282,
  "fwhm_x": 4.255500010793513,
  "fwhm_y": 4.2346026666666665,
  "fwhm_z": 4.337226666666667,
  "icvs_csf": 0.19563794996963826,
  "icvs_gm": 0.43926269707052545,
  "icvs_wm": 0.36509935295983625,
  "inu_med": 0.4774044454097748,
  "inu_range": 0.19082718342542648,
  "provenance": {
    "md5sum": "3cff1772f0a5f312f6b15fe3e5977af9",
    "settings": {
      "testing": false
    },
    "software": "mriqc",
    "version": "23.0.1",
    "warnings": {
      "large_rot_frame": true,
      "small_air_mask": false
    },
    "webapi_port": null,
    "webapi_url": "https://mriqc.nimh.nih.gov/api/v1"
  },
  "qi_1": 0.0,
  "qi_2": 0.01260178801910345,
  "rpve_csf": 25.029791581119113,
  "rpve_gm": 12.022468894923307,
  "rpve_wm": 16.526941308419126,
  "size_x": 192,
  "size_y": 256,
  "size_z": 256,
  "snr_csf": 2.4817104027232615,
  "snr_gm": 12.57640545018173,
  "snr_total": 13.582918255210133,
  "snr_wm": 25.69063891272541,
  "snrd_csf": 31.55270797278755,
  "snrd_gm": 80.48813503303795,
  "snrd_total": 74.14261814856603,
  "snrd_wm": 110.38701143987258,
  "spacing_x": 0.9399999976158142,
  "spacing_y": 0.9375,
  "spacing_z": 0.9375,
  "summary_bg_k": 12.863641826526553,
  "summary_bg_mad": 0.0,
  "summary_bg_mean": 3.2498890988306153,
  "summary_bg_median": 0.0,
  "summary_bg_n": 3073764.0,
  "summary_bg_p05": 0.0,
  "summary_bg_p95": 15.027383968234062,
  "summary_bg_stdv": 5.934904656216316,
  "summary_csf_k": 3.8025826876481004,
  "summary_csf_mad": 94.88976142418682,
  "summary_csf_mean": 302.62566987111086,
  "summary_csf_median": 285.83713782951236,
  "summary_csf_n": 39679.0,
  "summary_csf_p05": 140.72330348566175,
  "summary_csf_p95": 521.7082239646464,
  "summary_csf_stdv": 115.17602361014421,
  "summary_gm_k": -0.028981383083736212,
  "summary_gm_mad": 58.920233755612465,
  "summary_gm_mean": 728.1773306918899,
  "summary_gm_median": 729.1449648924172,
  "summary_gm_n": 50505.0,
  "summary_gm_p05": 631.4217058941722,
  "summary_gm_p95": 821.2917970687149,
  "summary_gm_stdv": 57.976641195499774,
  "summary_wm_k": 0.2130193325016685,
  "summary_wm_mad": 38.11696215625043,
  "summary_wm_mean": 1000.436955321775,
  "summary_wm_median": 999.9999819584191,
  "summary_wm_n": 257730.0,
  "summary_wm_p05": 937.3104434162378,
  "summary_wm_p95": 1065.1337335556746,
  "summary_wm_stdv": 38.92460772731099,
  "tpm_overlap_csf": 0.14140559484761897,
  "tpm_overlap_gm": 0.4543793109832502,
  "tpm_overlap_wm": 0.5063784826561954,
  "wm2max": 0.4183207207385915
}