{
  "aor": 0.0013177507598784194,
  "aqi": 0.0027123483586626138,
  "bids_meta": {
    "AcquisitionMatrixPE": 64,
    "AcquisitionNumber": 1,
    "AcquisitionTime": "10:03:50.000000",
    "BodyPartExamined": "HEAD",
    "CoilString": "8HRBRAIN",
    "ConversionSoftware": "dcm2niix",
    "ConversionSoftwareVersion": "v1.0.20181125  GCC5.4.0",
    "DeviceSerialNumber": "00000000GEMRGEMR",
    "EchoTime": 0.033,
    "EffectiveEchoSpacing": 0.00042,
    "FlipAngle": 90,
    "ImageOrientationPatientDICOM": [
      0.999385,
      0.00603758,
      -0.0345397,
      -0.010703,
      0.990578,
      -0.13653
    ],
    "ImageType": [
      "ORIGINAL",
      "PRIMARY",
      "EPI",
      "NONE"
    ],
    "ImagingFrequency": 127.764,
    "InPlanePhaseEncodingDirectionDICOM": "COL",
    "InstitutionName": "NCKU",
    "MRAcquisitionType": "2D",
    "MagneticFieldStrength": 3,
    "Manufacturer": "GE",
    "ManufacturersModelName": "DISCOVERY_MR750",
    "PatientPosition": "HFS",
    "PercentPhaseFOV": 100,
    "PhaseEncodingDirection": "j",
    "PhaseEncodingPolarityGE": "Flipped",
    "PixelBandwidth": 7812.5,
    "ProtocolName": "hypervote_run_3",
    "ReconMatrixPE": 64,
    "RepetitionTime": 2,
    "SAR": 0.417867,
    "ScanOptions": "EPI_GEMS_ACC_GEMS",
    "ScanningSequence": "EP_GR",
    "SequenceVariant": "SS",
    "SeriesDescription": "hypervote_run_3",
    "SeriesNumber": 10,
    "SliceThickness": 3,
    "SliceTiming": [
      0,
      1,
      0.05,
      1.05,
      0.0999999,
      1.1,
      0.15,
      1.15,
      0.2,
      1.2,
      0.25,
      1.25,
      0.3,
      1.3,
      0.35,
      1.35,
      0.4,
      1.4,
      0.45,
      1.45,
      0.5,
      1.5,
      0.55,
      1.55,
      0.6,
      1.6,
      0.65,
      1.65,
      0.7,
      1.7,
      0.75,
      1.75,
      0.8,
      1.8,
      0.85,
      1.85,
      0.9,
      1.9,
      0.95,
      1.95
    ],
    "SoftwareVersions": "27_LX_MR_Software_release:DV25.1_R02_1649.a",
    "SpacingBetweenSlices": 3,
    "StationName": "GEMRGEMR",
    "TaskName": "OTCG",
    "TotalReadoutTime": 0.02646,
    "dataset": "ds004103",
    "modality": "bold",
    "run_id": 3,
    "subject_id": "s31A",
    "task_id": "OTCG"
  },
  "dummy_trs": 1,
  "dvars_nstd": 15.91552298807927,
  "dvars_std": 1.1431177440548785,
  "dvars_vstd": 0.9986778588719509,
  "efc": 0.41283113097410706,
  "fber": 65400.98828125,
  "fd_mean": 0.055113319599791294,
  "fd_num": 2,
  "fd_perc": 0.60790273556231,
  "fwhm_avg": 2.7070561904761905,
  "fwhm_x": 2.5113885714285713,
  "fwhm_y": 2.76124,
  "fwhm_z": 2.84854,
  "gcor": 0.0566179,
  "gsr_x": -0.004247726872563362,
  "gsr_y": 0.005510010290890932,
  "provenance": {
    "md5sum": "8b33c0d0bf0df92e944e7766b17295af",
    "settings": {
      "fd_thres": 0.2,
      "testing": false
    },
    "software": "mriqc",
    "version": "23.0.1",
    "webapi_port": null,
    "webapi_url": "https://mriqc.nimh.nih.gov/api/v1"
  },
  "size_t": 329,
  "size_x": 64,
  "size_y": 64,
  "size_z": 40,
  "snr": 5.717821627180821,
  "spacing_tr": 2.0,
  "spacing_x": 3.5,
  "spacing_y": 3.5,
  "spacing_z": 3.0,
  "summary_bg_k": 129.21766761230353,
  "summary_bg_mad": 28.03425057705976,
  "summary_bg_mean": 84.9011001586914,
  "summary_bg_median": 19.507598876953125,
  "summary_bg_n": 109819.0,
  "summary_bg_p05": 0.021276596933603287,
  "summary_bg_p95": 366.07235107421803,
  "summary_bg_stdv": 223.48590087890625,
  "summary_fg_k": 0.62453160860268,
  "summary_fg_mad": 733.1084289272014,
  "summary_fg_mean": 4591.34521484375,
  "summary_fg_median": 4586.109375,
  "summary_fg_n": 22795.0,
  "summary_fg_p05": 3289.1456787109373,
  "summary_fg_p95": 5968.05498046875,
  "summary_fg_stdv": 802.0552368164062,
  "tsnr": 91.35277111083269
}