{
  "bids_meta": {
    "AcquisitionMatrixPE": 256,
    "AcquisitionNumber": 1,
    "AcquisitionTime": "10:31:20.592500",
    "BaseResolution": 256,
    "BodyPartExamined": "BRAIN",
    "ConsistencyInfo": "N4_VD13D_LATEST_20130810",
    "ConversionSoftware": "dcm2niix",
    "ConversionSoftwareVersion": "v1.0.20181125  GCC5.4.0",
    "DeviceSerialNumber": "66020",
    "DwellTime": 9.8e-06,
    "EchoTime": 0.0023,
    "FlipAngle": 8,
    "ImageOrientationPatientDICOM": [
      0.0664335,
      0.997791,
      1.62349e-08,
      0.0694646,
      -0.00462498,
      -0.997574
    ],
    "ImageType": [
      "ORIGINAL",
      "PRIMARY",
      "M",
      "ND",
      "NORM"
    ],
    "ImagingFrequency": 123.262,
    "InPlanePhaseEncodingDirectionDICOM": "ROW",
    "InstitutionAddress": "Fanglan_Rd._49_Taipei_Da_An_TW_10672",
    "InstitutionName": "NTU_NCSC",
    "InstitutionalDepartmentName": "Department",
    "InversionTime": 0.9,
    "MRAcquisitionType": "3D",
    "MagneticFieldStrength": 3,
    "Manufacturer": "Siemens",
    "ManufacturersModelName": "Prisma",
    "Modality": "MR",
    "PartialFourier": 1,
    "PatientPosition": "HFS",
    "PercentPhaseFOV": 100,
    "PhaseEncodingSteps": 255,
    "PhaseResolution": 1,
    "PixelBandwidth": 200,
    "ProcedureStepDescription": "NTU_Brain",
    "ProtocolName": "t1_mprage_sag_p2_iso",
    "PulseSequenceDetails": "%SiemensSeq%_tfl",
    "ReceiveCoilActiveElements": "HE1-4",
    "ReceiveCoilName": "HeadNeck_20",
    "ReconMatrixPE": 256,
    "RepetitionTime": 2,
    "SAR": 0.0580239,
    "ScanOptions": "IR",
    "ScanningSequence": "GR_IR",
    "SequenceName": "_tfl3d1_16ns",
    "SequenceVariant": "SK_SP_MP",
    "SeriesDescription": "t1_mprage_sag_p2_iso",
    "SeriesNumber": 2,
    "ShimSetting": [
      -3014,
      -3755,
      -5732,
      89,
      -93,
      18,
      -54,
      32
    ],
    "SliceThickness": 0.94,
    "SoftwareVersions": "syngo_MR_D13D",
    "StationName": "AWP66020",
    "TxRefAmp": 236.508,
    "dataset": "ds004103",
    "modality": "T1w",
    "subject_id": "s53B"
  },
  "cjv": 0.3718264371673759,
  "cnr": 3.610854476356183,
  "efc": 0.5613912612865987,
  "fber": 20352.123705103968,
  "fwhm_avg": 4.2023652707065215,
  "fwhm_x": 4.219074478786231,
  "fwhm_y": 4.109034666666667,
  "fwhm_z": 4.2789866666666665,
  "icvs_csf": 0.20733986367870308,
  "icvs_gm": 0.4442536779856048,
  "icvs_wm": 0.34840645833569217,
  "inu_med": 0.5355408787727356,
  "inu_range": 0.22972042560577383,
  "provenance": {
    "md5sum": "a7080a172f8823f90afd7e2e49c30184",
    "settings": {
      "testing": false
    },
    "software": "mriqc",
    "version": "23.0.1",
    "warnings": {
      "large_rot_frame": true,
      "small_air_mask": false
    },
    "webapi_port": null,
    "webapi_url": "https://mriqc.nimh.nih.gov/api/v1"
  },
  "qi_1": 0.0,
  "qi_2": 0.008632230613817805,
  "rpve_csf": 25.985948458279807,
  "rpve_gm": 12.859306599391667,
  "rpve_wm": 18.3690056751787,
  "size_x": 192,
  "size_y": 256,
  "size_z": 256,
  "snr_csf": 2.5169774089457246,
  "snr_gm": 12.79298007956129,
  "snr_total": 12.597675691850823,
  "snr_wm": 22.483069587045453,
  "snrd_csf": 27.091870619694646,
  "snrd_gm": 66.49569478430782,
  "snrd_total": 61.307663923155594,
  "snrd_wm": 90.33542636546433,
  "spacing_x": 0.9399999976158142,
  "spacing_y": 0.9375,
  "spacing_z": 0.9375,
  "summary_bg_k": 13.010330565583132,
  "summary_bg_mad": 0.0,
  "summary_bg_mean": 4.329555177677758,
  "summary_bg_median": 0.0,
  "summary_bg_n": 2601078.0,
  "summary_bg_p05": 0.0,
  "summary_bg_p95": 17.890979304909706,
  "summary_bg_stdv": 7.252583899714766,
  "summary_csf_k": 0.4308218616629018,
  "summary_csf_mad": 104.46749696627195,
  "summary_csf_mean": 305.5890986962755,
  "summary_csf_median": 299.91626884043217,
  "summary_csf_n": 30844.0,
  "summary_csf_p05": 93.24461135268211,
  "summary_csf_p95": 513.8963473077863,
  "summary_csf_stdv": 119.15538292475733,
  "summary_gm_k": 0.21730471069507606,
  "summary_gm_mad": 55.33706687331603,
  "summary_gm_mean": 734.5082552378534,
  "summary_gm_median": 736.1300721392035,
  "summary_gm_n": 37877.0,
  "summary_gm_p05": 636.3988791272044,
  "summary_gm_p95": 826.8276425957679,
  "summary_gm_stdv": 57.54095997347137,
  "summary_wm_k": 0.43748063884734245,
  "summary_wm_mad": 42.79312727511453,
  "summary_wm_mean": 1000.8284801621796,
  "summary_wm_median": 1000.0440501123667,
  "summary_wm_n": 206270.0,
  "summary_wm_p05": 929.2733290195465,
  "summary_wm_p95": 1074.6926189363003,
  "summary_wm_stdv": 44.47976385624395,
  "tpm_overlap_csf": 0.14418742431856513,
  "tpm_overlap_gm": 0.4671102281817669,
  "tpm_overlap_wm": 0.4973736089372063,
  "wm2max": 0.41716911764705883
}