{
  "bids_meta": {
    "AcquisitionMatrixPE": 224,
    "AcquisitionNumber": 1,
    "AcquisitionTime": "10:30:24.000000",
    "BodyPartExamined": "HEAD",
    "CoilString": "8HRBRAIN",
    "ConversionSoftware": "dcm2niix",
    "ConversionSoftwareVersion": "v1.0.20181125  GCC5.4.0",
    "DeviceSerialNumber": "00000000GEMRGEMR",
    "EchoTime": 0.002936,
    "FlipAngle": 12,
    "ImageOrientationPatientDICOM": [
      -0.0362308,
      0.999197,
      -0.0170981,
      -0.0103505,
      -0.0174836,
      -0.999794
    ],
    "ImageType": [
      "ORIGINAL",
      "PRIMARY",
      "OTHER"
    ],
    "ImagingFrequency": 127.764,
    "InPlanePhaseEncodingDirectionDICOM": "ROW",
    "InstitutionName": "NCKU",
    "InversionTime": 0.45,
    "MRAcquisitionType": "3D",
    "MagneticFieldStrength": 3,
    "Manufacturer": "GE",
    "ManufacturersModelName": "DISCOVERY_MR750",
    "Modality": "MR",
    "PatientPosition": "HFS",
    "PercentPhaseFOV": 100,
    "PixelBandwidth": 244.141,
    "ProtocolName": "T1_SAG_FSPGR_BRAVO_ASSET",
    "ReconMatrixPE": 256,
    "RepetitionTime": 0.007652,
    "SAR": 0.220827,
    "ScanOptions": "FAST_GEMS_EDR_GEMS_ACC_GEMS",
    "ScanningSequence": "GR",
    "SequenceVariant": "SS_SK",
    "SeriesDescription": "T1_SAG_FSPGR_BRAVO_ASSET",
    "SeriesNumber": 3,
    "SliceThickness": 1,
    "SoftwareVersions": "27_LX_MR_Software_release:DV25.1_R02_1649.a",
    "SpacingBetweenSlices": 1,
    "StationName": "GEMRGEMR",
    "dataset": "ds004103",
    "modality": "T1w",
    "subject_id": "s20A"
  },
  "cjv": 0.39254677824907747,
  "cnr": 3.4777209016693202,
  "efc": 0.6280775320868953,
  "fber": 4837.717702331962,
  "fwhm_avg": 3.791928095238095,
  "fwhm_x": 3.64455,
  "fwhm_y": 3.889154285714286,
  "fwhm_z": 3.8420799999999997,
  "icvs_csf": 0.2208794034718819,
  "icvs_gm": 0.41347418280382414,
  "icvs_wm": 0.36564641372429396,
  "inu_med": 0.6099925935268402,
  "inu_range": 0.23187863975763323,
  "provenance": {
    "md5sum": "85fa95d73444f4ae7d26b2b1933de4f4",
    "settings": {
      "testing": false
    },
    "software": "mriqc",
    "version": "23.0.1",
    "warnings": {
      "large_rot_frame": true,
      "small_air_mask": false
    },
    "webapi_port": null,
    "webapi_url": "https://mriqc.nimh.nih.gov/api/v1"
  },
  "qi_1": 0.0,
  "qi_2": 0.00047065651037159174,
  "rpve_csf": 14.238581574168014,
  "rpve_gm": 7.653113224784944,
  "rpve_wm": 9.974947556129555,
  "size_x": 166,
  "size_y": 256,
  "size_z": 256,
  "snr_csf": 1.8986405288366783,
  "snr_gm": 11.109811959323142,
  "snr_total": 10.57074888639234,
  "snr_wm": 18.703794171017197,
  "snrd_csf": 19.573770851455958,
  "snrd_gm": 59.21883984022428,
  "snrd_total": 54.167192179006825,
  "snrd_wm": 83.70896584534023,
  "spacing_x": 1.0,
  "spacing_y": 0.875,
  "spacing_z": 0.875,
  "summary_bg_k": 635.5193392511136,
  "summary_bg_mad": 7.826664914427626,
  "summary_bg_mean": 8.53971854607108,
  "summary_bg_median": 5.279005263000727,
  "summary_bg_n": 2258807.0,
  "summary_bg_p05": 0.0,
  "summary_bg_p95": 33.355492513626814,
  "summary_bg_stdv": 12.800304817639546,
  "summary_csf_k": 10.470397954536102,
  "summary_csf_mad": 113.05182654173238,
  "summary_csf_mean": 245.77774606187765,
  "summary_csf_median": 233.84038127958775,
  "summary_csf_n": 75095.0,
  "summary_csf_p05": 75.53669975213708,
  "summary_csf_p95": 460.96664993949247,
  "summary_csf_stdv": 123.16118862898146,
  "summary_gm_k": 0.11852040561063903,
  "summary_gm_mad": 62.96117108939557,
  "summary_gm_mean": 706.2349455042372,
  "summary_gm_median": 707.4649127274752,
  "summary_gm_n": 46983.0,
  "summary_gm_p05": 599.5776866488159,
  "summary_gm_p95": 808.935214630887,
  "summary_gm_stdv": 63.67861007296495,
  "summary_wm_k": 0.35960470296396796,
  "summary_wm_mad": 51.88788961787204,
  "summary_wm_mean": 1002.0630821628766,
  "summary_wm_median": 1000.0391155257821,
  "summary_wm_n": 360719.0,
  "summary_wm_p05": 917.960359621793,
  "summary_wm_p95": 1092.6758819557726,
  "summary_wm_stdv": 53.467105134194156,
  "tpm_overlap_csf": 0.15871052257143345,
  "tpm_overlap_gm": 0.4396712436019535,
  "tpm_overlap_wm": 0.4787747242340286,
  "wm2max": 0.4356803352697661
}