{
  "aor": 0.001233730886850153,
  "aqi": 0.017114946085626907,
  "bids_meta": {
    "AcquisitionMatrixPE": 64,
    "AcquisitionNumber": 1,
    "AcquisitionTime": "10:55:25.670000",
    "BandwidthPerPixelPhaseEncode": 31.888,
    "BaseResolution": 64,
    "BodyPartExamined": "BRAIN",
    "ConsistencyInfo": "N4_VD13D_LATEST_20130810",
    "ConversionSoftware": "dcm2niix",
    "ConversionSoftwareVersion": "v1.0.20181125  GCC5.4.0",
    "DerivedVendorReportedEchoSpacing": 0.000489996,
    "DeviceSerialNumber": "66020",
    "DwellTime": 3.3e-06,
    "EchoTime": 0.024,
    "EchoTrainLength": 64,
    "EffectiveEchoSpacing": 0.000489996,
    "FlipAngle": 87,
    "ImageOrientationPatientDICOM": [
      0.999319,
      -0.00211987,
      0.0368393,
      0.00523246,
      0.996401,
      -0.0846014
    ],
    "ImageType": [
      "ORIGINAL",
      "PRIMARY",
      "M",
      "ND",
      "NORM",
      "MOSAIC"
    ],
    "ImagingFrequency": 123.262,
    "InPlanePhaseEncodingDirectionDICOM": "COL",
    "InstitutionAddress": "Fanglan_Rd._49_Taipei_Da_An_TW_10672",
    "InstitutionName": "NTU_NCSC",
    "InstitutionalDepartmentName": "Department",
    "MRAcquisitionType": "2D",
    "MagneticFieldStrength": 3,
    "Manufacturer": "Siemens",
    "ManufacturersModelName": "Prisma",
    "PartialFourier": 1,
    "PatientPosition": "HFS",
    "PercentPhaseFOV": 100,
    "PhaseEncodingDirection": "j-",
    "PhaseEncodingSteps": 64,
    "PhaseResolution": 1,
    "PixelBandwidth": 2365,
    "ProcedureStepDescription": "NTU_Brain",
    "ProtocolName": "ep2d_bold_64x64_3mm_iso_330TR",
    "PulseSequenceDetails": "%SiemensSeq%_ep2d_bold",
    "ReceiveCoilActiveElements": "HE1-4",
    "ReceiveCoilName": "HeadNeck_20",
    "ReconMatrixPE": 64,
    "RepetitionTime": 2,
    "SAR": 0.0960029,
    "ScanOptions": "FS",
    "ScanningSequence": "EP",
    "SequenceName": "_epfid2d1_64",
    "SequenceVariant": "SK",
    "SeriesDescription": "ep2d_bold_64x64_3mm_iso_330TR",
    "SeriesNumber": 3,
    "ShimSetting": [
      -3015,
      -3826,
      -5521,
      162,
      -74,
      -145,
      -33,
      20
    ],
    "SliceThickness": 3,
    "SliceTiming": [
      0.99,
      0,
      1.045,
      0.055,
      1.1,
      0.11,
      1.155,
      0.165,
      1.21,
      0.22,
      1.265,
      0.275,
      1.32,
      0.33,
      1.375,
      0.385,
      1.43,
      0.44,
      1.485,
      0.495,
      1.54,
      0.55,
      1.595,
      0.605,
      1.65,
      0.66,
      1.705,
      0.715,
      1.76,
      0.77,
      1.815,
      0.825,
      1.87,
      0.88,
      1.925,
      0.935
    ],
    "SoftwareVersions": "syngo_MR_D13D",
    "SpacingBetweenSlices": 3,
    "StationName": "AWP66020",
    "TaskName": "OTCG",
    "TotalReadoutTime": 0.0308698,
    "TxRefAmp": 244.131,
    "VendorReportedEchoSpacing": 0.00049,
    "dataset": "ds004103",
    "modality": "bold",
    "run_id": 1,
    "subject_id": "s22B",
    "task_id": "OTCG"
  },
  "dummy_trs": 3,
  "dvars_nstd": 18.127159121533737,
  "dvars_std": 1.1307443535276083,
  "dvars_vstd": 0.9307392570552151,
  "efc": 0.5875895902333125,
  "fber": 791.5223388671875,
  "fd_mean": 0.07253989461934983,
  "fd_num": 6,
  "fd_perc": 1.834862385321101,
  "fwhm_avg": 1.6225488888888888,
  "fwhm_x": 1.5548933333333332,
  "fwhm_y": 1.65485,
  "fwhm_z": 1.6579033333333333,
  "gcor": 0.0176189,
  "gsr_x": 0.007647249847650528,
  "gsr_y": 0.023312026634812355,
  "provenance": {
    "md5sum": "be89c7b8b4023714259360fea93af978",
    "settings": {
      "fd_thres": 0.2,
      "testing": false
    },
    "software": "mriqc",
    "version": "23.0.1",
    "webapi_port": null,
    "webapi_url": "https://mriqc.nimh.nih.gov/api/v1"
  },
  "size_t": 327,
  "size_x": 64,
  "size_y": 64,
  "size_z": 36,
  "snr": 8.4911970863112,
  "spacing_tr": 2.0,
  "spacing_x": 3.0,
  "spacing_y": 3.0,
  "spacing_z": 3.0,
  "summary_bg_k": 22.927275293410194,
  "summary_bg_mad": 19.348640743556825,
  "summary_bg_mean": 59.68184280395508,
  "summary_bg_median": 29.814987182617188,
  "summary_bg_n": 81018.0,
  "summary_bg_p05": 12.779816627502441,
  "summary_bg_p95": 202.35704498291005,
  "summary_bg_stdv": 87.16692352294922,
  "summary_fg_k": 2.784016166059435,
  "summary_fg_mad": 91.98938667261075,
  "summary_fg_mean": 847.0218505859375,
  "summary_fg_median": 842.37158203125,
  "summary_fg_n": 33788.0,
  "summary_fg_p05": 705.7501861572266,
  "summary_fg_p95": 1006.3339630126952,
  "summary_fg_stdv": 99.20381164550781,
  "tsnr": 68.35292450804263
}