{
  "aor": 0.00198209726443769,
  "aqi": 0.01914587714285714,
  "bids_meta": {
    "AcquisitionMatrixPE": 64,
    "AcquisitionNumber": 1,
    "AcquisitionTime": "11:07:36.720000",
    "BandwidthPerPixelPhaseEncode": 31.888,
    "BaseResolution": 64,
    "BodyPartExamined": "BRAIN",
    "ConsistencyInfo": "N4_VD13D_LATEST_20130810",
    "ConversionSoftware": "dcm2niix",
    "ConversionSoftwareVersion": "v1.0.20181125  GCC5.4.0",
    "DerivedVendorReportedEchoSpacing": 0.000489996,
    "DeviceSerialNumber": "66020",
    "DwellTime": 3.3e-06,
    "EchoTime": 0.024,
    "EchoTrainLength": 64,
    "EffectiveEchoSpacing": 0.000489996,
    "FlipAngle": 87,
    "ImageOrientationPatientDICOM": [
      0.999319,
      -0.00211987,
      0.0368393,
      0.00523246,
      0.996401,
      -0.0846014
    ],
    "ImageType": [
      "ORIGINAL",
      "PRIMARY",
      "M",
      "ND",
      "NORM",
      "MOSAIC"
    ],
    "ImagingFrequency": 123.262,
    "InPlanePhaseEncodingDirectionDICOM": "COL",
    "InstitutionAddress": "Fanglan_Rd._49_Taipei_Da_An_TW_10672",
    "InstitutionName": "NTU_NCSC",
    "InstitutionalDepartmentName": "Department",
    "MRAcquisitionType": "2D",
    "MagneticFieldStrength": 3,
    "Manufacturer": "Siemens",
    "ManufacturersModelName": "Prisma",
    "PartialFourier": 1,
    "PatientPosition": "HFS",
    "PercentPhaseFOV": 100,
    "PhaseEncodingDirection": "j-",
    "PhaseEncodingSteps": 64,
    "PhaseResolution": 1,
    "PixelBandwidth": 2365,
    "ProcedureStepDescription": "NTU_Brain",
    "ProtocolName": "ep2d_bold_64x64_3mm_iso_330TR",
    "PulseSequenceDetails": "%SiemensSeq%_ep2d_bold",
    "ReceiveCoilActiveElements": "HE1-4",
    "ReceiveCoilName": "HeadNeck_20",
    "ReconMatrixPE": 64,
    "RepetitionTime": 2,
    "SAR": 0.0960029,
    "ScanOptions": "FS",
    "ScanningSequence": "EP",
    "SequenceName": "_epfid2d1_64",
    "SequenceVariant": "SK",
    "SeriesDescription": "ep2d_bold_64x64_3mm_iso_330TR",
    "SeriesNumber": 4,
    "ShimSetting": [
      -3015,
      -3826,
      -5521,
      162,
      -74,
      -145,
      -33,
      20
    ],
    "SliceThickness": 3,
    "SliceTiming": [
      0.99,
      0,
      1.045,
      0.055,
      1.1,
      0.11,
      1.155,
      0.165,
      1.21,
      0.22,
      1.265,
      0.275,
      1.32,
      0.33,
      1.375,
      0.385,
      1.43,
      0.44,
      1.485,
      0.495,
      1.54,
      0.55,
      1.595,
      0.605,
      1.65,
      0.66,
      1.705,
      0.715,
      1.76,
      0.77,
      1.815,
      0.825,
      1.87,
      0.88,
      1.925,
      0.935
    ],
    "SoftwareVersions": "syngo_MR_D13D",
    "SpacingBetweenSlices": 3,
    "StationName": "AWP66020",
    "TaskName": "OTCG",
    "TotalReadoutTime": 0.0308698,
    "TxRefAmp": 244.131,
    "VendorReportedEchoSpacing": 0.00049,
    "dataset": "ds004103",
    "modality": "bold",
    "run_id": 2,
    "subject_id": "s22B",
    "task_id": "OTCG"
  },
  "dummy_trs": 1,
  "dvars_nstd": 19.921348807499985,
  "dvars_std": 1.1511216777439026,
  "dvars_vstd": 0.9636966135975599,
  "efc": 0.5894430444396052,
  "fber": 756.9257202148438,
  "fd_mean": 0.13023410448047526,
  "fd_num": 52,
  "fd_perc": 15.80547112462006,
  "fwhm_avg": 1.6276433333333333,
  "fwhm_x": 1.56361,
  "fwhm_y": 1.6686266666666667,
  "fwhm_z": 1.6506933333333331,
  "gcor": 0.0171792,
  "gsr_x": 0.00776202417910099,
  "gsr_y": 0.0244574137032032,
  "provenance": {
    "md5sum": "db1c2303a2ce32688547f19ee9aa60ed",
    "settings": {
      "fd_thres": 0.2,
      "testing": false
    },
    "software": "mriqc",
    "version": "23.0.1",
    "webapi_port": null,
    "webapi_url": "https://mriqc.nimh.nih.gov/api/v1"
  },
  "size_t": 329,
  "size_x": 64,
  "size_y": 64,
  "size_z": 36,
  "snr": 8.45860358630807,
  "spacing_tr": 2.0,
  "spacing_x": 3.0,
  "spacing_y": 3.0,
  "spacing_z": 3.0,
  "summary_bg_k": 21.97144395741343,
  "summary_bg_mad": 19.805584228783978,
  "summary_bg_mean": 60.94087600708008,
  "summary_bg_median": 30.352584838867188,
  "summary_bg_n": 81018.0,
  "summary_bg_p05": 13.108966779708863,
  "summary_bg_p95": 208.03343200683594,
  "summary_bg_stdv": 88.03839874267578,
  "summary_fg_k": 2.9710170973628056,
  "summary_fg_mad": 91.60136187323624,
  "summary_fg_mean": 843.9881591796875,
  "summary_fg_median": 839.6261596679688,
  "summary_fg_n": 33757.0,
  "summary_fg_p05": 701.1392333984375,
  "summary_fg_p95": 1002.3441040039063,
  "summary_fg_stdv": 99.26150512695312,
  "tsnr": 62.74869292974472
}