{
  "aor": 0.0007246200607902736,
  "aqi": 0.015386851854103345,
  "bids_meta": {
    "AcquisitionMatrixPE": 64,
    "AcquisitionNumber": 1,
    "AcquisitionTime": "11:32:33.767500",
    "BandwidthPerPixelPhaseEncode": 31.888,
    "BaseResolution": 64,
    "BodyPartExamined": "BRAIN",
    "ConsistencyInfo": "N4_VD13D_LATEST_20130810",
    "ConversionSoftware": "dcm2niix",
    "ConversionSoftwareVersion": "v1.0.20181125  GCC5.4.0",
    "DerivedVendorReportedEchoSpacing": 0.000489996,
    "DeviceSerialNumber": "66020",
    "DwellTime": 3.3e-06,
    "EchoTime": 0.024,
    "EchoTrainLength": 64,
    "EffectiveEchoSpacing": 0.000489996,
    "FlipAngle": 87,
    "ImageOrientationPatientDICOM": [
      0.999319,
      -0.00211987,
      0.0368393,
      0.00523246,
      0.996401,
      -0.0846014
    ],
    "ImageType": [
      "ORIGINAL",
      "PRIMARY",
      "M",
      "ND",
      "NORM",
      "MOSAIC"
    ],
    "ImagingFrequency": 123.262,
    "InPlanePhaseEncodingDirectionDICOM": "COL",
    "InstitutionAddress": "Fanglan_Rd._49_Taipei_Da_An_TW_10672",
    "InstitutionName": "NTU_NCSC",
    "InstitutionalDepartmentName": "Department",
    "MRAcquisitionType": "2D",
    "MagneticFieldStrength": 3,
    "Manufacturer": "Siemens",
    "ManufacturersModelName": "Prisma",
    "PartialFourier": 1,
    "PatientPosition": "HFS",
    "PercentPhaseFOV": 100,
    "PhaseEncodingDirection": "j-",
    "PhaseEncodingSteps": 64,
    "PhaseResolution": 1,
    "PixelBandwidth": 2365,
    "ProcedureStepDescription": "NTU_Brain",
    "ProtocolName": "ep2d_bold_64x64_3mm_iso_330TR",
    "PulseSequenceDetails": "%SiemensSeq%_ep2d_bold",
    "ReceiveCoilActiveElements": "HE1-4",
    "ReceiveCoilName": "HeadNeck_20",
    "ReconMatrixPE": 64,
    "RepetitionTime": 2,
    "SAR": 0.0960029,
    "ScanOptions": "FS",
    "ScanningSequence": "EP",
    "SequenceName": "_epfid2d1_64",
    "SequenceVariant": "SK",
    "SeriesDescription": "ep2d_bold_64x64_3mm_iso_330TR",
    "SeriesNumber": 6,
    "ShimSetting": [
      -3015,
      -3826,
      -5521,
      162,
      -74,
      -145,
      -33,
      20
    ],
    "SliceThickness": 3,
    "SliceTiming": [
      0.99,
      0,
      1.045,
      0.055,
      1.1,
      0.11,
      1.155,
      0.165,
      1.21,
      0.22,
      1.265,
      0.275,
      1.32,
      0.33,
      1.375,
      0.385,
      1.43,
      0.44,
      1.485,
      0.495,
      1.54,
      0.55,
      1.595,
      0.605,
      1.65,
      0.66,
      1.705,
      0.715,
      1.76,
      0.77,
      1.815,
      0.825,
      1.87,
      0.88,
      1.925,
      0.935
    ],
    "SoftwareVersions": "syngo_MR_D13D",
    "SpacingBetweenSlices": 3,
    "StationName": "AWP66020",
    "TaskName": "OTCG",
    "TotalReadoutTime": 0.0308698,
    "TxRefAmp": 244.131,
    "VendorReportedEchoSpacing": 0.00049,
    "dataset": "ds004103",
    "modality": "bold",
    "run_id": 4,
    "subject_id": "s22B",
    "task_id": "OTCG"
  },
  "dummy_trs": 1,
  "dvars_nstd": 19.88836430625,
  "dvars_std": 1.1187254794512207,
  "dvars_vstd": 0.9470768546036581,
  "efc": 0.5907709392718813,
  "fber": 736.7928466796875,
  "fd_mean": 0.15498690336427673,
  "fd_num": 74,
  "fd_perc": 22.492401215805472,
  "fwhm_avg": 1.6240066666666666,
  "fwhm_x": 1.5657333333333332,
  "fwhm_y": 1.6635499999999999,
  "fwhm_z": 1.6427366666666667,
  "gcor": 0.0222475,
  "gsr_x": 0.0090491883456707,
  "gsr_y": 0.024059923365712166,
  "provenance": {
    "md5sum": "17af5069b95cc370228d5fd2588153ea",
    "settings": {
      "fd_thres": 0.2,
      "testing": false
    },
    "software": "mriqc",
    "version": "23.0.1",
    "webapi_port": null,
    "webapi_url": "https://mriqc.nimh.nih.gov/api/v1"
  },
  "size_t": 329,
  "size_x": 64,
  "size_y": 64,
  "size_z": 36,
  "snr": 8.430568192019336,
  "spacing_tr": 2.0,
  "spacing_x": 3.0,
  "spacing_y": 3.0,
  "spacing_z": 3.0,
  "summary_bg_k": 20.9482903135939,
  "summary_bg_mad": 20.555897661932,
  "summary_bg_mean": 62.7578239440918,
  "summary_bg_median": 31.110942840576172,
  "summary_bg_n": 81096.0,
  "summary_bg_p05": 13.182371139526367,
  "summary_bg_p95": 215.08815002441406,
  "summary_bg_stdv": 89.90135955810547,
  "summary_fg_k": 2.77427584852511,
  "summary_fg_mad": 91.85817492841929,
  "summary_fg_mean": 842.8829345703125,
  "summary_fg_median": 838.1945190429688,
  "summary_fg_n": 33815.0,
  "summary_fg_p05": 700.4461853027344,
  "summary_fg_p95": 1001.9729431152343,
  "summary_fg_stdv": 99.42178344726562,
  "tsnr": 65.62159211933613
}