{
  "aor": 0.0023430395136778115,
  "aqi": 0.006088571033434651,
  "bids_meta": {
    "AcquisitionMatrixPE": 64,
    "AcquisitionNumber": 1,
    "AcquisitionTime": "11:33:33.855000",
    "BandwidthPerPixelPhaseEncode": 31.888,
    "BaseResolution": 64,
    "BodyPartExamined": "BRAIN",
    "ConsistencyInfo": "N4_VD13D_LATEST_20130810",
    "ConversionSoftware": "dcm2niix",
    "ConversionSoftwareVersion": "v1.0.20181125  GCC5.4.0",
    "DerivedVendorReportedEchoSpacing": 0.000489996,
    "DeviceSerialNumber": "66020",
    "DwellTime": 3.3e-06,
    "EchoTime": 0.024,
    "EchoTrainLength": 64,
    "EffectiveEchoSpacing": 0.000489996,
    "FlipAngle": 87,
    "ImageOrientationPatientDICOM": [
      0.998567,
      -0.00628364,
      0.053142,
      0.00522855,
      0.999787,
      0.0199698
    ],
    "ImageType": [
      "ORIGINAL",
      "PRIMARY",
      "M",
      "ND",
      "NORM",
      "MOSAIC"
    ],
    "ImagingFrequency": 123.262,
    "InPlanePhaseEncodingDirectionDICOM": "COL",
    "InstitutionAddress": "Fanglan_Rd._49_Taipei_Da_An_TW_10672",
    "InstitutionName": "NTU_NCSC",
    "InstitutionalDepartmentName": "Department",
    "MRAcquisitionType": "2D",
    "MagneticFieldStrength": 3,
    "Manufacturer": "Siemens",
    "ManufacturersModelName": "Prisma",
    "PartialFourier": 1,
    "PatientPosition": "HFS",
    "PercentPhaseFOV": 100,
    "PhaseEncodingDirection": "j-",
    "PhaseEncodingSteps": 64,
    "PhaseResolution": 1,
    "PixelBandwidth": 2365,
    "ProcedureStepDescription": "NTU_Brain",
    "ProtocolName": "ep2d_bold_64x64_3mm_iso_330TR",
    "PulseSequenceDetails": "%SiemensSeq%_ep2d_bold",
    "ReceiveCoilActiveElements": "HE1-4",
    "ReceiveCoilName": "HeadNeck_20",
    "ReconMatrixPE": 64,
    "RepetitionTime": 2,
    "SAR": 0.0893685,
    "ScanOptions": "FS",
    "ScanningSequence": "EP",
    "SequenceName": "_epfid2d1_64",
    "SequenceVariant": "SK",
    "SeriesDescription": "ep2d_bold_64x64_3mm_iso_330TR",
    "SeriesNumber": 6,
    "ShimSetting": [
      -3006,
      -3784,
      -5639,
      355,
      -166,
      6,
      74,
      5
    ],
    "SliceThickness": 3,
    "SliceTiming": [
      0.9875,
      0,
      1.0425,
      0.0525,
      1.0975,
      0.1075,
      1.1525,
      0.1625,
      1.2075,
      0.2175,
      1.2625,
      0.2725,
      1.3175,
      0.3275,
      1.3725,
      0.3825,
      1.4275,
      0.4375,
      1.4825,
      0.4925,
      1.5375,
      0.5475,
      1.5925,
      0.6025,
      1.6475,
      0.6575,
      1.7025,
      0.7125,
      1.7575,
      0.7675,
      1.8125,
      0.8225,
      1.8675,
      0.8775,
      1.9225,
      0.9325
    ],
    "SoftwareVersions": "syngo_MR_D13D",
    "SpacingBetweenSlices": 3,
    "StationName": "AWP66020",
    "TaskName": "OTCG",
    "TotalReadoutTime": 0.0308698,
    "TxRefAmp": 239.272,
    "VendorReportedEchoSpacing": 0.00049,
    "dataset": "ds004103",
    "modality": "bold",
    "run_id": 4,
    "subject_id": "s16B",
    "task_id": "OTCG"
  },
  "dummy_trs": 1,
  "dvars_nstd": 16.98374017564024,
  "dvars_std": 1.159956789725609,
  "dvars_vstd": 1.0260572904573173,
  "efc": 0.5751329569587564,
  "fber": 936.470703125,
  "fd_mean": 0.11003409864826495,
  "fd_num": 28,
  "fd_perc": 8.51063829787234,
  "fwhm_avg": 1.6912111111111112,
  "fwhm_x": 1.5793733333333335,
  "fwhm_y": 1.8360333333333332,
  "fwhm_z": 1.6582266666666667,
  "gcor": 0.020599,
  "gsr_x": -0.015301786363124847,
  "gsr_y": 0.0421941876411438,
  "provenance": {
    "md5sum": "c305de40ff48f5eccc301c3932a121f7",
    "settings": {
      "fd_thres": 0.2,
      "testing": false
    },
    "software": "mriqc",
    "version": "23.0.1",
    "webapi_port": null,
    "webapi_url": "https://mriqc.nimh.nih.gov/api/v1"
  },
  "size_t": 329,
  "size_x": 64,
  "size_y": 64,
  "size_z": 36,
  "snr": 8.473251293283221,
  "spacing_tr": 2.0,
  "spacing_x": 3.0,
  "spacing_y": 3.0,
  "spacing_z": 3.0,
  "summary_bg_k": 17.385239605073547,
  "summary_bg_mad": 14.92065865555412,
  "summary_bg_mean": 60.05632019042969,
  "summary_bg_median": 27.054712295532227,
  "summary_bg_n": 84271.0,
  "summary_bg_p05": 13.88145923614502,
  "summary_bg_p95": 217.13677978515625,
  "summary_bg_stdv": 88.08094024658203,
  "summary_fg_k": 2.905994071944529,
  "summary_fg_mad": 90.87137212124134,
  "summary_fg_mean": 844.8416137695312,
  "summary_fg_median": 842.2036743164062,
  "summary_fg_n": 31071.0,
  "summary_fg_p05": 698.2583618164062,
  "summary_fg_p95": 1000.9802551269531,
  "summary_fg_stdv": 99.39397430419922,
  "tsnr": 89.45244297292084
}