{
  "bids_meta": {
    "AcquisitionMatrixPE": 224,
    "AcquisitionNumber": 1,
    "AcquisitionTime": "10:30:9.000000",
    "BodyPartExamined": "HEAD",
    "CoilString": "8HRBRAIN",
    "ConversionSoftware": "dcm2niix",
    "ConversionSoftwareVersion": "v1.0.20181125  GCC5.4.0",
    "DeviceSerialNumber": "00000000GEMRGEMR",
    "EchoTime": 0.002936,
    "FlipAngle": 12,
    "ImageOrientationPatientDICOM": [
      0.00223548,
      0.982349,
      -0.187046,
      0.00464937,
      -0.187054,
      -0.982339
    ],
    "ImageType": [
      "ORIGINAL",
      "PRIMARY",
      "OTHER"
    ],
    "ImagingFrequency": 127.764,
    "InPlanePhaseEncodingDirectionDICOM": "ROW",
    "InstitutionName": "NCKU",
    "InversionTime": 0.45,
    "MRAcquisitionType": "3D",
    "MagneticFieldStrength": 3,
    "Manufacturer": "GE",
    "ManufacturersModelName": "DISCOVERY_MR750",
    "Modality": "MR",
    "PatientPosition": "HFS",
    "PercentPhaseFOV": 100,
    "PixelBandwidth": 244.141,
    "ProtocolName": "T1_SAG_FSPGR_BRAVO_ASSET",
    "ReconMatrixPE": 256,
    "RepetitionTime": 0.007692,
    "SAR": 0.216546,
    "ScanOptions": "FAST_GEMS_EDR_GEMS_ACC_GEMS",
    "ScanningSequence": "GR",
    "SequenceVariant": "SS_SK",
    "SeriesDescription": "T1_SAG_FSPGR_BRAVO_ASSET",
    "SeriesNumber": 3,
    "SliceThickness": 1,
    "SoftwareVersions": "27_LX_MR_Software_release:DV25.1_R02_1649.a",
    "SpacingBetweenSlices": 1,
    "StationName": "GEMRGEMR",
    "dataset": "ds004103",
    "modality": "T1w",
    "subject_id": "s53A"
  },
  "cjv": 0.3445962064557863,
  "cnr": 3.983320753283014,
  "efc": 0.6113128190010653,
  "fber": 5436.472925358777,
  "fwhm_avg": 4.303685238095238,
  "fwhm_x": 4.00917,
  "fwhm_y": 4.487154285714285,
  "fwhm_z": 4.414731428571429,
  "icvs_csf": 0.20334688315648322,
  "icvs_gm": 0.4408535977329183,
  "icvs_wm": 0.3557995191105985,
  "inu_med": 0.5526663064956665,
  "inu_range": 0.19648215472698205,
  "provenance": {
    "md5sum": "e77cdfda1eb5cb5a71af3fab3a1629fb",
    "settings": {
      "testing": false
    },
    "software": "mriqc",
    "version": "23.0.1",
    "warnings": {
      "large_rot_frame": true,
      "small_air_mask": false
    },
    "webapi_port": null,
    "webapi_url": "https://mriqc.nimh.nih.gov/api/v1"
  },
  "qi_1": 0.0,
  "qi_2": 0.00036727050666129175,
  "rpve_csf": 17.62337405289399,
  "rpve_gm": 8.637247781742397,
  "rpve_wm": 12.266244493705546,
  "size_x": 166,
  "size_y": 256,
  "size_z": 256,
  "snr_csf": 1.9513286524374513,
  "snr_gm": 10.579626965736066,
  "snr_total": 10.767573703754884,
  "snr_wm": 19.771765493091138,
  "snrd_csf": 23.203235870076,
  "snrd_gm": 67.04912854775903,
  "snrd_total": 63.29946534161399,
  "snrd_wm": 99.64603160700693,
  "spacing_x": 1.0,
  "spacing_y": 0.875,
  "spacing_z": 0.875,
  "summary_bg_k": 30.773101424235293,
  "summary_bg_mad": 6.5748292301392945,
  "summary_bg_mean": 8.595313299638905,
  "summary_bg_median": 4.434654925018549,
  "summary_bg_n": 2738968.0,
  "summary_bg_p05": 0.0,
  "summary_bg_p95": 31.54185026139021,
  "summary_bg_stdv": 11.889071421438928,
  "summary_csf_k": 4.783369722115352,
  "summary_csf_mad": 117.95504890362483,
  "summary_csf_mean": 241.20969318287595,
  "summary_csf_median": 232.86343642696738,
  "summary_csf_n": 45532.0,
  "summary_csf_p05": 63.37738627940416,
  "summary_csf_p95": 446.7812046941368,
  "summary_csf_stdv": 119.33452572513677,
  "summary_gm_k": 0.06824089109917786,
  "summary_gm_mad": 63.48411269896087,
  "summary_gm_mean": 672.5778140490248,
  "summary_gm_median": 672.8928055763245,
  "summary_gm_n": 59427.0,
  "summary_gm_p05": 566.7342151295394,
  "summary_gm_p95": 775.0866383086889,
  "summary_gm_stdv": 63.60216160969804,
  "summary_wm_k": 0.2932025959394893,
  "summary_wm_mad": 49.24590635289763,
  "summary_wm_mean": 1000.3907347118067,
  "summary_wm_median": 1000.029369879514,
  "summary_wm_n": 308573.0,
  "summary_wm_p05": 918.3259923867881,
  "summary_wm_p95": 1083.9060219712555,
  "summary_wm_stdv": 50.57857629446056,
  "tpm_overlap_csf": 0.1560536498498158,
  "tpm_overlap_gm": 0.45580666242197415,
  "tpm_overlap_wm": 0.5050841644113127,
  "wm2max": 0.6003241302497382
}