{
  "bids_meta": {
    "AcquisitionMatrixPE": 256,
    "AcquisitionNumber": 1,
    "AcquisitionTime": "11:36:56.620000",
    "BaseResolution": 256,
    "BodyPartExamined": "BRAIN",
    "ConsistencyInfo": "N4_VD13D_LATEST_20130810",
    "ConversionSoftware": "dcm2niix",
    "ConversionSoftwareVersion": "v1.0.20181125  GCC5.4.0",
    "DeviceSerialNumber": "66020",
    "DwellTime": 9.8e-06,
    "EchoTime": 0.0023,
    "FlipAngle": 8,
    "ImageOrientationPatientDICOM": [
      0.0542683,
      0.998526,
      -2.84334e-08,
      0.0817413,
      -0.00444254,
      -0.996644
    ],
    "ImageType": [
      "ORIGINAL",
      "PRIMARY",
      "M",
      "ND",
      "NORM"
    ],
    "ImagingFrequency": 123.262,
    "InPlanePhaseEncodingDirectionDICOM": "ROW",
    "InstitutionAddress": "Fanglan_Rd._49_Taipei_Da_An_TW_10672",
    "InstitutionName": "NTU_NCSC",
    "InstitutionalDepartmentName": "Department",
    "InversionTime": 0.9,
    "MRAcquisitionType": "3D",
    "MagneticFieldStrength": 3,
    "Manufacturer": "Siemens",
    "ManufacturersModelName": "Prisma",
    "Modality": "MR",
    "PartialFourier": 1,
    "PatientPosition": "HFS",
    "PercentPhaseFOV": 100,
    "PhaseEncodingSteps": 255,
    "PhaseResolution": 1,
    "PixelBandwidth": 200,
    "ProcedureStepDescription": "NTU_Brain",
    "ProtocolName": "t1_mprage_sag_p2_iso",
    "PulseSequenceDetails": "%SiemensSeq%_tfl",
    "ReceiveCoilActiveElements": "HE1-4",
    "ReceiveCoilName": "HeadNeck_20",
    "ReconMatrixPE": 256,
    "RepetitionTime": 2,
    "SAR": 0.06484,
    "ScanOptions": "IR",
    "ScanningSequence": "GR_IR",
    "SequenceName": "_tfl3d1_16ns",
    "SequenceVariant": "SK_SP_MP",
    "SeriesDescription": "t1_mprage_sag_p2_iso",
    "SeriesNumber": 2,
    "ShimSetting": [
      -3014,
      -3755,
      -5732,
      89,
      -93,
      18,
      -54,
      32
    ],
    "SliceThickness": 0.94,
    "SoftwareVersions": "syngo_MR_D13D",
    "StationName": "AWP66020",
    "TxRefAmp": 238.643,
    "dataset": "ds004103",
    "modality": "T1w",
    "subject_id": "s63B"
  },
  "cjv": 0.3422208797958205,
  "cnr": 4.024840988617084,
  "efc": 0.5408419609218226,
  "fber": 24743.832416765756,
  "fwhm_avg": 4.404367568727167,
  "fwhm_x": 4.394489372848169,
  "fwhm_y": 4.402666666666667,
  "fwhm_z": 4.415946666666667,
  "icvs_csf": 0.2247939818962337,
  "icvs_gm": 0.4355069365599402,
  "icvs_wm": 0.3396990815438261,
  "inu_med": 0.5226523280143738,
  "inu_range": 0.19964304566383362,
  "provenance": {
    "md5sum": "e9b5c461fdcd69d81be9ad4d21a0c256",
    "settings": {
      "testing": false
    },
    "software": "mriqc",
    "version": "23.0.1",
    "warnings": {
      "large_rot_frame": true,
      "small_air_mask": false
    },
    "webapi_port": null,
    "webapi_url": "https://mriqc.nimh.nih.gov/api/v1"
  },
  "qi_1": 0.0,
  "qi_2": 0.015023081732955659,
  "rpve_csf": 24.285333006998712,
  "rpve_gm": 12.836179185314577,
  "rpve_wm": 18.45296067444762,
  "size_x": 192,
  "size_y": 256,
  "size_z": 256,
  "snr_csf": 2.419603888437734,
  "snr_gm": 13.21459754456622,
  "snr_total": 13.518751957700056,
  "snr_wm": 24.92205444009622,
  "snrd_csf": 27.71158582556595,
  "snrd_gm": 74.80418083856857,
  "snrd_total": 68.55556975320734,
  "snrd_wm": 103.15094259548749,
  "spacing_x": 0.9399999976158142,
  "spacing_y": 0.9375,
  "spacing_z": 0.9375,
  "summary_bg_k": 11.296321652131677,
  "summary_bg_mad": 0.0,
  "summary_bg_mean": 3.7975586321286023,
  "summary_bg_median": 0.0,
  "summary_bg_n": 2943718.0,
  "summary_bg_p05": 0.0,
  "summary_bg_p95": 15.829155877232552,
  "summary_bg_stdv": 6.3514908738647105,
  "summary_csf_k": 5.491242647841911,
  "summary_csf_mad": 99.78434529480904,
  "summary_csf_mean": 287.20352785410506,
  "summary_csf_median": 268.6614336669445,
  "summary_csf_n": 57554.0,
  "summary_csf_p05": 141.22488659396768,
  "summary_csf_p95": 488.88801880180836,
  "summary_csf_stdv": 111.03433125817003,
  "summary_gm_k": -0.035811164185044486,
  "summary_gm_mad": 55.422741932072825,
  "summary_gm_mean": 724.65365201147,
  "summary_gm_median": 725.2200792431831,
  "summary_gm_n": 54924.0,
  "summary_gm_p05": 633.5274240575731,
  "summary_gm_p95": 813.3659771829844,
  "summary_gm_stdv": 54.87972484479608,
  "summary_wm_k": 0.38340291216545097,
  "summary_wm_mad": 38.62619817863576,
  "summary_wm_mean": 1000.6476620928765,
  "summary_wm_median": 1000.0394887626171,
  "summary_wm_n": 216463.0,
  "summary_wm_p05": 935.8544327616692,
  "summary_wm_p95": 1067.1061616688967,
  "summary_wm_stdv": 40.126594747992826,
  "tpm_overlap_csf": 0.15520849072056211,
  "tpm_overlap_gm": 0.48165593553193264,
  "tpm_overlap_wm": 0.5089564486413783,
  "wm2max": 0.44696901189810473
}