{
  "aor": 0.0013456534954407297,
  "aqi": 0.005557683039513678,
  "bids_meta": {
    "AcquisitionMatrixPE": 64,
    "AcquisitionNumber": 1,
    "AcquisitionTime": "10:41:22.000000",
    "BodyPartExamined": "HEAD",
    "CoilString": "8HRBRAIN",
    "ConversionSoftware": "dcm2niix",
    "ConversionSoftwareVersion": "v1.0.20181125  GCC5.4.0",
    "DeviceSerialNumber": "00000000GEMRGEMR",
    "EchoTime": 0.033,
    "EffectiveEchoSpacing": 0.00042,
    "FlipAngle": 90,
    "ImageOrientationPatientDICOM": [
      0.997912,
      -0.0146119,
      0.0629161,
      0.013755,
      0.999807,
      0.014032
    ],
    "ImageType": [
      "ORIGINAL",
      "PRIMARY",
      "EPI",
      "NONE"
    ],
    "ImagingFrequency": 127.764,
    "InPlanePhaseEncodingDirectionDICOM": "COL",
    "InstitutionName": "NCKU",
    "MRAcquisitionType": "2D",
    "MagneticFieldStrength": 3,
    "Manufacturer": "GE",
    "ManufacturersModelName": "DISCOVERY_MR750",
    "PatientPosition": "HFS",
    "PercentPhaseFOV": 100,
    "PhaseEncodingDirection": "j",
    "PhaseEncodingPolarityGE": "Flipped",
    "PixelBandwidth": 7812.5,
    "ProtocolName": "hypervote_run_2",
    "ReconMatrixPE": 64,
    "RepetitionTime": 2,
    "SAR": 0.419736,
    "ScanOptions": "EPI_GEMS_ACC_GEMS",
    "ScanningSequence": "EP_GR",
    "SequenceVariant": "SS",
    "SeriesDescription": "hypervote_run_2",
    "SeriesNumber": 5,
    "SliceThickness": 3,
    "SliceTiming": [
      0,
      1,
      0.05,
      1.05,
      0.0999999,
      1.1,
      0.15,
      1.15,
      0.2,
      1.2,
      0.25,
      1.25,
      0.3,
      1.3,
      0.35,
      1.35,
      0.4,
      1.4,
      0.45,
      1.45,
      0.5,
      1.5,
      0.55,
      1.55,
      0.6,
      1.6,
      0.65,
      1.65,
      0.7,
      1.7,
      0.75,
      1.75,
      0.8,
      1.8,
      0.85,
      1.85,
      0.9,
      1.9,
      0.95,
      1.95
    ],
    "SoftwareVersions": "27_LX_MR_Software_release:DV25.1_R02_1649.a",
    "SpacingBetweenSlices": 3,
    "StationName": "GEMRGEMR",
    "TaskName": "OTCG",
    "TotalReadoutTime": 0.02646,
    "dataset": "ds004103",
    "modality": "bold",
    "run_id": 2,
    "subject_id": "s35A",
    "task_id": "OTCG"
  },
  "dummy_trs": 1,
  "dvars_nstd": 18.230734124359742,
  "dvars_std": 1.0645301166768288,
  "dvars_vstd": 0.9662911229878045,
  "efc": 0.4876924987175119,
  "fber": 21245.08984375,
  "fd_mean": 0.10044606544399029,
  "fd_num": 21,
  "fd_perc": 6.382978723404255,
  "fwhm_avg": 2.759369206349207,
  "fwhm_x": 2.5630457142857144,
  "fwhm_y": 2.9222285714285716,
  "fwhm_z": 2.7928333333333337,
  "gcor": 0.10705,
  "gsr_x": 0.009314085356891155,
  "gsr_y": 0.015629667788743973,
  "provenance": {
    "md5sum": "49272d79d8c0e8099592ba1753e73814",
    "settings": {
      "fd_thres": 0.2,
      "testing": false
    },
    "software": "mriqc",
    "version": "23.0.1",
    "webapi_port": null,
    "webapi_url": "https://mriqc.nimh.nih.gov/api/v1"
  },
  "size_t": 329,
  "size_x": 64,
  "size_y": 64,
  "size_z": 40,
  "snr": 4.830260891719003,
  "spacing_tr": 2.0,
  "spacing_x": 3.5,
  "spacing_y": 3.5,
  "spacing_z": 3.0,
  "summary_bg_k": 22.903826285021538,
  "summary_bg_mad": 44.773235450742824,
  "summary_bg_mean": 183.99899291992188,
  "summary_bg_median": 31.022796630859375,
  "summary_bg_n": 100808.0,
  "summary_bg_p05": 0.11854103207588196,
  "summary_bg_p95": 925.2504913330075,
  "summary_bg_stdv": 411.26812744140625,
  "summary_fg_k": -0.11548763738701018,
  "summary_fg_mad": 933.615900442794,
  "summary_fg_mean": 4368.125,
  "summary_fg_median": 4388.76611328125,
  "summary_fg_n": 28951.0,
  "summary_fg_p05": 2852.9710693359375,
  "summary_fg_p95": 5809.516845703125,
  "summary_fg_stdv": 908.5824584960938,
  "tsnr": 57.54068753309548
}