{
  "aor": 0.0018174468085106383,
  "aqi": 0.003966176048632219,
  "bids_meta": {
    "AcquisitionMatrixPE": 64,
    "AcquisitionNumber": 1,
    "AcquisitionTime": "10:36:14.000000",
    "BodyPartExamined": "HEAD",
    "CoilString": "8HRBRAIN",
    "ConversionSoftware": "dcm2niix",
    "ConversionSoftwareVersion": "v1.0.20181125  GCC5.4.0",
    "DeviceSerialNumber": "00000000GEMRGEMR",
    "EchoTime": 0.033,
    "EffectiveEchoSpacing": 0.00042,
    "FlipAngle": 90,
    "ImageOrientationPatientDICOM": [
      0.999945,
      -0.00824901,
      -0.00642114,
      0.00828416,
      0.999951,
      0.00546658
    ],
    "ImageType": [
      "ORIGINAL",
      "PRIMARY",
      "EPI",
      "NONE"
    ],
    "ImagingFrequency": 127.764,
    "InPlanePhaseEncodingDirectionDICOM": "COL",
    "InstitutionName": "NCKU",
    "MRAcquisitionType": "2D",
    "MagneticFieldStrength": 3,
    "Manufacturer": "GE",
    "ManufacturersModelName": "DISCOVERY_MR750",
    "PatientPosition": "HFS",
    "PercentPhaseFOV": 100,
    "PhaseEncodingDirection": "j",
    "PhaseEncodingPolarityGE": "Flipped",
    "PixelBandwidth": 7812.5,
    "ProtocolName": "Run_1",
    "ReconMatrixPE": 64,
    "RepetitionTime": 2,
    "SAR": 0.421561,
    "ScanOptions": "EPI_GEMS_ACC_GEMS",
    "ScanningSequence": "EP_GR",
    "SequenceVariant": "SS",
    "SeriesDescription": "Run_1",
    "SeriesNumber": 4,
    "SliceThickness": 3,
    "SliceTiming": [
      0,
      1,
      0.05,
      1.05,
      0.0999999,
      1.1,
      0.15,
      1.15,
      0.2,
      1.2,
      0.25,
      1.25,
      0.3,
      1.3,
      0.35,
      1.35,
      0.4,
      1.4,
      0.45,
      1.45,
      0.5,
      1.5,
      0.55,
      1.55,
      0.6,
      1.6,
      0.65,
      1.65,
      0.7,
      1.7,
      0.75,
      1.75,
      0.8,
      1.8,
      0.85,
      1.85,
      0.9,
      1.9,
      0.95,
      1.95
    ],
    "SoftwareVersions": "27_LX_MR_Software_release:DV25.1_R02_1649.a",
    "SpacingBetweenSlices": 3,
    "StationName": "GEMRGEMR",
    "TaskName": "OTCG",
    "TotalReadoutTime": 0.02646,
    "dataset": "ds004103",
    "modality": "bold",
    "run_id": 1,
    "subject_id": "s20A",
    "task_id": "OTCG"
  },
  "dummy_trs": 1,
  "dvars_nstd": 15.096949001798764,
  "dvars_std": 1.0596377670731711,
  "dvars_vstd": 0.9732698580182928,
  "efc": 0.48799596973835885,
  "fber": 27921.125,
  "fd_mean": 0.07160898656870572,
  "fd_num": 11,
  "fd_perc": 3.3434650455927053,
  "fwhm_avg": 2.7529734920634916,
  "fwhm_x": 2.635691428571428,
  "fwhm_y": 2.807705714285714,
  "fwhm_z": 2.815523333333333,
  "gcor": 0.0541762,
  "gsr_x": 0.0061898971907794476,
  "gsr_y": -0.0009386264719069004,
  "provenance": {
    "md5sum": "461c8c7eb6c4edc4e620563ca67f9771",
    "settings": {
      "fd_thres": 0.2,
      "testing": false
    },
    "software": "mriqc",
    "version": "23.0.1",
    "webapi_port": null,
    "webapi_url": "https://mriqc.nimh.nih.gov/api/v1"
  },
  "size_t": 329,
  "size_x": 64,
  "size_y": 64,
  "size_z": 40,
  "snr": 5.5056790550800665,
  "spacing_tr": 2.0,
  "spacing_x": 3.5,
  "spacing_y": 3.5,
  "spacing_z": 3.0,
  "summary_bg_k": 34.11693506228707,
  "summary_bg_mad": 43.60833399798978,
  "summary_bg_mean": 129.36048889160156,
  "summary_bg_median": 30.161094665527344,
  "summary_bg_n": 97924.0,
  "summary_bg_p05": 0.036474164575338364,
  "summary_bg_p95": 565.4905609130848,
  "summary_bg_stdv": 303.3729553222656,
  "summary_fg_k": 0.25863555516873227,
  "summary_fg_mad": 863.023258140916,
  "summary_fg_mean": 4841.45361328125,
  "summary_fg_median": 4876.9228515625,
  "summary_fg_n": 31088.0,
  "summary_fg_p05": 3317.4469604492188,
  "summary_fg_p95": 6235.179418945311,
  "summary_fg_stdv": 885.7843627929688,
  "tsnr": 72.86968091642484
}