{
  "aor": 0.003073920972644377,
  "aqi": 0.004737759969604863,
  "bids_meta": {
    "AcquisitionMatrixPE": 64,
    "AcquisitionNumber": 1,
    "AcquisitionTime": "11:22:13.000000",
    "BodyPartExamined": "HEAD",
    "CoilString": "8HRBRAIN",
    "ConversionSoftware": "dcm2niix",
    "ConversionSoftwareVersion": "v1.0.20181125  GCC5.4.0",
    "DeviceSerialNumber": "00000000GEMRGEMR",
    "EchoTime": 0.033,
    "EffectiveEchoSpacing": 0.00042,
    "FlipAngle": 90,
    "ImageOrientationPatientDICOM": [
      0.999945,
      -0.00824887,
      -0.00642142,
      0.00828402,
      0.999951,
      0.00546701
    ],
    "ImageType": [
      "ORIGINAL",
      "PRIMARY",
      "EPI",
      "NONE"
    ],
    "ImagingFrequency": 127.764,
    "InPlanePhaseEncodingDirectionDICOM": "COL",
    "InstitutionName": "NCKU",
    "MRAcquisitionType": "2D",
    "MagneticFieldStrength": 3,
    "Manufacturer": "GE",
    "ManufacturersModelName": "DISCOVERY_MR750",
    "PatientPosition": "HFS",
    "PercentPhaseFOV": 100,
    "PhaseEncodingDirection": "j",
    "PhaseEncodingPolarityGE": "Flipped",
    "PixelBandwidth": 7812.5,
    "ProtocolName": "Run_4",
    "ReconMatrixPE": 64,
    "RepetitionTime": 2,
    "SAR": 0.421561,
    "ScanOptions": "EPI_GEMS_ACC_GEMS",
    "ScanningSequence": "EP_GR",
    "SequenceVariant": "SS",
    "SeriesDescription": "Run_4",
    "SeriesNumber": 8,
    "SliceThickness": 3,
    "SliceTiming": [
      0,
      1,
      0.05,
      1.05,
      0.0999999,
      1.1,
      0.15,
      1.15,
      0.2,
      1.2,
      0.25,
      1.25,
      0.3,
      1.3,
      0.35,
      1.35,
      0.4,
      1.4,
      0.45,
      1.45,
      0.5,
      1.5,
      0.55,
      1.55,
      0.6,
      1.6,
      0.65,
      1.65,
      0.7,
      1.7,
      0.75,
      1.75,
      0.8,
      1.8,
      0.85,
      1.85,
      0.9,
      1.9,
      0.95,
      1.95
    ],
    "SoftwareVersions": "27_LX_MR_Software_release:DV25.1_R02_1649.a",
    "SpacingBetweenSlices": 3,
    "StationName": "GEMRGEMR",
    "TaskName": "OTCG",
    "TotalReadoutTime": 0.02646,
    "dataset": "ds004103",
    "modality": "bold",
    "run_id": 4,
    "subject_id": "s20A",
    "task_id": "OTCG"
  },
  "dummy_trs": 1,
  "dvars_nstd": 17.644903269908536,
  "dvars_std": 1.0355241161585367,
  "dvars_vstd": 0.9612966026829275,
  "efc": 0.49019828219555606,
  "fber": 26654.068359375,
  "fd_mean": 0.12794592697880597,
  "fd_num": 52,
  "fd_perc": 15.80547112462006,
  "fwhm_avg": 2.768429682539683,
  "fwhm_x": 2.6388457142857145,
  "fwhm_y": 2.8249400000000002,
  "fwhm_z": 2.8415033333333333,
  "gcor": 0.087432,
  "gsr_x": 0.005774541758000851,
  "gsr_y": 0.00038339034654200077,
  "provenance": {
    "md5sum": "b33ef0b8ad7f683c234e3ac443d577be",
    "settings": {
      "fd_thres": 0.2,
      "testing": false
    },
    "software": "mriqc",
    "version": "23.0.1",
    "webapi_port": null,
    "webapi_url": "https://mriqc.nimh.nih.gov/api/v1"
  },
  "size_t": 329,
  "size_x": 64,
  "size_y": 64,
  "size_z": 40,
  "snr": 5.349690381877431,
  "spacing_tr": 2.0,
  "spacing_x": 3.5,
  "spacing_y": 3.5,
  "spacing_z": 3.0,
  "summary_bg_k": 32.485852171786156,
  "summary_bg_mad": 43.511445948807506,
  "summary_bg_mean": 129.6905517578125,
  "summary_bg_median": 29.97112464904785,
  "summary_bg_n": 97572.0,
  "summary_bg_p05": 0.036474164575338364,
  "summary_bg_p95": 569.0752166748043,
  "summary_bg_stdv": 293.4830017089844,
  "summary_fg_k": 0.04690395922853474,
  "summary_fg_mad": 882.5135411139757,
  "summary_fg_mean": 4707.63232421875,
  "summary_fg_median": 4727.25390625,
  "summary_fg_n": 31256.0,
  "summary_fg_p05": 3185.3313598632812,
  "summary_fg_p95": 6102.8099365234375,
  "summary_fg_stdv": 883.6358642578125,
  "tsnr": 60.72134650591761
}