{
  "bids_meta": {
    "AcquisitionMatrixPE": 224,
    "AcquisitionNumber": 1,
    "AcquisitionTime": "11:34:16.000000",
    "BodyPartExamined": "HEAD",
    "CoilString": "8HRBRAIN",
    "ConversionSoftware": "dcm2niix",
    "ConversionSoftwareVersion": "v1.0.20181125  GCC5.4.0",
    "DeviceSerialNumber": "00000000GEMRGEMR",
    "EchoTime": 0.002948,
    "FlipAngle": 12,
    "ImageOrientationPatientDICOM": [
      -0.0100152,
      0.978062,
      -0.208073,
      0.0644918,
      -0.207018,
      -0.976209
    ],
    "ImageType": [
      "ORIGINAL",
      "PRIMARY",
      "OTHER"
    ],
    "ImagingFrequency": 127.764,
    "InPlanePhaseEncodingDirectionDICOM": "ROW",
    "InstitutionName": "NCKU",
    "InversionTime": 0.45,
    "MRAcquisitionType": "3D",
    "MagneticFieldStrength": 3,
    "Manufacturer": "GE",
    "ManufacturersModelName": "DISCOVERY_MR750",
    "Modality": "MR",
    "PatientPosition": "HFS",
    "PercentPhaseFOV": 100,
    "PixelBandwidth": 244.141,
    "ProtocolName": "T1_SAG_FSPGR_BRAVO_ASSET",
    "ReconMatrixPE": 256,
    "RepetitionTime": 0.007728,
    "SAR": 0.215272,
    "ScanOptions": "FAST_GEMS_EDR_GEMS_ACC_GEMS",
    "ScanningSequence": "GR",
    "SequenceVariant": "SS_SK",
    "SeriesDescription": "T1_SAG_FSPGR_BRAVO_ASSET",
    "SeriesNumber": 3,
    "SliceThickness": 1,
    "SoftwareVersions": "27_LX_MR_Software_release:DV25.1_R02_1649.a",
    "SpacingBetweenSlices": 1,
    "StationName": "GEMRGEMR",
    "dataset": "ds004103",
    "modality": "T1w",
    "subject_id": "s33A"
  },
  "cjv": 0.350064117914996,
  "cnr": 3.9173643201515325,
  "efc": 0.6334971150463703,
  "fber": 5870.006794951496,
  "fwhm_avg": 4.032027142857143,
  "fwhm_x": 3.78103,
  "fwhm_y": 4.1936228571428575,
  "fwhm_z": 4.121428571428572,
  "icvs_csf": 0.20117105324632728,
  "icvs_gm": 0.4582478672077121,
  "icvs_wm": 0.3405810795459606,
  "inu_med": 0.5732995271682739,
  "inu_range": 0.19988029003143304,
  "provenance": {
    "md5sum": "31c934061fb6d1f5ca1978d37b2e4bd8",
    "settings": {
      "testing": false
    },
    "software": "mriqc",
    "version": "23.0.1",
    "warnings": {
      "large_rot_frame": true,
      "small_air_mask": false
    },
    "webapi_port": null,
    "webapi_url": "https://mriqc.nimh.nih.gov/api/v1"
  },
  "qi_1": 0.0,
  "qi_2": 0.0003017998236733971,
  "rpve_csf": 18.212461108679378,
  "rpve_gm": 8.658630274313365,
  "rpve_wm": 13.04081094293777,
  "size_x": 166,
  "size_y": 256,
  "size_z": 256,
  "snr_csf": 2.395487360698358,
  "snr_gm": 11.065805951331885,
  "snr_total": 11.04346865695134,
  "snr_wm": 19.669112658823778,
  "snrd_csf": 24.62696024005616,
  "snrd_gm": 67.58885408231771,
  "snrd_total": 63.712773550450855,
  "snrd_wm": 98.92250632897868,
  "spacing_x": 1.0,
  "spacing_y": 0.875,
  "spacing_z": 0.875,
  "summary_bg_k": 9.939957660258461,
  "summary_bg_mad": 6.6230447796739425,
  "summary_bg_mean": 8.387589450419888,
  "summary_bg_median": 4.46717581897974,
  "summary_bg_n": 2413346.0,
  "summary_bg_p05": 0.0,
  "summary_bg_p95": 32.11187255382538,
  "summary_bg_stdv": 11.869644449715329,
  "summary_csf_k": 1.1355676338180274,
  "summary_csf_mad": 87.68335371350936,
  "summary_csf_mean": 256.30476374891384,
  "summary_csf_median": 248.9641248099506,
  "summary_csf_n": 37605.0,
  "summary_csf_p05": 94.46458315178752,
  "summary_csf_p95": 446.80822024792417,
  "summary_csf_stdv": 103.92908709082397,
  "summary_gm_k": 0.11876876800784242,
  "summary_gm_mad": 61.09518843858643,
  "summary_gm_mean": 682.8284045480427,
  "summary_gm_median": 683.2836752682924,
  "summary_gm_n": 62516.0,
  "summary_gm_p05": 579.7617312893271,
  "summary_gm_p95": 783.1153435707092,
  "summary_gm_stdv": 61.746809349553374,
  "summary_wm_k": 0.19266113928900275,
  "summary_wm_mad": 49.79281854283851,
  "summary_wm_mean": 1001.122617556654,
  "summary_wm_median": 1000.0485229250044,
  "summary_wm_n": 266862.0,
  "summary_wm_p05": 919.5260602459311,
  "summary_wm_p95": 1086.365365833044,
  "summary_wm_stdv": 50.84350608750698,
  "tpm_overlap_csf": 0.16240457368078115,
  "tpm_overlap_gm": 0.45455141516008607,
  "tpm_overlap_wm": 0.4867444046526904,
  "wm2max": 0.564367921081476
}