{
  "bids_meta": {
    "AcquisitionMatrixPE": 256,
    "AcquisitionNumber": 1,
    "AcquisitionTime": "11:35:37.632500",
    "BaseResolution": 256,
    "BodyPartExamined": "BRAIN",
    "ConsistencyInfo": "N4_VD13D_LATEST_20130810",
    "ConversionSoftware": "dcm2niix",
    "ConversionSoftwareVersion": "v1.0.20181125  GCC5.4.0",
    "DeviceSerialNumber": "66020",
    "DwellTime": 9.8e-06,
    "EchoTime": 0.0023,
    "FlipAngle": 8,
    "ImageOrientationPatientDICOM": [
      -0.00867328,
      0.999962,
      5.47592e-08,
      0.00707912,
      6.14563e-05,
      -0.999975
    ],
    "ImageType": [
      "ORIGINAL",
      "PRIMARY",
      "M",
      "ND",
      "NORM"
    ],
    "ImagingFrequency": 123.262,
    "InPlanePhaseEncodingDirectionDICOM": "ROW",
    "InstitutionAddress": "Fanglan_Rd._49_Taipei_Da_An_TW_10672",
    "InstitutionName": "NTU_NCSC",
    "InstitutionalDepartmentName": "Department",
    "InversionTime": 0.9,
    "MRAcquisitionType": "3D",
    "MagneticFieldStrength": 3,
    "Manufacturer": "Siemens",
    "ManufacturersModelName": "Prisma",
    "Modality": "MR",
    "PartialFourier": 1,
    "PatientPosition": "HFS",
    "PercentPhaseFOV": 100,
    "PhaseEncodingSteps": 255,
    "PhaseResolution": 1,
    "PixelBandwidth": 200,
    "ProcedureStepDescription": "NTU_Brain",
    "ProtocolName": "t1_mprage_sag_p2_iso",
    "PulseSequenceDetails": "%SiemensSeq%_tfl",
    "ReceiveCoilActiveElements": "HE1-4",
    "ReceiveCoilName": "HeadNeck_20",
    "ReconMatrixPE": 256,
    "RepetitionTime": 2,
    "SAR": 0.0620941,
    "ScanOptions": "IR",
    "ScanningSequence": "GR_IR",
    "SequenceName": "_tfl3d1_16ns",
    "SequenceVariant": "SK_SP_MP",
    "SeriesDescription": "t1_mprage_sag_p2_iso",
    "SeriesNumber": 2,
    "ShimSetting": [
      -3014,
      -3755,
      -5732,
      89,
      -93,
      18,
      -54,
      32
    ],
    "SliceThickness": 0.94,
    "SoftwareVersions": "syngo_MR_D13D",
    "StationName": "AWP66020",
    "TxRefAmp": 240.656,
    "dataset": "ds004103",
    "modality": "T1w",
    "subject_id": "s48B"
  },
  "cjv": 0.35119830576302036,
  "cnr": 3.89555291793069,
  "efc": 0.555061146228549,
  "fber": -1.0,
  "fwhm_avg": 4.407230065136844,
  "fwhm_x": 4.342180862077197,
  "fwhm_y": 4.3912640000000005,
  "fwhm_z": 4.488245333333333,
  "icvs_csf": 0.21490858885304334,
  "icvs_gm": 0.4433133792135064,
  "icvs_wm": 0.34177803193345024,
  "inu_med": 0.5377587676048279,
  "inu_range": 0.23154565095901491,
  "provenance": {
    "md5sum": "32989769bdcc7d764112b25d66c32c17",
    "settings": {
      "testing": false
    },
    "software": "mriqc",
    "version": "23.0.1",
    "warnings": {
      "large_rot_frame": true,
      "small_air_mask": false
    },
    "webapi_port": null,
    "webapi_url": "https://mriqc.nimh.nih.gov/api/v1"
  },
  "qi_1": 0.0,
  "qi_2": 0.010558289774599728,
  "rpve_csf": 21.893404272103357,
  "rpve_gm": 11.080474930497866,
  "rpve_wm": 16.048181542385258,
  "size_x": 192,
  "size_y": 256,
  "size_z": 256,
  "snr_csf": 2.352067407678551,
  "snr_gm": 13.67547191742196,
  "snr_total": 13.179958063123713,
  "snr_wm": 23.51233486427063,
  "snrd_csf": 22.483940985114934,
  "snrd_gm": 59.8181931694852,
  "snrd_total": 54.67814628894431,
  "snrd_wm": 81.73230471223282,
  "spacing_x": 0.9399999976158142,
  "spacing_y": 0.9375,
  "spacing_z": 0.9375,
  "summary_bg_k": 25.727589811514196,
  "summary_bg_mad": 0.0,
  "summary_bg_mean": 4.045647564073454,
  "summary_bg_median": 0.0,
  "summary_bg_n": 3400874.0,
  "summary_bg_p05": 0.0,
  "summary_bg_p95": 17.897377748042345,
  "summary_bg_stdv": 8.015636270123617,
  "summary_csf_k": 1.4959686988396337,
  "summary_csf_mad": 102.04196264757132,
  "summary_csf_mean": 288.4640096678866,
  "summary_csf_median": 275.0924736522138,
  "summary_csf_n": 62867.0,
  "summary_csf_p05": 106.54678824208678,
  "summary_csf_p95": 504.6550385914743,
  "summary_csf_stdv": 116.95680355629686,
  "summary_gm_k": 0.10958484297155424,
  "summary_gm_mad": 52.817272821905355,
  "summary_gm_mean": 730.3542132928741,
  "summary_gm_median": 731.8794662952423,
  "summary_gm_n": 51632.0,
  "summary_gm_p05": 639.3742549419403,
  "summary_gm_p95": 815.6039095396175,
  "summary_gm_stdv": 53.51715708388691,
  "summary_wm_k": 0.26247805330893037,
  "summary_wm_mad": 41.34621834268486,
  "summary_wm_mean": 1000.1076394485082,
  "summary_wm_median": 1000.0000398270786,
  "summary_wm_n": 236997.0,
  "summary_wm_p05": 930.323550209403,
  "summary_wm_p95": 1069.8890873752534,
  "summary_wm_stdv": 42.53077951917996,
  "tpm_overlap_csf": 0.13948856999481435,
  "tpm_overlap_gm": 0.4662803507359237,
  "tpm_overlap_wm": 0.5034464220540753,
  "wm2max": 0.4420075787679548
}