{
  "bids_meta": {
    "AcquisitionMatrixPE": 256,
    "AcquisitionNumber": 1,
    "AcquisitionTime": "10:35:12.635000",
    "BaseResolution": 256,
    "BodyPartExamined": "BRAIN",
    "ConsistencyInfo": "N4_VD13D_LATEST_20130810",
    "ConversionSoftware": "dcm2niix",
    "ConversionSoftwareVersion": "v1.0.20181125  GCC5.4.0",
    "DeviceSerialNumber": "66020",
    "DwellTime": 9.8e-06,
    "EchoTime": 0.0023,
    "FlipAngle": 8,
    "ImageOrientationPatientDICOM": [
      -0.0400554,
      0.999197,
      -3.37316e-08,
      -0.00167367,
      -6.71272e-05,
      -0.999999
    ],
    "ImageType": [
      "ORIGINAL",
      "PRIMARY",
      "M",
      "ND",
      "NORM"
    ],
    "ImagingFrequency": 123.262,
    "InPlanePhaseEncodingDirectionDICOM": "ROW",
    "InstitutionAddress": "Fanglan_Rd._49_Taipei_Da_An_TW_10672",
    "InstitutionName": "NTU_NCSC",
    "InstitutionalDepartmentName": "Department",
    "InversionTime": 0.9,
    "MRAcquisitionType": "3D",
    "MagneticFieldStrength": 3,
    "Manufacturer": "Siemens",
    "ManufacturersModelName": "Prisma",
    "Modality": "MR",
    "PartialFourier": 1,
    "PatientPosition": "HFS",
    "PercentPhaseFOV": 100,
    "PhaseEncodingSteps": 255,
    "PhaseResolution": 1,
    "PixelBandwidth": 200,
    "ProcedureStepDescription": "NTU_Brain",
    "ProtocolName": "t1_mprage_sag_p2_iso",
    "PulseSequenceDetails": "%SiemensSeq%_tfl",
    "ReceiveCoilActiveElements": "HE1-4",
    "ReceiveCoilName": "HeadNeck_20",
    "ReconMatrixPE": 256,
    "RepetitionTime": 2,
    "SAR": 0.0718885,
    "ScanOptions": "IR",
    "ScanningSequence": "GR_IR",
    "SequenceName": "_tfl3d1_16ns",
    "SequenceVariant": "SK_SP_MP",
    "SeriesDescription": "t1_mprage_sag_p2_iso",
    "SeriesNumber": 2,
    "ShimSetting": [
      -3014,
      -3755,
      -5732,
      89,
      -93,
      18,
      -54,
      32
    ],
    "SliceThickness": 0.94,
    "SoftwareVersions": "syngo_MR_D13D",
    "StationName": "AWP66020",
    "TxRefAmp": 256.448,
    "dataset": "ds004103",
    "modality": "T1w",
    "subject_id": "s50B"
  },
  "cjv": 0.3543877489102479,
  "cnr": 3.8380443776849362,
  "efc": 0.5889540531388296,
  "fber": 12597.390022675736,
  "fwhm_avg": 4.515441308864232,
  "fwhm_x": 4.612531926592695,
  "fwhm_y": 4.456416,
  "fwhm_z": 4.4773760000000005,
  "icvs_csf": 0.21250662671088397,
  "icvs_gm": 0.43043298300963695,
  "icvs_wm": 0.35706039027947906,
  "inu_med": 0.5447876453399658,
  "inu_range": 0.249481999874115,
  "provenance": {
    "md5sum": "9476cc2ae8b7c497c8e3afbc379836af",
    "settings": {
      "testing": false
    },
    "software": "mriqc",
    "version": "23.0.1",
    "warnings": {
      "large_rot_frame": true,
      "small_air_mask": false
    },
    "webapi_port": null,
    "webapi_url": "https://mriqc.nimh.nih.gov/api/v1"
  },
  "qi_1": 0.0,
  "qi_2": 0.01225893367894845,
  "rpve_csf": 19.988729811987238,
  "rpve_gm": 10.388823337244038,
  "rpve_wm": 14.443375557703103,
  "size_x": 192,
  "size_y": 256,
  "size_z": 256,
  "snr_csf": 2.9108840718701603,
  "snr_gm": 12.922230816338379,
  "snr_total": 13.196832826656653,
  "snr_wm": 23.757383591761418,
  "snrd_csf": 25.076238574466977,
  "snrd_gm": 64.66763761457243,
  "snrd_total": 59.504341699807775,
  "snrd_wm": 88.76914891038392,
  "spacing_x": 0.9399999976158142,
  "spacing_y": 0.9375,
  "spacing_z": 0.9375,
  "summary_bg_k": 11.293026656596814,
  "summary_bg_mad": 0.0,
  "summary_bg_mean": 4.631267044972545,
  "summary_bg_median": 0.0,
  "summary_bg_n": 2586584.0,
  "summary_bg_p05": 0.0,
  "summary_bg_p95": 19.060444235801697,
  "summary_bg_stdv": 7.380226153485758,
  "summary_csf_k": 1.047843547016841,
  "summary_csf_mad": 84.70037981359023,
  "summary_csf_mean": 291.8202248565932,
  "summary_csf_median": 282.48821429908276,
  "summary_csf_n": 65633.0,
  "summary_csf_p05": 148.75433653593063,
  "summary_csf_p95": 469.74671997874947,
  "summary_csf_stdv": 97.04476553770218,
  "summary_gm_k": 0.08833692388743142,
  "summary_gm_mad": 55.750204664248876,
  "summary_gm_mean": 727.2513371268786,
  "summary_gm_median": 728.4922504797578,
  "summary_gm_n": 59133.0,
  "summary_gm_p05": 632.340596459806,
  "summary_gm_p95": 818.2213635072109,
  "summary_gm_stdv": 56.37463848386811,
  "summary_wm_k": 0.35276418653676656,
  "summary_wm_mad": 40.468812476665505,
  "summary_wm_mean": 1000.5203396036975,
  "summary_wm_median": 999.9999914690852,
  "summary_wm_n": 288321.0,
  "summary_wm_p05": 932.2007482498884,
  "summary_wm_p95": 1070.3371742740273,
  "summary_wm_stdv": 42.09210384750241,
  "tpm_overlap_csf": 0.16718930825614697,
  "tpm_overlap_gm": 0.44992775043661154,
  "tpm_overlap_wm": 0.49787821452824416,
  "wm2max": 0.405655736446846
}