{
  "aor": 0.001973890577507599,
  "aqi": 0.00888625273556231,
  "bids_meta": {
    "AcquisitionMatrixPE": 64,
    "AcquisitionNumber": 1,
    "AcquisitionTime": "11:50:0.102500",
    "BandwidthPerPixelPhaseEncode": 31.888,
    "BaseResolution": 64,
    "BodyPartExamined": "BRAIN",
    "ConsistencyInfo": "N4_VD13D_LATEST_20130810",
    "ConversionSoftware": "dcm2niix",
    "ConversionSoftwareVersion": "v1.0.20181125  GCC5.4.0",
    "DerivedVendorReportedEchoSpacing": 0.000489996,
    "DeviceSerialNumber": "66020",
    "DwellTime": 3.3e-06,
    "EchoTime": 0.024,
    "EchoTrainLength": 64,
    "EffectiveEchoSpacing": 0.000489996,
    "FlipAngle": 87,
    "ImageOrientationPatientDICOM": [
      0.99844,
      -0.0552527,
      0.008074,
      0.0558214,
      0.991303,
      -0.119176
    ],
    "ImageType": [
      "ORIGINAL",
      "PRIMARY",
      "M",
      "ND",
      "NORM",
      "MOSAIC"
    ],
    "ImagingFrequency": 123.262,
    "InPlanePhaseEncodingDirectionDICOM": "COL",
    "InstitutionAddress": "Fanglan_Rd._49_Taipei_Da_An_TW_10672",
    "InstitutionName": "NTU_NCSC",
    "InstitutionalDepartmentName": "Department",
    "MRAcquisitionType": "2D",
    "MagneticFieldStrength": 3,
    "Manufacturer": "Siemens",
    "ManufacturersModelName": "Prisma",
    "PartialFourier": 1,
    "PatientPosition": "HFS",
    "PercentPhaseFOV": 100,
    "PhaseEncodingDirection": "j-",
    "PhaseEncodingSteps": 64,
    "PhaseResolution": 1,
    "PixelBandwidth": 2365,
    "ProcedureStepDescription": "NTU_Brain",
    "ProtocolName": "ep2d_bold_64x64_3mm_iso_330TR",
    "PulseSequenceDetails": "%SiemensSeq%_ep2d_bold",
    "ReceiveCoilActiveElements": "HE1-4",
    "ReceiveCoilName": "HeadNeck_20",
    "ReconMatrixPE": 64,
    "RepetitionTime": 2,
    "SAR": 0.128792,
    "ScanOptions": "FS",
    "ScanningSequence": "EP",
    "SequenceName": "_epfid2d1_64",
    "SequenceVariant": "SK",
    "SeriesDescription": "ep2d_bold_64x64_3mm_iso_330TR",
    "SeriesNumber": 3,
    "ShimSetting": [
      -3003,
      -3801,
      -5525,
      330,
      -86,
      71,
      -91,
      44
    ],
    "SliceThickness": 3,
    "SliceTiming": [
      0.99,
      0,
      1.045,
      0.055,
      1.1,
      0.11,
      1.155,
      0.165,
      1.21,
      0.22,
      1.265,
      0.275,
      1.32,
      0.33,
      1.375,
      0.385,
      1.43,
      0.44,
      1.485,
      0.495,
      1.54,
      0.55,
      1.595,
      0.605,
      1.65,
      0.66,
      1.705,
      0.715,
      1.76,
      0.77,
      1.815,
      0.825,
      1.87,
      0.88,
      1.925,
      0.935
    ],
    "SoftwareVersions": "syngo_MR_D13D",
    "SpacingBetweenSlices": 3,
    "StationName": "AWP66020",
    "TaskName": "OTCG",
    "TotalReadoutTime": 0.0308698,
    "TxRefAmp": 290.091,
    "VendorReportedEchoSpacing": 0.00049,
    "dataset": "ds004103",
    "modality": "bold",
    "run_id": 1,
    "subject_id": "s66B",
    "task_id": "OTCG"
  },
  "dummy_trs": 1,
  "dvars_nstd": 19.35749410996953,
  "dvars_std": 1.1020812339939032,
  "dvars_vstd": 0.9801860513109761,
  "efc": 0.6568307289366017,
  "fber": 452.3824768066406,
  "fd_mean": 0.11587436025816325,
  "fd_num": 40,
  "fd_perc": 12.158054711246201,
  "fwhm_avg": 1.8582599999999998,
  "fwhm_x": 1.80429,
  "fwhm_y": 1.92971,
  "fwhm_z": 1.8407799999999999,
  "gcor": 0.0300584,
  "gsr_x": 0.00947153102606535,
  "gsr_y": 0.03479582071304321,
  "provenance": {
    "md5sum": "13edbaa7f311c7c81eeac11c77138c24",
    "settings": {
      "fd_thres": 0.2,
      "testing": false
    },
    "software": "mriqc",
    "version": "23.0.1",
    "webapi_port": null,
    "webapi_url": "https://mriqc.nimh.nih.gov/api/v1"
  },
  "size_t": 329,
  "size_x": 64,
  "size_y": 64,
  "size_z": 36,
  "snr": 7.629832885366485,
  "spacing_tr": 2.0,
  "spacing_x": 3.0,
  "spacing_y": 3.0,
  "spacing_z": 3.0,
  "summary_bg_k": 10.779788961065343,
  "summary_bg_mad": 29.949465197850888,
  "summary_bg_mean": 81.2173843383789,
  "summary_bg_median": 36.89361572265625,
  "summary_bg_n": 70243.0,
  "summary_bg_p05": 12.118844795227051,
  "summary_bg_p95": 322.22583923339744,
  "summary_bg_stdv": 109.39160919189453,
  "summary_fg_k": 1.7915631157112424,
  "summary_fg_mad": 99.97420949723941,
  "summary_fg_mean": 806.8981323242188,
  "summary_fg_median": 801.6748046875,
  "summary_fg_n": 42507.0,
  "summary_fg_p05": 655.8021301269531,
  "summary_fg_p95": 979.1359008789061,
  "summary_fg_stdv": 105.0698471069336,
  "tsnr": 71.97697157971561
}