{
  "aor": 0.005402181818181818,
  "aqi": 0.013792658303030303,
  "bids_meta": {
    "AcquisitionMatrixPE": 64,
    "AcquisitionNumber": 1,
    "AcquisitionTime": "12:23:39.087500",
    "BandwidthPerPixelPhaseEncode": 31.888,
    "BaseResolution": 64,
    "BodyPartExamined": "BRAIN",
    "ConsistencyInfo": "N4_VD13D_LATEST_20130810",
    "ConversionSoftware": "dcm2niix",
    "ConversionSoftwareVersion": "v1.0.20181125  GCC5.4.0",
    "DerivedVendorReportedEchoSpacing": 0.000489996,
    "DeviceSerialNumber": "66020",
    "DwellTime": 3.3e-06,
    "EchoTime": 0.024,
    "EchoTrainLength": 64,
    "EffectiveEchoSpacing": 0.000489996,
    "FlipAngle": 87,
    "ImageOrientationPatientDICOM": [
      0.99844,
      -0.0552527,
      0.008074,
      0.0558214,
      0.991303,
      -0.119176
    ],
    "ImageType": [
      "ORIGINAL",
      "PRIMARY",
      "M",
      "ND",
      "NORM",
      "MOSAIC"
    ],
    "ImagingFrequency": 123.262,
    "InPlanePhaseEncodingDirectionDICOM": "COL",
    "InstitutionAddress": "Fanglan_Rd._49_Taipei_Da_An_TW_10672",
    "InstitutionName": "NTU_NCSC",
    "InstitutionalDepartmentName": "Department",
    "MRAcquisitionType": "2D",
    "MagneticFieldStrength": 3,
    "Manufacturer": "Siemens",
    "ManufacturersModelName": "Prisma",
    "PartialFourier": 1,
    "PatientPosition": "HFS",
    "PercentPhaseFOV": 100,
    "PhaseEncodingDirection": "j-",
    "PhaseEncodingSteps": 64,
    "PhaseResolution": 1,
    "PixelBandwidth": 2365,
    "ProcedureStepDescription": "NTU_Brain",
    "ProtocolName": "ep2d_bold_64x64_3mm_iso_330TR",
    "PulseSequenceDetails": "%SiemensSeq%_ep2d_bold",
    "ReceiveCoilActiveElements": "HE1-4",
    "ReceiveCoilName": "HeadNeck_20",
    "ReconMatrixPE": 64,
    "RepetitionTime": 2,
    "SAR": 0.128792,
    "ScanOptions": "FS",
    "ScanningSequence": "EP",
    "SequenceName": "_epfid2d1_64",
    "SequenceVariant": "SK",
    "SeriesDescription": "ep2d_bold_64x64_3mm_iso_330TR",
    "SeriesNumber": 7,
    "ShimSetting": [
      -3003,
      -3801,
      -5525,
      330,
      -86,
      71,
      -91,
      44
    ],
    "SliceThickness": 3,
    "SliceTiming": [
      0.99,
      0,
      1.045,
      0.055,
      1.1,
      0.11,
      1.155,
      0.165,
      1.21,
      0.22,
      1.265,
      0.275,
      1.32,
      0.33,
      1.375,
      0.385,
      1.43,
      0.44,
      1.485,
      0.495,
      1.54,
      0.55,
      1.595,
      0.605,
      1.65,
      0.66,
      1.705,
      0.715,
      1.76,
      0.77,
      1.815,
      0.825,
      1.87,
      0.88,
      1.925,
      0.935
    ],
    "SoftwareVersions": "syngo_MR_D13D",
    "SpacingBetweenSlices": 3,
    "StationName": "AWP66020",
    "TaskName": "OTCG",
    "TotalReadoutTime": 0.0308698,
    "TxRefAmp": 290.091,
    "VendorReportedEchoSpacing": 0.00049,
    "dataset": "ds004103",
    "modality": "bold",
    "run_id": 3,
    "subject_id": "s66B",
    "task_id": "OTCG"
  },
  "dummy_trs": 0,
  "dvars_nstd": 20.9389659131611,
  "dvars_std": 1.1016772504863221,
  "dvars_vstd": 0.9996598412462012,
  "efc": 0.656275413863121,
  "fber": 460.3163757324219,
  "fd_mean": 0.173067693763806,
  "fd_num": 73,
  "fd_perc": 22.12121212121212,
  "fwhm_avg": 1.8015666666666668,
  "fwhm_x": 1.74716,
  "fwhm_y": 1.8619466666666666,
  "fwhm_z": 1.7955933333333334,
  "gcor": 0.0818136,
  "gsr_x": 0.01291558425873518,
  "gsr_y": 0.03442563861608505,
  "provenance": {
    "md5sum": "7226fb7616a4c9f54deb4e12e98f8d70",
    "settings": {
      "fd_thres": 0.2,
      "testing": false
    },
    "software": "mriqc",
    "version": "23.0.1",
    "webapi_port": null,
    "webapi_url": "https://mriqc.nimh.nih.gov/api/v1"
  },
  "size_t": 330,
  "size_x": 64,
  "size_y": 64,
  "size_z": 36,
  "snr": 7.7153285286032345,
  "spacing_tr": 2.0,
  "spacing_x": 3.0,
  "spacing_y": 3.0,
  "spacing_z": 3.0,
  "summary_bg_k": 11.159094585859185,
  "summary_bg_mad": 29.020814078335725,
  "summary_bg_mean": 82.55877685546875,
  "summary_bg_median": 36.75,
  "summary_bg_n": 70568.0,
  "summary_bg_p05": 13.151515007019043,
  "summary_bg_p95": 321.1998504638671,
  "summary_bg_stdv": 111.66085815429688,
  "summary_fg_k": 2.2814408434781273,
  "summary_fg_mad": 99.6398457766963,
  "summary_fg_mean": 819.369384765625,
  "summary_fg_median": 812.802978515625,
  "summary_fg_n": 42283.0,
  "summary_fg_p05": 671.0978332519531,
  "summary_fg_p95": 991.3284423828126,
  "summary_fg_stdv": 105.34786224365234,
  "tsnr": 60.64853394404054
}