{
  "aor": 0.002266,
  "aqi": 0.012822019848484849,
  "bids_meta": {
    "AcquisitionMatrixPE": 64,
    "AcquisitionNumber": 1,
    "AcquisitionTime": "12:38:55.760000",
    "BandwidthPerPixelPhaseEncode": 31.888,
    "BaseResolution": 64,
    "BodyPartExamined": "BRAIN",
    "ConsistencyInfo": "N4_VD13D_LATEST_20130810",
    "ConversionSoftware": "dcm2niix",
    "ConversionSoftwareVersion": "v1.0.20181125  GCC5.4.0",
    "DerivedVendorReportedEchoSpacing": 0.000489996,
    "DeviceSerialNumber": "66020",
    "DwellTime": 3.3e-06,
    "EchoTime": 0.024,
    "EchoTrainLength": 64,
    "EffectiveEchoSpacing": 0.000489996,
    "FlipAngle": 87,
    "ImageOrientationPatientDICOM": [
      0.99844,
      -0.0552527,
      0.008074,
      0.0558214,
      0.991303,
      -0.119176
    ],
    "ImageType": [
      "ORIGINAL",
      "PRIMARY",
      "M",
      "ND",
      "NORM",
      "MOSAIC"
    ],
    "ImagingFrequency": 123.262,
    "InPlanePhaseEncodingDirectionDICOM": "COL",
    "InstitutionAddress": "Fanglan_Rd._49_Taipei_Da_An_TW_10672",
    "InstitutionName": "NTU_NCSC",
    "InstitutionalDepartmentName": "Department",
    "MRAcquisitionType": "2D",
    "MagneticFieldStrength": 3,
    "Manufacturer": "Siemens",
    "ManufacturersModelName": "Prisma",
    "PartialFourier": 1,
    "PatientPosition": "HFS",
    "PercentPhaseFOV": 100,
    "PhaseEncodingDirection": "j-",
    "PhaseEncodingSteps": 64,
    "PhaseResolution": 1,
    "PixelBandwidth": 2365,
    "ProcedureStepDescription": "NTU_Brain",
    "ProtocolName": "ep2d_bold_64x64_3mm_iso_330TR",
    "PulseSequenceDetails": "%SiemensSeq%_ep2d_bold",
    "ReceiveCoilActiveElements": "HE1-4",
    "ReceiveCoilName": "HeadNeck_20",
    "ReconMatrixPE": 64,
    "RepetitionTime": 2,
    "SAR": 0.128792,
    "ScanOptions": "FS",
    "ScanningSequence": "EP",
    "SequenceName": "_epfid2d1_64",
    "SequenceVariant": "SK",
    "SeriesDescription": "ep2d_bold_64x64_3mm_iso_330TR",
    "SeriesNumber": 9,
    "ShimSetting": [
      -3003,
      -3801,
      -5525,
      330,
      -86,
      71,
      -91,
      44
    ],
    "SliceThickness": 3,
    "SliceTiming": [
      0.99,
      0,
      1.045,
      0.055,
      1.1,
      0.11,
      1.155,
      0.165,
      1.21,
      0.22,
      1.265,
      0.275,
      1.32,
      0.33,
      1.375,
      0.385,
      1.43,
      0.44,
      1.485,
      0.495,
      1.54,
      0.55,
      1.595,
      0.605,
      1.65,
      0.66,
      1.705,
      0.715,
      1.76,
      0.77,
      1.815,
      0.825,
      1.87,
      0.88,
      1.925,
      0.935
    ],
    "SoftwareVersions": "syngo_MR_D13D",
    "SpacingBetweenSlices": 3,
    "StationName": "AWP66020",
    "TaskName": "OTCG",
    "TotalReadoutTime": 0.0308698,
    "TxRefAmp": 290.091,
    "VendorReportedEchoSpacing": 0.00049,
    "dataset": "ds004103",
    "modality": "bold",
    "run_id": 4,
    "subject_id": "s66B",
    "task_id": "OTCG"
  },
  "dummy_trs": 0,
  "dvars_nstd": 21.59068781255319,
  "dvars_std": 1.1599660413677817,
  "dvars_vstd": 0.9970664767173251,
  "efc": 0.6548692567333317,
  "fber": 476.0853271484375,
  "fd_mean": 0.1684617551391015,
  "fd_num": 86,
  "fd_perc": 26.060606060606062,
  "fwhm_avg": 1.797877777777778,
  "fwhm_x": 1.7510700000000001,
  "fwhm_y": 1.8798733333333333,
  "fwhm_z": 1.76269,
  "gcor": 0.0588994,
  "gsr_x": 0.015798065811395645,
  "gsr_y": 0.035417795181274414,
  "provenance": {
    "md5sum": "31be9a5b1e4d18caa1bad3cac9e8cfcc",
    "settings": {
      "fd_thres": 0.2,
      "testing": false
    },
    "software": "mriqc",
    "version": "23.0.1",
    "webapi_port": null,
    "webapi_url": "https://mriqc.nimh.nih.gov/api/v1"
  },
  "size_t": 330,
  "size_x": 64,
  "size_y": 64,
  "size_z": 36,
  "snr": 7.7387594513668905,
  "spacing_tr": 2.0,
  "spacing_x": 3.0,
  "spacing_y": 3.0,
  "spacing_z": 3.0,
  "summary_bg_k": 11.833017995802166,
  "summary_bg_mad": 28.91298856527493,
  "summary_bg_mean": 81.34056854248047,
  "summary_bg_median": 36.20302963256836,
  "summary_bg_n": 70664.0,
  "summary_bg_p05": 12.678787231445312,
  "summary_bg_p95": 308.1830276489257,
  "summary_bg_stdv": 109.40411376953125,
  "summary_fg_k": 2.1257452670826593,
  "summary_fg_mad": 99.79259434510679,
  "summary_fg_mean": 818.734130859375,
  "summary_fg_median": 812.2151489257812,
  "summary_fg_n": 42141.0,
  "summary_fg_p05": 670.8696899414062,
  "summary_fg_p95": 990.6454467773438,
  "summary_fg_stdv": 104.95293426513672,
  "tsnr": 61.64980747830123
}