{
  "aor": 0.0042112727272727276,
  "aqi": 0.011697087666666668,
  "bids_meta": {
    "AcquisitionMatrixPE": 64,
    "AcquisitionNumber": 1,
    "AcquisitionTime": "10:41:10.545000",
    "BandwidthPerPixelPhaseEncode": 31.888,
    "BaseResolution": 64,
    "BodyPartExamined": "BRAIN",
    "ConsistencyInfo": "N4_VD13D_LATEST_20130810",
    "ConversionSoftware": "dcm2niix",
    "ConversionSoftwareVersion": "v1.0.20181125  GCC5.4.0",
    "DerivedVendorReportedEchoSpacing": 0.000489996,
    "DeviceSerialNumber": "66020",
    "DwellTime": 3.3e-06,
    "EchoTime": 0.024,
    "EchoTrainLength": 64,
    "EffectiveEchoSpacing": 0.000489996,
    "FlipAngle": 87,
    "ImageOrientationPatientDICOM": [
      0.999501,
      0.0207666,
      0.0237994,
      -0.0174463,
      0.991084,
      -0.132095
    ],
    "ImageType": [
      "ORIGINAL",
      "PRIMARY",
      "M",
      "ND",
      "NORM",
      "MOSAIC"
    ],
    "ImagingFrequency": 123.262,
    "InPlanePhaseEncodingDirectionDICOM": "COL",
    "InstitutionAddress": "Fanglan_Rd._49_Taipei_Da_An_TW_10672",
    "InstitutionName": "NTU_NCSC",
    "InstitutionalDepartmentName": "Department",
    "MRAcquisitionType": "2D",
    "MagneticFieldStrength": 3,
    "Manufacturer": "Siemens",
    "ManufacturersModelName": "Prisma",
    "PartialFourier": 1,
    "PatientPosition": "HFS",
    "PercentPhaseFOV": 100,
    "PhaseEncodingDirection": "j-",
    "PhaseEncodingSteps": 64,
    "PhaseResolution": 1,
    "PixelBandwidth": 2365,
    "ProcedureStepDescription": "NTU_Brain",
    "ProtocolName": "ep2d_bold_64x64_3mm_iso_330TR",
    "PulseSequenceDetails": "%SiemensSeq%_ep2d_bold",
    "ReceiveCoilActiveElements": "HE1-4",
    "ReceiveCoilName": "HeadNeck_20",
    "ReconMatrixPE": 64,
    "RepetitionTime": 2,
    "SAR": 0.0973278,
    "ScanOptions": "FS",
    "ScanningSequence": "EP",
    "SequenceName": "_epfid2d1_64",
    "SequenceVariant": "SK",
    "SeriesDescription": "ep2d_bold_64x64_3mm_iso_330TR",
    "SeriesNumber": 3,
    "ShimSetting": [
      -3009,
      -3802,
      -5529,
      483,
      -69,
      -35,
      -130,
      -32
    ],
    "SliceThickness": 3,
    "SliceTiming": [
      0.99,
      0,
      1.045,
      0.055,
      1.1,
      0.11,
      1.155,
      0.165,
      1.21,
      0.22,
      1.265,
      0.275,
      1.32,
      0.33,
      1.375,
      0.385,
      1.43,
      0.44,
      1.485,
      0.495,
      1.54,
      0.55,
      1.595,
      0.605,
      1.65,
      0.66,
      1.705,
      0.715,
      1.76,
      0.77,
      1.815,
      0.825,
      1.87,
      0.88,
      1.925,
      0.935
    ],
    "SoftwareVersions": "syngo_MR_D13D",
    "SpacingBetweenSlices": 3,
    "StationName": "AWP66020",
    "TaskName": "OTCG",
    "TotalReadoutTime": 0.0308698,
    "TxRefAmp": 250.699,
    "VendorReportedEchoSpacing": 0.00049,
    "dataset": "ds004103",
    "modality": "bold",
    "run_id": 1,
    "subject_id": "s26B",
    "task_id": "OTCG"
  },
  "dummy_trs": 0,
  "dvars_nstd": 21.954240604772025,
  "dvars_std": 1.2744256553799376,
  "dvars_vstd": 1.0211602320668698,
  "efc": 0.6139212474044531,
  "fber": 744.0614013671875,
  "fd_mean": 0.17673882576402725,
  "fd_num": 81,
  "fd_perc": 24.545454545454547,
  "fwhm_avg": 1.6189589316009625,
  "fwhm_x": 1.54247,
  "fwhm_y": 1.7020799999999998,
  "fwhm_z": 1.6123267948028877,
  "gcor": 0.0454021,
  "gsr_x": 0.0016995794139802456,
  "gsr_y": 0.04088916257023811,
  "provenance": {
    "md5sum": "ad3299ec48c82c7450946047b1b87867",
    "settings": {
      "fd_thres": 0.2,
      "testing": false
    },
    "software": "mriqc",
    "version": "23.0.1",
    "webapi_port": null,
    "webapi_url": "https://mriqc.nimh.nih.gov/api/v1"
  },
  "size_t": 330,
  "size_x": 64,
  "size_y": 64,
  "size_z": 36,
  "snr": 8.991822198882776,
  "spacing_tr": 2.0,
  "spacing_x": 3.0,
  "spacing_y": 3.0,
  "spacing_z": 2.999999761581421,
  "summary_bg_k": 17.488028945426866,
  "summary_bg_mad": 19.480492993353028,
  "summary_bg_mean": 67.77954864501953,
  "summary_bg_median": 30.324241638183594,
  "summary_bg_n": 77093.0,
  "summary_bg_p05": 13.87878704071045,
  "summary_bg_p95": 255.4569671630859,
  "summary_bg_stdv": 100.90243530273438,
  "summary_fg_k": 4.952490968573885,
  "summary_fg_mad": 80.74340905967559,
  "summary_fg_mean": 853.8040161132812,
  "summary_fg_median": 848.816650390625,
  "summary_fg_n": 37016.0,
  "summary_fg_p05": 727.8159027099609,
  "summary_fg_p95": 1004.8931427001953,
  "summary_fg_stdv": 94.3974609375,
  "tsnr": 75.49875823408365
}