{
  "aor": 0.008055727272727272,
  "aqi": 0.01641959024242424,
  "bids_meta": {
    "AcquisitionMatrixPE": 64,
    "AcquisitionNumber": 1,
    "AcquisitionTime": "11:12:13.857500",
    "BandwidthPerPixelPhaseEncode": 31.888,
    "BaseResolution": 64,
    "BodyPartExamined": "BRAIN",
    "ConsistencyInfo": "N4_VD13D_LATEST_20130810",
    "ConversionSoftware": "dcm2niix",
    "ConversionSoftwareVersion": "v1.0.20181125  GCC5.4.0",
    "DerivedVendorReportedEchoSpacing": 0.000489996,
    "DeviceSerialNumber": "66020",
    "DwellTime": 3.3e-06,
    "EchoTime": 0.024,
    "EchoTrainLength": 64,
    "EffectiveEchoSpacing": 0.000489996,
    "FlipAngle": 87,
    "ImageOrientationPatientDICOM": [
      0.999501,
      0.0207666,
      0.0237994,
      -0.0174463,
      0.991084,
      -0.132095
    ],
    "ImageType": [
      "ORIGINAL",
      "PRIMARY",
      "M",
      "ND",
      "NORM",
      "MOSAIC"
    ],
    "ImagingFrequency": 123.262,
    "InPlanePhaseEncodingDirectionDICOM": "COL",
    "InstitutionAddress": "Fanglan_Rd._49_Taipei_Da_An_TW_10672",
    "InstitutionName": "NTU_NCSC",
    "InstitutionalDepartmentName": "Department",
    "MRAcquisitionType": "2D",
    "MagneticFieldStrength": 3,
    "Manufacturer": "Siemens",
    "ManufacturersModelName": "Prisma",
    "PartialFourier": 1,
    "PatientPosition": "HFS",
    "PercentPhaseFOV": 100,
    "PhaseEncodingDirection": "j-",
    "PhaseEncodingSteps": 64,
    "PhaseResolution": 1,
    "PixelBandwidth": 2365,
    "ProcedureStepDescription": "NTU_Brain",
    "ProtocolName": "ep2d_bold_64x64_3mm_iso_330TR",
    "PulseSequenceDetails": "%SiemensSeq%_ep2d_bold",
    "ReceiveCoilActiveElements": "HE1-4",
    "ReceiveCoilName": "HeadNeck_20",
    "ReconMatrixPE": 64,
    "RepetitionTime": 2,
    "SAR": 0.0973278,
    "ScanOptions": "FS",
    "ScanningSequence": "EP",
    "SequenceName": "_epfid2d1_64",
    "SequenceVariant": "SK",
    "SeriesDescription": "ep2d_bold_64x64_3mm_iso_330TR",
    "SeriesNumber": 8,
    "ShimSetting": [
      -3009,
      -3802,
      -5529,
      483,
      -69,
      -35,
      -130,
      -32
    ],
    "SliceThickness": 3,
    "SliceTiming": [
      0.99,
      0,
      1.045,
      0.055,
      1.1,
      0.11,
      1.155,
      0.165,
      1.21,
      0.22,
      1.265,
      0.275,
      1.32,
      0.33,
      1.375,
      0.385,
      1.43,
      0.44,
      1.485,
      0.495,
      1.54,
      0.55,
      1.595,
      0.605,
      1.65,
      0.66,
      1.7025,
      0.715,
      1.7575,
      0.77,
      1.8125,
      0.825,
      1.8675,
      0.88,
      1.9225,
      0.935
    ],
    "SoftwareVersions": "syngo_MR_D13D",
    "SpacingBetweenSlices": 3,
    "StationName": "AWP66020",
    "TaskName": "OTCG",
    "TotalReadoutTime": 0.0308698,
    "TxRefAmp": 250.699,
    "VendorReportedEchoSpacing": 0.00049,
    "dataset": "ds004103",
    "modality": "bold",
    "run_id": 3,
    "subject_id": "s26B",
    "task_id": "OTCG"
  },
  "dummy_trs": 0,
  "dvars_nstd": 20.263701839088146,
  "dvars_std": 1.298511474285715,
  "dvars_vstd": 1.0697757763829794,
  "efc": 0.6166141649166309,
  "fber": 699.0780639648438,
  "fd_mean": 0.17309910875479476,
  "fd_num": 71,
  "fd_perc": 21.515151515151516,
  "fwhm_avg": 1.6229500424008936,
  "fwhm_x": 1.5559066666666668,
  "fwhm_y": 1.7123633333333332,
  "fwhm_z": 1.6005801272026798,
  "gcor": 0.0241652,
  "gsr_x": -0.0012218457413837314,
  "gsr_y": 0.04274755343794823,
  "provenance": {
    "md5sum": "f0c7a839517c2665d0918d68cb93abf5",
    "settings": {
      "fd_thres": 0.2,
      "testing": false
    },
    "software": "mriqc",
    "version": "23.0.1",
    "webapi_port": null,
    "webapi_url": "https://mriqc.nimh.nih.gov/api/v1"
  },
  "size_t": 330,
  "size_x": 64,
  "size_y": 64,
  "size_z": 36,
  "snr": 8.990813432804519,
  "spacing_tr": 2.0,
  "spacing_x": 3.0,
  "spacing_y": 3.0,
  "spacing_z": 2.999999761581421,
  "summary_bg_k": 17.36154033233752,
  "summary_bg_mad": 20.711502348050104,
  "summary_bg_mean": 70.49656677246094,
  "summary_bg_median": 31.463634490966797,
  "summary_bg_n": 77067.0,
  "summary_bg_p05": 14.093938827514648,
  "summary_bg_p95": 268.64605102539,
  "summary_bg_stdv": 103.59278106689453,
  "summary_fg_k": 4.223681908191217,
  "summary_fg_mad": 82.29116469598661,
  "summary_fg_mean": 852.8038330078125,
  "summary_fg_median": 846.5166015625,
  "summary_fg_n": 37112.0,
  "summary_fg_p05": 725.8702667236328,
  "summary_fg_p95": 1005.3719360351561,
  "summary_fg_stdv": 94.15223693847656,
  "tsnr": 67.7713817358017
}