{
  "aor": 0.0009495718654434251,
  "aqi": 0.0030858100305810403,
  "bids_meta": {
    "AcquisitionMatrixPE": 64,
    "AcquisitionNumber": 1,
    "AcquisitionTime": "10:40:54.000000",
    "BodyPartExamined": "HEAD",
    "CoilString": "8HRBRAIN",
    "ConversionSoftware": "dcm2niix",
    "ConversionSoftwareVersion": "v1.0.20181125  GCC5.4.0",
    "DeviceSerialNumber": "00000000GEMRGEMR",
    "EchoTime": 0.033,
    "EffectiveEchoSpacing": 0.00042,
    "FlipAngle": 90,
    "ImageOrientationPatientDICOM": [
      0.999347,
      -0.0308969,
      0.0187444,
      0.030425,
      0.999225,
      0.024957
    ],
    "ImageType": [
      "ORIGINAL",
      "PRIMARY",
      "EPI",
      "NONE"
    ],
    "ImagingFrequency": 127.764,
    "InPlanePhaseEncodingDirectionDICOM": "COL",
    "InstitutionName": "NCKU",
    "MRAcquisitionType": "2D",
    "MagneticFieldStrength": 3,
    "Manufacturer": "GE",
    "ManufacturersModelName": "DISCOVERY_MR750",
    "PatientPosition": "HFS",
    "PercentPhaseFOV": 100,
    "PhaseEncodingDirection": "j",
    "PhaseEncodingPolarityGE": "Flipped",
    "PixelBandwidth": 7812.5,
    "ProtocolName": "Run_4",
    "ReconMatrixPE": 64,
    "RepetitionTime": 2,
    "SAR": 0.390772,
    "ScanOptions": "EPI_GEMS_ACC_GEMS",
    "ScanningSequence": "EP_GR",
    "SequenceVariant": "SS",
    "SeriesDescription": "Run_4",
    "SeriesNumber": 14,
    "SliceThickness": 3,
    "SliceTiming": [
      0,
      1,
      0.05,
      1.05,
      0.0999999,
      1.1,
      0.15,
      1.15,
      0.2,
      1.2,
      0.25,
      1.25,
      0.3,
      1.3,
      0.35,
      1.35,
      0.4,
      1.4,
      0.45,
      1.45,
      0.5,
      1.5,
      0.55,
      1.55,
      0.6,
      1.6,
      0.65,
      1.65,
      0.7,
      1.7,
      0.75,
      1.75,
      0.8,
      1.8,
      0.85,
      1.85,
      0.9,
      1.9,
      0.95,
      1.95
    ],
    "SoftwareVersions": "27_LX_MR_Software_release:DV25.1_R02_1649.a",
    "SpacingBetweenSlices": 3,
    "StationName": "GEMRGEMR",
    "TaskName": "OTCG",
    "TotalReadoutTime": 0.02646,
    "dataset": "ds004103",
    "modality": "bold",
    "run_id": 4,
    "subject_id": "s17A",
    "task_id": "OTCG"
  },
  "dummy_trs": 3,
  "dvars_nstd": 13.034746526901838,
  "dvars_std": 1.0678525699386507,
  "dvars_vstd": 0.9793016749079739,
  "efc": 0.4401019029627653,
  "fber": 107451.828125,
  "fd_mean": 0.05197129715686472,
  "fd_num": 6,
  "fd_perc": 1.834862385321101,
  "fwhm_avg": 2.592324920634921,
  "fwhm_x": 2.4540685714285715,
  "fwhm_y": 2.712382857142857,
  "fwhm_z": 2.6105233333333335,
  "gcor": 0.0464709,
  "gsr_x": -0.005190327763557434,
  "gsr_y": 0.011475895531475544,
  "provenance": {
    "md5sum": "e7f6954c9bbfd5006a59a588485ca19d",
    "settings": {
      "fd_thres": 0.2,
      "testing": false
    },
    "software": "mriqc",
    "version": "23.0.1",
    "webapi_port": null,
    "webapi_url": "https://mriqc.nimh.nih.gov/api/v1"
  },
  "size_t": 327,
  "size_x": 64,
  "size_y": 64,
  "size_z": 40,
  "snr": 5.77872225205896,
  "spacing_tr": 2.0,
  "spacing_x": 3.5,
  "spacing_y": 3.5,
  "spacing_z": 3.0,
  "summary_bg_k": 59.3720377921562,
  "summary_bg_mad": 23.45866566031413,
  "summary_bg_mean": 96.30780792236328,
  "summary_bg_median": 16.058103561401367,
  "summary_bg_n": 104917.0,
  "summary_bg_p05": 0.01834862492978573,
  "summary_bg_p95": 437.987158203125,
  "summary_bg_stdv": 238.3301544189453,
  "summary_fg_k": 0.6106830247526527,
  "summary_fg_mad": 801.249130939002,
  "summary_fg_mean": 4858.09619140625,
  "summary_fg_median": 4864.74609375,
  "summary_fg_n": 25884.0,
  "summary_fg_p05": 3451.039514160156,
  "summary_fg_p95": 6217.4786376953125,
  "summary_fg_stdv": 841.8214111328125,
  "tsnr": 88.56803195178509
}