{
  "bids_meta": {
    "AcquisitionMatrixPE": 256,
    "AcquisitionNumber": 1,
    "AcquisitionTime": "12:30:19.300000",
    "BaseResolution": 256,
    "BodyPartExamined": "BRAIN",
    "CoilString": "HE2_4",
    "ConsistencyInfo": "N4_VD13D_LATEST_20130810",
    "ConversionSoftware": "dcm2niix",
    "ConversionSoftwareVersion": "v1.0.20181125  GCC5.4.0",
    "DeviceSerialNumber": "66020",
    "DwellTime": 9.8e-06,
    "EchoTime": 0.0023,
    "FlipAngle": 8,
    "ImageOrientationPatientDICOM": [
      0.0035353,
      0.999994,
      9.23743e-09,
      -0.00862688,
      3.0508e-05,
      -0.999963
    ],
    "ImageType": [
      "ORIGINAL",
      "PRIMARY",
      "M",
      "ND",
      "NORM"
    ],
    "ImagingFrequency": 123.262,
    "InPlanePhaseEncodingDirectionDICOM": "ROW",
    "InstitutionAddress": "Fanglan_Rd._49_Taipei_Da_An_TW_10672",
    "InstitutionName": "NTU_NCSC",
    "InstitutionalDepartmentName": "Department",
    "InversionTime": 0.9,
    "MRAcquisitionType": "3D",
    "MagneticFieldStrength": 3,
    "Manufacturer": "Siemens",
    "ManufacturersModelName": "Prisma",
    "Modality": "MR",
    "PartialFourier": 1,
    "PatientPosition": "HFS",
    "PercentPhaseFOV": 100,
    "PhaseEncodingSteps": 255,
    "PhaseResolution": 1,
    "PixelBandwidth": 200,
    "ProcedureStepDescription": "NTU_Brain",
    "ProtocolName": "t1_mprage_sag_p2_iso",
    "PulseSequenceDetails": "%SiemensSeq%_tfl",
    "ReceiveCoilActiveElements": "HE2,4",
    "ReceiveCoilName": "HeadNeck_20",
    "ReconMatrixPE": 256,
    "RepetitionTime": 2,
    "SAR": 0.0848472,
    "ScanOptions": "IR",
    "ScanningSequence": "GR_IR",
    "SequenceName": "_tfl3d1_16ns",
    "SequenceVariant": "SK_SP_MP",
    "SeriesDescription": "t1_mprage_sag_p2_iso",
    "SeriesNumber": 8,
    "ShimSetting": [
      -3014,
      -3755,
      -5732,
      89,
      -93,
      18,
      -54,
      32
    ],
    "SliceThickness": 0.94,
    "SoftwareVersions": "syngo_MR_D13D",
    "StationName": "AWP66020",
    "TxRefAmp": 285.89,
    "dataset": "ds004103",
    "modality": "T1w",
    "subject_id": "s33B"
  },
  "cjv": 0.399046341993939,
  "cnr": 3.3466705246984527,
  "efc": 0.5848915748605875,
  "fber": 6327.479338842975,
  "fwhm_avg": 4.248281280268038,
  "fwhm_x": 4.34356384080411,
  "fwhm_y": 4.075584,
  "fwhm_z": 4.325696,
  "icvs_csf": 0.2241355668179562,
  "icvs_gm": 0.40640944469452345,
  "icvs_wm": 0.36945498848752034,
  "inu_med": 0.5693758726119995,
  "inu_range": 0.2544851303100586,
  "provenance": {
    "md5sum": "d77fa4e1f2f26e33ea891aa50442925f",
    "settings": {
      "testing": false
    },
    "software": "mriqc",
    "version": "23.0.1",
    "warnings": {
      "large_rot_frame": true,
      "small_air_mask": false
    },
    "webapi_port": null,
    "webapi_url": "https://mriqc.nimh.nih.gov/api/v1"
  },
  "qi_1": 0.0,
  "qi_2": 0.004297407655689201,
  "rpve_csf": 22.409490797193968,
  "rpve_gm": 12.387004549575998,
  "rpve_wm": 15.747169782773971,
  "size_x": 192,
  "size_y": 256,
  "size_z": 256,
  "snr_csf": 2.4040715109826367,
  "snr_gm": 11.996798825611346,
  "snr_total": 11.796345580438908,
  "snr_wm": 20.98816640472274,
  "snrd_csf": 13.543582589172058,
  "snrd_gm": 37.06073429239801,
  "snrd_total": 33.729553886594275,
  "snrd_wm": 50.58434477821276,
  "spacing_x": 0.9399999976158142,
  "spacing_y": 0.9375,
  "spacing_z": 0.9375,
  "summary_bg_k": 18.40928301023102,
  "summary_bg_mad": 12.952005974141892,
  "summary_bg_mean": 13.042170132394737,
  "summary_bg_median": 8.735995274037123,
  "summary_bg_n": 3013140.0,
  "summary_bg_p05": 0.0,
  "summary_bg_p95": 48.91170235350728,
  "summary_bg_stdv": 19.54428582409373,
  "summary_csf_k": 1.2237613463202726,
  "summary_csf_mad": 97.10345721856662,
  "summary_csf_mean": 277.9574817328859,
  "summary_csf_median": 267.75578735396266,
  "summary_csf_n": 63680.0,
  "summary_csf_p05": 103.54622195009144,
  "summary_csf_p95": 480.77587550505996,
  "summary_csf_stdv": 111.37509170116563,
  "summary_gm_k": 0.025131941035497096,
  "summary_gm_mad": 61.24762147094217,
  "summary_gm_mean": 731.9126303963543,
  "summary_gm_median": 732.6884171925485,
  "summary_gm_n": 30094.0,
  "summary_gm_p05": 630.1095709903166,
  "summary_gm_p95": 831.4002281986177,
  "summary_gm_stdv": 61.072645662503646,
  "summary_wm_k": 0.47869989933346835,
  "summary_wm_mad": 45.44178367198935,
  "summary_wm_mean": 1000.2086973552495,
  "summary_wm_median": 1000.0493573024869,
  "summary_wm_n": 261427.0,
  "summary_wm_p05": 922.8567210957408,
  "summary_wm_p95": 1078.4265352413058,
  "summary_wm_stdv": 47.648156839533435,
  "tpm_overlap_csf": 0.15965398723915988,
  "tpm_overlap_gm": 0.44025242920287333,
  "tpm_overlap_wm": 0.5063026631341654,
  "wm2max": 0.41673351021163696
}