{
  "bids_meta": {
    "AcquisitionMatrixPE": 256,
    "AcquisitionNumber": 1,
    "AcquisitionTime": "10:29:7.582500",
    "BaseResolution": 256,
    "BodyPartExamined": "BRAIN",
    "ConsistencyInfo": "N4_VD13D_LATEST_20130810",
    "ConversionSoftware": "dcm2niix",
    "ConversionSoftwareVersion": "v1.0.20181125  GCC5.4.0",
    "DeviceSerialNumber": "66020",
    "DwellTime": 9.8e-06,
    "EchoTime": 0.0023,
    "FlipAngle": 8,
    "ImageOrientationPatientDICOM": [
      0.0663628,
      0.997796,
      -2.51039e-09,
      0.0521211,
      -0.00346655,
      -0.998635
    ],
    "ImageType": [
      "ORIGINAL",
      "PRIMARY",
      "M",
      "ND",
      "NORM"
    ],
    "ImagingFrequency": 123.262,
    "InPlanePhaseEncodingDirectionDICOM": "ROW",
    "InstitutionAddress": "Fanglan_Rd._49_Taipei_Da_An_TW_10672",
    "InstitutionName": "NTU_NCSC",
    "InstitutionalDepartmentName": "Department",
    "InversionTime": 0.9,
    "MRAcquisitionType": "3D",
    "MagneticFieldStrength": 3,
    "Manufacturer": "Siemens",
    "ManufacturersModelName": "Prisma",
    "Modality": "MR",
    "PartialFourier": 1,
    "PatientPosition": "HFS",
    "PercentPhaseFOV": 100,
    "PhaseEncodingSteps": 255,
    "PhaseResolution": 1,
    "PixelBandwidth": 200,
    "ProcedureStepDescription": "NTU_Brain",
    "ProtocolName": "t1_mprage_sag_p2_iso",
    "PulseSequenceDetails": "%SiemensSeq%_tfl",
    "ReceiveCoilActiveElements": "HE1-4",
    "ReceiveCoilName": "HeadNeck_20",
    "ReconMatrixPE": 256,
    "RepetitionTime": 2,
    "SAR": 0.0619283,
    "ScanOptions": "IR",
    "ScanningSequence": "GR_IR",
    "SequenceName": "_tfl3d1_16ns",
    "SequenceVariant": "SK_SP_MP",
    "SeriesDescription": "t1_mprage_sag_p2_iso",
    "SeriesNumber": 2,
    "ShimSetting": [
      -3014,
      -3755,
      -5732,
      89,
      -93,
      18,
      -54,
      32
    ],
    "SliceThickness": 0.94,
    "SoftwareVersions": "syngo_MR_D13D",
    "StationName": "AWP66020",
    "TxRefAmp": 243.695,
    "dataset": "ds004103",
    "modality": "T1w",
    "subject_id": "s56B"
  },
  "cjv": 0.36859757640011087,
  "cnr": 3.7354519166299247,
  "efc": 0.5424818043193607,
  "fber": -1.0,
  "fwhm_avg": 4.407866481357939,
  "fwhm_x": 4.514212777407151,
  "fwhm_y": 4.195872,
  "fwhm_z": 4.513514666666667,
  "icvs_csf": 0.2365604174856567,
  "icvs_gm": 0.42530584859075177,
  "icvs_wm": 0.33813373392359153,
  "inu_med": 0.4933776408433914,
  "inu_range": 0.17940719723701481,
  "provenance": {
    "md5sum": "a78c5bf37123e9d7e58d2abf7bca45a3",
    "settings": {
      "testing": false
    },
    "software": "mriqc",
    "version": "23.0.1",
    "warnings": {
      "large_rot_frame": true,
      "small_air_mask": false
    },
    "webapi_port": null,
    "webapi_url": "https://mriqc.nimh.nih.gov/api/v1"
  },
  "qi_1": 0.0,
  "qi_2": 0.014387237690907216,
  "rpve_csf": 22.281669076136268,
  "rpve_gm": 12.452364235966236,
  "rpve_wm": 17.669558922706496,
  "size_x": 192,
  "size_y": 256,
  "size_z": 256,
  "snr_csf": 2.7014597775143043,
  "snr_gm": 12.712104986278884,
  "snr_total": 13.32474378485942,
  "snr_wm": 24.56066659078507,
  "snrd_csf": 26.76829214781476,
  "snrd_gm": 71.93284955796928,
  "snrd_total": 65.53498250590444,
  "snrd_wm": 97.90380581192927,
  "spacing_x": 0.9399999976158142,
  "spacing_y": 0.9375,
  "spacing_z": 0.9375,
  "summary_bg_k": 14.36289352070892,
  "summary_bg_mad": 0.0,
  "summary_bg_mean": 3.590112805000646,
  "summary_bg_median": 0.0,
  "summary_bg_n": 3352274.0,
  "summary_bg_p05": 0.0,
  "summary_bg_p95": 16.750630248337984,
  "summary_bg_stdv": 6.6919147702618105,
  "summary_csf_k": 1.2222394049287022,
  "summary_csf_mad": 91.55784768388564,
  "summary_csf_mean": 282.6418582356502,
  "summary_csf_median": 273.4257012717426,
  "summary_csf_n": 74085.0,
  "summary_csf_p05": 139.555000179261,
  "summary_csf_p95": 468.93368389457464,
  "summary_csf_stdv": 101.21337292898983,
  "summary_gm_k": -0.014632658702975476,
  "summary_gm_mad": 58.13394271702868,
  "summary_gm_mean": 733.1076217227314,
  "summary_gm_median": 734.7607283368707,
  "summary_gm_n": 44475.0,
  "summary_gm_p05": 635.4198352124542,
  "summary_gm_p95": 825.3988504074514,
  "summary_gm_stdv": 57.7994335874607,
  "summary_wm_k": 0.24161090439130106,
  "summary_wm_mad": 39.64809583591785,
  "summary_wm_mean": 1000.0007755925625,
  "summary_wm_median": 1000.0420128963888,
  "summary_wm_n": 226090.0,
  "summary_wm_p05": 933.2074180208147,
  "summary_wm_p95": 1066.9185893014073,
  "summary_wm_stdv": 40.71712783510305,
  "tpm_overlap_csf": 0.16007118583334634,
  "tpm_overlap_gm": 0.46405209284995563,
  "tpm_overlap_wm": 0.5056164759732321,
  "wm2max": 0.44121950767748985
}