{
  "aor": 0.0043030303030303025,
  "aqi": 0.009609721212121211,
  "bids_meta": {
    "AcquisitionMatrixPE": 64,
    "AcquisitionNumber": 1,
    "AcquisitionTime": "10:24:17.775000",
    "BandwidthPerPixelPhaseEncode": 31.888,
    "BaseResolution": 64,
    "BodyPartExamined": "BRAIN",
    "ConsistencyInfo": "N4_VD13D_LATEST_20130810",
    "ConversionSoftware": "dcm2niix",
    "ConversionSoftwareVersion": "v1.0.20181125  GCC5.4.0",
    "DerivedVendorReportedEchoSpacing": 0.000489996,
    "DeviceSerialNumber": "66020",
    "DwellTime": 3.3e-06,
    "EchoTime": 0.024,
    "EchoTrainLength": 64,
    "EffectiveEchoSpacing": 0.000489996,
    "FlipAngle": 87,
    "ImageOrientationPatientDICOM": [
      0.999564,
      -0.0286732,
      -0.00706018,
      0.0279203,
      0.995531,
      -0.0902113
    ],
    "ImageType": [
      "ORIGINAL",
      "PRIMARY",
      "M",
      "ND",
      "NORM",
      "MOSAIC"
    ],
    "ImagingFrequency": 123.262,
    "InPlanePhaseEncodingDirectionDICOM": "COL",
    "InstitutionAddress": "Fanglan_Rd._49_Taipei_Da_An_TW_10672",
    "InstitutionName": "NTU_NCSC",
    "InstitutionalDepartmentName": "Department",
    "MRAcquisitionType": "2D",
    "MagneticFieldStrength": 3,
    "Manufacturer": "Siemens",
    "ManufacturersModelName": "Prisma",
    "PartialFourier": 1,
    "PatientPosition": "HFS",
    "PercentPhaseFOV": 100,
    "PhaseEncodingDirection": "j-",
    "PhaseEncodingSteps": 64,
    "PhaseResolution": 1,
    "PixelBandwidth": 2365,
    "ProcedureStepDescription": "NTU_Brain",
    "ProtocolName": "ep2d_bold_64x64_3mm_iso_330TR",
    "PulseSequenceDetails": "%SiemensSeq%_ep2d_bold",
    "ReceiveCoilActiveElements": "HE1-4",
    "ReceiveCoilName": "HeadNeck_20",
    "ReconMatrixPE": 64,
    "RepetitionTime": 2,
    "SAR": 0.105445,
    "ScanOptions": "FS",
    "ScanningSequence": "EP",
    "SequenceName": "_epfid2d1_64",
    "SequenceVariant": "SK",
    "SeriesDescription": "ep2d_bold_64x64_3mm_iso_330TR",
    "SeriesNumber": 9,
    "ShimSetting": [
      -3013,
      -3781,
      -5598,
      266,
      -59,
      11,
      29,
      50
    ],
    "SliceThickness": 3,
    "SliceTiming": [
      0.99,
      0,
      1.045,
      0.055,
      1.1,
      0.11,
      1.155,
      0.165,
      1.21,
      0.22,
      1.265,
      0.275,
      1.32,
      0.33,
      1.375,
      0.385,
      1.43,
      0.44,
      1.485,
      0.495,
      1.54,
      0.55,
      1.595,
      0.605,
      1.65,
      0.66,
      1.705,
      0.715,
      1.76,
      0.77,
      1.815,
      0.825,
      1.87,
      0.88,
      1.925,
      0.935
    ],
    "SoftwareVersions": "syngo_MR_D13D",
    "SpacingBetweenSlices": 3,
    "StationName": "AWP66020",
    "TaskName": "OTCG",
    "TotalReadoutTime": 0.0308698,
    "TxRefAmp": 244.309,
    "VendorReportedEchoSpacing": 0.00049,
    "dataset": "ds004103",
    "modality": "bold",
    "run_id": 4,
    "subject_id": "s11B",
    "task_id": "OTCG"
  },
  "dummy_trs": 0,
  "dvars_nstd": 15.265226790334347,
  "dvars_std": 1.167416961762918,
  "dvars_vstd": 1.0517244403039503,
  "efc": 0.5844463306269122,
  "fber": 1174.4285888671875,
  "fd_mean": 0.06954072791456124,
  "fd_num": 19,
  "fd_perc": 5.757575757575758,
  "fwhm_avg": 1.659576666666667,
  "fwhm_x": 1.5495366666666666,
  "fwhm_y": 1.7794166666666669,
  "fwhm_z": 1.6497766666666667,
  "gcor": 0.0283589,
  "gsr_x": -0.011199012398719788,
  "gsr_y": 0.050940368324518204,
  "provenance": {
    "md5sum": "c2b957f27e6ac9b763642b36ec42224c",
    "settings": {
      "fd_thres": 0.2,
      "testing": false
    },
    "software": "mriqc",
    "version": "23.0.1",
    "webapi_port": null,
    "webapi_url": "https://mriqc.nimh.nih.gov/api/v1"
  },
  "size_t": 330,
  "size_x": 64,
  "size_y": 64,
  "size_z": 36,
  "snr": 8.575205332819685,
  "spacing_tr": 2.0,
  "spacing_x": 3.0,
  "spacing_y": 3.0,
  "spacing_z": 3.0,
  "summary_bg_k": 44.371075244225196,
  "summary_bg_mad": 11.083574801105083,
  "summary_bg_mean": 48.42975616455078,
  "summary_bg_median": 23.857574462890625,
  "summary_bg_n": 79415.0,
  "summary_bg_p05": 13.91515064239502,
  "summary_bg_p95": 157.31877899169925,
  "summary_bg_stdv": 73.66664123535156,
  "summary_fg_k": 4.166508210301838,
  "summary_fg_mad": 83.4300826355686,
  "summary_fg_mean": 833.9351806640625,
  "summary_fg_median": 828.0863037109375,
  "summary_fg_n": 35386.0,
  "summary_fg_p05": 702.5946807861328,
  "summary_fg_p95": 990.3726959228516,
  "summary_fg_stdv": 96.56615447998047,
  "tsnr": 85.82971877313685
}