{
  "bids_meta": {
    "AcquisitionMatrixPE": 256,
    "AcquisitionNumber": 1,
    "AcquisitionTime": "10:31:22.605000",
    "BaseResolution": 256,
    "BodyPartExamined": "BRAIN",
    "ConsistencyInfo": "N4_VD13D_LATEST_20130810",
    "ConversionSoftware": "dcm2niix",
    "ConversionSoftwareVersion": "v1.0.20181125  GCC5.4.0",
    "DeviceSerialNumber": "66020",
    "DwellTime": 9.8e-06,
    "EchoTime": 0.0023,
    "FlipAngle": 8,
    "ImageOrientationPatientDICOM": [
      -0.00518513,
      0.999987,
      -3.53985e-09,
      0.00533508,
      2.76599e-05,
      -0.999986
    ],
    "ImageType": [
      "ORIGINAL",
      "PRIMARY",
      "M",
      "ND",
      "NORM"
    ],
    "ImagingFrequency": 123.262,
    "InPlanePhaseEncodingDirectionDICOM": "ROW",
    "InstitutionAddress": "Fanglan_Rd._49_Taipei_Da_An_TW_10672",
    "InstitutionName": "NTU_NCSC",
    "InstitutionalDepartmentName": "Department",
    "InversionTime": 0.9,
    "MRAcquisitionType": "3D",
    "MagneticFieldStrength": 3,
    "Manufacturer": "Siemens",
    "ManufacturersModelName": "Prisma",
    "Modality": "MR",
    "PartialFourier": 1,
    "PatientPosition": "HFS",
    "PercentPhaseFOV": 100,
    "PhaseEncodingSteps": 255,
    "PhaseResolution": 1,
    "PixelBandwidth": 200,
    "ProcedureStepDescription": "NTU_Brain",
    "ProtocolName": "t1_mprage_sag_p2_iso",
    "PulseSequenceDetails": "%SiemensSeq%_tfl",
    "ReceiveCoilActiveElements": "HE1-4",
    "ReceiveCoilName": "HeadNeck_20",
    "ReconMatrixPE": 256,
    "RepetitionTime": 2,
    "SAR": 0.0552152,
    "ScanOptions": "IR",
    "ScanningSequence": "GR_IR",
    "SequenceName": "_tfl3d1_16ns",
    "SequenceVariant": "SK_SP_MP",
    "SeriesDescription": "t1_mprage_sag_p2_iso",
    "SeriesNumber": 2,
    "ShimSetting": [
      -3014,
      -3755,
      -5732,
      89,
      -93,
      18,
      -54,
      32
    ],
    "SliceThickness": 0.94,
    "SoftwareVersions": "syngo_MR_D13D",
    "StationName": "AWP66020",
    "TxRefAmp": 252.207,
    "dataset": "ds004103",
    "modality": "T1w",
    "subject_id": "s20B"
  },
  "cjv": 0.3623132992202796,
  "cnr": 3.801467639909431,
  "efc": 0.5871822235463916,
  "fber": -1.0,
  "fwhm_avg": 4.431415029783998,
  "fwhm_x": 4.470095756018658,
  "fwhm_y": 4.3577173333333326,
  "fwhm_z": 4.466432,
  "icvs_csf": 0.17766554540044988,
  "icvs_gm": 0.4406979716054431,
  "icvs_wm": 0.38163648299410696,
  "inu_med": 0.48576703667640686,
  "inu_range": 0.21737761050462723,
  "provenance": {
    "md5sum": "d21d2a461877cd95dc9f2247062c4d5d",
    "settings": {
      "testing": false
    },
    "software": "mriqc",
    "version": "23.0.1",
    "warnings": {
      "large_rot_frame": true,
      "small_air_mask": false
    },
    "webapi_port": null,
    "webapi_url": "https://mriqc.nimh.nih.gov/api/v1"
  },
  "qi_1": 0.0,
  "qi_2": 0.014133167117459235,
  "rpve_csf": 22.61677584191786,
  "rpve_gm": 10.156530080697706,
  "rpve_wm": 13.434286274142478,
  "size_x": 192,
  "size_y": 256,
  "size_z": 256,
  "snr_csf": 2.69490148661045,
  "snr_gm": 13.116460349288227,
  "snr_total": 13.307457479493605,
  "snr_wm": 24.111010602582137,
  "snrd_csf": 32.698762145005176,
  "snrd_gm": 83.75968013817742,
  "snrd_total": 76.84424222170814,
  "snrd_wm": 114.07428438194181,
  "spacing_x": 0.9399999976158142,
  "spacing_y": 0.9375,
  "spacing_z": 0.9375,
  "summary_bg_k": 12.85316797822643,
  "summary_bg_mad": 0.0,
  "summary_bg_mean": 3.0268953018690996,
  "summary_bg_median": 0.0,
  "summary_bg_n": 2874289.0,
  "summary_bg_p05": 0.0,
  "summary_bg_p95": 14.773697346448898,
  "summary_bg_stdv": 5.743313328659526,
  "summary_csf_k": 1.5784572587538586,
  "summary_csf_mad": 94.16612929565318,
  "summary_csf_mean": 298.8559215505185,
  "summary_csf_median": 286.6566969230771,
  "summary_csf_n": 38820.0,
  "summary_csf_p05": 154.31254974007607,
  "summary_csf_p95": 493.5162138290698,
  "summary_csf_stdv": 106.36863952062303,
  "summary_gm_k": -0.01156376228246847,
  "summary_gm_mad": 56.27811021434331,
  "summary_gm_mean": 734.2723485663403,
  "summary_gm_median": 734.2869169563055,
  "summary_gm_n": 58706.0,
  "summary_gm_p05": 642.1861505508423,
  "summary_gm_p95": 826.4730804562569,
  "summary_gm_stdv": 55.98161725357287,
  "summary_wm_k": 0.3131036293210201,
  "summary_wm_mad": 40.00873527048928,
  "summary_wm_mean": 1000.530262466655,
  "summary_wm_median": 1000.0426750034094,
  "summary_wm_n": 323266.0,
  "summary_wm_p05": 933.4756398499012,
  "summary_wm_p95": 1069.5559099167585,
  "summary_wm_stdv": 41.476533053959066,
  "tpm_overlap_csf": 0.1623575587998457,
  "tpm_overlap_gm": 0.46260673539728514,
  "tpm_overlap_wm": 0.5214051174664014,
  "wm2max": 0.45529830291013007
}