{
  "bids_meta": {
    "AcquisitionMatrixPE": 224,
    "AcquisitionNumber": 1,
    "AcquisitionTime": "11:36:7.000000",
    "BodyPartExamined": "HEAD",
    "CoilString": "8HRBRAIN",
    "ConversionSoftware": "dcm2niix",
    "ConversionSoftwareVersion": "v1.0.20181125  GCC5.4.0",
    "DeviceSerialNumber": "00000000GEMRGEMR",
    "EchoTime": 0.002936,
    "FlipAngle": 12,
    "ImageOrientationPatientDICOM": [
      0.00224365,
      0.999848,
      -0.0172837,
      -0.00603056,
      -0.01727,
      -0.999833
    ],
    "ImageType": [
      "ORIGINAL",
      "PRIMARY",
      "OTHER"
    ],
    "ImagingFrequency": 127.764,
    "InPlanePhaseEncodingDirectionDICOM": "ROW",
    "InstitutionName": "NCKU",
    "InversionTime": 0.45,
    "MRAcquisitionType": "3D",
    "MagneticFieldStrength": 3,
    "Manufacturer": "GE",
    "ManufacturersModelName": "DISCOVERY_MR750",
    "Modality": "MR",
    "PatientPosition": "HFS",
    "PercentPhaseFOV": 100,
    "PixelBandwidth": 244.141,
    "ProtocolName": "T1_SAG_FSPGR_BRAVO_ASSET",
    "ReconMatrixPE": 256,
    "RepetitionTime": 0.007648,
    "SAR": 0.21134,
    "ScanOptions": "FAST_GEMS_EDR_GEMS_ACC_GEMS",
    "ScanningSequence": "GR",
    "SequenceVariant": "SS_SK",
    "SeriesDescription": "T1_SAG_FSPGR_BRAVO_ASSET",
    "SeriesNumber": 3,
    "SliceThickness": 1,
    "SoftwareVersions": "27_LX_MR_Software_release:DV25.1_R02_1649.a",
    "SpacingBetweenSlices": 1,
    "StationName": "GEMRGEMR",
    "dataset": "ds004103",
    "modality": "T1w",
    "subject_id": "s48A"
  },
  "cjv": 0.33273618476931993,
  "cnr": 4.109023298376837,
  "efc": 0.5650941449588311,
  "fber": 8631.426845870152,
  "fwhm_avg": 4.154264285714286,
  "fwhm_x": 3.97053,
  "fwhm_y": 4.308434285714286,
  "fwhm_z": 4.183828571428571,
  "icvs_csf": 0.1958415827099568,
  "icvs_gm": 0.4732190054491167,
  "icvs_wm": 0.33093941184092646,
  "inu_med": 0.5959158539772034,
  "inu_range": 0.23311724662780758,
  "provenance": {
    "md5sum": "ba3290014f2bf20c0f63ac51a9cc9339",
    "settings": {
      "testing": false
    },
    "software": "mriqc",
    "version": "23.0.1",
    "warnings": {
      "large_rot_frame": true,
      "small_air_mask": false
    },
    "webapi_port": null,
    "webapi_url": "https://mriqc.nimh.nih.gov/api/v1"
  },
  "qi_1": 0.0,
  "qi_2": 0.0005000931936371204,
  "rpve_csf": 20.83781074346642,
  "rpve_gm": 9.410710435983152,
  "rpve_wm": 14.854007230160096,
  "size_x": 166,
  "size_y": 256,
  "size_z": 256,
  "snr_csf": 1.892880316396292,
  "snr_gm": 10.808355387436842,
  "snr_total": 10.92611416300455,
  "snr_wm": 20.07710678518052,
  "snrd_csf": 16.954490175278945,
  "snrd_gm": 51.073364849557514,
  "snrd_total": 48.09710016276396,
  "snrd_wm": 76.26344546345543,
  "spacing_x": 1.0,
  "spacing_y": 0.875,
  "spacing_z": 0.875,
  "summary_bg_k": 4.754086565139105,
  "summary_bg_mad": 8.590748726519289,
  "summary_bg_mean": 8.973737959173205,
  "summary_bg_median": 5.794371962547302,
  "summary_bg_n": 2658346.0,
  "summary_bg_p05": 0.0,
  "summary_bg_p95": 33.02792018651962,
  "summary_bg_stdv": 11.908632886294567,
  "summary_csf_k": 0.5283260062955617,
  "summary_csf_mad": 114.95495639673624,
  "summary_csf_mean": 232.22037629913035,
  "summary_csf_median": 222.3228092379868,
  "summary_csf_n": 28866.0,
  "summary_csf_p05": 61.0581945553422,
  "summary_csf_p95": 448.28520836494863,
  "summary_csf_stdv": 117.45008722050679,
  "summary_gm_k": 0.10811053065986265,
  "summary_gm_mad": 61.42385339461292,
  "summary_gm_mean": 669.1493547873995,
  "summary_gm_median": 669.7207543961704,
  "summary_gm_n": 63422.0,
  "summary_gm_p05": 566.762007586658,
  "summary_gm_p95": 769.0580187290907,
  "summary_gm_stdv": 61.96275478473997,
  "summary_wm_k": 0.23734222408342065,
  "summary_wm_mad": 48.48403812529324,
  "summary_wm_mean": 1001.0531883762158,
  "summary_wm_median": 1000.0361710861325,
  "summary_wm_n": 226937.0,
  "summary_wm_p05": 921.0154234468937,
  "summary_wm_p95": 1084.706431388855,
  "summary_wm_stdv": 49.80966522962944,
  "tpm_overlap_csf": 0.1445993693075601,
  "tpm_overlap_gm": 0.47453082654493467,
  "tpm_overlap_wm": 0.49003110539200967,
  "wm2max": 0.45591731607449476
}