{
  "aor": 0.00035711246200607904,
  "aqi": 0.004580322431610943,
  "bids_meta": {
    "AcquisitionMatrixPE": 64,
    "AcquisitionNumber": 1,
    "AcquisitionTime": "12:06:34.055000",
    "BandwidthPerPixelPhaseEncode": 31.888,
    "BaseResolution": 64,
    "BodyPartExamined": "BRAIN",
    "ConsistencyInfo": "N4_VD13D_LATEST_20130810",
    "ConversionSoftware": "dcm2niix",
    "ConversionSoftwareVersion": "v1.0.20181125  GCC5.4.0",
    "DerivedVendorReportedEchoSpacing": 0.000489996,
    "DeviceSerialNumber": "66020",
    "DwellTime": 3.3e-06,
    "EchoTime": 0.024,
    "EchoTrainLength": 64,
    "EffectiveEchoSpacing": 0.000489996,
    "FlipAngle": 87,
    "ImageOrientationPatientDICOM": [
      0.999563,
      0.00712612,
      0.0286968,
      -0.0034891,
      0.99217,
      -0.124848
    ],
    "ImageType": [
      "ORIGINAL",
      "PRIMARY",
      "M",
      "ND",
      "NORM",
      "MOSAIC"
    ],
    "ImagingFrequency": 123.262,
    "InPlanePhaseEncodingDirectionDICOM": "COL",
    "InstitutionAddress": "Fanglan_Rd._49_Taipei_Da_An_TW_10672",
    "InstitutionName": "NTU_NCSC",
    "InstitutionalDepartmentName": "Department",
    "MRAcquisitionType": "2D",
    "MagneticFieldStrength": 3,
    "Manufacturer": "Siemens",
    "ManufacturersModelName": "Prisma",
    "PartialFourier": 1,
    "PatientPosition": "HFS",
    "PercentPhaseFOV": 100,
    "PhaseEncodingDirection": "j-",
    "PhaseEncodingSteps": 64,
    "PhaseResolution": 1,
    "PixelBandwidth": 2365,
    "ProcedureStepDescription": "NTU_Brain",
    "ProtocolName": "ep2d_bold_64x64_3mm_iso_330TR",
    "PulseSequenceDetails": "%SiemensSeq%_ep2d_bold",
    "ReceiveCoilActiveElements": "HE1-4",
    "ReceiveCoilName": "HeadNeck_20",
    "ReconMatrixPE": 64,
    "RepetitionTime": 2,
    "SAR": 0.11325,
    "ScanOptions": "FS",
    "ScanningSequence": "EP",
    "SequenceName": "_epfid2d1_64",
    "SequenceVariant": "SK",
    "SeriesDescription": "ep2d_bold_64x64_3mm_iso_330TR",
    "SeriesNumber": 8,
    "ShimSetting": [
      -3006,
      -3831,
      -5527,
      220,
      -100,
      -123,
      30,
      38
    ],
    "SliceThickness": 3,
    "SliceTiming": [
      0.99,
      0,
      1.045,
      0.055,
      1.1,
      0.11,
      1.155,
      0.165,
      1.21,
      0.22,
      1.265,
      0.275,
      1.32,
      0.33,
      1.375,
      0.385,
      1.43,
      0.44,
      1.485,
      0.495,
      1.54,
      0.55,
      1.595,
      0.605,
      1.65,
      0.66,
      1.705,
      0.715,
      1.76,
      0.77,
      1.815,
      0.825,
      1.87,
      0.88,
      1.925,
      0.935
    ],
    "SoftwareVersions": "syngo_MR_D13D",
    "SpacingBetweenSlices": 3,
    "StationName": "AWP66020",
    "TaskName": "OTCG",
    "TotalReadoutTime": 0.0308698,
    "TxRefAmp": 285.483,
    "VendorReportedEchoSpacing": 0.00049,
    "dataset": "ds004103",
    "modality": "bold",
    "run_id": 3,
    "subject_id": "s12B",
    "task_id": "OTCG"
  },
  "dummy_trs": 1,
  "dvars_nstd": 17.76948662503048,
  "dvars_std": 1.1332484041463409,
  "dvars_vstd": 0.9964547434451217,
  "efc": 0.6425651414515403,
  "fber": 593.4710083007812,
  "fd_mean": 0.07257530329034681,
  "fd_num": 0,
  "fd_perc": 0.0,
  "fwhm_avg": 1.7646256014189048,
  "fwhm_x": 1.6717133333333332,
  "fwhm_y": 1.8908800000000001,
  "fwhm_z": 1.7312834709233818,
  "gcor": 0.0159665,
  "gsr_x": -0.00794291403144598,
  "gsr_y": 0.04748005419969559,
  "provenance": {
    "md5sum": "c699f7b67b4ccec4843c9913e5b11f55",
    "settings": {
      "fd_thres": 0.2,
      "testing": false
    },
    "software": "mriqc",
    "version": "23.0.1",
    "webapi_port": null,
    "webapi_url": "https://mriqc.nimh.nih.gov/api/v1"
  },
  "size_t": 329,
  "size_x": 64,
  "size_y": 64,
  "size_z": 36,
  "snr": 7.382001076751945,
  "spacing_tr": 2.0,
  "spacing_x": 3.0,
  "spacing_y": 3.0,
  "spacing_z": 2.999999761581421,
  "summary_bg_k": 11.868627606346541,
  "summary_bg_mad": 20.134549604075755,
  "summary_bg_mean": 67.4530029296875,
  "summary_bg_median": 30.42249298095703,
  "summary_bg_n": 72004.0,
  "summary_bg_p05": 14.130699157714844,
  "summary_bg_p95": 247.55410919189404,
  "summary_bg_stdv": 88.07505798339844,
  "summary_fg_k": 2.3701696564635206,
  "summary_fg_mad": 98.55024535475869,
  "summary_fg_mean": 782.7155151367188,
  "summary_fg_median": 777.966552734375,
  "summary_fg_n": 40903.0,
  "summary_fg_p05": 631.8787231445312,
  "summary_fg_p95": 954.5319213867188,
  "summary_fg_stdv": 105.38565826416016,
  "tsnr": 89.91019505891018
}