{
  "aor": 0.0016449393939393937,
  "aqi": 0.006798978424242424,
  "bids_meta": {
    "AcquisitionMatrixPE": 64,
    "AcquisitionNumber": 1,
    "AcquisitionTime": "11:40:53.920000",
    "BandwidthPerPixelPhaseEncode": 31.888,
    "BaseResolution": 64,
    "BodyPartExamined": "BRAIN",
    "ConsistencyInfo": "N4_VD13D_LATEST_20130810",
    "ConversionSoftware": "dcm2niix",
    "ConversionSoftwareVersion": "v1.0.20181125  GCC5.4.0",
    "DerivedVendorReportedEchoSpacing": 0.000489996,
    "DeviceSerialNumber": "66020",
    "DwellTime": 3.3e-06,
    "EchoTime": 0.024,
    "EchoTrainLength": 64,
    "EffectiveEchoSpacing": 0.000489996,
    "FlipAngle": 87,
    "ImageOrientationPatientDICOM": [
      0.999563,
      0.00712612,
      0.0286968,
      -0.0034891,
      0.99217,
      -0.124848
    ],
    "ImageType": [
      "ORIGINAL",
      "PRIMARY",
      "M",
      "ND",
      "NORM",
      "MOSAIC"
    ],
    "ImagingFrequency": 123.262,
    "InPlanePhaseEncodingDirectionDICOM": "COL",
    "InstitutionAddress": "Fanglan_Rd._49_Taipei_Da_An_TW_10672",
    "InstitutionName": "NTU_NCSC",
    "InstitutionalDepartmentName": "Department",
    "MRAcquisitionType": "2D",
    "MagneticFieldStrength": 3,
    "Manufacturer": "Siemens",
    "ManufacturersModelName": "Prisma",
    "PartialFourier": 1,
    "PatientPosition": "HFS",
    "PercentPhaseFOV": 100,
    "PhaseEncodingDirection": "j-",
    "PhaseEncodingSteps": 64,
    "PhaseResolution": 1,
    "PixelBandwidth": 2365,
    "ProcedureStepDescription": "NTU_Brain",
    "ProtocolName": "ep2d_bold_64x64_3mm_iso_330TR",
    "PulseSequenceDetails": "%SiemensSeq%_ep2d_bold",
    "ReceiveCoilActiveElements": "HE1-4",
    "ReceiveCoilName": "HeadNeck_20",
    "ReconMatrixPE": 64,
    "RepetitionTime": 2,
    "SAR": 0.11325,
    "ScanOptions": "FS",
    "ScanningSequence": "EP",
    "SequenceName": "_epfid2d1_64",
    "SequenceVariant": "SK",
    "SeriesDescription": "ep2d_bold_64x64_3mm_iso_330TR",
    "SeriesNumber": 5,
    "ShimSetting": [
      -3006,
      -3831,
      -5527,
      220,
      -100,
      -123,
      30,
      38
    ],
    "SliceThickness": 3,
    "SliceTiming": [
      0.99,
      0,
      1.045,
      0.055,
      1.1,
      0.11,
      1.155,
      0.165,
      1.21,
      0.22,
      1.265,
      0.275,
      1.32,
      0.33,
      1.375,
      0.385,
      1.43,
      0.44,
      1.485,
      0.495,
      1.54,
      0.55,
      1.595,
      0.605,
      1.65,
      0.66,
      1.705,
      0.715,
      1.76,
      0.77,
      1.815,
      0.825,
      1.87,
      0.88,
      1.925,
      0.935
    ],
    "SoftwareVersions": "syngo_MR_D13D",
    "SpacingBetweenSlices": 3,
    "StationName": "AWP66020",
    "TaskName": "OTCG",
    "TotalReadoutTime": 0.0308698,
    "TxRefAmp": 285.483,
    "VendorReportedEchoSpacing": 0.00049,
    "dataset": "ds004103",
    "modality": "bold",
    "run_id": 1,
    "subject_id": "s12B",
    "task_id": "OTCG"
  },
  "dummy_trs": 0,
  "dvars_nstd": 17.941631288297867,
  "dvars_std": 1.1255989427355628,
  "dvars_vstd": 1.0081917865045602,
  "efc": 0.639331653162205,
  "fber": 632.8555297851562,
  "fd_mean": 0.08420879845056771,
  "fd_num": 4,
  "fd_perc": 1.2121212121212122,
  "fwhm_avg": 1.7854789356184926,
  "fwhm_x": 1.68904,
  "fwhm_y": 1.9034133333333332,
  "fwhm_z": 1.7639834735221445,
  "gcor": 0.0207258,
  "gsr_x": -0.006345443427562714,
  "gsr_y": 0.04953240230679512,
  "provenance": {
    "md5sum": "10397400646605f669ce5c95576b8920",
    "settings": {
      "fd_thres": 0.2,
      "testing": false
    },
    "software": "mriqc",
    "version": "23.0.1",
    "webapi_port": null,
    "webapi_url": "https://mriqc.nimh.nih.gov/api/v1"
  },
  "size_t": 330,
  "size_x": 64,
  "size_y": 64,
  "size_z": 36,
  "snr": 7.440803290427441,
  "spacing_tr": 2.0,
  "spacing_x": 3.0,
  "spacing_y": 3.0,
  "spacing_z": 2.999999761581421,
  "summary_bg_k": 12.336763914484536,
  "summary_bg_mad": 19.970201238797305,
  "summary_bg_mean": 65.68827056884766,
  "summary_bg_median": 29.881816864013672,
  "summary_bg_n": 72119.0,
  "summary_bg_p05": 13.526969242095948,
  "summary_bg_p95": 239.9445434570308,
  "summary_bg_stdv": 86.2240982055664,
  "summary_fg_k": 2.008892002107493,
  "summary_fg_mad": 98.9457356499234,
  "summary_fg_mean": 784.0276489257812,
  "summary_fg_median": 780.272705078125,
  "summary_fg_n": 40750.0,
  "summary_fg_p05": 631.3164978027344,
  "summary_fg_p95": 955.8479858398437,
  "summary_fg_stdv": 104.86275482177734,
  "tsnr": 78.30137317324989
}