{
  "aor": 0.0070423404255319155,
  "aqi": 0.012649847841945288,
  "bids_meta": {
    "AcquisitionMatrixPE": 64,
    "AcquisitionNumber": 1,
    "AcquisitionTime": "12:29:45.562500",
    "BandwidthPerPixelPhaseEncode": 31.888,
    "BaseResolution": 64,
    "BodyPartExamined": "BRAIN",
    "ConsistencyInfo": "N4_VD13D_LATEST_20130810",
    "ConversionSoftware": "dcm2niix",
    "ConversionSoftwareVersion": "v1.0.20181125  GCC5.4.0",
    "DerivedVendorReportedEchoSpacing": 0.000489996,
    "DeviceSerialNumber": "66020",
    "DwellTime": 3.3e-06,
    "EchoTime": 0.024,
    "EchoTrainLength": 64,
    "EffectiveEchoSpacing": 0.000489996,
    "FlipAngle": 87,
    "ImageOrientationPatientDICOM": [
      0.999976,
      -0.00121657,
      -0.00678818,
      4.40954e-08,
      0.984318,
      -0.176401
    ],
    "ImageType": [
      "ORIGINAL",
      "PRIMARY",
      "M",
      "ND",
      "NORM",
      "MOSAIC"
    ],
    "ImagingFrequency": 123.262,
    "InPlanePhaseEncodingDirectionDICOM": "COL",
    "InstitutionAddress": "Fanglan_Rd._49_Taipei_Da_An_TW_10672",
    "InstitutionName": "NTU_NCSC",
    "InstitutionalDepartmentName": "Department",
    "MRAcquisitionType": "2D",
    "MagneticFieldStrength": 3,
    "Manufacturer": "Siemens",
    "ManufacturersModelName": "Prisma",
    "PartialFourier": 1,
    "PatientPosition": "HFS",
    "PercentPhaseFOV": 100,
    "PhaseEncodingDirection": "j-",
    "PhaseEncodingSteps": 64,
    "PhaseResolution": 1,
    "PixelBandwidth": 2365,
    "ProcedureStepDescription": "NTU_Brain",
    "ProtocolName": "ep2d_bold_64x64_3mm_iso_330TR",
    "PulseSequenceDetails": "%SiemensSeq%_ep2d_bold",
    "ReceiveCoilActiveElements": "HE1-4",
    "ReceiveCoilName": "HeadNeck_20",
    "ReconMatrixPE": 64,
    "RepetitionTime": 2,
    "SAR": 0.123116,
    "ScanOptions": "FS",
    "ScanningSequence": "EP",
    "SequenceName": "_epfid2d1_64",
    "SequenceVariant": "SK",
    "SeriesDescription": "ep2d_bold_64x64_3mm_iso_330TR",
    "SeriesNumber": 8,
    "ShimSetting": [
      -3004,
      -3786,
      -5518,
      251,
      -137,
      -110,
      -74,
      -17
    ],
    "SliceThickness": 3,
    "SliceTiming": [
      0.99,
      0,
      1.045,
      0.055,
      1.1,
      0.11,
      1.155,
      0.165,
      1.21,
      0.22,
      1.265,
      0.275,
      1.32,
      0.33,
      1.375,
      0.385,
      1.43,
      0.44,
      1.485,
      0.495,
      1.54,
      0.55,
      1.595,
      0.605,
      1.65,
      0.66,
      1.705,
      0.715,
      1.76,
      0.77,
      1.815,
      0.825,
      1.87,
      0.88,
      1.925,
      0.935
    ],
    "SoftwareVersions": "syngo_MR_D13D",
    "SpacingBetweenSlices": 3,
    "StationName": "AWP66020",
    "TaskName": "OTCG",
    "TotalReadoutTime": 0.0308698,
    "TxRefAmp": 273.536,
    "VendorReportedEchoSpacing": 0.00049,
    "dataset": "ds004103",
    "modality": "bold",
    "run_id": 3,
    "subject_id": "s45B",
    "task_id": "OTCG"
  },
  "dummy_trs": 1,
  "dvars_nstd": 30.935869019207303,
  "dvars_std": 1.4585594332317067,
  "dvars_vstd": 1.0350828326524388,
  "efc": 0.6549981090620701,
  "fber": 605.67529296875,
  "fd_mean": 0.1786015454992029,
  "fd_num": 59,
  "fd_perc": 17.933130699088146,
  "fwhm_avg": 1.7196644444444444,
  "fwhm_x": 1.6122433333333335,
  "fwhm_y": 1.7742133333333332,
  "fwhm_z": 1.7725366666666666,
  "gcor": 0.0396285,
  "gsr_x": 0.010833043605089188,
  "gsr_y": 0.03865235298871994,
  "provenance": {
    "md5sum": "b1360829661b1b8466df340cc8140010",
    "settings": {
      "fd_thres": 0.2,
      "testing": false
    },
    "software": "mriqc",
    "version": "23.0.1",
    "webapi_port": null,
    "webapi_url": "https://mriqc.nimh.nih.gov/api/v1"
  },
  "size_t": 329,
  "size_x": 64,
  "size_y": 64,
  "size_z": 36,
  "snr": 7.71456346077971,
  "spacing_tr": 2.0,
  "spacing_x": 3.0,
  "spacing_y": 3.0,
  "spacing_z": 3.0,
  "summary_bg_k": 8.092787916205387,
  "summary_bg_mad": 22.581518552638293,
  "summary_bg_mean": 82.52174377441406,
  "summary_bg_median": 32.52887725830078,
  "summary_bg_n": 71565.0,
  "summary_bg_p05": 14.534955024719238,
  "summary_bg_p95": 352.8480346679688,
  "summary_bg_stdv": 112.41349792480469,
  "summary_fg_k": 1.5357981532266258,
  "summary_fg_mad": 104.60010216142436,
  "summary_fg_mean": 819.5313110351562,
  "summary_fg_median": 814.4741821289062,
  "summary_fg_n": 42508.0,
  "summary_fg_p05": 670.3948333740234,
  "summary_fg_p95": 997.7611114501954,
  "summary_fg_stdv": 105.57494354248047,
  "tsnr": 63.3830652134493
}