{
  "aor": 0.0064386626139817625,
  "aqi": 0.010655124468085106,
  "bids_meta": {
    "AcquisitionMatrixPE": 64,
    "AcquisitionNumber": 1,
    "AcquisitionTime": "12:53:52.750000",
    "BandwidthPerPixelPhaseEncode": 31.888,
    "BaseResolution": 64,
    "BodyPartExamined": "BRAIN",
    "ConsistencyInfo": "N4_VD13D_LATEST_20130810",
    "ConversionSoftware": "dcm2niix",
    "ConversionSoftwareVersion": "v1.0.20181125  GCC5.4.0",
    "DerivedVendorReportedEchoSpacing": 0.000489996,
    "DeviceSerialNumber": "66020",
    "DwellTime": 3.3e-06,
    "EchoTime": 0.024,
    "EchoTrainLength": 64,
    "EffectiveEchoSpacing": 0.000489996,
    "FlipAngle": 87,
    "ImageOrientationPatientDICOM": [
      0.999976,
      -0.00121657,
      -0.00678818,
      4.40954e-08,
      0.984318,
      -0.176401
    ],
    "ImageType": [
      "ORIGINAL",
      "PRIMARY",
      "M",
      "ND",
      "NORM",
      "MOSAIC"
    ],
    "ImagingFrequency": 123.262,
    "InPlanePhaseEncodingDirectionDICOM": "COL",
    "InstitutionAddress": "Fanglan_Rd._49_Taipei_Da_An_TW_10672",
    "InstitutionName": "NTU_NCSC",
    "InstitutionalDepartmentName": "Department",
    "MRAcquisitionType": "2D",
    "MagneticFieldStrength": 3,
    "Manufacturer": "Siemens",
    "ManufacturersModelName": "Prisma",
    "PartialFourier": 1,
    "PatientPosition": "HFS",
    "PercentPhaseFOV": 100,
    "PhaseEncodingDirection": "j-",
    "PhaseEncodingSteps": 64,
    "PhaseResolution": 1,
    "PixelBandwidth": 2365,
    "ProcedureStepDescription": "NTU_Brain",
    "ProtocolName": "ep2d_bold_64x64_3mm_iso_330TR",
    "PulseSequenceDetails": "%SiemensSeq%_ep2d_bold",
    "ReceiveCoilActiveElements": "HE1-4",
    "ReceiveCoilName": "HeadNeck_20",
    "ReconMatrixPE": 64,
    "RepetitionTime": 2,
    "SAR": 0.123116,
    "ScanOptions": "FS",
    "ScanningSequence": "EP",
    "SequenceName": "_epfid2d1_64",
    "SequenceVariant": "SK",
    "SeriesDescription": "ep2d_bold_64x64_3mm_iso_330TR",
    "SeriesNumber": 10,
    "ShimSetting": [
      -3004,
      -3786,
      -5518,
      251,
      -137,
      -110,
      -74,
      -17
    ],
    "SliceThickness": 3,
    "SliceTiming": [
      0.99,
      0,
      1.045,
      0.055,
      1.1,
      0.11,
      1.155,
      0.165,
      1.21,
      0.22,
      1.265,
      0.275,
      1.32,
      0.33,
      1.375,
      0.385,
      1.43,
      0.44,
      1.485,
      0.495,
      1.54,
      0.55,
      1.595,
      0.605,
      1.65,
      0.66,
      1.705,
      0.715,
      1.76,
      0.77,
      1.815,
      0.825,
      1.87,
      0.88,
      1.925,
      0.935
    ],
    "SoftwareVersions": "syngo_MR_D13D",
    "SpacingBetweenSlices": 3,
    "StationName": "AWP66020",
    "TaskName": "OTCG",
    "TotalReadoutTime": 0.0308698,
    "TxRefAmp": 273.536,
    "VendorReportedEchoSpacing": 0.00049,
    "dataset": "ds004103",
    "modality": "bold",
    "run_id": 1,
    "subject_id": "s45B",
    "task_id": "OTCG"
  },
  "dummy_trs": 1,
  "dvars_nstd": 28.730898269634164,
  "dvars_std": 1.442123885701219,
  "dvars_vstd": 1.0477008076829266,
  "efc": 0.6560375819528625,
  "fber": 593.0765380859375,
  "fd_mean": 0.17185531327137588,
  "fd_num": 71,
  "fd_perc": 21.580547112462007,
  "fwhm_avg": 1.7261444444444445,
  "fwhm_x": 1.6126833333333332,
  "fwhm_y": 1.7757833333333333,
  "fwhm_z": 1.7899666666666667,
  "gcor": 0.0402319,
  "gsr_x": 0.010349416173994541,
  "gsr_y": 0.03886708617210388,
  "provenance": {
    "md5sum": "1e8015a323991203d7b864d82fa27bf4",
    "settings": {
      "fd_thres": 0.2,
      "testing": false
    },
    "software": "mriqc",
    "version": "23.0.1",
    "webapi_port": null,
    "webapi_url": "https://mriqc.nimh.nih.gov/api/v1"
  },
  "size_t": 329,
  "size_x": 64,
  "size_y": 64,
  "size_z": 36,
  "snr": 7.607275956867706,
  "spacing_tr": 2.0,
  "spacing_x": 3.0,
  "spacing_y": 3.0,
  "spacing_z": 3.0,
  "summary_bg_k": 8.629328732986616,
  "summary_bg_mad": 22.65812754750664,
  "summary_bg_mean": 83.7332534790039,
  "summary_bg_median": 32.81155014038086,
  "summary_bg_n": 71466.0,
  "summary_bg_p05": 14.645136594772339,
  "summary_bg_p95": 353.6656494140625,
  "summary_bg_stdv": 114.304931640625,
  "summary_fg_k": 1.5994985187548174,
  "summary_fg_mad": 106.22916383370509,
  "summary_fg_mean": 822.9349365234375,
  "summary_fg_median": 817.6929931640625,
  "summary_fg_n": 42544.0,
  "summary_fg_p05": 671.8120330810547,
  "summary_fg_p95": 1005.8890563964843,
  "summary_fg_stdv": 107.48701477050781,
  "tsnr": 68.9043500404805
}