{
  "bids_meta": {
    "AcquisitionMatrixPE": 256,
    "AcquisitionNumber": 1,
    "AcquisitionTime": "09:23:19.140000",
    "BaseResolution": 256,
    "BodyPartExamined": "BRAIN",
    "ConsistencyInfo": "N4_VD13D_LATEST_20130810",
    "ConversionSoftware": "dcm2niix",
    "ConversionSoftwareVersion": "v1.0.20181125  GCC5.4.0",
    "DeviceSerialNumber": "66020",
    "DwellTime": 9.8e-06,
    "EchoTime": 0.0023,
    "FlipAngle": 8,
    "ImageOrientationPatientDICOM": [
      -0.0104171,
      0.999946,
      -1.48043e-09,
      -0.00339252,
      -3.53435e-05,
      -0.999994
    ],
    "ImageType": [
      "ORIGINAL",
      "PRIMARY",
      "M",
      "ND",
      "NORM"
    ],
    "ImagingFrequency": 123.262,
    "InPlanePhaseEncodingDirectionDICOM": "ROW",
    "InstitutionAddress": "Fanglan_Rd._49_Taipei_Da_An_TW_10672",
    "InstitutionName": "NTU_NCSC",
    "InstitutionalDepartmentName": "Department",
    "InversionTime": 0.9,
    "MRAcquisitionType": "3D",
    "MagneticFieldStrength": 3,
    "Manufacturer": "Siemens",
    "ManufacturersModelName": "Prisma",
    "Modality": "MR",
    "PartialFourier": 1,
    "PatientPosition": "HFS",
    "PercentPhaseFOV": 100,
    "PhaseEncodingSteps": 255,
    "PhaseResolution": 1,
    "PixelBandwidth": 200,
    "ProcedureStepDescription": "NTU_Brain",
    "ProtocolName": "t1_mprage_sag_p2_iso",
    "PulseSequenceDetails": "%SiemensSeq%_tfl",
    "ReceiveCoilActiveElements": "HE1-4",
    "ReceiveCoilName": "HeadNeck_20",
    "ReconMatrixPE": 256,
    "RepetitionTime": 2,
    "SAR": 0.0637736,
    "ScanOptions": "IR",
    "ScanningSequence": "GR_IR",
    "SequenceName": "_tfl3d1_16ns",
    "SequenceVariant": "SK_SP_MP",
    "SeriesDescription": "t1_mprage_sag_p2_iso",
    "SeriesNumber": 2,
    "ShimSetting": [
      -3014,
      -3755,
      -5732,
      89,
      -93,
      18,
      -54,
      32
    ],
    "SliceThickness": 0.94,
    "SoftwareVersions": "syngo_MR_D13D",
    "StationName": "AWP66020",
    "TxRefAmp": 262.861,
    "dataset": "ds004103",
    "modality": "T1w",
    "subject_id": "s61B"
  },
  "cjv": 0.3571768067715082,
  "cnr": 3.834101852392911,
  "efc": 0.5817583267139803,
  "fber": -1.0,
  "fwhm_avg": 4.236773592309682,
  "fwhm_x": 4.325712776929045,
  "fwhm_y": 4.164981333333333,
  "fwhm_z": 4.219626666666667,
  "icvs_csf": 0.20916708801071238,
  "icvs_gm": 0.439194738793425,
  "icvs_wm": 0.3516381731958626,
  "inu_med": 0.5406371355056763,
  "inu_range": 0.23341689407825472,
  "provenance": {
    "md5sum": "065c29d2baf0255226647f97b9226d27",
    "settings": {
      "testing": false
    },
    "software": "mriqc",
    "version": "23.0.1",
    "warnings": {
      "large_rot_frame": true,
      "small_air_mask": false
    },
    "webapi_port": null,
    "webapi_url": "https://mriqc.nimh.nih.gov/api/v1"
  },
  "qi_1": 0.0,
  "qi_2": 0.01467414400915639,
  "rpve_csf": 20.149161257419895,
  "rpve_gm": 10.096381317118363,
  "rpve_wm": 14.110148386075233,
  "size_x": 192,
  "size_y": 256,
  "size_z": 256,
  "snr_csf": 2.3541057152387728,
  "snr_gm": 13.133917531722988,
  "snr_total": 12.82841388589106,
  "snr_wm": 22.99721841071142,
  "snrd_csf": 26.780990840532464,
  "snrd_gm": 70.91243124094038,
  "snrd_total": 65.00961095786248,
  "snrd_wm": 97.33541079211456,
  "spacing_x": 0.9399999976158142,
  "spacing_y": 0.9375,
  "spacing_z": 0.9375,
  "summary_bg_k": 12.736073535328282,
  "summary_bg_mad": 0.0,
  "summary_bg_mean": 3.7376702853911046,
  "summary_bg_median": 0.0,
  "summary_bg_n": 3209159.0,
  "summary_bg_p05": 0.0,
  "summary_bg_p95": 17.49349594116211,
  "summary_bg_stdv": 6.7307097403643725,
  "summary_csf_k": 5.370414389643285,
  "summary_csf_mad": 96.76084236550814,
  "summary_csf_mean": 285.43551449310667,
  "summary_csf_median": 275.1412925720215,
  "summary_csf_n": 62539.0,
  "summary_csf_p05": 95.45169067382812,
  "summary_csf_p95": 492.4643383026123,
  "summary_csf_stdv": 116.8762689901669,
  "summary_gm_k": 0.0400306972660629,
  "summary_gm_mad": 55.13040434433419,
  "summary_gm_mean": 727.8090317022924,
  "summary_gm_median": 728.5368232727051,
  "summary_gm_n": 54693.0,
  "summary_gm_p05": 634.9511054992676,
  "summary_gm_p95": 817.6639423370361,
  "summary_gm_stdv": 55.46937242786381,
  "summary_wm_k": 0.415477236832936,
  "summary_wm_mad": 41.829944912649225,
  "summary_wm_mean": 1000.6078780347863,
  "summary_wm_median": 999.9999961853027,
  "summary_wm_n": 286024.0,
  "summary_wm_p05": 930.5642738342285,
  "summary_wm_p95": 1072.3961563110352,
  "summary_wm_stdv": 43.48344352867293,
  "tpm_overlap_csf": 0.15984855011403729,
  "tpm_overlap_gm": 0.46764922956049265,
  "tpm_overlap_wm": 0.5016446280824706,
  "wm2max": 0.47358928773064674
}