{
  "aor": 0.0009333738601823709,
  "aqi": 0.003074437872340425,
  "bids_meta": {
    "AcquisitionMatrixPE": 64,
    "AcquisitionNumber": 1,
    "AcquisitionTime": "11:57:8.000000",
    "BodyPartExamined": "HEAD",
    "CoilString": "8HRBRAIN",
    "ConversionSoftware": "dcm2niix",
    "ConversionSoftwareVersion": "v1.0.20181125  GCC5.4.0",
    "DeviceSerialNumber": "00000000GEMRGEMR",
    "EchoTime": 0.033,
    "EffectiveEchoSpacing": 0.00042,
    "FlipAngle": 90,
    "ImageOrientationPatientDICOM": [
      0.997471,
      -0.00886542,
      0.0705173,
      -0.00478704,
      0.981556,
      0.191113
    ],
    "ImageType": [
      "ORIGINAL",
      "PRIMARY",
      "EPI",
      "NONE"
    ],
    "ImagingFrequency": 127.764,
    "InPlanePhaseEncodingDirectionDICOM": "COL",
    "InstitutionName": "NCKU",
    "MRAcquisitionType": "2D",
    "MagneticFieldStrength": 3,
    "Manufacturer": "GE",
    "ManufacturersModelName": "DISCOVERY_MR750",
    "PatientPosition": "HFS",
    "PercentPhaseFOV": 100,
    "PhaseEncodingDirection": "j",
    "PhaseEncodingPolarityGE": "Flipped",
    "PixelBandwidth": 7812.5,
    "ProtocolName": "hypervote_run_2",
    "ReconMatrixPE": 64,
    "RepetitionTime": 2,
    "SAR": 0.400955,
    "ScanOptions": "EPI_GEMS_ACC_GEMS",
    "ScanningSequence": "EP_GR",
    "SequenceVariant": "SS",
    "SeriesDescription": "hypervote_run_2",
    "SeriesNumber": 6,
    "SliceThickness": 3,
    "SliceTiming": [
      0,
      1,
      0.05,
      1.05,
      0.0999999,
      1.1,
      0.15,
      1.15,
      0.2,
      1.2,
      0.25,
      1.25,
      0.3,
      1.3,
      0.35,
      1.35,
      0.4,
      1.4,
      0.45,
      1.45,
      0.5,
      1.5,
      0.55,
      1.55,
      0.6,
      1.6,
      0.65,
      1.65,
      0.7,
      1.7,
      0.75,
      1.75,
      0.8,
      1.8,
      0.85,
      1.85,
      0.9,
      1.9,
      0.95,
      1.95
    ],
    "SoftwareVersions": "27_LX_MR_Software_release:DV25.1_R02_1649.a",
    "SpacingBetweenSlices": 3,
    "StationName": "GEMRGEMR",
    "TaskName": "OTCG",
    "TotalReadoutTime": 0.02646,
    "dataset": "ds004103",
    "modality": "bold",
    "run_id": 2,
    "subject_id": "s57A",
    "task_id": "OTCG"
  },
  "dummy_trs": 1,
  "dvars_nstd": 14.36886783948172,
  "dvars_std": 1.10026961027439,
  "dvars_vstd": 0.9970409372865855,
  "efc": 0.40933656747564745,
  "fber": 115272.6875,
  "fd_mean": 0.06180198545040151,
  "fd_num": 8,
  "fd_perc": 2.43161094224924,
  "fwhm_avg": 2.4863185714285714,
  "fwhm_x": 2.3356,
  "fwhm_y": 2.600885714285714,
  "fwhm_z": 2.5224699999999998,
  "gcor": 0.0428524,
  "gsr_x": -0.0048621222376823425,
  "gsr_y": 0.005217182915657759,
  "provenance": {
    "md5sum": "5382e6eaf10f85703cb4e5d01354580a",
    "settings": {
      "fd_thres": 0.2,
      "testing": false
    },
    "software": "mriqc",
    "version": "23.0.1",
    "webapi_port": null,
    "webapi_url": "https://mriqc.nimh.nih.gov/api/v1"
  },
  "size_t": 329,
  "size_x": 64,
  "size_y": 64,
  "size_z": 40,
  "snr": 6.330107797796256,
  "spacing_tr": 2.0,
  "spacing_x": 3.5,
  "spacing_y": 3.5,
  "spacing_z": 3.0,
  "summary_bg_k": 41.49622837237171,
  "summary_bg_mad": 21.035827857616685,
  "summary_bg_mean": 84.98381805419922,
  "summary_bg_median": 14.708207130432129,
  "summary_bg_n": 110594.0,
  "summary_bg_p05": 0.054711245000362396,
  "summary_bg_p95": 384.70867309570235,
  "summary_bg_stdv": 225.46240234375,
  "summary_fg_k": 1.1202878006015764,
  "summary_fg_mad": 663.1423453265522,
  "summary_fg_mean": 4637.224609375,
  "summary_fg_median": 4709.7509765625,
  "summary_fg_n": 22225.0,
  "summary_fg_p05": 3287.198193359375,
  "summary_fg_p95": 5739.1142578125,
  "summary_fg_stdv": 744.007080078125,
  "tsnr": 90.7467457652092
}