{
  "aor": 0.0008056838905775075,
  "aqi": 0.002504021550151976,
  "bids_meta": {
    "AcquisitionMatrixPE": 64,
    "AcquisitionNumber": 1,
    "AcquisitionTime": "11:41:48.000000",
    "BodyPartExamined": "HEAD",
    "CoilString": "8HRBRAIN",
    "ConversionSoftware": "dcm2niix",
    "ConversionSoftwareVersion": "v1.0.20181125  GCC5.4.0",
    "DeviceSerialNumber": "00000000GEMRGEMR",
    "EchoTime": 0.033,
    "EffectiveEchoSpacing": 0.00042,
    "FlipAngle": 90,
    "ImageOrientationPatientDICOM": [
      0.997471,
      -0.00886549,
      0.0705177,
      -0.00478697,
      0.981556,
      0.191113
    ],
    "ImageType": [
      "ORIGINAL",
      "PRIMARY",
      "EPI",
      "NONE"
    ],
    "ImagingFrequency": 127.764,
    "InPlanePhaseEncodingDirectionDICOM": "COL",
    "InstitutionName": "NCKU",
    "MRAcquisitionType": "2D",
    "MagneticFieldStrength": 3,
    "Manufacturer": "GE",
    "ManufacturersModelName": "DISCOVERY_MR750",
    "PatientPosition": "HFS",
    "PercentPhaseFOV": 100,
    "PhaseEncodingDirection": "j",
    "PhaseEncodingPolarityGE": "Flipped",
    "PixelBandwidth": 7812.5,
    "ProtocolName": "hypervote_run_1",
    "ReconMatrixPE": 64,
    "RepetitionTime": 2,
    "SAR": 0.400955,
    "ScanOptions": "EPI_GEMS_ACC_GEMS",
    "ScanningSequence": "EP_GR",
    "SequenceVariant": "SS",
    "SeriesDescription": "hypervote_run_1",
    "SeriesNumber": 4,
    "SliceThickness": 3,
    "SliceTiming": [
      0,
      1,
      0.05,
      1.05,
      0.0999999,
      1.1,
      0.15,
      1.15,
      0.2,
      1.2,
      0.25,
      1.25,
      0.3,
      1.3,
      0.35,
      1.35,
      0.4,
      1.4,
      0.45,
      1.45,
      0.5,
      1.5,
      0.55,
      1.55,
      0.6,
      1.6,
      0.65,
      1.65,
      0.7,
      1.7,
      0.75,
      1.75,
      0.8,
      1.8,
      0.85,
      1.85,
      0.9,
      1.9,
      0.95,
      1.95
    ],
    "SoftwareVersions": "27_LX_MR_Software_release:DV25.1_R02_1649.a",
    "SpacingBetweenSlices": 3,
    "StationName": "GEMRGEMR",
    "TaskName": "OTCG",
    "TotalReadoutTime": 0.02646,
    "dataset": "ds004103",
    "modality": "bold",
    "run_id": 1,
    "subject_id": "s57A",
    "task_id": "OTCG"
  },
  "dummy_trs": 1,
  "dvars_nstd": 14.270151187652438,
  "dvars_std": 1.0995057027439032,
  "dvars_vstd": 0.9984385201524391,
  "efc": 0.4084348953430235,
  "fber": 114490.203125,
  "fd_mean": 0.05702807191468241,
  "fd_num": 2,
  "fd_perc": 0.60790273556231,
  "fwhm_avg": 2.498154444444445,
  "fwhm_x": 2.3406714285714285,
  "fwhm_y": 2.6039085714285717,
  "fwhm_z": 2.5498833333333333,
  "gcor": 0.0556142,
  "gsr_x": -0.004831833299249411,
  "gsr_y": 0.0057970876805484295,
  "provenance": {
    "md5sum": "4c73a0884fa64a56d73337fd719198c2",
    "settings": {
      "fd_thres": 0.2,
      "testing": false
    },
    "software": "mriqc",
    "version": "23.0.1",
    "webapi_port": null,
    "webapi_url": "https://mriqc.nimh.nih.gov/api/v1"
  },
  "size_t": 329,
  "size_x": 64,
  "size_y": 64,
  "size_z": 40,
  "snr": 6.180065335812156,
  "spacing_tr": 2.0,
  "spacing_x": 3.5,
  "spacing_y": 3.5,
  "spacing_z": 3.0,
  "summary_bg_k": 42.07120450284675,
  "summary_bg_mad": 21.067372847019506,
  "summary_bg_mean": 83.08477020263672,
  "summary_bg_median": 14.723404884338379,
  "summary_bg_n": 110642.0,
  "summary_bg_p05": 0.042553193867206573,
  "summary_bg_p95": 373.01990356445305,
  "summary_bg_stdv": 221.51199340820312,
  "summary_fg_k": 0.9294208506305095,
  "summary_fg_mad": 695.209409716652,
  "summary_fg_mean": 4610.23193359375,
  "summary_fg_median": 4675.158203125,
  "summary_fg_n": 22237.0,
  "summary_fg_p05": 3262.6109375,
  "summary_fg_p95": 5745.4689453125,
  "summary_fg_stdv": 756.4730834960938,
  "tsnr": 95.22164656128734
}