{
  "aor": 0.0012379635258358663,
  "aqi": 0.0028946982978723403,
  "bids_meta": {
    "AcquisitionMatrixPE": 64,
    "AcquisitionNumber": 1,
    "AcquisitionTime": "12:10:13.000000",
    "BodyPartExamined": "HEAD",
    "CoilString": "8HRBRAIN",
    "ConversionSoftware": "dcm2niix",
    "ConversionSoftwareVersion": "v1.0.20181125  GCC5.4.0",
    "DeviceSerialNumber": "00000000GEMRGEMR",
    "EchoTime": 0.033,
    "EffectiveEchoSpacing": 0.00042,
    "FlipAngle": 90,
    "ImageOrientationPatientDICOM": [
      0.997471,
      -0.00886542,
      0.0705173,
      -0.00478704,
      0.981556,
      0.191113
    ],
    "ImageType": [
      "ORIGINAL",
      "PRIMARY",
      "EPI",
      "NONE"
    ],
    "ImagingFrequency": 127.764,
    "InPlanePhaseEncodingDirectionDICOM": "COL",
    "InstitutionName": "NCKU",
    "MRAcquisitionType": "2D",
    "MagneticFieldStrength": 3,
    "Manufacturer": "GE",
    "ManufacturersModelName": "DISCOVERY_MR750",
    "PatientPosition": "HFS",
    "PercentPhaseFOV": 100,
    "PhaseEncodingDirection": "j",
    "PhaseEncodingPolarityGE": "Flipped",
    "PixelBandwidth": 7812.5,
    "ProtocolName": "hypervote_run_3",
    "ReconMatrixPE": 64,
    "RepetitionTime": 2,
    "SAR": 0.400955,
    "ScanOptions": "EPI_GEMS_ACC_GEMS",
    "ScanningSequence": "EP_GR",
    "SequenceVariant": "SS",
    "SeriesDescription": "hypervote_run_3",
    "SeriesNumber": 7,
    "SliceThickness": 3,
    "SliceTiming": [
      0,
      1,
      0.05,
      1.05,
      0.0999999,
      1.1,
      0.15,
      1.15,
      0.2,
      1.2,
      0.25,
      1.25,
      0.3,
      1.3,
      0.35,
      1.35,
      0.4,
      1.4,
      0.45,
      1.45,
      0.5,
      1.5,
      0.55,
      1.55,
      0.6,
      1.6,
      0.65,
      1.65,
      0.7,
      1.7,
      0.75,
      1.75,
      0.8,
      1.8,
      0.85,
      1.85,
      0.9,
      1.9,
      0.95,
      1.95
    ],
    "SoftwareVersions": "27_LX_MR_Software_release:DV25.1_R02_1649.a",
    "SpacingBetweenSlices": 3,
    "StationName": "GEMRGEMR",
    "TaskName": "OTCG",
    "TotalReadoutTime": 0.02646,
    "dataset": "ds004103",
    "modality": "bold",
    "run_id": 3,
    "subject_id": "s57A",
    "task_id": "OTCG"
  },
  "dummy_trs": 1,
  "dvars_nstd": 14.208317116798787,
  "dvars_std": 1.0995820794512206,
  "dvars_vstd": 1.0015742691768301,
  "efc": 0.4103260256716599,
  "fber": 112170.5625,
  "fd_mean": 0.056124015966018605,
  "fd_num": 4,
  "fd_perc": 1.21580547112462,
  "fwhm_avg": 2.507621428571429,
  "fwhm_x": 2.3417342857142858,
  "fwhm_y": 2.60924,
  "fwhm_z": 2.5718900000000002,
  "gcor": 0.0433971,
  "gsr_x": -0.004804965108633041,
  "gsr_y": 0.006127926055341959,
  "provenance": {
    "md5sum": "1634937cd92c8516d8de0179dbb7b4fa",
    "settings": {
      "fd_thres": 0.2,
      "testing": false
    },
    "software": "mriqc",
    "version": "23.0.1",
    "webapi_port": null,
    "webapi_url": "https://mriqc.nimh.nih.gov/api/v1"
  },
  "size_t": 329,
  "size_x": 64,
  "size_y": 64,
  "size_z": 40,
  "snr": 6.204834540334507,
  "spacing_tr": 2.0,
  "spacing_x": 3.5,
  "spacing_y": 3.5,
  "spacing_z": 3.0,
  "summary_bg_k": 40.86015865384876,
  "summary_bg_mad": 21.274665575457327,
  "summary_bg_mean": 86.25946044921875,
  "summary_bg_median": 14.872340202331543,
  "summary_bg_n": 110530.0,
  "summary_bg_p05": 0.054711245000362396,
  "summary_bg_p95": 386.8779586791983,
  "summary_bg_stdv": 227.8662109375,
  "summary_fg_k": 0.9831389784590803,
  "summary_fg_mad": 686.102409761183,
  "summary_fg_mean": 4611.64306640625,
  "summary_fg_median": 4674.86328125,
  "summary_fg_n": 22302.0,
  "summary_fg_p05": 3262.666394042969,
  "summary_fg_p95": 5743.859326171875,
  "summary_fg_stdv": 753.4058227539062,
  "tsnr": 91.61944711545948
}