{
  "aor": 0.0005695440729483282,
  "aqi": 0.008183983829787234,
  "bids_meta": {
    "AcquisitionMatrixPE": 64,
    "AcquisitionNumber": 1,
    "AcquisitionTime": "11:53:41.837500",
    "BandwidthPerPixelPhaseEncode": 31.888,
    "BaseResolution": 64,
    "BodyPartExamined": "BRAIN",
    "ConsistencyInfo": "N4_VD13D_LATEST_20130810",
    "ConversionSoftware": "dcm2niix",
    "ConversionSoftwareVersion": "v1.0.20181125  GCC5.4.0",
    "DerivedVendorReportedEchoSpacing": 0.000489996,
    "DeviceSerialNumber": "66020",
    "DwellTime": 3.3e-06,
    "EchoTime": 0.024,
    "EchoTrainLength": 64,
    "EffectiveEchoSpacing": 0.000489996,
    "FlipAngle": 87,
    "ImageOrientationPatientDICOM": [
      0.999998,
      -0.00162365,
      0.000684484,
      0.00174531,
      0.966105,
      -0.258144
    ],
    "ImageType": [
      "ORIGINAL",
      "PRIMARY",
      "M",
      "ND",
      "NORM",
      "MOSAIC"
    ],
    "ImagingFrequency": 123.262,
    "InPlanePhaseEncodingDirectionDICOM": "COL",
    "InstitutionAddress": "Fanglan_Rd._49_Taipei_Da_An_TW_10672",
    "InstitutionName": "NTU_NCSC",
    "InstitutionalDepartmentName": "Department",
    "MRAcquisitionType": "2D",
    "MagneticFieldStrength": 3,
    "Manufacturer": "Siemens",
    "ManufacturersModelName": "Prisma",
    "PartialFourier": 1,
    "PatientPosition": "HFS",
    "PercentPhaseFOV": 100,
    "PhaseEncodingDirection": "j-",
    "PhaseEncodingSteps": 64,
    "PhaseResolution": 1,
    "PixelBandwidth": 2365,
    "ProcedureStepDescription": "NTU_Brain",
    "ProtocolName": "ep2d_bold_64x64_3mm_iso_330TR",
    "PulseSequenceDetails": "%SiemensSeq%_ep2d_bold",
    "ReceiveCoilActiveElements": "HE1-4",
    "ReceiveCoilName": "HeadNeck_20",
    "ReconMatrixPE": 64,
    "RepetitionTime": 2,
    "SAR": 0.116085,
    "ScanOptions": "FS",
    "ScanningSequence": "EP",
    "SequenceName": "_epfid2d1_64",
    "SequenceVariant": "SK",
    "SeriesDescription": "ep2d_bold_64x64_3mm_iso_330TR",
    "SeriesNumber": 4,
    "ShimSetting": [
      -3004,
      -3775,
      -5590,
      238,
      -95,
      -81,
      -94,
      26
    ],
    "SliceThickness": 3,
    "SliceTiming": [
      0.99,
      0,
      1.045,
      0.055,
      1.1,
      0.11,
      1.155,
      0.165,
      1.21,
      0.22,
      1.265,
      0.275,
      1.32,
      0.33,
      1.375,
      0.385,
      1.43,
      0.44,
      1.485,
      0.495,
      1.54,
      0.55,
      1.595,
      0.605,
      1.65,
      0.66,
      1.705,
      0.715,
      1.76,
      0.77,
      1.815,
      0.825,
      1.87,
      0.88,
      1.925,
      0.935
    ],
    "SoftwareVersions": "syngo_MR_D13D",
    "SpacingBetweenSlices": 3,
    "StationName": "AWP66020",
    "TaskName": "OTCG",
    "TotalReadoutTime": 0.0308698,
    "TxRefAmp": 242.653,
    "VendorReportedEchoSpacing": 0.00049,
    "dataset": "ds004103",
    "modality": "bold",
    "run_id": 1,
    "subject_id": "s54B",
    "task_id": "OTCG"
  },
  "dummy_trs": 1,
  "dvars_nstd": 18.102891959908526,
  "dvars_std": 1.2013088327134152,
  "dvars_vstd": 0.9803641789024392,
  "efc": 0.5869259366346736,
  "fber": 1106.610595703125,
  "fd_mean": 0.09931897510723652,
  "fd_num": 17,
  "fd_perc": 5.167173252279635,
  "fwhm_avg": 1.6636600000000001,
  "fwhm_x": 1.5712333333333335,
  "fwhm_y": 1.7566566666666665,
  "fwhm_z": 1.6630900000000002,
  "gcor": 0.0191002,
  "gsr_x": -0.013532765209674835,
  "gsr_y": 0.051164835691452026,
  "provenance": {
    "md5sum": "18517fc69f619ba19350dce0227f3da3",
    "settings": {
      "fd_thres": 0.2,
      "testing": false
    },
    "software": "mriqc",
    "version": "23.0.1",
    "webapi_port": null,
    "webapi_url": "https://mriqc.nimh.nih.gov/api/v1"
  },
  "size_t": 329,
  "size_x": 64,
  "size_y": 64,
  "size_z": 36,
  "snr": 8.311289615720554,
  "spacing_tr": 2.0,
  "spacing_x": 3.0,
  "spacing_y": 3.0,
  "spacing_z": 3.0,
  "summary_bg_k": 37.08697116821703,
  "summary_bg_mad": 15.02880937013608,
  "summary_bg_mean": 55.636661529541016,
  "summary_bg_median": 26.60790252685547,
  "summary_bg_n": 79171.0,
  "summary_bg_p05": 12.668693542480469,
  "summary_bg_p95": 178.0653533935547,
  "summary_bg_stdv": 91.48107147216797,
  "summary_fg_k": 1.7278993842872747,
  "summary_fg_mad": 107.87392566985973,
  "summary_fg_mean": 902.023681640625,
  "summary_fg_median": 898.924072265625,
  "summary_fg_n": 35430.0,
  "summary_fg_p05": 743.7600463867187,
  "summary_fg_p95": 1076.1863403320312,
  "summary_fg_stdv": 108.15546417236328,
  "tsnr": 88.27179416897707
}