{
  "aor": 0.0005223939393939394,
  "aqi": 0.0051705045454545455,
  "bids_meta": {
    "AcquisitionMatrixPE": 64,
    "AcquisitionNumber": 1,
    "AcquisitionTime": "11:44:41.045000",
    "BandwidthPerPixelPhaseEncode": 31.888,
    "BaseResolution": 64,
    "BodyPartExamined": "BRAIN",
    "ConsistencyInfo": "N4_VD13D_LATEST_20130810",
    "ConversionSoftware": "dcm2niix",
    "ConversionSoftwareVersion": "v1.0.20181125  GCC5.4.0",
    "DerivedVendorReportedEchoSpacing": 0.000489996,
    "DeviceSerialNumber": "66020",
    "DwellTime": 3.3e-06,
    "EchoTime": 0.024,
    "EchoTrainLength": 64,
    "EffectiveEchoSpacing": 0.000489996,
    "FlipAngle": 87,
    "ImageOrientationPatientDICOM": [
      0.999403,
      0.0070483,
      -0.0338105,
      -0.0139552,
      0.977892,
      -0.208646
    ],
    "ImageType": [
      "ORIGINAL",
      "PRIMARY",
      "M",
      "ND",
      "NORM",
      "MOSAIC"
    ],
    "ImagingFrequency": 123.262,
    "InPlanePhaseEncodingDirectionDICOM": "COL",
    "InstitutionAddress": "Fanglan_Rd._49_Taipei_Da_An_TW_10672",
    "InstitutionName": "NTU_NCSC",
    "InstitutionalDepartmentName": "Department",
    "MRAcquisitionType": "2D",
    "MagneticFieldStrength": 3,
    "Manufacturer": "Siemens",
    "ManufacturersModelName": "Prisma",
    "PartialFourier": 1,
    "PatientPosition": "HFS",
    "PercentPhaseFOV": 100,
    "PhaseEncodingDirection": "j-",
    "PhaseEncodingSteps": 64,
    "PhaseResolution": 1,
    "PixelBandwidth": 2365,
    "ProcedureStepDescription": "NTU_Brain",
    "ProtocolName": "ep2d_bold_64x64_3mm_iso_330TR",
    "PulseSequenceDetails": "%SiemensSeq%_ep2d_bold",
    "ReceiveCoilActiveElements": "HE1-4",
    "ReceiveCoilName": "HeadNeck_20",
    "ReconMatrixPE": 64,
    "RepetitionTime": 2,
    "SAR": 0.10552,
    "ScanOptions": "FS",
    "ScanningSequence": "EP",
    "SequenceName": "_epfid2d1_64",
    "SequenceVariant": "SK",
    "SeriesDescription": "ep2d_bold_64x64_3mm_iso_330TR",
    "SeriesNumber": 3,
    "ShimSetting": [
      -3010,
      -3803,
      -5535,
      281,
      -134,
      -130,
      -50,
      29
    ],
    "SliceThickness": 3,
    "SliceTiming": [
      0.99,
      0,
      1.045,
      0.055,
      1.1,
      0.11,
      1.155,
      0.165,
      1.21,
      0.22,
      1.265,
      0.275,
      1.32,
      0.33,
      1.375,
      0.385,
      1.43,
      0.44,
      1.485,
      0.495,
      1.54,
      0.55,
      1.595,
      0.605,
      1.65,
      0.66,
      1.705,
      0.715,
      1.76,
      0.77,
      1.815,
      0.825,
      1.87,
      0.88,
      1.925,
      0.935
    ],
    "SoftwareVersions": "syngo_MR_D13D",
    "SpacingBetweenSlices": 3,
    "StationName": "AWP66020",
    "TaskName": "OTCG",
    "TotalReadoutTime": 0.0308698,
    "TxRefAmp": 257.228,
    "VendorReportedEchoSpacing": 0.00049,
    "dataset": "ds004103",
    "modality": "bold",
    "run_id": 1,
    "subject_id": "s57B",
    "task_id": "OTCG"
  },
  "dummy_trs": 0,
  "dvars_nstd": 18.5361442418845,
  "dvars_std": 1.1562494768693021,
  "dvars_vstd": 1.0016937333738605,
  "efc": 0.6380921172651417,
  "fber": 669.9005737304688,
  "fd_mean": 0.07201134067732062,
  "fd_num": 4,
  "fd_perc": 1.2121212121212122,
  "fwhm_avg": 1.7759,
  "fwhm_x": 1.6683433333333333,
  "fwhm_y": 1.8772133333333334,
  "fwhm_z": 1.7821433333333332,
  "gcor": 0.0198249,
  "gsr_x": 0.005591436289250851,
  "gsr_y": 0.03423888236284256,
  "provenance": {
    "md5sum": "9dd019410deab7d56ea6005686c2bf85",
    "settings": {
      "fd_thres": 0.2,
      "testing": false
    },
    "software": "mriqc",
    "version": "23.0.1",
    "webapi_port": null,
    "webapi_url": "https://mriqc.nimh.nih.gov/api/v1"
  },
  "size_t": 330,
  "size_x": 64,
  "size_y": 64,
  "size_z": 36,
  "snr": 7.826981741728491,
  "spacing_tr": 2.0,
  "spacing_x": 3.0,
  "spacing_y": 3.0,
  "spacing_z": 3.0,
  "summary_bg_k": 7.147243715482084,
  "summary_bg_mad": 20.572228433973073,
  "summary_bg_mean": 75.24503326416016,
  "summary_bg_median": 30.227272033691406,
  "summary_bg_n": 73977.0,
  "summary_bg_p05": 13.521211624145508,
  "summary_bg_p95": 291.7139282226562,
  "summary_bg_stdv": 97.39920806884766,
  "summary_fg_k": 2.2700739568180586,
  "summary_fg_mad": 97.6047063788575,
  "summary_fg_mean": 805.8541259765625,
  "summary_fg_median": 802.154541015625,
  "summary_fg_n": 39345.0,
  "summary_fg_p05": 660.1193725585938,
  "summary_fg_p95": 970.9096801757812,
  "summary_fg_stdv": 102.48450469970703,
  "tsnr": 90.51282189926133
}