{
  "aor": 0.0005979393939393939,
  "aqi": 0.005670076545454545,
  "bids_meta": {
    "AcquisitionMatrixPE": 64,
    "AcquisitionNumber": 1,
    "AcquisitionTime": "12:11:32.792500",
    "BandwidthPerPixelPhaseEncode": 31.888,
    "BaseResolution": 64,
    "BodyPartExamined": "BRAIN",
    "ConsistencyInfo": "N4_VD13D_LATEST_20130810",
    "ConversionSoftware": "dcm2niix",
    "ConversionSoftwareVersion": "v1.0.20181125  GCC5.4.0",
    "DerivedVendorReportedEchoSpacing": 0.000489996,
    "DeviceSerialNumber": "66020",
    "DwellTime": 3.3e-06,
    "EchoTime": 0.024,
    "EchoTrainLength": 64,
    "EffectiveEchoSpacing": 0.000489996,
    "FlipAngle": 87,
    "ImageOrientationPatientDICOM": [
      0.999403,
      0.0070483,
      -0.0338105,
      -0.0139552,
      0.977892,
      -0.208646
    ],
    "ImageType": [
      "ORIGINAL",
      "PRIMARY",
      "M",
      "ND",
      "NORM",
      "MOSAIC"
    ],
    "ImagingFrequency": 123.262,
    "InPlanePhaseEncodingDirectionDICOM": "COL",
    "InstitutionAddress": "Fanglan_Rd._49_Taipei_Da_An_TW_10672",
    "InstitutionName": "NTU_NCSC",
    "InstitutionalDepartmentName": "Department",
    "MRAcquisitionType": "2D",
    "MagneticFieldStrength": 3,
    "Manufacturer": "Siemens",
    "ManufacturersModelName": "Prisma",
    "PartialFourier": 1,
    "PatientPosition": "HFS",
    "PercentPhaseFOV": 100,
    "PhaseEncodingDirection": "j-",
    "PhaseEncodingSteps": 64,
    "PhaseResolution": 1,
    "PixelBandwidth": 2365,
    "ProcedureStepDescription": "NTU_Brain",
    "ProtocolName": "ep2d_bold_64x64_3mm_iso_330TR",
    "PulseSequenceDetails": "%SiemensSeq%_ep2d_bold",
    "ReceiveCoilActiveElements": "HE1-4",
    "ReceiveCoilName": "HeadNeck_20",
    "ReconMatrixPE": 64,
    "RepetitionTime": 2,
    "SAR": 0.10552,
    "ScanOptions": "FS",
    "ScanningSequence": "EP",
    "SequenceName": "_epfid2d1_64",
    "SequenceVariant": "SK",
    "SeriesDescription": "ep2d_bold_64x64_3mm_iso_330TR",
    "SeriesNumber": 6,
    "ShimSetting": [
      -3010,
      -3803,
      -5535,
      281,
      -134,
      -130,
      -50,
      29
    ],
    "SliceThickness": 3,
    "SliceTiming": [
      0.99,
      0,
      1.045,
      0.055,
      1.1,
      0.11,
      1.155,
      0.165,
      1.21,
      0.22,
      1.265,
      0.275,
      1.32,
      0.33,
      1.375,
      0.385,
      1.43,
      0.44,
      1.485,
      0.495,
      1.54,
      0.55,
      1.595,
      0.605,
      1.65,
      0.66,
      1.705,
      0.715,
      1.76,
      0.77,
      1.815,
      0.825,
      1.87,
      0.88,
      1.925,
      0.935
    ],
    "SoftwareVersions": "syngo_MR_D13D",
    "SpacingBetweenSlices": 3,
    "StationName": "AWP66020",
    "TaskName": "OTCG",
    "TotalReadoutTime": 0.0308698,
    "TxRefAmp": 257.228,
    "VendorReportedEchoSpacing": 0.00049,
    "dataset": "ds004103",
    "modality": "bold",
    "run_id": 3,
    "subject_id": "s57B",
    "task_id": "OTCG"
  },
  "dummy_trs": 0,
  "dvars_nstd": 17.853679923617033,
  "dvars_std": 1.1393014740121572,
  "dvars_vstd": 0.9996382713981775,
  "efc": 0.6408231776308516,
  "fber": 642.74560546875,
  "fd_mean": 0.10406549372492847,
  "fd_num": 24,
  "fd_perc": 7.2727272727272725,
  "fwhm_avg": 1.763332222222222,
  "fwhm_x": 1.6687033333333332,
  "fwhm_y": 1.8733466666666667,
  "fwhm_z": 1.7479466666666665,
  "gcor": 0.0165719,
  "gsr_x": 0.006880804430693388,
  "gsr_y": 0.034682683646678925,
  "provenance": {
    "md5sum": "0c5e44017efab06fb8b192c27778e6cb",
    "settings": {
      "fd_thres": 0.2,
      "testing": false
    },
    "software": "mriqc",
    "version": "23.0.1",
    "webapi_port": null,
    "webapi_url": "https://mriqc.nimh.nih.gov/api/v1"
  },
  "size_t": 330,
  "size_x": 64,
  "size_y": 64,
  "size_z": 36,
  "snr": 7.871496952651653,
  "spacing_tr": 2.0,
  "spacing_x": 3.0,
  "spacing_y": 3.0,
  "spacing_z": 3.0,
  "summary_bg_k": 6.919132445273556,
  "summary_bg_mad": 21.223674949008544,
  "summary_bg_mean": 78.8876724243164,
  "summary_bg_median": 31.139392852783203,
  "summary_bg_n": 73972.0,
  "summary_bg_p05": 13.969696998596191,
  "summary_bg_p95": 306.3525726318359,
  "summary_bg_stdv": 102.99095153808594,
  "summary_fg_k": 2.5618123794577103,
  "summary_fg_mad": 97.61366497380575,
  "summary_fg_mean": 814.25439453125,
  "summary_fg_median": 810.5999755859375,
  "summary_fg_n": 39317.0,
  "summary_fg_p05": 668.2533081054687,
  "summary_fg_p95": 979.1908569335936,
  "summary_fg_stdv": 102.97782897949219,
  "tsnr": 89.15751956426539
}