{
  "aor": 0.0006737689969604862,
  "aqi": 0.0029358133130699088,
  "bids_meta": {
    "AcquisitionMatrixPE": 64,
    "AcquisitionNumber": 1,
    "AcquisitionTime": "09:36:43.000000",
    "BodyPartExamined": "HEAD",
    "CoilString": "8HRBRAIN",
    "ConversionSoftware": "dcm2niix",
    "ConversionSoftwareVersion": "v1.0.20181125  GCC5.4.0",
    "DeviceSerialNumber": "00000000GEMRGEMR",
    "EchoTime": 0.033,
    "EffectiveEchoSpacing": 0.00042,
    "FlipAngle": 90,
    "ImageOrientationPatientDICOM": [
      0.998846,
      -0.0479685,
      -0.00243987,
      0.048011,
      0.995703,
      0.079185
    ],
    "ImageType": [
      "ORIGINAL",
      "PRIMARY",
      "EPI",
      "NONE"
    ],
    "ImagingFrequency": 127.764,
    "InPlanePhaseEncodingDirectionDICOM": "COL",
    "InstitutionName": "NCKU",
    "MRAcquisitionType": "2D",
    "MagneticFieldStrength": 3,
    "Manufacturer": "GE",
    "ManufacturersModelName": "DISCOVERY_MR750",
    "PatientPosition": "HFS",
    "PercentPhaseFOV": 100,
    "PhaseEncodingDirection": "j",
    "PhaseEncodingPolarityGE": "Flipped",
    "PixelBandwidth": 7812.5,
    "ProtocolName": "hypervote_run_2",
    "ReconMatrixPE": 64,
    "RepetitionTime": 2,
    "SAR": 0.394761,
    "ScanOptions": "EPI_GEMS_ACC_GEMS",
    "ScanningSequence": "EP_GR",
    "SequenceVariant": "SS",
    "SeriesDescription": "hypervote_run_2",
    "SeriesNumber": 5,
    "SliceThickness": 3,
    "SliceTiming": [
      0,
      1,
      0.05,
      1.05,
      0.0999999,
      1.1,
      0.15,
      1.15,
      0.2,
      1.2,
      0.25,
      1.25,
      0.3,
      1.3,
      0.35,
      1.35,
      0.4,
      1.4,
      0.45,
      1.45,
      0.5,
      1.5,
      0.55,
      1.55,
      0.6,
      1.6,
      0.65,
      1.65,
      0.7,
      1.7,
      0.75,
      1.75,
      0.8,
      1.8,
      0.85,
      1.85,
      0.9,
      1.9,
      0.95,
      1.95
    ],
    "SoftwareVersions": "27_LX_MR_Software_release:DV25.1_R02_1649.a",
    "SpacingBetweenSlices": 3,
    "StationName": "GEMRGEMR",
    "TaskName": "OTCG",
    "TotalReadoutTime": 0.02646,
    "dataset": "ds004103",
    "modality": "bold",
    "run_id": 2,
    "subject_id": "s40A",
    "task_id": "OTCG"
  },
  "dummy_trs": 1,
  "dvars_nstd": 13.000713761219513,
  "dvars_std": 1.0634840635060974,
  "dvars_vstd": 0.976958049939025,
  "efc": 0.4006662431737832,
  "fber": 123923.140625,
  "fd_mean": 0.0428665726167887,
  "fd_num": 0,
  "fd_perc": 0.0,
  "fwhm_avg": 2.5464890476190476,
  "fwhm_x": 2.423322857142857,
  "fwhm_y": 2.6002542857142856,
  "fwhm_z": 2.61589,
  "gcor": 0.0270154,
  "gsr_x": -0.004048611503094435,
  "gsr_y": 0.002134001813828945,
  "provenance": {
    "md5sum": "dcbd40aff1a602f3eb8e091420d01973",
    "settings": {
      "fd_thres": 0.2,
      "testing": false
    },
    "software": "mriqc",
    "version": "23.0.1",
    "webapi_port": null,
    "webapi_url": "https://mriqc.nimh.nih.gov/api/v1"
  },
  "size_t": 329,
  "size_x": 64,
  "size_y": 64,
  "size_z": 40,
  "snr": 6.067698006119854,
  "spacing_tr": 2.0,
  "spacing_x": 3.5,
  "spacing_y": 3.5,
  "spacing_z": 3.0,
  "summary_bg_k": 50.8341604336474,
  "summary_bg_mad": 21.180032286278454,
  "summary_bg_mean": 90.08454132080078,
  "summary_bg_median": 14.689970016479492,
  "summary_bg_n": 111936.0,
  "summary_bg_p05": 0.042553193867206573,
  "summary_bg_p95": 411.02052307128906,
  "summary_bg_stdv": 237.87997436523438,
  "summary_fg_k": 0.5660711118510804,
  "summary_fg_mad": 781.7374921234393,
  "summary_fg_mean": 4860.7919921875,
  "summary_fg_median": 4884.705078125,
  "summary_fg_n": 20861.0,
  "summary_fg_p05": 3507.170166015625,
  "summary_fg_p95": 6164.25830078125,
  "summary_fg_stdv": 805.0150146484375,
  "tsnr": 95.78627436887473
}