{
  "bids_meta": {
    "AcquisitionMatrixPE": 224,
    "AcquisitionNumber": 1,
    "AcquisitionTime": "11:43:23.000000",
    "BodyPartExamined": "HEAD",
    "CoilString": "8HRBRAIN",
    "ConversionSoftware": "dcm2niix",
    "ConversionSoftwareVersion": "v1.0.20181125  GCC5.4.0",
    "DeviceSerialNumber": "00000000GEMRGEMR",
    "EchoTime": 0.002936,
    "FlipAngle": 12,
    "ImageOrientationPatientDICOM": [
      0.0198998,
      0.998348,
      -0.0539034,
      0.0172318,
      -0.0542485,
      -0.998379
    ],
    "ImageType": [
      "ORIGINAL",
      "PRIMARY",
      "OTHER"
    ],
    "ImagingFrequency": 127.764,
    "InPlanePhaseEncodingDirectionDICOM": "ROW",
    "InstitutionName": "NCKU",
    "InversionTime": 0.45,
    "MRAcquisitionType": "3D",
    "MagneticFieldStrength": 3,
    "Manufacturer": "GE",
    "ManufacturersModelName": "DISCOVERY_MR750",
    "Modality": "MR",
    "PatientPosition": "HFS",
    "PercentPhaseFOV": 100,
    "PixelBandwidth": 244.141,
    "ProtocolName": "T1_SAG_FSPGR_BRAVO_ASSET",
    "ReconMatrixPE": 256,
    "RepetitionTime": 0.00766,
    "SAR": 0.222947,
    "ScanOptions": "FAST_GEMS_EDR_GEMS_ACC_GEMS",
    "ScanningSequence": "GR",
    "SequenceVariant": "SS_SK",
    "SeriesDescription": "T1_SAG_FSPGR_BRAVO_ASSET",
    "SeriesNumber": 3,
    "SliceThickness": 1,
    "SoftwareVersions": "27_LX_MR_Software_release:DV25.1_R02_1649.a",
    "SpacingBetweenSlices": 1,
    "StationName": "GEMRGEMR",
    "dataset": "ds004103",
    "modality": "T1w",
    "subject_id": "s54A"
  },
  "cjv": 0.3450137044072322,
  "cnr": 3.9523714943532324,
  "efc": 0.6289190208450989,
  "fber": 4765.343647611131,
  "fwhm_avg": 4.048097142857142,
  "fwhm_x": 3.78476,
  "fwhm_y": 4.250537142857143,
  "fwhm_z": 4.108994285714286,
  "icvs_csf": 0.19921120453448551,
  "icvs_gm": 0.4550865409300053,
  "icvs_wm": 0.3457022545355092,
  "inu_med": 0.568457156419754,
  "inu_range": 0.19911038279533388,
  "provenance": {
    "md5sum": "e5710b21e6fa836898b803e625f02ead",
    "settings": {
      "testing": false
    },
    "software": "mriqc",
    "version": "23.0.1",
    "warnings": {
      "large_rot_frame": true,
      "small_air_mask": false
    },
    "webapi_port": null,
    "webapi_url": "https://mriqc.nimh.nih.gov/api/v1"
  },
  "qi_1": 0.0,
  "qi_2": 0.00034271033343614315,
  "rpve_csf": 17.394588607952574,
  "rpve_gm": 8.086951375875334,
  "rpve_wm": 11.883627832519114,
  "size_x": 166,
  "size_y": 256,
  "size_z": 256,
  "snr_csf": 2.0013570265337832,
  "snr_gm": 10.427888243034234,
  "snr_total": 10.553058666276067,
  "snr_wm": 19.22993072926019,
  "snrd_csf": 20.81452043563322,
  "snrd_gm": 61.67640369096153,
  "snrd_total": 58.20066825235119,
  "snrd_wm": 92.11108063045883,
  "spacing_x": 1.0,
  "spacing_y": 0.875,
  "spacing_z": 0.875,
  "summary_bg_k": 28.074301089902516,
  "summary_bg_mad": 7.112460288517934,
  "summary_bg_mean": 9.104644253476868,
  "summary_bg_median": 4.797281563282013,
  "summary_bg_n": 2340492.0,
  "summary_bg_p05": 0.0,
  "summary_bg_p95": 34.014058861881495,
  "summary_bg_stdv": 12.70765398555622,
  "summary_csf_k": 0.712532126314656,
  "summary_csf_mad": 111.03340783741886,
  "summary_csf_mean": 233.43686308787733,
  "summary_csf_median": 225.97195030376315,
  "summary_csf_n": 43871.0,
  "summary_csf_p05": 66.41236664168537,
  "summary_csf_p95": 434.60372662357986,
  "summary_csf_stdv": 112.90807780895265,
  "summary_gm_k": 0.10064041390254141,
  "summary_gm_mad": 63.46882965795518,
  "summary_gm_mean": 669.3484586357116,
  "summary_gm_median": 669.5872370861471,
  "summary_gm_n": 67020.0,
  "summary_gm_p05": 562.7810933925211,
  "summary_gm_p95": 774.0963490867986,
  "summary_gm_stdv": 64.21072282648241,
  "summary_wm_k": 0.36184173511665296,
  "summary_wm_mad": 50.52810329967949,
  "summary_wm_mean": 1001.0949915727513,
  "summary_wm_median": 1000.0000047571957,
  "summary_wm_n": 286134.0,
  "summary_wm_p05": 917.7799290753901,
  "summary_wm_p95": 1087.816908929497,
  "summary_wm_stdv": 52.002176783770004,
  "tpm_overlap_csf": 0.14870262630323502,
  "tpm_overlap_gm": 0.46363237596987544,
  "tpm_overlap_wm": 0.4881234214807827,
  "wm2max": 0.5634667367472593
}