{
  "bids_meta": {
    "AcquisitionMatrixPE": 224,
    "AcquisitionNumber": 1,
    "AcquisitionTime": "10:32:48.000000",
    "BodyPartExamined": "HEAD",
    "CoilString": "8HRBRAIN",
    "ConversionSoftware": "dcm2niix",
    "ConversionSoftwareVersion": "v1.0.20181125  GCC5.4.0",
    "DeviceSerialNumber": "00000000GEMRGEMR",
    "EchoTime": 0.002936,
    "FlipAngle": 12,
    "ImageOrientationPatientDICOM": [
      -0.00266429,
      0.992771,
      -0.119993,
      -0.0251121,
      -0.120022,
      -0.992454
    ],
    "ImageType": [
      "ORIGINAL",
      "PRIMARY",
      "OTHER"
    ],
    "ImagingFrequency": 127.764,
    "InPlanePhaseEncodingDirectionDICOM": "ROW",
    "InstitutionName": "NCKU",
    "InversionTime": 0.45,
    "MRAcquisitionType": "3D",
    "MagneticFieldStrength": 3,
    "Manufacturer": "GE",
    "ManufacturersModelName": "DISCOVERY_MR750",
    "Modality": "MR",
    "PatientPosition": "HFS",
    "PercentPhaseFOV": 100,
    "PixelBandwidth": 244.141,
    "ProtocolName": "T1_SAG_FSPGR_BRAVO_ASSET",
    "ReconMatrixPE": 256,
    "RepetitionTime": 0.00768,
    "SAR": 0.219289,
    "ScanOptions": "FAST_GEMS_EDR_GEMS_ACC_GEMS",
    "ScanningSequence": "GR",
    "SequenceVariant": "SS_SK",
    "SeriesDescription": "T1_SAG_FSPGR_BRAVO_ASSET",
    "SeriesNumber": 3,
    "SliceThickness": 1,
    "SoftwareVersions": "27_LX_MR_Software_release:DV25.1_R02_1649.a",
    "SpacingBetweenSlices": 1,
    "StationName": "GEMRGEMR",
    "dataset": "ds004103",
    "modality": "T1w",
    "subject_id": "s32A"
  },
  "cjv": 0.35109670514209707,
  "cnr": 3.8676784948323277,
  "efc": 0.6268576513487641,
  "fber": 3709.8122195962183,
  "fwhm_avg": 3.8588019047619047,
  "fwhm_x": 3.58756,
  "fwhm_y": 4.121771428571429,
  "fwhm_z": 3.8670742857142857,
  "icvs_csf": 0.2099941263572358,
  "icvs_gm": 0.4370582720897268,
  "icvs_wm": 0.3529476015530374,
  "inu_med": 0.6067606806755066,
  "inu_range": 0.20199487805366512,
  "provenance": {
    "md5sum": "eeaacc74bb3fc407ea2596ab314b5ce3",
    "settings": {
      "testing": false
    },
    "software": "mriqc",
    "version": "23.0.1",
    "warnings": {
      "large_rot_frame": true,
      "small_air_mask": false
    },
    "webapi_port": null,
    "webapi_url": "https://mriqc.nimh.nih.gov/api/v1"
  },
  "qi_1": 0.0,
  "qi_2": 0.00041188281571208487,
  "rpve_csf": 15.871887348864641,
  "rpve_gm": 7.947265167355431,
  "rpve_wm": 11.315443438257574,
  "size_x": 166,
  "size_y": 256,
  "size_z": 256,
  "snr_csf": 2.15785762866082,
  "snr_gm": 10.43057252620002,
  "snr_total": 10.757471721111605,
  "snr_wm": 19.683985008473968,
  "snrd_csf": 20.225094578717297,
  "snrd_gm": 58.68083980662973,
  "snrd_total": 55.16269644791672,
  "snrd_wm": 86.58215495840314,
  "spacing_x": 1.0,
  "spacing_y": 0.875,
  "spacing_z": 0.875,
  "summary_bg_k": 5.900881063286587,
  "summary_bg_mad": 7.566905223063291,
  "summary_bg_mean": 8.357535005882593,
  "summary_bg_median": 5.103800013661385,
  "summary_bg_n": 2410126.0,
  "summary_bg_p05": 0.0,
  "summary_bg_p95": 32.27808657288551,
  "summary_bg_stdv": 11.80207620705906,
  "summary_csf_k": 1.1726665762457777,
  "summary_csf_mad": 96.27353064208226,
  "summary_csf_mean": 240.7110960707281,
  "summary_csf_median": 233.60230603069067,
  "summary_csf_n": 51676.0,
  "summary_csf_p05": 74.62583263218403,
  "summary_csf_p95": 437.9008684018627,
  "summary_csf_stdv": 108.25554135633898,
  "summary_gm_k": 0.17631118294169879,
  "summary_gm_mad": 63.9096724920886,
  "summary_gm_mean": 677.0287579226194,
  "summary_gm_median": 677.7708477601409,
  "summary_gm_n": 49576.0,
  "summary_gm_p05": 568.8667907118797,
  "summary_gm_p95": 781.5366196595132,
  "summary_gm_stdv": 64.97860116002526,
  "summary_wm_k": 0.3278398925898083,
  "summary_wm_mad": 49.236011687905055,
  "summary_wm_mean": 1001.0964887386676,
  "summary_wm_median": 1000.0344364605844,
  "summary_wm_n": 315207.0,
  "summary_wm_p05": 919.5116457045078,
  "summary_wm_p95": 1085.9713934473693,
  "summary_wm_stdv": 50.804389950256414,
  "tpm_overlap_csf": 0.17349889663690388,
  "tpm_overlap_gm": 0.4698089056237007,
  "tpm_overlap_wm": 0.5108319050771574,
  "wm2max": 0.5182650033956464
}