{
  "aor": 0.002038905775075988,
  "aqi": 0.005841815775075987,
  "bids_meta": {
    "AcquisitionMatrixPE": 64,
    "AcquisitionNumber": 1,
    "AcquisitionTime": "12:04:22.000000",
    "BodyPartExamined": "HEAD",
    "CoilString": "8HRBRAIN",
    "ConversionSoftware": "dcm2niix",
    "ConversionSoftwareVersion": "v1.0.20181125  GCC5.4.0",
    "DeviceSerialNumber": "00000000GEMRGEMR",
    "EchoTime": 0.033,
    "EffectiveEchoSpacing": 0.00042,
    "FlipAngle": 90,
    "ImageOrientationPatientDICOM": [
      0.999629,
      -0.0262865,
      0.00706703,
      0.026734,
      0.996955,
      -0.073251
    ],
    "ImageType": [
      "ORIGINAL",
      "PRIMARY",
      "EPI",
      "NONE"
    ],
    "ImagingFrequency": 127.764,
    "InPlanePhaseEncodingDirectionDICOM": "COL",
    "InstitutionName": "NCKU",
    "MRAcquisitionType": "2D",
    "MagneticFieldStrength": 3,
    "Manufacturer": "GE",
    "ManufacturersModelName": "DISCOVERY_MR750",
    "PatientPosition": "HFS",
    "PercentPhaseFOV": 100,
    "PhaseEncodingDirection": "j",
    "PhaseEncodingPolarityGE": "Flipped",
    "PixelBandwidth": 7812.5,
    "ProtocolName": "hypervote_run_2",
    "ReconMatrixPE": 64,
    "RepetitionTime": 2,
    "SAR": 0.425942,
    "ScanOptions": "EPI_GEMS_ACC_GEMS",
    "ScanningSequence": "EP_GR",
    "SequenceVariant": "SS",
    "SeriesDescription": "hypervote_run_2",
    "SeriesNumber": 6,
    "SliceThickness": 3,
    "SliceTiming": [
      0,
      1,
      0.05,
      1.05,
      0.0999999,
      1.1,
      0.15,
      1.15,
      0.2,
      1.2,
      0.25,
      1.25,
      0.3,
      1.3,
      0.35,
      1.35,
      0.4,
      1.4,
      0.45,
      1.45,
      0.5,
      1.5,
      0.55,
      1.55,
      0.6,
      1.6,
      0.65,
      1.65,
      0.7,
      1.7,
      0.75,
      1.75,
      0.8,
      1.8,
      0.85,
      1.85,
      0.9,
      1.9,
      0.95,
      1.95
    ],
    "SoftwareVersions": "27_LX_MR_Software_release:DV25.1_R02_1649.a",
    "SpacingBetweenSlices": 3,
    "StationName": "GEMRGEMR",
    "TaskName": "OTCG",
    "TotalReadoutTime": 0.02646,
    "dataset": "ds004103",
    "modality": "bold",
    "run_id": 2,
    "subject_id": "s54A",
    "task_id": "OTCG"
  },
  "dummy_trs": 1,
  "dvars_nstd": 18.019682398658553,
  "dvars_std": 1.1671203656707307,
  "dvars_vstd": 1.0010703513719523,
  "efc": 0.47368902663851126,
  "fber": 32825.234375,
  "fd_mean": 0.11615767905384418,
  "fd_num": 44,
  "fd_perc": 13.373860182370821,
  "fwhm_avg": 2.703922857142857,
  "fwhm_x": 2.5305600000000004,
  "fwhm_y": 2.8314685714285717,
  "fwhm_z": 2.7497399999999996,
  "gcor": 0.111617,
  "gsr_x": 0.005001791752874851,
  "gsr_y": 0.009828973561525345,
  "provenance": {
    "md5sum": "fb7687237bd57fe41c0b20cac2fa71b6",
    "settings": {
      "fd_thres": 0.2,
      "testing": false
    },
    "software": "mriqc",
    "version": "23.0.1",
    "webapi_port": null,
    "webapi_url": "https://mriqc.nimh.nih.gov/api/v1"
  },
  "size_t": 329,
  "size_x": 64,
  "size_y": 64,
  "size_z": 40,
  "snr": 5.4989598765589776,
  "spacing_tr": 2.0,
  "spacing_x": 3.5,
  "spacing_y": 3.5,
  "spacing_z": 3.0,
  "summary_bg_k": 39.94830002012836,
  "summary_bg_mad": 38.90816875280008,
  "summary_bg_mean": 149.6479034423828,
  "summary_bg_median": 26.963525772094727,
  "summary_bg_n": 101900.0,
  "summary_bg_p05": 0.10030395537614822,
  "summary_bg_p95": 747.0963531494128,
  "summary_bg_stdv": 365.3532409667969,
  "summary_fg_k": 0.3167850464070483,
  "summary_fg_mad": 810.4115112996055,
  "summary_fg_mean": 4595.544921875,
  "summary_fg_median": 4630.08203125,
  "summary_fg_n": 28703.0,
  "summary_fg_p05": 3175.637158203125,
  "summary_fg_p95": 5917.374169921874,
  "summary_fg_stdv": 841.9776611328125,
  "tsnr": 65.21995665505528
}