{
  "aor": 0.002797021276595745,
  "aqi": 0.0047563997264437686,
  "bids_meta": {
    "AcquisitionMatrixPE": 64,
    "AcquisitionNumber": 1,
    "AcquisitionTime": "12:16:13.000000",
    "BodyPartExamined": "HEAD",
    "CoilString": "8HRBRAIN",
    "ConversionSoftware": "dcm2niix",
    "ConversionSoftwareVersion": "v1.0.20181125  GCC5.4.0",
    "DeviceSerialNumber": "00000000GEMRGEMR",
    "EchoTime": 0.033,
    "EffectiveEchoSpacing": 0.00042,
    "FlipAngle": 90,
    "ImageOrientationPatientDICOM": [
      0.999629,
      -0.0262865,
      0.00706703,
      0.026734,
      0.996955,
      -0.073251
    ],
    "ImageType": [
      "ORIGINAL",
      "PRIMARY",
      "EPI",
      "NONE"
    ],
    "ImagingFrequency": 127.764,
    "InPlanePhaseEncodingDirectionDICOM": "COL",
    "InstitutionName": "NCKU",
    "MRAcquisitionType": "2D",
    "MagneticFieldStrength": 3,
    "Manufacturer": "GE",
    "ManufacturersModelName": "DISCOVERY_MR750",
    "PatientPosition": "HFS",
    "PercentPhaseFOV": 100,
    "PhaseEncodingDirection": "j",
    "PhaseEncodingPolarityGE": "Flipped",
    "PixelBandwidth": 7812.5,
    "ProtocolName": "hypervote_run_3",
    "ReconMatrixPE": 64,
    "RepetitionTime": 2,
    "SAR": 0.425942,
    "ScanOptions": "EPI_GEMS_ACC_GEMS",
    "ScanningSequence": "EP_GR",
    "SequenceVariant": "SS",
    "SeriesDescription": "hypervote_run_3",
    "SeriesNumber": 7,
    "SliceThickness": 3,
    "SliceTiming": [
      0,
      1,
      0.05,
      1.05,
      0.0999999,
      1.1,
      0.15,
      1.15,
      0.2,
      1.2,
      0.25,
      1.25,
      0.3,
      1.3,
      0.35,
      1.35,
      0.4,
      1.4,
      0.45,
      1.45,
      0.5,
      1.5,
      0.55,
      1.55,
      0.6,
      1.6,
      0.65,
      1.65,
      0.7,
      1.7,
      0.75,
      1.75,
      0.8,
      1.8,
      0.85,
      1.85,
      0.9,
      1.9,
      0.95,
      1.95
    ],
    "SoftwareVersions": "27_LX_MR_Software_release:DV25.1_R02_1649.a",
    "SpacingBetweenSlices": 3,
    "StationName": "GEMRGEMR",
    "TaskName": "OTCG",
    "TotalReadoutTime": 0.02646,
    "dataset": "ds004103",
    "modality": "bold",
    "run_id": 3,
    "subject_id": "s54A",
    "task_id": "OTCG"
  },
  "dummy_trs": 1,
  "dvars_nstd": 16.79414187426829,
  "dvars_std": 1.1549182862500007,
  "dvars_vstd": 1.0110994706707315,
  "efc": 0.4755302985019613,
  "fber": 32581.83203125,
  "fd_mean": 0.11975373577737985,
  "fd_num": 48,
  "fd_perc": 14.589665653495441,
  "fwhm_avg": 2.66004253968254,
  "fwhm_x": 2.489311428571429,
  "fwhm_y": 2.782082857142857,
  "fwhm_z": 2.7087333333333334,
  "gcor": 0.0778098,
  "gsr_x": 0.005005869083106518,
  "gsr_y": 0.009350592270493507,
  "provenance": {
    "md5sum": "500c064403c00e7eff053c5949c7b796",
    "settings": {
      "fd_thres": 0.2,
      "testing": false
    },
    "software": "mriqc",
    "version": "23.0.1",
    "webapi_port": null,
    "webapi_url": "https://mriqc.nimh.nih.gov/api/v1"
  },
  "size_t": 329,
  "size_x": 64,
  "size_y": 64,
  "size_z": 40,
  "snr": 5.6231577534877095,
  "spacing_tr": 2.0,
  "spacing_x": 3.5,
  "spacing_y": 3.5,
  "spacing_z": 3.0,
  "summary_bg_k": 36.29561265908619,
  "summary_bg_mad": 39.57511403652832,
  "summary_bg_mean": 152.9469757080078,
  "summary_bg_median": 27.44072914123535,
  "summary_bg_n": 101875.0,
  "summary_bg_p05": 0.11246200650930405,
  "summary_bg_p95": 760.6881408691361,
  "summary_bg_stdv": 366.2121887207031,
  "summary_fg_k": 0.36705854708957775,
  "summary_fg_mad": 793.2801440145344,
  "summary_fg_mean": 4612.18798828125,
  "summary_fg_median": 4654.5791015625,
  "summary_fg_n": 28742.0,
  "summary_fg_p05": 3218.4349365234375,
  "summary_fg_p95": 5921.502880859375,
  "summary_fg_stdv": 827.7374267578125,
  "tsnr": 70.49250892084092
}