{
  "aor": 0.001971306990881459,
  "aqi": 0.009426147507598785,
  "bids_meta": {
    "AcquisitionMatrixPE": 64,
    "AcquisitionNumber": 1,
    "AcquisitionTime": "10:59:3.767500",
    "BandwidthPerPixelPhaseEncode": 31.888,
    "BaseResolution": 64,
    "BodyPartExamined": "BRAIN",
    "ConsistencyInfo": "N4_VD13D_LATEST_20130810",
    "ConversionSoftware": "dcm2niix",
    "ConversionSoftwareVersion": "v1.0.20181125  GCC5.4.0",
    "DerivedVendorReportedEchoSpacing": 0.000489996,
    "DeviceSerialNumber": "66020",
    "DwellTime": 3.3e-06,
    "EchoTime": 0.024,
    "EchoTrainLength": 64,
    "EffectiveEchoSpacing": 0.000489996,
    "FlipAngle": 87,
    "ImageOrientationPatientDICOM": [
      0.999631,
      0.0240933,
      0.0125293,
      -0.0209393,
      0.977623,
      -0.209319
    ],
    "ImageType": [
      "ORIGINAL",
      "PRIMARY",
      "M",
      "ND",
      "NORM",
      "MOSAIC"
    ],
    "ImagingFrequency": 123.262,
    "InPlanePhaseEncodingDirectionDICOM": "COL",
    "InstitutionAddress": "Fanglan_Rd._49_Taipei_Da_An_TW_10672",
    "InstitutionName": "NTU_NCSC",
    "InstitutionalDepartmentName": "Department",
    "MRAcquisitionType": "2D",
    "MagneticFieldStrength": 3,
    "Manufacturer": "Siemens",
    "ManufacturersModelName": "Prisma",
    "PartialFourier": 1,
    "PatientPosition": "HFS",
    "PercentPhaseFOV": 100,
    "PhaseEncodingDirection": "j-",
    "PhaseEncodingSteps": 64,
    "PhaseResolution": 1,
    "PixelBandwidth": 2365,
    "ProcedureStepDescription": "NTU_Brain",
    "ProtocolName": "ep2d_bold_64x64_3mm_iso_330TR",
    "PulseSequenceDetails": "%SiemensSeq%_ep2d_bold",
    "ReceiveCoilActiveElements": "HE1-4",
    "ReceiveCoilName": "HeadNeck_20",
    "ReconMatrixPE": 64,
    "RepetitionTime": 2,
    "SAR": 0.109251,
    "ScanOptions": "FS",
    "ScanningSequence": "EP",
    "SequenceName": "_epfid2d1_64",
    "SequenceVariant": "SK",
    "SeriesDescription": "ep2d_bold_64x64_3mm_iso_330TR",
    "SeriesNumber": 5,
    "ShimSetting": [
      -3009,
      -3794,
      -5542,
      279,
      -109,
      -8,
      -87,
      25
    ],
    "SliceThickness": 3,
    "SliceTiming": [
      0.9875,
      0,
      1.0425,
      0.0525,
      1.0975,
      0.1075,
      1.1525,
      0.1625,
      1.2075,
      0.2175,
      1.2625,
      0.2725,
      1.3175,
      0.3275,
      1.3725,
      0.3825,
      1.4275,
      0.4375,
      1.4825,
      0.4925,
      1.5375,
      0.5475,
      1.5925,
      0.6025,
      1.6475,
      0.6575,
      1.7025,
      0.7125,
      1.7575,
      0.7675,
      1.8125,
      0.8225,
      1.8675,
      0.8775,
      1.9225,
      0.9325
    ],
    "SoftwareVersions": "syngo_MR_D13D",
    "SpacingBetweenSlices": 3,
    "StationName": "AWP66020",
    "TaskName": "OTCG",
    "TotalReadoutTime": 0.0308698,
    "TxRefAmp": 245.66,
    "VendorReportedEchoSpacing": 0.00049,
    "dataset": "ds004103",
    "modality": "bold",
    "run_id": 3,
    "subject_id": "s41B",
    "task_id": "OTCG"
  },
  "dummy_trs": 1,
  "dvars_nstd": 19.00240421286585,
  "dvars_std": 1.1543175599085365,
  "dvars_vstd": 0.9635976930182919,
  "efc": 0.5994524450526748,
  "fber": 846.4976806640625,
  "fd_mean": 0.1183418712457031,
  "fd_num": 23,
  "fd_perc": 6.990881458966565,
  "fwhm_avg": 1.6245122222222224,
  "fwhm_x": 1.5332100000000002,
  "fwhm_y": 1.6813233333333333,
  "fwhm_z": 1.6590033333333334,
  "gcor": 0.0202768,
  "gsr_x": 0.0020318101160228252,
  "gsr_y": 0.0400787852704525,
  "provenance": {
    "md5sum": "6f2985d14f96d2a00b18f35b5e890dbe",
    "settings": {
      "fd_thres": 0.2,
      "testing": false
    },
    "software": "mriqc",
    "version": "23.0.1",
    "webapi_port": null,
    "webapi_url": "https://mriqc.nimh.nih.gov/api/v1"
  },
  "size_t": 329,
  "size_x": 64,
  "size_y": 64,
  "size_z": 36,
  "snr": 8.230225200450798,
  "spacing_tr": 2.0,
  "spacing_x": 3.0,
  "spacing_y": 3.0,
  "spacing_z": 3.0,
  "summary_bg_k": 15.304138769699012,
  "summary_bg_mad": 17.079219100273033,
  "summary_bg_mean": 66.42972564697266,
  "summary_bg_median": 29.033435821533203,
  "summary_bg_n": 79847.0,
  "summary_bg_p05": 13.823708534240723,
  "summary_bg_p95": 284.42431335449214,
  "summary_bg_stdv": 104.67340087890625,
  "summary_fg_k": 2.5196529329425337,
  "summary_fg_mad": 99.11128867474983,
  "summary_fg_mean": 858.7200927734375,
  "summary_fg_median": 851.3966674804688,
  "summary_fg_n": 35528.0,
  "summary_fg_p05": 713.9685729980469,
  "summary_fg_p95": 1030.8972595214843,
  "summary_fg_stdv": 103.44609832763672,
  "tsnr": 79.9982540064957
}