{
  "aor": 0.0005234346504559271,
  "aqi": 0.0077718100303951375,
  "bids_meta": {
    "AcquisitionMatrixPE": 64,
    "AcquisitionNumber": 1,
    "AcquisitionTime": "11:30:23.640000",
    "BandwidthPerPixelPhaseEncode": 31.888,
    "BaseResolution": 64,
    "BodyPartExamined": "BRAIN",
    "ConsistencyInfo": "N4_VD13D_LATEST_20130810",
    "ConversionSoftware": "dcm2niix",
    "ConversionSoftwareVersion": "v1.0.20181125  GCC5.4.0",
    "DerivedVendorReportedEchoSpacing": 0.000489996,
    "DeviceSerialNumber": "66020",
    "DwellTime": 3.3e-06,
    "EchoTime": 0.024,
    "EchoTrainLength": 64,
    "EffectiveEchoSpacing": 0.000489996,
    "FlipAngle": 87,
    "ImageOrientationPatientDICOM": [
      0.999358,
      -0.0267159,
      0.0238912,
      0.0296602,
      0.990692,
      -0.13285
    ],
    "ImageType": [
      "ORIGINAL",
      "PRIMARY",
      "M",
      "ND",
      "NORM",
      "MOSAIC"
    ],
    "ImagingFrequency": 123.262,
    "InPlanePhaseEncodingDirectionDICOM": "COL",
    "InstitutionAddress": "Fanglan_Rd._49_Taipei_Da_An_TW_10672",
    "InstitutionName": "NTU_NCSC",
    "InstitutionalDepartmentName": "Department",
    "MRAcquisitionType": "2D",
    "MagneticFieldStrength": 3,
    "Manufacturer": "Siemens",
    "ManufacturersModelName": "Prisma",
    "PartialFourier": 1,
    "PatientPosition": "HFS",
    "PercentPhaseFOV": 100,
    "PhaseEncodingDirection": "j-",
    "PhaseEncodingSteps": 64,
    "PhaseResolution": 1,
    "PixelBandwidth": 2365,
    "ProcedureStepDescription": "NTU_Brain",
    "ProtocolName": "ep2d_bold_64x64_3mm_iso_330TR",
    "PulseSequenceDetails": "%SiemensSeq%_ep2d_bold",
    "ReceiveCoilActiveElements": "HE1-4",
    "ReceiveCoilName": "HeadNeck_20",
    "ReconMatrixPE": 64,
    "RepetitionTime": 2,
    "SAR": 0.115876,
    "ScanOptions": "FS",
    "ScanningSequence": "EP",
    "SequenceName": "_epfid2d1_64",
    "SequenceVariant": "SK",
    "SeriesDescription": "ep2d_bold_64x64_3mm_iso_330TR",
    "SeriesNumber": 14,
    "ShimSetting": [
      -3004,
      -3812,
      -5523,
      212,
      -144,
      -67,
      -122,
      34
    ],
    "SliceThickness": 3,
    "SliceTiming": [
      0.9875,
      0,
      1.0425,
      0.055,
      1.0975,
      0.11,
      1.1525,
      0.165,
      1.2075,
      0.2175,
      1.2625,
      0.2725,
      1.3175,
      0.3275,
      1.3725,
      0.3825,
      1.4275,
      0.4375,
      1.4825,
      0.4925,
      1.5375,
      0.5475,
      1.5925,
      0.6025,
      1.6475,
      0.6575,
      1.7025,
      0.7125,
      1.7575,
      0.7675,
      1.8125,
      0.8225,
      1.8675,
      0.8775,
      1.9225,
      0.9325
    ],
    "SoftwareVersions": "syngo_MR_D13D",
    "SpacingBetweenSlices": 3,
    "StationName": "AWP66020",
    "TaskName": "OTCG",
    "TotalReadoutTime": 0.0308698,
    "TxRefAmp": 250.829,
    "VendorReportedEchoSpacing": 0.00049,
    "dataset": "ds004103",
    "modality": "bold",
    "run_id": 3,
    "subject_id": "s44B",
    "task_id": "OTCG"
  },
  "dummy_trs": 1,
  "dvars_nstd": 22.5205247462195,
  "dvars_std": 1.3316426042073182,
  "dvars_vstd": 0.9732545039939026,
  "efc": 0.5996691755243546,
  "fber": 665.610107421875,
  "fd_mean": 0.06065334129506962,
  "fd_num": 3,
  "fd_perc": 0.9118541033434651,
  "fwhm_avg": 1.7453933333333334,
  "fwhm_x": 1.6729266666666665,
  "fwhm_y": 1.8158366666666668,
  "fwhm_z": 1.7474166666666668,
  "gcor": 0.00804623,
  "gsr_x": 0.007243416737765074,
  "gsr_y": 0.02780042216181755,
  "provenance": {
    "md5sum": "4bd3a9a7e3351c74f475d73ae3e33a1d",
    "settings": {
      "fd_thres": 0.2,
      "testing": false
    },
    "software": "mriqc",
    "version": "23.0.1",
    "webapi_port": null,
    "webapi_url": "https://mriqc.nimh.nih.gov/api/v1"
  },
  "size_t": 329,
  "size_x": 64,
  "size_y": 64,
  "size_z": 36,
  "snr": 7.591118952044453,
  "spacing_tr": 2.0,
  "spacing_x": 3.0,
  "spacing_y": 3.0,
  "spacing_z": 3.0,
  "summary_bg_k": 18.57715545464895,
  "summary_bg_mad": 18.313969686383157,
  "summary_bg_mean": 67.01749420166016,
  "summary_bg_median": 29.243162155151367,
  "summary_bg_n": 81532.0,
  "summary_bg_p05": 14.361701965332031,
  "summary_bg_p95": 264.49393310546867,
  "summary_bg_stdv": 99.67698669433594,
  "summary_fg_k": 2.1177109673291037,
  "summary_fg_mad": 93.55492376253119,
  "summary_fg_mean": 772.0147705078125,
  "summary_fg_median": 767.6596069335938,
  "summary_fg_n": 32972.0,
  "summary_fg_p05": 623.8135223388672,
  "summary_fg_p95": 933.3870880126952,
  "summary_fg_stdv": 101.12448120117188,
  "tsnr": 82.19568204367533
}