{
  "aor": 0.002878841463414634,
  "aqi": 0.011554380670731708,
  "bids_meta": {
    "AcquisitionMatrixPE": 64,
    "AcquisitionNumber": 1,
    "AcquisitionTime": "11:18:30.710000",
    "BandwidthPerPixelPhaseEncode": 31.888,
    "BaseResolution": 64,
    "BodyPartExamined": "BRAIN",
    "ConsistencyInfo": "N4_VD13D_LATEST_20130810",
    "ConversionSoftware": "dcm2niix",
    "ConversionSoftwareVersion": "v1.0.20181125  GCC5.4.0",
    "DerivedVendorReportedEchoSpacing": 0.000489996,
    "DeviceSerialNumber": "66020",
    "DwellTime": 3.3e-06,
    "EchoTime": 0.024,
    "EchoTrainLength": 64,
    "EffectiveEchoSpacing": 0.000489996,
    "FlipAngle": 87,
    "ImageOrientationPatientDICOM": [
      0.999358,
      -0.0267159,
      0.0238912,
      0.0296602,
      0.990692,
      -0.13285
    ],
    "ImageType": [
      "ORIGINAL",
      "PRIMARY",
      "M",
      "ND",
      "NORM",
      "MOSAIC"
    ],
    "ImagingFrequency": 123.262,
    "InPlanePhaseEncodingDirectionDICOM": "COL",
    "InstitutionAddress": "Fanglan_Rd._49_Taipei_Da_An_TW_10672",
    "InstitutionName": "NTU_NCSC",
    "InstitutionalDepartmentName": "Department",
    "MRAcquisitionType": "2D",
    "MagneticFieldStrength": 3,
    "Manufacturer": "Siemens",
    "ManufacturersModelName": "Prisma",
    "PartialFourier": 1,
    "PatientPosition": "HFS",
    "PercentPhaseFOV": 100,
    "PhaseEncodingDirection": "j-",
    "PhaseEncodingSteps": 64,
    "PhaseResolution": 1,
    "PixelBandwidth": 2365,
    "ProcedureStepDescription": "NTU_Brain",
    "ProtocolName": "ep2d_bold_64x64_3mm_iso_330TR",
    "PulseSequenceDetails": "%SiemensSeq%_ep2d_bold",
    "ReceiveCoilActiveElements": "HE1-4",
    "ReceiveCoilName": "HeadNeck_20",
    "ReconMatrixPE": 64,
    "RepetitionTime": 2,
    "SAR": 0.115876,
    "ScanOptions": "FS",
    "ScanningSequence": "EP",
    "SequenceName": "_epfid2d1_64",
    "SequenceVariant": "SK",
    "SeriesDescription": "ep2d_bold_64x64_3mm_iso_330TR",
    "SeriesNumber": 13,
    "ShimSetting": [
      -3004,
      -3812,
      -5523,
      212,
      -144,
      -67,
      -122,
      34
    ],
    "SliceThickness": 3,
    "SliceTiming": [
      0.99,
      0,
      1.045,
      0.055,
      1.1,
      0.11,
      1.155,
      0.165,
      1.21,
      0.22,
      1.265,
      0.275,
      1.32,
      0.33,
      1.375,
      0.385,
      1.43,
      0.44,
      1.485,
      0.495,
      1.54,
      0.55,
      1.595,
      0.605,
      1.65,
      0.66,
      1.705,
      0.715,
      1.76,
      0.77,
      1.815,
      0.825,
      1.87,
      0.88,
      1.925,
      0.935
    ],
    "SoftwareVersions": "syngo_MR_D13D",
    "SpacingBetweenSlices": 3,
    "StationName": "AWP66020",
    "TaskName": "OTCG",
    "TotalReadoutTime": 0.0308698,
    "TxRefAmp": 250.829,
    "VendorReportedEchoSpacing": 0.00049,
    "dataset": "ds004103",
    "modality": "bold",
    "run_id": 2,
    "subject_id": "s44B",
    "task_id": "OTCG"
  },
  "dummy_trs": 2,
  "dvars_nstd": 20.22278928305812,
  "dvars_std": 1.2377107538532117,
  "dvars_vstd": 0.9903083075840979,
  "efc": 0.5985523484992283,
  "fber": 689.8922119140625,
  "fd_mean": 0.0687954416590683,
  "fd_num": 6,
  "fd_perc": 1.829268292682927,
  "fwhm_avg": 1.7530744444444446,
  "fwhm_x": 1.6933933333333335,
  "fwhm_y": 1.8307333333333335,
  "fwhm_z": 1.7350966666666665,
  "gcor": 0.00976914,
  "gsr_x": 0.00805790163576603,
  "gsr_y": 0.02805335447192192,
  "provenance": {
    "md5sum": "42182df60840ddf94c7bb919d6b976d0",
    "settings": {
      "fd_thres": 0.2,
      "testing": false
    },
    "software": "mriqc",
    "version": "23.0.1",
    "webapi_port": null,
    "webapi_url": "https://mriqc.nimh.nih.gov/api/v1"
  },
  "size_t": 328,
  "size_x": 64,
  "size_y": 64,
  "size_z": 36,
  "snr": 7.539602470851811,
  "spacing_tr": 2.0,
  "spacing_x": 3.0,
  "spacing_y": 3.0,
  "spacing_z": 3.0,
  "summary_bg_k": 17.478106548225192,
  "summary_bg_mad": 18.143795972116894,
  "summary_bg_mean": 66.47454071044922,
  "summary_bg_median": 28.923778533935547,
  "summary_bg_n": 81509.0,
  "summary_bg_p05": 14.045731544494629,
  "summary_bg_p95": 264.2286376953125,
  "summary_bg_stdv": 99.1808090209961,
  "summary_fg_k": 2.1570797815262983,
  "summary_fg_mad": 94.12261816058995,
  "summary_fg_mean": 773.9058837890625,
  "summary_fg_median": 769.5411376953125,
  "summary_fg_n": 33026.0,
  "summary_fg_p05": 623.3993530273438,
  "summary_fg_p95": 937.1546936035156,
  "summary_fg_stdv": 102.06499481201172,
  "tsnr": 69.6066321246326
}