{
  "aor": 0.0003209726443768997,
  "aqi": 0.008356783282674772,
  "bids_meta": {
    "AcquisitionMatrixPE": 64,
    "AcquisitionNumber": 1,
    "AcquisitionTime": "11:04:54.682500",
    "BandwidthPerPixelPhaseEncode": 31.888,
    "BaseResolution": 64,
    "BodyPartExamined": "BRAIN",
    "ConsistencyInfo": "N4_VD13D_LATEST_20130810",
    "ConversionSoftware": "dcm2niix",
    "ConversionSoftwareVersion": "v1.0.20181125  GCC5.4.0",
    "DerivedVendorReportedEchoSpacing": 0.000489996,
    "DeviceSerialNumber": "66020",
    "DwellTime": 3.3e-06,
    "EchoTime": 0.024,
    "EchoTrainLength": 64,
    "EffectiveEchoSpacing": 0.000489996,
    "FlipAngle": 87,
    "ImageOrientationPatientDICOM": [
      0.998485,
      -0.0296131,
      0.0463795,
      0.0383579,
      0.978886,
      -0.200776
    ],
    "ImageType": [
      "ORIGINAL",
      "PRIMARY",
      "M",
      "ND",
      "NORM",
      "MOSAIC"
    ],
    "ImagingFrequency": 123.262,
    "InPlanePhaseEncodingDirectionDICOM": "COL",
    "InstitutionAddress": "Fanglan_Rd._49_Taipei_Da_An_TW_10672",
    "InstitutionName": "NTU_NCSC",
    "InstitutionalDepartmentName": "Department",
    "MRAcquisitionType": "2D",
    "MagneticFieldStrength": 3,
    "Manufacturer": "Siemens",
    "ManufacturersModelName": "Prisma",
    "PartialFourier": 1,
    "PatientPosition": "HFS",
    "PercentPhaseFOV": 100,
    "PhaseEncodingDirection": "j-",
    "PhaseEncodingSteps": 64,
    "PhaseResolution": 1,
    "PixelBandwidth": 2365,
    "ProcedureStepDescription": "NTU_Brain",
    "ProtocolName": "ep2d_bold_64x64_3mm_iso_330TR",
    "PulseSequenceDetails": "%SiemensSeq%_ep2d_bold",
    "ReceiveCoilActiveElements": "HE1-4",
    "ReceiveCoilName": "HeadNeck_20",
    "ReconMatrixPE": 64,
    "RepetitionTime": 2,
    "SAR": 0.101979,
    "ScanOptions": "FS",
    "ScanningSequence": "EP",
    "SequenceName": "_epfid2d1_64",
    "SequenceVariant": "SK",
    "SeriesDescription": "ep2d_bold_64x64_3mm_iso_330TR",
    "SeriesNumber": 5,
    "ShimSetting": [
      -3009,
      -3800,
      -5506,
      487,
      -138,
      -145,
      -29,
      9
    ],
    "SliceThickness": 3,
    "SliceTiming": [
      0.99,
      0,
      1.045,
      0.055,
      1.1,
      0.11,
      1.155,
      0.165,
      1.21,
      0.22,
      1.265,
      0.275,
      1.32,
      0.33,
      1.375,
      0.385,
      1.43,
      0.44,
      1.485,
      0.495,
      1.54,
      0.55,
      1.595,
      0.605,
      1.65,
      0.66,
      1.705,
      0.715,
      1.76,
      0.77,
      1.815,
      0.825,
      1.87,
      0.88,
      1.925,
      0.935
    ],
    "SoftwareVersions": "syngo_MR_D13D",
    "SpacingBetweenSlices": 3,
    "StationName": "AWP66020",
    "TaskName": "OTCG",
    "TotalReadoutTime": 0.0308698,
    "TxRefAmp": 249.466,
    "VendorReportedEchoSpacing": 0.00049,
    "dataset": "ds004103",
    "modality": "bold",
    "run_id": 3,
    "subject_id": "s32B",
    "task_id": "OTCG"
  },
  "dummy_trs": 1,
  "dvars_nstd": 23.445657392743907,
  "dvars_std": 1.4054813729573168,
  "dvars_vstd": 0.9948551377439027,
  "efc": 0.6107246732772895,
  "fber": 810.5713500976562,
  "fd_mean": 0.09621086772402082,
  "fd_num": 3,
  "fd_perc": 0.9118541033434651,
  "fwhm_avg": 1.6732466666666665,
  "fwhm_x": 1.58443,
  "fwhm_y": 1.71235,
  "fwhm_z": 1.7229599999999998,
  "gcor": 0.011326,
  "gsr_x": -0.003078830661252141,
  "gsr_y": 0.04126222804188728,
  "provenance": {
    "md5sum": "1822e7d36f176579f44a5a076552c230",
    "settings": {
      "fd_thres": 0.2,
      "testing": false
    },
    "software": "mriqc",
    "version": "23.0.1",
    "webapi_port": null,
    "webapi_url": "https://mriqc.nimh.nih.gov/api/v1"
  },
  "size_t": 329,
  "size_x": 64,
  "size_y": 64,
  "size_z": 36,
  "snr": 8.64708027114588,
  "spacing_tr": 2.0,
  "spacing_x": 3.0,
  "spacing_y": 3.0,
  "spacing_z": 3.0,
  "summary_bg_k": 17.981161753648575,
  "summary_bg_mad": 17.223421938275187,
  "summary_bg_mean": 64.03629302978516,
  "summary_bg_median": 28.69908905029297,
  "summary_bg_n": 77901.0,
  "summary_bg_p05": 13.422492980957031,
  "summary_bg_p95": 242.91490173339844,
  "summary_bg_stdv": 94.34132385253906,
  "summary_fg_k": 3.6168301260465547,
  "summary_fg_mad": 87.76192525647757,
  "summary_fg_mean": 830.7769165039062,
  "summary_fg_median": 827.9513549804688,
  "summary_fg_n": 37297.0,
  "summary_fg_p05": 692.33984375,
  "summary_fg_p95": 980.5805541992187,
  "summary_fg_stdv": 95.74795532226562,
  "tsnr": 95.85879241907969
}