{
  "bids_meta": {
    "AcquisitionMatrixPE": 224,
    "AcquisitionNumber": 1,
    "AcquisitionTime": "11:36:33.000000",
    "BodyPartExamined": "HEAD",
    "CoilString": "8HRBRAIN",
    "ConversionSoftware": "dcm2niix",
    "ConversionSoftwareVersion": "v1.0.20181125  GCC5.4.0",
    "DeviceSerialNumber": "00000000GEMRGEMR",
    "EchoTime": 0.002936,
    "FlipAngle": 12,
    "ImageOrientationPatientDICOM": [
      0.0889816,
      0.994157,
      -0.0611059,
      -0.0176218,
      -0.0597683,
      -0.998057
    ],
    "ImageType": [
      "ORIGINAL",
      "PRIMARY",
      "OTHER"
    ],
    "ImagingFrequency": 127.764,
    "InPlanePhaseEncodingDirectionDICOM": "ROW",
    "InstitutionName": "NCKU",
    "InversionTime": 0.45,
    "MRAcquisitionType": "3D",
    "MagneticFieldStrength": 3,
    "Manufacturer": "GE",
    "ManufacturersModelName": "DISCOVERY_MR750",
    "Modality": "MR",
    "PatientPosition": "HFS",
    "PercentPhaseFOV": 100,
    "PixelBandwidth": 244.141,
    "ProtocolName": "T1_SAG_FSPGR_BRAVO_ASSET",
    "ReconMatrixPE": 256,
    "RepetitionTime": 0.007684,
    "SAR": 0.220157,
    "ScanOptions": "FAST_GEMS_EDR_GEMS_ACC_GEMS",
    "ScanningSequence": "GR",
    "SequenceVariant": "SS_SK",
    "SeriesDescription": "T1_SAG_FSPGR_BRAVO_ASSET",
    "SeriesNumber": 3,
    "SliceThickness": 1,
    "SoftwareVersions": "27_LX_MR_Software_release:DV25.1_R02_1649.a",
    "SpacingBetweenSlices": 1,
    "StationName": "GEMRGEMR",
    "dataset": "ds004103",
    "modality": "T1w",
    "subject_id": "s63A"
  },
  "cjv": 0.37196994354860385,
  "cnr": 3.71357566502818,
  "efc": 0.6147220288630101,
  "fber": 3067.1842671102277,
  "fwhm_avg": 4.185674285714286,
  "fwhm_x": 3.85916,
  "fwhm_y": 4.3928457142857145,
  "fwhm_z": 4.305017142857143,
  "icvs_csf": 0.23651862735160387,
  "icvs_gm": 0.42792392574290805,
  "icvs_wm": 0.33555744690548805,
  "inu_med": 0.6258926391601562,
  "inu_range": 0.250021792948246,
  "provenance": {
    "md5sum": "664661820e7e5e5ba41a7b57d9bb0c80",
    "settings": {
      "testing": false
    },
    "software": "mriqc",
    "version": "23.0.1",
    "warnings": {
      "large_rot_frame": true,
      "small_air_mask": false
    },
    "webapi_port": null,
    "webapi_url": "https://mriqc.nimh.nih.gov/api/v1"
  },
  "qi_1": 0.0,
  "qi_2": 0.0003097890053575861,
  "rpve_csf": 16.769626823662595,
  "rpve_gm": 9.17944391050714,
  "rpve_wm": 13.076086600265846,
  "size_x": 166,
  "size_y": 256,
  "size_z": 256,
  "snr_csf": 2.053513702482809,
  "snr_gm": 10.966079704905745,
  "snr_total": 10.350158012250018,
  "snr_wm": 18.030880629361498,
  "snrd_csf": 15.16461381905327,
  "snrd_gm": 47.42492662276489,
  "snrd_total": 43.92620966596282,
  "snrd_wm": 69.1890885560703,
  "spacing_x": 1.0,
  "spacing_y": 0.875,
  "spacing_z": 0.875,
  "summary_bg_k": 7.398453867980518,
  "summary_bg_mad": 9.469174470461404,
  "summary_bg_mean": 9.793633617355157,
  "summary_bg_median": 6.386861123144627,
  "summary_bg_n": 2621116.0,
  "summary_bg_p05": 0.0,
  "summary_bg_p95": 37.6990698762238,
  "summary_bg_stdv": 13.869797089845331,
  "summary_csf_k": 0.8751233218925862,
  "summary_csf_mad": 104.52984805054797,
  "summary_csf_mean": 226.14632135207734,
  "summary_csf_median": 219.18546127155423,
  "summary_csf_n": 72776.0,
  "summary_csf_p05": 69.54006096255034,
  "summary_csf_p95": 415.5192311219871,
  "summary_csf_stdv": 106.73605689130619,
  "summary_gm_k": 0.08739893253049136,
  "summary_gm_mad": 62.04153922529582,
  "summary_gm_mean": 684.9538557921587,
  "summary_gm_median": 685.4677963852882,
  "summary_gm_n": 43133.0,
  "summary_gm_p05": 580.416372846812,
  "summary_gm_p95": 785.6419805206359,
  "summary_gm_stdv": 62.5072832594781,
  "summary_wm_k": 0.1410520460246163,
  "summary_wm_mad": 54.97040244540581,
  "summary_wm_mean": 1001.0374636965774,
  "summary_wm_median": 1000.0414432622492,
  "summary_wm_n": 252346.0,
  "summary_wm_p05": 911.9525275118649,
  "summary_wm_p95": 1093.397445783019,
  "summary_wm_stdv": 55.46259677096547,
  "tpm_overlap_csf": 0.15577407046605599,
  "tpm_overlap_gm": 0.47190404332392716,
  "tpm_overlap_wm": 0.5039847690837107,
  "wm2max": 0.4125829854219424
}