{
  "aor": 0.00031474164133738603,
  "aqi": 0.007277385136778116,
  "bids_meta": {
    "AcquisitionMatrixPE": 64,
    "AcquisitionNumber": 1,
    "AcquisitionTime": "12:15:52.605000",
    "BandwidthPerPixelPhaseEncode": 31.888,
    "BaseResolution": 64,
    "BodyPartExamined": "BRAIN",
    "ConsistencyInfo": "N4_VD13D_LATEST_20130810",
    "ConversionSoftware": "dcm2niix",
    "ConversionSoftwareVersion": "v1.0.20181125  GCC5.4.0",
    "DerivedVendorReportedEchoSpacing": 0.000489996,
    "DeviceSerialNumber": "66020",
    "DwellTime": 3.3e-06,
    "EchoTime": 0.024,
    "EchoTrainLength": 64,
    "EffectiveEchoSpacing": 0.000489996,
    "FlipAngle": 87,
    "ImageOrientationPatientDICOM": [
      0.999239,
      -0.0369918,
      0.0123878,
      0.0383869,
      0.988933,
      -0.14331
    ],
    "ImageType": [
      "ORIGINAL",
      "PRIMARY",
      "M",
      "ND",
      "NORM",
      "MOSAIC"
    ],
    "ImagingFrequency": 123.262,
    "InPlanePhaseEncodingDirectionDICOM": "COL",
    "InstitutionAddress": "Fanglan_Rd._49_Taipei_Da_An_TW_10672",
    "InstitutionName": "NTU_NCSC",
    "InstitutionalDepartmentName": "Department",
    "MRAcquisitionType": "2D",
    "MagneticFieldStrength": 3,
    "Manufacturer": "Siemens",
    "ManufacturersModelName": "Prisma",
    "PartialFourier": 1,
    "PatientPosition": "HFS",
    "PercentPhaseFOV": 100,
    "PhaseEncodingDirection": "j-",
    "PhaseEncodingSteps": 64,
    "PhaseResolution": 1,
    "PixelBandwidth": 2365,
    "ProcedureStepDescription": "NTU_Brain",
    "ProtocolName": "ep2d_bold_64x64_3mm_iso_330TR",
    "PulseSequenceDetails": "%SiemensSeq%_ep2d_bold",
    "ReceiveCoilActiveElements": "HE1-4",
    "ReceiveCoilName": "HeadNeck_20",
    "ReconMatrixPE": 64,
    "RepetitionTime": 2,
    "SAR": 0.118262,
    "ScanOptions": "FS",
    "ScanningSequence": "EP",
    "SequenceName": "_epfid2d1_64",
    "SequenceVariant": "SK",
    "SeriesDescription": "ep2d_bold_64x64_3mm_iso_330TR",
    "SeriesNumber": 5,
    "ShimSetting": [
      -3003,
      -3824,
      -5511,
      359,
      -120,
      -2,
      -22,
      45
    ],
    "SliceThickness": 3,
    "SliceTiming": [
      0.99,
      0,
      1.045,
      0.055,
      1.1,
      0.11,
      1.155,
      0.165,
      1.21,
      0.22,
      1.265,
      0.275,
      1.32,
      0.33,
      1.375,
      0.385,
      1.43,
      0.44,
      1.485,
      0.495,
      1.54,
      0.55,
      1.595,
      0.605,
      1.65,
      0.66,
      1.705,
      0.715,
      1.76,
      0.77,
      1.815,
      0.825,
      1.87,
      0.88,
      1.925,
      0.935
    ],
    "SoftwareVersions": "syngo_MR_D13D",
    "SpacingBetweenSlices": 3,
    "StationName": "AWP66020",
    "TaskName": "OTCG",
    "TotalReadoutTime": 0.0308698,
    "TxRefAmp": 282.888,
    "VendorReportedEchoSpacing": 0.00049,
    "dataset": "ds004103",
    "modality": "bold",
    "run_id": 2,
    "subject_id": "s21B",
    "task_id": "OTCG"
  },
  "dummy_trs": 1,
  "dvars_nstd": 19.062265483506085,
  "dvars_std": 1.1654032334146336,
  "dvars_vstd": 0.9710720303963417,
  "efc": 0.6484066607064675,
  "fber": 606.5817260742188,
  "fd_mean": 0.12205316341716381,
  "fd_num": 27,
  "fd_perc": 8.206686930091186,
  "fwhm_avg": 1.7273555103378861,
  "fwhm_x": 1.65339,
  "fwhm_y": 1.8217666666666668,
  "fwhm_z": 1.7069098643469918,
  "gcor": 0.0168085,
  "gsr_x": 1.6165819033631124e-05,
  "gsr_y": 0.042559996247291565,
  "provenance": {
    "md5sum": "64dc6fc7c93a0a5890819b1f0b7a8585",
    "settings": {
      "fd_thres": 0.2,
      "testing": false
    },
    "software": "mriqc",
    "version": "23.0.1",
    "webapi_port": null,
    "webapi_url": "https://mriqc.nimh.nih.gov/api/v1"
  },
  "size_t": 329,
  "size_x": 64,
  "size_y": 64,
  "size_z": 36,
  "snr": 7.513161852534995,
  "spacing_tr": 2.0,
  "spacing_x": 3.0,
  "spacing_y": 3.0,
  "spacing_z": 3.000000238418579,
  "summary_bg_k": 13.857790362899202,
  "summary_bg_mad": 22.338174496110085,
  "summary_bg_mean": 72.5005874633789,
  "summary_bg_median": 32.319149017333984,
  "summary_bg_n": 70774.0,
  "summary_bg_p05": 14.834802198410035,
  "summary_bg_p95": 262.3100280761719,
  "summary_bg_stdv": 94.7990493774414,
  "summary_fg_k": 2.669044097275182,
  "summary_fg_mad": 99.97873404014257,
  "summary_fg_mean": 827.6690673828125,
  "summary_fg_median": 821.7112426757812,
  "summary_fg_n": 42511.0,
  "summary_fg_p05": 676.0075988769531,
  "summary_fg_p95": 1010.2082214355469,
  "summary_fg_stdv": 109.36827850341797,
  "tsnr": 81.88096896931529
}