{
  "aor": 0.0011760486322188448,
  "aqi": 0.006099622431610942,
  "bids_meta": {
    "AcquisitionMatrixPE": 64,
    "AcquisitionNumber": 1,
    "AcquisitionTime": "12:39:41.740000",
    "BandwidthPerPixelPhaseEncode": 31.888,
    "BaseResolution": 64,
    "BodyPartExamined": "BRAIN",
    "ConsistencyInfo": "N4_VD13D_LATEST_20130810",
    "ConversionSoftware": "dcm2niix",
    "ConversionSoftwareVersion": "v1.0.20181125  GCC5.4.0",
    "DerivedVendorReportedEchoSpacing": 0.000489996,
    "DeviceSerialNumber": "66020",
    "DwellTime": 3.3e-06,
    "EchoTime": 0.024,
    "EchoTrainLength": 64,
    "EffectiveEchoSpacing": 0.000489996,
    "FlipAngle": 87,
    "ImageOrientationPatientDICOM": [
      0.999239,
      -0.0369918,
      0.0123878,
      0.0383869,
      0.988933,
      -0.14331
    ],
    "ImageType": [
      "ORIGINAL",
      "PRIMARY",
      "M",
      "ND",
      "NORM",
      "MOSAIC"
    ],
    "ImagingFrequency": 123.262,
    "InPlanePhaseEncodingDirectionDICOM": "COL",
    "InstitutionAddress": "Fanglan_Rd._49_Taipei_Da_An_TW_10672",
    "InstitutionName": "NTU_NCSC",
    "InstitutionalDepartmentName": "Department",
    "MRAcquisitionType": "2D",
    "MagneticFieldStrength": 3,
    "Manufacturer": "Siemens",
    "ManufacturersModelName": "Prisma",
    "PartialFourier": 1,
    "PatientPosition": "HFS",
    "PercentPhaseFOV": 100,
    "PhaseEncodingDirection": "j-",
    "PhaseEncodingSteps": 64,
    "PhaseResolution": 1,
    "PixelBandwidth": 2365,
    "ProcedureStepDescription": "NTU_Brain",
    "ProtocolName": "ep2d_bold_64x64_3mm_iso_330TR",
    "PulseSequenceDetails": "%SiemensSeq%_ep2d_bold",
    "ReceiveCoilActiveElements": "HE1-4",
    "ReceiveCoilName": "HeadNeck_20",
    "ReconMatrixPE": 64,
    "RepetitionTime": 2,
    "SAR": 0.118262,
    "ScanOptions": "FS",
    "ScanningSequence": "EP",
    "SequenceName": "_epfid2d1_64",
    "SequenceVariant": "SK",
    "SeriesDescription": "ep2d_bold_64x64_3mm_iso_330TR",
    "SeriesNumber": 7,
    "ShimSetting": [
      -3003,
      -3824,
      -5511,
      359,
      -120,
      -2,
      -22,
      45
    ],
    "SliceThickness": 3,
    "SliceTiming": [
      0.99,
      0,
      1.045,
      0.055,
      1.1,
      0.11,
      1.155,
      0.165,
      1.21,
      0.22,
      1.265,
      0.275,
      1.32,
      0.33,
      1.375,
      0.385,
      1.43,
      0.44,
      1.485,
      0.495,
      1.54,
      0.55,
      1.595,
      0.605,
      1.65,
      0.66,
      1.705,
      0.715,
      1.76,
      0.77,
      1.815,
      0.825,
      1.87,
      0.88,
      1.925,
      0.935
    ],
    "SoftwareVersions": "syngo_MR_D13D",
    "SpacingBetweenSlices": 3,
    "StationName": "AWP66020",
    "TaskName": "OTCG",
    "TotalReadoutTime": 0.0308698,
    "TxRefAmp": 282.888,
    "VendorReportedEchoSpacing": 0.00049,
    "dataset": "ds004103",
    "modality": "bold",
    "run_id": 4,
    "subject_id": "s21B",
    "task_id": "OTCG"
  },
  "dummy_trs": 1,
  "dvars_nstd": 19.16988456835367,
  "dvars_std": 1.2227313431097557,
  "dvars_vstd": 1.0178832729573182,
  "efc": 0.6513851154065005,
  "fber": 564.4935302734375,
  "fd_mean": 0.11279617867234347,
  "fd_num": 18,
  "fd_perc": 5.47112462006079,
  "fwhm_avg": 1.7269488437032734,
  "fwhm_x": 1.6558666666666666,
  "fwhm_y": 1.81928,
  "fwhm_z": 1.7056998644431538,
  "gcor": 0.0149843,
  "gsr_x": -0.0012960837921127677,
  "gsr_y": 0.04427042976021767,
  "provenance": {
    "md5sum": "9bc5869a71b1c0ad8d1a336503e41519",
    "settings": {
      "fd_thres": 0.2,
      "testing": false
    },
    "software": "mriqc",
    "version": "23.0.1",
    "webapi_port": null,
    "webapi_url": "https://mriqc.nimh.nih.gov/api/v1"
  },
  "size_t": 329,
  "size_x": 64,
  "size_y": 64,
  "size_z": 36,
  "snr": 7.503889233500846,
  "spacing_tr": 2.0,
  "spacing_x": 3.0,
  "spacing_y": 3.0,
  "spacing_z": 3.000000238418579,
  "summary_bg_k": 13.747457758892644,
  "summary_bg_mad": 23.36112274540561,
  "summary_bg_mean": 74.7560043334961,
  "summary_bg_median": 33.20060729980469,
  "summary_bg_n": 70693.0,
  "summary_bg_p05": 15.155014991760254,
  "summary_bg_p95": 271.33313598632805,
  "summary_bg_stdv": 97.53247833251953,
  "summary_fg_k": 2.678262753153394,
  "summary_fg_mad": 99.61821846161924,
  "summary_fg_mean": 826.5409545898438,
  "summary_fg_median": 820.547119140625,
  "summary_fg_n": 42694.0,
  "summary_fg_p05": 675.6220397949219,
  "summary_fg_p95": 1006.9577423095703,
  "summary_fg_stdv": 109.34829711914062,
  "tsnr": 87.01448427513242
}