{
  "aor": 0.00038848024316109425,
  "aqi": 0.0059139355015197575,
  "bids_meta": {
    "AcquisitionMatrixPE": 64,
    "AcquisitionNumber": 1,
    "AcquisitionTime": "12:27:46.782500",
    "BandwidthPerPixelPhaseEncode": 31.888,
    "BaseResolution": 64,
    "BodyPartExamined": "BRAIN",
    "ConsistencyInfo": "N4_VD13D_LATEST_20130810",
    "ConversionSoftware": "dcm2niix",
    "ConversionSoftwareVersion": "v1.0.20181125  GCC5.4.0",
    "DerivedVendorReportedEchoSpacing": 0.000489996,
    "DeviceSerialNumber": "66020",
    "DwellTime": 3.3e-06,
    "EchoTime": 0.024,
    "EchoTrainLength": 64,
    "EffectiveEchoSpacing": 0.000489996,
    "FlipAngle": 87,
    "ImageOrientationPatientDICOM": [
      0.999239,
      -0.0369918,
      0.0123878,
      0.0383869,
      0.988933,
      -0.14331
    ],
    "ImageType": [
      "ORIGINAL",
      "PRIMARY",
      "M",
      "ND",
      "NORM",
      "MOSAIC"
    ],
    "ImagingFrequency": 123.262,
    "InPlanePhaseEncodingDirectionDICOM": "COL",
    "InstitutionAddress": "Fanglan_Rd._49_Taipei_Da_An_TW_10672",
    "InstitutionName": "NTU_NCSC",
    "InstitutionalDepartmentName": "Department",
    "MRAcquisitionType": "2D",
    "MagneticFieldStrength": 3,
    "Manufacturer": "Siemens",
    "ManufacturersModelName": "Prisma",
    "PartialFourier": 1,
    "PatientPosition": "HFS",
    "PercentPhaseFOV": 100,
    "PhaseEncodingDirection": "j-",
    "PhaseEncodingSteps": 64,
    "PhaseResolution": 1,
    "PixelBandwidth": 2365,
    "ProcedureStepDescription": "NTU_Brain",
    "ProtocolName": "ep2d_bold_64x64_3mm_iso_330TR",
    "PulseSequenceDetails": "%SiemensSeq%_ep2d_bold",
    "ReceiveCoilActiveElements": "HE1-4",
    "ReceiveCoilName": "HeadNeck_20",
    "ReconMatrixPE": 64,
    "RepetitionTime": 2,
    "SAR": 0.118262,
    "ScanOptions": "FS",
    "ScanningSequence": "EP",
    "SequenceName": "_epfid2d1_64",
    "SequenceVariant": "SK",
    "SeriesDescription": "ep2d_bold_64x64_3mm_iso_330TR",
    "SeriesNumber": 6,
    "ShimSetting": [
      -3003,
      -3824,
      -5511,
      359,
      -120,
      -2,
      -22,
      45
    ],
    "SliceThickness": 3,
    "SliceTiming": [
      0.99,
      0,
      1.045,
      0.055,
      1.1,
      0.11,
      1.155,
      0.165,
      1.21,
      0.22,
      1.265,
      0.275,
      1.32,
      0.33,
      1.375,
      0.385,
      1.43,
      0.44,
      1.485,
      0.495,
      1.54,
      0.55,
      1.595,
      0.605,
      1.65,
      0.66,
      1.705,
      0.715,
      1.76,
      0.77,
      1.815,
      0.825,
      1.87,
      0.88,
      1.925,
      0.935
    ],
    "SoftwareVersions": "syngo_MR_D13D",
    "SpacingBetweenSlices": 3,
    "StationName": "AWP66020",
    "TaskName": "OTCG",
    "TotalReadoutTime": 0.0308698,
    "TxRefAmp": 282.888,
    "VendorReportedEchoSpacing": 0.00049,
    "dataset": "ds004103",
    "modality": "bold",
    "run_id": 3,
    "subject_id": "s21B",
    "task_id": "OTCG"
  },
  "dummy_trs": 1,
  "dvars_nstd": 19.728207274268307,
  "dvars_std": 1.2052610556097565,
  "dvars_vstd": 0.9929611178048783,
  "efc": 0.6500640585087512,
  "fber": 582.334716796875,
  "fd_mean": 0.12668368310874972,
  "fd_num": 35,
  "fd_perc": 10.638297872340425,
  "fwhm_avg": 1.7212510663746057,
  "fwhm_x": 1.6557866666666667,
  "fwhm_y": 1.8192199999999998,
  "fwhm_z": 1.6887465324571502,
  "gcor": 0.0158844,
  "gsr_x": -0.0010093561140820384,
  "gsr_y": 0.043904878199100494,
  "provenance": {
    "md5sum": "1c346388879469795eaf03339075f311",
    "settings": {
      "fd_thres": 0.2,
      "testing": false
    },
    "software": "mriqc",
    "version": "23.0.1",
    "webapi_port": null,
    "webapi_url": "https://mriqc.nimh.nih.gov/api/v1"
  },
  "size_t": 329,
  "size_x": 64,
  "size_y": 64,
  "size_z": 36,
  "snr": 7.499265338104049,
  "spacing_tr": 2.0,
  "spacing_x": 3.0,
  "spacing_y": 3.0,
  "spacing_z": 3.000000238418579,
  "summary_bg_k": 14.08615996387168,
  "summary_bg_mad": 22.500404809741994,
  "summary_bg_mean": 73.25260925292969,
  "summary_bg_median": 32.598785400390625,
  "summary_bg_n": 70619.0,
  "summary_bg_p05": 15.142857551574707,
  "summary_bg_p95": 264.8133666992183,
  "summary_bg_stdv": 95.73715209960938,
  "summary_fg_k": 2.7326793155179567,
  "summary_fg_mad": 99.6835981065698,
  "summary_fg_mean": 826.4737548828125,
  "summary_fg_median": 820.6231079101562,
  "summary_fg_n": 42632.0,
  "summary_fg_p05": 675.2443786621094,
  "summary_fg_p95": 1007.7769226074219,
  "summary_fg_stdv": 109.42584991455078,
  "tsnr": 88.11939128884114
}