{
  "bids_meta": {
    "AcquisitionMatrixPE": 224,
    "AcquisitionNumber": 1,
    "AcquisitionTime": "10:46:23.000000",
    "BodyPartExamined": "HEAD",
    "CoilString": "8HRBRAIN",
    "ConversionSoftware": "dcm2niix",
    "ConversionSoftwareVersion": "v1.0.20181125  GCC5.4.0",
    "DeviceSerialNumber": "00000000GEMRGEMR",
    "EchoTime": 0.002936,
    "FlipAngle": 12,
    "ImageOrientationPatientDICOM": [
      -0.00181021,
      0.999338,
      0.0363367,
      0.0470687,
      0.0363817,
      -0.998229
    ],
    "ImageType": [
      "ORIGINAL",
      "PRIMARY",
      "OTHER"
    ],
    "ImagingFrequency": 127.764,
    "InPlanePhaseEncodingDirectionDICOM": "ROW",
    "InstitutionName": "NCKU",
    "InversionTime": 0.45,
    "MRAcquisitionType": "3D",
    "MagneticFieldStrength": 3,
    "Manufacturer": "GE",
    "ManufacturersModelName": "DISCOVERY_MR750",
    "Modality": "MR",
    "PatientPosition": "HFS",
    "PercentPhaseFOV": 100,
    "PixelBandwidth": 244.141,
    "ProtocolName": "T1_SAG_FSPGR_BRAVO_ASSET",
    "ReconMatrixPE": 256,
    "RepetitionTime": 0.007656,
    "SAR": 0.213511,
    "ScanOptions": "FAST_GEMS_EDR_GEMS_ACC_GEMS",
    "ScanningSequence": "GR",
    "SequenceVariant": "SS_SK",
    "SeriesDescription": "T1_SAG_FSPGR_BRAVO_ASSET",
    "SeriesNumber": 3,
    "SliceThickness": 1,
    "SoftwareVersions": "27_LX_MR_Software_release:DV25.1_R02_1649.a",
    "SpacingBetweenSlices": 1,
    "StationName": "GEMRGEMR",
    "dataset": "ds004103",
    "modality": "T1w",
    "subject_id": "s22A"
  },
  "cjv": 0.35726670998624305,
  "cnr": 3.840655451250228,
  "efc": 0.5946850938068459,
  "fber": 9806.077580539119,
  "fwhm_avg": 4.149092380952381,
  "fwhm_x": 3.92298,
  "fwhm_y": 4.29896,
  "fwhm_z": 4.225337142857143,
  "icvs_csf": 0.20006743645219835,
  "icvs_gm": 0.45216594016982653,
  "icvs_wm": 0.34776662337797515,
  "inu_med": 0.5261199772357941,
  "inu_range": 0.17686057835817337,
  "provenance": {
    "md5sum": "714c614692e0f45484558705ba0c14c4",
    "settings": {
      "testing": false
    },
    "software": "mriqc",
    "version": "23.0.1",
    "warnings": {
      "large_rot_frame": true,
      "small_air_mask": false
    },
    "webapi_port": null,
    "webapi_url": "https://mriqc.nimh.nih.gov/api/v1"
  },
  "qi_1": 0.0,
  "qi_2": 0.0003780110353314139,
  "rpve_csf": 18.10206648274797,
  "rpve_gm": 8.583209571189299,
  "rpve_wm": 12.467725135925228,
  "size_x": 166,
  "size_y": 256,
  "size_z": 256,
  "snr_csf": 1.9916088246572232,
  "snr_gm": 11.86254798885591,
  "snr_total": 11.446139915950587,
  "snr_wm": 20.484262934338624,
  "snrd_csf": 18.145200913494932,
  "snrd_gm": 49.68691870790149,
  "snrd_total": 46.21098157527007,
  "snrd_wm": 70.80082510441378,
  "spacing_x": 1.0,
  "spacing_y": 0.875,
  "spacing_z": 0.875,
  "summary_bg_k": 11.599875410939742,
  "summary_bg_mad": 9.253230762970764,
  "summary_bg_mean": 8.950898145075618,
  "summary_bg_median": 6.241209305822849,
  "summary_bg_n": 2447982.0,
  "summary_bg_p05": 0.0,
  "summary_bg_p95": 33.31575108319521,
  "summary_bg_stdv": 12.085422499955472,
  "summary_csf_k": -0.12289087005237365,
  "summary_csf_mad": 131.82595657387222,
  "summary_csf_mean": 265.71949792134103,
  "summary_csf_median": 256.285151142627,
  "summary_csf_n": 41606.0,
  "summary_csf_p05": 68.38958929479122,
  "summary_csf_p95": 494.8026342438534,
  "summary_csf_stdv": 128.6809277228786,
  "summary_gm_k": 0.13223871577583646,
  "summary_gm_mad": 58.38658284240707,
  "summary_gm_mean": 701.2083359954015,
  "summary_gm_median": 701.7844294793904,
  "summary_gm_n": 75280.0,
  "summary_gm_p05": 602.496458902955,
  "summary_gm_p95": 797.1189016258345,
  "summary_gm_stdv": 59.159277497717376,
  "summary_wm_k": 0.1651096778293244,
  "summary_wm_mad": 48.15589812560137,
  "summary_wm_mean": 1001.4361859782697,
  "summary_wm_median": 999.9999586343765,
  "summary_wm_n": 297036.0,
  "summary_wm_p05": 924.0066425092518,
  "summary_wm_p95": 1083.8607146590948,
  "summary_wm_stdv": 48.81787929303735,
  "tpm_overlap_csf": 0.14660728490401434,
  "tpm_overlap_gm": 0.47395996527026574,
  "tpm_overlap_wm": 0.5108238757348418,
  "wm2max": 0.42241283279492037
}