{
  "aor": 0.0030461818181818185,
  "aqi": 0.005269987515151516,
  "bids_meta": {
    "AcquisitionMatrixPE": 64,
    "AcquisitionNumber": 1,
    "AcquisitionTime": "09:42:52.842500",
    "BandwidthPerPixelPhaseEncode": 31.888,
    "BaseResolution": 64,
    "BodyPartExamined": "BRAIN",
    "ConsistencyInfo": "N4_VD13D_LATEST_20130810",
    "ConversionSoftware": "dcm2niix",
    "ConversionSoftwareVersion": "v1.0.20181125  GCC5.4.0",
    "DerivedVendorReportedEchoSpacing": 0.000489996,
    "DeviceSerialNumber": "66020",
    "DwellTime": 3.3e-06,
    "EchoTime": 0.024,
    "EchoTrainLength": 64,
    "EffectiveEchoSpacing": 0.000489996,
    "FlipAngle": 87,
    "ImageOrientationPatientDICOM": [
      0.999873,
      0.0158411,
      0.00198918,
      -0.0157073,
      0.998354,
      -0.0551618
    ],
    "ImageType": [
      "ORIGINAL",
      "PRIMARY",
      "M",
      "ND",
      "NORM",
      "MOSAIC"
    ],
    "ImagingFrequency": 123.262,
    "InPlanePhaseEncodingDirectionDICOM": "COL",
    "InstitutionAddress": "Fanglan_Rd._49_Taipei_Da_An_TW_10672",
    "InstitutionName": "NTU_NCSC",
    "InstitutionalDepartmentName": "Department",
    "MRAcquisitionType": "2D",
    "MagneticFieldStrength": 3,
    "Manufacturer": "Siemens",
    "ManufacturersModelName": "Prisma",
    "PartialFourier": 1,
    "PatientPosition": "HFS",
    "PercentPhaseFOV": 100,
    "PhaseEncodingDirection": "j-",
    "PhaseEncodingSteps": 64,
    "PhaseResolution": 1,
    "PixelBandwidth": 2365,
    "ProcedureStepDescription": "NTU_Brain",
    "ProtocolName": "ep2d_bold_64x64_3mm_iso_330TR",
    "PulseSequenceDetails": "%SiemensSeq%_ep2d_bold",
    "ReceiveCoilActiveElements": "HE1-4",
    "ReceiveCoilName": "HeadNeck_20",
    "ReconMatrixPE": 64,
    "RepetitionTime": 2,
    "SAR": 0.105599,
    "ScanOptions": "FS",
    "ScanningSequence": "EP",
    "SequenceName": "_epfid2d1_64",
    "SequenceVariant": "SK",
    "SeriesDescription": "ep2d_bold_64x64_3mm_iso_330TR",
    "SeriesNumber": 4,
    "ShimSetting": [
      -3025,
      -3818,
      -5525,
      259,
      -107,
      21,
      -16,
      20
    ],
    "SliceThickness": 3,
    "SliceTiming": [
      0.99,
      0,
      1.045,
      0.055,
      1.1,
      0.11,
      1.155,
      0.165,
      1.21,
      0.22,
      1.265,
      0.275,
      1.32,
      0.33,
      1.375,
      0.385,
      1.43,
      0.44,
      1.485,
      0.495,
      1.54,
      0.55,
      1.595,
      0.605,
      1.65,
      0.66,
      1.705,
      0.715,
      1.76,
      0.77,
      1.815,
      0.825,
      1.87,
      0.88,
      1.925,
      0.935
    ],
    "SoftwareVersions": "syngo_MR_D13D",
    "SpacingBetweenSlices": 3,
    "StationName": "AWP66020",
    "TaskName": "OTCG",
    "TotalReadoutTime": 0.0308698,
    "TxRefAmp": 262.861,
    "VendorReportedEchoSpacing": 0.00049,
    "dataset": "ds004103",
    "modality": "bold",
    "run_id": 2,
    "subject_id": "s61B",
    "task_id": "OTCG"
  },
  "dummy_trs": 0,
  "dvars_nstd": 17.92826020902735,
  "dvars_std": 1.2317207034042565,
  "dvars_vstd": 1.036796554407295,
  "efc": 0.6549755652466773,
  "fber": 628.253173828125,
  "fd_mean": 0.08645389654782817,
  "fd_num": 12,
  "fd_perc": 3.6363636363636362,
  "fwhm_avg": 1.8426044444444445,
  "fwhm_x": 1.7735266666666665,
  "fwhm_y": 1.95374,
  "fwhm_z": 1.8005466666666667,
  "gcor": 0.0359059,
  "gsr_x": -0.0030051006469875574,
  "gsr_y": 0.05363338440656662,
  "provenance": {
    "md5sum": "9065ce64180cd9ab6ab724896b46ff96",
    "settings": {
      "fd_thres": 0.2,
      "testing": false
    },
    "software": "mriqc",
    "version": "23.0.1",
    "webapi_port": null,
    "webapi_url": "https://mriqc.nimh.nih.gov/api/v1"
  },
  "size_t": 330,
  "size_x": 64,
  "size_y": 64,
  "size_z": 36,
  "snr": 8.260984768741054,
  "spacing_tr": 2.0,
  "spacing_x": 3.0,
  "spacing_y": 3.0,
  "spacing_z": 3.0,
  "summary_bg_k": 11.673183168825334,
  "summary_bg_mad": 21.95823731717496,
  "summary_bg_mean": 77.03274536132812,
  "summary_bg_median": 31.875757217407227,
  "summary_bg_n": 69466.0,
  "summary_bg_p05": 13.506818056106567,
  "summary_bg_p95": 281.01438903808594,
  "summary_bg_stdv": 103.29125213623047,
  "summary_fg_k": 2.273856751027905,
  "summary_fg_mad": 91.24292758444837,
  "summary_fg_mean": 832.47802734375,
  "summary_fg_median": 831.066650390625,
  "summary_fg_n": 42819.0,
  "summary_fg_p05": 680.5805786132812,
  "summary_fg_p95": 989.628125,
  "summary_fg_stdv": 100.60022735595703,
  "tsnr": 95.73140676948242
}