{
  "bids_meta": {
    "AcquisitionMatrixPE": 256,
    "AcquisitionNumber": 1,
    "AcquisitionTime": "10:58:33.375000",
    "BaseResolution": 256,
    "BodyPartExamined": "BRAIN",
    "ConsistencyInfo": "N4_VD13D_LATEST_20130810",
    "ConversionSoftware": "dcm2niix",
    "ConversionSoftwareVersion": "v1.0.20181125  GCC5.4.0",
    "DeviceSerialNumber": "66020",
    "DwellTime": 9.8e-06,
    "EchoTime": 0.0023,
    "FlipAngle": 8,
    "ImageOrientationPatientDICOM": [
      0.0471397,
      0.998888,
      1.33475e-08,
      0.0296574,
      -0.00139958,
      -0.999559
    ],
    "ImageType": [
      "ORIGINAL",
      "PRIMARY",
      "M",
      "ND",
      "NORM"
    ],
    "ImagingFrequency": 123.262,
    "InPlanePhaseEncodingDirectionDICOM": "ROW",
    "InstitutionAddress": "Fanglan_Rd._49_Taipei_Da_An_TW_10672",
    "InstitutionName": "NTU_NCSC",
    "InstitutionalDepartmentName": "Department",
    "InversionTime": 0.9,
    "MRAcquisitionType": "3D",
    "MagneticFieldStrength": 3,
    "Manufacturer": "Siemens",
    "ManufacturersModelName": "Prisma",
    "Modality": "MR",
    "PartialFourier": 1,
    "PatientPosition": "HFS",
    "PercentPhaseFOV": 100,
    "PhaseEncodingSteps": 255,
    "PhaseResolution": 1,
    "PixelBandwidth": 200,
    "ProcedureStepDescription": "NTU_Brain",
    "ProtocolName": "t1_mprage_sag_p2_iso",
    "PulseSequenceDetails": "%SiemensSeq%_tfl",
    "ReceiveCoilActiveElements": "HE1-4",
    "ReceiveCoilName": "HeadNeck_20",
    "ReconMatrixPE": 256,
    "RepetitionTime": 2,
    "SAR": 0.0584225,
    "ScanOptions": "IR",
    "ScanningSequence": "GR_IR",
    "SequenceName": "_tfl3d1_16ns",
    "SequenceVariant": "SK_SP_MP",
    "SeriesDescription": "t1_mprage_sag_p2_iso",
    "SeriesNumber": 2,
    "ShimSetting": [
      -3014,
      -3755,
      -5732,
      89,
      -93,
      18,
      -54,
      32
    ],
    "SliceThickness": 0.94,
    "SoftwareVersions": "syngo_MR_D13D",
    "StationName": "AWP66020",
    "TxRefAmp": 242.706,
    "dataset": "ds004103",
    "modality": "T1w",
    "subject_id": "s18B"
  },
  "cjv": 0.3608994125416932,
  "cnr": 3.775485158410245,
  "efc": 0.5608432392383517,
  "fber": 20742.646686390533,
  "fwhm_avg": 4.247096608948277,
  "fwhm_x": 4.432319160178162,
  "fwhm_y": 4.031914666666667,
  "fwhm_z": 4.277056,
  "icvs_csf": 0.20583378180078069,
  "icvs_gm": 0.4455675127094149,
  "icvs_wm": 0.34859870548980443,
  "inu_med": 0.5023788213729858,
  "inu_range": 0.19343445897102352,
  "provenance": {
    "md5sum": "689ed8fb2593ae0a2567b925dbc101e4",
    "settings": {
      "testing": false
    },
    "software": "mriqc",
    "version": "23.0.1",
    "warnings": {
      "large_rot_frame": true,
      "small_air_mask": false
    },
    "webapi_port": null,
    "webapi_url": "https://mriqc.nimh.nih.gov/api/v1"
  },
  "qi_1": 0.0,
  "qi_2": 0.014644255726905366,
  "rpve_csf": 24.301249380171317,
  "rpve_gm": 11.891731404332967,
  "rpve_wm": 17.051877663218985,
  "size_x": 192,
  "size_y": 256,
  "size_z": 256,
  "snr_csf": 2.3033936009716296,
  "snr_gm": 12.907673639731364,
  "snr_total": 13.327075496088549,
  "snr_wm": 24.770159247562656,
  "snrd_csf": 26.205141272073387,
  "snrd_gm": 71.9171815336456,
  "snrd_total": 65.31379045537061,
  "snrd_wm": 97.8190485603928,
  "spacing_x": 0.9399999976158142,
  "spacing_y": 0.9375,
  "spacing_z": 0.9375,
  "summary_bg_k": 15.155902069465071,
  "summary_bg_mad": 0.0,
  "summary_bg_mean": 3.830014718250002,
  "summary_bg_median": 0.0,
  "summary_bg_n": 2800170.0,
  "summary_bg_p05": 0.0,
  "summary_bg_p95": 16.421052027493715,
  "summary_bg_stdv": 6.6976878484491875,
  "summary_csf_k": 0.9081553728062981,
  "summary_csf_mad": 100.47644521720957,
  "summary_csf_mean": 280.99537581128226,
  "summary_csf_median": 267.90429636463523,
  "summary_csf_n": 46156.0,
  "summary_csf_p05": 103.90430239774287,
  "summary_csf_p95": 500.9377806149423,
  "summary_csf_stdv": 116.30725815804924,
  "summary_gm_k": -0.01868115250685909,
  "summary_gm_mad": 57.20432464216168,
  "summary_gm_mean": 733.82859843092,
  "summary_gm_median": 735.2344227135181,
  "summary_gm_n": 46269.0,
  "summary_gm_p05": 639.2880147598684,
  "summary_gm_p95": 825.439204084128,
  "summary_gm_stdv": 56.96041734361863,
  "summary_wm_k": 0.47626279981973596,
  "summary_wm_mad": 38.36321771637033,
  "summary_wm_mean": 1000.3932961670947,
  "summary_wm_median": 1000.0382407233119,
  "summary_wm_n": 225325.0,
  "summary_wm_p05": 934.7750852294266,
  "summary_wm_p95": 1067.0621617026627,
  "summary_wm_stdv": 40.37261172301181,
  "tpm_overlap_csf": 0.151890708031864,
  "tpm_overlap_gm": 0.4599612224257558,
  "tpm_overlap_wm": 0.49509224874351393,
  "wm2max": 0.4837830598322972
}