{
  "bids_meta": {
    "AcquisitionMatrixPE": 224,
    "AcquisitionNumber": 1,
    "AcquisitionTime": "10:30:38.000000",
    "BodyPartExamined": "HEAD",
    "CoilString": "8HRBRAIN",
    "ConversionSoftware": "dcm2niix",
    "ConversionSoftwareVersion": "v1.0.20181125  GCC5.4.0",
    "DeviceSerialNumber": "00000000GEMRGEMR",
    "EchoTime": 0.002936,
    "FlipAngle": 12,
    "ImageOrientationPatientDICOM": [
      0.0440403,
      0.997629,
      0.052878,
      -0.0373431,
      0.0545363,
      -0.997813
    ],
    "ImageType": [
      "ORIGINAL",
      "PRIMARY",
      "OTHER"
    ],
    "ImagingFrequency": 127.764,
    "InPlanePhaseEncodingDirectionDICOM": "ROW",
    "InstitutionName": "NCKU",
    "InversionTime": 0.45,
    "MRAcquisitionType": "3D",
    "MagneticFieldStrength": 3,
    "Manufacturer": "GE",
    "ManufacturersModelName": "DISCOVERY_MR750",
    "Modality": "MR",
    "PatientPosition": "HFS",
    "PercentPhaseFOV": 100,
    "PixelBandwidth": 244.141,
    "ProtocolName": "T1_SAG_FSPGR_BRAVO_ASSET",
    "ReconMatrixPE": 256,
    "RepetitionTime": 0.007664,
    "SAR": 0.205166,
    "ScanOptions": "FAST_GEMS_EDR_GEMS_ACC_GEMS",
    "ScanningSequence": "GR",
    "SequenceVariant": "SS_SK",
    "SeriesDescription": "T1_SAG_FSPGR_BRAVO_ASSET",
    "SeriesNumber": 3,
    "SliceThickness": 1,
    "SoftwareVersions": "27_LX_MR_Software_release:DV25.1_R02_1649.a",
    "SpacingBetweenSlices": 1,
    "StationName": "GEMRGEMR",
    "dataset": "ds004103",
    "modality": "T1w",
    "subject_id": "s56A"
  },
  "cjv": 0.3200862111291819,
  "cnr": 4.253544019365563,
  "efc": 0.538863175021671,
  "fber": 11569.05116213152,
  "fwhm_avg": 4.2484,
  "fwhm_x": 3.93736,
  "fwhm_y": 4.455508571428571,
  "fwhm_z": 4.3523314285714285,
  "icvs_csf": 0.22926709879150584,
  "icvs_gm": 0.4482257644076486,
  "icvs_wm": 0.32250713680084553,
  "inu_med": 0.5363903641700745,
  "inu_range": 0.16610409319400787,
  "provenance": {
    "md5sum": "465083ec6f2b387031bb42439f1b9c8e",
    "settings": {
      "testing": false
    },
    "software": "mriqc",
    "version": "23.0.1",
    "warnings": {
      "large_rot_frame": true,
      "small_air_mask": false
    },
    "webapi_port": null,
    "webapi_url": "https://mriqc.nimh.nih.gov/api/v1"
  },
  "qi_1": 0.0,
  "qi_2": 0.000476847913537971,
  "rpve_csf": 21.06013938015997,
  "rpve_gm": 11.072810841957649,
  "rpve_wm": 17.14637441420389,
  "size_x": 166,
  "size_y": 256,
  "size_z": 256,
  "snr_csf": 1.9769786918129235,
  "snr_gm": 10.974959705361316,
  "snr_total": 11.735530561122728,
  "snr_wm": 22.254653286193943,
  "snrd_csf": 17.817854305659687,
  "snrd_gm": 56.33292817277367,
  "snrd_total": 52.60590819481115,
  "snrd_wm": 83.66694210600008,
  "spacing_x": 1.0,
  "spacing_y": 0.875,
  "spacing_z": 0.875,
  "summary_bg_k": 6.079417411956664,
  "summary_bg_mad": 7.830556507359221,
  "summary_bg_mean": 8.104423491847019,
  "summary_bg_median": 5.281630102545023,
  "summary_bg_n": 2813477.0,
  "summary_bg_p05": 0.0,
  "summary_bg_p95": 29.78157877177,
  "summary_bg_stdv": 10.796892546745001,
  "summary_csf_k": 0.5364975499319056,
  "summary_csf_mad": 104.22218112698111,
  "summary_csf_mean": 222.71827206819114,
  "summary_csf_median": 212.96895574778318,
  "summary_csf_n": 52788.0,
  "summary_csf_p05": 66.39009038899096,
  "summary_csf_p95": 421.83698128368684,
  "summary_csf_stdv": 107.72343647922868,
  "summary_gm_k": 0.10442598380274326,
  "summary_gm_mad": 60.47210412457411,
  "summary_gm_mean": 673.2588821503139,
  "summary_gm_median": 673.3226504921913,
  "summary_gm_n": 55564.0,
  "summary_gm_p05": 572.4264780171216,
  "summary_gm_p95": 773.9070364160463,
  "summary_gm_stdv": 61.35025636159034,
  "summary_wm_k": 0.1713817049602544,
  "summary_wm_mad": 44.10371503822323,
  "summary_wm_mean": 999.4256929965435,
  "summary_wm_median": 1000.0340661257505,
  "summary_wm_n": 204705.0,
  "summary_wm_p05": 924.6260182745755,
  "summary_wm_p95": 1072.0686857178807,
  "summary_wm_stdv": 44.935843782418424,
  "tpm_overlap_csf": 0.1434963020999189,
  "tpm_overlap_gm": 0.46707769204453764,
  "tpm_overlap_wm": 0.49925467287718156,
  "wm2max": 0.5085867775756
}